{
  "bids_meta": {
    "AcquisitionMatrixPE": 240,
    "AcquisitionNumber": 5,
    "AcquisitionTime": "12:55:36.550000",
    "BodyPartExamined": "BRAIN",
    "CoilString": "MULTI_COIL",
    "ConversionSoftware": "dcm2niix",
    "ConversionSoftwareVersion": "v1.0.20190410  (JP2:OpenJPEG) GCC6.3.0",
    "Dcm2bidsVersion": "2.1.4",
    "DeviceSerialNumber": "42451",
    "EchoTime": 0.0035,
    "EchoTrainLength": 240,
    "FlipAngle": 8,
    "ImageOrientationPatientDICOM": [
      0,
      1,
      0,
      0.000525091,
      0,
      -1
    ],
    "ImageType": [
      "ORIGINAL",
      "PRIMARY",
      "M",
      "FFE",
      "M",
      "FFE"
    ],
    "ImagingFrequency": 127.759,
    "InPlanePhaseEncodingDirectionDICOM": "ROW",
    "InstitutionAddress": "Calzada_Mexico_Xochimilco_No.101_Tlalpan",
    "InstitutionName": "I.N._Psiquiatria",
    "InstitutionalDepartmentName": "Imagenes_Cerebrales",
    "MRAcquisitionType": "3D",
    "MagneticFieldStrength": 3,
    "Manufacturer": "Philips",
    "ManufacturersModelName": "Ingenia",
    "Modality": "MR",
    "PatientPosition": "HFS",
    "PercentPhaseFOV": 100,
    "PhaseEncodingSteps": 240,
    "PhilipsRescaleIntercept": 0,
    "PhilipsRescaleSlope": 4.49158,
    "PhilipsScaleSlope": 0.00627069,
    "PixelBandwidth": 310,
    "ProcedureStepDescription": "PROTOCOLO_FIBROMIALGIA",
    "ProtocolName": "WIP_T1W",
    "ReconMatrixPE": 240,
    "RepetitionTime": 0.007,
    "SAR": 0.0382114,
    "ScanOptions": "OTHER",
    "ScanningSequence": "GR",
    "SequenceVariant": "MP",
    "SeriesDescription": "T1W",
    "SeriesNumber": 501,
    "SliceThickness": 1,
    "SoftwareVersions": "5.3.1_5.3.1.0",
    "SpacingBetweenSlices": 1,
    "StationName": "PHILIPS-CTMFQSD",
    "UsePhilipsFloatNotDisplayScaling": 1,
    "dataset": "ds004144",
    "modality": "T1w",
    "subject_id": "066"
  },
  "cjv": 0.4308331856922874,
  "cnr": 3.1552361017554706,
  "efc": 0.7033975603876159,
  "fber": -1.0,
  "fwhm_avg": 4.32431,
  "fwhm_x": 4.18205,
  "fwhm_y": 4.71313,
  "fwhm_z": 4.07775,
  "icvs_csf": 0.23013149014176193,
  "icvs_gm": 0.38275659622954505,
  "icvs_wm": 0.387111913628693,
  "inu_med": 0.356147438287735,
  "inu_range": 0.11604639142751694,
  "provenance": {
    "md5sum": "5b95a481cc367f684b33f6068b3fa397",
    "settings": {
      "testing": false
    },
    "software": "mriqc",
    "version": "23.0.0",
    "warnings": {
      "large_rot_frame": true,
      "small_air_mask": false
    },
    "webapi_port": null,
    "webapi_url": "https://mriqc.nimh.nih.gov/api/v1"
  },
  "qi_1": 0.0,
  "qi_2": 9.836693322980013e-05,
  "rpve_csf": 24.45537114960615,
  "rpve_gm": 14.334191188825288,
  "rpve_wm": 16.939027839907375,
  "size_x": 180,
  "size_y": 240,
  "size_z": 240,
  "snr_csf": 3.4865545592124656,
  "snr_gm": 14.330661974041357,
  "snr_total": 15.163982253246965,
  "snr_wm": 27.67473022648708,
  "snrd_csf": 34.03926423053781,
  "snrd_gm": 86.84980492886392,
  "snrd_total": 76.89565054546786,
  "snrd_wm": 109.79788247700185,
  "spacing_x": 1.0,
  "spacing_y": 1.0,
  "spacing_z": 1.0,
  "summary_bg_k": 9.583538393111922,
  "summary_bg_mad": 0.0,
  "summary_bg_mean": 2.9942924797363917,
  "summary_bg_median": 0.0,
  "summary_bg_n": 427997.0,
  "summary_bg_p05": 0.0,
  "summary_bg_p95": 15.346939336508512,
  "summary_bg_stdv": 5.966749168276077,
  "summary_csf_k": 2.364853346772226,
  "summary_csf_mad": 60.8601749260456,
  "summary_csf_mean": 321.26494353189764,
  "summary_csf_median": 310.0175040438771,
  "summary_csf_n": 50344.0,
  "summary_csf_p05": 203.2221648630686,
  "summary_csf_p95": 497.0460823091678,
  "summary_csf_stdv": 88.91713001245392,
  "summary_gm_k": 0.043221279098487386,
  "summary_gm_mad": 55.46575033032792,
  "summary_gm_mean": 790.0372514801317,
  "summary_gm_median": 790.9971134625375,
  "summary_gm_n": 22274.0,
  "summary_gm_p05": 699.1475474228151,
  "summary_gm_p95": 879.6583411932922,
  "summary_gm_stdv": 55.19489320399862,
  "summary_wm_k": 0.43553371620018755,
  "summary_wm_mad": 34.57964484434409,
  "summary_wm_mean": 1001.5022641163728,
  "summary_wm_median": 1000.000036554411,
  "summary_wm_n": 196118.0,
  "summary_wm_p05": 945.0729208439589,
  "summary_wm_p95": 1063.41694849357,
  "summary_wm_stdv": 36.133956099361406,
  "tpm_overlap_csf": 0.1503417845086696,
  "tpm_overlap_gm": 0.43622801347025525,
  "tpm_overlap_wm": 0.5006041370767772,
  "wm2max": 0.8009527293017528
}