{
  "bids_meta": {
    "AcquisitionMatrixPE": 240,
    "AcquisitionNumber": 6,
    "AcquisitionTime": "12:59:18.580000",
    "BodyPartExamined": "BRAIN",
    "CoilString": "MULTI_COIL",
    "ConversionSoftware": "dcm2niix",
    "ConversionSoftwareVersion": "v1.0.20190410  (JP2:OpenJPEG) GCC6.3.0",
    "Dcm2bidsVersion": "2.1.4",
    "DeviceSerialNumber": "42451",
    "EchoTime": 0.331,
    "EchoTrainLength": 117,
    "FlipAngle": 90,
    "ImageOrientationPatientDICOM": [
      0,
      1,
      0,
      0.000525091,
      0,
      -1
    ],
    "ImageType": [
      "ORIGINAL",
      "PRIMARY",
      "M",
      "SE",
      "M",
      "SE"
    ],
    "ImagingFrequency": 127.759,
    "InPlanePhaseEncodingDirectionDICOM": "ROW",
    "InstitutionAddress": "Calzada_Mexico_Xochimilco_No.101_Tlalpan",
    "InstitutionName": "I.N._Psiquiatria",
    "InstitutionalDepartmentName": "Imagenes_Cerebrales",
    "MRAcquisitionType": "3D",
    "MagneticFieldStrength": 3,
    "Manufacturer": "Philips",
    "ManufacturersModelName": "Ingenia",
    "Modality": "MR",
    "PatientPosition": "HFS",
    "PercentPhaseFOV": 100,
    "PhaseEncodingSteps": 240,
    "PhilipsRescaleIntercept": 0,
    "PhilipsRescaleSlope": 1.46056,
    "PhilipsScaleSlope": 0.00369216,
    "PixelBandwidth": 413,
    "ProcedureStepDescription": "PROTOCOLO_FIBROMIALGIA",
    "ProtocolName": "WIP_T2W",
    "ReconMatrixPE": 240,
    "RepetitionTime": 2.5,
    "SAR": 0.030152,
    "ScanOptions": "FS",
    "ScanningSequence": "SE",
    "SequenceVariant": "SK",
    "SeriesDescription": "T2W",
    "SeriesNumber": 601,
    "SliceThickness": 1,
    "SoftwareVersions": "5.3.1_5.3.1.0",
    "SpacingBetweenSlices": 1,
    "StationName": "PHILIPS-CTMFQSD",
    "UsePhilipsFloatNotDisplayScaling": 1,
    "dataset": "ds004144",
    "modality": "T2w",
    "subject_id": "066"
  },
  "cjv": 0.4935888524946426,
  "cnr": 2.314489728206609,
  "efc": 0.49698653153764366,
  "fber": 4668.127902703063,
  "fwhm_avg": 3.0729166666666665,
  "fwhm_x": 3.09029,
  "fwhm_y": 3.23076,
  "fwhm_z": 2.8977,
  "icvs_csf": 0.19174317980614075,
  "icvs_gm": 0.2053919180551625,
  "icvs_wm": 0.6028649021386967,
  "inu_med": 0.871426522731781,
  "inu_range": 0.20595160722732542,
  "provenance": {
    "md5sum": "50d7bf82c96f5db748327727c94f5209",
    "settings": {
      "testing": false
    },
    "software": "mriqc",
    "version": "23.0.0",
    "warnings": {
      "large_rot_frame": true,
      "small_air_mask": false
    },
    "webapi_port": null,
    "webapi_url": "https://mriqc.nimh.nih.gov/api/v1"
  },
  "qi_1": 0.0004289452236949342,
  "qi_2": 4.1395214234069615e-06,
  "rpve_csf": 33.39146440704238,
  "rpve_gm": 21.9235362432699,
  "rpve_wm": 11.124669979138353,
  "size_x": 180,
  "size_y": 240,
  "size_z": 240,
  "snr_csf": 3.1076988369623555,
  "snr_gm": 6.982541400531679,
  "snr_total": 6.2978135820148475,
  "snr_wm": 8.803200508550507,
  "snrd_csf": 97.29174509230779,
  "snrd_gm": 39.02301907629929,
  "snrd_total": 53.60352401881973,
  "snrd_wm": 24.495807887852116,
  "spacing_x": 1.0,
  "spacing_y": 1.0,
  "spacing_z": 1.0,
  "summary_bg_k": 151.88740881608626,
  "summary_bg_mad": 0.0,
  "summary_bg_mean": 8.642469299816915,
  "summary_bg_median": 0.0,
  "summary_bg_n": 1223441.0,
  "summary_bg_p05": 0.0,
  "summary_bg_p95": 43.8152726367116,
  "summary_bg_stdv": 26.74701870172989,
  "summary_csf_k": 1.5794789436959906,
  "summary_csf_mad": 474.07946258622104,
  "summary_csf_mean": 3459.2329548068024,
  "summary_csf_median": 3972.0951629430056,
  "summary_csf_n": 60309.0,
  "summary_csf_p05": 227.72518794983625,
  "summary_csf_p95": 4437.989402711391,
  "summary_csf_stdv": 1278.136151536376,
  "summary_gm_k": 4.057417765804156,
  "summary_gm_mad": 177.341284039653,
  "summary_gm_mean": 1597.4149470487762,
  "summary_gm_median": 1593.1787960976362,
  "summary_gm_n": 3487.0,
  "summary_gm_p05": 1283.697736300528,
  "summary_gm_p95": 1966.1716030463576,
  "summary_gm_stdv": 228.1333174928202,
  "summary_wm_k": -0.06819506232786665,
  "summary_wm_mad": 115.40490107355318,
  "summary_wm_mean": 1000.0777121546345,
  "summary_wm_median": 1000.0815581157804,
  "summary_wm_n": 292451.0,
  "summary_wm_p05": 813.8870475813746,
  "summary_wm_p95": 1185.2969564124942,
  "summary_wm_stdv": 113.60412015100512,
  "tpm_overlap_csf": 0.13046681649994205,
  "tpm_overlap_gm": 0.23932223928646423,
  "tpm_overlap_wm": 0.42972112822155456,
  "wm2max": 0.22571912636735295
}