{
  "aor": 0.0018750359712230219,
  "aqi": 0.0212043864028777,
  "bids_meta": {
    "AcquisitionMatrixPE": 78,
    "AcquisitionNumber": 8,
    "AcquisitionTime": "11:32:22.070000",
    "BodyPartExamined": "BRAIN",
    "CoilString": "MULTI_COIL",
    "ConversionSoftware": "dcm2niix",
    "ConversionSoftwareVersion": "v1.0.20190410  (JP2:OpenJPEG) GCC6.3.0",
    "Dcm2bidsVersion": "2.1.4",
    "DeviceSerialNumber": "42451",
    "EchoTime": 0.030001,
    "EchoTrainLength": 39,
    "FlipAngle": 75,
    "ImageOrientationPatientDICOM": [
      1,
      0,
      0.000521836,
      0,
      1,
      0
    ],
    "ImageType": [
      "ORIGINAL",
      "PRIMARY",
      "M",
      "FFE",
      "M",
      "FFE"
    ],
    "ImagingFrequency": 127.759,
    "InPlanePhaseEncodingDirectionDICOM": "COL",
    "InstitutionAddress": "Calzada_Mexico_Xochimilco_No.101_Tlalpan",
    "InstitutionName": "I.N._Psiquiatria",
    "InstitutionalDepartmentName": "Imagenes_Cerebrales",
    "MRAcquisitionType": "2D",
    "MagneticFieldStrength": 3,
    "Manufacturer": "Philips",
    "ManufacturersModelName": "Ingenia",
    "Modality": "MR",
    "PartialFourier": 0.5,
    "PatientPosition": "HFS",
    "PercentPhaseFOV": 100,
    "PhaseEncodingAxis": "j",
    "PhaseEncodingSteps": 78,
    "PhilipsRescaleIntercept": 0,
    "PhilipsRescaleSlope": 0.786325,
    "PhilipsScaleSlope": 0.0250806,
    "PixelBandwidth": 2071,
    "ProcedureStepDescription": "PROTOCOLO_FIBROMIALGIA",
    "ProtocolName": "WIP_TASK_FMRI",
    "ReconMatrixPE": 80,
    "RepetitionTime": 2,
    "SAR": 0.117678,
    "ScanOptions": "FS",
    "ScanningSequence": "GR",
    "SequenceVariant": "SK",
    "SeriesDescription": "TASK_FMRI",
    "SeriesNumber": 801,
    "SliceThickness": 3,
    "SliceTiming": [
      0,
      1.027027,
      0.054054,
      1.081081,
      0.108108,
      1.13513,
      0.162162,
      1.189189,
      0.216216,
      1.243244,
      0.27027,
      1.297298,
      0.324324,
      1.351352,
      0.378378,
      1.405406,
      0.432432,
      1.45946,
      0.486486,
      1.513514,
      0.540541,
      1.567568,
      0.594595,
      1.621622,
      0.648649,
      1.675676,
      0.702703,
      1.72973,
      0.756757,
      1.783784,
      0.810811,
      1.837838,
      0.864865,
      1.891892,
      0.918919,
      1.945947,
      0.972973
    ],
    "SoftwareVersions": "5.3.1_5.3.1.0",
    "SpacingBetweenSlices": 3,
    "StationName": "PHILIPS-CTMFQSD",
    "TaskName": "epr",
    "UsePhilipsFloatNotDisplayScaling": 1,
    "dataset": "ds004144",
    "modality": "bold",
    "subject_id": "050",
    "task_id": "epr"
  },
  "dummy_trs": 0,
  "dvars_nstd": 22.869271428343346,
  "dvars_std": 1.0847206626410577,
  "dvars_vstd": 0.9271503160624266,
  "efc": 0.39771115471821017,
  "fber": 128097.890625,
  "fd_mean": 0.15593199707318967,
  "fd_num": 209,
  "fd_perc": 25.059952038369303,
  "fwhm_avg": 1.9308266666666665,
  "fwhm_x": 1.90292,
  "fwhm_y": 2.03666,
  "fwhm_z": 1.8529,
  "gcor": 0.156292,
  "gsr_x": -0.008392411284148693,
  "gsr_y": 0.004317261278629303,
  "provenance": {
    "md5sum": "f8db5e28b845b41d95bb21d1ac6021f5",
    "settings": {
      "fd_thres": 0.2,
      "testing": false
    },
    "software": "mriqc",
    "version": "23.0.0",
    "webapi_port": null,
    "webapi_url": "https://mriqc.nimh.nih.gov/api/v1"
  },
  "size_t": 834,
  "size_x": 80,
  "size_y": 80,
  "size_z": 37,
  "snr": 5.161950939793028,
  "spacing_tr": 2.0000016689300537,
  "spacing_x": 3.0,
  "spacing_y": 3.0,
  "spacing_z": 3.0,
  "summary_bg_k": 100.5786152345253,
  "summary_bg_mad": 185.56980906224055,
  "summary_bg_mean": 1236.577880859375,
  "summary_bg_median": 167.22463989257812,
  "summary_bg_n": 166290.0,
  "summary_bg_p05": 20.86667242050171,
  "summary_bg_p95": 6385.4343749999925,
  "summary_bg_stdv": 3405.907470703125,
  "summary_fg_k": 2.365088258947579,
  "summary_fg_mad": 9216.417157477677,
  "summary_fg_mean": 61677.23828125,
  "summary_fg_median": 61022.39453125,
  "summary_fg_n": 30777.0,
  "summary_fg_p05": 43549.01015625,
  "summary_fg_p95": 82154.61875,
  "summary_fg_stdv": 11821.3837890625,
  "tsnr": 30.229991912841797
}