{
  "bids_meta": {
    "AcquisitionMatrixPE": 240,
    "AcquisitionNumber": 4,
    "AcquisitionTime": "09:28:2.090000",
    "BodyPartExamined": "BRAIN",
    "CoilString": "MULTI_COIL",
    "ConversionSoftware": "dcm2niix",
    "ConversionSoftwareVersion": "v1.0.20190410  (JP2:OpenJPEG) GCC6.3.0",
    "Dcm2bidsVersion": "2.1.4",
    "DeviceSerialNumber": "42451",
    "EchoTime": 0.0035,
    "EchoTrainLength": 240,
    "FlipAngle": 8,
    "ImageOrientationPatientDICOM": [
      0.0167934,
      0.999859,
      -7.03472e-05,
      -0.0289847,
      0.000416492,
      -0.99958
    ],
    "ImageType": [
      "ORIGINAL",
      "PRIMARY",
      "M",
      "FFE",
      "M",
      "FFE"
    ],
    "ImagingFrequency": 127.759,
    "InPlanePhaseEncodingDirectionDICOM": "ROW",
    "InstitutionAddress": "Calzada_Mexico_Xochimilco_No.101_Tlalpan",
    "InstitutionName": "I.N._Psiquiatria",
    "InstitutionalDepartmentName": "Imagenes_Cerebrales",
    "MRAcquisitionType": "3D",
    "MagneticFieldStrength": 3,
    "Manufacturer": "Philips",
    "ManufacturersModelName": "Ingenia",
    "Modality": "MR",
    "PatientPosition": "HFS",
    "PercentPhaseFOV": 100,
    "PhaseEncodingSteps": 240,
    "PhilipsRescaleIntercept": 0,
    "PhilipsRescaleSlope": 3.52039,
    "PhilipsScaleSlope": 0.00590222,
    "PixelBandwidth": 310,
    "ProcedureStepDescription": "PROTOCOLO_FIBROMIALGIA",
    "ProtocolName": "WIP_T1W",
    "ReconMatrixPE": 240,
    "RepetitionTime": 0.007,
    "SAR": 0.0382114,
    "ScanOptions": "OTHER",
    "ScanningSequence": "GR",
    "SequenceVariant": "MP",
    "SeriesDescription": "T1W",
    "SeriesNumber": 401,
    "SliceThickness": 1,
    "SoftwareVersions": "5.3.1_5.3.1.0",
    "SpacingBetweenSlices": 1,
    "StationName": "PHILIPS-CTMFQSD",
    "UsePhilipsFloatNotDisplayScaling": 1,
    "dataset": "ds004144",
    "modality": "T1w",
    "subject_id": "037"
  },
  "cjv": 0.38108522130286376,
  "cnr": 3.5530790859876076,
  "efc": 0.68637124775329,
  "fber": -1.0,
  "fwhm_avg": 4.5518600000000005,
  "fwhm_x": 4.32723,
  "fwhm_y": 4.93131,
  "fwhm_z": 4.39704,
  "icvs_csf": 0.20562980197049047,
  "icvs_gm": 0.40970053620395286,
  "icvs_wm": 0.3846696618255567,
  "inu_med": 0.3618680238723755,
  "inu_range": 0.12441272884607313,
  "provenance": {
    "md5sum": "082c59a57d81e4ec321170b632ddf333",
    "settings": {
      "testing": false
    },
    "software": "mriqc",
    "version": "23.0.0",
    "warnings": {
      "large_rot_frame": true,
      "small_air_mask": false
    },
    "webapi_port": null,
    "webapi_url": "https://mriqc.nimh.nih.gov/api/v1"
  },
  "qi_1": 0.0,
  "qi_2": 1.5133409565913621e-05,
  "rpve_csf": 26.759614261424844,
  "rpve_gm": 13.62669267783763,
  "rpve_wm": 16.863260808341465,
  "size_x": 180,
  "size_y": 240,
  "size_z": 240,
  "snr_csf": 2.9833137587001035,
  "snr_gm": 14.148910949184557,
  "snr_total": 16.313782819419746,
  "snr_wm": 31.809123750374575,
  "snrd_csf": 35.99384196394891,
  "snrd_gm": 83.78058306975254,
  "snrd_total": 75.97560813614427,
  "snrd_wm": 108.15239937473139,
  "spacing_x": 1.0,
  "spacing_y": 1.0,
  "spacing_z": 1.0,
  "summary_bg_k": 16.10190254294353,
  "summary_bg_mad": 0.0,
  "summary_bg_mean": 2.6041293791593088,
  "summary_bg_median": 0.0,
  "summary_bg_n": 497450.0,
  "summary_bg_p05": 0.0,
  "summary_bg_p95": 15.289256177842617,
  "summary_bg_stdv": 6.057677198740726,
  "summary_csf_k": 1.1662533067187049,
  "summary_csf_mad": 88.25699631139554,
  "summary_csf_mean": 327.8274479819767,
  "summary_csf_median": 332.8147783577442,
  "summary_csf_n": 39721.0,
  "summary_csf_p05": 98.8575594201684,
  "summary_csf_p95": 509.042293921113,
  "summary_csf_stdv": 111.55735395078058,
  "summary_gm_k": -0.010399337582482016,
  "summary_gm_mad": 55.822820451756506,
  "summary_gm_mean": 775.8193391381305,
  "summary_gm_median": 774.6718511730433,
  "summary_gm_n": 32737.0,
  "summary_gm_p05": 689.0811852693557,
  "summary_gm_p95": 867.1657742381095,
  "summary_gm_stdv": 54.750504976469486,
  "summary_wm_k": 0.4216411254008965,
  "summary_wm_mad": 30.05566962993217,
  "summary_wm_mean": 1000.8678232150489,
  "summary_wm_median": 1000.0243059024215,
  "summary_wm_n": 196283.0,
  "summary_wm_p05": 950.8507522493601,
  "summary_wm_p95": 1054.0106937736273,
  "summary_wm_stdv": 31.438205162225753,
  "tpm_overlap_csf": 0.1396459827589023,
  "tpm_overlap_gm": 0.4608039010779608,
  "tpm_overlap_wm": 0.5212221568467988,
  "wm2max": 0.8386708796249108
}