{
  "bids_meta": {
    "AcquisitionMatrixPE": 240,
    "AcquisitionNumber": 4,
    "AcquisitionTime": "11:23:13.570000",
    "BodyPartExamined": "BRAIN",
    "CoilString": "MULTI_COIL",
    "ConversionSoftware": "dcm2niix",
    "ConversionSoftwareVersion": "v1.0.20190410  (JP2:OpenJPEG) GCC6.3.0",
    "Dcm2bidsVersion": "2.1.4",
    "DeviceSerialNumber": "42451",
    "EchoTime": 0.0035,
    "EchoTrainLength": 240,
    "FlipAngle": 8,
    "ImageOrientationPatientDICOM": [
      0,
      1,
      0,
      0.0107666,
      0,
      -0.999942
    ],
    "ImageType": [
      "ORIGINAL",
      "PRIMARY",
      "M",
      "FFE",
      "M",
      "FFE"
    ],
    "ImagingFrequency": 127.759,
    "InPlanePhaseEncodingDirectionDICOM": "ROW",
    "InstitutionAddress": "Calzada_Mexico_Xochimilco_No.101_Tlalpan",
    "InstitutionName": "I.N._Psiquiatria",
    "InstitutionalDepartmentName": "Imagenes_Cerebrales",
    "MRAcquisitionType": "3D",
    "MagneticFieldStrength": 3,
    "Manufacturer": "Philips",
    "ManufacturersModelName": "Ingenia",
    "Modality": "MR",
    "PatientPosition": "HFS",
    "PercentPhaseFOV": 100,
    "PhaseEncodingSteps": 240,
    "PhilipsRescaleIntercept": 0,
    "PhilipsRescaleSlope": 3.61099,
    "PhilipsScaleSlope": 0.00609008,
    "PixelBandwidth": 310,
    "ProcedureStepDescription": "PROTOCOLO_FIBROMIALGIA",
    "ProtocolName": "WIP_T1W",
    "ReconMatrixPE": 240,
    "RepetitionTime": 0.007,
    "SAR": 0.0382114,
    "ScanOptions": "OTHER",
    "ScanningSequence": "GR",
    "SequenceVariant": "MP",
    "SeriesDescription": "T1W",
    "SeriesNumber": 401,
    "SliceThickness": 1,
    "SoftwareVersions": "5.3.1_5.3.1.0",
    "SpacingBetweenSlices": 1,
    "StationName": "PHILIPS-CTMFQSD",
    "UsePhilipsFloatNotDisplayScaling": 1,
    "dataset": "ds004144",
    "modality": "T1w",
    "subject_id": "064"
  },
  "cjv": 0.3191251412029995,
  "cnr": 4.145560959514818,
  "efc": 0.7245376725596554,
  "fber": -1.0,
  "fwhm_avg": 4.49342,
  "fwhm_x": 4.31156,
  "fwhm_y": 4.92266,
  "fwhm_z": 4.24604,
  "icvs_csf": 0.21357253932268397,
  "icvs_gm": 0.42294591694826766,
  "icvs_wm": 0.36348154372904834,
  "inu_med": 0.4872177094221115,
  "inu_range": 0.20197327435016632,
  "provenance": {
    "md5sum": "7845b325cf9df5d5e057ba860f498054",
    "settings": {
      "testing": false
    },
    "software": "mriqc",
    "version": "23.0.0",
    "warnings": {
      "large_rot_frame": true,
      "small_air_mask": false
    },
    "webapi_port": null,
    "webapi_url": "https://mriqc.nimh.nih.gov/api/v1"
  },
  "qi_1": 0.0,
  "qi_2": 0.00011577804774655217,
  "rpve_csf": 26.86837112327339,
  "rpve_gm": 13.801543804232255,
  "rpve_wm": 18.355943832860167,
  "size_x": 180,
  "size_y": 240,
  "size_z": 240,
  "snr_csf": 2.8359970064836935,
  "snr_gm": 14.15881572276956,
  "snr_total": 15.07583258759764,
  "snr_wm": 28.232685033539667,
  "snrd_csf": 22.944417079125706,
  "snrd_gm": 59.44812167538244,
  "snrd_total": 54.356490562035674,
  "snrd_wm": 80.67693293159887,
  "spacing_x": 1.0,
  "spacing_y": 1.0,
  "spacing_z": 1.0,
  "summary_bg_k": 54.23955347431449,
  "summary_bg_mad": 0.0,
  "summary_bg_mean": 3.225890125886453,
  "summary_bg_median": 0.0,
  "summary_bg_n": 267516.0,
  "summary_bg_p05": 0.0,
  "summary_bg_p95": 17.417848847806454,
  "summary_bg_stdv": 8.120700471185561,
  "summary_csf_k": 1.0596576648013523,
  "summary_csf_mad": 86.94119692327712,
  "summary_csf_mean": 299.7762170453004,
  "summary_csf_median": 284.4060238227248,
  "summary_csf_n": 33301.0,
  "summary_csf_p05": 167.91934986412525,
  "summary_csf_p95": 487.9306376054883,
  "summary_csf_stdv": 100.2828116207389,
  "summary_gm_k": 0.21946615379460033,
  "summary_gm_mad": 50.620618156116294,
  "summary_gm_mean": 737.3956813798586,
  "summary_gm_median": 736.88531075418,
  "summary_gm_n": 33918.0,
  "summary_gm_p05": 652.8191791612655,
  "summary_gm_p95": 822.9997711107135,
  "summary_gm_stdv": 52.04350860658687,
  "summary_wm_k": 0.588954459993893,
  "summary_wm_mad": 33.3540812343456,
  "summary_wm_mean": 1000.6634329505695,
  "summary_wm_median": 1000.0256546139717,
  "summary_wm_n": 178213.0,
  "summary_wm_p05": 943.8473203331232,
  "summary_wm_p95": 1059.8209501430392,
  "summary_wm_stdv": 35.420748955283386,
  "tpm_overlap_csf": 0.16403156396665988,
  "tpm_overlap_gm": 0.4846247896826675,
  "tpm_overlap_wm": 0.5414219724163833,
  "wm2max": 0.8015791256820177
}