{
  "bids_meta": {
    "AcquisitionMatrixPE": 240,
    "AcquisitionNumber": 4,
    "AcquisitionTime": "12:43:44.820000",
    "BodyPartExamined": "BRAIN",
    "CoilString": "MULTI_COIL",
    "ConversionSoftware": "dcm2niix",
    "ConversionSoftwareVersion": "v1.0.20190410  (JP2:OpenJPEG) GCC6.3.0",
    "Dcm2bidsVersion": "2.1.4",
    "DeviceSerialNumber": "42451",
    "EchoTime": 0.0035,
    "EchoTrainLength": 240,
    "FlipAngle": 8,
    "ImageOrientationPatientDICOM": [
      0,
      1,
      0,
      -0.00362181,
      0,
      -0.999993
    ],
    "ImageType": [
      "ORIGINAL",
      "PRIMARY",
      "M",
      "FFE",
      "M",
      "FFE"
    ],
    "ImagingFrequency": 127.76,
    "InPlanePhaseEncodingDirectionDICOM": "ROW",
    "InstitutionAddress": "Calzada_Mexico_Xochimilco_No.101_Tlalpan",
    "InstitutionName": "I.N._Psiquiatria",
    "InstitutionalDepartmentName": "Imagenes_Cerebrales",
    "MRAcquisitionType": "3D",
    "MagneticFieldStrength": 3,
    "Manufacturer": "Philips",
    "ManufacturersModelName": "Ingenia",
    "Modality": "MR",
    "PatientPosition": "HFS",
    "PercentPhaseFOV": 100,
    "PhaseEncodingSteps": 240,
    "PhilipsRescaleIntercept": 0,
    "PhilipsRescaleSlope": 3.61685,
    "PhilipsScaleSlope": 0.00598021,
    "PixelBandwidth": 310,
    "ProcedureStepDescription": "PROTOCOLO_FIBROMIALGIA",
    "ProtocolName": "WIP_T1W",
    "ReconMatrixPE": 240,
    "RepetitionTime": 0.007,
    "SAR": 0.0382114,
    "ScanOptions": "OTHER",
    "ScanningSequence": "GR",
    "SequenceVariant": "MP",
    "SeriesDescription": "T1W",
    "SeriesNumber": 401,
    "SliceThickness": 1,
    "SoftwareVersions": "5.3.1_5.3.1.0",
    "SpacingBetweenSlices": 1,
    "StationName": "PHILIPS-CTMFQSD",
    "UsePhilipsFloatNotDisplayScaling": 1,
    "dataset": "ds004144",
    "modality": "T1w",
    "subject_id": "028"
  },
  "cjv": 0.3254121082142007,
  "cnr": 4.131098507726348,
  "efc": 0.6910071428836434,
  "fber": -1.0,
  "fwhm_avg": 4.5393099999999995,
  "fwhm_x": 4.39264,
  "fwhm_y": 4.90533,
  "fwhm_z": 4.31996,
  "icvs_csf": 0.22221719501966464,
  "icvs_gm": 0.41593492381122843,
  "icvs_wm": 0.36184788116910693,
  "inu_med": 0.4204462170600891,
  "inu_range": 0.1520541980862617,
  "provenance": {
    "md5sum": "086bbb0d5f69cba456b70bf18780e225",
    "settings": {
      "testing": false
    },
    "software": "mriqc",
    "version": "23.0.0",
    "warnings": {
      "large_rot_frame": true,
      "small_air_mask": false
    },
    "webapi_port": null,
    "webapi_url": "https://mriqc.nimh.nih.gov/api/v1"
  },
  "qi_1": 0.0,
  "qi_2": 5.599356951215246e-05,
  "rpve_csf": 24.13464386476328,
  "rpve_gm": 13.111541749494064,
  "rpve_wm": 17.52534521431027,
  "size_x": 180,
  "size_y": 240,
  "size_z": 240,
  "snr_csf": 2.804463132716207,
  "snr_gm": 14.601360506238995,
  "snr_total": 15.93724890528584,
  "snr_wm": 30.40592307690231,
  "snrd_csf": 28.231411169356733,
  "snrd_gm": 67.6635373040168,
  "snrd_total": 62.15899019978381,
  "snrd_wm": 90.5820221259779,
  "spacing_x": 1.0,
  "spacing_y": 1.0,
  "spacing_z": 1.0,
  "summary_bg_k": 34.25549847205578,
  "summary_bg_mad": 0.0,
  "summary_bg_mean": 3.279690239616818,
  "summary_bg_median": 0.0,
  "summary_bg_n": 550257.0,
  "summary_bg_p05": 0.0,
  "summary_bg_p95": 17.49098889529705,
  "summary_bg_stdv": 7.232606850816456,
  "summary_csf_k": 0.9087153569311597,
  "summary_csf_mad": 90.16688704416542,
  "summary_csf_mean": 311.604582449157,
  "summary_csf_median": 311.67051293700933,
  "summary_csf_n": 41800.0,
  "summary_csf_p05": 95.2289799463004,
  "summary_csf_p95": 497.7143617806955,
  "summary_csf_stdv": 111.13242358678096,
  "summary_gm_k": 0.1479070769449624,
  "summary_gm_mad": 51.2160534065479,
  "summary_gm_mean": 745.9204720106378,
  "summary_gm_median": 746.9952264223248,
  "summary_gm_n": 35570.0,
  "summary_gm_p05": 661.2066531851888,
  "summary_gm_p95": 827.4419571049511,
  "summary_gm_stdv": 51.15857016712535,
  "summary_wm_k": 0.5208473664420854,
  "summary_wm_mad": 31.118614728029105,
  "summary_wm_mean": 1000.3764410974092,
  "summary_wm_median": 1000.0118353813887,
  "summary_wm_n": 185005.0,
  "summary_wm_p05": 947.1606851518154,
  "summary_wm_p95": 1055.202996287495,
  "summary_wm_stdv": 32.888629303799775,
  "tpm_overlap_csf": 0.1573460379189933,
  "tpm_overlap_gm": 0.461138581153053,
  "tpm_overlap_wm": 0.5187035782671497,
  "wm2max": 0.8011361408716363
}