{
  "bids_meta": {
    "AcquisitionMatrixPE": 240,
    "AcquisitionNumber": 4,
    "AcquisitionTime": "12:52:6.940000",
    "BodyPartExamined": "BRAIN",
    "CoilString": "MULTI_COIL",
    "ConversionSoftware": "dcm2niix",
    "ConversionSoftwareVersion": "v1.0.20190410  (JP2:OpenJPEG) GCC6.3.0",
    "Dcm2bidsVersion": "2.1.4",
    "DeviceSerialNumber": "42451",
    "EchoTime": 0.0035,
    "EchoTrainLength": 240,
    "FlipAngle": 8,
    "ImageOrientationPatientDICOM": [
      0,
      1,
      0,
      -0.0568154,
      0,
      -0.998385
    ],
    "ImageType": [
      "ORIGINAL",
      "PRIMARY",
      "M",
      "FFE",
      "M",
      "FFE"
    ],
    "ImagingFrequency": 127.76,
    "InPlanePhaseEncodingDirectionDICOM": "ROW",
    "InstitutionAddress": "Calzada_Mexico_Xochimilco_No.101_Tlalpan",
    "InstitutionName": "I.N._Psiquiatria",
    "InstitutionalDepartmentName": "Imagenes_Cerebrales",
    "MRAcquisitionType": "3D",
    "MagneticFieldStrength": 3,
    "Manufacturer": "Philips",
    "ManufacturersModelName": "Ingenia",
    "Modality": "MR",
    "PatientPosition": "HFS",
    "PercentPhaseFOV": 100,
    "PhaseEncodingSteps": 240,
    "PhilipsRescaleIntercept": 0,
    "PhilipsRescaleSlope": 3.72967,
    "PhilipsScaleSlope": 0.00622328,
    "PixelBandwidth": 310,
    "ProcedureStepDescription": "PROTOCOLO_FIBROMIALGIA",
    "ProtocolName": "WIP_T1W",
    "ReconMatrixPE": 240,
    "RepetitionTime": 0.007,
    "SAR": 0.0382114,
    "ScanOptions": "OTHER",
    "ScanningSequence": "GR",
    "SequenceVariant": "MP",
    "SeriesDescription": "T1W",
    "SeriesNumber": 401,
    "SliceThickness": 1,
    "SoftwareVersions": "5.3.1_5.3.1.0",
    "SpacingBetweenSlices": 1,
    "StationName": "PHILIPS-CTMFQSD",
    "UsePhilipsFloatNotDisplayScaling": 1,
    "dataset": "ds004144",
    "modality": "T1w",
    "subject_id": "023"
  },
  "cjv": 0.3749018566548256,
  "cnr": 3.604671889118064,
  "efc": 0.7149274488799671,
  "fber": -1.0,
  "fwhm_avg": 4.59387,
  "fwhm_x": 4.45139,
  "fwhm_y": 4.95468,
  "fwhm_z": 4.37554,
  "icvs_csf": 0.25113959145861886,
  "icvs_gm": 0.3961777907047483,
  "icvs_wm": 0.35268261783663285,
  "inu_med": 0.48103779554367065,
  "inu_range": 0.196683531999588,
  "provenance": {
    "md5sum": "699dfd22eb04d557fe7615ab269fc17f",
    "settings": {
      "testing": false
    },
    "software": "mriqc",
    "version": "23.0.0",
    "warnings": {
      "large_rot_frame": true,
      "small_air_mask": false
    },
    "webapi_port": null,
    "webapi_url": "https://mriqc.nimh.nih.gov/api/v1"
  },
  "qi_1": 0.0,
  "qi_2": 7.539355075311487e-05,
  "rpve_csf": 20.413232084772876,
  "rpve_gm": 12.370304123149907,
  "rpve_wm": 16.07706753995088,
  "size_x": 180,
  "size_y": 240,
  "size_z": 240,
  "snr_csf": 3.283017160052756,
  "snr_gm": 13.867112012438989,
  "snr_total": 14.679190210934719,
  "snr_wm": 26.887441460312413,
  "snrd_csf": 33.1390791340591,
  "snrd_gm": 85.22659908897931,
  "snrd_total": 76.82219449935803,
  "snrd_wm": 112.10090527503567,
  "spacing_x": 1.0,
  "spacing_y": 1.0,
  "spacing_z": 1.0,
  "summary_bg_k": 14.930868905689543,
  "summary_bg_mad": 0.0,
  "summary_bg_mean": 2.5693476633573273,
  "summary_bg_median": 0.0,
  "summary_bg_n": 408119.0,
  "summary_bg_p05": 0.0,
  "summary_bg_p95": 14.818209540098906,
  "summary_bg_stdv": 5.84431567567675,
  "summary_csf_k": 1.8357293366658993,
  "summary_csf_mad": 64.8515786278786,
  "summary_csf_mean": 309.62277369373936,
  "summary_csf_median": 295.6258264090866,
  "summary_csf_n": 75257.0,
  "summary_csf_p05": 198.1311735380441,
  "summary_csf_p95": 481.28627995960414,
  "summary_csf_stdv": 90.04639570306533,
  "summary_gm_k": 0.14133557555573795,
  "summary_gm_mad": 54.99927244517992,
  "summary_gm_mean": 759.6870946763823,
  "summary_gm_median": 760.2861771080643,
  "summary_gm_n": 25506.0,
  "summary_gm_p05": 670.1611647033133,
  "summary_gm_p95": 847.8651053993963,
  "summary_gm_stdv": 54.82549446595243,
  "summary_wm_k": 0.5565015609919297,
  "summary_wm_mad": 34.87942878472632,
  "summary_wm_mean": 1000.7769442867775,
  "summary_wm_median": 1000.0254572276026,
  "summary_wm_n": 192784.0,
  "summary_wm_p05": 940.8799232728779,
  "summary_wm_p95": 1063.0919607169926,
  "summary_wm_stdv": 37.192935038392605,
  "tpm_overlap_csf": 0.15524801744036165,
  "tpm_overlap_gm": 0.4572842153917847,
  "tpm_overlap_wm": 0.5113989336075109,
  "wm2max": 0.7805910527257189
}