{
  "bids_meta": {
    "AcquisitionMatrixPE": 240,
    "AcquisitionNumber": 5,
    "AcquisitionTime": "12:55:47.490000",
    "BodyPartExamined": "BRAIN",
    "CoilString": "MULTI_COIL",
    "ConversionSoftware": "dcm2niix",
    "ConversionSoftwareVersion": "v1.0.20190410  (JP2:OpenJPEG) GCC6.3.0",
    "Dcm2bidsVersion": "2.1.4",
    "DeviceSerialNumber": "42451",
    "EchoTime": 0.331,
    "EchoTrainLength": 117,
    "FlipAngle": 90,
    "ImageOrientationPatientDICOM": [
      0,
      1,
      0,
      -0.0568154,
      0,
      -0.998385
    ],
    "ImageType": [
      "ORIGINAL",
      "PRIMARY",
      "M",
      "SE",
      "M",
      "SE"
    ],
    "ImagingFrequency": 127.76,
    "InPlanePhaseEncodingDirectionDICOM": "ROW",
    "InstitutionAddress": "Calzada_Mexico_Xochimilco_No.101_Tlalpan",
    "InstitutionName": "I.N._Psiquiatria",
    "InstitutionalDepartmentName": "Imagenes_Cerebrales",
    "MRAcquisitionType": "3D",
    "MagneticFieldStrength": 3,
    "Manufacturer": "Philips",
    "ManufacturersModelName": "Ingenia",
    "Modality": "MR",
    "PatientPosition": "HFS",
    "PercentPhaseFOV": 100,
    "PhaseEncodingSteps": 240,
    "PhilipsRescaleIntercept": 0,
    "PhilipsRescaleSlope": 1.40635,
    "PhilipsScaleSlope": 0.00345397,
    "PixelBandwidth": 413,
    "ProcedureStepDescription": "PROTOCOLO_FIBROMIALGIA",
    "ProtocolName": "WIP_T2W",
    "ReconMatrixPE": 240,
    "RepetitionTime": 2.5,
    "SAR": 0.030152,
    "ScanOptions": "FS",
    "ScanningSequence": "SE",
    "SequenceVariant": "SK",
    "SeriesDescription": "T2W",
    "SeriesNumber": 501,
    "SliceThickness": 1,
    "SoftwareVersions": "5.3.1_5.3.1.0",
    "SpacingBetweenSlices": 1,
    "StationName": "PHILIPS-CTMFQSD",
    "UsePhilipsFloatNotDisplayScaling": 1,
    "dataset": "ds004144",
    "modality": "T2w",
    "subject_id": "023"
  },
  "cjv": 0.47873350495926525,
  "cnr": 1.3226618861812887,
  "efc": 0.484154922562236,
  "fber": -1.0,
  "fwhm_avg": 2.9354033333333334,
  "fwhm_x": 2.91012,
  "fwhm_y": 3.10677,
  "fwhm_z": 2.78932,
  "icvs_csf": 0.2274021999547657,
  "icvs_gm": 0.7059406728586141,
  "icvs_wm": 0.06665712718662024,
  "inu_med": 0.8614147007465363,
  "inu_range": 0.19673050940036774,
  "provenance": {
    "md5sum": "f4e15ced20982699e5c273d7088a3f87",
    "settings": {
      "testing": false
    },
    "software": "mriqc",
    "version": "23.0.0",
    "warnings": {
      "large_rot_frame": true,
      "small_air_mask": false
    },
    "webapi_port": null,
    "webapi_url": "https://mriqc.nimh.nih.gov/api/v1"
  },
  "qi_1": 0.10574878090188064,
  "qi_2": 3.5314035904545796e-06,
  "rpve_csf": 17.998136987452682,
  "rpve_gm": 8.59681198618215,
  "rpve_wm": 81.29220891351784,
  "size_x": 180,
  "size_y": 240,
  "size_z": 240,
  "snr_csf": 5.756362345070547,
  "snr_gm": 9.124865753438474,
  "snr_total": 5.580505736335124,
  "snr_wm": 1.8602891104963508,
  "snrd_csf": 84.54622254998398,
  "snrd_gm": 26.89196669040391,
  "snrd_total": 68.29944267397424,
  "snrd_wm": 93.46013878153481,
  "spacing_x": 1.0,
  "spacing_y": 1.0,
  "spacing_z": 1.0,
  "summary_bg_k": 185.9404178526446,
  "summary_bg_mad": 0.0,
  "summary_bg_mean": 1.5743767469185022,
  "summary_bg_median": 0.0,
  "summary_bg_n": 1283257.0,
  "summary_bg_p05": 0.0,
  "summary_bg_p95": 8.66777753457427,
  "summary_bg_stdv": 7.036183162246154,
  "summary_csf_k": 2.254975638673754,
  "summary_csf_mad": 100.7432868703724,
  "summary_csf_mean": 867.6200665120833,
  "summary_csf_median": 908.0287823081017,
  "summary_csf_n": 45068.0,
  "summary_csf_p05": 547.7086375113577,
  "summary_csf_p95": 1061.6857013544068,
  "summary_csf_stdv": 157.7417566571394,
  "summary_gm_k": -0.025719319840773913,
  "summary_gm_mad": 32.2678684203055,
  "summary_gm_mean": 289.93971016075864,
  "summary_gm_median": 288.8204704038799,
  "summary_gm_n": 433494.0,
  "summary_gm_p05": 239.8928697220981,
  "summary_gm_p95": 343.10479978099465,
  "summary_gm_stdv": 31.651987555431045,
  "summary_wm_k": -1.9644780516494877,
  "summary_wm_mad": 309.99978822976635,
  "summary_wm_mean": 614.5926119642212,
  "summary_wm_median": 1003.7644906248897,
  "summary_wm_n": 19802.0,
  "summary_wm_p05": 21.996330823749304,
  "summary_wm_p95": 1184.1744733974338,
  "summary_wm_stdv": 539.5608347183446,
  "tpm_overlap_csf": 0.1425688559606521,
  "tpm_overlap_gm": 0.4241914881551131,
  "tpm_overlap_wm": 0.020666310789500503,
  "wm2max": 0.8500714413288087
}