{
  "aor": 0.0026466306954436455,
  "aqi": 0.022699121282973623,
  "bids_meta": {
    "AcquisitionMatrixPE": 78,
    "AcquisitionNumber": 8,
    "AcquisitionTime": "13:16:13.920000",
    "BodyPartExamined": "BRAIN",
    "CoilString": "MULTI_COIL",
    "ConversionSoftware": "dcm2niix",
    "ConversionSoftwareVersion": "v1.0.20190410  (JP2:OpenJPEG) GCC6.3.0",
    "Dcm2bidsVersion": "2.1.4",
    "DeviceSerialNumber": "42451",
    "EchoTime": 0.030001,
    "EchoTrainLength": 39,
    "FlipAngle": 75,
    "ImageOrientationPatientDICOM": [
      0.999993,
      0,
      -0.00362181,
      0,
      1,
      0
    ],
    "ImageType": [
      "ORIGINAL",
      "PRIMARY",
      "M",
      "FFE",
      "M",
      "FFE"
    ],
    "ImagingFrequency": 127.759,
    "InPlanePhaseEncodingDirectionDICOM": "COL",
    "InstitutionAddress": "Calzada_Mexico_Xochimilco_No.101_Tlalpan",
    "InstitutionName": "I.N._Psiquiatria",
    "InstitutionalDepartmentName": "Imagenes_Cerebrales",
    "MRAcquisitionType": "2D",
    "MagneticFieldStrength": 3,
    "Manufacturer": "Philips",
    "ManufacturersModelName": "Ingenia",
    "Modality": "MR",
    "PartialFourier": 0.5,
    "PatientPosition": "HFS",
    "PercentPhaseFOV": 100,
    "PhaseEncodingAxis": "j",
    "PhaseEncodingSteps": 78,
    "PhilipsRescaleIntercept": 0,
    "PhilipsRescaleSlope": 0.801465,
    "PhilipsScaleSlope": 0.0306081,
    "PixelBandwidth": 2071,
    "ProcedureStepDescription": "PROTOCOLO_FIBROMIALGIA",
    "ProtocolName": "WIP_TASK_FMRI",
    "ReconMatrixPE": 80,
    "RepetitionTime": 2,
    "SAR": 0.117749,
    "ScanOptions": "FS",
    "ScanningSequence": "GR",
    "SequenceVariant": "SK",
    "SeriesDescription": "TASK_FMRI",
    "SeriesNumber": 801,
    "SliceThickness": 3,
    "SliceTiming": [
      0,
      1.027027,
      0.054054,
      1.081081,
      0.108108,
      1.13513,
      0.162162,
      1.189189,
      0.216216,
      1.243244,
      0.27027,
      1.297298,
      0.324324,
      1.351352,
      0.378378,
      1.405406,
      0.432432,
      1.45946,
      0.486486,
      1.513514,
      0.540541,
      1.567568,
      0.594595,
      1.621622,
      0.648649,
      1.675676,
      0.702703,
      1.72973,
      0.756757,
      1.783784,
      0.810811,
      1.837838,
      0.864865,
      1.891892,
      0.918919,
      1.945947,
      0.972973
    ],
    "SoftwareVersions": "5.3.1_5.3.1.0",
    "SpacingBetweenSlices": 3,
    "StationName": "PHILIPS-CTMFQSD",
    "TaskName": "epr",
    "UsePhilipsFloatNotDisplayScaling": 1,
    "dataset": "ds004144",
    "modality": "bold",
    "subject_id": "036",
    "task_id": "epr"
  },
  "dummy_trs": 0,
  "dvars_nstd": 29.06899863456184,
  "dvars_std": 1.183013381380554,
  "dvars_vstd": 0.9536595007683083,
  "efc": 0.4019671712012206,
  "fber": 78268.0234375,
  "fd_mean": 0.14058780702556573,
  "fd_num": 128,
  "fd_perc": 15.347721822541967,
  "fwhm_avg": 1.84776,
  "fwhm_x": 1.7868233333333334,
  "fwhm_y": 1.96473,
  "fwhm_z": 1.7917266666666667,
  "gcor": 0.112682,
  "gsr_x": -0.016891656443476677,
  "gsr_y": 0.018233593553304672,
  "provenance": {
    "md5sum": "88716735beb210260e41f09fbc6289f4",
    "settings": {
      "fd_thres": 0.2,
      "testing": false
    },
    "software": "mriqc",
    "version": "23.0.0",
    "webapi_port": null,
    "webapi_url": "https://mriqc.nimh.nih.gov/api/v1"
  },
  "size_t": 834,
  "size_x": 80,
  "size_y": 80,
  "size_z": 37,
  "snr": 4.797756029097684,
  "spacing_tr": 2.0000016689300537,
  "spacing_x": 3.0,
  "spacing_y": 3.0,
  "spacing_z": 3.0,
  "summary_bg_k": 175.49403181803322,
  "summary_bg_mad": 184.89975536451584,
  "summary_bg_mean": 994.4495849609375,
  "summary_bg_median": 167.7464599609375,
  "summary_bg_n": 165192.0,
  "summary_bg_p05": 17.533151721954347,
  "summary_bg_p95": 4421.24606933593,
  "summary_bg_stdv": 3243.908203125,
  "summary_fg_k": 2.026974117695154,
  "summary_fg_mad": 8344.780255539452,
  "summary_fg_mean": 48768.20703125,
  "summary_fg_median": 47716.4375,
  "summary_fg_n": 32280.0,
  "summary_fg_p05": 34235.520703125,
  "summary_fg_p95": 66208.7625,
  "summary_fg_stdv": 9945.419921875,
  "tsnr": 29.904035568237305
}