{
  "bids_meta": {
    "AcquisitionMatrixPE": 240,
    "AcquisitionNumber": 4,
    "AcquisitionTime": "10:34:27.170000",
    "BodyPartExamined": "BRAIN",
    "CoilString": "MULTI_COIL",
    "ConversionSoftware": "dcm2niix",
    "ConversionSoftwareVersion": "v1.0.20190410  (JP2:OpenJPEG) GCC6.3.0",
    "Dcm2bidsVersion": "2.1.4",
    "DeviceSerialNumber": "42451",
    "EchoTime": 0.0035,
    "EchoTrainLength": 240,
    "FlipAngle": 8,
    "ImageOrientationPatientDICOM": [
      0,
      1,
      0,
      0.000491071,
      0,
      -1
    ],
    "ImageType": [
      "ORIGINAL",
      "PRIMARY",
      "M",
      "FFE",
      "M",
      "FFE"
    ],
    "ImagingFrequency": 127.759,
    "InPlanePhaseEncodingDirectionDICOM": "ROW",
    "InstitutionAddress": "Calzada_Mexico_Xochimilco_No.101_Tlalpan",
    "InstitutionName": "I.N._Psiquiatria",
    "InstitutionalDepartmentName": "Imagenes_Cerebrales",
    "MRAcquisitionType": "3D",
    "MagneticFieldStrength": 3,
    "Manufacturer": "Philips",
    "ManufacturersModelName": "Ingenia",
    "Modality": "MR",
    "PatientPosition": "HFS",
    "PercentPhaseFOV": 100,
    "PhaseEncodingSteps": 240,
    "PhilipsRescaleIntercept": 0,
    "PhilipsRescaleSlope": 3.59805,
    "PhilipsScaleSlope": 0.00562858,
    "PixelBandwidth": 310,
    "ProcedureStepDescription": "PROTOCOLO_FIBROMIALGIA",
    "ProtocolName": "WIP_T1W",
    "ReconMatrixPE": 240,
    "RepetitionTime": 0.007,
    "SAR": 0.0382114,
    "ScanOptions": "OTHER",
    "ScanningSequence": "GR",
    "SequenceVariant": "MP",
    "SeriesDescription": "T1W",
    "SeriesNumber": 401,
    "SliceThickness": 1,
    "SoftwareVersions": "5.3.1_5.3.1.0",
    "SpacingBetweenSlices": 1,
    "StationName": "PHILIPS-CTMFQSD",
    "UsePhilipsFloatNotDisplayScaling": 1,
    "dataset": "ds004144",
    "modality": "T1w",
    "subject_id": "024"
  },
  "cjv": 0.3643023162443212,
  "cnr": 3.7820079291988953,
  "efc": 0.7026487252280433,
  "fber": -1.0,
  "fwhm_avg": 4.816226666666666,
  "fwhm_x": 4.68431,
  "fwhm_y": 5.09146,
  "fwhm_z": 4.67291,
  "icvs_csf": 0.1892719770055382,
  "icvs_gm": 0.4205068123945271,
  "icvs_wm": 0.3902212105999347,
  "inu_med": 0.3733827918767929,
  "inu_range": 0.14649553298950196,
  "provenance": {
    "md5sum": "4eced5f3e6e80a084e3272b6edfc6b37",
    "settings": {
      "testing": false
    },
    "software": "mriqc",
    "version": "23.0.0",
    "warnings": {
      "large_rot_frame": true,
      "small_air_mask": false
    },
    "webapi_port": null,
    "webapi_url": "https://mriqc.nimh.nih.gov/api/v1"
  },
  "qi_1": 0.0,
  "qi_2": 3.147552492207899e-05,
  "rpve_csf": 24.008599683341377,
  "rpve_gm": 11.386443172253099,
  "rpve_wm": 14.219845821190185,
  "size_x": 180,
  "size_y": 240,
  "size_z": 240,
  "snr_csf": 2.59796857707827,
  "snr_gm": 14.20902745819063,
  "snr_total": 14.851466333403451,
  "snr_wm": 27.747402964941454,
  "snrd_csf": 36.428022234121734,
  "snrd_gm": 87.00534303011297,
  "snrd_total": 79.50623300952127,
  "snrd_wm": 115.08533376432908,
  "spacing_x": 1.0,
  "spacing_y": 1.0,
  "spacing_z": 1.0,
  "summary_bg_k": 118.41084990923281,
  "summary_bg_mad": 0.0,
  "summary_bg_mean": 2.326469302380405,
  "summary_bg_median": 0.0,
  "summary_bg_n": 570349.0,
  "summary_bg_p05": 0.0,
  "summary_bg_p95": 14.22296066582203,
  "summary_bg_stdv": 5.692749213304152,
  "summary_csf_k": 0.32095391452093036,
  "summary_csf_mad": 108.70890567252277,
  "summary_csf_mean": 315.12154133882404,
  "summary_csf_median": 316.5380444675684,
  "summary_csf_n": 32875.0,
  "summary_csf_p05": 94.91629877388478,
  "summary_csf_p95": 519.6533201396464,
  "summary_csf_stdv": 121.83874468570416,
  "summary_gm_k": -0.10553970541040325,
  "summary_gm_mad": 54.424860158588146,
  "summary_gm_mean": 755.2647106521612,
  "summary_gm_median": 756.0251545906067,
  "summary_gm_n": 44641.0,
  "summary_gm_p05": 667.434392914176,
  "summary_gm_p95": 841.1967070251703,
  "summary_gm_stdv": 53.20678624443039,
  "summary_wm_k": 0.4268136857195981,
  "summary_wm_mad": 34.46438427895071,
  "summary_wm_mean": 1001.8639624618492,
  "summary_wm_median": 1000.0237252116203,
  "summary_wm_n": 239128.0,
  "summary_wm_p05": 945.9812235832214,
  "summary_wm_p95": 1064.1338984966278,
  "summary_wm_stdv": 36.04018853558881,
  "tpm_overlap_csf": 0.1331664981995387,
  "tpm_overlap_gm": 0.4556464743380551,
  "tpm_overlap_wm": 0.5071051559448742,
  "wm2max": 0.8435853780671007
}