{
  "aor": 0.0018695203836930456,
  "aqi": 0.020427738489208636,
  "bids_meta": {
    "AcquisitionMatrixPE": 78,
    "AcquisitionNumber": 7,
    "AcquisitionTime": "11:31:52.930000",
    "BodyPartExamined": "BRAIN",
    "CoilString": "MULTI_COIL",
    "ConversionSoftware": "dcm2niix",
    "ConversionSoftwareVersion": "v1.0.20190410  (JP2:OpenJPEG) GCC6.3.0",
    "Dcm2bidsVersion": "2.1.4",
    "DeviceSerialNumber": "42451",
    "EchoTime": 0.030001,
    "EchoTrainLength": 39,
    "FlipAngle": 75,
    "ImageOrientationPatientDICOM": [
      0.999993,
      0,
      -0.00362181,
      0,
      1,
      0
    ],
    "ImageType": [
      "ORIGINAL",
      "PRIMARY",
      "M",
      "FFE",
      "M",
      "FFE"
    ],
    "ImagingFrequency": 127.759,
    "InPlanePhaseEncodingDirectionDICOM": "COL",
    "InstitutionAddress": "Calzada_Mexico_Xochimilco_No.101_Tlalpan",
    "InstitutionName": "I.N._Psiquiatria",
    "InstitutionalDepartmentName": "Imagenes_Cerebrales",
    "MRAcquisitionType": "2D",
    "MagneticFieldStrength": 3,
    "Manufacturer": "Philips",
    "ManufacturersModelName": "Ingenia",
    "Modality": "MR",
    "PartialFourier": 0.5,
    "PatientPosition": "HFS",
    "PercentPhaseFOV": 100,
    "PhaseEncodingAxis": "j",
    "PhaseEncodingSteps": 78,
    "PhilipsRescaleIntercept": 0,
    "PhilipsRescaleSlope": 0.798046,
    "PhilipsScaleSlope": 0.0228403,
    "PixelBandwidth": 2071,
    "ProcedureStepDescription": "PROTOCOLO_FIBROMIALGIA",
    "ProtocolName": "WIP_TASK_FMRI",
    "ReconMatrixPE": 80,
    "RepetitionTime": 2,
    "SAR": 0.117749,
    "ScanOptions": "FS",
    "ScanningSequence": "GR",
    "SequenceVariant": "SK",
    "SeriesDescription": "TASK_FMRI",
    "SeriesNumber": 701,
    "SliceThickness": 3,
    "SliceTiming": [
      0,
      1.027027,
      0.054054,
      1.081081,
      0.108108,
      1.13513,
      0.162162,
      1.189189,
      0.216216,
      1.243244,
      0.27027,
      1.297298,
      0.324324,
      1.351352,
      0.378378,
      1.405406,
      0.432432,
      1.45946,
      0.486486,
      1.513514,
      0.540541,
      1.567568,
      0.594595,
      1.621622,
      0.648649,
      1.675676,
      0.702703,
      1.72973,
      0.756757,
      1.783784,
      0.810811,
      1.837838,
      0.864865,
      1.891892,
      0.918919,
      1.945947,
      0.972973
    ],
    "SoftwareVersions": "5.3.1_5.3.1.0",
    "SpacingBetweenSlices": 3,
    "StationName": "PHILIPS-CTMFQSD",
    "TaskName": "epr",
    "UsePhilipsFloatNotDisplayScaling": 1,
    "dataset": "ds004144",
    "modality": "bold",
    "subject_id": "031",
    "task_id": "epr"
  },
  "dummy_trs": 0,
  "dvars_nstd": 25.263989039819943,
  "dvars_std": 1.1002224174189676,
  "dvars_vstd": 0.9300722045138063,
  "efc": 0.3954108430411966,
  "fber": 116307.6640625,
  "fd_mean": 0.14689242815400766,
  "fd_num": 159,
  "fd_perc": 19.06474820143885,
  "fwhm_avg": 2.0078844444444446,
  "fwhm_x": 1.9816266666666669,
  "fwhm_y": 2.13237,
  "fwhm_z": 1.9096566666666668,
  "gcor": 0.113203,
  "gsr_x": -0.013364019803702831,
  "gsr_y": 0.00790524110198021,
  "provenance": {
    "md5sum": "542457aee224a254b980d9daea40f9ba",
    "settings": {
      "fd_thres": 0.2,
      "testing": false
    },
    "software": "mriqc",
    "version": "23.0.0",
    "webapi_port": null,
    "webapi_url": "https://mriqc.nimh.nih.gov/api/v1"
  },
  "size_t": 834,
  "size_x": 80,
  "size_y": 80,
  "size_z": 37,
  "snr": 4.86336270320021,
  "spacing_tr": 2.0000016689300537,
  "spacing_x": 3.0,
  "spacing_y": 3.0,
  "spacing_z": 3.0,
  "summary_bg_k": 111.80929701880352,
  "summary_bg_mad": 186.35101946773847,
  "summary_bg_mean": 1050.8726806640625,
  "summary_bg_median": 176.45889282226562,
  "summary_bg_n": 165056.0,
  "summary_bg_p05": 21.803203105926514,
  "summary_bg_p95": 4382.762939453125,
  "summary_bg_stdv": 3250.46728515625,
  "summary_fg_k": 1.7207558030921462,
  "summary_fg_mad": 10787.15023246808,
  "summary_fg_mean": 62046.17578125,
  "summary_fg_median": 61621.89453125,
  "summary_fg_n": 31736.0,
  "summary_fg_p05": 42005.494140625,
  "summary_fg_p95": 83334.37890625,
  "summary_fg_stdv": 12670.435546875,
  "tsnr": 31.83895492553711
}