{
  "aor": 0.0013067666666666665,
  "aqi": 0.007367142966666667,
  "bids_meta": {
    "AcquisitionMatrixPE": 78,
    "AcquisitionNumber": 3,
    "AcquisitionTime": "11:04:55.970000",
    "BodyPartExamined": "BRAIN",
    "CoilString": "MULTI_COIL",
    "ConversionSoftware": "dcm2niix",
    "ConversionSoftwareVersion": "v1.0.20190410  (JP2:OpenJPEG) GCC6.3.0",
    "Dcm2bidsVersion": "2.1.4",
    "DeviceSerialNumber": "42451",
    "EchoTime": 0.030001,
    "EchoTrainLength": 39,
    "FlipAngle": 75,
    "ImageOrientationPatientDICOM": [
      0.999993,
      0,
      -0.00362181,
      0,
      1,
      0
    ],
    "ImageType": [
      "ORIGINAL",
      "PRIMARY",
      "M",
      "FFE",
      "M",
      "FFE"
    ],
    "ImagingFrequency": 127.759,
    "InPlanePhaseEncodingDirectionDICOM": "COL",
    "InstitutionAddress": "Calzada_Mexico_Xochimilco_No.101_Tlalpan",
    "InstitutionName": "I.N._Psiquiatria",
    "InstitutionalDepartmentName": "Imagenes_Cerebrales",
    "MRAcquisitionType": "2D",
    "MagneticFieldStrength": 3,
    "Manufacturer": "Philips",
    "ManufacturersModelName": "Ingenia",
    "Modality": "MR",
    "PartialFourier": 0.5,
    "PatientPosition": "HFS",
    "PercentPhaseFOV": 100,
    "PhaseEncodingAxis": "j",
    "PhaseEncodingSteps": 78,
    "PhilipsRescaleIntercept": 0,
    "PhilipsRescaleSlope": 0.790476,
    "PhilipsScaleSlope": 0.0243646,
    "PixelBandwidth": 2071,
    "ProcedureStepDescription": "PROTOCOLO_FIBROMIALGIA",
    "ProtocolName": "WIP_RESTING_STATE_10m",
    "ReconMatrixPE": 80,
    "RepetitionTime": 2,
    "SAR": 0.117654,
    "ScanOptions": "FS",
    "ScanningSequence": "GR",
    "SequenceVariant": "SK",
    "SeriesDescription": "RESTING_STATE_10m",
    "SeriesNumber": 301,
    "SliceThickness": 3,
    "SliceTiming": [
      0,
      1.027027,
      0.054054,
      1.081081,
      0.108108,
      1.13513,
      0.162162,
      1.189189,
      0.216216,
      1.243244,
      0.27027,
      1.297298,
      0.324324,
      1.351352,
      0.378378,
      1.405406,
      0.432432,
      1.45946,
      0.486486,
      1.513514,
      0.540541,
      1.567568,
      0.594595,
      1.621622,
      0.648649,
      1.675676,
      0.702703,
      1.72973,
      0.756757,
      1.783784,
      0.810811,
      1.837838,
      0.864865,
      1.891892,
      0.918919,
      1.945947,
      0.972973
    ],
    "SoftwareVersions": "5.3.1_5.3.1.0",
    "SpacingBetweenSlices": 3,
    "StationName": "PHILIPS-CTMFQSD",
    "TaskName": "rest",
    "UsePhilipsFloatNotDisplayScaling": 1,
    "dataset": "ds004144",
    "modality": "bold",
    "subject_id": "031",
    "task_id": "rest"
  },
  "dummy_trs": 0,
  "dvars_nstd": 25.611221396354512,
  "dvars_std": 1.2319217222408028,
  "dvars_vstd": 0.9798421203010039,
  "efc": 0.396082623729755,
  "fber": 121847.8984375,
  "fd_mean": 0.10196855219143976,
  "fd_num": 29,
  "fd_perc": 9.666666666666666,
  "fwhm_avg": 1.9152855555555555,
  "fwhm_x": 1.8761966666666667,
  "fwhm_y": 2.00712,
  "fwhm_z": 1.86254,
  "gcor": 0.0819802,
  "gsr_x": -0.01308053731918335,
  "gsr_y": 0.007107835728675127,
  "provenance": {
    "md5sum": "b1575df68d2fc8af03095f5b44265db3",
    "settings": {
      "fd_thres": 0.2,
      "testing": false
    },
    "software": "mriqc",
    "version": "23.0.0",
    "webapi_port": null,
    "webapi_url": "https://mriqc.nimh.nih.gov/api/v1"
  },
  "size_t": 300,
  "size_x": 80,
  "size_y": 80,
  "size_z": 37,
  "snr": 5.051064924783403,
  "spacing_tr": 2.0000016689300537,
  "spacing_x": 3.0,
  "spacing_y": 3.0,
  "spacing_z": 3.0,
  "summary_bg_k": 115.00818707750304,
  "summary_bg_mad": 171.1904497525839,
  "summary_bg_mean": 999.9978637695312,
  "summary_bg_median": 164.3024139404297,
  "summary_bg_n": 164798.0,
  "summary_bg_p05": 15.137922143936157,
  "summary_bg_p95": 4019.7534423828038,
  "summary_bg_stdv": 3238.633056640625,
  "summary_fg_k": 2.340875161268502,
  "summary_fg_mad": 9773.742389092715,
  "summary_fg_mean": 60082.3046875,
  "summary_fg_median": 59623.85546875,
  "summary_fg_n": 31981.0,
  "summary_fg_p05": 41819.69140625,
  "summary_fg_p95": 79469.265625,
  "summary_fg_stdv": 11804.0302734375,
  "tsnr": 60.01136016845703
}