{
  "aor": 0.002988633093525179,
  "aqi": 0.02635696270983213,
  "bids_meta": {
    "AcquisitionMatrixPE": 78,
    "AcquisitionNumber": 7,
    "AcquisitionTime": "10:26:58.320000",
    "BodyPartExamined": "BRAIN",
    "CoilString": "MULTI_COIL",
    "ConversionSoftware": "dcm2niix",
    "ConversionSoftwareVersion": "v1.0.20190410  (JP2:OpenJPEG) GCC6.3.0",
    "Dcm2bidsVersion": "2.1.4",
    "DeviceSerialNumber": "42451",
    "EchoTime": 0.030001,
    "EchoTrainLength": 39,
    "FlipAngle": 75,
    "ImageOrientationPatientDICOM": [
      0.999993,
      0,
      -0.00362181,
      0,
      1,
      0
    ],
    "ImageType": [
      "ORIGINAL",
      "PRIMARY",
      "M",
      "FFE",
      "M",
      "FFE"
    ],
    "ImagingFrequency": 127.759,
    "InPlanePhaseEncodingDirectionDICOM": "COL",
    "InstitutionAddress": "Calzada_Mexico_Xochimilco_No.101_Tlalpan",
    "InstitutionName": "I.N._Psiquiatria",
    "InstitutionalDepartmentName": "Imagenes_Cerebrales",
    "MRAcquisitionType": "2D",
    "MagneticFieldStrength": 3,
    "Manufacturer": "Philips",
    "ManufacturersModelName": "Ingenia",
    "Modality": "MR",
    "PartialFourier": 0.5,
    "PatientPosition": "HFS",
    "PercentPhaseFOV": 100,
    "PhaseEncodingAxis": "j",
    "PhaseEncodingSteps": 78,
    "PhilipsRescaleIntercept": 0,
    "PhilipsRescaleSlope": 0.777289,
    "PhilipsScaleSlope": 0.0221842,
    "PixelBandwidth": 2071,
    "ProcedureStepDescription": "PROTOCOLO_FIBROMIALGIA",
    "ProtocolName": "WIP_TASK_FMRI",
    "ReconMatrixPE": 80,
    "RepetitionTime": 2,
    "SAR": 0.117749,
    "ScanOptions": "FS",
    "ScanningSequence": "GR",
    "SequenceVariant": "SK",
    "SeriesDescription": "TASK_FMRI",
    "SeriesNumber": 701,
    "SliceThickness": 3,
    "SliceTiming": [
      0,
      1.027027,
      0.054054,
      1.081081,
      0.108108,
      1.13513,
      0.162162,
      1.189189,
      0.216216,
      1.243244,
      0.27027,
      1.297298,
      0.324324,
      1.351352,
      0.378378,
      1.405406,
      0.432432,
      1.45946,
      0.486486,
      1.513514,
      0.540541,
      1.567568,
      0.594595,
      1.621622,
      0.648649,
      1.675676,
      0.702703,
      1.72973,
      0.756757,
      1.783784,
      0.810811,
      1.837838,
      0.864865,
      1.891892,
      0.918919,
      1.945947,
      0.972973
    ],
    "SoftwareVersions": "5.3.1_5.3.1.0",
    "SpacingBetweenSlices": 3,
    "StationName": "PHILIPS-CTMFQSD",
    "TaskName": "epr",
    "UsePhilipsFloatNotDisplayScaling": 1,
    "dataset": "ds004144",
    "modality": "bold",
    "subject_id": "022",
    "task_id": "epr"
  },
  "dummy_trs": 0,
  "dvars_nstd": 22.041121554994,
  "dvars_std": 1.0005307923889557,
  "dvars_vstd": 0.9263179650420175,
  "efc": 0.41368356156387864,
  "fber": 133218.765625,
  "fd_mean": 0.15182399613077527,
  "fd_num": 166,
  "fd_perc": 19.904076738609113,
  "fwhm_avg": 2.1526922222222225,
  "fwhm_x": 2.0145766666666667,
  "fwhm_y": 2.3003533333333333,
  "fwhm_z": 2.1431466666666665,
  "gcor": 0.043178,
  "gsr_x": -0.018225960433483124,
  "gsr_y": 0.02030174806714058,
  "provenance": {
    "md5sum": "79c9ce9ae76f2004a1be6c387ddc16ef",
    "settings": {
      "fd_thres": 0.2,
      "testing": false
    },
    "software": "mriqc",
    "version": "23.0.0",
    "webapi_port": null,
    "webapi_url": "https://mriqc.nimh.nih.gov/api/v1"
  },
  "size_t": 834,
  "size_x": 80,
  "size_y": 80,
  "size_z": 37,
  "snr": 4.583742392478563,
  "spacing_tr": 2.0000016689300537,
  "spacing_x": 3.0,
  "spacing_y": 3.0,
  "spacing_z": 3.0,
  "summary_bg_k": 83.22326674873715,
  "summary_bg_mad": 195.7481727039081,
  "summary_bg_mean": 1246.9356689453125,
  "summary_bg_median": 175.4983367919922,
  "summary_bg_n": 161641.0,
  "summary_bg_p05": 19.801868438720703,
  "summary_bg_p95": 5899.25830078125,
  "summary_bg_stdv": 3773.462646484375,
  "summary_fg_k": 2.5057089094278897,
  "summary_fg_mad": 12087.189678575432,
  "summary_fg_mean": 65825.953125,
  "summary_fg_median": 65308.7890625,
  "summary_fg_n": 35280.0,
  "summary_fg_p05": 43752.7998046875,
  "summary_fg_p95": 89664.63749999998,
  "summary_fg_stdv": 14247.716796875,
  "tsnr": 25.582002639770508
}