{
  "aor": 0.0010680666666666666,
  "aqi": 0.010049002733333333,
  "bids_meta": {
    "AcquisitionMatrixPE": 78,
    "AcquisitionNumber": 3,
    "AcquisitionTime": "11:28:36.520000",
    "BodyPartExamined": "BRAIN",
    "CoilString": "MULTI_COIL",
    "ConversionSoftware": "dcm2niix",
    "ConversionSoftwareVersion": "v1.0.20190410  (JP2:OpenJPEG) GCC6.3.0",
    "Dcm2bidsVersion": "2.1.4",
    "DeviceSerialNumber": "42451",
    "EchoTime": 0.030001,
    "EchoTrainLength": 39,
    "FlipAngle": 75,
    "ImageOrientationPatientDICOM": [
      0.999993,
      0,
      -0.00362181,
      0,
      1,
      0
    ],
    "ImageType": [
      "ORIGINAL",
      "PRIMARY",
      "M",
      "FFE",
      "M",
      "FFE"
    ],
    "ImagingFrequency": 127.759,
    "InPlanePhaseEncodingDirectionDICOM": "COL",
    "InstitutionAddress": "Calzada_Mexico_Xochimilco_No.101_Tlalpan",
    "InstitutionName": "I.N._Psiquiatria",
    "InstitutionalDepartmentName": "Imagenes_Cerebrales",
    "MRAcquisitionType": "2D",
    "MagneticFieldStrength": 3,
    "Manufacturer": "Philips",
    "ManufacturersModelName": "Ingenia",
    "Modality": "MR",
    "PartialFourier": 0.5,
    "PatientPosition": "HFS",
    "PercentPhaseFOV": 100,
    "PhaseEncodingAxis": "j",
    "PhaseEncodingSteps": 78,
    "PhilipsRescaleIntercept": 0,
    "PhilipsRescaleSlope": 0.801465,
    "PhilipsScaleSlope": 0.0233267,
    "PixelBandwidth": 2071,
    "ProcedureStepDescription": "PROTOCOLO_FIBROMIALGIA",
    "ProtocolName": "WIP_RESTING_STATE_10m",
    "ReconMatrixPE": 80,
    "RepetitionTime": 2,
    "SAR": 0.117654,
    "ScanOptions": "FS",
    "ScanningSequence": "GR",
    "SequenceVariant": "SK",
    "SeriesDescription": "RESTING_STATE_10m",
    "SeriesNumber": 301,
    "SliceThickness": 3,
    "SliceTiming": [
      0,
      1.027027,
      0.054054,
      1.081081,
      0.108108,
      1.13513,
      0.162162,
      1.189189,
      0.216216,
      1.243244,
      0.27027,
      1.297298,
      0.324324,
      1.351352,
      0.378378,
      1.405406,
      0.432432,
      1.45946,
      0.486486,
      1.513514,
      0.540541,
      1.567568,
      0.594595,
      1.621622,
      0.648649,
      1.675676,
      0.702703,
      1.72973,
      0.756757,
      1.783784,
      0.810811,
      1.837838,
      0.864865,
      1.891892,
      0.918919,
      1.945947,
      0.972973
    ],
    "SoftwareVersions": "5.3.1_5.3.1.0",
    "SpacingBetweenSlices": 3,
    "StationName": "PHILIPS-CTMFQSD",
    "TaskName": "rest",
    "UsePhilipsFloatNotDisplayScaling": 1,
    "dataset": "ds004144",
    "modality": "bold",
    "subject_id": "054",
    "task_id": "rest"
  },
  "dummy_trs": 0,
  "dvars_nstd": 32.09407843401338,
  "dvars_std": 1.282950041137124,
  "dvars_vstd": 0.9836255781939803,
  "efc": 0.4098231943107802,
  "fber": 122100.0859375,
  "fd_mean": 0.11501047210100124,
  "fd_num": 44,
  "fd_perc": 14.666666666666666,
  "fwhm_avg": 1.9613855555555555,
  "fwhm_x": 1.9022133333333333,
  "fwhm_y": 2.07029,
  "fwhm_z": 1.9116533333333334,
  "gcor": 0.0477037,
  "gsr_x": -0.010016494430601597,
  "gsr_y": 0.014303870499134064,
  "provenance": {
    "md5sum": "7dff22989c6dbf4ebe7f5090a9f715ab",
    "settings": {
      "fd_thres": 0.2,
      "testing": false
    },
    "software": "mriqc",
    "version": "23.0.0",
    "webapi_port": null,
    "webapi_url": "https://mriqc.nimh.nih.gov/api/v1"
  },
  "size_t": 300,
  "size_x": 80,
  "size_y": 80,
  "size_z": 37,
  "snr": 4.914073552846674,
  "spacing_tr": 2.0000016689300537,
  "spacing_x": 3.0,
  "spacing_y": 3.0,
  "spacing_z": 3.0,
  "summary_bg_k": 136.53955784911426,
  "summary_bg_mad": 190.99093255924458,
  "summary_bg_mean": 1197.375,
  "summary_bg_median": 161.3673858642578,
  "summary_bg_n": 163107.0,
  "summary_bg_p05": 10.392328643798828,
  "summary_bg_p95": 5940.041406249975,
  "summary_bg_stdv": 3445.6474609375,
  "summary_fg_k": 4.273169406367484,
  "summary_fg_mad": 8488.633210638907,
  "summary_fg_mean": 59461.2890625,
  "summary_fg_median": 58496.75,
  "summary_fg_n": 33957.0,
  "summary_fg_p05": 43089.4640625,
  "summary_fg_p95": 80934.21562499998,
  "summary_fg_stdv": 11903.7470703125,
  "tsnr": 55.26457977294922
}