{
  "aor": 0.0008829136690647482,
  "aqi": 0.03149513561151079,
  "bids_meta": {
    "AcquisitionMatrixPE": 78,
    "AcquisitionNumber": 7,
    "AcquisitionTime": "11:55:12.550000",
    "BodyPartExamined": "BRAIN",
    "CoilString": "MULTI_COIL",
    "ConversionSoftware": "dcm2niix",
    "ConversionSoftwareVersion": "v1.0.20190410  (JP2:OpenJPEG) GCC6.3.0",
    "Dcm2bidsVersion": "2.1.4",
    "DeviceSerialNumber": "42451",
    "EchoTime": 0.030001,
    "EchoTrainLength": 39,
    "FlipAngle": 75,
    "ImageOrientationPatientDICOM": [
      0.999993,
      0,
      -0.00362181,
      0,
      1,
      0
    ],
    "ImageType": [
      "ORIGINAL",
      "PRIMARY",
      "M",
      "FFE",
      "M",
      "FFE"
    ],
    "ImagingFrequency": 127.759,
    "InPlanePhaseEncodingDirectionDICOM": "COL",
    "InstitutionAddress": "Calzada_Mexico_Xochimilco_No.101_Tlalpan",
    "InstitutionName": "I.N._Psiquiatria",
    "InstitutionalDepartmentName": "Imagenes_Cerebrales",
    "MRAcquisitionType": "2D",
    "MagneticFieldStrength": 3,
    "Manufacturer": "Philips",
    "ManufacturersModelName": "Ingenia",
    "Modality": "MR",
    "PartialFourier": 0.5,
    "PatientPosition": "HFS",
    "PercentPhaseFOV": 100,
    "PhaseEncodingAxis": "j",
    "PhaseEncodingSteps": 78,
    "PhilipsRescaleIntercept": 0,
    "PhilipsRescaleSlope": 0.736264,
    "PhilipsScaleSlope": 0.0266866,
    "PixelBandwidth": 2071,
    "ProcedureStepDescription": "PROTOCOLO_FIBROMIALGIA",
    "ProtocolName": "WIP_TASK_FMRI",
    "ReconMatrixPE": 80,
    "RepetitionTime": 2,
    "SAR": 0.117749,
    "ScanOptions": "FS",
    "ScanningSequence": "GR",
    "SequenceVariant": "SK",
    "SeriesDescription": "TASK_FMRI",
    "SeriesNumber": 701,
    "SliceThickness": 3,
    "SliceTiming": [
      0,
      1.027027,
      0.054054,
      1.081081,
      0.108108,
      1.13513,
      0.162162,
      1.189189,
      0.216216,
      1.243244,
      0.27027,
      1.297298,
      0.324324,
      1.351352,
      0.378378,
      1.405406,
      0.432432,
      1.45946,
      0.486486,
      1.513514,
      0.540541,
      1.567568,
      0.594595,
      1.621622,
      0.648649,
      1.675676,
      0.702703,
      1.72973,
      0.756757,
      1.783784,
      0.810811,
      1.837838,
      0.864865,
      1.891892,
      0.918919,
      1.945947,
      0.972973
    ],
    "SoftwareVersions": "5.3.1_5.3.1.0",
    "SpacingBetweenSlices": 3,
    "StationName": "PHILIPS-CTMFQSD",
    "TaskName": "epr",
    "UsePhilipsFloatNotDisplayScaling": 1,
    "dataset": "ds004144",
    "modality": "bold",
    "subject_id": "054",
    "task_id": "epr"
  },
  "dummy_trs": 0,
  "dvars_nstd": 38.710708139507815,
  "dvars_std": 1.142522387707084,
  "dvars_vstd": 0.9226024662064826,
  "efc": 0.40699636387683796,
  "fber": 116843.25,
  "fd_mean": 0.39082662144188046,
  "fd_num": 580,
  "fd_perc": 69.54436450839329,
  "fwhm_avg": 2.006553333333333,
  "fwhm_x": 1.9428833333333333,
  "fwhm_y": 2.1319033333333333,
  "fwhm_z": 1.9448733333333335,
  "gcor": 0.0487253,
  "gsr_x": -0.009170419536530972,
  "gsr_y": 0.015284084714949131,
  "provenance": {
    "md5sum": "6f7e1148ae314aa0d03a49406847c718",
    "settings": {
      "fd_thres": 0.2,
      "testing": false
    },
    "software": "mriqc",
    "version": "23.0.0",
    "webapi_port": null,
    "webapi_url": "https://mriqc.nimh.nih.gov/api/v1"
  },
  "size_t": 834,
  "size_x": 80,
  "size_y": 80,
  "size_z": 37,
  "snr": 4.913127078840983,
  "spacing_tr": 2.0000016689300537,
  "spacing_x": 3.0,
  "spacing_y": 3.0,
  "spacing_z": 3.0,
  "summary_bg_k": 119.67553339713037,
  "summary_bg_mad": 190.38854905631518,
  "summary_bg_mean": 1208.98583984375,
  "summary_bg_median": 170.44769287109375,
  "summary_bg_n": 164254.0,
  "summary_bg_p05": 22.500922298431394,
  "summary_bg_p95": 6154.300854492188,
  "summary_bg_stdv": 3338.900390625,
  "summary_fg_k": 3.434513302719722,
  "summary_fg_mad": 8804.61859987283,
  "summary_fg_mean": 59635.98828125,
  "summary_fg_median": 58793.5078125,
  "summary_fg_n": 33236.0,
  "summary_fg_p05": 42405.1943359375,
  "summary_fg_p95": 81112.962890625,
  "summary_fg_stdv": 11966.4365234375,
  "tsnr": 27.196659088134766
}