{
  "bids_meta": {
    "AcquisitionMatrixPE": 240,
    "AcquisitionNumber": 5,
    "AcquisitionTime": "11:13:18.560000",
    "BodyPartExamined": "BRAIN",
    "CoilString": "MULTI_COIL",
    "ConversionSoftware": "dcm2niix",
    "ConversionSoftwareVersion": "v1.0.20190410  (JP2:OpenJPEG) GCC6.3.0",
    "Dcm2bidsVersion": "2.1.4",
    "DeviceSerialNumber": "42451",
    "EchoTime": 0.0035,
    "EchoTrainLength": 240,
    "FlipAngle": 8,
    "ImageOrientationPatientDICOM": [
      0,
      1,
      0,
      -0.00362181,
      0,
      -0.999993
    ],
    "ImageType": [
      "ORIGINAL",
      "PRIMARY",
      "M",
      "FFE",
      "M",
      "FFE"
    ],
    "ImagingFrequency": 127.76,
    "InPlanePhaseEncodingDirectionDICOM": "ROW",
    "InstitutionAddress": "Calzada_Mexico_Xochimilco_No.101_Tlalpan",
    "InstitutionName": "I.N._Psiquiatria",
    "InstitutionalDepartmentName": "Imagenes_Cerebrales",
    "MRAcquisitionType": "3D",
    "MagneticFieldStrength": 3,
    "Manufacturer": "Philips",
    "ManufacturersModelName": "Ingenia",
    "Modality": "MR",
    "PatientPosition": "HFS",
    "PercentPhaseFOV": 100,
    "PhaseEncodingSteps": 240,
    "PhilipsRescaleIntercept": 0,
    "PhilipsRescaleSlope": 9.51893,
    "PhilipsScaleSlope": 0.00628922,
    "PixelBandwidth": 310,
    "ProcedureStepDescription": "PROTOCOLO_FIBROMIALGIA",
    "ProtocolName": "WIP_T1W",
    "ReconMatrixPE": 240,
    "RepetitionTime": 0.007,
    "SAR": 0.0382114,
    "ScanOptions": "OTHER",
    "ScanningSequence": "GR",
    "SequenceVariant": "MP",
    "SeriesDescription": "T1W",
    "SeriesNumber": 501,
    "SliceThickness": 1,
    "SoftwareVersions": "5.3.1_5.3.1.0",
    "SpacingBetweenSlices": 1,
    "StationName": "PHILIPS-CTMFQSD",
    "UsePhilipsFloatNotDisplayScaling": 1,
    "dataset": "ds004144",
    "modality": "T1w",
    "subject_id": "026"
  },
  "cjv": 0.34898872577303236,
  "cnr": 3.8389639307255528,
  "efc": 0.7237593090804673,
  "fber": -1.0,
  "fwhm_avg": 4.536286666666666,
  "fwhm_x": 4.4699,
  "fwhm_y": 4.8549,
  "fwhm_z": 4.28406,
  "icvs_csf": 0.1905337868151,
  "icvs_gm": 0.4104332606239414,
  "icvs_wm": 0.39903295256095855,
  "inu_med": 0.3831252306699753,
  "inu_range": 0.1441353633999824,
  "provenance": {
    "md5sum": "416c7f3fc7ce809b931b645682e940a1",
    "settings": {
      "testing": false
    },
    "software": "mriqc",
    "version": "23.0.0",
    "warnings": {
      "large_rot_frame": true,
      "small_air_mask": false
    },
    "webapi_port": null,
    "webapi_url": "https://mriqc.nimh.nih.gov/api/v1"
  },
  "qi_1": 0.0,
  "qi_2": 0.00011236986094376978,
  "rpve_csf": 25.015780127630528,
  "rpve_gm": 12.060384523699943,
  "rpve_wm": 14.706361400254119,
  "size_x": 180,
  "size_y": 240,
  "size_z": 240,
  "snr_csf": 2.569536811556443,
  "snr_gm": 13.235086560198448,
  "snr_total": 15.620386186365735,
  "snr_wm": 31.056535187342316,
  "snrd_csf": 38.82406957491175,
  "snrd_gm": 91.65736453943452,
  "snrd_total": 84.27610042337987,
  "snrd_wm": 122.34686715579332,
  "spacing_x": 1.0,
  "spacing_y": 1.0,
  "spacing_z": 1.0,
  "summary_bg_k": 12.198066848416676,
  "summary_bg_mad": 0.0,
  "summary_bg_mean": 2.6088771965945785,
  "summary_bg_median": 0.0,
  "summary_bg_n": 306189.0,
  "summary_bg_p05": 0.0,
  "summary_bg_p95": 14.456799333915114,
  "summary_bg_stdv": 5.354746234721875,
  "summary_csf_k": 0.16822863780595698,
  "summary_csf_mad": 105.22901663230365,
  "summary_csf_mean": 317.8787019643072,
  "summary_csf_median": 317.3278730548918,
  "summary_csf_n": 28282.0,
  "summary_csf_p05": 85.72701576938853,
  "summary_csf_p95": 526.7586308938451,
  "summary_csf_stdv": 123.49395482889551,
  "summary_gm_k": 0.06779672340057807,
  "summary_gm_mad": 56.610335290273305,
  "summary_gm_mean": 749.029815756787,
  "summary_gm_median": 749.1599118169397,
  "summary_gm_n": 32926.0,
  "summary_gm_p05": 656.8991444609128,
  "summary_gm_p95": 840.8117344272323,
  "summary_gm_stdv": 56.60322143754951,
  "summary_wm_k": 0.4611788546209654,
  "summary_wm_mad": 30.93004143148423,
  "summary_wm_mean": 1000.6898440765382,
  "summary_wm_median": 1000.0000400412828,
  "summary_wm_n": 237955.0,
  "summary_wm_p05": 948.9614489451051,
  "summary_wm_p95": 1054.1284618843347,
  "summary_wm_stdv": 32.19927570055949,
  "tpm_overlap_csf": 0.13986779506072883,
  "tpm_overlap_gm": 0.442721822812303,
  "tpm_overlap_wm": 0.49281714299611007,
  "wm2max": 0.8694092041020413
}