{
  "bids_meta": {
    "AcquisitionMatrixPE": 240,
    "AcquisitionNumber": 6,
    "AcquisitionTime": "11:16:59.080000",
    "BodyPartExamined": "BRAIN",
    "CoilString": "MULTI_COIL",
    "ConversionSoftware": "dcm2niix",
    "ConversionSoftwareVersion": "v1.0.20190410  (JP2:OpenJPEG) GCC6.3.0",
    "Dcm2bidsVersion": "2.1.4",
    "DeviceSerialNumber": "42451",
    "EchoTime": 0.331,
    "EchoTrainLength": 117,
    "FlipAngle": 90,
    "ImageOrientationPatientDICOM": [
      0,
      1,
      0,
      -0.00362181,
      0,
      -0.999993
    ],
    "ImageType": [
      "ORIGINAL",
      "PRIMARY",
      "M",
      "SE",
      "M",
      "SE"
    ],
    "ImagingFrequency": 127.76,
    "InPlanePhaseEncodingDirectionDICOM": "ROW",
    "InstitutionAddress": "Calzada_Mexico_Xochimilco_No.101_Tlalpan",
    "InstitutionName": "I.N._Psiquiatria",
    "InstitutionalDepartmentName": "Imagenes_Cerebrales",
    "MRAcquisitionType": "3D",
    "MagneticFieldStrength": 3,
    "Manufacturer": "Philips",
    "ManufacturersModelName": "Ingenia",
    "Modality": "MR",
    "PatientPosition": "HFS",
    "PercentPhaseFOV": 100,
    "PhaseEncodingSteps": 240,
    "PhilipsRescaleIntercept": 0,
    "PhilipsRescaleSlope": 1.36654,
    "PhilipsScaleSlope": 0.0037406,
    "PixelBandwidth": 413,
    "ProcedureStepDescription": "PROTOCOLO_FIBROMIALGIA",
    "ProtocolName": "WIP_T2W",
    "ReconMatrixPE": 240,
    "RepetitionTime": 2.5,
    "SAR": 0.030152,
    "ScanOptions": "FS",
    "ScanningSequence": "SE",
    "SequenceVariant": "SK",
    "SeriesDescription": "T2W",
    "SeriesNumber": 601,
    "SliceThickness": 1,
    "SoftwareVersions": "5.3.1_5.3.1.0",
    "SpacingBetweenSlices": 1,
    "StationName": "PHILIPS-CTMFQSD",
    "UsePhilipsFloatNotDisplayScaling": 1,
    "dataset": "ds004144",
    "modality": "T2w",
    "subject_id": "026"
  },
  "cjv": 0.44998167035172154,
  "cnr": 2.942395893885106,
  "efc": 0.5381746039695279,
  "fber": -1.0,
  "fwhm_avg": 2.496143333333333,
  "fwhm_x": 2.53982,
  "fwhm_y": 2.62075,
  "fwhm_z": 2.32786,
  "icvs_csf": 0.18175226639002348,
  "icvs_gm": 0.32204252308525566,
  "icvs_wm": 0.49620521052472083,
  "inu_med": 0.9212828576564789,
  "inu_range": 0.2032392919063568,
  "provenance": {
    "md5sum": "100a72c99438704820620686f8120abb",
    "settings": {
      "testing": false
    },
    "software": "mriqc",
    "version": "23.0.0",
    "warnings": {
      "large_rot_frame": true,
      "small_air_mask": false
    },
    "webapi_port": null,
    "webapi_url": "https://mriqc.nimh.nih.gov/api/v1"
  },
  "qi_1": 0.061743406383332596,
  "qi_2": 3.977540625403174e-05,
  "rpve_csf": 29.55613496317963,
  "rpve_gm": 13.962337846730176,
  "rpve_wm": 11.584128081165352,
  "size_x": 180,
  "size_y": 240,
  "size_z": 240,
  "snr_csf": 1.850435817863551,
  "snr_gm": 9.727380677964378,
  "snr_total": 8.030329484572576,
  "snr_wm": 12.5131719578898,
  "snrd_csf": 140.95913376690524,
  "snrd_gm": 73.99369420811168,
  "snrd_total": 87.90811001315825,
  "snrd_wm": 48.77150206445782,
  "spacing_x": 1.0,
  "spacing_y": 1.0,
  "spacing_z": 1.0,
  "summary_bg_k": 307.0280934366758,
  "summary_bg_mad": 0.0,
  "summary_bg_mean": 4.082037821975291,
  "summary_bg_median": 0.0,
  "summary_bg_n": 956529.0,
  "summary_bg_p05": 0.0,
  "summary_bg_p95": 29.159016653895378,
  "summary_bg_stdv": 13.432771016818483,
  "summary_csf_k": -1.56801385606705,
  "summary_csf_mad": 1546.3601488528736,
  "summary_csf_mean": 2303.658816202292,
  "summary_csf_median": 2890.1947237551212,
  "summary_csf_n": 44100.0,
  "summary_csf_p05": 83.72383648306135,
  "summary_csf_p95": 4096.074304043501,
  "summary_csf_stdv": 1561.8817615941823,
  "summary_gm_k": 0.5810728194326891,
  "summary_gm_mad": 151.36372711562933,
  "summary_gm_mean": 1520.4476447999082,
  "summary_gm_median": 1517.1502468585968,
  "summary_gm_n": 14321.0,
  "summary_gm_p05": 1272.126368880272,
  "summary_gm_p95": 1777.8920834362507,
  "summary_gm_stdv": 155.9615405970932,
  "summary_wm_k": -0.09442658465761022,
  "summary_wm_mad": 81.34439147868713,
  "summary_wm_mean": 995.9396439419677,
  "summary_wm_median": 1000.000029578805,
  "summary_wm_n": 221369.0,
  "summary_wm_p05": 857.4366761147976,
  "summary_wm_p95": 1118.5457547158003,
  "summary_wm_stdv": 79.91561006827668,
  "tpm_overlap_csf": 0.1427920128980855,
  "tpm_overlap_gm": 0.36247573674863404,
  "tpm_overlap_wm": 0.4640420417470309,
  "wm2max": 0.2450900951819896
}