{
  "bids_meta": {
    "AcquisitionMatrixPE": 240,
    "AcquisitionNumber": 5,
    "AcquisitionTime": "10:59:9.310000",
    "BodyPartExamined": "BRAIN",
    "CoilString": "MULTI_COIL",
    "ConversionSoftware": "dcm2niix",
    "ConversionSoftwareVersion": "v1.0.20190410  (JP2:OpenJPEG) GCC6.3.0",
    "Dcm2bidsVersion": "2.1.4",
    "DeviceSerialNumber": "42451",
    "EchoTime": 0.331,
    "EchoTrainLength": 117,
    "FlipAngle": 90,
    "ImageOrientationPatientDICOM": [
      0,
      1,
      0,
      -0.0310924,
      0,
      -0.999516
    ],
    "ImageType": [
      "ORIGINAL",
      "PRIMARY",
      "M",
      "SE",
      "M",
      "SE"
    ],
    "ImagingFrequency": 127.759,
    "InPlanePhaseEncodingDirectionDICOM": "ROW",
    "InstitutionAddress": "Calzada_Mexico_Xochimilco_No.101_Tlalpan",
    "InstitutionName": "I.N._Psiquiatria",
    "InstitutionalDepartmentName": "Imagenes_Cerebrales",
    "MRAcquisitionType": "3D",
    "MagneticFieldStrength": 3,
    "Manufacturer": "Philips",
    "ManufacturersModelName": "Ingenia",
    "Modality": "MR",
    "PatientPosition": "HFS",
    "PercentPhaseFOV": 100,
    "PhaseEncodingSteps": 240,
    "PhilipsRescaleIntercept": 0,
    "PhilipsRescaleSlope": 1.41758,
    "PhilipsScaleSlope": 0.00334421,
    "PixelBandwidth": 413,
    "ProcedureStepDescription": "PROTOCOLO_FIBROMIALGIA",
    "ProtocolName": "WIP_T2W",
    "ReconMatrixPE": 240,
    "RepetitionTime": 2.5,
    "SAR": 0.030152,
    "ScanOptions": "FS",
    "ScanningSequence": "SE",
    "SequenceVariant": "SK",
    "SeriesDescription": "T2W",
    "SeriesNumber": 501,
    "SliceThickness": 1,
    "SoftwareVersions": "5.3.1_5.3.1.0",
    "SpacingBetweenSlices": 1,
    "StationName": "PHILIPS-CTMFQSD",
    "UsePhilipsFloatNotDisplayScaling": 1,
    "dataset": "ds004144",
    "modality": "T2w",
    "subject_id": "038"
  },
  "cjv": 0.5137136731686398,
  "cnr": 1.4545513672064814,
  "efc": 0.48116349813958226,
  "fber": -1.0,
  "fwhm_avg": 2.6453400000000005,
  "fwhm_x": 2.6467,
  "fwhm_y": 2.77633,
  "fwhm_z": 2.51299,
  "icvs_csf": 0.2797259264487449,
  "icvs_gm": 0.2112967903434973,
  "icvs_wm": 0.5089772832077578,
  "inu_med": 0.8540370166301727,
  "inu_range": 0.15587593317031856,
  "provenance": {
    "md5sum": "0d1c69904bdd0c88ead42b4fbfd0b972",
    "settings": {
      "testing": false
    },
    "software": "mriqc",
    "version": "23.0.0",
    "warnings": {
      "large_rot_frame": true,
      "small_air_mask": false
    },
    "webapi_port": null,
    "webapi_url": "https://mriqc.nimh.nih.gov/api/v1"
  },
  "qi_1": 0.060407028213887375,
  "qi_2": 1.2122873197790865e-05,
  "rpve_csf": 16.91947146750351,
  "rpve_gm": 27.806245004615263,
  "rpve_wm": 12.03496691288996,
  "size_x": 180,
  "size_y": 240,
  "size_z": 240,
  "snr_csf": 10.304560679355458,
  "snr_gm": 2.1678843125871863,
  "snr_total": 8.08545331856941,
  "snr_wm": 11.783914963765584,
  "snrd_csf": 65.52101113587484,
  "snrd_gm": 134.04437563491217,
  "snrd_total": 81.16815074112979,
  "snrd_wm": 43.93906545260236,
  "spacing_x": 1.0,
  "spacing_y": 1.0,
  "spacing_z": 1.0,
  "summary_bg_k": 440.48298278209757,
  "summary_bg_mad": 0.0,
  "summary_bg_mean": 3.2281101786558066,
  "summary_bg_median": 0.0,
  "summary_bg_n": 1266898.0,
  "summary_bg_p05": 0.0,
  "summary_bg_p95": 26.068066209554672,
  "summary_bg_stdv": 14.91011206034618,
  "summary_csf_k": 0.9799415626172445,
  "summary_csf_mad": 136.48997235611031,
  "summary_csf_mean": 1493.4457678058764,
  "summary_csf_median": 1491.1789641715586,
  "summary_csf_n": 10310.0,
  "summary_csf_p05": 1266.4077215641737,
  "summary_csf_p95": 1729.9716666340828,
  "summary_csf_stdv": 144.7035629852402,
  "summary_gm_k": -1.2415363492763347,
  "summary_gm_mad": 964.0671769278927,
  "summary_gm_mean": 2391.1892378645252,
  "summary_gm_median": 3050.687859468162,
  "summary_gm_n": 58420.0,
  "summary_gm_p05": 101.96826908737421,
  "summary_gm_p95": 3803.699499294162,
  "summary_gm_stdv": 1407.2068936900891,
  "summary_wm_k": -0.1812746914277641,
  "summary_wm_mad": 89.39922393864644,
  "summary_wm_mean": 996.9593360315137,
  "summary_wm_median": 999.9999843165278,
  "summary_wm_n": 203571.0,
  "summary_wm_p05": 853.6633399128914,
  "summary_wm_p95": 1127.5096920132637,
  "summary_wm_stdv": 84.86123085943215,
  "tpm_overlap_csf": 0.10697658437957648,
  "tpm_overlap_gm": 0.13054257135720404,
  "tpm_overlap_wm": 0.462108691610391,
  "wm2max": 0.2620493358633776
}