{
  "bids_meta": {
    "AcquisitionMatrixPE": 240,
    "AcquisitionNumber": 4,
    "AcquisitionTime": "11:50:28.640000",
    "BodyPartExamined": "BRAIN",
    "CoilString": "MULTI_COIL",
    "ConversionSoftware": "dcm2niix",
    "ConversionSoftwareVersion": "v1.0.20190410  (JP2:OpenJPEG) GCC6.3.0",
    "Dcm2bidsVersion": "2.1.4",
    "DeviceSerialNumber": "42451",
    "EchoTime": 0.0035,
    "EchoTrainLength": 240,
    "FlipAngle": 8,
    "ImageOrientationPatientDICOM": [
      0,
      1,
      0,
      0.000542186,
      0,
      -1
    ],
    "ImageType": [
      "ORIGINAL",
      "PRIMARY",
      "M",
      "FFE",
      "M",
      "FFE"
    ],
    "ImagingFrequency": 127.759,
    "InPlanePhaseEncodingDirectionDICOM": "ROW",
    "InstitutionAddress": "Calzada_Mexico_Xochimilco_No.101_Tlalpan",
    "InstitutionName": "I.N._Psiquiatria",
    "InstitutionalDepartmentName": "Imagenes_Cerebrales",
    "MRAcquisitionType": "3D",
    "MagneticFieldStrength": 3,
    "Manufacturer": "Philips",
    "ManufacturersModelName": "Ingenia",
    "Modality": "MR",
    "PatientPosition": "HFS",
    "PercentPhaseFOV": 100,
    "PhaseEncodingSteps": 240,
    "PhilipsRescaleIntercept": 0,
    "PhilipsRescaleSlope": 3.69328,
    "PhilipsScaleSlope": 0.00603348,
    "PixelBandwidth": 310,
    "ProcedureStepDescription": "PROTOCOLO_FIBROMIALGIA",
    "ProtocolName": "WIP_T1W",
    "ReconMatrixPE": 240,
    "RepetitionTime": 0.007,
    "SAR": 0.0382114,
    "ScanOptions": "OTHER",
    "ScanningSequence": "GR",
    "SequenceVariant": "MP",
    "SeriesDescription": "T1W",
    "SeriesNumber": 401,
    "SliceThickness": 1,
    "SoftwareVersions": "5.3.1_5.3.1.0",
    "SpacingBetweenSlices": 1,
    "StationName": "PHILIPS-CTMFQSD",
    "UsePhilipsFloatNotDisplayScaling": 1,
    "dataset": "ds004144",
    "modality": "T1w",
    "subject_id": "015"
  },
  "cjv": 0.3928440013647382,
  "cnr": 3.4528500481290436,
  "efc": 0.718186489543253,
  "fber": -1.0,
  "fwhm_avg": 4.491116666666667,
  "fwhm_x": 4.36205,
  "fwhm_y": 4.83219,
  "fwhm_z": 4.27911,
  "icvs_csf": 0.21940148818854197,
  "icvs_gm": 0.4117046008198603,
  "icvs_wm": 0.3688939109915977,
  "inu_med": 0.4076719582080841,
  "inu_range": 0.17039379775524133,
  "provenance": {
    "md5sum": "e72e9409c73b32e27eb684d9877657b8",
    "settings": {
      "testing": false
    },
    "software": "mriqc",
    "version": "23.0.0",
    "warnings": {
      "large_rot_frame": true,
      "small_air_mask": false
    },
    "webapi_port": null,
    "webapi_url": "https://mriqc.nimh.nih.gov/api/v1"
  },
  "qi_1": 0.012817203478682078,
  "qi_2": 4.554688139257233e-05,
  "rpve_csf": 23.3763198750715,
  "rpve_gm": 12.682579664203631,
  "rpve_wm": 16.427598499391234,
  "size_x": 180,
  "size_y": 240,
  "size_z": 240,
  "snr_csf": 2.6893780648077423,
  "snr_gm": 15.10816000790858,
  "snr_total": 14.993946666325508,
  "snr_wm": 27.184301926260208,
  "snrd_csf": 47.42753774079795,
  "snrd_gm": 117.30539126044579,
  "snrd_total": 105.00896751029893,
  "snrd_wm": 150.29397352965307,
  "spacing_x": 1.0,
  "spacing_y": 1.0,
  "spacing_z": 1.0,
  "summary_bg_k": 23.451407380923918,
  "summary_bg_mad": 0.0,
  "summary_bg_mean": 1.513735147908035,
  "summary_bg_median": 0.0,
  "summary_bg_n": 304808.0,
  "summary_bg_p05": 0.0,
  "summary_bg_p95": 10.372510459274054,
  "summary_bg_stdv": 4.35923951325645,
  "summary_csf_k": 0.6338596134294989,
  "summary_csf_mad": 103.5753554891717,
  "summary_csf_mean": 326.521604763742,
  "summary_csf_median": 315.58007849380374,
  "summary_csf_n": 42004.0,
  "summary_csf_p05": 145.8616522187367,
  "summary_csf_p95": 543.7374181486665,
  "summary_csf_stdv": 117.34174754120156,
  "summary_gm_k": 0.18403873018220418,
  "summary_gm_mad": 50.52370730471799,
  "summary_gm_mean": 778.8592858042344,
  "summary_gm_median": 780.543252825737,
  "summary_gm_n": 31660.0,
  "summary_gm_p05": 691.4272845396772,
  "summary_gm_p95": 860.6815528124571,
  "summary_gm_stdv": 51.66287127999155,
  "summary_wm_k": 0.39090088752171237,
  "summary_wm_mad": 35.70716492626699,
  "summary_wm_mean": 1001.1567886441474,
  "summary_wm_median": 1000.0473611522466,
  "summary_wm_n": 197963.0,
  "summary_wm_p05": 942.9748720955104,
  "summary_wm_p95": 1063.0875959526747,
  "summary_wm_stdv": 36.78758564474602,
  "tpm_overlap_csf": 0.1473618363868823,
  "tpm_overlap_gm": 0.4622074563564097,
  "tpm_overlap_wm": 0.5173601162345046,
  "wm2max": 0.7961576893346657
}