{
  "bids_meta": {
    "AcquisitionMatrixPE": 240,
    "AcquisitionNumber": 5,
    "AcquisitionTime": "10:34:2.730000",
    "BodyPartExamined": "BRAIN",
    "CoilString": "MULTI_COIL",
    "ConversionSoftware": "dcm2niix",
    "ConversionSoftwareVersion": "v1.0.20190410  (JP2:OpenJPEG) GCC6.3.0",
    "Dcm2bidsVersion": "2.1.4",
    "DeviceSerialNumber": "42451",
    "EchoTime": 0.331,
    "EchoTrainLength": 117,
    "FlipAngle": 90,
    "ImageOrientationPatientDICOM": [
      0,
      1,
      0,
      0.000628669,
      0,
      -1
    ],
    "ImageType": [
      "ORIGINAL",
      "PRIMARY",
      "M",
      "SE",
      "M",
      "SE"
    ],
    "ImagingFrequency": 127.759,
    "InPlanePhaseEncodingDirectionDICOM": "ROW",
    "InstitutionAddress": "Calzada_Mexico_Xochimilco_No.101_Tlalpan",
    "InstitutionName": "I.N._Psiquiatria",
    "InstitutionalDepartmentName": "Imagenes_Cerebrales",
    "MRAcquisitionType": "3D",
    "MagneticFieldStrength": 3,
    "Manufacturer": "Philips",
    "ManufacturersModelName": "Ingenia",
    "Modality": "MR",
    "PatientPosition": "HFS",
    "PercentPhaseFOV": 100,
    "PhaseEncodingSteps": 240,
    "PhilipsRescaleIntercept": 0,
    "PhilipsRescaleSlope": 1.35751,
    "PhilipsScaleSlope": 0.0037311,
    "PixelBandwidth": 413,
    "ProcedureStepDescription": "PROTOCOLO_FIBROMIALGIA",
    "ProtocolName": "WIP_T2W",
    "ReconMatrixPE": 240,
    "RepetitionTime": 2.5,
    "SAR": 0.030152,
    "ScanOptions": "FS",
    "ScanningSequence": "SE",
    "SequenceVariant": "SK",
    "SeriesDescription": "T2W",
    "SeriesNumber": 501,
    "SliceThickness": 1,
    "SoftwareVersions": "5.3.1_5.3.1.0",
    "SpacingBetweenSlices": 1,
    "StationName": "PHILIPS-CTMFQSD",
    "UsePhilipsFloatNotDisplayScaling": 1,
    "dataset": "ds004144",
    "modality": "T2w",
    "subject_id": "055"
  },
  "cjv": 0.4643037001873082,
  "cnr": 2.919601129706215,
  "efc": 0.4986385404684279,
  "fber": -1.0,
  "fwhm_avg": 2.6862133333333333,
  "fwhm_x": 2.72215,
  "fwhm_y": 2.8155,
  "fwhm_z": 2.52099,
  "icvs_csf": 0.2088625726703914,
  "icvs_gm": 0.3059688911700785,
  "icvs_wm": 0.4851685361595301,
  "inu_med": 0.8672171235084534,
  "inu_range": 0.17086413502693176,
  "provenance": {
    "md5sum": "89422953006ee599a0c2cf4e9324a92a",
    "settings": {
      "testing": false
    },
    "software": "mriqc",
    "version": "23.0.0",
    "warnings": {
      "large_rot_frame": true,
      "small_air_mask": false
    },
    "webapi_port": null,
    "webapi_url": "https://mriqc.nimh.nih.gov/api/v1"
  },
  "qi_1": 0.0002525779116434514,
  "qi_2": 4.691181196984579e-06,
  "rpve_csf": 31.253197093359056,
  "rpve_gm": 17.307805469605047,
  "rpve_wm": 13.611840256234853,
  "size_x": 180,
  "size_y": 240,
  "size_z": 240,
  "snr_csf": 2.328672839448323,
  "snr_gm": 11.53651004878598,
  "snr_total": 8.273493032408977,
  "snr_wm": 10.95529620899263,
  "snrd_csf": 78.10567250868203,
  "snrd_gm": 33.279850918896095,
  "snrd_total": 44.70543189795925,
  "snrd_wm": 22.730772266299635,
  "spacing_x": 1.0,
  "spacing_y": 1.0,
  "spacing_z": 1.0,
  "summary_bg_k": 168.8278921174749,
  "summary_bg_mad": 0.0,
  "summary_bg_mean": 7.291213528892387,
  "summary_bg_median": 0.0,
  "summary_bg_n": 1459754.0,
  "summary_bg_p05": 0.0,
  "summary_bg_p95": 30.773653954267502,
  "summary_bg_stdv": 28.823634563828318,
  "summary_csf_k": -0.9411142161093164,
  "summary_csf_mad": 817.8403557295652,
  "summary_csf_mean": 2726.5083901898993,
  "summary_csf_median": 3436.367391206324,
  "summary_csf_n": 55733.0,
  "summary_csf_p05": 116.63790057152528,
  "summary_csf_p95": 4179.565514414012,
  "summary_csf_stdv": 1475.6630918763653,
  "summary_gm_k": 0.6022165571205282,
  "summary_gm_mad": 123.28367718994294,
  "summary_gm_mean": 1465.854653431953,
  "summary_gm_median": 1464.193198889494,
  "summary_gm_n": 10092.0,
  "summary_gm_p05": 1265.746271520853,
  "summary_gm_p95": 1676.37322884053,
  "summary_gm_stdv": 126.91192125086422,
  "summary_wm_k": 0.13964187828124208,
  "summary_wm_mad": 92.20958129641214,
  "summary_wm_mean": 996.6496670685724,
  "summary_wm_median": 1000.071852453053,
  "summary_wm_n": 152992.0,
  "summary_wm_p05": 843.6151444986463,
  "summary_wm_p95": 1137.5466803982854,
  "summary_wm_stdv": 91.28631166058699,
  "tpm_overlap_csf": 0.13786960058649997,
  "tpm_overlap_gm": 0.3519658891014251,
  "tpm_overlap_wm": 0.4549613882609772,
  "wm2max": 0.23997584541062802
}