{
  "aor": 0.0016508999999999999,
  "aqi": 0.011552946666666666,
  "bids_meta": {
    "AcquisitionMatrixPE": 78,
    "AcquisitionNumber": 3,
    "AcquisitionTime": "09:17:29.380000",
    "BodyPartExamined": "BRAIN",
    "CoilString": "MULTI_COIL",
    "ConversionSoftware": "dcm2niix",
    "ConversionSoftwareVersion": "v1.0.20190410  (JP2:OpenJPEG) GCC6.3.0",
    "Dcm2bidsVersion": "2.1.4",
    "DeviceSerialNumber": "42451",
    "EchoTime": 0.030001,
    "EchoTrainLength": 39,
    "FlipAngle": 75,
    "ImageOrientationPatientDICOM": [
      1,
      0,
      0.000659264,
      0,
      1,
      0
    ],
    "ImageType": [
      "ORIGINAL",
      "PRIMARY",
      "M",
      "FFE",
      "M",
      "FFE"
    ],
    "ImagingFrequency": 127.759,
    "InPlanePhaseEncodingDirectionDICOM": "COL",
    "InstitutionAddress": "Calzada_Mexico_Xochimilco_No.101_Tlalpan",
    "InstitutionName": "I.N._Psiquiatria",
    "InstitutionalDepartmentName": "Imagenes_Cerebrales",
    "MRAcquisitionType": "2D",
    "MagneticFieldStrength": 3,
    "Manufacturer": "Philips",
    "ManufacturersModelName": "Ingenia",
    "Modality": "MR",
    "PartialFourier": 0.5,
    "PatientPosition": "HFS",
    "PercentPhaseFOV": 100,
    "PhaseEncodingAxis": "j",
    "PhaseEncodingSteps": 78,
    "PhilipsRescaleIntercept": 0,
    "PhilipsRescaleSlope": 0.764591,
    "PhilipsScaleSlope": 0.0249908,
    "PixelBandwidth": 2071,
    "ProcedureStepDescription": "PROTOCOLO_FIBROMIALGIA",
    "ProtocolName": "WIP_RESTING_STATE_10m",
    "ReconMatrixPE": 80,
    "RepetitionTime": 2,
    "SAR": 0.117583,
    "ScanOptions": "FS",
    "ScanningSequence": "GR",
    "SequenceVariant": "SK",
    "SeriesDescription": "RESTING_STATE_10m",
    "SeriesNumber": 301,
    "SliceThickness": 3,
    "SliceTiming": [
      0,
      1.027027,
      0.054054,
      1.081081,
      0.108108,
      1.13513,
      0.162162,
      1.189189,
      0.216216,
      1.243244,
      0.27027,
      1.297298,
      0.324324,
      1.351352,
      0.378378,
      1.405406,
      0.432432,
      1.45946,
      0.486486,
      1.513514,
      0.540541,
      1.567568,
      0.594595,
      1.621622,
      0.648649,
      1.675676,
      0.702703,
      1.72973,
      0.756757,
      1.783784,
      0.810811,
      1.837838,
      0.864865,
      1.891892,
      0.918919,
      1.945947,
      0.972973
    ],
    "SoftwareVersions": "5.3.1_5.3.1.0",
    "SpacingBetweenSlices": 3,
    "StationName": "PHILIPS-CTMFQSD",
    "TaskName": "rest",
    "UsePhilipsFloatNotDisplayScaling": 1,
    "dataset": "ds004144",
    "modality": "bold",
    "subject_id": "042",
    "task_id": "rest"
  },
  "dummy_trs": 0,
  "dvars_nstd": 31.601827200434776,
  "dvars_std": 1.2927623682943148,
  "dvars_vstd": 0.9778282047826089,
  "efc": 0.43225961521702505,
  "fber": 89759.421875,
  "fd_mean": 0.15595788020801757,
  "fd_num": 69,
  "fd_perc": 23.0,
  "fwhm_avg": 1.9710155555555555,
  "fwhm_x": 1.90259,
  "fwhm_y": 2.0441266666666666,
  "fwhm_z": 1.9663300000000001,
  "gcor": 0.0745533,
  "gsr_x": -0.018465399742126465,
  "gsr_y": 0.022752609103918076,
  "provenance": {
    "md5sum": "73131a71f7268869b816471543d01691",
    "settings": {
      "fd_thres": 0.2,
      "testing": false
    },
    "software": "mriqc",
    "version": "23.0.0",
    "webapi_port": null,
    "webapi_url": "https://mriqc.nimh.nih.gov/api/v1"
  },
  "size_t": 300,
  "size_x": 80,
  "size_y": 80,
  "size_z": 37,
  "snr": 5.2554662832735355,
  "spacing_tr": 2.0000016689300537,
  "spacing_x": 3.0,
  "spacing_y": 3.0,
  "spacing_z": 3.0,
  "summary_bg_k": 102.0430721063711,
  "summary_bg_mad": 213.07542441829276,
  "summary_bg_mean": 1470.5673828125,
  "summary_bg_median": 183.3662872314453,
  "summary_bg_n": 160111.0,
  "summary_bg_p05": 16.37581729888916,
  "summary_bg_p95": 7360.904052734375,
  "summary_bg_stdv": 4192.72998046875,
  "summary_fg_k": 2.136290865638488,
  "summary_fg_mad": 9290.596495429743,
  "summary_fg_mean": 57426.3203125,
  "summary_fg_median": 56671.46484375,
  "summary_fg_n": 36264.0,
  "summary_fg_p05": 41296.31484375,
  "summary_fg_p95": 75886.56406249998,
  "summary_fg_stdv": 10783.1884765625,
  "tsnr": 48.71810531616211
}