{
  "aor": 0.0018605000000000002,
  "aqi": 0.013198169500000002,
  "bids_meta": {
    "AcquisitionMatrixPE": 78,
    "AcquisitionNumber": 3,
    "AcquisitionTime": "11:18:18.820000",
    "BodyPartExamined": "BRAIN",
    "CoilString": "MULTI_COIL",
    "ConversionSoftware": "dcm2niix",
    "ConversionSoftwareVersion": "v1.0.20190410  (JP2:OpenJPEG) GCC6.3.0",
    "Dcm2bidsVersion": "2.1.4",
    "DeviceSerialNumber": "42451",
    "EchoTime": 0.030001,
    "EchoTrainLength": 39,
    "FlipAngle": 75,
    "ImageOrientationPatientDICOM": [
      0.999993,
      0,
      -0.00362181,
      0,
      1,
      0
    ],
    "ImageType": [
      "ORIGINAL",
      "PRIMARY",
      "M",
      "FFE",
      "M",
      "FFE"
    ],
    "ImagingFrequency": 127.759,
    "InPlanePhaseEncodingDirectionDICOM": "COL",
    "InstitutionAddress": "Calzada_Mexico_Xochimilco_No.101_Tlalpan",
    "InstitutionName": "I.N._Psiquiatria",
    "InstitutionalDepartmentName": "Imagenes_Cerebrales",
    "MRAcquisitionType": "2D",
    "MagneticFieldStrength": 3,
    "Manufacturer": "Philips",
    "ManufacturersModelName": "Ingenia",
    "Modality": "MR",
    "PartialFourier": 0.5,
    "PatientPosition": "HFS",
    "PercentPhaseFOV": 100,
    "PhaseEncodingAxis": "j",
    "PhaseEncodingSteps": 78,
    "PhilipsRescaleIntercept": 0,
    "PhilipsRescaleSlope": 0.829792,
    "PhilipsScaleSlope": 0.0249486,
    "PixelBandwidth": 2071,
    "ProcedureStepDescription": "PROTOCOLO_FIBROMIALGIA",
    "ProtocolName": "WIP_RESTING_STATE_10m",
    "ReconMatrixPE": 80,
    "RepetitionTime": 2,
    "SAR": 0.117654,
    "ScanOptions": "FS",
    "ScanningSequence": "GR",
    "SequenceVariant": "SK",
    "SeriesDescription": "RESTING_STATE_10m",
    "SeriesNumber": 301,
    "SliceThickness": 3,
    "SliceTiming": [
      0,
      1.027027,
      0.054054,
      1.081081,
      0.108108,
      1.13513,
      0.162162,
      1.189189,
      0.216216,
      1.243244,
      0.27027,
      1.297298,
      0.324324,
      1.351352,
      0.378378,
      1.405406,
      0.432432,
      1.45946,
      0.486486,
      1.513514,
      0.540541,
      1.567568,
      0.594595,
      1.621622,
      0.648649,
      1.675676,
      0.702703,
      1.72973,
      0.756757,
      1.783784,
      0.810811,
      1.837838,
      0.864865,
      1.891892,
      0.918919,
      1.945947,
      0.972973
    ],
    "SoftwareVersions": "5.3.1_5.3.1.0",
    "SpacingBetweenSlices": 3,
    "StationName": "PHILIPS-CTMFQSD",
    "TaskName": "rest",
    "UsePhilipsFloatNotDisplayScaling": 1,
    "dataset": "ds004144",
    "modality": "bold",
    "subject_id": "013",
    "task_id": "rest"
  },
  "dummy_trs": 0,
  "dvars_nstd": 29.334344213344476,
  "dvars_std": 1.2341748037792646,
  "dvars_vstd": 0.9780834751170572,
  "efc": 0.37370896181602004,
  "fber": 152062.125,
  "fd_mean": 0.18097858734646485,
  "fd_num": 102,
  "fd_perc": 34.0,
  "fwhm_avg": 2.0098966666666667,
  "fwhm_x": 1.9664433333333333,
  "fwhm_y": 2.130666666666667,
  "fwhm_z": 1.93258,
  "gcor": 0.0529029,
  "gsr_x": -0.020209722220897675,
  "gsr_y": 0.010008604265749454,
  "provenance": {
    "md5sum": "d5f707c10a735ed53b10a3c90263b2f5",
    "settings": {
      "fd_thres": 0.2,
      "testing": false
    },
    "software": "mriqc",
    "version": "23.0.0",
    "webapi_port": null,
    "webapi_url": "https://mriqc.nimh.nih.gov/api/v1"
  },
  "size_t": 300,
  "size_x": 80,
  "size_y": 80,
  "size_z": 37,
  "snr": 5.049202404704988,
  "spacing_tr": 2.0000016689300537,
  "spacing_x": 3.0,
  "spacing_y": 3.0,
  "spacing_z": 3.0,
  "summary_bg_k": 134.53894087466483,
  "summary_bg_mad": 163.21195280450172,
  "summary_bg_mean": 1003.1654663085938,
  "summary_bg_median": 145.502685546875,
  "summary_bg_n": 170537.0,
  "summary_bg_p05": 12.896814155578616,
  "summary_bg_p95": 4993.729101562497,
  "summary_bg_stdv": 3158.163330078125,
  "summary_fg_k": 1.8544152090846184,
  "summary_fg_mad": 10100.601159831498,
  "summary_fg_mean": 60181.33984375,
  "summary_fg_median": 59957.25,
  "summary_fg_n": 27686.0,
  "summary_fg_p05": 41390.064453125,
  "summary_fg_p95": 79437.359375,
  "summary_fg_stdv": 11874.3837890625,
  "tsnr": 41.189239501953125
}