{
  "aor": 0.001174736211031175,
  "aqi": 0.024365630935251795,
  "bids_meta": {
    "AcquisitionMatrixPE": 78,
    "AcquisitionNumber": 12,
    "AcquisitionTime": "12:13:4.870000",
    "BodyPartExamined": "BRAIN",
    "CoilString": "MULTI_COIL",
    "ConversionSoftware": "dcm2niix",
    "ConversionSoftwareVersion": "v1.0.20190410  (JP2:OpenJPEG) GCC6.3.0",
    "Dcm2bidsVersion": "2.1.4",
    "DeviceSerialNumber": "42451",
    "EchoTime": 0.030001,
    "EchoTrainLength": 39,
    "FlipAngle": 75,
    "ImageOrientationPatientDICOM": [
      0.999993,
      0,
      -0.00362181,
      0,
      1,
      0
    ],
    "ImageType": [
      "ORIGINAL",
      "PRIMARY",
      "M",
      "FFE",
      "M",
      "FFE"
    ],
    "ImagingFrequency": 127.759,
    "InPlanePhaseEncodingDirectionDICOM": "COL",
    "InstitutionAddress": "Calzada_Mexico_Xochimilco_No.101_Tlalpan",
    "InstitutionName": "I.N._Psiquiatria",
    "InstitutionalDepartmentName": "Imagenes_Cerebrales",
    "MRAcquisitionType": "2D",
    "MagneticFieldStrength": 3,
    "Manufacturer": "Philips",
    "ManufacturersModelName": "Ingenia",
    "Modality": "MR",
    "PartialFourier": 0.5,
    "PatientPosition": "HFS",
    "PercentPhaseFOV": 100,
    "PhaseEncodingAxis": "j",
    "PhaseEncodingSteps": 78,
    "PhilipsRescaleIntercept": 0,
    "PhilipsRescaleSlope": 0.783883,
    "PhilipsScaleSlope": 0.0254169,
    "PixelBandwidth": 2071,
    "ProcedureStepDescription": "PROTOCOLO_FIBROMIALGIA",
    "ProtocolName": "WIP_TASK_FMRI",
    "ReconMatrixPE": 80,
    "RepetitionTime": 2,
    "SAR": 0.117749,
    "ScanOptions": "FS",
    "ScanningSequence": "GR",
    "SequenceVariant": "SK",
    "SeriesDescription": "TASK_FMRI",
    "SeriesNumber": 1201,
    "SliceThickness": 3,
    "SliceTiming": [
      0,
      1.027027,
      0.054054,
      1.081081,
      0.108108,
      1.13513,
      0.162162,
      1.189189,
      0.216216,
      1.243244,
      0.27027,
      1.297298,
      0.324324,
      1.351352,
      0.378378,
      1.405406,
      0.432432,
      1.45946,
      0.486486,
      1.513514,
      0.540541,
      1.567568,
      0.594595,
      1.621622,
      0.648649,
      1.675676,
      0.702703,
      1.72973,
      0.756757,
      1.783784,
      0.810811,
      1.837838,
      0.864865,
      1.891892,
      0.918919,
      1.945947,
      0.972973
    ],
    "SoftwareVersions": "5.3.1_5.3.1.0",
    "SpacingBetweenSlices": 3,
    "StationName": "PHILIPS-CTMFQSD",
    "TaskName": "epr",
    "UsePhilipsFloatNotDisplayScaling": 1,
    "dataset": "ds004144",
    "modality": "bold",
    "subject_id": "013",
    "task_id": "epr"
  },
  "dummy_trs": 0,
  "dvars_nstd": 28.073914211044393,
  "dvars_std": 1.0452499179831924,
  "dvars_vstd": 0.9106068188115233,
  "efc": 0.37768913063427784,
  "fber": 150408.9375,
  "fd_mean": 0.30046537058170814,
  "fd_num": 424,
  "fd_perc": 50.83932853717026,
  "fwhm_avg": 2.161458888888889,
  "fwhm_x": 2.08887,
  "fwhm_y": 2.273686666666667,
  "fwhm_z": 2.12182,
  "gcor": 0.123412,
  "gsr_x": -0.02164870873093605,
  "gsr_y": 0.009477971121668816,
  "provenance": {
    "md5sum": "e2d21fcd1bc63935d277eccde347333d",
    "settings": {
      "fd_thres": 0.2,
      "testing": false
    },
    "software": "mriqc",
    "version": "23.0.0",
    "webapi_port": null,
    "webapi_url": "https://mriqc.nimh.nih.gov/api/v1"
  },
  "size_t": 834,
  "size_x": 80,
  "size_y": 80,
  "size_z": 37,
  "snr": 4.852917128183175,
  "spacing_tr": 2.0000016689300537,
  "spacing_x": 3.0,
  "spacing_y": 3.0,
  "spacing_z": 3.0,
  "summary_bg_k": 107.5088013860628,
  "summary_bg_mad": 165.8810881209664,
  "summary_bg_mean": 1067.5535888671875,
  "summary_bg_median": 150.3159942626953,
  "summary_bg_n": 170039.0,
  "summary_bg_p05": 19.64769916534424,
  "summary_bg_p95": 5473.3132324218805,
  "summary_bg_stdv": 3173.418212890625,
  "summary_fg_k": 1.1877332867285597,
  "summary_fg_mad": 11178.551426738642,
  "summary_fg_mean": 60304.484375,
  "summary_fg_median": 59965.5,
  "summary_fg_n": 28040.0,
  "summary_fg_p05": 40484.3859375,
  "summary_fg_p95": 80539.25820312499,
  "summary_fg_stdv": 12356.3681640625,
  "tsnr": 25.200435638427734
}