{
  "bids_meta": {
    "AcquisitionMatrixPE": 240,
    "AcquisitionNumber": 5,
    "AcquisitionTime": "11:54:9.420000",
    "BodyPartExamined": "BRAIN",
    "CoilString": "MULTI_COIL",
    "ConversionSoftware": "dcm2niix",
    "ConversionSoftwareVersion": "v1.0.20190410  (JP2:OpenJPEG) GCC6.3.0",
    "Dcm2bidsVersion": "2.1.4",
    "DeviceSerialNumber": "42451",
    "EchoTime": 0.331,
    "EchoTrainLength": 117,
    "FlipAngle": 90,
    "ImageOrientationPatientDICOM": [
      0,
      1,
      0,
      0.000542186,
      0,
      -1
    ],
    "ImageType": [
      "ORIGINAL",
      "PRIMARY",
      "M",
      "SE",
      "M",
      "SE"
    ],
    "ImagingFrequency": 127.759,
    "InPlanePhaseEncodingDirectionDICOM": "ROW",
    "InstitutionAddress": "Calzada_Mexico_Xochimilco_No.101_Tlalpan",
    "InstitutionName": "I.N._Psiquiatria",
    "InstitutionalDepartmentName": "Imagenes_Cerebrales",
    "MRAcquisitionType": "3D",
    "MagneticFieldStrength": 3,
    "Manufacturer": "Philips",
    "ManufacturersModelName": "Ingenia",
    "Modality": "MR",
    "PatientPosition": "HFS",
    "PercentPhaseFOV": 100,
    "PhaseEncodingSteps": 240,
    "PhilipsRescaleIntercept": 0,
    "PhilipsRescaleSlope": 1.36044,
    "PhilipsScaleSlope": 0.00365734,
    "PixelBandwidth": 413,
    "ProcedureStepDescription": "PROTOCOLO_FIBROMIALGIA",
    "ProtocolName": "WIP_T2W",
    "ReconMatrixPE": 240,
    "RepetitionTime": 2.5,
    "SAR": 0.030152,
    "ScanOptions": "FS",
    "ScanningSequence": "SE",
    "SequenceVariant": "SK",
    "SeriesDescription": "T2W",
    "SeriesNumber": 501,
    "SliceThickness": 1,
    "SoftwareVersions": "5.3.1_5.3.1.0",
    "SpacingBetweenSlices": 1,
    "StationName": "PHILIPS-CTMFQSD",
    "UsePhilipsFloatNotDisplayScaling": 1,
    "dataset": "ds004144",
    "modality": "T2w",
    "subject_id": "015"
  },
  "cjv": 0.8490203913442946,
  "cnr": 1.1551488921717785,
  "efc": 0.5017568990616107,
  "fber": -1.0,
  "fwhm_avg": 2.5518266666666665,
  "fwhm_x": 2.56719,
  "fwhm_y": 2.68676,
  "fwhm_z": 2.40153,
  "icvs_csf": 0.18930187927545764,
  "icvs_gm": 0.2165116867171135,
  "icvs_wm": 0.5941864340074289,
  "inu_med": 0.8211095929145813,
  "inu_range": 0.17463775873184206,
  "provenance": {
    "md5sum": "b3d650d808e4754d92b5c956b81f3871",
    "settings": {
      "testing": false
    },
    "software": "mriqc",
    "version": "23.0.0",
    "warnings": {
      "large_rot_frame": true,
      "small_air_mask": false
    },
    "webapi_port": null,
    "webapi_url": "https://mriqc.nimh.nih.gov/api/v1"
  },
  "qi_1": 0.04968885127124163,
  "qi_2": 3.38539779406645e-05,
  "rpve_csf": 22.061478641016553,
  "rpve_gm": 26.501284714208786,
  "rpve_wm": 10.29059152524881,
  "size_x": 180,
  "size_y": 240,
  "size_z": 240,
  "snr_csf": 8.353207324684195,
  "snr_gm": 1.8426431976602293,
  "snr_total": 7.154590587738532,
  "snr_wm": 11.267921240871171,
  "snrd_csf": 130.38101226537842,
  "snrd_gm": 232.19211873507012,
  "snrd_total": 149.64487058704853,
  "snrd_wm": 86.36148076069708,
  "spacing_x": 1.0,
  "spacing_y": 1.0,
  "spacing_z": 1.0,
  "summary_bg_k": 55.04458509235857,
  "summary_bg_mad": 0.0,
  "summary_bg_mean": 2.1313902466533032,
  "summary_bg_median": 0.0,
  "summary_bg_n": 1334890.0,
  "summary_bg_p05": 0.0,
  "summary_bg_p95": 14.178810238838196,
  "summary_bg_stdv": 7.587970923325398,
  "summary_csf_k": 2.8000892360006455,
  "summary_csf_mad": 144.52305667161625,
  "summary_csf_mean": 1530.067412556396,
  "summary_csf_median": 1510.1089330762625,
  "summary_csf_n": 4907.0,
  "summary_csf_p05": 1293.5210424140096,
  "summary_csf_p95": 1858.2840598717332,
  "summary_csf_stdv": 180.7635071913275,
  "summary_gm_k": -1.7019359275883954,
  "summary_gm_mad": 1344.3077318552425,
  "summary_gm_mean": 2066.8396787468682,
  "summary_gm_median": 2689.313317939639,
  "summary_gm_n": 69565.0,
  "summary_gm_p05": 101.41787879168987,
  "summary_gm_p95": 3652.2252040207386,
  "summary_gm_stdv": 1459.4762522582428,
  "summary_wm_k": -0.023532380474324377,
  "summary_wm_mad": 89.73081363719203,
  "summary_wm_mean": 998.5100534156978,
  "summary_wm_median": 1000.262548238039,
  "summary_wm_n": 282760.0,
  "summary_wm_p05": 850.4004011303186,
  "summary_wm_p95": 1140.5408699065447,
  "summary_wm_stdv": 88.77065770214983,
  "tpm_overlap_csf": 0.1051282368229122,
  "tpm_overlap_gm": 0.13647422565728315,
  "tpm_overlap_wm": 0.4526731201419081,
  "wm2max": 0.2716317872294913
}