{
  "bids_meta": {
    "AcquisitionMatrixPE": 240,
    "AcquisitionNumber": 4,
    "AcquisitionTime": "11:15:37.650000",
    "BodyPartExamined": "BRAIN",
    "CoilString": "MULTI_COIL",
    "ConversionSoftware": "dcm2niix",
    "ConversionSoftwareVersion": "v1.0.20190410  (JP2:OpenJPEG) GCC6.3.0",
    "Dcm2bidsVersion": "2.1.4",
    "DeviceSerialNumber": "42451",
    "EchoTime": 0.0035,
    "EchoTrainLength": 240,
    "FlipAngle": 8,
    "ImageOrientationPatientDICOM": [
      0,
      1,
      0,
      -0.00362181,
      0,
      -0.999993
    ],
    "ImageType": [
      "ORIGINAL",
      "PRIMARY",
      "M",
      "FFE",
      "M",
      "FFE"
    ],
    "ImagingFrequency": 127.759,
    "InPlanePhaseEncodingDirectionDICOM": "ROW",
    "InstitutionAddress": "Calzada_Mexico_Xochimilco_No.101_Tlalpan",
    "InstitutionName": "I.N._Psiquiatria",
    "InstitutionalDepartmentName": "Imagenes_Cerebrales",
    "MRAcquisitionType": "3D",
    "MagneticFieldStrength": 3,
    "Manufacturer": "Philips",
    "ManufacturersModelName": "Ingenia",
    "Modality": "MR",
    "PatientPosition": "HFS",
    "PercentPhaseFOV": 100,
    "PhaseEncodingSteps": 240,
    "PhilipsRescaleIntercept": 0,
    "PhilipsRescaleSlope": 3.16948,
    "PhilipsScaleSlope": 0.00592395,
    "PixelBandwidth": 310,
    "ProcedureStepDescription": "PROTOCOLO_FIBROMIALGIA",
    "ProtocolName": "WIP_T1W",
    "ReconMatrixPE": 240,
    "RepetitionTime": 0.007,
    "SAR": 0.0382114,
    "ScanOptions": "OTHER",
    "ScanningSequence": "GR",
    "SequenceVariant": "MP",
    "SeriesDescription": "T1W",
    "SeriesNumber": 401,
    "SliceThickness": 1,
    "SoftwareVersions": "5.3.1_5.3.1.0",
    "SpacingBetweenSlices": 1,
    "StationName": "PHILIPS-CTMFQSD",
    "UsePhilipsFloatNotDisplayScaling": 1,
    "dataset": "ds004144",
    "modality": "T1w",
    "subject_id": "031"
  },
  "cjv": 0.33422366341672644,
  "cnr": 4.020645013676241,
  "efc": 0.6777253368221614,
  "fber": -1.0,
  "fwhm_avg": 4.530399999999999,
  "fwhm_x": 4.51045,
  "fwhm_y": 4.77692,
  "fwhm_z": 4.30383,
  "icvs_csf": 0.23532922757780883,
  "icvs_gm": 0.4198406424575291,
  "icvs_wm": 0.34483012996466206,
  "inu_med": 0.4595923274755478,
  "inu_range": 0.18742879480123525,
  "provenance": {
    "md5sum": "b8505ccdb9dbb04856cf2c52aba58372",
    "settings": {
      "testing": false
    },
    "software": "mriqc",
    "version": "23.0.0",
    "warnings": {
      "large_rot_frame": true,
      "small_air_mask": false
    },
    "webapi_port": null,
    "webapi_url": "https://mriqc.nimh.nih.gov/api/v1"
  },
  "qi_1": 0.03050224112171015,
  "qi_2": 4.108953222769401e-05,
  "rpve_csf": 24.09306447728107,
  "rpve_gm": 13.464516468483637,
  "rpve_wm": 18.79616051387799,
  "size_x": 180,
  "size_y": 240,
  "size_z": 240,
  "snr_csf": 2.9291451276917555,
  "snr_gm": 14.625701526820581,
  "snr_total": 15.686453228292839,
  "snr_wm": 29.504513030366176,
  "snrd_csf": 32.21871838397259,
  "snrd_gm": 78.68598808508334,
  "snrd_total": 71.87973972049406,
  "snrd_wm": 104.73451269242622,
  "spacing_x": 1.0,
  "spacing_y": 1.0,
  "spacing_z": 1.0,
  "summary_bg_k": 14.712647650229037,
  "summary_bg_mad": 0.0,
  "summary_bg_mean": 2.474772873825355,
  "summary_bg_median": 0.0,
  "summary_bg_n": 441348.0,
  "summary_bg_p05": 0.0,
  "summary_bg_p95": 16.889195954427123,
  "summary_bg_stdv": 6.255210172079119,
  "summary_csf_k": 0.8545980880765485,
  "summary_csf_mad": 92.11550415264719,
  "summary_csf_mean": 315.18629056253883,
  "summary_csf_median": 307.6227408014238,
  "summary_csf_n": 48551.0,
  "summary_csf_p05": 144.07681021280587,
  "summary_csf_p95": 500.38565053325146,
  "summary_csf_stdv": 105.02025653826146,
  "summary_gm_k": 0.23338311375846965,
  "summary_gm_mad": 51.105176961400154,
  "summary_gm_mean": 750.5703349249387,
  "summary_gm_median": 751.2899498026818,
  "summary_gm_n": 36715.0,
  "summary_gm_p05": 666.4902278160677,
  "summary_gm_p95": 832.9432278815657,
  "summary_gm_stdv": 51.36708943356872,
  "summary_wm_k": 0.5273108827544828,
  "summary_wm_mad": 32.01960161470442,
  "summary_wm_mean": 1000.9511464676185,
  "summary_wm_median": 999.9999834559858,
  "summary_wm_n": 165800.0,
  "summary_wm_p05": 946.804335631337,
  "summary_wm_p95": 1058.0881786756217,
  "summary_wm_stdv": 33.89301720522359,
  "tpm_overlap_csf": 0.14796679586471922,
  "tpm_overlap_gm": 0.46841736372817966,
  "tpm_overlap_wm": 0.5103858039938435,
  "wm2max": 0.7351687458449024
}