{
  "aor": 0.0008303836930455635,
  "aqi": 0.03215656774580336,
  "bids_meta": {
    "AcquisitionMatrixPE": 78,
    "AcquisitionNumber": 8,
    "AcquisitionTime": "09:56:7.700000",
    "BodyPartExamined": "BRAIN",
    "CoilString": "MULTI_COIL",
    "ConversionSoftware": "dcm2niix",
    "ConversionSoftwareVersion": "v1.0.20190410  (JP2:OpenJPEG) GCC6.3.0",
    "Dcm2bidsVersion": "2.1.4",
    "DeviceSerialNumber": "42451",
    "EchoTime": 0.030001,
    "EchoTrainLength": 39,
    "FlipAngle": 75,
    "ImageOrientationPatientDICOM": [
      1,
      0,
      0.000659264,
      0,
      1,
      0
    ],
    "ImageType": [
      "ORIGINAL",
      "PRIMARY",
      "M",
      "FFE",
      "M",
      "FFE"
    ],
    "ImagingFrequency": 127.759,
    "InPlanePhaseEncodingDirectionDICOM": "COL",
    "InstitutionAddress": "Calzada_Mexico_Xochimilco_No.101_Tlalpan",
    "InstitutionName": "I.N._Psiquiatria",
    "InstitutionalDepartmentName": "Imagenes_Cerebrales",
    "MRAcquisitionType": "2D",
    "MagneticFieldStrength": 3,
    "Manufacturer": "Philips",
    "ManufacturersModelName": "Ingenia",
    "Modality": "MR",
    "PartialFourier": 0.5,
    "PatientPosition": "HFS",
    "PercentPhaseFOV": 100,
    "PhaseEncodingAxis": "j",
    "PhaseEncodingSteps": 78,
    "PhilipsRescaleIntercept": 0,
    "PhilipsRescaleSlope": 0.792918,
    "PhilipsScaleSlope": 0.0268354,
    "PixelBandwidth": 2071,
    "ProcedureStepDescription": "PROTOCOLO_FIBROMIALGIA",
    "ProtocolName": "WIP_TASK_FMRI",
    "ReconMatrixPE": 80,
    "RepetitionTime": 2,
    "SAR": 0.117678,
    "ScanOptions": "FS",
    "ScanningSequence": "GR",
    "SequenceVariant": "SK",
    "SeriesDescription": "TASK_FMRI",
    "SeriesNumber": 801,
    "SliceThickness": 3,
    "SliceTiming": [
      0,
      1.027027,
      0.054054,
      1.081081,
      0.108108,
      1.13513,
      0.162162,
      1.189189,
      0.216216,
      1.243244,
      0.27027,
      1.297298,
      0.324324,
      1.351352,
      0.378378,
      1.405406,
      0.432432,
      1.45946,
      0.486486,
      1.513514,
      0.540541,
      1.567568,
      0.594595,
      1.621622,
      0.648649,
      1.675676,
      0.702703,
      1.72973,
      0.756757,
      1.783784,
      0.810811,
      1.837838,
      0.864865,
      1.891892,
      0.918919,
      1.945947,
      0.972973
    ],
    "SoftwareVersions": "5.3.1_5.3.1.0",
    "SpacingBetweenSlices": 3,
    "StationName": "PHILIPS-CTMFQSD",
    "TaskName": "epr",
    "UsePhilipsFloatNotDisplayScaling": 1,
    "dataset": "ds004144",
    "modality": "bold",
    "subject_id": "042",
    "task_id": "epr"
  },
  "dummy_trs": 0,
  "dvars_nstd": 32.062072115078,
  "dvars_std": 1.049301697010802,
  "dvars_vstd": 0.873440958379351,
  "efc": 0.43353514714360464,
  "fber": 96988.015625,
  "fd_mean": 0.2981532380162731,
  "fd_num": 414,
  "fd_perc": 49.64028776978417,
  "fwhm_avg": 2.013967777777778,
  "fwhm_x": 1.9900066666666667,
  "fwhm_y": 2.141183333333333,
  "fwhm_z": 1.9107133333333335,
  "gcor": 0.0825529,
  "gsr_x": -0.019750911742448807,
  "gsr_y": 0.020757999271154404,
  "provenance": {
    "md5sum": "52ee6169acd3c0b4c5a4b087e0c557d0",
    "settings": {
      "fd_thres": 0.2,
      "testing": false
    },
    "software": "mriqc",
    "version": "23.0.0",
    "webapi_port": null,
    "webapi_url": "https://mriqc.nimh.nih.gov/api/v1"
  },
  "size_t": 834,
  "size_x": 80,
  "size_y": 80,
  "size_z": 37,
  "snr": 5.19747539044643,
  "spacing_tr": 2.0000016689300537,
  "spacing_x": 3.0,
  "spacing_y": 3.0,
  "spacing_z": 3.0,
  "summary_bg_k": 87.72684738479852,
  "summary_bg_mad": 208.51668728214784,
  "summary_bg_mean": 1459.5877685546875,
  "summary_bg_median": 172.80197143554688,
  "summary_bg_n": 160049.0,
  "summary_bg_p05": 16.699787902832032,
  "summary_bg_p95": 7815.665234375008,
  "summary_bg_stdv": 3950.296142578125,
  "summary_fg_k": 1.9683691611999192,
  "summary_fg_mad": 9035.725012097308,
  "summary_fg_mean": 55519.84375,
  "summary_fg_median": 54902.421875,
  "summary_fg_n": 36195.0,
  "summary_fg_p05": 39208.23203125,
  "summary_fg_p95": 73564.55937499998,
  "summary_fg_stdv": 10563.140625,
  "tsnr": 26.916175842285156
}