{
  "bids_meta": {
    "AcquisitionMatrixPE": 240,
    "AcquisitionNumber": 5,
    "AcquisitionTime": "12:53:36.910000",
    "BodyPartExamined": "BRAIN",
    "CoilString": "MULTI_COIL",
    "ConversionSoftware": "dcm2niix",
    "ConversionSoftwareVersion": "v1.0.20190410  (JP2:OpenJPEG) GCC6.3.0",
    "Dcm2bidsVersion": "2.1.4",
    "DeviceSerialNumber": "42451",
    "EchoTime": 0.331,
    "EchoTrainLength": 117,
    "FlipAngle": 90,
    "ImageOrientationPatientDICOM": [
      0,
      1,
      0,
      -0.016096,
      0,
      -0.99987
    ],
    "ImageType": [
      "ORIGINAL",
      "PRIMARY",
      "M",
      "SE",
      "M",
      "SE"
    ],
    "ImagingFrequency": 127.759,
    "InPlanePhaseEncodingDirectionDICOM": "ROW",
    "InstitutionAddress": "Calzada_Mexico_Xochimilco_No.101_Tlalpan",
    "InstitutionName": "I.N._Psiquiatria",
    "InstitutionalDepartmentName": "Imagenes_Cerebrales",
    "MRAcquisitionType": "3D",
    "MagneticFieldStrength": 3,
    "Manufacturer": "Philips",
    "ManufacturersModelName": "Ingenia",
    "Modality": "MR",
    "PatientPosition": "HFS",
    "PercentPhaseFOV": 100,
    "PhaseEncodingSteps": 240,
    "PhilipsRescaleIntercept": 0,
    "PhilipsRescaleSlope": 1.35165,
    "PhilipsScaleSlope": 0.0037102,
    "PixelBandwidth": 413,
    "ProcedureStepDescription": "PROTOCOLO_FIBROMIALGIA",
    "ProtocolName": "WIP_T2W",
    "ReconMatrixPE": 240,
    "RepetitionTime": 2.5,
    "SAR": 0.030152,
    "ScanOptions": "FS",
    "ScanningSequence": "SE",
    "SequenceVariant": "SK",
    "SeriesDescription": "T2W",
    "SeriesNumber": 501,
    "SliceThickness": 1,
    "SoftwareVersions": "5.3.1_5.3.1.0",
    "SpacingBetweenSlices": 1,
    "StationName": "PHILIPS-CTMFQSD",
    "UsePhilipsFloatNotDisplayScaling": 1,
    "dataset": "ds004144",
    "modality": "T2w",
    "subject_id": "036"
  },
  "cjv": 0.24054460431941488,
  "cnr": 1.6569422952852584,
  "efc": 0.4912139980292597,
  "fber": -1.0,
  "fwhm_avg": 2.89003,
  "fwhm_x": 2.90646,
  "fwhm_y": 2.89055,
  "fwhm_z": 2.87308,
  "icvs_csf": 0.22583057424929281,
  "icvs_gm": 0.16919618225262364,
  "icvs_wm": 0.6049732434980836,
  "inu_med": 0.8178630769252777,
  "inu_range": 0.18327300250530243,
  "provenance": {
    "md5sum": "c7bfd966a228868ba2ae901d35c2464c",
    "settings": {
      "testing": false
    },
    "software": "mriqc",
    "version": "23.0.0",
    "warnings": {
      "large_rot_frame": true,
      "small_air_mask": false
    },
    "webapi_port": null,
    "webapi_url": "https://mriqc.nimh.nih.gov/api/v1"
  },
  "qi_1": 0.08956603615646136,
  "qi_2": 7.255173092198982e-06,
  "rpve_csf": 19.47497180483248,
  "rpve_gm": 38.09871619232809,
  "rpve_wm": 10.92138198146434,
  "size_x": 180,
  "size_y": 240,
  "size_z": 240,
  "snr_csf": 6.982900054912971,
  "snr_gm": 2.3641009791315373,
  "snr_total": 6.280574374806093,
  "snr_wm": 9.494722090373774,
  "snrd_csf": 73.09464638256038,
  "snrd_gm": 138.8437000757063,
  "snrd_total": 84.39966017679542,
  "snrd_wm": 41.26063407211957,
  "spacing_x": 1.0,
  "spacing_y": 1.0,
  "spacing_z": 1.0,
  "summary_bg_k": 173.31188447538597,
  "summary_bg_mad": 0.0,
  "summary_bg_mean": 4.787812301681428,
  "summary_bg_median": 0.0,
  "summary_bg_n": 1191819.0,
  "summary_bg_p05": 0.0,
  "summary_bg_p95": 29.147546127438545,
  "summary_bg_stdv": 15.880052953704356,
  "summary_csf_k": 0.9902894462595775,
  "summary_csf_mad": 237.05536973607758,
  "summary_csf_mean": 1799.2277463887654,
  "summary_csf_median": 1771.7636437043548,
  "summary_csf_n": 5196.0,
  "summary_csf_p05": 1441.6079022586346,
  "summary_csf_p95": 2249.6282913014293,
  "summary_csf_stdv": 253.70449648877957,
  "summary_gm_k": -1.025297042728978,
  "summary_gm_mad": 459.7379401753032,
  "summary_gm_mean": 2554.295389253474,
  "summary_gm_median": 3365.4752040803432,
  "summary_gm_n": 38598.0,
  "summary_gm_p05": 122.14825317263603,
  "summary_gm_p95": 3753.8387890286745,
  "summary_gm_stdv": 1423.5566234302692,
  "summary_wm_k": -0.2198620840779184,
  "summary_wm_mad": 109.23327465607454,
  "summary_wm_mean": 1001.7739048690701,
  "summary_wm_median": 1000.1292157918215,
  "summary_wm_n": 291127.0,
  "summary_wm_p05": 830.6727502793074,
  "summary_wm_p95": 1175.3376360833645,
  "summary_wm_stdv": 105.33509970964712,
  "tpm_overlap_csf": 0.13011777980308326,
  "tpm_overlap_gm": 0.11026735954171456,
  "tpm_overlap_wm": 0.4521588978356041,
  "wm2max": 0.2660992176081162
}