{
  "bids_meta": {
    "AcquisitionMatrixPE": 240,
    "AcquisitionNumber": 4,
    "AcquisitionTime": "12:49:56.780000",
    "BodyPartExamined": "BRAIN",
    "CoilString": "MULTI_COIL",
    "ConversionSoftware": "dcm2niix",
    "ConversionSoftwareVersion": "v1.0.20190410  (JP2:OpenJPEG) GCC6.3.0",
    "Dcm2bidsVersion": "2.1.4",
    "DeviceSerialNumber": "42451",
    "EchoTime": 0.0035,
    "EchoTrainLength": 240,
    "FlipAngle": 8,
    "ImageOrientationPatientDICOM": [
      0,
      1,
      0,
      -0.016096,
      0,
      -0.99987
    ],
    "ImageType": [
      "ORIGINAL",
      "PRIMARY",
      "M",
      "FFE",
      "M",
      "FFE"
    ],
    "ImagingFrequency": 127.759,
    "InPlanePhaseEncodingDirectionDICOM": "ROW",
    "InstitutionAddress": "Calzada_Mexico_Xochimilco_No.101_Tlalpan",
    "InstitutionName": "I.N._Psiquiatria",
    "InstitutionalDepartmentName": "Imagenes_Cerebrales",
    "MRAcquisitionType": "3D",
    "MagneticFieldStrength": 3,
    "Manufacturer": "Philips",
    "ManufacturersModelName": "Ingenia",
    "Modality": "MR",
    "PatientPosition": "HFS",
    "PercentPhaseFOV": 100,
    "PhaseEncodingSteps": 240,
    "PhilipsRescaleIntercept": 0,
    "PhilipsRescaleSlope": 48.5548,
    "PhilipsScaleSlope": 0.0061947,
    "PixelBandwidth": 310,
    "ProcedureStepDescription": "PROTOCOLO_FIBROMIALGIA",
    "ProtocolName": "WIP_T1W",
    "ReconMatrixPE": 240,
    "RepetitionTime": 0.007,
    "SAR": 0.0382114,
    "ScanOptions": "OTHER",
    "ScanningSequence": "GR",
    "SequenceVariant": "MP",
    "SeriesDescription": "T1W",
    "SeriesNumber": 401,
    "SliceThickness": 1,
    "SoftwareVersions": "5.3.1_5.3.1.0",
    "SpacingBetweenSlices": 1,
    "StationName": "PHILIPS-CTMFQSD",
    "UsePhilipsFloatNotDisplayScaling": 1,
    "dataset": "ds004144",
    "modality": "T1w",
    "subject_id": "036"
  },
  "cjv": 0.349523267893407,
  "cnr": 3.7947374623793126,
  "efc": 0.6997205548751322,
  "fber": -1.0,
  "fwhm_avg": 4.554713333333333,
  "fwhm_x": 4.41404,
  "fwhm_y": 4.84097,
  "fwhm_z": 4.40913,
  "icvs_csf": 0.22747324242115616,
  "icvs_gm": 0.4017158235679508,
  "icvs_wm": 0.37081093401089305,
  "inu_med": 0.41206203401088715,
  "inu_range": 0.14587949961423874,
  "provenance": {
    "md5sum": "b53a1843b566f1f6581a094dd1ce0d66",
    "settings": {
      "testing": false
    },
    "software": "mriqc",
    "version": "23.0.0",
    "warnings": {
      "large_rot_frame": true,
      "small_air_mask": false
    },
    "webapi_port": null,
    "webapi_url": "https://mriqc.nimh.nih.gov/api/v1"
  },
  "qi_1": 0.0,
  "qi_2": 5.5013229295134315e-05,
  "rpve_csf": 24.64074059014731,
  "rpve_gm": 13.98942711898214,
  "rpve_wm": 18.0403478644463,
  "size_x": 180,
  "size_y": 240,
  "size_z": 240,
  "snr_csf": 2.5169520355684525,
  "snr_gm": 13.386730383636646,
  "snr_total": 16.117155684294033,
  "snr_wm": 32.447784633677,
  "snrd_csf": 31.31295046707963,
  "snrd_gm": 81.13612709138837,
  "snrd_total": 73.30394363734895,
  "snrd_wm": 107.46275335357885,
  "spacing_x": 1.0,
  "spacing_y": 1.0,
  "spacing_z": 1.0,
  "summary_bg_k": 8.925697636420884,
  "summary_bg_mad": 0.0,
  "summary_bg_mean": 3.323557547350878,
  "summary_bg_median": 0.0,
  "summary_bg_n": 398597.0,
  "summary_bg_p05": 0.0,
  "summary_bg_p95": 16.76608808711171,
  "summary_bg_stdv": 6.096404331696168,
  "summary_csf_k": 0.7017142557613112,
  "summary_csf_mad": 90.11659294988777,
  "summary_csf_mean": 293.38435069463293,
  "summary_csf_median": 291.3842168832198,
  "summary_csf_n": 38722.0,
  "summary_csf_p05": 59.791892172116796,
  "summary_csf_p95": 484.0462273553944,
  "summary_csf_stdv": 115.7671859559501,
  "summary_gm_k": 0.1464677936297738,
  "summary_gm_mad": 56.012990116064074,
  "summary_gm_mean": 752.3046438972323,
  "summary_gm_median": 755.0162632651627,
  "summary_gm_n": 27452.0,
  "summary_gm_p05": 656.3528059498407,
  "summary_gm_p95": 839.8409191668034,
  "summary_gm_stdv": 56.399321561868774,
  "summary_wm_k": 0.36301096151996415,
  "summary_wm_mad": 29.61452348241665,
  "summary_wm_mean": 1000.1968911105613,
  "summary_wm_median": 999.9999924302101,
  "summary_wm_n": 194199.0,
  "summary_wm_p05": 949.9050904233009,
  "summary_wm_p95": 1051.0665140971541,
  "summary_wm_stdv": 30.81866540467861,
  "tpm_overlap_csf": 0.14483833133623197,
  "tpm_overlap_gm": 0.4585325263919859,
  "tpm_overlap_wm": 0.5208030908913786,
  "wm2max": 0.8017827055818251
}