{
  "aor": 0.0012838009592326138,
  "aqi": 0.024847802757793764,
  "bids_meta": {
    "AcquisitionMatrixPE": 78,
    "AcquisitionNumber": 8,
    "AcquisitionTime": "13:25:47.650000",
    "BodyPartExamined": "BRAIN",
    "CoilString": "MULTI_COIL",
    "ConversionSoftware": "dcm2niix",
    "ConversionSoftwareVersion": "v1.0.20190410  (JP2:OpenJPEG) GCC6.3.0",
    "Dcm2bidsVersion": "2.1.4",
    "DeviceSerialNumber": "42451",
    "EchoTime": 0.030001,
    "EchoTrainLength": 39,
    "FlipAngle": 75,
    "ImageOrientationPatientDICOM": [
      0.999993,
      0,
      -0.00362181,
      0,
      1,
      0
    ],
    "ImageType": [
      "ORIGINAL",
      "PRIMARY",
      "M",
      "FFE",
      "M",
      "FFE"
    ],
    "ImagingFrequency": 127.759,
    "InPlanePhaseEncodingDirectionDICOM": "COL",
    "InstitutionAddress": "Calzada_Mexico_Xochimilco_No.101_Tlalpan",
    "InstitutionName": "I.N._Psiquiatria",
    "InstitutionalDepartmentName": "Imagenes_Cerebrales",
    "MRAcquisitionType": "2D",
    "MagneticFieldStrength": 3,
    "Manufacturer": "Philips",
    "ManufacturersModelName": "Ingenia",
    "Modality": "MR",
    "PartialFourier": 0.5,
    "PatientPosition": "HFS",
    "PercentPhaseFOV": 100,
    "PhaseEncodingAxis": "j",
    "PhaseEncodingSteps": 78,
    "PhilipsRescaleIntercept": 0,
    "PhilipsRescaleSlope": 0.783883,
    "PhilipsScaleSlope": 0.0266404,
    "PixelBandwidth": 2071,
    "ProcedureStepDescription": "PROTOCOLO_FIBROMIALGIA",
    "ProtocolName": "WIP_TASK_FMRI",
    "ReconMatrixPE": 80,
    "RepetitionTime": 2,
    "SAR": 0.117749,
    "ScanOptions": "FS",
    "ScanningSequence": "GR",
    "SequenceVariant": "SK",
    "SeriesDescription": "TASK_FMRI",
    "SeriesNumber": 801,
    "SliceThickness": 3,
    "SliceTiming": [
      0,
      1.027027,
      0.054054,
      1.081081,
      0.108108,
      1.13513,
      0.162162,
      1.189189,
      0.216216,
      1.243244,
      0.27027,
      1.297298,
      0.324324,
      1.351352,
      0.378378,
      1.405406,
      0.432432,
      1.45946,
      0.486486,
      1.513514,
      0.540541,
      1.567568,
      0.594595,
      1.621622,
      0.648649,
      1.675676,
      0.702703,
      1.72973,
      0.756757,
      1.783784,
      0.810811,
      1.837838,
      0.864865,
      1.891892,
      0.918919,
      1.945947,
      0.972973
    ],
    "SoftwareVersions": "5.3.1_5.3.1.0",
    "SpacingBetweenSlices": 3,
    "StationName": "PHILIPS-CTMFQSD",
    "TaskName": "epr",
    "UsePhilipsFloatNotDisplayScaling": 1,
    "dataset": "ds004144",
    "modality": "bold",
    "subject_id": "020",
    "task_id": "epr"
  },
  "dummy_trs": 0,
  "dvars_nstd": 41.820663076602635,
  "dvars_std": 1.1380966618127248,
  "dvars_vstd": 0.9341841638055219,
  "efc": 0.4046795516120004,
  "fber": 133694.265625,
  "fd_mean": 0.4642621007001495,
  "fd_num": 647,
  "fd_perc": 77.5779376498801,
  "fwhm_avg": 2.021541111111111,
  "fwhm_x": 1.9414033333333334,
  "fwhm_y": 2.22897,
  "fwhm_z": 1.8942500000000002,
  "gcor": 0.106948,
  "gsr_x": -0.01789756678044796,
  "gsr_y": 0.011879117228090763,
  "provenance": {
    "md5sum": "81cf2f201f07232709c528280118fb1d",
    "settings": {
      "fd_thres": 0.2,
      "testing": false
    },
    "software": "mriqc",
    "version": "23.0.0",
    "webapi_port": null,
    "webapi_url": "https://mriqc.nimh.nih.gov/api/v1"
  },
  "size_t": 834,
  "size_x": 80,
  "size_y": 80,
  "size_z": 37,
  "snr": 4.577022681868612,
  "spacing_tr": 2.0000016689300537,
  "spacing_x": 3.0,
  "spacing_y": 3.0,
  "spacing_z": 3.0,
  "summary_bg_k": 98.62503813175017,
  "summary_bg_mad": 150.65572412359936,
  "summary_bg_mean": 977.3012084960938,
  "summary_bg_median": 134.72779846191406,
  "summary_bg_n": 163663.0,
  "summary_bg_p05": 12.406093788146974,
  "summary_bg_p95": 4670.665917968748,
  "summary_bg_stdv": 2922.0009765625,
  "summary_fg_k": 3.248542814450148,
  "summary_fg_mad": 8769.024563798865,
  "summary_fg_mean": 51329.0859375,
  "summary_fg_median": 50515.5390625,
  "summary_fg_n": 33087.0,
  "summary_fg_p05": 35102.11015625,
  "summary_fg_p95": 69589.1890625,
  "summary_fg_stdv": 11036.6015625,
  "tsnr": 26.395305633544922
}