{
  "aor": 0.008279304556354916,
  "aqi": 0.06261084568345324,
  "bids_meta": {
    "AcquisitionMatrixPE": 78,
    "AcquisitionNumber": 10,
    "AcquisitionTime": "12:22:5.000000",
    "BodyPartExamined": "BRAIN",
    "CoilString": "MULTI_COIL",
    "ConversionSoftware": "dcm2niix",
    "ConversionSoftwareVersion": "v1.0.20190410  (JP2:OpenJPEG) GCC6.3.0",
    "Dcm2bidsVersion": "2.1.4",
    "DeviceSerialNumber": "42451",
    "EchoTime": 0.030001,
    "EchoTrainLength": 39,
    "FlipAngle": 75,
    "ImageOrientationPatientDICOM": [
      0.999993,
      0,
      -0.00362181,
      0,
      1,
      0
    ],
    "ImageType": [
      "ORIGINAL",
      "PRIMARY",
      "M",
      "FFE",
      "M",
      "FFE"
    ],
    "ImagingFrequency": 127.759,
    "InPlanePhaseEncodingDirectionDICOM": "COL",
    "InstitutionAddress": "Calzada_Mexico_Xochimilco_No.101_Tlalpan",
    "InstitutionName": "I.N._Psiquiatria",
    "InstitutionalDepartmentName": "Imagenes_Cerebrales",
    "MRAcquisitionType": "2D",
    "MagneticFieldStrength": 3,
    "Manufacturer": "Philips",
    "ManufacturersModelName": "Ingenia",
    "Modality": "MR",
    "PartialFourier": 0.5,
    "PatientPosition": "HFS",
    "PercentPhaseFOV": 100,
    "PhaseEncodingAxis": "j",
    "PhaseEncodingSteps": 78,
    "PhilipsRescaleIntercept": 0,
    "PhilipsRescaleSlope": 0.867155,
    "PhilipsScaleSlope": 0.030764,
    "PixelBandwidth": 2071,
    "ProcedureStepDescription": "PROTOCOLO_FIBROMIALGIA",
    "ProtocolName": "WIP_TASK_FMRI",
    "ReconMatrixPE": 80,
    "RepetitionTime": 2,
    "SAR": 0.117749,
    "ScanOptions": "FS",
    "ScanningSequence": "GR",
    "SequenceVariant": "SK",
    "SeriesDescription": "TASK_FMRI",
    "SeriesNumber": 1001,
    "SliceThickness": 3,
    "SliceTiming": [
      0,
      1.027027,
      0.054054,
      1.081081,
      0.108108,
      1.13513,
      0.162162,
      1.189189,
      0.216216,
      1.243244,
      0.27027,
      1.297298,
      0.324324,
      1.351352,
      0.378378,
      1.405406,
      0.432432,
      1.45946,
      0.486486,
      1.513514,
      0.540541,
      1.567568,
      0.594595,
      1.621622,
      0.648649,
      1.675676,
      0.702703,
      1.72973,
      0.756757,
      1.783784,
      0.810811,
      1.837838,
      0.864865,
      1.891892,
      0.918919,
      1.945947,
      0.972973
    ],
    "SoftwareVersions": "5.3.1_5.3.1.0",
    "SpacingBetweenSlices": 3,
    "StationName": "PHILIPS-CTMFQSD",
    "TaskName": "epr",
    "UsePhilipsFloatNotDisplayScaling": 1,
    "dataset": "ds004144",
    "modality": "bold",
    "subject_id": "012",
    "task_id": "epr"
  },
  "dummy_trs": 0,
  "dvars_nstd": 46.97340624321728,
  "dvars_std": 0.9564860512364951,
  "dvars_vstd": 0.8958028093637458,
  "efc": 0.38875324100307856,
  "fber": 154388.3125,
  "fd_mean": 0.8485495070573239,
  "fd_num": 606,
  "fd_perc": 72.66187050359713,
  "fwhm_avg": 2.09823,
  "fwhm_x": 2.025463333333333,
  "fwhm_y": 2.2187933333333336,
  "fwhm_z": 2.0504333333333333,
  "gcor": 0.0893019,
  "gsr_x": -0.002411618595942855,
  "gsr_y": 0.010830025188624859,
  "provenance": {
    "md5sum": "b76b06a2914b08cced362d03c1f6f1e8",
    "settings": {
      "fd_thres": 0.2,
      "testing": false
    },
    "software": "mriqc",
    "version": "23.0.0",
    "webapi_port": null,
    "webapi_url": "https://mriqc.nimh.nih.gov/api/v1"
  },
  "size_t": 834,
  "size_x": 80,
  "size_y": 80,
  "size_z": 37,
  "snr": 5.544369693586319,
  "spacing_tr": 2.0000016689300537,
  "spacing_x": 3.0,
  "spacing_y": 3.0,
  "spacing_z": 3.0,
  "summary_bg_k": 176.70057968439545,
  "summary_bg_mad": 148.41656743057868,
  "summary_bg_mean": 976.7665405273438,
  "summary_bg_median": 139.36700439453125,
  "summary_bg_n": 167419.0,
  "summary_bg_p05": 22.17695426940918,
  "summary_bg_p95": 4643.960400390625,
  "summary_bg_stdv": 2973.979248046875,
  "summary_fg_k": 2.240904427862753,
  "summary_fg_mad": 8295.58797724263,
  "summary_fg_mean": 55835.37109375,
  "summary_fg_median": 55349.8203125,
  "summary_fg_n": 30470.0,
  "summary_fg_p05": 40756.676171875,
  "summary_fg_p95": 72731.30117187499,
  "summary_fg_stdv": 9982.904296875,
  "tsnr": 19.362781524658203
}