{
  "bids_meta": {
    "AcquisitionMatrixPE": 240,
    "AcquisitionNumber": 4,
    "AcquisitionTime": "11:59:9.170000",
    "BodyPartExamined": "BRAIN",
    "CoilString": "MULTI_COIL",
    "ConversionSoftware": "dcm2niix",
    "ConversionSoftwareVersion": "v1.0.20190410  (JP2:OpenJPEG) GCC6.3.0",
    "Dcm2bidsVersion": "2.1.4",
    "DeviceSerialNumber": "42451",
    "EchoTime": 0.0035,
    "EchoTrainLength": 240,
    "FlipAngle": 8,
    "ImageOrientationPatientDICOM": [
      0,
      1,
      0,
      0.000546584,
      0,
      -1
    ],
    "ImageType": [
      "ORIGINAL",
      "PRIMARY",
      "M",
      "FFE",
      "M",
      "FFE"
    ],
    "ImagingFrequency": 127.759,
    "InPlanePhaseEncodingDirectionDICOM": "ROW",
    "InstitutionAddress": "Calzada_Mexico_Xochimilco_No.101_Tlalpan",
    "InstitutionName": "I.N._Psiquiatria",
    "InstitutionalDepartmentName": "Imagenes_Cerebrales",
    "MRAcquisitionType": "3D",
    "MagneticFieldStrength": 3,
    "Manufacturer": "Philips",
    "ManufacturersModelName": "Ingenia",
    "Modality": "MR",
    "PatientPosition": "HFS",
    "PercentPhaseFOV": 100,
    "PhaseEncodingSteps": 240,
    "PhilipsRescaleIntercept": 0,
    "PhilipsRescaleSlope": 3.5072,
    "PhilipsScaleSlope": 0.00607278,
    "PixelBandwidth": 310,
    "ProcedureStepDescription": "PROTOCOLO_FIBROMIALGIA",
    "ProtocolName": "WIP_T1W",
    "ReconMatrixPE": 240,
    "RepetitionTime": 0.007,
    "SAR": 0.0382114,
    "ScanOptions": "OTHER",
    "ScanningSequence": "GR",
    "SequenceVariant": "MP",
    "SeriesDescription": "T1W",
    "SeriesNumber": 401,
    "SliceThickness": 1,
    "SoftwareVersions": "5.3.1_5.3.1.0",
    "SpacingBetweenSlices": 1,
    "StationName": "PHILIPS-CTMFQSD",
    "UsePhilipsFloatNotDisplayScaling": 1,
    "dataset": "ds004144",
    "modality": "T1w",
    "subject_id": "046"
  },
  "cjv": 0.36366795795437384,
  "cnr": 3.6405076666592144,
  "efc": 0.6879260488702142,
  "fber": -1.0,
  "fwhm_avg": 4.663889999999999,
  "fwhm_x": 4.48279,
  "fwhm_y": 5.1093,
  "fwhm_z": 4.39958,
  "icvs_csf": 0.1970260011454557,
  "icvs_gm": 0.4045762295665702,
  "icvs_wm": 0.3983977692879741,
  "inu_med": 0.36425919830799103,
  "inu_range": 0.14092499911785122,
  "provenance": {
    "md5sum": "e8d8a5a6a3af49808861d9bcc0979302",
    "settings": {
      "testing": false
    },
    "software": "mriqc",
    "version": "23.0.0",
    "warnings": {
      "large_rot_frame": true,
      "small_air_mask": false
    },
    "webapi_port": null,
    "webapi_url": "https://mriqc.nimh.nih.gov/api/v1"
  },
  "qi_1": 0.019079206817067602,
  "qi_2": 8.107773621900507e-05,
  "rpve_csf": 26.315321182218206,
  "rpve_gm": 13.27360619090348,
  "rpve_wm": 15.934292353006695,
  "size_x": 180,
  "size_y": 240,
  "size_z": 240,
  "snr_csf": 2.3477741679552233,
  "snr_gm": 12.908622753451805,
  "snr_total": 15.040168629516339,
  "snr_wm": 29.864108967141984,
  "snrd_csf": 33.95083683580826,
  "snrd_gm": 83.35035554140885,
  "snrd_total": 75.95054466450202,
  "snrd_wm": 110.55044161628896,
  "spacing_x": 1.0,
  "spacing_y": 1.0,
  "spacing_z": 1.0,
  "summary_bg_k": 11.924128425996791,
  "summary_bg_mad": 0.0,
  "summary_bg_mean": 2.684323786234063,
  "summary_bg_median": 0.0,
  "summary_bg_n": 462156.0,
  "summary_bg_p05": 0.0,
  "summary_bg_p95": 15.28405062109232,
  "summary_bg_stdv": 5.926131096653837,
  "summary_csf_k": -0.07062886086649733,
  "summary_csf_mad": 124.43709322419592,
  "summary_csf_mean": 309.9430231720288,
  "summary_csf_median": 307.1072068810463,
  "summary_csf_n": 32729.0,
  "summary_csf_p05": 85.31019856780767,
  "summary_csf_p95": 532.5172411575913,
  "summary_csf_stdv": 130.80581572487117,
  "summary_gm_k": 0.14283038231459377,
  "summary_gm_mad": 57.65479595434282,
  "summary_gm_mean": 755.1658640729471,
  "summary_gm_median": 753.95770085603,
  "summary_gm_n": 37184.0,
  "summary_gm_p05": 661.1397769559175,
  "summary_gm_p95": 852.8642866015434,
  "summary_gm_stdv": 58.4065067968368,
  "summary_wm_k": 0.5391058404567657,
  "summary_wm_mad": 31.822909991914162,
  "summary_wm_mean": 1001.6295655149277,
  "summary_wm_median": 1000.000014975667,
  "summary_wm_n": 241139.0,
  "summary_wm_p05": 949.7979700118303,
  "summary_wm_p95": 1059.258394755423,
  "summary_wm_stdv": 33.4849414921722,
  "tpm_overlap_csf": 0.1311476678997922,
  "tpm_overlap_gm": 0.4520789926808553,
  "tpm_overlap_wm": 0.5139060413115779,
  "wm2max": 0.850534734543634
}