{
  "aor": 0.0028566067146282973,
  "aqi": 0.02358031378896883,
  "bids_meta": {
    "AcquisitionMatrixPE": 78,
    "AcquisitionNumber": 12,
    "AcquisitionTime": "13:58:57.660000",
    "BodyPartExamined": "BRAIN",
    "CoilString": "MULTI_COIL",
    "ConversionSoftware": "dcm2niix",
    "ConversionSoftwareVersion": "v1.0.20190410  (JP2:OpenJPEG) GCC6.3.0",
    "Dcm2bidsVersion": "2.1.4",
    "DeviceSerialNumber": "42451",
    "EchoTime": 0.030001,
    "EchoTrainLength": 39,
    "FlipAngle": 75,
    "ImageOrientationPatientDICOM": [
      0.999993,
      0,
      -0.00362181,
      0,
      1,
      0
    ],
    "ImageType": [
      "ORIGINAL",
      "PRIMARY",
      "M",
      "FFE",
      "M",
      "FFE"
    ],
    "ImagingFrequency": 127.759,
    "InPlanePhaseEncodingDirectionDICOM": "COL",
    "InstitutionAddress": "Calzada_Mexico_Xochimilco_No.101_Tlalpan",
    "InstitutionName": "I.N._Psiquiatria",
    "InstitutionalDepartmentName": "Imagenes_Cerebrales",
    "MRAcquisitionType": "2D",
    "MagneticFieldStrength": 3,
    "Manufacturer": "Philips",
    "ManufacturersModelName": "Ingenia",
    "Modality": "MR",
    "PartialFourier": 0.5,
    "PatientPosition": "HFS",
    "PercentPhaseFOV": 100,
    "PhaseEncodingAxis": "j",
    "PhaseEncodingSteps": 78,
    "PhilipsRescaleIntercept": 0,
    "PhilipsRescaleSlope": 0.755556,
    "PhilipsScaleSlope": 0.0281803,
    "PixelBandwidth": 2071,
    "ProcedureStepDescription": "FIBROMIALGIA",
    "ProtocolName": "WIP_TASK_FMRI",
    "ReconMatrixPE": 80,
    "RepetitionTime": 2,
    "SAR": 0.117749,
    "ScanOptions": "FS",
    "ScanningSequence": "GR",
    "SequenceVariant": "SK",
    "SeriesDescription": "TASK_FMRI",
    "SeriesNumber": 1201,
    "SliceThickness": 3,
    "SliceTiming": [
      0,
      1.027027,
      0.054054,
      1.081081,
      0.108108,
      1.13513,
      0.162162,
      1.189189,
      0.216216,
      1.243244,
      0.27027,
      1.297298,
      0.324324,
      1.351352,
      0.378378,
      1.405406,
      0.432432,
      1.45946,
      0.486486,
      1.513514,
      0.540541,
      1.567568,
      0.594595,
      1.621622,
      0.648649,
      1.675676,
      0.702703,
      1.72973,
      0.756757,
      1.783784,
      0.810811,
      1.837838,
      0.864865,
      1.891892,
      0.918919,
      1.945947,
      0.972973
    ],
    "SoftwareVersions": "5.3.1_5.3.1.0",
    "SpacingBetweenSlices": 3,
    "StationName": "PHILIPS-CTMFQSD",
    "TaskName": "epr",
    "UsePhilipsFloatNotDisplayScaling": 1,
    "dataset": "ds004144",
    "modality": "bold",
    "subject_id": "010",
    "task_id": "epr"
  },
  "dummy_trs": 0,
  "dvars_nstd": 32.11310690737086,
  "dvars_std": 1.08262564420168,
  "dvars_vstd": 0.9466720969507804,
  "efc": 0.39138352389458675,
  "fber": 118240.0546875,
  "fd_mean": 0.33247305491832113,
  "fd_num": 394,
  "fd_perc": 47.24220623501199,
  "fwhm_avg": 1.9917588888888889,
  "fwhm_x": 1.93176,
  "fwhm_y": 2.169986666666667,
  "fwhm_z": 1.87353,
  "gcor": 0.0718066,
  "gsr_x": -0.02198077365756035,
  "gsr_y": 0.013251240365207195,
  "provenance": {
    "md5sum": "0a28f6ab71a74a93765134127f001645",
    "settings": {
      "fd_thres": 0.2,
      "testing": false
    },
    "software": "mriqc",
    "version": "23.0.0",
    "webapi_port": null,
    "webapi_url": "https://mriqc.nimh.nih.gov/api/v1"
  },
  "size_t": 834,
  "size_x": 80,
  "size_y": 80,
  "size_z": 37,
  "snr": 5.1189957517119975,
  "spacing_tr": 2.0000016689300537,
  "spacing_x": 3.0,
  "spacing_y": 3.0,
  "spacing_z": 3.0,
  "summary_bg_k": 54.396678542645084,
  "summary_bg_mad": 179.07207058143092,
  "summary_bg_mean": 1200.7027587890625,
  "summary_bg_median": 151.5910186767578,
  "summary_bg_n": 168749.0,
  "summary_bg_p05": 13.936384773254394,
  "summary_bg_p95": 6169.291015625001,
  "summary_bg_stdv": 3303.998046875,
  "summary_fg_k": 2.022396313385948,
  "summary_fg_mad": 8671.775124528762,
  "summary_fg_mean": 53127.20703125,
  "summary_fg_median": 52911.41015625,
  "summary_fg_n": 28751.0,
  "summary_fg_p05": 36225.970703125,
  "summary_fg_p95": 69947.765625,
  "summary_fg_stdv": 10336.107421875,
  "tsnr": 26.645170211791992
}