{
  "bids_meta": {
    "AcquisitionMatrixPE": 240,
    "AcquisitionNumber": 4,
    "AcquisitionTime": "10:08:19.000000",
    "BodyPartExamined": "BRAIN",
    "CoilString": "MULTI_COIL",
    "ConversionSoftware": "dcm2niix",
    "ConversionSoftwareVersion": "v1.0.20190410  (JP2:OpenJPEG) GCC6.3.0",
    "Dcm2bidsVersion": "2.1.4",
    "DeviceSerialNumber": "42451",
    "EchoTime": 0.0035,
    "EchoTrainLength": 240,
    "FlipAngle": 8,
    "ImageOrientationPatientDICOM": [
      -0.0235986,
      0.999722,
      7.26841e-13,
      -0.0036208,
      -8.54698e-05,
      -0.999993
    ],
    "ImageType": [
      "ORIGINAL",
      "PRIMARY",
      "M",
      "FFE",
      "M",
      "FFE"
    ],
    "ImagingFrequency": 127.759,
    "InPlanePhaseEncodingDirectionDICOM": "ROW",
    "InstitutionAddress": "Calzada_Mexico_Xochimilco_No.101_Tlalpan",
    "InstitutionName": "I.N._Psiquiatria",
    "InstitutionalDepartmentName": "Imagenes_Cerebrales",
    "MRAcquisitionType": "3D",
    "MagneticFieldStrength": 3,
    "Manufacturer": "Philips",
    "ManufacturersModelName": "Ingenia",
    "Modality": "MR",
    "PatientPosition": "HFS",
    "PercentPhaseFOV": 100,
    "PhaseEncodingSteps": 240,
    "PhilipsRescaleIntercept": 0,
    "PhilipsRescaleSlope": 3.62247,
    "PhilipsScaleSlope": 0.00554691,
    "PixelBandwidth": 310,
    "ProcedureStepDescription": "PROTOCOLO_FIBROMIALGIA",
    "ProtocolName": "WIP_T1W",
    "ReconMatrixPE": 240,
    "RepetitionTime": 0.007,
    "SAR": 0.0382114,
    "ScanOptions": "OTHER",
    "ScanningSequence": "GR",
    "SequenceVariant": "MP",
    "SeriesDescription": "T1W",
    "SeriesNumber": 401,
    "SliceThickness": 1,
    "SoftwareVersions": "5.3.1_5.3.1.0",
    "SpacingBetweenSlices": 1,
    "StationName": "PHILIPS-CTMFQSD",
    "UsePhilipsFloatNotDisplayScaling": 1,
    "dataset": "ds004144",
    "modality": "T1w",
    "subject_id": "058"
  },
  "cjv": 0.3531012129070672,
  "cnr": 3.7757483821406095,
  "efc": 0.702340087582857,
  "fber": -1.0,
  "fwhm_avg": 4.674803333333333,
  "fwhm_x": 4.59524,
  "fwhm_y": 4.88308,
  "fwhm_z": 4.54609,
  "icvs_csf": 0.2264276428538107,
  "icvs_gm": 0.39010786096375316,
  "icvs_wm": 0.3834644961824361,
  "inu_med": 0.4021681994199753,
  "inu_range": 0.1589539274573326,
  "provenance": {
    "md5sum": "980ffa56ae85681af0b6481276adb5ad",
    "settings": {
      "testing": false
    },
    "software": "mriqc",
    "version": "23.0.0",
    "warnings": {
      "large_rot_frame": true,
      "small_air_mask": false
    },
    "webapi_port": null,
    "webapi_url": "https://mriqc.nimh.nih.gov/api/v1"
  },
  "qi_1": 5.098448280376073e-05,
  "qi_2": 7.431474811409358e-05,
  "rpve_csf": 21.39654867863518,
  "rpve_gm": 12.128245572183234,
  "rpve_wm": 14.763053510894842,
  "size_x": 180,
  "size_y": 240,
  "size_z": 240,
  "snr_csf": 2.7423192814234527,
  "snr_gm": 14.319265031922377,
  "snr_total": 15.883061799018163,
  "snr_wm": 30.587601083708655,
  "snrd_csf": 49.384467380855426,
  "snrd_gm": 123.85901818935314,
  "snrd_total": 111.83105946732464,
  "snrd_wm": 162.24969283176537,
  "spacing_x": 1.0,
  "spacing_y": 1.0,
  "spacing_z": 1.0,
  "summary_bg_k": 41.44989940264956,
  "summary_bg_mad": 0.0,
  "summary_bg_mean": 1.16677239570397,
  "summary_bg_median": 0.0,
  "summary_bg_n": 385057.0,
  "summary_bg_p05": 0.0,
  "summary_bg_p95": 9.043462358415127,
  "summary_bg_stdv": 4.037828178543785,
  "summary_csf_k": 0.45867469080156464,
  "summary_csf_mad": 95.62270407558526,
  "summary_csf_mean": 312.36480048534406,
  "summary_csf_median": 304.37324803322554,
  "summary_csf_n": 54050.0,
  "summary_csf_p05": 109.81395355593413,
  "summary_csf_p95": 502.914365489222,
  "summary_csf_stdv": 110.99015144527363,
  "summary_gm_k": 0.24632202476226572,
  "summary_gm_mad": 52.797607447384536,
  "summary_gm_mean": 763.2713953048227,
  "summary_gm_median": 763.3852031603456,
  "summary_gm_n": 23039.0,
  "summary_gm_p05": 676.8401682373136,
  "summary_gm_p95": 850.3801615837962,
  "summary_gm_stdv": 53.31060176905286,
  "summary_wm_k": 0.7793600084713947,
  "summary_wm_mad": 30.751354432399584,
  "summary_wm_mean": 1000.322189755624,
  "summary_wm_median": 999.9999720305204,
  "summary_wm_n": 237638.0,
  "summary_wm_p05": 947.7638536319137,
  "summary_wm_p95": 1053.9457997307181,
  "summary_wm_stdv": 32.6929158403461,
  "tpm_overlap_csf": 0.1437241873764028,
  "tpm_overlap_gm": 0.44525269053931044,
  "tpm_overlap_wm": 0.5126462751326682,
  "wm2max": 0.88648691767709
}