{
  "aor": 0.0009728057553956834,
  "aqi": 0.02310444712230216,
  "bids_meta": {
    "AcquisitionDateTime": "2019-09-06T13:11:36.265625",
    "ConversionSoftware": "dcm2niix",
    "ConversionSoftwareVersion": "v1.0.20170130",
    "EchoTime": 0.030001,
    "FlipAngle": 75,
    "ImageType": [
      "ORIGINAL",
      "PRIMARY",
      "M",
      "FFE",
      "M",
      "FFE"
    ],
    "MagneticFieldStrength": 3,
    "Manufacturer": "Philips",
    "ManufacturersModelName": "Ingenia",
    "ProcedureStepDescription": "FIBROMIALGIA",
    "ProtocolName": "WIP_TASK_FMRI",
    "RepetitionTime": 2,
    "SliceTiming": [
      0.0,
      1.027027,
      0.054054,
      1.081081,
      0.108108,
      1.13513,
      0.162162,
      1.189189,
      0.216216,
      1.243244,
      0.27027,
      1.297298,
      0.324324,
      1.351352,
      0.378378,
      1.405406,
      0.432432,
      1.45946,
      0.486486,
      1.513514,
      0.540541,
      1.567568,
      0.594595,
      1.621622,
      0.648649,
      1.675676,
      0.702703,
      1.72973,
      0.756757,
      1.783784,
      0.810811,
      1.837838,
      0.864865,
      1.891892,
      0.918919,
      1.945947,
      0.972973
    ],
    "TaskName": "epr",
    "dataset": "ds004144",
    "modality": "bold",
    "subject_id": "074",
    "task_id": "epr"
  },
  "dummy_trs": 0,
  "dvars_nstd": 33.719683634597814,
  "dvars_std": 1.1783755504201683,
  "dvars_vstd": 0.924459317539015,
  "efc": 0.40019378370098396,
  "fber": 98326.5234375,
  "fd_mean": 0.12637393244657752,
  "fd_num": 78,
  "fd_perc": 9.352517985611511,
  "fwhm_avg": 1.9895311111111111,
  "fwhm_x": 1.92169,
  "fwhm_y": 2.0609433333333333,
  "fwhm_z": 1.9859600000000002,
  "gcor": 0.07507,
  "gsr_x": -0.01359723974019289,
  "gsr_y": 0.018529169261455536,
  "provenance": {
    "md5sum": "23f07c2f29d48842aa0da85607341679",
    "settings": {
      "fd_thres": 0.2,
      "testing": false
    },
    "software": "mriqc",
    "version": "23.0.0",
    "webapi_port": null,
    "webapi_url": "https://mriqc.nimh.nih.gov/api/v1"
  },
  "size_t": 834,
  "size_x": 80,
  "size_y": 80,
  "size_z": 37,
  "snr": 4.694218064948134,
  "spacing_tr": 2.0000016689300537,
  "spacing_x": 3.0,
  "spacing_y": 3.0,
  "spacing_z": 3.0,
  "summary_bg_k": 167.11577327195891,
  "summary_bg_mad": 212.13227496661227,
  "summary_bg_mean": 1185.705810546875,
  "summary_bg_median": 189.78961181640625,
  "summary_bg_n": 165310.0,
  "summary_bg_p05": 22.573311328887943,
  "summary_bg_p95": 5528.991308593746,
  "summary_bg_stdv": 3614.494384765625,
  "summary_fg_k": 2.9073376613303967,
  "summary_fg_mad": 9889.82550966977,
  "summary_fg_mean": 60852.27734375,
  "summary_fg_median": 59676.0703125,
  "summary_fg_n": 32292.0,
  "summary_fg_p05": 42690.015234375,
  "summary_fg_p95": 83720.68281249999,
  "summary_fg_stdv": 12712.478515625,
  "tsnr": 29.929468154907227
}