{
  "aor": 0.0011498,
  "aqi": 0.0180363712,
  "bids_meta": {
    "AcquisitionDateTime": "2019-09-06T12:32:10.140625",
    "ConversionSoftware": "dcm2niix",
    "ConversionSoftwareVersion": "v1.0.20170130",
    "EchoTime": 0.030001,
    "FlipAngle": 75,
    "ImageType": [
      "ORIGINAL",
      "PRIMARY",
      "M",
      "FFE",
      "M",
      "FFE"
    ],
    "MagneticFieldStrength": 3,
    "Manufacturer": "Philips",
    "ManufacturersModelName": "Ingenia",
    "ProcedureStepDescription": "FIBROMIALGIA",
    "ProtocolName": "WIP_RESTING_STATE_10m",
    "RepetitionTime": 2,
    "SliceTiming": [
      0.0,
      1.027027,
      0.054054,
      1.081081,
      0.108108,
      1.13513,
      0.162162,
      1.189189,
      0.216216,
      1.243244,
      0.27027,
      1.297298,
      0.324324,
      1.351352,
      0.378378,
      1.405406,
      0.432432,
      1.45946,
      0.486486,
      1.513514,
      0.540541,
      1.567568,
      0.594595,
      1.621622,
      0.648649,
      1.675676,
      0.702703,
      1.72973,
      0.756757,
      1.783784,
      0.810811,
      1.837838,
      0.864865,
      1.891892,
      0.918919,
      1.945947,
      0.972973
    ],
    "TaskName": "rest",
    "dataset": "ds004144",
    "modality": "bold",
    "subject_id": "074",
    "task_id": "rest"
  },
  "dummy_trs": 0,
  "dvars_nstd": 34.505961714581936,
  "dvars_std": 1.134089509364548,
  "dvars_vstd": 0.9392947391973246,
  "efc": 0.3973894946106047,
  "fber": 165206.515625,
  "fd_mean": 0.14878164739749028,
  "fd_num": 77,
  "fd_perc": 25.666666666666668,
  "fwhm_avg": 1.944818940069591,
  "fwhm_x": 1.88839,
  "fwhm_y": 2.01406,
  "fwhm_z": 1.9320068202087737,
  "gcor": 0.034597,
  "gsr_x": -0.012755163013935089,
  "gsr_y": 0.015846671536564827,
  "provenance": {
    "md5sum": "c2018053fc5532703ae12e857274c786",
    "settings": {
      "fd_thres": 0.2,
      "testing": false
    },
    "software": "mriqc",
    "version": "23.0.0",
    "webapi_port": null,
    "webapi_url": "https://mriqc.nimh.nih.gov/api/v1"
  },
  "size_t": 300,
  "size_x": 80,
  "size_y": 80,
  "size_z": 37,
  "snr": 4.846418709805113,
  "spacing_tr": 2.0000016689300537,
  "spacing_x": 3.0,
  "spacing_y": 3.0,
  "spacing_z": 2.999999761581421,
  "summary_bg_k": 189.91726598883946,
  "summary_bg_mad": 151.74432349041965,
  "summary_bg_mean": 1050.0806884765625,
  "summary_bg_median": 137.5155029296875,
  "summary_bg_n": 165249.0,
  "summary_bg_p05": 15.711883163452148,
  "summary_bg_p95": 4904.851171875008,
  "summary_bg_stdv": 3412.279052734375,
  "summary_fg_k": 2.96669391046845,
  "summary_fg_mad": 9030.379536129805,
  "summary_fg_mean": 58464.99609375,
  "summary_fg_median": 57235.140625,
  "summary_fg_n": 32315.0,
  "summary_fg_p05": 42018.20859375,
  "summary_fg_p95": 80028.47421875,
  "summary_fg_stdv": 11809.59765625,
  "tsnr": 41.59309768676758
}