{
  "bids_meta": {
    "AcquisitionMatrixPE": 240,
    "AcquisitionNumber": 4,
    "AcquisitionTime": "10:10:50.960000",
    "BodyPartExamined": "BRAIN",
    "CoilString": "MULTI_COIL",
    "ConversionSoftware": "dcm2niix",
    "ConversionSoftwareVersion": "v1.0.20190410  (JP2:OpenJPEG) GCC6.3.0",
    "Dcm2bidsVersion": "2.1.4",
    "DeviceSerialNumber": "42451",
    "EchoTime": 0.0035,
    "EchoTrainLength": 240,
    "FlipAngle": 8,
    "ImageOrientationPatientDICOM": [
      0,
      1,
      0,
      0.0224451,
      0,
      -0.999748
    ],
    "ImageType": [
      "ORIGINAL",
      "PRIMARY",
      "M",
      "FFE",
      "M",
      "FFE"
    ],
    "ImagingFrequency": 127.759,
    "InPlanePhaseEncodingDirectionDICOM": "ROW",
    "InstitutionAddress": "Calzada_Mexico_Xochimilco_No.101_Tlalpan",
    "InstitutionName": "I.N._Psiquiatria",
    "InstitutionalDepartmentName": "Imagenes_Cerebrales",
    "MRAcquisitionType": "3D",
    "MagneticFieldStrength": 3,
    "Manufacturer": "Philips",
    "ManufacturersModelName": "Ingenia",
    "Modality": "MR",
    "PatientPosition": "HFS",
    "PercentPhaseFOV": 100,
    "PhaseEncodingSteps": 240,
    "PhilipsRescaleIntercept": 0,
    "PhilipsRescaleSlope": 101.998,
    "PhilipsScaleSlope": 0.00541282,
    "PixelBandwidth": 310,
    "ProcedureStepDescription": "PROTOCOLO_FIBROMIALGIA",
    "ProtocolName": "WIP_T1W",
    "ReconMatrixPE": 240,
    "RepetitionTime": 0.007,
    "SAR": 0.0382114,
    "ScanOptions": "OTHER",
    "ScanningSequence": "GR",
    "SequenceVariant": "MP",
    "SeriesDescription": "T1W",
    "SeriesNumber": 401,
    "SliceThickness": 1,
    "SoftwareVersions": "5.3.1_5.3.1.0",
    "SpacingBetweenSlices": 1,
    "StationName": "PHILIPS-CTMFQSD",
    "UsePhilipsFloatNotDisplayScaling": 1,
    "dataset": "ds004144",
    "modality": "T1w",
    "subject_id": "022"
  },
  "cjv": 0.32903250642296705,
  "cnr": 4.049992129422419,
  "efc": 0.7096517885746458,
  "fber": -1.0,
  "fwhm_avg": 4.695806666666667,
  "fwhm_x": 4.4594,
  "fwhm_y": 5.10516,
  "fwhm_z": 4.52286,
  "icvs_csf": 0.21976515809848898,
  "icvs_gm": 0.42126123597615867,
  "icvs_wm": 0.3589736059253524,
  "inu_med": 0.41754068434238434,
  "inu_range": 0.1725421965122223,
  "provenance": {
    "md5sum": "652274b17d34af56611e630d73ae55f8",
    "settings": {
      "testing": false
    },
    "software": "mriqc",
    "version": "23.0.0",
    "warnings": {
      "large_rot_frame": true,
      "small_air_mask": false
    },
    "webapi_port": null,
    "webapi_url": "https://mriqc.nimh.nih.gov/api/v1"
  },
  "qi_1": 0.024309257404595497,
  "qi_2": 3.814816546559579e-05,
  "rpve_csf": 22.96115528745087,
  "rpve_gm": 12.230133657932308,
  "rpve_wm": 16.4804898779787,
  "size_x": 180,
  "size_y": 240,
  "size_z": 240,
  "snr_csf": 2.5854693664539434,
  "snr_gm": 14.854109122209977,
  "snr_total": 16.15472949285547,
  "snr_wm": 31.024609989902494,
  "snrd_csf": 43.10697071221015,
  "snrd_gm": 109.29121852302902,
  "snrd_total": 99.02255047872676,
  "snrd_wm": 144.6694622009411,
  "spacing_x": 1.0,
  "spacing_y": 1.0,
  "spacing_z": 1.0,
  "summary_bg_k": 31.03058003090389,
  "summary_bg_mad": 0.0,
  "summary_bg_mean": 1.3299019214007757,
  "summary_bg_median": 0.0,
  "summary_bg_n": 273694.0,
  "summary_bg_p05": 0.0,
  "summary_bg_p95": 9.798064641654491,
  "summary_bg_stdv": 4.528505282936913,
  "summary_csf_k": 0.47383170219297677,
  "summary_csf_mad": 99.52514717256608,
  "summary_csf_mean": 300.02990686324756,
  "summary_csf_median": 297.96870484016836,
  "summary_csf_n": 47714.0,
  "summary_csf_p05": 86.31019551958889,
  "summary_csf_p95": 496.7941392520442,
  "summary_csf_stdv": 115.24622424253766,
  "summary_gm_k": 0.17118937639493925,
  "summary_gm_mad": 49.85115061295851,
  "summary_gm_mean": 755.2770493004654,
  "summary_gm_median": 755.4546815901995,
  "summary_gm_n": 48748.0,
  "summary_gm_p05": 671.5258937329054,
  "summary_gm_p95": 837.8301177360117,
  "summary_gm_stdv": 50.857774556797665,
  "summary_wm_k": 0.42171421451081725,
  "summary_wm_mad": 30.612220419044885,
  "summary_wm_mean": 1001.103017116523,
  "summary_wm_median": 1000.0000364147127,
  "summary_wm_n": 202625.0,
  "summary_wm_p05": 949.934315867722,
  "summary_wm_p95": 1056.1835729330778,
  "summary_wm_stdv": 32.232397736005716,
  "tpm_overlap_csf": 0.15183430195359485,
  "tpm_overlap_gm": 0.4697183354894977,
  "tpm_overlap_wm": 0.5104423376016499,
  "wm2max": 0.8601586910047689
}