{
  "bids_meta": {
    "AcquisitionMatrixPE": 240,
    "AcquisitionNumber": 5,
    "AcquisitionTime": "10:14:32.390000",
    "BodyPartExamined": "BRAIN",
    "CoilString": "MULTI_COIL",
    "ConversionSoftware": "dcm2niix",
    "ConversionSoftwareVersion": "v1.0.20190410  (JP2:OpenJPEG) GCC6.3.0",
    "Dcm2bidsVersion": "2.1.4",
    "DeviceSerialNumber": "42451",
    "EchoTime": 0.331,
    "EchoTrainLength": 117,
    "FlipAngle": 90,
    "ImageOrientationPatientDICOM": [
      0,
      1,
      0,
      0.0224451,
      0,
      -0.999748
    ],
    "ImageType": [
      "ORIGINAL",
      "PRIMARY",
      "M",
      "SE",
      "M",
      "SE"
    ],
    "ImagingFrequency": 127.759,
    "InPlanePhaseEncodingDirectionDICOM": "ROW",
    "InstitutionAddress": "Calzada_Mexico_Xochimilco_No.101_Tlalpan",
    "InstitutionName": "I.N._Psiquiatria",
    "InstitutionalDepartmentName": "Imagenes_Cerebrales",
    "MRAcquisitionType": "3D",
    "MagneticFieldStrength": 3,
    "Manufacturer": "Philips",
    "ManufacturersModelName": "Ingenia",
    "Modality": "MR",
    "PatientPosition": "HFS",
    "PercentPhaseFOV": 100,
    "PhaseEncodingSteps": 240,
    "PhilipsRescaleIntercept": 0,
    "PhilipsRescaleSlope": 1.48327,
    "PhilipsScaleSlope": 0.00266569,
    "PixelBandwidth": 413,
    "ProcedureStepDescription": "PROTOCOLO_FIBROMIALGIA",
    "ProtocolName": "WIP_T2W",
    "ReconMatrixPE": 240,
    "RepetitionTime": 2.5,
    "SAR": 0.030152,
    "ScanOptions": "FS",
    "ScanningSequence": "SE",
    "SequenceVariant": "SK",
    "SeriesDescription": "T2W",
    "SeriesNumber": 501,
    "SliceThickness": 1,
    "SoftwareVersions": "5.3.1_5.3.1.0",
    "SpacingBetweenSlices": 1,
    "StationName": "PHILIPS-CTMFQSD",
    "UsePhilipsFloatNotDisplayScaling": 1,
    "dataset": "ds004144",
    "modality": "T2w",
    "subject_id": "022"
  },
  "cjv": 0.4401779214540025,
  "cnr": 3.0492454364837744,
  "efc": 0.5210972055041501,
  "fber": -1.0,
  "fwhm_avg": 2.8098033333333334,
  "fwhm_x": 2.80647,
  "fwhm_y": 2.92799,
  "fwhm_z": 2.69495,
  "icvs_csf": 0.20477725736294994,
  "icvs_gm": 0.2702720838807038,
  "icvs_wm": 0.5249506587563463,
  "inu_med": 0.9528734683990479,
  "inu_range": 0.2464730858802795,
  "provenance": {
    "md5sum": "3fc84b652fe3853bdd3ebbe98216a6c3",
    "settings": {
      "testing": false
    },
    "software": "mriqc",
    "version": "23.0.0",
    "warnings": {
      "large_rot_frame": true,
      "small_air_mask": false
    },
    "webapi_port": null,
    "webapi_url": "https://mriqc.nimh.nih.gov/api/v1"
  },
  "qi_1": 0.06949580469339768,
  "qi_2": 1.4094495635325205e-05,
  "rpve_csf": 26.595499135935057,
  "rpve_gm": 16.00231626197204,
  "rpve_wm": 11.124059966978917,
  "size_x": 180,
  "size_y": 240,
  "size_z": 240,
  "snr_csf": 2.139790872837188,
  "snr_gm": 10.238994421859136,
  "snr_total": 8.022142443626356,
  "snr_wm": 11.68764203618274,
  "snrd_csf": 194.32914055845066,
  "snrd_gm": 91.14350318009862,
  "snrd_total": 115.08299775367021,
  "snrd_wm": 59.776349522461345,
  "spacing_x": 1.0,
  "spacing_y": 1.0,
  "spacing_z": 1.0,
  "summary_bg_k": 442.55610584919583,
  "summary_bg_mad": 0.0,
  "summary_bg_mean": 2.9310305066719944,
  "summary_bg_median": 0.0,
  "summary_bg_n": 831370.0,
  "summary_bg_p05": 0.0,
  "summary_bg_p95": 17.899488106369972,
  "summary_bg_stdv": 10.961469796609757,
  "summary_csf_k": -1.1143276007640066,
  "summary_csf_mad": 1233.1013901887852,
  "summary_csf_mean": 2651.626114536382,
  "summary_csf_median": 3251.434365168214,
  "summary_csf_n": 64169.0,
  "summary_csf_p05": 112.67498282343149,
  "summary_csf_p95": 4360.52948462069,
  "summary_csf_stdv": 1519.49850399515,
  "summary_gm_k": 0.7499977553166404,
  "summary_gm_mad": 140.62776821797974,
  "summary_gm_mean": 1529.1564441100757,
  "summary_gm_median": 1524.9751918315887,
  "summary_gm_n": 12603.0,
  "summary_gm_p05": 1296.726121059805,
  "summary_gm_p95": 1776.3329607099295,
  "summary_gm_stdv": 148.93207548704257,
  "summary_wm_k": -0.2738976074087165,
  "summary_wm_mad": 90.38736392720149,
  "summary_wm_mean": 997.0300096047044,
  "summary_wm_median": 1000.1530213281512,
  "summary_wm_n": 241651.0,
  "summary_wm_p05": 851.6025687530637,
  "summary_wm_p95": 1129.1976214796305,
  "summary_wm_stdv": 85.57337303910086,
  "tpm_overlap_csf": 0.14639760231709661,
  "tpm_overlap_gm": 0.32857148146707355,
  "tpm_overlap_wm": 0.46471433163005443,
  "wm2max": 0.23014098683275436
}