{
  "aor": 0.0012615666666666667,
  "aqi": 0.007653932933333335,
  "bids_meta": {
    "AcquisitionMatrixPE": 78,
    "AcquisitionNumber": 4,
    "AcquisitionTime": "11:20:34.100000",
    "BodyPartExamined": "BRAIN",
    "CoilString": "MULTI_COIL",
    "ConversionSoftware": "dcm2niix",
    "ConversionSoftwareVersion": "v1.0.20190410  (JP2:OpenJPEG) GCC6.3.0",
    "Dcm2bidsVersion": "2.1.4",
    "DeviceSerialNumber": "42451",
    "EchoTime": 0.030001,
    "EchoTrainLength": 39,
    "FlipAngle": 75,
    "ImageOrientationPatientDICOM": [
      1,
      0,
      0.000495108,
      0,
      1,
      0
    ],
    "ImageType": [
      "ORIGINAL",
      "PRIMARY",
      "M",
      "FFE",
      "M",
      "FFE"
    ],
    "ImagingFrequency": 127.759,
    "InPlanePhaseEncodingDirectionDICOM": "COL",
    "InstitutionAddress": "Calzada_Mexico_Xochimilco_No.101_Tlalpan",
    "InstitutionName": "I.N._Psiquiatria",
    "InstitutionalDepartmentName": "Imagenes_Cerebrales",
    "MRAcquisitionType": "2D",
    "MagneticFieldStrength": 3,
    "Manufacturer": "Philips",
    "ManufacturersModelName": "Ingenia",
    "Modality": "MR",
    "PartialFourier": 0.5,
    "PatientPosition": "HFS",
    "PercentPhaseFOV": 100,
    "PhaseEncodingAxis": "j",
    "PhaseEncodingSteps": 78,
    "PhilipsRescaleIntercept": 0,
    "PhilipsRescaleSlope": 0.774847,
    "PhilipsScaleSlope": 0.0255275,
    "PixelBandwidth": 2071,
    "ProcedureStepDescription": "PROTOCOLO_FIBROMIALGIA",
    "ProtocolName": "WIP_RESTING_STATE_10m",
    "ReconMatrixPE": 80,
    "RepetitionTime": 2,
    "SAR": 0.117583,
    "ScanOptions": "FS",
    "ScanningSequence": "GR",
    "SequenceVariant": "SK",
    "SeriesDescription": "RESTING_STATE_10m",
    "SeriesNumber": 401,
    "SliceThickness": 3,
    "SliceTiming": [
      0,
      1.027027,
      0.054054,
      1.081081,
      0.108108,
      1.13513,
      0.162162,
      1.189189,
      0.216216,
      1.243244,
      0.27027,
      1.297298,
      0.324324,
      1.351352,
      0.378378,
      1.405406,
      0.432432,
      1.45946,
      0.486486,
      1.513514,
      0.540541,
      1.567568,
      0.594595,
      1.621622,
      0.648649,
      1.675676,
      0.702703,
      1.72973,
      0.756757,
      1.783784,
      0.810811,
      1.837838,
      0.864865,
      1.891892,
      0.918919,
      1.945947,
      0.972973
    ],
    "SoftwareVersions": "5.3.1_5.3.1.0",
    "SpacingBetweenSlices": 3,
    "StationName": "PHILIPS-CTMFQSD",
    "TaskName": "rest",
    "UsePhilipsFloatNotDisplayScaling": 1,
    "dataset": "ds004144",
    "modality": "bold",
    "subject_id": "040",
    "task_id": "rest"
  },
  "dummy_trs": 0,
  "dvars_nstd": 16.610095996622086,
  "dvars_std": 1.0164318515719057,
  "dvars_vstd": 0.9388713119397992,
  "efc": 0.41303578173033695,
  "fber": 104273.6171875,
  "fd_mean": 0.06990166730444211,
  "fd_num": 0,
  "fd_perc": 0.0,
  "fwhm_avg": 1.9858022222222222,
  "fwhm_x": 1.8624833333333333,
  "fwhm_y": 2.1626266666666667,
  "fwhm_z": 1.9322966666666668,
  "gcor": 0.173596,
  "gsr_x": -0.014078643172979355,
  "gsr_y": 0.020244009792804718,
  "provenance": {
    "md5sum": "89813e464cf2392587972204ee4d2c44",
    "settings": {
      "fd_thres": 0.2,
      "testing": false
    },
    "software": "mriqc",
    "version": "23.0.0",
    "webapi_port": null,
    "webapi_url": "https://mriqc.nimh.nih.gov/api/v1"
  },
  "size_t": 300,
  "size_x": 80,
  "size_y": 80,
  "size_z": 37,
  "snr": 5.5719360100951905,
  "spacing_tr": 2.0000016689300537,
  "spacing_x": 3.0,
  "spacing_y": 3.0,
  "spacing_z": 3.0,
  "summary_bg_k": 186.8034383661832,
  "summary_bg_mad": 209.3665491426832,
  "summary_bg_mean": 1256.197998046875,
  "summary_bg_median": 178.99435424804688,
  "summary_bg_n": 162833.0,
  "summary_bg_p05": 13.274462509155274,
  "summary_bg_p95": 5562.1191406249945,
  "summary_bg_stdv": 4186.15283203125,
  "summary_fg_k": 5.177012285071614,
  "summary_fg_mad": 8715.309190452615,
  "summary_fg_mean": 60745.30078125,
  "summary_fg_median": 60583.125,
  "summary_fg_n": 33814.0,
  "summary_fg_p05": 43809.8921875,
  "summary_fg_p95": 77103.3859375,
  "summary_fg_stdv": 10872.7431640625,
  "tsnr": 55.60887908935547
}