{
  "aor": 0.003392685851318945,
  "aqi": 0.01596064881294964,
  "bids_meta": {
    "AcquisitionMatrixPE": 78,
    "AcquisitionNumber": 8,
    "AcquisitionTime": "11:47:12.550000",
    "BodyPartExamined": "BRAIN",
    "CoilString": "MULTI_COIL",
    "ConversionSoftware": "dcm2niix",
    "ConversionSoftwareVersion": "v1.0.20190410  (JP2:OpenJPEG) GCC6.3.0",
    "Dcm2bidsVersion": "2.1.4",
    "DeviceSerialNumber": "42451",
    "EchoTime": 0.030001,
    "EchoTrainLength": 39,
    "FlipAngle": 75,
    "ImageOrientationPatientDICOM": [
      1,
      0,
      0.000495108,
      0,
      1,
      0
    ],
    "ImageType": [
      "ORIGINAL",
      "PRIMARY",
      "M",
      "FFE",
      "M",
      "FFE"
    ],
    "ImagingFrequency": 127.759,
    "InPlanePhaseEncodingDirectionDICOM": "COL",
    "InstitutionAddress": "Calzada_Mexico_Xochimilco_No.101_Tlalpan",
    "InstitutionName": "I.N._Psiquiatria",
    "InstitutionalDepartmentName": "Imagenes_Cerebrales",
    "MRAcquisitionType": "2D",
    "MagneticFieldStrength": 3,
    "Manufacturer": "Philips",
    "ManufacturersModelName": "Ingenia",
    "Modality": "MR",
    "PartialFourier": 0.5,
    "PatientPosition": "HFS",
    "PercentPhaseFOV": 100,
    "PhaseEncodingAxis": "j",
    "PhaseEncodingSteps": 78,
    "PhilipsRescaleIntercept": 0,
    "PhilipsRescaleSlope": 0.792918,
    "PhilipsScaleSlope": 0.0242199,
    "PixelBandwidth": 2071,
    "ProcedureStepDescription": "PROTOCOLO_FIBROMIALGIA",
    "ProtocolName": "WIP_TASK_FMRI",
    "ReconMatrixPE": 80,
    "RepetitionTime": 2,
    "SAR": 0.117678,
    "ScanOptions": "FS",
    "ScanningSequence": "GR",
    "SequenceVariant": "SK",
    "SeriesDescription": "TASK_FMRI",
    "SeriesNumber": 801,
    "SliceThickness": 3,
    "SliceTiming": [
      0,
      1.027027,
      0.054054,
      1.081081,
      0.108108,
      1.13513,
      0.162162,
      1.189189,
      0.216216,
      1.243244,
      0.27027,
      1.297298,
      0.324324,
      1.351352,
      0.378378,
      1.405406,
      0.432432,
      1.45946,
      0.486486,
      1.513514,
      0.540541,
      1.567568,
      0.594595,
      1.621622,
      0.648649,
      1.675676,
      0.702703,
      1.72973,
      0.756757,
      1.783784,
      0.810811,
      1.837838,
      0.864865,
      1.891892,
      0.918919,
      1.945947,
      0.972973
    ],
    "SoftwareVersions": "5.3.1_5.3.1.0",
    "SpacingBetweenSlices": 3,
    "StationName": "PHILIPS-CTMFQSD",
    "TaskName": "epr",
    "UsePhilipsFloatNotDisplayScaling": 1,
    "dataset": "ds004144",
    "modality": "bold",
    "subject_id": "040",
    "task_id": "epr"
  },
  "dummy_trs": 0,
  "dvars_nstd": 18.60112898685475,
  "dvars_std": 1.0406161601440578,
  "dvars_vstd": 0.96380394692677,
  "efc": 0.41383648593064043,
  "fber": 94041.6875,
  "fd_mean": 0.1275229037525723,
  "fd_num": 119,
  "fd_perc": 14.268585131894485,
  "fwhm_avg": 2.055431111111111,
  "fwhm_x": 1.93226,
  "fwhm_y": 2.24516,
  "fwhm_z": 1.9888733333333333,
  "gcor": 0.135501,
  "gsr_x": -0.014516443014144897,
  "gsr_y": 0.020731601864099503,
  "provenance": {
    "md5sum": "d6ab83cd490237ad8ce3b0d6fe995c31",
    "settings": {
      "fd_thres": 0.2,
      "testing": false
    },
    "software": "mriqc",
    "version": "23.0.0",
    "webapi_port": null,
    "webapi_url": "https://mriqc.nimh.nih.gov/api/v1"
  },
  "size_t": 834,
  "size_x": 80,
  "size_y": 80,
  "size_z": 37,
  "snr": 5.302241315019717,
  "spacing_tr": 2.0000016689300537,
  "spacing_x": 3.0,
  "spacing_y": 3.0,
  "spacing_z": 3.0,
  "summary_bg_k": 162.95631426771425,
  "summary_bg_mad": 231.11808554516688,
  "summary_bg_mean": 1324.5623779296875,
  "summary_bg_median": 196.45860290527344,
  "summary_bg_n": 162973.0,
  "summary_bg_p05": 16.897463607788087,
  "summary_bg_p95": 5980.043945312499,
  "summary_bg_stdv": 4099.91162109375,
  "summary_fg_k": 3.9736704206854894,
  "summary_fg_mad": 9651.844687939958,
  "summary_fg_mean": 62405.06640625,
  "summary_fg_median": 62471.53125,
  "summary_fg_n": 33661.0,
  "summary_fg_p05": 43568.6640625,
  "summary_fg_p95": 80058.96875,
  "summary_fg_stdv": 11781.923828125,
  "tsnr": 34.78314971923828
}