{
  "bids_meta": {
    "AcquisitionMatrixPE": 240,
    "AcquisitionNumber": 6,
    "AcquisitionTime": "11:11:52.500000",
    "BodyPartExamined": "BRAIN",
    "CoilString": "MULTI_COIL",
    "ConversionSoftware": "dcm2niix",
    "ConversionSoftwareVersion": "v1.0.20190410  (JP2:OpenJPEG) GCC6.3.0",
    "Dcm2bidsVersion": "2.1.4",
    "DeviceSerialNumber": "42451",
    "EchoTime": 0.331,
    "EchoTrainLength": 117,
    "FlipAngle": 90,
    "ImageOrientationPatientDICOM": [
      0,
      1,
      0,
      0.000648852,
      0,
      -1
    ],
    "ImageType": [
      "ORIGINAL",
      "PRIMARY",
      "M",
      "SE",
      "M",
      "SE"
    ],
    "ImagingFrequency": 127.759,
    "InPlanePhaseEncodingDirectionDICOM": "ROW",
    "InstitutionAddress": "Calzada_Mexico_Xochimilco_No.101_Tlalpan",
    "InstitutionName": "I.N._Psiquiatria",
    "InstitutionalDepartmentName": "Imagenes_Cerebrales",
    "MRAcquisitionType": "3D",
    "MagneticFieldStrength": 3,
    "Manufacturer": "Philips",
    "ManufacturersModelName": "Ingenia",
    "Modality": "MR",
    "PatientPosition": "HFS",
    "PercentPhaseFOV": 100,
    "PhaseEncodingSteps": 240,
    "PhilipsRescaleIntercept": 0,
    "PhilipsRescaleSlope": 1.47619,
    "PhilipsScaleSlope": 0.00332132,
    "PixelBandwidth": 413,
    "ProcedureStepDescription": "PROTOCOLO_FIBROMIALGIA",
    "ProtocolName": "WIP_T2W",
    "ReconMatrixPE": 240,
    "RepetitionTime": 2.5,
    "SAR": 0.030152,
    "ScanOptions": "FS",
    "ScanningSequence": "SE",
    "SequenceVariant": "SK",
    "SeriesDescription": "T2W",
    "SeriesNumber": 601,
    "SliceThickness": 1,
    "SoftwareVersions": "5.3.1_5.3.1.0",
    "SpacingBetweenSlices": 1,
    "StationName": "PHILIPS-CTMFQSD",
    "UsePhilipsFloatNotDisplayScaling": 1,
    "dataset": "ds004144",
    "modality": "T2w",
    "subject_id": "063"
  },
  "cjv": 6.232327446038155,
  "cnr": 0.2139331045849926,
  "efc": 0.533864369922089,
  "fber": -1.0,
  "fwhm_avg": 2.6617533333333334,
  "fwhm_x": 2.61194,
  "fwhm_y": 2.75579,
  "fwhm_z": 2.61753,
  "icvs_csf": 0.3253293476701229,
  "icvs_gm": 0.48718517194706384,
  "icvs_wm": 0.18748548038281326,
  "inu_med": 0.9256096482276917,
  "inu_range": 0.218354058265686,
  "provenance": {
    "md5sum": "86a1ca189d7d6193d6f468aca54d287c",
    "settings": {
      "testing": false
    },
    "software": "mriqc",
    "version": "23.0.0",
    "warnings": {
      "large_rot_frame": true,
      "small_air_mask": false
    },
    "webapi_port": null,
    "webapi_url": "https://mriqc.nimh.nih.gov/api/v1"
  },
  "qi_1": 0.06480061958402598,
  "qi_2": 4.929352928520792e-06,
  "rpve_csf": 15.530931213399278,
  "rpve_gm": 12.686750625110577,
  "rpve_wm": 32.38338539039665,
  "size_x": 180,
  "size_y": 240,
  "size_z": 240,
  "snr_csf": 12.42339718240506,
  "snr_gm": 13.43536036463631,
  "snr_total": 8.931640147750464,
  "snr_wm": 0.9361628962100249,
  "snrd_csf": 44.262403398931234,
  "snrd_gm": 30.457432446925623,
  "snrd_total": 38.07242843736287,
  "snrd_wm": 39.49744946623177,
  "spacing_x": 1.0,
  "spacing_y": 1.0,
  "spacing_z": 1.0,
  "summary_bg_k": 209.91869393803512,
  "summary_bg_mad": 0.0,
  "summary_bg_mean": 3.9188614922035288,
  "summary_bg_median": 0.0,
  "summary_bg_n": 1139116.0,
  "summary_bg_p05": 0.0,
  "summary_bg_p95": 19.575936269015074,
  "summary_bg_stdv": 16.62990878324845,
  "summary_csf_k": 0.6527473487573685,
  "summary_csf_mad": 87.21401598530684,
  "summary_csf_mean": 1127.5422874146102,
  "summary_csf_median": 1123.5518756881356,
  "summary_csf_n": 21237.0,
  "summary_csf_p05": 988.2107500486076,
  "summary_csf_p95": 1277.4391364827752,
  "summary_csf_stdv": 90.4362475241797,
  "summary_gm_k": -0.15643926548699705,
  "summary_gm_mad": 59.775089403637224,
  "summary_gm_mean": 770.2669689675345,
  "summary_gm_median": 773.1280438154936,
  "summary_gm_n": 179192.0,
  "summary_gm_p05": 672.1395289190114,
  "summary_gm_p95": 858.4266643822193,
  "summary_gm_stdv": 57.54411236976188,
  "summary_wm_k": -1.7837761841066109,
  "summary_wm_mad": 1370.3619291233845,
  "summary_wm_mean": 1257.424881725713,
  "summary_wm_median": 1002.5988203287125,
  "summary_wm_n": 47263.0,
  "summary_wm_p05": 60.28222558274865,
  "summary_wm_p95": 2618.7065118178725,
  "summary_wm_stdv": 1070.954870929397,
  "tpm_overlap_csf": 0.1161969289646843,
  "tpm_overlap_gm": 0.3136603459617757,
  "tpm_overlap_wm": 0.03471348207880696,
  "wm2max": 0.38240634025264836
}