{
  "bids_meta": {
    "AcquisitionMatrixPE": 240,
    "AcquisitionNumber": 5,
    "AcquisitionTime": "11:08:10.510000",
    "BodyPartExamined": "BRAIN",
    "CoilString": "MULTI_COIL",
    "ConversionSoftware": "dcm2niix",
    "ConversionSoftwareVersion": "v1.0.20190410  (JP2:OpenJPEG) GCC6.3.0",
    "Dcm2bidsVersion": "2.1.4",
    "DeviceSerialNumber": "42451",
    "EchoTime": 0.0035,
    "EchoTrainLength": 240,
    "FlipAngle": 8,
    "ImageOrientationPatientDICOM": [
      0,
      1,
      0,
      0.000648852,
      0,
      -1
    ],
    "ImageType": [
      "ORIGINAL",
      "PRIMARY",
      "M",
      "FFE",
      "M",
      "FFE"
    ],
    "ImagingFrequency": 127.759,
    "InPlanePhaseEncodingDirectionDICOM": "ROW",
    "InstitutionAddress": "Calzada_Mexico_Xochimilco_No.101_Tlalpan",
    "InstitutionName": "I.N._Psiquiatria",
    "InstitutionalDepartmentName": "Imagenes_Cerebrales",
    "MRAcquisitionType": "3D",
    "MagneticFieldStrength": 3,
    "Manufacturer": "Philips",
    "ManufacturersModelName": "Ingenia",
    "Modality": "MR",
    "PatientPosition": "HFS",
    "PercentPhaseFOV": 100,
    "PhaseEncodingSteps": 240,
    "PhilipsRescaleIntercept": 0,
    "PhilipsRescaleSlope": 3.3663,
    "PhilipsScaleSlope": 0.00607254,
    "PixelBandwidth": 310,
    "ProcedureStepDescription": "PROTOCOLO_FIBROMIALGIA",
    "ProtocolName": "WIP_T1W",
    "ReconMatrixPE": 240,
    "RepetitionTime": 0.007,
    "SAR": 0.0382114,
    "ScanOptions": "OTHER",
    "ScanningSequence": "GR",
    "SequenceVariant": "MP",
    "SeriesDescription": "T1W",
    "SeriesNumber": 501,
    "SliceThickness": 1,
    "SoftwareVersions": "5.3.1_5.3.1.0",
    "SpacingBetweenSlices": 1,
    "StationName": "PHILIPS-CTMFQSD",
    "UsePhilipsFloatNotDisplayScaling": 1,
    "dataset": "ds004144",
    "modality": "T1w",
    "subject_id": "063"
  },
  "cjv": 0.3362737339555563,
  "cnr": 3.9741959871865102,
  "efc": 0.6660355074175874,
  "fber": -1.0,
  "fwhm_avg": 4.717226666666666,
  "fwhm_x": 4.45857,
  "fwhm_y": 5.12799,
  "fwhm_z": 4.56512,
  "icvs_csf": 0.19020391635249684,
  "icvs_gm": 0.4347717614935493,
  "icvs_wm": 0.37502432215395387,
  "inu_med": 0.3979291021823883,
  "inu_range": 0.15220742821693423,
  "provenance": {
    "md5sum": "fb2499aac1a2297db53841a5121d9b1d",
    "settings": {
      "testing": false
    },
    "software": "mriqc",
    "version": "23.0.0",
    "warnings": {
      "large_rot_frame": true,
      "small_air_mask": false
    },
    "webapi_port": null,
    "webapi_url": "https://mriqc.nimh.nih.gov/api/v1"
  },
  "qi_1": 0.019178361962945038,
  "qi_2": 4.4572725220474236e-05,
  "rpve_csf": 28.600664048197583,
  "rpve_gm": 13.226872991931568,
  "rpve_wm": 17.37142963159111,
  "size_x": 180,
  "size_y": 240,
  "size_z": 240,
  "snr_csf": 2.0802799382803427,
  "snr_gm": 15.284012944319409,
  "snr_total": 15.660897253267649,
  "snr_wm": 29.618398877203198,
  "snrd_csf": 31.751563944944003,
  "snrd_gm": 82.18773497726677,
  "snrd_total": 74.02992159122641,
  "snrd_wm": 108.15046585146847,
  "spacing_x": 1.0,
  "spacing_y": 1.0,
  "spacing_z": 1.0,
  "summary_bg_k": 11.668179959986892,
  "summary_bg_mad": 0.0,
  "summary_bg_mean": 2.6533501330652998,
  "summary_bg_median": 0.0,
  "summary_bg_n": 672785.0,
  "summary_bg_p05": 0.0,
  "summary_bg_p95": 16.17115619033575,
  "summary_bg_stdv": 6.057638437026758,
  "summary_csf_k": -0.399952790621799,
  "summary_csf_mad": 149.13241413086092,
  "summary_csf_mean": 288.45355307926997,
  "summary_csf_median": 293.5869449302554,
  "summary_csf_n": 30373.0,
  "summary_csf_p05": 61.07579251527787,
  "summary_csf_p95": 520.2047265574336,
  "summary_csf_stdv": 141.1262525119704,
  "summary_gm_k": 0.2438721678289517,
  "summary_gm_mad": 48.53745762821884,
  "summary_gm_mean": 759.5395645760477,
  "summary_gm_median": 759.9388195350766,
  "summary_gm_n": 50982.0,
  "summary_gm_p05": 677.9750637710094,
  "summary_gm_p95": 839.8449077904224,
  "summary_gm_stdv": 49.7206701705859,
  "summary_wm_k": 0.36539760559975987,
  "summary_wm_mad": 32.18882161806938,
  "summary_wm_mean": 1001.2709653386706,
  "summary_wm_median": 1000.000028885901,
  "summary_wm_n": 204632.0,
  "summary_wm_p05": 947.9515930563211,
  "summary_wm_p95": 1059.118399232626,
  "summary_wm_stdv": 33.76271585841586,
  "tpm_overlap_csf": 0.1358093922205099,
  "tpm_overlap_gm": 0.482854065998867,
  "tpm_overlap_wm": 0.5312443116717042,
  "wm2max": 0.743945512187983
}