{
  "aor": 0.0037546,
  "aqi": 0.018760926799999997,
  "bids_meta": {
    "AcquisitionMatrixPE": 78,
    "AcquisitionNumber": 4,
    "AcquisitionTime": "10:46:45.520000",
    "BodyPartExamined": "BRAIN",
    "CoilString": "MULTI_COIL",
    "ConversionSoftware": "dcm2niix",
    "ConversionSoftwareVersion": "v1.0.20190410  (JP2:OpenJPEG) GCC6.3.0",
    "Dcm2bidsVersion": "2.1.4",
    "DeviceSerialNumber": "42451",
    "EchoTime": 0.030001,
    "EchoTrainLength": 39,
    "FlipAngle": 75,
    "ImageOrientationPatientDICOM": [
      0.999993,
      0,
      -0.00362181,
      0,
      1,
      0
    ],
    "ImageType": [
      "ORIGINAL",
      "PRIMARY",
      "M",
      "FFE",
      "M",
      "FFE"
    ],
    "ImagingFrequency": 127.759,
    "InPlanePhaseEncodingDirectionDICOM": "COL",
    "InstitutionAddress": "Calzada_Mexico_Xochimilco_No.101_Tlalpan",
    "InstitutionName": "I.N._Psiquiatria",
    "InstitutionalDepartmentName": "Imagenes_Cerebrales",
    "MRAcquisitionType": "2D",
    "MagneticFieldStrength": 3,
    "Manufacturer": "Philips",
    "ManufacturersModelName": "Ingenia",
    "Modality": "MR",
    "PartialFourier": 0.5,
    "PatientPosition": "HFS",
    "PercentPhaseFOV": 100,
    "PhaseEncodingAxis": "j",
    "PhaseEncodingSteps": 78,
    "PhilipsRescaleIntercept": 0,
    "PhilipsRescaleSlope": 0.771673,
    "PhilipsScaleSlope": 0.0236589,
    "PixelBandwidth": 2071,
    "ProcedureStepDescription": "FIBROMIALGIA",
    "ProtocolName": "WIP_RESTING_STATE_10m",
    "ReconMatrixPE": 80,
    "RepetitionTime": 2,
    "SAR": 0.117654,
    "ScanOptions": "FS",
    "ScanningSequence": "GR",
    "SequenceVariant": "SK",
    "SeriesDescription": "RESTING_STATE_10m",
    "SeriesNumber": 401,
    "SliceThickness": 3,
    "SliceTiming": [
      0,
      1.027027,
      0.054054,
      1.081081,
      0.108108,
      1.13513,
      0.162162,
      1.189189,
      0.216216,
      1.243244,
      0.27027,
      1.297298,
      0.324324,
      1.351352,
      0.378378,
      1.405406,
      0.432432,
      1.45946,
      0.486486,
      1.513514,
      0.540541,
      1.567568,
      0.594595,
      1.621622,
      0.648649,
      1.675676,
      0.702703,
      1.72973,
      0.756757,
      1.783784,
      0.810811,
      1.837838,
      0.864865,
      1.891892,
      0.918919,
      1.945947,
      0.972973
    ],
    "SoftwareVersions": "5.3.1_5.3.1.0",
    "SpacingBetweenSlices": 3,
    "StationName": "PHILIPS-CTMFQSD",
    "TaskName": "rest",
    "UsePhilipsFloatNotDisplayScaling": 1,
    "dataset": "ds004144",
    "modality": "bold",
    "subject_id": "005",
    "task_id": "rest"
  },
  "dummy_trs": 0,
  "dvars_nstd": 22.56888602608697,
  "dvars_std": 1.01576163645485,
  "dvars_vstd": 0.9445629283277583,
  "efc": 0.42071179842727136,
  "fber": 114428.0703125,
  "fd_mean": 0.14216598934998478,
  "fd_num": 51,
  "fd_perc": 17.0,
  "fwhm_avg": 2.0032644444444445,
  "fwhm_x": 1.9130466666666666,
  "fwhm_y": 2.1383300000000003,
  "fwhm_z": 1.9584166666666667,
  "gcor": 0.0404786,
  "gsr_x": -0.013152745552361012,
  "gsr_y": 0.015394555404782295,
  "provenance": {
    "md5sum": "1d794827d7f50ad096883734acb8c467",
    "settings": {
      "fd_thres": 0.2,
      "testing": false
    },
    "software": "mriqc",
    "version": "23.0.0",
    "webapi_port": null,
    "webapi_url": "https://mriqc.nimh.nih.gov/api/v1"
  },
  "size_t": 300,
  "size_x": 80,
  "size_y": 80,
  "size_z": 37,
  "snr": 4.9347593460165236,
  "spacing_tr": 2.0000016689300537,
  "spacing_x": 3.0,
  "spacing_y": 3.0,
  "spacing_z": 3.0,
  "summary_bg_k": 51.0763420138687,
  "summary_bg_mad": 200.0806190685107,
  "summary_bg_mean": 1196.6114501953125,
  "summary_bg_median": 165.51751708984375,
  "summary_bg_n": 160902.0,
  "summary_bg_p05": 12.907625675201416,
  "summary_bg_p95": 5681.659765624992,
  "summary_bg_stdv": 3242.085693359375,
  "summary_fg_k": 2.2707456460962296,
  "summary_fg_mad": 10377.537933994037,
  "summary_fg_mean": 58746.0390625,
  "summary_fg_median": 58165.1953125,
  "summary_fg_n": 35235.0,
  "summary_fg_p05": 40833.1984375,
  "summary_fg_p95": 78027.72968749997,
  "summary_fg_stdv": 11786.66796875,
  "tsnr": 33.96244812011719
}