{
  "aor": 0.004693845161290322,
  "aqi": 0.032722656774193545,
  "bids_meta": {
    "AcquisitionMatrixPE": 78,
    "AcquisitionNumber": 9,
    "AcquisitionTime": "13:45:31.520000",
    "BodyPartExamined": "BRAIN",
    "CoilString": "MULTI_COIL",
    "ConversionSoftware": "dcm2niix",
    "ConversionSoftwareVersion": "v1.0.20190410  (JP2:OpenJPEG) GCC6.3.0",
    "Dcm2bidsVersion": "2.1.4",
    "DeviceSerialNumber": "42451",
    "EchoTime": 0.030001,
    "EchoTrainLength": 39,
    "FlipAngle": 75,
    "ImageOrientationPatientDICOM": [
      0.999993,
      0,
      -0.00362181,
      0,
      1,
      0
    ],
    "ImageType": [
      "ORIGINAL",
      "PRIMARY",
      "M",
      "FFE",
      "M",
      "FFE"
    ],
    "ImagingFrequency": 127.759,
    "InPlanePhaseEncodingDirectionDICOM": "COL",
    "InstitutionAddress": "Calzada_Mexico_Xochimilco_No.101_Tlalpan",
    "InstitutionName": "I.N._Psiquiatria",
    "InstitutionalDepartmentName": "Imagenes_Cerebrales",
    "MRAcquisitionType": "2D",
    "MagneticFieldStrength": 3,
    "Manufacturer": "Philips",
    "ManufacturersModelName": "Ingenia",
    "Modality": "MR",
    "PartialFourier": 0.5,
    "PatientPosition": "HFS",
    "PercentPhaseFOV": 100,
    "PhaseEncodingAxis": "j",
    "PhaseEncodingSteps": 78,
    "PhilipsRescaleIntercept": 0,
    "PhilipsRescaleSlope": 0.790476,
    "PhilipsScaleSlope": 0.0257082,
    "PixelBandwidth": 2071,
    "ProcedureStepDescription": "FIBROMIALGIA",
    "ProtocolName": "WIP_TASK_FMRI",
    "ReconMatrixPE": 80,
    "RepetitionTime": 2,
    "SAR": 0.117749,
    "ScanOptions": "FS",
    "ScanningSequence": "GR",
    "SequenceVariant": "SK",
    "SeriesDescription": "TASK_FMRI",
    "SeriesNumber": 901,
    "SliceThickness": 3,
    "SliceTiming": [
      0,
      1.027027,
      0.054054,
      1.081081,
      0.108108,
      1.13513,
      0.162162,
      1.189189,
      0.216216,
      1.243244,
      0.27027,
      1.297298,
      0.324324,
      1.351352,
      0.378378,
      1.405406,
      0.432432,
      1.45946,
      0.486486,
      1.513514,
      0.540541,
      1.567568,
      0.594595,
      1.621622,
      0.648649,
      1.675676,
      0.702703,
      1.72973,
      0.756757,
      1.783784,
      0.810811,
      1.837838,
      0.864865,
      1.891892,
      0.918919,
      1.945947,
      0.972973
    ],
    "SoftwareVersions": "5.3.1_5.3.1.0",
    "SpacingBetweenSlices": 3,
    "StationName": "PHILIPS-CTMFQSD",
    "TaskName": "epr",
    "UsePhilipsFloatNotDisplayScaling": 1,
    "dataset": "ds004144",
    "modality": "bold",
    "subject_id": "004",
    "task_id": "epr"
  },
  "dummy_trs": 0,
  "dvars_nstd": 43.913329301847604,
  "dvars_std": 1.024110439638243,
  "dvars_vstd": 0.9216885839534878,
  "efc": 0.3998008507840553,
  "fber": 126233.078125,
  "fd_mean": 0.6382679039025085,
  "fd_num": 533,
  "fd_perc": 68.7741935483871,
  "fwhm_avg": 1.93341,
  "fwhm_x": 1.8508966666666666,
  "fwhm_y": 2.128346666666667,
  "fwhm_z": 1.8209866666666665,
  "gcor": 0.0769966,
  "gsr_x": -0.021860256791114807,
  "gsr_y": 0.012531109154224396,
  "provenance": {
    "md5sum": "9ea10c01f02972d7da49e9f4080de936",
    "settings": {
      "fd_thres": 0.2,
      "testing": false
    },
    "software": "mriqc",
    "version": "23.0.0",
    "webapi_port": null,
    "webapi_url": "https://mriqc.nimh.nih.gov/api/v1"
  },
  "size_t": 775,
  "size_x": 80,
  "size_y": 80,
  "size_z": 37,
  "snr": 5.100414974393879,
  "spacing_tr": 2.0000016689300537,
  "spacing_x": 3.0,
  "spacing_y": 3.0,
  "spacing_z": 3.0,
  "summary_bg_k": 90.48711400662148,
  "summary_bg_mad": 155.60393956852639,
  "summary_bg_mean": 1153.429931640625,
  "summary_bg_median": 145.64242553710938,
  "summary_bg_n": 166141.0,
  "summary_bg_p05": 20.016738891601562,
  "summary_bg_p95": 5517.0615234375,
  "summary_bg_stdv": 3422.18017578125,
  "summary_fg_k": 4.002021655219252,
  "summary_fg_mad": 8407.8487639751,
  "summary_fg_mean": 54954.33203125,
  "summary_fg_median": 54133.765625,
  "summary_fg_n": 31475.0,
  "summary_fg_p05": 39661.7625,
  "summary_fg_p95": 72696.85546875,
  "summary_fg_stdv": 10613.431640625,
  "tsnr": 24.470653533935547
}