{
  "aor": 0.001041083870967742,
  "aqi": 0.015893448503225806,
  "bids_meta": {
    "AcquisitionMatrixPE": 78,
    "AcquisitionNumber": 9,
    "AcquisitionTime": "13:04:26.400000",
    "BodyPartExamined": "BRAIN",
    "CoilString": "MULTI_COIL",
    "ConversionSoftware": "dcm2niix",
    "ConversionSoftwareVersion": "v1.0.20190410  (JP2:OpenJPEG) GCC6.3.0",
    "Dcm2bidsVersion": "2.1.4",
    "DeviceSerialNumber": "42451",
    "EchoTime": 0.030001,
    "EchoTrainLength": 39,
    "FlipAngle": 75,
    "ImageOrientationPatientDICOM": [
      0.999993,
      0,
      -0.00362181,
      0,
      1,
      0
    ],
    "ImageType": [
      "ORIGINAL",
      "PRIMARY",
      "M",
      "FFE",
      "M",
      "FFE"
    ],
    "ImagingFrequency": 127.759,
    "InPlanePhaseEncodingDirectionDICOM": "COL",
    "InstitutionAddress": "Calzada_Mexico_Xochimilco_No.101_Tlalpan",
    "InstitutionName": "I.N._Psiquiatria",
    "InstitutionalDepartmentName": "Imagenes_Cerebrales",
    "MRAcquisitionType": "2D",
    "MagneticFieldStrength": 3,
    "Manufacturer": "Philips",
    "ManufacturersModelName": "Ingenia",
    "Modality": "MR",
    "PartialFourier": 0.5,
    "PatientPosition": "HFS",
    "PercentPhaseFOV": 100,
    "PhaseEncodingAxis": "j",
    "PhaseEncodingSteps": 78,
    "PhilipsRescaleIntercept": 0,
    "PhilipsRescaleSlope": 0.754579,
    "PhilipsScaleSlope": 0.0249676,
    "PixelBandwidth": 2071,
    "ProcedureStepDescription": "FIBROMIALGIA",
    "ProtocolName": "WIP_TASK_FMRI",
    "ReconMatrixPE": 80,
    "RepetitionTime": 2,
    "SAR": 0.117749,
    "ScanOptions": "FS",
    "ScanningSequence": "GR",
    "SequenceVariant": "SK",
    "SeriesDescription": "TASK_FMRI",
    "SeriesNumber": 901,
    "SliceThickness": 3,
    "SliceTiming": [
      0,
      1.027027,
      0.054054,
      1.081081,
      0.108108,
      1.13513,
      0.162162,
      1.189189,
      0.216216,
      1.243244,
      0.27027,
      1.297298,
      0.324324,
      1.351352,
      0.378378,
      1.405406,
      0.432432,
      1.45946,
      0.486486,
      1.513514,
      0.540541,
      1.567568,
      0.594595,
      1.621622,
      0.648649,
      1.675676,
      0.702703,
      1.72973,
      0.756757,
      1.783784,
      0.810811,
      1.837838,
      0.864865,
      1.891892,
      0.918919,
      1.945947,
      0.972973
    ],
    "SoftwareVersions": "5.3.1_5.3.1.0",
    "SpacingBetweenSlices": 3,
    "StationName": "PHILIPS-CTMFQSD",
    "TaskName": "epr",
    "UsePhilipsFloatNotDisplayScaling": 1,
    "dataset": "ds004144",
    "modality": "bold",
    "subject_id": "007",
    "task_id": "epr"
  },
  "dummy_trs": 0,
  "dvars_nstd": 26.545062816589127,
  "dvars_std": 1.0752831776227387,
  "dvars_vstd": 0.9013534872222226,
  "efc": 0.41612520259999386,
  "fber": 87492.859375,
  "fd_mean": 0.15771810240228523,
  "fd_num": 191,
  "fd_perc": 24.64516129032258,
  "fwhm_avg": 1.9220522222222225,
  "fwhm_x": 1.8533533333333334,
  "fwhm_y": 1.9820166666666665,
  "fwhm_z": 1.9307866666666669,
  "gcor": 0.134314,
  "gsr_x": -0.019272005185484886,
  "gsr_y": 0.017210515215992928,
  "provenance": {
    "md5sum": "89cb1fc9fad2b6098b67b663a90ad5e4",
    "settings": {
      "fd_thres": 0.2,
      "testing": false
    },
    "software": "mriqc",
    "version": "23.0.0",
    "webapi_port": null,
    "webapi_url": "https://mriqc.nimh.nih.gov/api/v1"
  },
  "size_t": 775,
  "size_x": 80,
  "size_y": 80,
  "size_z": 37,
  "snr": 4.895130940671938,
  "spacing_tr": 2.0000016689300537,
  "spacing_x": 3.0,
  "spacing_y": 3.0,
  "spacing_z": 3.0,
  "summary_bg_k": 59.790036056757195,
  "summary_bg_mad": 205.0825535629751,
  "summary_bg_mean": 1343.278564453125,
  "summary_bg_median": 187.57192993164062,
  "summary_bg_n": 162745.0,
  "summary_bg_p05": 20.03371696472168,
  "summary_bg_p95": 7215.090234374994,
  "summary_bg_stdv": 3785.577880859375,
  "summary_fg_k": 2.2805949796633254,
  "summary_fg_mad": 9897.678668295917,
  "summary_fg_mean": 57762.0546875,
  "summary_fg_median": 56786.8203125,
  "summary_fg_n": 34016.0,
  "summary_fg_p05": 40678.4833984375,
  "summary_fg_p95": 77915.068359375,
  "summary_fg_stdv": 11600.50390625,
  "tsnr": 32.78569793701172
}