{
  "aor": 0.0013475333333333333,
  "aqi": 0.006418180333333334,
  "bids_meta": {
    "AcquisitionMatrixPE": 78,
    "AcquisitionNumber": 3,
    "AcquisitionTime": "12:30:5.830000",
    "BodyPartExamined": "BRAIN",
    "CoilString": "MULTI_COIL",
    "ConversionSoftware": "dcm2niix",
    "ConversionSoftwareVersion": "v1.0.20190410  (JP2:OpenJPEG) GCC6.3.0",
    "Dcm2bidsVersion": "2.1.4",
    "DeviceSerialNumber": "42451",
    "EchoTime": 0.030001,
    "EchoTrainLength": 39,
    "FlipAngle": 75,
    "ImageOrientationPatientDICOM": [
      0.999993,
      0,
      -0.00362181,
      0,
      1,
      0
    ],
    "ImageType": [
      "ORIGINAL",
      "PRIMARY",
      "M",
      "FFE",
      "M",
      "FFE"
    ],
    "ImagingFrequency": 127.759,
    "InPlanePhaseEncodingDirectionDICOM": "COL",
    "InstitutionAddress": "Calzada_Mexico_Xochimilco_No.101_Tlalpan",
    "InstitutionName": "I.N._Psiquiatria",
    "InstitutionalDepartmentName": "Imagenes_Cerebrales",
    "MRAcquisitionType": "2D",
    "MagneticFieldStrength": 3,
    "Manufacturer": "Philips",
    "ManufacturersModelName": "Ingenia",
    "Modality": "MR",
    "PartialFourier": 0.5,
    "PatientPosition": "HFS",
    "PercentPhaseFOV": 100,
    "PhaseEncodingAxis": "j",
    "PhaseEncodingSteps": 78,
    "PhilipsRescaleIntercept": 0,
    "PhilipsRescaleSlope": 0.774115,
    "PhilipsScaleSlope": 0.0243576,
    "PixelBandwidth": 2071,
    "ProcedureStepDescription": "FIBROMIALGIA",
    "ProtocolName": "WIP_RESTING_STATE_10m",
    "ReconMatrixPE": 80,
    "RepetitionTime": 2,
    "SAR": 0.117654,
    "ScanOptions": "FS",
    "ScanningSequence": "GR",
    "SequenceVariant": "SK",
    "SeriesDescription": "RESTING_STATE_10m",
    "SeriesNumber": 301,
    "SliceThickness": 3,
    "SliceTiming": [
      0,
      1.027027,
      0.054054,
      1.081081,
      0.108108,
      1.13513,
      0.162162,
      1.189189,
      0.216216,
      1.243244,
      0.27027,
      1.297298,
      0.324324,
      1.351352,
      0.378378,
      1.405406,
      0.432432,
      1.45946,
      0.486486,
      1.513514,
      0.540541,
      1.567568,
      0.594595,
      1.621622,
      0.648649,
      1.675676,
      0.702703,
      1.72973,
      0.756757,
      1.783784,
      0.810811,
      1.837838,
      0.864865,
      1.891892,
      0.918919,
      1.945947,
      0.972973
    ],
    "SoftwareVersions": "5.3.1_5.3.1.0",
    "SpacingBetweenSlices": 3,
    "StationName": "PHILIPS-CTMFQSD",
    "TaskName": "rest",
    "UsePhilipsFloatNotDisplayScaling": 1,
    "dataset": "ds004144",
    "modality": "bold",
    "subject_id": "007",
    "task_id": "rest"
  },
  "dummy_trs": 0,
  "dvars_nstd": 24.265134045886306,
  "dvars_std": 1.1768316572909685,
  "dvars_vstd": 0.980424121137124,
  "efc": 0.41218375137724445,
  "fber": 135241.40625,
  "fd_mean": 0.09756466352612492,
  "fd_num": 22,
  "fd_perc": 7.333333333333333,
  "fwhm_avg": 1.8739066666666666,
  "fwhm_x": 1.8140966666666667,
  "fwhm_y": 1.9259366666666666,
  "fwhm_z": 1.8816866666666667,
  "gcor": 0.0616938,
  "gsr_x": -0.019371043890714645,
  "gsr_y": 0.01758287101984024,
  "provenance": {
    "md5sum": "9264db3bada450724d1ceb617e4cc174",
    "settings": {
      "fd_thres": 0.2,
      "testing": false
    },
    "software": "mriqc",
    "version": "23.0.0",
    "webapi_port": null,
    "webapi_url": "https://mriqc.nimh.nih.gov/api/v1"
  },
  "size_t": 300,
  "size_x": 80,
  "size_y": 80,
  "size_z": 37,
  "snr": 4.968605646414033,
  "spacing_tr": 2.0000016689300537,
  "spacing_x": 3.0,
  "spacing_y": 3.0,
  "spacing_z": 3.0,
  "summary_bg_k": 78.69526689990414,
  "summary_bg_mad": 158.32289293019412,
  "summary_bg_mean": 1238.6566162109375,
  "summary_bg_median": 144.55087280273438,
  "summary_bg_n": 162994.0,
  "summary_bg_p05": 11.415824508666992,
  "summary_bg_p95": 6583.209448242193,
  "summary_bg_stdv": 3726.1708984375,
  "summary_fg_k": 2.40644986040188,
  "summary_fg_mad": 9366.003613344012,
  "summary_fg_mean": 56677.43359375,
  "summary_fg_median": 55569.7734375,
  "summary_fg_n": 33886.0,
  "summary_fg_p05": 40537.7314453125,
  "summary_fg_p95": 76194.236328125,
  "summary_fg_stdv": 11184.013671875,
  "tsnr": 58.65214920043945
}