{
  "aor": 0.0018621666666666667,
  "aqi": 0.014903937099999999,
  "bids_meta": {
    "AcquisitionMatrixPE": 78,
    "AcquisitionNumber": 3,
    "AcquisitionTime": "11:05:43.910000",
    "BodyPartExamined": "BRAIN",
    "CoilString": "MULTI_COIL",
    "ConversionSoftware": "dcm2niix",
    "ConversionSoftwareVersion": "v1.0.20190410  (JP2:OpenJPEG) GCC6.3.0",
    "Dcm2bidsVersion": "2.1.4",
    "DeviceSerialNumber": "42451",
    "EchoTime": 0.030001,
    "EchoTrainLength": 39,
    "FlipAngle": 75,
    "ImageOrientationPatientDICOM": [
      0.999993,
      0,
      -0.00362181,
      0,
      1,
      0
    ],
    "ImageType": [
      "ORIGINAL",
      "PRIMARY",
      "M",
      "FFE",
      "M",
      "FFE"
    ],
    "ImagingFrequency": 127.759,
    "InPlanePhaseEncodingDirectionDICOM": "COL",
    "InstitutionAddress": "Calzada_Mexico_Xochimilco_No.101_Tlalpan",
    "InstitutionName": "I.N._Psiquiatria",
    "InstitutionalDepartmentName": "Imagenes_Cerebrales",
    "MRAcquisitionType": "2D",
    "MagneticFieldStrength": 3,
    "Manufacturer": "Philips",
    "ManufacturersModelName": "Ingenia",
    "Modality": "MR",
    "PartialFourier": 0.5,
    "PatientPosition": "HFS",
    "PercentPhaseFOV": 100,
    "PhaseEncodingAxis": "j",
    "PhaseEncodingSteps": 78,
    "PhilipsRescaleIntercept": 0,
    "PhilipsRescaleSlope": 0.796337,
    "PhilipsScaleSlope": 0.0260924,
    "PixelBandwidth": 2071,
    "ProcedureStepDescription": "PROTOCOLO_FIBLOMIALGIA",
    "ProtocolName": "WIP_RESTING_STATE_10m",
    "ReconMatrixPE": 80,
    "RepetitionTime": 2,
    "SAR": 0.117654,
    "ScanOptions": "FS",
    "ScanningSequence": "GR",
    "SequenceVariant": "SK",
    "SeriesDescription": "RESTING_STATE_10m",
    "SeriesNumber": 301,
    "SliceThickness": 3,
    "SliceTiming": [
      0,
      1.027027,
      0.054054,
      1.081081,
      0.108108,
      1.13513,
      0.162162,
      1.189189,
      0.216216,
      1.243244,
      0.27027,
      1.297298,
      0.324324,
      1.351352,
      0.378378,
      1.405406,
      0.432432,
      1.45946,
      0.486486,
      1.513514,
      0.540541,
      1.567568,
      0.594595,
      1.621622,
      0.648649,
      1.675676,
      0.702703,
      1.72973,
      0.756757,
      1.783784,
      0.810811,
      1.837838,
      0.864865,
      1.891892,
      0.918919,
      1.945947,
      0.972973
    ],
    "SoftwareVersions": "5.3.1_5.3.1.0",
    "SpacingBetweenSlices": 3,
    "StationName": "PHILIPS-CTMFQSD",
    "TaskName": "rest",
    "UsePhilipsFloatNotDisplayScaling": 1,
    "dataset": "ds004144",
    "modality": "bold",
    "subject_id": "025",
    "task_id": "rest"
  },
  "dummy_trs": 0,
  "dvars_nstd": 26.82207353765884,
  "dvars_std": 1.1145450509364543,
  "dvars_vstd": 0.9619033299665553,
  "efc": 0.39040111051829546,
  "fber": 105419.7578125,
  "fd_mean": 0.09324641040093201,
  "fd_num": 21,
  "fd_perc": 7.0,
  "fwhm_avg": 1.8149755555555556,
  "fwhm_x": 1.77832,
  "fwhm_y": 1.9340533333333332,
  "fwhm_z": 1.7325533333333334,
  "gcor": 0.0756079,
  "gsr_x": -0.01322844997048378,
  "gsr_y": 0.011562044732272625,
  "provenance": {
    "md5sum": "db75c114a053ddbaf01dbc3b3dc7bd6e",
    "settings": {
      "fd_thres": 0.2,
      "testing": false
    },
    "software": "mriqc",
    "version": "23.0.0",
    "webapi_port": null,
    "webapi_url": "https://mriqc.nimh.nih.gov/api/v1"
  },
  "size_t": 300,
  "size_x": 80,
  "size_y": 80,
  "size_z": 37,
  "snr": 5.063416473073709,
  "spacing_tr": 2.0000016689300537,
  "spacing_x": 3.0,
  "spacing_y": 3.0,
  "spacing_z": 3.0,
  "summary_bg_k": 123.98961543860423,
  "summary_bg_mad": 199.09753345611162,
  "summary_bg_mean": 1273.864990234375,
  "summary_bg_median": 155.10743713378906,
  "summary_bg_n": 169855.0,
  "summary_bg_p05": 9.559348964691162,
  "summary_bg_p95": 5140.562353515609,
  "summary_bg_stdv": 3981.8818359375,
  "summary_fg_k": 3.9861116533346452,
  "summary_fg_mad": 7488.172075308345,
  "summary_fg_mean": 52296.6171875,
  "summary_fg_median": 51119.03125,
  "summary_fg_n": 28405.0,
  "summary_fg_p05": 39134.65,
  "summary_fg_p95": 69620.821875,
  "summary_fg_stdv": 10095.5810546875,
  "tsnr": 44.006492614746094
}