{
  "aor": 0.000853177458033573,
  "aqi": 0.019370352398081537,
  "bids_meta": {
    "AcquisitionMatrixPE": 78,
    "AcquisitionNumber": 7,
    "AcquisitionTime": "11:34:36.090000",
    "BodyPartExamined": "BRAIN",
    "CoilString": "MULTI_COIL",
    "ConversionSoftware": "dcm2niix",
    "ConversionSoftwareVersion": "v1.0.20190410  (JP2:OpenJPEG) GCC6.3.0",
    "Dcm2bidsVersion": "2.1.4",
    "DeviceSerialNumber": "42451",
    "EchoTime": 0.030001,
    "EchoTrainLength": 39,
    "FlipAngle": 75,
    "ImageOrientationPatientDICOM": [
      0.999993,
      0,
      -0.00362181,
      0,
      1,
      0
    ],
    "ImageType": [
      "ORIGINAL",
      "PRIMARY",
      "M",
      "FFE",
      "M",
      "FFE"
    ],
    "ImagingFrequency": 127.759,
    "InPlanePhaseEncodingDirectionDICOM": "COL",
    "InstitutionAddress": "Calzada_Mexico_Xochimilco_No.101_Tlalpan",
    "InstitutionName": "I.N._Psiquiatria",
    "InstitutionalDepartmentName": "Imagenes_Cerebrales",
    "MRAcquisitionType": "2D",
    "MagneticFieldStrength": 3,
    "Manufacturer": "Philips",
    "ManufacturersModelName": "Ingenia",
    "Modality": "MR",
    "PartialFourier": 0.5,
    "PatientPosition": "HFS",
    "PercentPhaseFOV": 100,
    "PhaseEncodingAxis": "j",
    "PhaseEncodingSteps": 78,
    "PhilipsRescaleIntercept": 0,
    "PhilipsRescaleSlope": 0.771673,
    "PhilipsScaleSlope": 0.0262105,
    "PixelBandwidth": 2071,
    "ProcedureStepDescription": "PROTOCOLO_FIBLOMIALGIA",
    "ProtocolName": "WIP_TASK_FMRI",
    "ReconMatrixPE": 80,
    "RepetitionTime": 2,
    "SAR": 0.117749,
    "ScanOptions": "FS",
    "ScanningSequence": "GR",
    "SequenceVariant": "SK",
    "SeriesDescription": "TASK_FMRI",
    "SeriesNumber": 701,
    "SliceThickness": 3,
    "SliceTiming": [
      0,
      1.027027,
      0.054054,
      1.081081,
      0.108108,
      1.13513,
      0.162162,
      1.189189,
      0.216216,
      1.243244,
      0.27027,
      1.297298,
      0.324324,
      1.351352,
      0.378378,
      1.405406,
      0.432432,
      1.45946,
      0.486486,
      1.513514,
      0.540541,
      1.567568,
      0.594595,
      1.621622,
      0.648649,
      1.675676,
      0.702703,
      1.72973,
      0.756757,
      1.783784,
      0.810811,
      1.837838,
      0.864865,
      1.891892,
      0.918919,
      1.945947,
      0.972973
    ],
    "SoftwareVersions": "5.3.1_5.3.1.0",
    "SpacingBetweenSlices": 3,
    "StationName": "PHILIPS-CTMFQSD",
    "TaskName": "epr",
    "UsePhilipsFloatNotDisplayScaling": 1,
    "dataset": "ds004144",
    "modality": "bold",
    "subject_id": "025",
    "task_id": "epr"
  },
  "dummy_trs": 0,
  "dvars_nstd": 27.844369716674677,
  "dvars_std": 1.095105969411765,
  "dvars_vstd": 0.934358913565426,
  "efc": 0.38982334669254737,
  "fber": 97111.0859375,
  "fd_mean": 0.18294952747475784,
  "fd_num": 272,
  "fd_perc": 32.61390887290168,
  "fwhm_avg": 1.8670188888888888,
  "fwhm_x": 1.8424933333333333,
  "fwhm_y": 1.9908966666666668,
  "fwhm_z": 1.7676666666666667,
  "gcor": 0.172126,
  "gsr_x": -0.012943832203745842,
  "gsr_y": 0.008657285012304783,
  "provenance": {
    "md5sum": "b8991ac2b9fd215e345d0b3ba42821ff",
    "settings": {
      "fd_thres": 0.2,
      "testing": false
    },
    "software": "mriqc",
    "version": "23.0.0",
    "webapi_port": null,
    "webapi_url": "https://mriqc.nimh.nih.gov/api/v1"
  },
  "size_t": 834,
  "size_x": 80,
  "size_y": 80,
  "size_z": 37,
  "snr": 4.838072138000683,
  "spacing_tr": 2.0000016689300537,
  "spacing_x": 3.0,
  "spacing_y": 3.0,
  "spacing_z": 3.0,
  "summary_bg_k": 107.38145070151238,
  "summary_bg_mad": 211.18428849578441,
  "summary_bg_mean": 1240.936279296875,
  "summary_bg_median": 167.07040405273438,
  "summary_bg_n": 169834.0,
  "summary_bg_p05": 13.569443321228027,
  "summary_bg_p95": 5043.753442382814,
  "summary_bg_stdv": 3643.169189453125,
  "summary_fg_k": 3.900834369758458,
  "summary_fg_mad": 8056.538639460807,
  "summary_fg_mean": 52566.26171875,
  "summary_fg_median": 51446.4765625,
  "summary_fg_n": 28350.0,
  "summary_fg_p05": 38298.8421875,
  "summary_fg_p95": 70486.28554687499,
  "summary_fg_stdv": 10633.4853515625,
  "tsnr": 30.720844268798828
}