{
  "bids_meta": {
    "AcquisitionMatrixPE": 240,
    "AcquisitionNumber": 4,
    "AcquisitionTime": "10:16:25.200000",
    "BodyPartExamined": "BRAIN",
    "CoilString": "MULTI_COIL",
    "ConversionSoftware": "dcm2niix",
    "ConversionSoftwareVersion": "v1.0.20190410  (JP2:OpenJPEG) GCC6.3.0",
    "Dcm2bidsVersion": "2.1.4",
    "DeviceSerialNumber": "42451",
    "EchoTime": 0.0035,
    "EchoTrainLength": 240,
    "FlipAngle": 8,
    "ImageOrientationPatientDICOM": [
      0,
      1,
      0,
      0.000512724,
      0,
      -1
    ],
    "ImageType": [
      "ORIGINAL",
      "PRIMARY",
      "M",
      "FFE",
      "M",
      "FFE"
    ],
    "ImagingFrequency": 127.759,
    "InPlanePhaseEncodingDirectionDICOM": "ROW",
    "InstitutionAddress": "Calzada_Mexico_Xochimilco_No.101_Tlalpan",
    "InstitutionName": "I.N._Psiquiatria",
    "InstitutionalDepartmentName": "Imagenes_Cerebrales",
    "MRAcquisitionType": "3D",
    "MagneticFieldStrength": 3,
    "Manufacturer": "Philips",
    "ManufacturersModelName": "Ingenia",
    "Modality": "MR",
    "PatientPosition": "HFS",
    "PercentPhaseFOV": 100,
    "PhaseEncodingSteps": 240,
    "PhilipsRescaleIntercept": 0,
    "PhilipsRescaleSlope": 3.54212,
    "PhilipsScaleSlope": 0.00583178,
    "PixelBandwidth": 310,
    "ProcedureStepDescription": "PROTOCOLO_FIBROMIALGIA",
    "ProtocolName": "WIP_T1W",
    "ReconMatrixPE": 240,
    "RepetitionTime": 0.007,
    "SAR": 0.0382114,
    "ScanOptions": "OTHER",
    "ScanningSequence": "GR",
    "SequenceVariant": "MP",
    "SeriesDescription": "T1W",
    "SeriesNumber": 401,
    "SliceThickness": 1,
    "SoftwareVersions": "5.3.1_5.3.1.0",
    "SpacingBetweenSlices": 1,
    "StationName": "PHILIPS-CTMFQSD",
    "UsePhilipsFloatNotDisplayScaling": 1,
    "dataset": "ds004144",
    "modality": "T1w",
    "subject_id": "056"
  },
  "cjv": 0.38278903548397014,
  "cnr": 3.5292392191885065,
  "efc": 0.7087983963977185,
  "fber": -1.0,
  "fwhm_avg": 4.37922,
  "fwhm_x": 4.2929,
  "fwhm_y": 4.62486,
  "fwhm_z": 4.2199,
  "icvs_csf": 0.20051972712933736,
  "icvs_gm": 0.41652591379220816,
  "icvs_wm": 0.3829543590784545,
  "inu_med": 0.35981254279613495,
  "inu_range": 0.12496878206729889,
  "provenance": {
    "md5sum": "ddacc3e51d5847e72f236cd5c93d598c",
    "settings": {
      "testing": false
    },
    "software": "mriqc",
    "version": "23.0.0",
    "warnings": {
      "large_rot_frame": true,
      "small_air_mask": false
    },
    "webapi_port": null,
    "webapi_url": "https://mriqc.nimh.nih.gov/api/v1"
  },
  "qi_1": 0.026591280608031818,
  "qi_2": 2.5559324802823885e-05,
  "rpve_csf": 27.505257539364827,
  "rpve_gm": 13.901810367530674,
  "rpve_wm": 17.666024188943325,
  "size_x": 180,
  "size_y": 240,
  "size_z": 240,
  "snr_csf": 2.509035261209869,
  "snr_gm": 14.990498874376565,
  "snr_total": 15.46918494882754,
  "snr_wm": 28.908020710896185,
  "snrd_csf": 41.868375233737446,
  "snrd_gm": 99.58296893732286,
  "snrd_total": 89.76457763381968,
  "snrd_wm": 127.84238873039877,
  "spacing_x": 1.0,
  "spacing_y": 1.0,
  "spacing_z": 1.0,
  "summary_bg_k": 18.609953148100853,
  "summary_bg_mad": 0.0,
  "summary_bg_mean": 1.8417952714197323,
  "summary_bg_median": 0.0,
  "summary_bg_n": 288261.0,
  "summary_bg_p05": 0.0,
  "summary_bg_p95": 12.928935468196869,
  "summary_bg_stdv": 5.124676777701069,
  "summary_csf_k": 0.2655691048757678,
  "summary_csf_mad": 115.45391716672376,
  "summary_csf_mean": 332.27334685192204,
  "summary_csf_median": 327.50720350816846,
  "summary_csf_n": 23004.0,
  "summary_csf_p05": 99.6557475399226,
  "summary_csf_p95": 559.4388012688606,
  "summary_csf_stdv": 130.52829109666038,
  "summary_gm_k": 0.03886602438151199,
  "summary_gm_mad": 51.69578380599571,
  "summary_gm_mean": 777.4908189257196,
  "summary_gm_median": 778.9683619588614,
  "summary_gm_n": 33545.0,
  "summary_gm_p05": 689.6037371113896,
  "summary_gm_p95": 860.7704451009631,
  "summary_gm_stdv": 51.963364101707064,
  "summary_wm_k": 0.6580636524210419,
  "summary_wm_mad": 32.92118803645314,
  "summary_wm_mean": 1001.7556493807225,
  "summary_wm_median": 1000.0221644416451,
  "summary_wm_n": 195680.0,
  "summary_wm_p05": 948.5942242145538,
  "summary_wm_p95": 1061.1246676817536,
  "summary_wm_stdv": 34.593153892845464,
  "tpm_overlap_csf": 0.15472325512697518,
  "tpm_overlap_gm": 0.46934291175817805,
  "tpm_overlap_wm": 0.5339993094368425,
  "wm2max": 0.8529750471800066
}