{
  "bids_meta": {
    "AcquisitionMatrixPE": 240,
    "AcquisitionNumber": 5,
    "AcquisitionTime": "12:15:10.110000",
    "BodyPartExamined": "BRAIN",
    "CoilString": "MULTI_COIL",
    "ConversionSoftware": "dcm2niix",
    "ConversionSoftwareVersion": "v1.0.20190410  (JP2:OpenJPEG) GCC6.3.0",
    "Dcm2bidsVersion": "2.1.4",
    "DeviceSerialNumber": "42451",
    "EchoTime": 0.331,
    "EchoTrainLength": 117,
    "FlipAngle": 90,
    "ImageOrientationPatientDICOM": [
      0,
      1,
      0,
      0.000422149,
      0,
      -1
    ],
    "ImageType": [
      "ORIGINAL",
      "PRIMARY",
      "M",
      "SE",
      "M",
      "SE"
    ],
    "ImagingFrequency": 127.759,
    "InPlanePhaseEncodingDirectionDICOM": "ROW",
    "InstitutionAddress": "Calzada_Mexico_Xochimilco_No.101_Tlalpan",
    "InstitutionName": "I.N._Psiquiatria",
    "InstitutionalDepartmentName": "Imagenes_Cerebrales",
    "MRAcquisitionType": "3D",
    "MagneticFieldStrength": 3,
    "Manufacturer": "Philips",
    "ManufacturersModelName": "Ingenia",
    "Modality": "MR",
    "PatientPosition": "HFS",
    "PercentPhaseFOV": 100,
    "PhaseEncodingSteps": 240,
    "PhilipsRescaleIntercept": 0,
    "PhilipsRescaleSlope": 1.34579,
    "PhilipsScaleSlope": 0.00359717,
    "PixelBandwidth": 413,
    "ProcedureStepDescription": "PROTOCOLO_FIBROMIALGIA",
    "ProtocolName": "WIP_T2W",
    "ReconMatrixPE": 240,
    "RepetitionTime": 2.5,
    "SAR": 0.030152,
    "ScanOptions": "FS",
    "ScanningSequence": "SE",
    "SequenceVariant": "SK",
    "SeriesDescription": "T2W",
    "SeriesNumber": 501,
    "SliceThickness": 1,
    "SoftwareVersions": "5.3.1_5.3.1.0",
    "SpacingBetweenSlices": 1,
    "StationName": "PHILIPS-CTMFQSD",
    "UsePhilipsFloatNotDisplayScaling": 1,
    "dataset": "ds004144",
    "modality": "T2w",
    "subject_id": "070"
  },
  "cjv": 0.6255176305392055,
  "cnr": 1.44411056080059,
  "efc": 0.528281118477368,
  "fber": -1.0,
  "fwhm_avg": 2.9021933333333334,
  "fwhm_x": 2.86209,
  "fwhm_y": 3.10318,
  "fwhm_z": 2.74131,
  "icvs_csf": 0.33515992044171866,
  "icvs_gm": 0.16082007064754647,
  "icvs_wm": 0.5040200089107348,
  "inu_med": 0.9580147862434387,
  "inu_range": 0.17729673385620115,
  "provenance": {
    "md5sum": "b2863ccac112e51258e35e82ad87d234",
    "settings": {
      "testing": false
    },
    "software": "mriqc",
    "version": "23.0.0",
    "warnings": {
      "large_rot_frame": true,
      "small_air_mask": false
    },
    "webapi_port": null,
    "webapi_url": "https://mriqc.nimh.nih.gov/api/v1"
  },
  "qi_1": 0.0007507670999592767,
  "qi_2": 9.919581120338002e-06,
  "rpve_csf": 14.82878205462694,
  "rpve_gm": 36.4721375231158,
  "rpve_wm": 11.892697805488368,
  "size_x": 180,
  "size_y": 240,
  "size_z": 240,
  "snr_csf": 10.426489408775167,
  "snr_gm": 2.1010150681061868,
  "snr_total": 7.288697196834911,
  "snr_wm": 9.338587113623381,
  "snrd_csf": 50.34889660914217,
  "snrd_gm": 100.94413751501062,
  "snrd_total": 60.893040766549376,
  "snrd_wm": 31.386088175495335,
  "spacing_x": 1.0,
  "spacing_y": 1.0,
  "spacing_z": 1.0,
  "summary_bg_k": 203.07718490575715,
  "summary_bg_mad": 0.0,
  "summary_bg_mean": 6.870425823219965,
  "summary_bg_median": 0.0,
  "summary_bg_n": 1492511.0,
  "summary_bg_p05": 0.0,
  "summary_bg_p95": 31.904068626463413,
  "summary_bg_stdv": 20.873463838733294,
  "summary_csf_k": 0.6333587035984074,
  "summary_csf_mad": 141.68763427405185,
  "summary_csf_mean": 1606.7986646742158,
  "summary_csf_median": 1604.1787216998637,
  "summary_csf_n": 16562.0,
  "summary_csf_p05": 1361.271753642708,
  "summary_csf_p95": 1866.2063286080956,
  "summary_csf_stdv": 153.8514286620607,
  "summary_gm_k": -1.2599301413993689,
  "summary_gm_mad": 1278.9598622304147,
  "summary_gm_mean": 2608.901134674486,
  "summary_gm_median": 3216.2062803283334,
  "summary_gm_n": 42009.0,
  "summary_gm_p05": 148.19766911864284,
  "summary_gm_p95": 4298.371939301491,
  "summary_gm_stdv": 1530.7686503326026,
  "summary_wm_k": 0.07975946095916742,
  "summary_wm_mad": 107.31626139692445,
  "summary_wm_mean": 997.5508195085412,
  "summary_wm_median": 999.9999642372131,
  "summary_wm_n": 155584.0,
  "summary_wm_p05": 818.4592730551958,
  "summary_wm_p95": 1166.2063536420465,
  "summary_wm_stdv": 107.08223185874395,
  "tpm_overlap_csf": 0.11282581584370345,
  "tpm_overlap_gm": 0.09227564169014157,
  "tpm_overlap_wm": 0.43973368716162126,
  "wm2max": 0.23740510697032435
}