{
  "bids_meta": {
    "AcquisitionMatrixPE": 240,
    "AcquisitionNumber": 6,
    "AcquisitionTime": "11:25:8.330000",
    "BodyPartExamined": "BRAIN",
    "CoilString": "MULTI_COIL",
    "ConversionSoftware": "dcm2niix",
    "ConversionSoftwareVersion": "v1.0.20190410  (JP2:OpenJPEG) GCC6.3.0",
    "Dcm2bidsVersion": "2.1.4",
    "DeviceSerialNumber": "42451",
    "EchoTime": 0.331,
    "EchoTrainLength": 117,
    "FlipAngle": 90,
    "ImageOrientationPatientDICOM": [
      0,
      1,
      0,
      -0.00362181,
      0,
      -0.999993
    ],
    "ImageType": [
      "ORIGINAL",
      "PRIMARY",
      "M",
      "SE",
      "M",
      "SE"
    ],
    "ImagingFrequency": 127.759,
    "InPlanePhaseEncodingDirectionDICOM": "ROW",
    "InstitutionAddress": "Calzada_Mexico_Xochimilco_No.101_Tlalpan",
    "InstitutionName": "I.N._Psiquiatria",
    "InstitutionalDepartmentName": "Imagenes_Cerebrales",
    "MRAcquisitionType": "3D",
    "MagneticFieldStrength": 3,
    "Manufacturer": "Philips",
    "ManufacturersModelName": "Ingenia",
    "Modality": "MR",
    "PatientPosition": "HFS",
    "PercentPhaseFOV": 100,
    "PhaseEncodingSteps": 240,
    "PhilipsRescaleIntercept": 0,
    "PhilipsRescaleSlope": 1.46911,
    "PhilipsScaleSlope": 0.00319708,
    "PixelBandwidth": 413,
    "ProcedureStepDescription": "FIBROMIALGIA",
    "ProtocolName": "WIP_T2W",
    "ReconMatrixPE": 240,
    "RepetitionTime": 2.5,
    "SAR": 0.030152,
    "ScanOptions": "FS",
    "ScanningSequence": "SE",
    "SequenceVariant": "SK",
    "SeriesDescription": "T2W",
    "SeriesNumber": 601,
    "SliceThickness": 1,
    "SoftwareVersions": "5.3.1_5.3.1.0",
    "SpacingBetweenSlices": 1,
    "StationName": "PHILIPS-CTMFQSD",
    "UsePhilipsFloatNotDisplayScaling": 1,
    "dataset": "ds004144",
    "modality": "T2w",
    "subject_id": "009"
  },
  "cjv": 0.413782164828309,
  "cnr": 1.4966988257494571,
  "efc": 0.481348757236068,
  "fber": -1.0,
  "fwhm_avg": 2.5433233333333334,
  "fwhm_x": 2.54353,
  "fwhm_y": 2.66763,
  "fwhm_z": 2.41881,
  "icvs_csf": 0.29226401156148263,
  "icvs_gm": 0.19787872811311,
  "icvs_wm": 0.5098572603254073,
  "inu_med": 0.8391036093235016,
  "inu_range": 0.22590772509574886,
  "provenance": {
    "md5sum": "944c8b85c89ee9a5772d9a5b948eba9a",
    "settings": {
      "testing": false
    },
    "software": "mriqc",
    "version": "23.0.0",
    "warnings": {
      "large_rot_frame": true,
      "small_air_mask": false
    },
    "webapi_port": null,
    "webapi_url": "https://mriqc.nimh.nih.gov/api/v1"
  },
  "qi_1": 0.03538958038013446,
  "qi_2": 1.2840513353244547e-05,
  "rpve_csf": 17.23683980295036,
  "rpve_gm": 31.289459660766514,
  "rpve_wm": 12.73524755128832,
  "size_x": 180,
  "size_y": 240,
  "size_z": 240,
  "snr_csf": 9.504685082593626,
  "snr_gm": 2.177944282138462,
  "snr_total": 7.539980269262757,
  "snr_wm": 10.937311443056183,
  "snrd_csf": 55.62968047769158,
  "snrd_gm": 116.56914955167976,
  "snrd_total": 69.50061483656391,
  "snrd_wm": 36.30301448032042,
  "spacing_x": 1.0,
  "spacing_y": 1.0,
  "spacing_z": 1.0,
  "summary_bg_k": 436.96352155524096,
  "summary_bg_mad": 0.0,
  "summary_bg_mean": 3.385326435404609,
  "summary_bg_median": 0.0,
  "summary_bg_n": 1582651.0,
  "summary_bg_p05": 0.0,
  "summary_bg_p95": 24.821704365313053,
  "summary_bg_stdv": 18.04759868917778,
  "summary_csf_k": 0.8738473943928944,
  "summary_csf_mad": 151.71223909619073,
  "summary_csf_mean": 1535.9762307746746,
  "summary_csf_median": 1532.4780434556305,
  "summary_csf_n": 8818.0,
  "summary_csf_p05": 1279.8000850461424,
  "summary_csf_p95": 1800.8076596740632,
  "summary_csf_stdv": 161.22482047529166,
  "summary_gm_k": -1.4111114357567758,
  "summary_gm_mad": 821.2260731944126,
  "summary_gm_mean": 2391.965135795329,
  "summary_gm_median": 3211.229341931641,
  "summary_gm_n": 44665.0,
  "summary_gm_p05": 106.90812950581312,
  "summary_gm_p95": 3821.2000026136634,
  "summary_gm_stdv": 1474.4148507963657,
  "summary_wm_k": -0.04937866122604939,
  "summary_wm_mad": 93.71224061698422,
  "summary_wm_mean": 997.0064796186524,
  "summary_wm_median": 1000.0699648931623,
  "summary_wm_n": 176219.0,
  "summary_wm_p05": 842.0501004830003,
  "summary_wm_p95": 1139.7007919847965,
  "summary_wm_stdv": 91.43628509792937,
  "tpm_overlap_csf": 0.10998446571173119,
  "tpm_overlap_gm": 0.11616865826304024,
  "tpm_overlap_wm": 0.45948595092337924,
  "wm2max": 0.26116568435556536
}