{
  "aor": 0.0021972999999999997,
  "aqi": 0.010311443466666667,
  "bids_meta": {
    "AcquisitionMatrixPE": 78,
    "AcquisitionNumber": 3,
    "AcquisitionTime": "10:02:3.340000",
    "BodyPartExamined": "BRAIN",
    "CoilString": "MULTI_COIL",
    "ConversionSoftware": "dcm2niix",
    "ConversionSoftwareVersion": "v1.0.20190410  (JP2:OpenJPEG) GCC6.3.0",
    "Dcm2bidsVersion": "2.1.4",
    "DeviceSerialNumber": "42451",
    "EchoTime": 0.030001,
    "EchoTrainLength": 39,
    "FlipAngle": 75,
    "ImageOrientationPatientDICOM": [
      1,
      0,
      0.000595422,
      0,
      1,
      0
    ],
    "ImageType": [
      "ORIGINAL",
      "PRIMARY",
      "M",
      "FFE",
      "M",
      "FFE"
    ],
    "ImagingFrequency": 127.759,
    "InPlanePhaseEncodingDirectionDICOM": "COL",
    "InstitutionAddress": "Calzada_Mexico_Xochimilco_No.101_Tlalpan",
    "InstitutionName": "I.N._Psiquiatria",
    "InstitutionalDepartmentName": "Imagenes_Cerebrales",
    "MRAcquisitionType": "2D",
    "MagneticFieldStrength": 3,
    "Manufacturer": "Philips",
    "ManufacturersModelName": "Ingenia",
    "Modality": "MR",
    "PartialFourier": 0.5,
    "PatientPosition": "HFS",
    "PercentPhaseFOV": 100,
    "PhaseEncodingAxis": "j",
    "PhaseEncodingSteps": 78,
    "PhilipsRescaleIntercept": 0,
    "PhilipsRescaleSlope": 0.800488,
    "PhilipsScaleSlope": 0.0256421,
    "PixelBandwidth": 2071,
    "ProcedureStepDescription": "PROTOCOLO_FIBROMIALGIA",
    "ProtocolName": "WIP_RESTING_STATE_10m",
    "ReconMatrixPE": 80,
    "RepetitionTime": 2,
    "SAR": 0.117583,
    "ScanOptions": "FS",
    "ScanningSequence": "GR",
    "SequenceVariant": "SK",
    "SeriesDescription": "RESTING_STATE_10m",
    "SeriesNumber": 301,
    "SliceThickness": 3,
    "SliceTiming": [
      0,
      1.027027,
      0.054054,
      1.081081,
      0.108108,
      1.13513,
      0.162162,
      1.189189,
      0.216216,
      1.243244,
      0.27027,
      1.297298,
      0.324324,
      1.351352,
      0.378378,
      1.405406,
      0.432432,
      1.45946,
      0.486486,
      1.513514,
      0.540541,
      1.567568,
      0.594595,
      1.621622,
      0.648649,
      1.675676,
      0.702703,
      1.72973,
      0.756757,
      1.783784,
      0.810811,
      1.837838,
      0.864865,
      1.891892,
      0.918919,
      1.945947,
      0.972973
    ],
    "SoftwareVersions": "5.3.1_5.3.1.0",
    "SpacingBetweenSlices": 3,
    "StationName": "PHILIPS-CTMFQSD",
    "TaskName": "rest",
    "UsePhilipsFloatNotDisplayScaling": 1,
    "dataset": "ds004144",
    "modality": "bold",
    "subject_id": "045",
    "task_id": "rest"
  },
  "dummy_trs": 0,
  "dvars_nstd": 26.121399774046814,
  "dvars_std": 1.2123430647491635,
  "dvars_vstd": 0.9670332328762548,
  "efc": 0.41415149715273447,
  "fber": 109084.640625,
  "fd_mean": 0.1137608900868869,
  "fd_num": 22,
  "fd_perc": 7.333333333333333,
  "fwhm_avg": 1.9688466666666669,
  "fwhm_x": 1.9018666666666666,
  "fwhm_y": 2.040286666666667,
  "fwhm_z": 1.9643866666666667,
  "gcor": 0.0882239,
  "gsr_x": -0.005165536887943745,
  "gsr_y": 0.0064483885653316975,
  "provenance": {
    "md5sum": "43d770c34b7a51d3fa99e19b7c390dc1",
    "settings": {
      "fd_thres": 0.2,
      "testing": false
    },
    "software": "mriqc",
    "version": "23.0.0",
    "webapi_port": null,
    "webapi_url": "https://mriqc.nimh.nih.gov/api/v1"
  },
  "size_t": 300,
  "size_x": 80,
  "size_y": 80,
  "size_z": 37,
  "snr": 4.925320300726299,
  "spacing_tr": 2.0000016689300537,
  "spacing_x": 3.0,
  "spacing_y": 3.0,
  "spacing_z": 3.0,
  "summary_bg_k": 149.82841080612556,
  "summary_bg_mad": 194.81030565606707,
  "summary_bg_mean": 1079.297607421875,
  "summary_bg_median": 161.09268188476562,
  "summary_bg_n": 161574.0,
  "summary_bg_p05": 9.973391723632812,
  "summary_bg_p95": 4730.156884765626,
  "summary_bg_stdv": 3347.804443359375,
  "summary_fg_k": 2.5616683989960425,
  "summary_fg_mad": 8716.151841322899,
  "summary_fg_mean": 56719.83203125,
  "summary_fg_median": 55795.70703125,
  "summary_fg_n": 34940.0,
  "summary_fg_p05": 40354.4919921875,
  "summary_fg_p95": 77434.91953125,
  "summary_fg_stdv": 11328.1787109375,
  "tsnr": 48.403778076171875
}