{
  "aor": 0.0008798681055155877,
  "aqi": 0.02354526971223022,
  "bids_meta": {
    "AcquisitionDateTime": "2019-09-13T13:08:20.023438",
    "ConversionSoftware": "dcm2niix",
    "ConversionSoftwareVersion": "v1.0.20170130",
    "EchoTime": 0.030001,
    "FlipAngle": 75,
    "ImageType": [
      "ORIGINAL",
      "PRIMARY",
      "M",
      "FFE",
      "M",
      "FFE"
    ],
    "MagneticFieldStrength": 3,
    "Manufacturer": "Philips",
    "ManufacturersModelName": "Ingenia",
    "ProcedureStepDescription": "FIBROMIALGIA",
    "ProtocolName": "WIP_TASK_FMRI",
    "RepetitionTime": 2,
    "SliceTiming": [
      0.0,
      1.027027,
      0.054054,
      1.081081,
      0.108108,
      1.13513,
      0.162162,
      1.189189,
      0.216216,
      1.243244,
      0.27027,
      1.297298,
      0.324324,
      1.351352,
      0.378378,
      1.405406,
      0.432432,
      1.45946,
      0.486486,
      1.513514,
      0.540541,
      1.567568,
      0.594595,
      1.621622,
      0.648649,
      1.675676,
      0.702703,
      1.72973,
      0.756757,
      1.783784,
      0.810811,
      1.837838,
      0.864865,
      1.891892,
      0.918919,
      1.945947,
      0.972973
    ],
    "TaskName": "epr",
    "dataset": "ds004144",
    "modality": "bold",
    "subject_id": "075",
    "task_id": "epr"
  },
  "dummy_trs": 0,
  "dvars_nstd": 21.172495870600212,
  "dvars_std": 1.0018277146938774,
  "dvars_vstd": 0.8975777396518615,
  "efc": 0.3842190659621804,
  "fber": 137959.9375,
  "fd_mean": 0.1463292111132055,
  "fd_num": 121,
  "fd_perc": 14.508393285371703,
  "fwhm_avg": 1.9965855555555556,
  "fwhm_x": 1.88724,
  "fwhm_y": 2.15156,
  "fwhm_z": 1.9509566666666667,
  "gcor": 0.170948,
  "gsr_x": -0.0200793594121933,
  "gsr_y": 0.010885798372328281,
  "provenance": {
    "md5sum": "906d3e0f85c96da56e7ac5464c212fdc",
    "settings": {
      "fd_thres": 0.2,
      "testing": false
    },
    "software": "mriqc",
    "version": "23.0.0",
    "webapi_port": null,
    "webapi_url": "https://mriqc.nimh.nih.gov/api/v1"
  },
  "size_t": 834,
  "size_x": 80,
  "size_y": 80,
  "size_z": 37,
  "snr": 5.19046782512779,
  "spacing_tr": 2.0000016689300537,
  "spacing_x": 3.0,
  "spacing_y": 3.0,
  "spacing_z": 3.0,
  "summary_bg_k": 129.03924993559815,
  "summary_bg_mad": 188.2666147863973,
  "summary_bg_mean": 1024.96240234375,
  "summary_bg_median": 161.36312866210938,
  "summary_bg_n": 168343.0,
  "summary_bg_p05": 14.180411529541015,
  "summary_bg_p95": 4560.95263671875,
  "summary_bg_stdv": 3141.22900390625,
  "summary_fg_k": 3.6779225335926196,
  "summary_fg_mad": 9369.382903947519,
  "summary_fg_mean": 61535.89453125,
  "summary_fg_median": 61202.75,
  "summary_fg_n": 29814.0,
  "summary_fg_p05": 43482.03046875,
  "summary_fg_p95": 79722.25078124997,
  "summary_fg_stdv": 11791.1767578125,
  "tsnr": 28.793121337890625
}