{
  "aor": 0.0034821666666666664,
  "aqi": 0.011490001233333333,
  "bids_meta": {
    "AcquisitionDateTime": "2019-09-13T12:39:48.867188",
    "ConversionSoftware": "dcm2niix",
    "ConversionSoftwareVersion": "v1.0.20170130",
    "EchoTime": 0.030001,
    "FlipAngle": 75,
    "ImageType": [
      "ORIGINAL",
      "PRIMARY",
      "M",
      "FFE",
      "M",
      "FFE"
    ],
    "MagneticFieldStrength": 3,
    "Manufacturer": "Philips",
    "ManufacturersModelName": "Ingenia",
    "ProcedureStepDescription": "FIBROMIALGIA",
    "ProtocolName": "WIP_RESTING_STATE_10m",
    "RepetitionTime": 2,
    "SliceTiming": [
      0.0,
      1.027027,
      0.054054,
      1.081081,
      0.108108,
      1.13513,
      0.162162,
      1.189189,
      0.216216,
      1.243244,
      0.27027,
      1.297298,
      0.324324,
      1.351352,
      0.378378,
      1.405406,
      0.432432,
      1.45946,
      0.486486,
      1.513514,
      0.540541,
      1.567568,
      0.594595,
      1.621622,
      0.648649,
      1.675676,
      0.702703,
      1.72973,
      0.756757,
      1.783784,
      0.810811,
      1.837838,
      0.864865,
      1.891892,
      0.918919,
      1.945947,
      0.972973
    ],
    "TaskName": "rest",
    "dataset": "ds004144",
    "modality": "bold",
    "subject_id": "075",
    "task_id": "rest"
  },
  "dummy_trs": 0,
  "dvars_nstd": 22.21389716936454,
  "dvars_std": 1.1254097736789292,
  "dvars_vstd": 0.9600991791304355,
  "efc": 0.38494290255925473,
  "fber": 136353.46875,
  "fd_mean": 0.0971142615098926,
  "fd_num": 26,
  "fd_perc": 8.666666666666666,
  "fwhm_avg": 1.92197,
  "fwhm_x": 1.80666,
  "fwhm_y": 2.06555,
  "fwhm_z": 1.8937,
  "gcor": 0.171557,
  "gsr_x": -0.01997927576303482,
  "gsr_y": 0.009561310522258282,
  "provenance": {
    "md5sum": "590c1e160cc227cd39fb9e60784d17b9",
    "settings": {
      "fd_thres": 0.2,
      "testing": false
    },
    "software": "mriqc",
    "version": "23.0.0",
    "webapi_port": null,
    "webapi_url": "https://mriqc.nimh.nih.gov/api/v1"
  },
  "size_t": 300,
  "size_x": 80,
  "size_y": 80,
  "size_z": 37,
  "snr": 5.37661439602678,
  "spacing_tr": 2.0000016689300537,
  "spacing_x": 3.0,
  "spacing_y": 3.0,
  "spacing_z": 3.0,
  "summary_bg_k": 137.51754050743898,
  "summary_bg_mad": 178.7746158196203,
  "summary_bg_mean": 987.37841796875,
  "summary_bg_median": 155.04153442382812,
  "summary_bg_n": 168082.0,
  "summary_bg_p05": 11.979578399658203,
  "summary_bg_p95": 4325.9894531249965,
  "summary_bg_stdv": 3111.385498046875,
  "summary_fg_k": 3.8661618329308096,
  "summary_fg_mad": 8765.671334562478,
  "summary_fg_mean": 59887.0234375,
  "summary_fg_median": 59342.0078125,
  "summary_fg_n": 29909.0,
  "summary_fg_p05": 43398.53515625,
  "summary_fg_p95": 77576.54218749999,
  "summary_fg_stdv": 11036.8740234375,
  "tsnr": 41.75360870361328
}