{
  "bids_meta": {
    "AcquisitionMatrixPE": 240,
    "AcquisitionNumber": 5,
    "AcquisitionTime": "09:31:32.080000",
    "BodyPartExamined": "BRAIN",
    "CoilString": "MULTI_COIL",
    "ConversionSoftware": "dcm2niix",
    "ConversionSoftwareVersion": "v1.0.20190410  (JP2:OpenJPEG) GCC6.3.0",
    "Dcm2bidsVersion": "2.1.4",
    "DeviceSerialNumber": "42451",
    "EchoTime": 0.331,
    "EchoTrainLength": 117,
    "FlipAngle": 90,
    "ImageOrientationPatientDICOM": [
      0,
      1,
      0,
      -0.017105,
      0,
      -0.999854
    ],
    "ImageType": [
      "ORIGINAL",
      "PRIMARY",
      "M",
      "SE",
      "M",
      "SE"
    ],
    "ImagingFrequency": 127.759,
    "InPlanePhaseEncodingDirectionDICOM": "ROW",
    "InstitutionAddress": "Calzada_Mexico_Xochimilco_No.101_Tlalpan",
    "InstitutionName": "I.N._Psiquiatria",
    "InstitutionalDepartmentName": "Imagenes_Cerebrales",
    "MRAcquisitionType": "3D",
    "MagneticFieldStrength": 3,
    "Manufacturer": "Philips",
    "ManufacturersModelName": "Ingenia",
    "Modality": "MR",
    "PatientPosition": "HFS",
    "PercentPhaseFOV": 100,
    "PhaseEncodingSteps": 240,
    "PhilipsRescaleIntercept": 0,
    "PhilipsRescaleSlope": 1.42735,
    "PhilipsScaleSlope": 0.00321344,
    "PixelBandwidth": 413,
    "ProcedureStepDescription": "PROTOCOLO_FIBROMIALGIA",
    "ProtocolName": "WIP_T2W",
    "ReconMatrixPE": 240,
    "RepetitionTime": 2.5,
    "SAR": 0.030152,
    "ScanOptions": "FS",
    "ScanningSequence": "SE",
    "SequenceVariant": "SK",
    "SeriesDescription": "T2W",
    "SeriesNumber": 501,
    "SliceThickness": 1,
    "SoftwareVersions": "5.3.1_5.3.1.0",
    "SpacingBetweenSlices": 1,
    "StationName": "PHILIPS-CTMFQSD",
    "UsePhilipsFloatNotDisplayScaling": 1,
    "dataset": "ds004144",
    "modality": "T2w",
    "subject_id": "042"
  },
  "cjv": 0.6464149773651766,
  "cnr": 1.2881939077952715,
  "efc": 0.5343722587391281,
  "fber": 5520.49,
  "fwhm_avg": 2.6841233333333334,
  "fwhm_x": 2.68387,
  "fwhm_y": 2.85189,
  "fwhm_z": 2.51661,
  "icvs_csf": 0.2745199240974132,
  "icvs_gm": 0.20510165566471025,
  "icvs_wm": 0.5203784202378765,
  "inu_med": 0.8734456300735474,
  "inu_range": 0.1995178163051604,
  "provenance": {
    "md5sum": "98b7601d75b4a02a38f082cd3c4e4e21",
    "settings": {
      "testing": false
    },
    "software": "mriqc",
    "version": "23.0.0",
    "warnings": {
      "large_rot_frame": true,
      "small_air_mask": false
    },
    "webapi_port": null,
    "webapi_url": "https://mriqc.nimh.nih.gov/api/v1"
  },
  "qi_1": 0.00013930147071789043,
  "qi_2": 3.804365205663499e-06,
  "rpve_csf": 15.58714082408189,
  "rpve_gm": 25.513973520734183,
  "rpve_wm": 10.852901913082878,
  "size_x": 180,
  "size_y": 240,
  "size_z": 240,
  "snr_csf": 10.441905742148286,
  "snr_gm": 1.9311443577436813,
  "snr_total": 8.226422524984292,
  "snr_wm": 12.306217475060913,
  "snrd_csf": 39.56387533408879,
  "snrd_gm": 83.54689389884109,
  "snrd_total": 50.281744986099774,
  "snrd_wm": 27.734465725369432,
  "spacing_x": 1.0,
  "spacing_y": 1.0,
  "spacing_z": 1.0,
  "summary_bg_k": 252.8522718975081,
  "summary_bg_mad": 0.0,
  "summary_bg_mean": 6.762876091812166,
  "summary_bg_median": 0.0,
  "summary_bg_n": 1313255.0,
  "summary_bg_p05": 0.0,
  "summary_bg_p95": 30.758524149656296,
  "summary_bg_stdv": 23.625029441759764,
  "summary_csf_k": 0.809504855550748,
  "summary_csf_mad": 127.31601284959814,
  "summary_csf_mean": 1437.0105409057078,
  "summary_csf_median": 1426.7223124802113,
  "summary_csf_n": 10319.0,
  "summary_csf_p05": 1233.3263521537185,
  "summary_csf_p95": 1671.4961424440146,
  "summary_csf_stdv": 136.62766310989508,
  "summary_gm_k": -1.617365159144034,
  "summary_gm_mad": 1217.652823055881,
  "summary_gm_mean": 2264.3236417091202,
  "summary_gm_median": 3012.8043994009495,
  "summary_gm_n": 53921.0,
  "summary_gm_p05": 84.82950438559055,
  "summary_gm_p95": 3901.0437709987164,
  "summary_gm_stdv": 1560.0990417844102,
  "summary_wm_k": -0.09425401778608178,
  "summary_wm_mad": 83.36413159033656,
  "summary_wm_mean": 998.3294895900733,
  "summary_wm_median": 1000.1391608119011,
  "summary_wm_n": 223275.0,
  "summary_wm_p05": 862.2129280865192,
  "summary_wm_p95": 1127.1398544162512,
  "summary_wm_stdv": 81.27086353980768,
  "tpm_overlap_csf": 0.10719305175368077,
  "tpm_overlap_gm": 0.13167577384406678,
  "tpm_overlap_wm": 0.43984387692676463,
  "wm2max": 0.25672079023989425
}