{
  "bids_meta": {
    "AcquisitionMatrixPE": 240,
    "AcquisitionNumber": 4,
    "AcquisitionTime": "09:27:51.850000",
    "BodyPartExamined": "BRAIN",
    "CoilString": "MULTI_COIL",
    "ConversionSoftware": "dcm2niix",
    "ConversionSoftwareVersion": "v1.0.20190410  (JP2:OpenJPEG) GCC6.3.0",
    "Dcm2bidsVersion": "2.1.4",
    "DeviceSerialNumber": "42451",
    "EchoTime": 0.0035,
    "EchoTrainLength": 240,
    "FlipAngle": 8,
    "ImageOrientationPatientDICOM": [
      0,
      1,
      0,
      -0.017105,
      0,
      -0.999854
    ],
    "ImageType": [
      "ORIGINAL",
      "PRIMARY",
      "M",
      "FFE",
      "M",
      "FFE"
    ],
    "ImagingFrequency": 127.759,
    "InPlanePhaseEncodingDirectionDICOM": "ROW",
    "InstitutionAddress": "Calzada_Mexico_Xochimilco_No.101_Tlalpan",
    "InstitutionName": "I.N._Psiquiatria",
    "InstitutionalDepartmentName": "Imagenes_Cerebrales",
    "MRAcquisitionType": "3D",
    "MagneticFieldStrength": 3,
    "Manufacturer": "Philips",
    "ManufacturersModelName": "Ingenia",
    "Modality": "MR",
    "PatientPosition": "HFS",
    "PercentPhaseFOV": 100,
    "PhaseEncodingSteps": 240,
    "PhilipsRescaleIntercept": 0,
    "PhilipsRescaleSlope": 8.88523,
    "PhilipsScaleSlope": 0.00587496,
    "PixelBandwidth": 310,
    "ProcedureStepDescription": "PROTOCOLO_FIBROMIALGIA",
    "ProtocolName": "WIP_T1W",
    "ReconMatrixPE": 240,
    "RepetitionTime": 0.007,
    "SAR": 0.0382114,
    "ScanOptions": "OTHER",
    "ScanningSequence": "GR",
    "SequenceVariant": "MP",
    "SeriesDescription": "T1W",
    "SeriesNumber": 401,
    "SliceThickness": 1,
    "SoftwareVersions": "5.3.1_5.3.1.0",
    "SpacingBetweenSlices": 1,
    "StationName": "PHILIPS-CTMFQSD",
    "UsePhilipsFloatNotDisplayScaling": 1,
    "dataset": "ds004144",
    "modality": "T1w",
    "subject_id": "042"
  },
  "cjv": 0.39265264234394937,
  "cnr": 3.3029256346398355,
  "efc": 0.7037638243309622,
  "fber": 24313.426289819945,
  "fwhm_avg": 4.373923333333334,
  "fwhm_x": 4.23717,
  "fwhm_y": 4.73805,
  "fwhm_z": 4.14655,
  "icvs_csf": 0.20333755026549769,
  "icvs_gm": 0.4074443158976756,
  "icvs_wm": 0.38921813383682674,
  "inu_med": 0.36937540769577026,
  "inu_range": 0.13297892808914186,
  "provenance": {
    "md5sum": "a91e7487b94e40aebab0374300e447a4",
    "settings": {
      "testing": false
    },
    "software": "mriqc",
    "version": "23.0.0",
    "warnings": {
      "large_rot_frame": true,
      "small_air_mask": false
    },
    "webapi_port": null,
    "webapi_url": "https://mriqc.nimh.nih.gov/api/v1"
  },
  "qi_1": 0.0,
  "qi_2": 4.1914364089871186e-05,
  "rpve_csf": 23.26532899493854,
  "rpve_gm": 11.996096721480827,
  "rpve_wm": 14.70486030725259,
  "size_x": 180,
  "size_y": 240,
  "size_z": 240,
  "snr_csf": 2.5259113751494637,
  "snr_gm": 14.695183671500102,
  "snr_total": 15.313988477698354,
  "snr_wm": 28.720870386445498,
  "snrd_csf": 12.99525027504215,
  "snrd_gm": 31.6757436591788,
  "snrd_total": 28.37406026942553,
  "snrd_wm": 40.45118687405566,
  "spacing_x": 1.0,
  "spacing_y": 1.0,
  "spacing_z": 1.0,
  "summary_bg_k": 91.14325258479485,
  "summary_bg_mad": 0.0,
  "summary_bg_mean": 4.634122442171074,
  "summary_bg_median": 0.0,
  "summary_bg_n": 531812.0,
  "summary_bg_p05": 0.0,
  "summary_bg_p95": 19.270003460347652,
  "summary_bg_stdv": 16.196299943332512,
  "summary_csf_k": 0.4064524197887538,
  "summary_csf_mad": 97.0742052257523,
  "summary_csf_mean": 319.4530892765951,
  "summary_csf_median": 321.268931619823,
  "summary_csf_n": 35799.0,
  "summary_csf_p05": 81.25242952331901,
  "summary_csf_p95": 536.5882236510515,
  "summary_csf_stdv": 127.18753620082447,
  "summary_gm_k": 0.12631705791346493,
  "summary_gm_mad": 51.964073834822734,
  "summary_gm_mean": 781.9004383491103,
  "summary_gm_median": 783.0885983929038,
  "summary_gm_n": 29068.0,
  "summary_gm_p05": 692.6516653843224,
  "summary_gm_p95": 868.5806645404547,
  "summary_gm_stdv": 53.287876207555506,
  "summary_wm_k": 0.5170152424395011,
  "summary_wm_mad": 33.22063939642099,
  "summary_wm_mean": 1001.2028111232942,
  "summary_wm_median": 1000.0353448167443,
  "summary_wm_n": 234273.0,
  "summary_wm_p05": 946.4472813382745,
  "summary_wm_p95": 1060.086053274572,
  "summary_wm_stdv": 34.81904263419615,
  "tpm_overlap_csf": 0.15333329220672984,
  "tpm_overlap_gm": 0.45052079291536007,
  "tpm_overlap_wm": 0.5131273998725201,
  "wm2max": 0.8283319657718907
}