{
  "bids_meta": {
    "AcquisitionMatrixPE": 240,
    "AcquisitionNumber": 5,
    "AcquisitionTime": "11:40:47.870000",
    "BodyPartExamined": "BRAIN",
    "CoilString": "MULTI_COIL",
    "ConversionSoftware": "dcm2niix",
    "ConversionSoftwareVersion": "v1.0.20190410  (JP2:OpenJPEG) GCC6.3.0",
    "Dcm2bidsVersion": "2.1.4",
    "DeviceSerialNumber": "42451",
    "EchoTime": 0.0035,
    "EchoTrainLength": 240,
    "FlipAngle": 8,
    "ImageOrientationPatientDICOM": [
      0,
      1,
      0,
      -0.00362181,
      0,
      -0.999993
    ],
    "ImageType": [
      "ORIGINAL",
      "PRIMARY",
      "M",
      "FFE",
      "M",
      "FFE"
    ],
    "ImagingFrequency": 127.759,
    "InPlanePhaseEncodingDirectionDICOM": "ROW",
    "InstitutionAddress": "Calzada_Mexico_Xochimilco_No.101_Tlalpan",
    "InstitutionName": "I.N._Psiquiatria",
    "InstitutionalDepartmentName": "Imagenes_Cerebrales",
    "MRAcquisitionType": "3D",
    "MagneticFieldStrength": 3,
    "Manufacturer": "Philips",
    "ManufacturersModelName": "Ingenia",
    "Modality": "MR",
    "PatientPosition": "HFS",
    "PercentPhaseFOV": 100,
    "PhaseEncodingSteps": 240,
    "PhilipsRescaleIntercept": 0,
    "PhilipsRescaleSlope": 6.66667,
    "PhilipsScaleSlope": 0.00622628,
    "PixelBandwidth": 310,
    "ProcedureStepDescription": "PROTOCOLO_FIBROMIALGIA",
    "ProtocolName": "WIP_T1W",
    "ReconMatrixPE": 240,
    "RepetitionTime": 0.007,
    "SAR": 0.0382114,
    "ScanOptions": "OTHER",
    "ScanningSequence": "GR",
    "SequenceVariant": "MP",
    "SeriesDescription": "T1W",
    "SeriesNumber": 501,
    "SliceThickness": 1,
    "SoftwareVersions": "5.3.1_5.3.1.0",
    "SpacingBetweenSlices": 1,
    "StationName": "PHILIPS-CTMFQSD",
    "UsePhilipsFloatNotDisplayScaling": 1,
    "dataset": "ds004144",
    "modality": "T1w",
    "subject_id": "059"
  },
  "cjv": 0.33155522677309524,
  "cnr": 4.021224121289088,
  "efc": 0.7011846689864241,
  "fber": -1.0,
  "fwhm_avg": 4.42227,
  "fwhm_x": 4.25352,
  "fwhm_y": 4.80404,
  "fwhm_z": 4.20925,
  "icvs_csf": 0.22542247980304894,
  "icvs_gm": 0.42149472513670916,
  "icvs_wm": 0.35308279506024187,
  "inu_med": 0.5085335969924927,
  "inu_range": 0.20295805335044842,
  "provenance": {
    "md5sum": "196bc36e74514b043fa8a357e871c788",
    "settings": {
      "testing": false
    },
    "software": "mriqc",
    "version": "23.0.0",
    "warnings": {
      "large_rot_frame": true,
      "small_air_mask": false
    },
    "webapi_port": null,
    "webapi_url": "https://mriqc.nimh.nih.gov/api/v1"
  },
  "qi_1": 0.0,
  "qi_2": 7.30352237919967e-05,
  "rpve_csf": 26.363190478991232,
  "rpve_gm": 14.201740531561,
  "rpve_wm": 19.03782950379626,
  "size_x": 180,
  "size_y": 240,
  "size_z": 240,
  "snr_csf": 3.4900196682001745,
  "snr_gm": 15.557769715614258,
  "snr_total": 15.157492166012487,
  "snr_wm": 26.42468711422303,
  "snrd_csf": 21.96435102317208,
  "snrd_gm": 51.3035654469346,
  "snrd_total": 47.21006578802048,
  "snrd_wm": 68.36228089395476,
  "spacing_x": 1.0,
  "spacing_y": 1.0,
  "spacing_z": 1.0,
  "summary_bg_k": 26.927016463468952,
  "summary_bg_mad": 0.0,
  "summary_bg_mean": 4.278181657676395,
  "summary_bg_median": 0.0,
  "summary_bg_n": 401056.0,
  "summary_bg_p05": 0.0,
  "summary_bg_p95": 23.016746807843447,
  "summary_bg_stdv": 9.58357274705285,
  "summary_csf_k": 2.5919574310167715,
  "summary_csf_mad": 56.48367258679998,
  "summary_csf_mean": 321.1899679160925,
  "summary_csf_median": 321.30248887464404,
  "summary_csf_n": 58049.0,
  "summary_csf_p05": 134.66632574051619,
  "summary_csf_p95": 472.6764310710132,
  "summary_csf_stdv": 92.06243858145618,
  "summary_gm_k": 0.2165396381847815,
  "summary_gm_mad": 47.52332719497256,
  "summary_gm_mean": 750.460538180331,
  "summary_gm_median": 750.4871529713273,
  "summary_gm_n": 34047.0,
  "summary_gm_p05": 671.3264887966216,
  "summary_gm_p95": 828.6311264894903,
  "summary_gm_stdv": 48.2380280251096,
  "summary_wm_k": 0.7502125791557277,
  "summary_wm_mad": 35.2133199744246,
  "summary_wm_mean": 1000.1839945613955,
  "summary_wm_median": 1000.0282263383269,
  "summary_wm_n": 156215.0,
  "summary_wm_p05": 938.3489931747317,
  "summary_wm_p95": 1062.1593220159411,
  "summary_wm_stdv": 37.844346886803365,
  "tpm_overlap_csf": 0.15650039887355696,
  "tpm_overlap_gm": 0.4566276492259381,
  "tpm_overlap_wm": 0.4803618676257253,
  "wm2max": 0.7467313212413995
}