{
  "bids_meta": {
    "AcquisitionMatrixPE": 240,
    "AcquisitionNumber": 5,
    "AcquisitionTime": "09:53:10.730000",
    "BodyPartExamined": "BRAIN",
    "CoilString": "MULTI_COIL",
    "ConversionSoftware": "dcm2niix",
    "ConversionSoftwareVersion": "v1.0.20190410  (JP2:OpenJPEG) GCC6.3.0",
    "Dcm2bidsVersion": "2.1.4",
    "DeviceSerialNumber": "42451",
    "EchoTime": 0.331,
    "EchoTrainLength": 117,
    "FlipAngle": 90,
    "ImageOrientationPatientDICOM": [
      1.69407e-21,
      1,
      0.000234205,
      -0.00362181,
      0.000234204,
      -0.999993
    ],
    "ImageType": [
      "ORIGINAL",
      "PRIMARY",
      "M",
      "SE",
      "M",
      "SE"
    ],
    "ImagingFrequency": 127.759,
    "InPlanePhaseEncodingDirectionDICOM": "ROW",
    "InstitutionAddress": "Calzada_Mexico_Xochimilco_No.101_Tlalpan",
    "InstitutionName": "I.N._Psiquiatria",
    "InstitutionalDepartmentName": "Imagenes_Cerebrales",
    "MRAcquisitionType": "3D",
    "MagneticFieldStrength": 3,
    "Manufacturer": "Philips",
    "ManufacturersModelName": "Ingenia",
    "Modality": "MR",
    "PatientPosition": "HFS",
    "PercentPhaseFOV": 100,
    "PhaseEncodingSteps": 240,
    "PhilipsRescaleIntercept": 0,
    "PhilipsRescaleSlope": 1.34579,
    "PhilipsScaleSlope": 0.00278006,
    "PixelBandwidth": 413,
    "ProcedureStepDescription": "PROTOCOLO_FIBROMIALGIA",
    "ProtocolName": "WIP_T2W",
    "ReconMatrixPE": 240,
    "RepetitionTime": 2.5,
    "SAR": 0.030152,
    "ScanOptions": "FS",
    "ScanningSequence": "SE",
    "SequenceVariant": "SK",
    "SeriesDescription": "T2W",
    "SeriesNumber": 501,
    "SliceThickness": 1,
    "SoftwareVersions": "5.3.1_5.3.1.0",
    "SpacingBetweenSlices": 1,
    "StationName": "PHILIPS-CTMFQSD",
    "UsePhilipsFloatNotDisplayScaling": 1,
    "dataset": "ds004144",
    "modality": "T2w",
    "subject_id": "052"
  },
  "cjv": 0.5636698416475494,
  "cnr": 1.481313042183771,
  "efc": 0.4832431440016274,
  "fber": -1.0,
  "fwhm_avg": 2.6181966666666665,
  "fwhm_x": 2.65315,
  "fwhm_y": 2.6854,
  "fwhm_z": 2.51604,
  "icvs_csf": 0.18783940360912085,
  "icvs_gm": 0.1779108863857525,
  "icvs_wm": 0.6342497100051266,
  "inu_med": 0.9555399417877197,
  "inu_range": 0.19103924334049238,
  "provenance": {
    "md5sum": "a2075c1ed22000bb98151d101568873e",
    "settings": {
      "testing": false
    },
    "software": "mriqc",
    "version": "23.0.0",
    "warnings": {
      "large_rot_frame": true,
      "small_air_mask": false
    },
    "webapi_port": null,
    "webapi_url": "https://mriqc.nimh.nih.gov/api/v1"
  },
  "qi_1": 0.0738752155510268,
  "qi_2": 2.0221371743950294e-05,
  "rpve_csf": 21.961529989199825,
  "rpve_gm": 36.46014827238709,
  "rpve_wm": 10.435538788088776,
  "size_x": 180,
  "size_y": 240,
  "size_z": 240,
  "snr_csf": 4.521898846621686,
  "snr_gm": 2.1183264437616103,
  "snr_total": 5.482795619178421,
  "snr_wm": 9.808161567151966,
  "snrd_csf": 167.99657832614187,
  "snrd_gm": 305.990558778676,
  "snrd_total": 188.51897269442085,
  "snrd_wm": 91.56978097844464,
  "spacing_x": 1.0,
  "spacing_y": 1.0,
  "spacing_z": 1.0,
  "summary_bg_k": 35.52767583686117,
  "summary_bg_mad": 0.0,
  "summary_bg_mean": 1.8071051176828257,
  "summary_bg_median": 0.0,
  "summary_bg_n": 1174969.0,
  "summary_bg_p05": 0.0,
  "summary_bg_p95": 16.83908449113369,
  "summary_bg_stdv": 7.157745746955807,
  "summary_csf_k": 1.4514970174193493,
  "summary_csf_mad": 371.46221180339245,
  "summary_csf_mean": 1861.413468377003,
  "summary_csf_median": 1835.4602095335722,
  "summary_csf_n": 1216.0,
  "summary_csf_p05": 1278.6188695840538,
  "summary_csf_p95": 2512.025174867362,
  "summary_csf_stdv": 405.73781154356374,
  "summary_gm_k": -1.170262217964151,
  "summary_gm_mad": 1217.160086415456,
  "summary_gm_mean": 2688.519033574526,
  "summary_gm_median": 3343.124608412385,
  "summary_gm_n": 45333.0,
  "summary_gm_p05": 102.24269238114357,
  "summary_gm_p95": 4334.244427156448,
  "summary_gm_stdv": 1578.1740085836582,
  "summary_wm_k": -0.0656617345896886,
  "summary_wm_mad": 103.3332192569413,
  "summary_wm_mean": 1003.3961263842596,
  "summary_wm_median": 1000.4530512243509,
  "summary_wm_n": 300745.0,
  "summary_wm_p05": 839.839900046587,
  "summary_wm_p95": 1174.5072653591633,
  "summary_wm_stdv": 102.00192779065607,
  "tpm_overlap_csf": 0.12804627244646363,
  "tpm_overlap_gm": 0.09623166678449722,
  "tpm_overlap_wm": 0.45260446813964317,
  "wm2max": 0.23184474651029627
}