{
  "aor": 0.0008809987966305657,
  "aqi": 0.02314149879663056,
  "bids_meta": {
    "AcquisitionMatrixPE": 78,
    "AcquisitionNumber": 11,
    "AcquisitionTime": "13:25:11.120000",
    "BodyPartExamined": "BRAIN",
    "CoilString": "MULTI_COIL",
    "ConversionSoftware": "dcm2niix",
    "ConversionSoftwareVersion": "v1.0.20190410  (JP2:OpenJPEG) GCC6.3.0",
    "Dcm2bidsVersion": "2.1.4",
    "DeviceSerialNumber": "42451",
    "EchoTime": 0.030001,
    "EchoTrainLength": 39,
    "FlipAngle": 75,
    "ImageOrientationPatientDICOM": [
      1,
      0,
      0.000525091,
      0,
      1,
      0
    ],
    "ImageType": [
      "ORIGINAL",
      "PRIMARY",
      "M",
      "FFE",
      "M",
      "FFE"
    ],
    "ImagingFrequency": 127.759,
    "InPlanePhaseEncodingDirectionDICOM": "COL",
    "InstitutionAddress": "Calzada_Mexico_Xochimilco_No.101_Tlalpan",
    "InstitutionName": "I.N._Psiquiatria",
    "InstitutionalDepartmentName": "Imagenes_Cerebrales",
    "MRAcquisitionType": "2D",
    "MagneticFieldStrength": 3,
    "Manufacturer": "Philips",
    "ManufacturersModelName": "Ingenia",
    "Modality": "MR",
    "PartialFourier": 0.5,
    "PatientPosition": "HFS",
    "PercentPhaseFOV": 100,
    "PhaseEncodingAxis": "j",
    "PhaseEncodingSteps": 78,
    "PhilipsRescaleIntercept": 0,
    "PhilipsRescaleSlope": 0.778999,
    "PhilipsScaleSlope": 0.0254042,
    "PixelBandwidth": 2071,
    "ProcedureStepDescription": "PROTOCOLO_FIBROMIALGIA",
    "ProtocolName": "WIP_TASK_FMRI",
    "ReconMatrixPE": 80,
    "RepetitionTime": 2,
    "SAR": 0.117678,
    "ScanOptions": "FS",
    "ScanningSequence": "GR",
    "SequenceVariant": "SK",
    "SeriesDescription": "TASK_FMRI",
    "SeriesNumber": 1101,
    "SliceThickness": 3,
    "SliceTiming": [
      0,
      1.027027,
      0.054054,
      1.081081,
      0.108108,
      1.13513,
      0.162162,
      1.189189,
      0.216216,
      1.243244,
      0.27027,
      1.297298,
      0.324324,
      1.351352,
      0.378378,
      1.405406,
      0.432432,
      1.45946,
      0.486486,
      1.513514,
      0.540541,
      1.567568,
      0.594595,
      1.621622,
      0.648649,
      1.675676,
      0.702703,
      1.72973,
      0.756757,
      1.783784,
      0.810811,
      1.837838,
      0.864865,
      1.891892,
      0.918919,
      1.945947,
      0.972973
    ],
    "SoftwareVersions": "5.3.1_5.3.1.0",
    "SpacingBetweenSlices": 3,
    "StationName": "PHILIPS-CTMFQSD",
    "TaskName": "epr",
    "UsePhilipsFloatNotDisplayScaling": 1,
    "dataset": "ds004144",
    "modality": "bold",
    "subject_id": "066",
    "task_id": "epr"
  },
  "dummy_trs": 3,
  "dvars_nstd": 34.16754694568673,
  "dvars_std": 1.1595869853975906,
  "dvars_vstd": 0.9096533948192757,
  "efc": 0.40750443603067105,
  "fber": 86190.3359375,
  "fd_mean": 0.1937470321891926,
  "fd_num": 238,
  "fd_perc": 28.640192539109506,
  "fwhm_avg": 1.9346655555555559,
  "fwhm_x": 1.8750099999999998,
  "fwhm_y": 2.045716666666667,
  "fwhm_z": 1.8832700000000002,
  "gcor": 0.119661,
  "gsr_x": -0.019911976531147957,
  "gsr_y": 0.020621640607714653,
  "provenance": {
    "md5sum": "9fe6f74c5e2c7b3d2a1729b9ef4efff3",
    "settings": {
      "fd_thres": 0.2,
      "testing": false
    },
    "software": "mriqc",
    "version": "23.0.0",
    "webapi_port": null,
    "webapi_url": "https://mriqc.nimh.nih.gov/api/v1"
  },
  "size_t": 831,
  "size_x": 80,
  "size_y": 80,
  "size_z": 37,
  "snr": 4.331101381100225,
  "spacing_tr": 2.0000016689300537,
  "spacing_x": 3.0,
  "spacing_y": 3.0,
  "spacing_z": 3.0,
  "summary_bg_k": 178.3310465637648,
  "summary_bg_mad": 204.85135790414188,
  "summary_bg_mean": 1082.247314453125,
  "summary_bg_median": 174.48178100585938,
  "summary_bg_n": 163640.0,
  "summary_bg_p05": 15.854399919509888,
  "summary_bg_p95": 4628.96882324218,
  "summary_bg_stdv": 3418.87646484375,
  "summary_fg_k": 3.683846444653077,
  "summary_fg_mad": 8539.394962377977,
  "summary_fg_mean": 53458.19921875,
  "summary_fg_median": 51891.859375,
  "summary_fg_n": 33750.0,
  "summary_fg_p05": 37702.0791015625,
  "summary_fg_p95": 76276.5625,
  "summary_fg_stdv": 11981.0380859375,
  "tsnr": 28.587244033813477
}