{
  "aor": 0.0010114,
  "aqi": 0.018258909633333334,
  "bids_meta": {
    "AcquisitionMatrixPE": 78,
    "AcquisitionNumber": 4,
    "AcquisitionTime": "12:44:8.980000",
    "BodyPartExamined": "BRAIN",
    "CoilString": "MULTI_COIL",
    "ConversionSoftware": "dcm2niix",
    "ConversionSoftwareVersion": "v1.0.20190410  (JP2:OpenJPEG) GCC6.3.0",
    "Dcm2bidsVersion": "2.1.4",
    "DeviceSerialNumber": "42451",
    "EchoTime": 0.030001,
    "EchoTrainLength": 39,
    "FlipAngle": 75,
    "ImageOrientationPatientDICOM": [
      1,
      0,
      0.000525091,
      0,
      1,
      0
    ],
    "ImageType": [
      "ORIGINAL",
      "PRIMARY",
      "M",
      "FFE",
      "M",
      "FFE"
    ],
    "ImagingFrequency": 127.759,
    "InPlanePhaseEncodingDirectionDICOM": "COL",
    "InstitutionAddress": "Calzada_Mexico_Xochimilco_No.101_Tlalpan",
    "InstitutionName": "I.N._Psiquiatria",
    "InstitutionalDepartmentName": "Imagenes_Cerebrales",
    "MRAcquisitionType": "2D",
    "MagneticFieldStrength": 3,
    "Manufacturer": "Philips",
    "ManufacturersModelName": "Ingenia",
    "Modality": "MR",
    "PartialFourier": 0.5,
    "PatientPosition": "HFS",
    "PercentPhaseFOV": 100,
    "PhaseEncodingAxis": "j",
    "PhaseEncodingSteps": 78,
    "PhilipsRescaleIntercept": 0,
    "PhilipsRescaleSlope": 0.781441,
    "PhilipsScaleSlope": 0.0263561,
    "PixelBandwidth": 2071,
    "ProcedureStepDescription": "PROTOCOLO_FIBROMIALGIA",
    "ProtocolName": "WIP_RESTING_STATE_10m",
    "ReconMatrixPE": 80,
    "RepetitionTime": 2,
    "SAR": 0.117583,
    "ScanOptions": "FS",
    "ScanningSequence": "GR",
    "SequenceVariant": "SK",
    "SeriesDescription": "RESTING_STATE_10m",
    "SeriesNumber": 401,
    "SliceThickness": 3,
    "SliceTiming": [
      0,
      1.027027,
      0.054054,
      1.081081,
      0.108108,
      1.13513,
      0.162162,
      1.189189,
      0.216216,
      1.243244,
      0.27027,
      1.297298,
      0.324324,
      1.351352,
      0.378378,
      1.405406,
      0.432432,
      1.45946,
      0.486486,
      1.513514,
      0.540541,
      1.567568,
      0.594595,
      1.621622,
      0.648649,
      1.675676,
      0.702703,
      1.72973,
      0.756757,
      1.783784,
      0.810811,
      1.837838,
      0.864865,
      1.891892,
      0.918919,
      1.945947,
      0.972973
    ],
    "SoftwareVersions": "5.3.1_5.3.1.0",
    "SpacingBetweenSlices": 3,
    "StationName": "PHILIPS-CTMFQSD",
    "TaskName": "rest",
    "UsePhilipsFloatNotDisplayScaling": 1,
    "dataset": "ds004144",
    "modality": "bold",
    "subject_id": "066",
    "task_id": "rest"
  },
  "dummy_trs": 0,
  "dvars_nstd": 30.339605605785952,
  "dvars_std": 1.1241568400000006,
  "dvars_vstd": 0.9158558252173914,
  "efc": 0.40676790979234634,
  "fber": 102671.859375,
  "fd_mean": 0.13362237203030933,
  "fd_num": 47,
  "fd_perc": 15.666666666666666,
  "fwhm_avg": 1.8906433333333335,
  "fwhm_x": 1.8360766666666668,
  "fwhm_y": 1.9970333333333334,
  "fwhm_z": 1.8388200000000001,
  "gcor": 0.120964,
  "gsr_x": -0.01914641633629799,
  "gsr_y": 0.01918216049671173,
  "provenance": {
    "md5sum": "122c1bf3c178efcd81e958eebb2a15ea",
    "settings": {
      "fd_thres": 0.2,
      "testing": false
    },
    "software": "mriqc",
    "version": "23.0.0",
    "webapi_port": null,
    "webapi_url": "https://mriqc.nimh.nih.gov/api/v1"
  },
  "size_t": 300,
  "size_x": 80,
  "size_y": 80,
  "size_z": 37,
  "snr": 4.470177243851817,
  "spacing_tr": 2.0000016689300537,
  "spacing_x": 3.0,
  "spacing_y": 3.0,
  "spacing_z": 3.0,
  "summary_bg_k": 203.28521368073893,
  "summary_bg_mad": 184.3693318886218,
  "summary_bg_mean": 1024.833740234375,
  "summary_bg_median": 154.53192138671875,
  "summary_bg_n": 163514.0,
  "summary_bg_p05": 12.666731071472169,
  "summary_bg_p95": 4364.2842773437515,
  "summary_bg_stdv": 3378.53759765625,
  "summary_fg_k": 3.8220898450786533,
  "summary_fg_mad": 7779.52657690436,
  "summary_fg_mean": 52142.6171875,
  "summary_fg_median": 50550.515625,
  "summary_fg_n": 33822.0,
  "summary_fg_p05": 37666.598046875,
  "summary_fg_p95": 74306.56015625,
  "summary_fg_stdv": 11308.224609375,
  "tsnr": 37.09935760498047
}