{
  "bids_meta": {
    "AcquisitionMatrixPE": 240,
    "AcquisitionNumber": 4,
    "AcquisitionTime": "11:13:38.860000",
    "BodyPartExamined": "BRAIN",
    "CoilString": "MULTI_COIL",
    "ConversionSoftware": "dcm2niix",
    "ConversionSoftwareVersion": "v1.0.20190410  (JP2:OpenJPEG) GCC6.3.0",
    "Dcm2bidsVersion": "2.1.4",
    "DeviceSerialNumber": "42451",
    "EchoTime": 0.0035,
    "EchoTrainLength": 240,
    "FlipAngle": 8,
    "ImageOrientationPatientDICOM": [
      0,
      1,
      0,
      0.000521836,
      0,
      -1
    ],
    "ImageType": [
      "ORIGINAL",
      "PRIMARY",
      "M",
      "FFE",
      "M",
      "FFE"
    ],
    "ImagingFrequency": 127.759,
    "InPlanePhaseEncodingDirectionDICOM": "ROW",
    "InstitutionAddress": "Calzada_Mexico_Xochimilco_No.101_Tlalpan",
    "InstitutionName": "I.N._Psiquiatria",
    "InstitutionalDepartmentName": "Imagenes_Cerebrales",
    "MRAcquisitionType": "3D",
    "MagneticFieldStrength": 3,
    "Manufacturer": "Philips",
    "ManufacturersModelName": "Ingenia",
    "Modality": "MR",
    "PatientPosition": "HFS",
    "PercentPhaseFOV": 100,
    "PhaseEncodingSteps": 240,
    "PhilipsRescaleIntercept": 0,
    "PhilipsRescaleSlope": 74.7216,
    "PhilipsScaleSlope": 0.00584163,
    "PixelBandwidth": 310,
    "ProcedureStepDescription": "PROTOCOLO_FIBROMIALGIA",
    "ProtocolName": "WIP_T1W",
    "ReconMatrixPE": 240,
    "RepetitionTime": 0.007,
    "SAR": 0.0382114,
    "ScanOptions": "OTHER",
    "ScanningSequence": "GR",
    "SequenceVariant": "MP",
    "SeriesDescription": "T1W",
    "SeriesNumber": 401,
    "SliceThickness": 1,
    "SoftwareVersions": "5.3.1_5.3.1.0",
    "SpacingBetweenSlices": 1,
    "StationName": "PHILIPS-CTMFQSD",
    "UsePhilipsFloatNotDisplayScaling": 1,
    "dataset": "ds004144",
    "modality": "T1w",
    "subject_id": "050"
  },
  "cjv": 0.3649672718966539,
  "cnr": 3.678791406795192,
  "efc": 0.7073753811892162,
  "fber": -1.0,
  "fwhm_avg": 4.324650000000001,
  "fwhm_x": 4.29241,
  "fwhm_y": 4.53198,
  "fwhm_z": 4.14956,
  "icvs_csf": 0.23266917679478974,
  "icvs_gm": 0.41164820619389336,
  "icvs_wm": 0.35568261701131687,
  "inu_med": 0.41557493805885315,
  "inu_range": 0.15591415762901306,
  "provenance": {
    "md5sum": "32ba3a5d0991416e776532e9a9acfbe5",
    "settings": {
      "testing": false
    },
    "software": "mriqc",
    "version": "23.0.0",
    "warnings": {
      "large_rot_frame": true,
      "small_air_mask": false
    },
    "webapi_port": null,
    "webapi_url": "https://mriqc.nimh.nih.gov/api/v1"
  },
  "qi_1": 0.0,
  "qi_2": 0.00011150359627208008,
  "rpve_csf": 23.592552216929278,
  "rpve_gm": 13.319604780129657,
  "rpve_wm": 17.854798691289655,
  "size_x": 180,
  "size_y": 240,
  "size_z": 240,
  "snr_csf": 2.7268266481927106,
  "snr_gm": 14.763795505367781,
  "snr_total": 15.864171731103667,
  "snr_wm": 30.10189303975051,
  "snrd_csf": 42.21999566210198,
  "snrd_gm": 100.25119228240843,
  "snrd_total": 90.80701490755615,
  "snrd_wm": 129.94985677815805,
  "spacing_x": 1.0,
  "spacing_y": 1.0,
  "spacing_z": 1.0,
  "summary_bg_k": 11.075966915102043,
  "summary_bg_mad": 0.0,
  "summary_bg_mean": 2.4055663634654247,
  "summary_bg_median": 0.0,
  "summary_bg_n": 371085.0,
  "summary_bg_p05": 0.0,
  "summary_bg_p95": 13.659443171694875,
  "summary_bg_stdv": 5.0414551829144925,
  "summary_csf_k": 0.8080552686243041,
  "summary_csf_mad": 92.3158328075995,
  "summary_csf_mean": 322.2339006011025,
  "summary_csf_median": 324.89450434036553,
  "summary_csf_n": 40435.0,
  "summary_csf_p05": 83.68971578162163,
  "summary_csf_p95": 519.6023576349014,
  "summary_csf_stdv": 119.14599963285848,
  "summary_gm_k": 0.157924381431783,
  "summary_gm_mad": 52.095535052986854,
  "summary_gm_mean": 771.4751226295717,
  "summary_gm_median": 771.4605583287776,
  "summary_gm_n": 23928.0,
  "summary_gm_p05": 687.1045573174022,
  "summary_gm_p95": 856.7224211909808,
  "summary_gm_stdv": 52.25244669797366,
  "summary_wm_k": 0.7174703207261723,
  "summary_wm_mad": 31.313869780831993,
  "summary_wm_mean": 1000.6048385787935,
  "summary_wm_median": 999.9999679047614,
  "summary_wm_n": 169822.0,
  "summary_wm_p05": 947.4838190265,
  "summary_wm_p95": 1055.5436024423689,
  "summary_wm_stdv": 33.22040319260687,
  "tpm_overlap_csf": 0.1572332139899675,
  "tpm_overlap_gm": 0.4583601255297247,
  "tpm_overlap_wm": 0.5233154136597292,
  "wm2max": 0.8466164721122708
}