{
  "aor": 0.0015209666666666666,
  "aqi": 0.011493306100000001,
  "bids_meta": {
    "AcquisitionMatrixPE": 78,
    "AcquisitionNumber": 4,
    "AcquisitionTime": "12:48:31.260000",
    "BodyPartExamined": "BRAIN",
    "CoilString": "MULTI_COIL",
    "ConversionSoftware": "dcm2niix",
    "ConversionSoftwareVersion": "v1.0.20190410  (JP2:OpenJPEG) GCC6.3.0",
    "Dcm2bidsVersion": "2.1.4",
    "DeviceSerialNumber": "42451",
    "EchoTime": 0.030001,
    "EchoTrainLength": 39,
    "FlipAngle": 75,
    "ImageOrientationPatientDICOM": [
      1,
      0,
      0.00058225,
      0,
      1,
      0
    ],
    "ImageType": [
      "ORIGINAL",
      "PRIMARY",
      "M",
      "FFE",
      "M",
      "FFE"
    ],
    "ImagingFrequency": 127.759,
    "InPlanePhaseEncodingDirectionDICOM": "COL",
    "InstitutionAddress": "Calzada_Mexico_Xochimilco_No.101_Tlalpan",
    "InstitutionName": "I.N._Psiquiatria",
    "InstitutionalDepartmentName": "Imagenes_Cerebrales",
    "MRAcquisitionType": "2D",
    "MagneticFieldStrength": 3,
    "Manufacturer": "Philips",
    "ManufacturersModelName": "Ingenia",
    "Modality": "MR",
    "PartialFourier": 0.5,
    "PatientPosition": "HFS",
    "PercentPhaseFOV": 100,
    "PhaseEncodingAxis": "j",
    "PhaseEncodingSteps": 78,
    "PhilipsRescaleIntercept": 0,
    "PhilipsRescaleSlope": 0.835409,
    "PhilipsScaleSlope": 0.0242326,
    "PixelBandwidth": 2071,
    "ProcedureStepDescription": "PROTOCOLO_FIBROMIALGIA",
    "ProtocolName": "WIP_RESTING_STATE_10m",
    "ReconMatrixPE": 80,
    "RepetitionTime": 2,
    "SAR": 0.117583,
    "ScanOptions": "FS",
    "ScanningSequence": "GR",
    "SequenceVariant": "SK",
    "SeriesDescription": "RESTING_STATE_10m",
    "SeriesNumber": 401,
    "SliceThickness": 3,
    "SliceTiming": [
      0,
      1.027027,
      0.054054,
      1.081081,
      0.108108,
      1.13513,
      0.162162,
      1.189189,
      0.216216,
      1.243244,
      0.27027,
      1.297298,
      0.324324,
      1.351352,
      0.378378,
      1.405406,
      0.432432,
      1.45946,
      0.486486,
      1.513514,
      0.540541,
      1.567568,
      0.594595,
      1.621622,
      0.648649,
      1.675676,
      0.702703,
      1.72973,
      0.756757,
      1.783784,
      0.810811,
      1.837838,
      0.864865,
      1.891892,
      0.918919,
      1.945947,
      0.972973
    ],
    "SoftwareVersions": "5.3.1_5.3.1.0",
    "SpacingBetweenSlices": 3,
    "StationName": "PHILIPS-CTMFQSD",
    "TaskName": "rest",
    "UsePhilipsFloatNotDisplayScaling": 1,
    "dataset": "ds004144",
    "modality": "bold",
    "subject_id": "060",
    "task_id": "rest"
  },
  "dummy_trs": 0,
  "dvars_nstd": 27.9350519277592,
  "dvars_std": 1.250833435852843,
  "dvars_vstd": 0.967257714916387,
  "efc": 0.4043372556341188,
  "fber": 88630.6171875,
  "fd_mean": 0.08911601791333645,
  "fd_num": 18,
  "fd_perc": 6.0,
  "fwhm_avg": 2.01798,
  "fwhm_x": 1.9592766666666668,
  "fwhm_y": 2.17705,
  "fwhm_z": 1.9176133333333334,
  "gcor": 0.0511983,
  "gsr_x": -0.00986451655626297,
  "gsr_y": 0.012974128127098083,
  "provenance": {
    "md5sum": "853c5b16665f62ea86ddf94ec12dce11",
    "settings": {
      "fd_thres": 0.2,
      "testing": false
    },
    "software": "mriqc",
    "version": "23.0.0",
    "webapi_port": null,
    "webapi_url": "https://mriqc.nimh.nih.gov/api/v1"
  },
  "size_t": 300,
  "size_x": 80,
  "size_y": 80,
  "size_z": 37,
  "snr": 4.700666855744159,
  "spacing_tr": 2.0000016689300537,
  "spacing_x": 3.0,
  "spacing_y": 3.0,
  "spacing_z": 3.0,
  "summary_bg_k": 332.38907562578737,
  "summary_bg_mad": 195.20707696244125,
  "summary_bg_mean": 929.2316284179688,
  "summary_bg_median": 180.14730834960938,
  "summary_bg_n": 162623.0,
  "summary_bg_p05": 12.612281417846683,
  "summary_bg_p95": 4140.222021484374,
  "summary_bg_stdv": 3186.91064453125,
  "summary_fg_k": 4.4321287780449365,
  "summary_fg_mad": 8855.345603122401,
  "summary_fg_mean": 56614.86328125,
  "summary_fg_median": 55153.0859375,
  "summary_fg_n": 33896.0,
  "summary_fg_p05": 41209.0068359375,
  "summary_fg_p95": 77632.587890625,
  "summary_fg_stdv": 11732.861328125,
  "tsnr": 50.223960876464844
}