{
  "bids_meta": {
    "AcquisitionMatrixPE": 240,
    "AcquisitionNumber": 4,
    "AcquisitionTime": "12:15:33.140000",
    "BodyPartExamined": "BRAIN",
    "CoilString": "MULTI_COIL",
    "ConversionSoftware": "dcm2niix",
    "ConversionSoftwareVersion": "v1.0.20190410  (JP2:OpenJPEG) GCC6.3.0",
    "Dcm2bidsVersion": "2.1.4",
    "DeviceSerialNumber": "42451",
    "EchoTime": 0.0035,
    "EchoTrainLength": 240,
    "FlipAngle": 8,
    "ImageOrientationPatientDICOM": [
      0,
      1,
      0,
      0.000564382,
      0,
      -1
    ],
    "ImageType": [
      "ORIGINAL",
      "PRIMARY",
      "M",
      "FFE",
      "M",
      "FFE"
    ],
    "ImagingFrequency": 127.759,
    "InPlanePhaseEncodingDirectionDICOM": "ROW",
    "InstitutionAddress": "Calzada_Mexico_Xochimilco_No.101_Tlalpan",
    "InstitutionName": "I.N._Psiquiatria",
    "InstitutionalDepartmentName": "Imagenes_Cerebrales",
    "MRAcquisitionType": "3D",
    "MagneticFieldStrength": 3,
    "Manufacturer": "Philips",
    "ManufacturersModelName": "Ingenia",
    "Modality": "MR",
    "PatientPosition": "HFS",
    "PercentPhaseFOV": 100,
    "PhaseEncodingSteps": 240,
    "PhilipsRescaleIntercept": 0,
    "PhilipsRescaleSlope": 9.97998,
    "PhilipsScaleSlope": 0.00615715,
    "PixelBandwidth": 310,
    "ProcedureStepDescription": "PROTOCOLO_FIBROMIALGIA",
    "ProtocolName": "WIP_T1W",
    "ReconMatrixPE": 240,
    "RepetitionTime": 0.007,
    "SAR": 0.0382114,
    "ScanOptions": "OTHER",
    "ScanningSequence": "GR",
    "SequenceVariant": "MP",
    "SeriesDescription": "T1W",
    "SeriesNumber": 401,
    "SliceThickness": 1,
    "SoftwareVersions": "5.3.1_5.3.1.0",
    "SpacingBetweenSlices": 1,
    "StationName": "PHILIPS-CTMFQSD",
    "UsePhilipsFloatNotDisplayScaling": 1,
    "dataset": "ds004144",
    "modality": "T1w",
    "subject_id": "053"
  },
  "cjv": 0.33777983136730905,
  "cnr": 3.9502690799780313,
  "efc": 0.7130310704839969,
  "fber": -1.0,
  "fwhm_avg": 4.500446666666666,
  "fwhm_x": 4.36382,
  "fwhm_y": 4.8147,
  "fwhm_z": 4.32282,
  "icvs_csf": 0.21916732616837792,
  "icvs_gm": 0.42391950139566037,
  "icvs_wm": 0.3569131724359617,
  "inu_med": 0.40773558616638184,
  "inu_range": 0.14831877350807193,
  "provenance": {
    "md5sum": "09c55f34e9d5cc904cb28c30d003d3cf",
    "settings": {
      "testing": false
    },
    "software": "mriqc",
    "version": "23.0.0",
    "warnings": {
      "large_rot_frame": true,
      "small_air_mask": false
    },
    "webapi_port": null,
    "webapi_url": "https://mriqc.nimh.nih.gov/api/v1"
  },
  "qi_1": 0.0,
  "qi_2": 0.00010916141724871925,
  "rpve_csf": 27.476399332775536,
  "rpve_gm": 14.510021956429723,
  "rpve_wm": 19.615286670270187,
  "size_x": 180,
  "size_y": 240,
  "size_z": 240,
  "snr_csf": 2.6817776938478026,
  "snr_gm": 14.379428303265742,
  "snr_total": 15.692800480095281,
  "snr_wm": 30.0171954431723,
  "snrd_csf": 39.38677105318588,
  "snrd_gm": 94.73508934012956,
  "snrd_total": 86.60040045668434,
  "snrd_wm": 125.67934097673759,
  "spacing_x": 1.0,
  "spacing_y": 1.0,
  "spacing_z": 1.0,
  "summary_bg_k": 15.65650220809039,
  "summary_bg_mad": 0.0,
  "summary_bg_mean": 2.3177163452937073,
  "summary_bg_median": 0.0,
  "summary_bg_n": 264420.0,
  "summary_bg_p05": 0.0,
  "summary_bg_p95": 13.537633717060089,
  "summary_bg_stdv": 5.213002763863379,
  "summary_csf_k": 0.625152189998956,
  "summary_csf_mad": 99.97658065155085,
  "summary_csf_mean": 312.95905971159004,
  "summary_csf_median": 313.40549290180206,
  "summary_csf_n": 39075.0,
  "summary_csf_p05": 87.97375636920333,
  "summary_csf_p95": 506.53235555067647,
  "summary_csf_stdv": 116.86333408175459,
  "summary_gm_k": 0.2588172856679023,
  "summary_gm_mad": 50.69283480956944,
  "summary_gm_mean": 753.9617095351964,
  "summary_gm_median": 753.8190254196525,
  "summary_gm_n": 36322.0,
  "summary_gm_p05": 668.2827385459095,
  "summary_gm_p95": 839.6555046848952,
  "summary_gm_stdv": 52.42271337615609,
  "summary_wm_k": 0.2323296791055376,
  "summary_wm_mad": 32.47778230172415,
  "summary_wm_mean": 1000.3821350264727,
  "summary_wm_median": 1000.0463290885091,
  "summary_wm_n": 163933.0,
  "summary_wm_p05": 946.2435074150562,
  "summary_wm_p95": 1055.796344652772,
  "summary_wm_stdv": 33.315680034441286,
  "tpm_overlap_csf": 0.13968729126785123,
  "tpm_overlap_gm": 0.46568780929058035,
  "tpm_overlap_wm": 0.5168305737819743,
  "wm2max": 0.8364873773606856
}