{
  "aor": 0.0006523621103117507,
  "aqi": 0.016763069400479617,
  "bids_meta": {
    "AcquisitionMatrixPE": 78,
    "AcquisitionNumber": 7,
    "AcquisitionTime": "13:23:43.340000",
    "BodyPartExamined": "BRAIN",
    "CoilString": "MULTI_COIL",
    "ConversionSoftware": "dcm2niix",
    "ConversionSoftwareVersion": "v1.0.20190410  (JP2:OpenJPEG) GCC6.3.0",
    "Dcm2bidsVersion": "2.1.4",
    "DeviceSerialNumber": "42451",
    "EchoTime": 0.030001,
    "EchoTrainLength": 39,
    "FlipAngle": 75,
    "ImageOrientationPatientDICOM": [
      0.999993,
      0,
      -0.00362181,
      0,
      1,
      0
    ],
    "ImageType": [
      "ORIGINAL",
      "PRIMARY",
      "M",
      "FFE",
      "M",
      "FFE"
    ],
    "ImagingFrequency": 127.759,
    "InPlanePhaseEncodingDirectionDICOM": "COL",
    "InstitutionAddress": "Calzada_Mexico_Xochimilco_No.101_Tlalpan",
    "InstitutionName": "I.N._Psiquiatria",
    "InstitutionalDepartmentName": "Imagenes_Cerebrales",
    "MRAcquisitionType": "2D",
    "MagneticFieldStrength": 3,
    "Manufacturer": "Philips",
    "ManufacturersModelName": "Ingenia",
    "Modality": "MR",
    "PartialFourier": 0.5,
    "PatientPosition": "HFS",
    "PercentPhaseFOV": 100,
    "PhaseEncodingAxis": "j",
    "PhaseEncodingSteps": 78,
    "PhilipsRescaleIntercept": 0,
    "PhilipsRescaleSlope": 0.757753,
    "PhilipsScaleSlope": 0.023154,
    "PixelBandwidth": 2071,
    "ProcedureStepDescription": "PROTOCOLO_FIBROMIALGIA",
    "ProtocolName": "WIP_TASK_FMRI",
    "ReconMatrixPE": 80,
    "RepetitionTime": 2,
    "SAR": 0.117749,
    "ScanOptions": "FS",
    "ScanningSequence": "GR",
    "SequenceVariant": "SK",
    "SeriesDescription": "TASK_FMRI",
    "SeriesNumber": 701,
    "SliceThickness": 3,
    "SliceTiming": [
      0,
      1.027027,
      0.054054,
      1.081081,
      0.108108,
      1.13513,
      0.162162,
      1.189189,
      0.216216,
      1.243244,
      0.27027,
      1.297298,
      0.324324,
      1.351352,
      0.378378,
      1.405406,
      0.432432,
      1.45946,
      0.486486,
      1.513514,
      0.540541,
      1.567568,
      0.594595,
      1.621622,
      0.648649,
      1.675676,
      0.702703,
      1.72973,
      0.756757,
      1.783784,
      0.810811,
      1.837838,
      0.864865,
      1.891892,
      0.918919,
      1.945947,
      0.972973
    ],
    "SoftwareVersions": "5.3.1_5.3.1.0",
    "SpacingBetweenSlices": 3,
    "StationName": "PHILIPS-CTMFQSD",
    "TaskName": "epr",
    "UsePhilipsFloatNotDisplayScaling": 1,
    "dataset": "ds004144",
    "modality": "bold",
    "subject_id": "033",
    "task_id": "epr"
  },
  "dummy_trs": 0,
  "dvars_nstd": 27.205934297851144,
  "dvars_std": 1.1215172720648257,
  "dvars_vstd": 0.8962381951500602,
  "efc": 0.40138129897850744,
  "fber": 109666.8046875,
  "fd_mean": 0.12092731347671548,
  "fd_num": 122,
  "fd_perc": 14.628297362110311,
  "fwhm_avg": 2.0336355555555556,
  "fwhm_x": 1.93007,
  "fwhm_y": 2.1480366666666666,
  "fwhm_z": 2.0227999999999997,
  "gcor": 0.127114,
  "gsr_x": -0.023912470787763596,
  "gsr_y": 0.021475357934832573,
  "provenance": {
    "md5sum": "1b041e5dd68d72648b646cffa2ec932a",
    "settings": {
      "fd_thres": 0.2,
      "testing": false
    },
    "software": "mriqc",
    "version": "23.0.0",
    "webapi_port": null,
    "webapi_url": "https://mriqc.nimh.nih.gov/api/v1"
  },
  "size_t": 834,
  "size_x": 80,
  "size_y": 80,
  "size_z": 37,
  "snr": 5.079584485489693,
  "spacing_tr": 2.0000016689300537,
  "spacing_x": 3.0,
  "spacing_y": 3.0,
  "spacing_z": 3.0,
  "summary_bg_k": 132.22644452560058,
  "summary_bg_mad": 177.76613762409693,
  "summary_bg_mean": 1237.774169921875,
  "summary_bg_median": 180.12570190429688,
  "summary_bg_n": 165612.0,
  "summary_bg_p05": 22.4302209854126,
  "summary_bg_p95": 5574.773095703118,
  "summary_bg_stdv": 4243.64453125,
  "summary_fg_k": 2.0377606851436267,
  "summary_fg_mad": 10154.823281982899,
  "summary_fg_mean": 61794.23046875,
  "summary_fg_median": 61336.3515625,
  "summary_fg_n": 32139.0,
  "summary_fg_p05": 42971.15546875,
  "summary_fg_p95": 81949.58828124999,
  "summary_fg_stdv": 12074.884765625,
  "tsnr": 34.63048553466797
}