{
  "aor": 0.0030765,
  "aqi": 0.0150658918,
  "bids_meta": {
    "AcquisitionMatrixPE": 78,
    "AcquisitionNumber": 3,
    "AcquisitionTime": "12:57:21.170000",
    "BodyPartExamined": "BRAIN",
    "CoilString": "MULTI_COIL",
    "ConversionSoftware": "dcm2niix",
    "ConversionSoftwareVersion": "v1.0.20190410  (JP2:OpenJPEG) GCC6.3.0",
    "Dcm2bidsVersion": "2.1.4",
    "DeviceSerialNumber": "42451",
    "EchoTime": 0.030001,
    "EchoTrainLength": 39,
    "FlipAngle": 75,
    "ImageOrientationPatientDICOM": [
      0.999993,
      0,
      -0.00362181,
      0,
      1,
      0
    ],
    "ImageType": [
      "ORIGINAL",
      "PRIMARY",
      "M",
      "FFE",
      "M",
      "FFE"
    ],
    "ImagingFrequency": 127.759,
    "InPlanePhaseEncodingDirectionDICOM": "COL",
    "InstitutionAddress": "Calzada_Mexico_Xochimilco_No.101_Tlalpan",
    "InstitutionName": "I.N._Psiquiatria",
    "InstitutionalDepartmentName": "Imagenes_Cerebrales",
    "MRAcquisitionType": "2D",
    "MagneticFieldStrength": 3,
    "Manufacturer": "Philips",
    "ManufacturersModelName": "Ingenia",
    "Modality": "MR",
    "PartialFourier": 0.5,
    "PatientPosition": "HFS",
    "PercentPhaseFOV": 100,
    "PhaseEncodingAxis": "j",
    "PhaseEncodingSteps": 78,
    "PhilipsRescaleIntercept": 0,
    "PhilipsRescaleSlope": 0.742857,
    "PhilipsScaleSlope": 0.0247624,
    "PixelBandwidth": 2071,
    "ProcedureStepDescription": "PROTOCOLO_FIBROMIALGIA",
    "ProtocolName": "WIP_RESTING_STATE_10m",
    "ReconMatrixPE": 80,
    "RepetitionTime": 2,
    "SAR": 0.117654,
    "ScanOptions": "FS",
    "ScanningSequence": "GR",
    "SequenceVariant": "SK",
    "SeriesDescription": "RESTING_STATE_10m",
    "SeriesNumber": 301,
    "SliceThickness": 3,
    "SliceTiming": [
      0,
      1.027027,
      0.054054,
      1.081081,
      0.108108,
      1.13513,
      0.162162,
      1.189189,
      0.216216,
      1.243244,
      0.27027,
      1.297298,
      0.324324,
      1.351352,
      0.378378,
      1.405406,
      0.432432,
      1.45946,
      0.486486,
      1.513514,
      0.540541,
      1.567568,
      0.594595,
      1.621622,
      0.648649,
      1.675676,
      0.702703,
      1.72973,
      0.756757,
      1.783784,
      0.810811,
      1.837838,
      0.864865,
      1.891892,
      0.918919,
      1.945947,
      0.972973
    ],
    "SoftwareVersions": "5.3.1_5.3.1.0",
    "SpacingBetweenSlices": 3,
    "StationName": "PHILIPS-CTMFQSD",
    "TaskName": "rest",
    "UsePhilipsFloatNotDisplayScaling": 1,
    "dataset": "ds004144",
    "modality": "bold",
    "subject_id": "033",
    "task_id": "rest"
  },
  "dummy_trs": 0,
  "dvars_nstd": 30.069822745317737,
  "dvars_std": 1.1785825639799328,
  "dvars_vstd": 0.9533041680936455,
  "efc": 0.3989119677667564,
  "fber": 119473.390625,
  "fd_mean": 0.15381133566504712,
  "fd_num": 52,
  "fd_perc": 17.333333333333332,
  "fwhm_avg": 1.9644333333333333,
  "fwhm_x": 1.8777366666666666,
  "fwhm_y": 2.06366,
  "fwhm_z": 1.9519033333333333,
  "gcor": 0.0808634,
  "gsr_x": -0.02343546412885189,
  "gsr_y": 0.023327305912971497,
  "provenance": {
    "md5sum": "f455e0744f41827a7fe1233048f832c8",
    "settings": {
      "fd_thres": 0.2,
      "testing": false
    },
    "software": "mriqc",
    "version": "23.0.0",
    "webapi_port": null,
    "webapi_url": "https://mriqc.nimh.nih.gov/api/v1"
  },
  "size_t": 300,
  "size_x": 80,
  "size_y": 80,
  "size_z": 37,
  "snr": 5.216994940002088,
  "spacing_tr": 2.0000016689300537,
  "spacing_x": 3.0,
  "spacing_y": 3.0,
  "spacing_z": 3.0,
  "summary_bg_k": 146.63025534137546,
  "summary_bg_mad": 163.98876591986567,
  "summary_bg_mean": 1176.40966796875,
  "summary_bg_median": 165.89303588867188,
  "summary_bg_n": 165852.0,
  "summary_bg_p05": 16.291500091552738,
  "summary_bg_p95": 5158.221215820303,
  "summary_bg_stdv": 4332.5263671875,
  "summary_fg_k": 2.485299784997226,
  "summary_fg_mad": 9329.992595396088,
  "summary_fg_mean": 59962.484375,
  "summary_fg_median": 59294.921875,
  "summary_fg_n": 32002.0,
  "summary_fg_p05": 42613.853515625,
  "summary_fg_p95": 79080.340234375,
  "summary_fg_stdv": 11365.5458984375,
  "tsnr": 43.67700958251953
}