{
  "bids_meta": {
    "AcquisitionMatrixPE": 240,
    "AcquisitionNumber": 4,
    "AcquisitionTime": "10:45:45.680000",
    "BodyPartExamined": "BRAIN",
    "CoilString": "MULTI_COIL",
    "ConversionSoftware": "dcm2niix",
    "ConversionSoftwareVersion": "v1.0.20190410  (JP2:OpenJPEG) GCC6.3.0",
    "Dcm2bidsVersion": "2.1.4",
    "DeviceSerialNumber": "42451",
    "EchoTime": 0.0035,
    "EchoTrainLength": 240,
    "FlipAngle": 8,
    "ImageOrientationPatientDICOM": [
      0,
      1,
      0,
      -0.0272783,
      0,
      -0.999628
    ],
    "ImageType": [
      "ORIGINAL",
      "PRIMARY",
      "M",
      "FFE",
      "M",
      "FFE"
    ],
    "ImagingFrequency": 127.759,
    "InPlanePhaseEncodingDirectionDICOM": "ROW",
    "InstitutionAddress": "Calzada_Mexico_Xochimilco_No.101_Tlalpan",
    "InstitutionName": "I.N._Psiquiatria",
    "InstitutionalDepartmentName": "Imagenes_Cerebrales",
    "MRAcquisitionType": "3D",
    "MagneticFieldStrength": 3,
    "Manufacturer": "Philips",
    "ManufacturersModelName": "Ingenia",
    "Modality": "MR",
    "PatientPosition": "HFS",
    "PercentPhaseFOV": 100,
    "PhaseEncodingSteps": 240,
    "PhilipsRescaleIntercept": 0,
    "PhilipsRescaleSlope": 10.0376,
    "PhilipsScaleSlope": 0.00597973,
    "PixelBandwidth": 310,
    "ProcedureStepDescription": "PROTOCOLO_FIBROMIALGIA",
    "ProtocolName": "WIP_T1W",
    "ReconMatrixPE": 240,
    "RepetitionTime": 0.007,
    "SAR": 0.0382114,
    "ScanOptions": "OTHER",
    "ScanningSequence": "GR",
    "SequenceVariant": "MP",
    "SeriesDescription": "T1W",
    "SeriesNumber": 401,
    "SliceThickness": 1,
    "SoftwareVersions": "5.3.1_5.3.1.0",
    "SpacingBetweenSlices": 1,
    "StationName": "PHILIPS-CTMFQSD",
    "UsePhilipsFloatNotDisplayScaling": 1,
    "dataset": "ds004144",
    "modality": "T1w",
    "subject_id": "011"
  },
  "cjv": 0.34507574005981445,
  "cnr": 3.94208152483986,
  "efc": 0.6845337737766046,
  "fber": -1.0,
  "fwhm_avg": 4.47518,
  "fwhm_x": 4.37569,
  "fwhm_y": 4.77671,
  "fwhm_z": 4.27314,
  "icvs_csf": 0.20218430935773865,
  "icvs_gm": 0.4410150692368668,
  "icvs_wm": 0.35680062140539454,
  "inu_med": 0.40998609364032745,
  "inu_range": 0.15657989084720608,
  "provenance": {
    "md5sum": "e5339dbe99833b498eb922d4428a0835",
    "settings": {
      "testing": false
    },
    "software": "mriqc",
    "version": "23.0.0",
    "warnings": {
      "large_rot_frame": true,
      "small_air_mask": false
    },
    "webapi_port": null,
    "webapi_url": "https://mriqc.nimh.nih.gov/api/v1"
  },
  "qi_1": 0.011750744452260136,
  "qi_2": 6.529146024051997e-05,
  "rpve_csf": 26.363751250322974,
  "rpve_gm": 12.705789751388933,
  "rpve_wm": 17.559118475717494,
  "size_x": 180,
  "size_y": 240,
  "size_z": 240,
  "snr_csf": 2.830223783479004,
  "snr_gm": 15.396514566011264,
  "snr_total": 15.654208883324154,
  "snr_wm": 28.735888300482195,
  "snrd_csf": 38.593745367988085,
  "snrd_gm": 89.18755478095433,
  "snrd_total": 81.6727575279058,
  "snrd_wm": 117.23697243477498,
  "spacing_x": 1.0,
  "spacing_y": 1.0,
  "spacing_z": 1.0,
  "summary_bg_k": 10.50437206672165,
  "summary_bg_mad": 0.0,
  "summary_bg_mean": 2.5359794286736914,
  "summary_bg_median": 0.0,
  "summary_bg_n": 627778.0,
  "summary_bg_p05": 0.0,
  "summary_bg_p95": 14.724772859364748,
  "summary_bg_stdv": 5.588271108735865,
  "summary_csf_k": 0.971146413200545,
  "summary_csf_mad": 89.68688925649337,
  "summary_csf_mean": 327.72175674575647,
  "summary_csf_median": 329.2021512128413,
  "summary_csf_n": 36865.0,
  "summary_csf_p05": 93.73424067050219,
  "summary_csf_p95": 525.667254678905,
  "summary_csf_stdv": 116.31507308198772,
  "summary_gm_k": 0.20949865327292327,
  "summary_gm_mad": 48.88164707412497,
  "summary_gm_mean": 760.805746676985,
  "summary_gm_median": 760.7640723995864,
  "summary_gm_n": 42427.0,
  "summary_gm_p05": 680.6936597265303,
  "summary_gm_p95": 842.2141891531646,
  "summary_gm_stdv": 49.41086526563193,
  "summary_wm_k": 0.3075019921410811,
  "summary_wm_mad": 33.68107716867918,
  "summary_wm_mean": 1001.1483174398435,
  "summary_wm_median": 1000.0237903632224,
  "summary_wm_n": 175586.0,
  "summary_wm_p05": 945.5492671839893,
  "summary_wm_p95": 1059.6365218423307,
  "summary_wm_stdv": 34.80041863425539,
  "tpm_overlap_csf": 0.14869574073431852,
  "tpm_overlap_gm": 0.4733531085941938,
  "tpm_overlap_wm": 0.5070363772230323,
  "wm2max": 0.7821936924365057
}