{
  "bids_meta": {
    "AcquisitionMatrixPE": 240,
    "AcquisitionNumber": 5,
    "AcquisitionTime": "10:49:27.170000",
    "BodyPartExamined": "BRAIN",
    "CoilString": "MULTI_COIL",
    "ConversionSoftware": "dcm2niix",
    "ConversionSoftwareVersion": "v1.0.20190410  (JP2:OpenJPEG) GCC6.3.0",
    "Dcm2bidsVersion": "2.1.4",
    "DeviceSerialNumber": "42451",
    "EchoTime": 0.331,
    "EchoTrainLength": 117,
    "FlipAngle": 90,
    "ImageOrientationPatientDICOM": [
      0,
      1,
      0,
      -0.0272783,
      0,
      -0.999628
    ],
    "ImageType": [
      "ORIGINAL",
      "PRIMARY",
      "M",
      "SE",
      "M",
      "SE"
    ],
    "ImagingFrequency": 127.759,
    "InPlanePhaseEncodingDirectionDICOM": "ROW",
    "InstitutionAddress": "Calzada_Mexico_Xochimilco_No.101_Tlalpan",
    "InstitutionName": "I.N._Psiquiatria",
    "InstitutionalDepartmentName": "Imagenes_Cerebrales",
    "MRAcquisitionType": "3D",
    "MagneticFieldStrength": 3,
    "Manufacturer": "Philips",
    "ManufacturersModelName": "Ingenia",
    "Modality": "MR",
    "PatientPosition": "HFS",
    "PercentPhaseFOV": 100,
    "PhaseEncodingSteps": 240,
    "PhilipsRescaleIntercept": 0,
    "PhilipsRescaleSlope": 1.41123,
    "PhilipsScaleSlope": 0.00347875,
    "PixelBandwidth": 413,
    "ProcedureStepDescription": "PROTOCOLO_FIBROMIALGIA",
    "ProtocolName": "WIP_T2W",
    "ReconMatrixPE": 240,
    "RepetitionTime": 2.5,
    "SAR": 0.030152,
    "ScanOptions": "FS",
    "ScanningSequence": "SE",
    "SequenceVariant": "SK",
    "SeriesDescription": "T2W",
    "SeriesNumber": 501,
    "SliceThickness": 1,
    "SoftwareVersions": "5.3.1_5.3.1.0",
    "SpacingBetweenSlices": 1,
    "StationName": "PHILIPS-CTMFQSD",
    "UsePhilipsFloatNotDisplayScaling": 1,
    "dataset": "ds004144",
    "modality": "T2w",
    "subject_id": "011"
  },
  "cjv": 0.46794465485264153,
  "cnr": 1.462853962004474,
  "efc": 0.47947257833993817,
  "fber": -1.0,
  "fwhm_avg": 2.909243333333334,
  "fwhm_x": 2.97995,
  "fwhm_y": 2.94551,
  "fwhm_z": 2.80227,
  "icvs_csf": 0.3017753381557324,
  "icvs_gm": 0.19659572672386286,
  "icvs_wm": 0.5016289351204047,
  "inu_med": 0.9406471848487854,
  "inu_range": 0.25856623649597177,
  "provenance": {
    "md5sum": "a89875a99c7d07d086ac10b18884d5c3",
    "settings": {
      "testing": false
    },
    "software": "mriqc",
    "version": "23.0.0",
    "warnings": {
      "large_rot_frame": true,
      "small_air_mask": false
    },
    "webapi_port": null,
    "webapi_url": "https://mriqc.nimh.nih.gov/api/v1"
  },
  "qi_1": 0.052712061635002125,
  "qi_2": 5.548623889590158e-06,
  "rpve_csf": 15.860841539283971,
  "rpve_gm": 29.457007045968457,
  "rpve_wm": 12.263877151692128,
  "size_x": 180,
  "size_y": 240,
  "size_z": 240,
  "snr_csf": 10.232984910507904,
  "snr_gm": 2.104301637337469,
  "snr_total": 7.97792637677809,
  "snr_wm": 11.596492582488896,
  "snrd_csf": 32.05695173783764,
  "snrd_gm": 69.10239793335414,
  "snrd_total": 40.71387430445138,
  "snrd_wm": 20.982273242162357,
  "spacing_x": 1.0,
  "spacing_y": 1.0,
  "spacing_z": 1.0,
  "summary_bg_k": 127.49783778860089,
  "summary_bg_mad": 0.0,
  "summary_bg_mean": 5.882459751537588,
  "summary_bg_median": 0.0,
  "summary_bg_n": 1468042.0,
  "summary_bg_p05": 0.0,
  "summary_bg_p95": 28.640157155692577,
  "summary_bg_stdv": 31.225675979272808,
  "summary_csf_k": 0.906493395372979,
  "summary_csf_mad": 141.6513171732509,
  "summary_csf_mean": 1530.0564270851462,
  "summary_csf_median": 1527.9260744005442,
  "summary_csf_n": 11362.0,
  "summary_csf_p05": 1292.5656228139997,
  "summary_csf_p95": 1768.2478130534291,
  "summary_csf_stdv": 149.30724982526917,
  "summary_gm_k": -1.3924846386694667,
  "summary_gm_mad": 983.7578101402719,
  "summary_gm_mean": 2490.9995829653817,
  "summary_gm_median": 3293.6180729046464,
  "summary_gm_n": 58058.0,
  "summary_gm_p05": 86.44666858017445,
  "summary_gm_p95": 4100.8908910635855,
  "summary_gm_stdv": 1565.1699592152881,
  "summary_wm_k": -0.13131494620260709,
  "summary_wm_mad": 89.4933184029272,
  "summary_wm_mean": 996.4643591055625,
  "summary_wm_median": 1000.0751989483833,
  "summary_wm_n": 188537.0,
  "summary_wm_p05": 850.1841927319765,
  "summary_wm_p95": 1129.970714867115,
  "summary_wm_stdv": 86.23922618259945,
  "tpm_overlap_csf": 0.11020866720130285,
  "tpm_overlap_gm": 0.11770637184977659,
  "tpm_overlap_wm": 0.46121153602034654,
  "wm2max": 0.24609237712953885
}