{
  "aor": 0.0023311630695443644,
  "aqi": 0.02836564196642686,
  "bids_meta": {
    "AcquisitionMatrixPE": 78,
    "AcquisitionNumber": 8,
    "AcquisitionTime": "12:44:9.800000",
    "BodyPartExamined": "BRAIN",
    "CoilString": "MULTI_COIL",
    "ConversionSoftware": "dcm2niix",
    "ConversionSoftwareVersion": "v1.0.20190410  (JP2:OpenJPEG) GCC6.3.0",
    "Dcm2bidsVersion": "2.1.4",
    "DeviceSerialNumber": "42451",
    "EchoTime": 0.030001,
    "EchoTrainLength": 39,
    "FlipAngle": 75,
    "ImageOrientationPatientDICOM": [
      1,
      0,
      0.000635934,
      0,
      1,
      0
    ],
    "ImageType": [
      "ORIGINAL",
      "PRIMARY",
      "M",
      "FFE",
      "M",
      "FFE"
    ],
    "ImagingFrequency": 127.759,
    "InPlanePhaseEncodingDirectionDICOM": "COL",
    "InstitutionAddress": "Calzada_Mexico_Xochimilco_No.101_Tlalpan",
    "InstitutionName": "I.N._Psiquiatria",
    "InstitutionalDepartmentName": "Imagenes_Cerebrales",
    "MRAcquisitionType": "2D",
    "MagneticFieldStrength": 3,
    "Manufacturer": "Philips",
    "ManufacturersModelName": "Ingenia",
    "Modality": "MR",
    "PartialFourier": 0.5,
    "PatientPosition": "HFS",
    "PercentPhaseFOV": 100,
    "PhaseEncodingAxis": "j",
    "PhaseEncodingSteps": 78,
    "PhilipsRescaleIntercept": 0,
    "PhilipsRescaleSlope": 0.831746,
    "PhilipsScaleSlope": 0.0275078,
    "PixelBandwidth": 2071,
    "ProcedureStepDescription": "PROTOCOLO_FIBROMIALGIA",
    "ProtocolName": "WIP_TASK_FMRI",
    "ReconMatrixPE": 80,
    "RepetitionTime": 2,
    "SAR": 0.117678,
    "ScanOptions": "FS",
    "ScanningSequence": "GR",
    "SequenceVariant": "SK",
    "SeriesDescription": "TASK_FMRI",
    "SeriesNumber": 801,
    "SliceThickness": 3,
    "SliceTiming": [
      0,
      1.027027,
      0.054054,
      1.081081,
      0.108108,
      1.13513,
      0.162162,
      1.189189,
      0.216216,
      1.243244,
      0.27027,
      1.297298,
      0.324324,
      1.351352,
      0.378378,
      1.405406,
      0.432432,
      1.45946,
      0.486486,
      1.513514,
      0.540541,
      1.567568,
      0.594595,
      1.621622,
      0.648649,
      1.675676,
      0.702703,
      1.72973,
      0.756757,
      1.783784,
      0.810811,
      1.837838,
      0.864865,
      1.891892,
      0.918919,
      1.945947,
      0.972973
    ],
    "SoftwareVersions": "5.3.1_5.3.1.0",
    "SpacingBetweenSlices": 3,
    "StationName": "PHILIPS-CTMFQSD",
    "TaskName": "epr",
    "UsePhilipsFloatNotDisplayScaling": 1,
    "dataset": "ds004144",
    "modality": "bold",
    "subject_id": "069",
    "task_id": "epr"
  },
  "dummy_trs": 0,
  "dvars_nstd": 29.04294682810324,
  "dvars_std": 1.1834406794477803,
  "dvars_vstd": 0.9148119261104429,
  "efc": 0.3927260717220829,
  "fber": 144864.46875,
  "fd_mean": 0.1563343041510681,
  "fd_num": 150,
  "fd_perc": 17.985611510791365,
  "fwhm_avg": 1.86836,
  "fwhm_x": 1.79281,
  "fwhm_y": 1.9870733333333332,
  "fwhm_z": 1.8251966666666668,
  "gcor": 0.175666,
  "gsr_x": -0.015412640757858753,
  "gsr_y": 0.010697956196963787,
  "provenance": {
    "md5sum": "e7ea132f9cbc2be239fd00daec854007",
    "settings": {
      "fd_thres": 0.2,
      "testing": false
    },
    "software": "mriqc",
    "version": "23.0.0",
    "webapi_port": null,
    "webapi_url": "https://mriqc.nimh.nih.gov/api/v1"
  },
  "size_t": 834,
  "size_x": 80,
  "size_y": 80,
  "size_z": 37,
  "snr": 5.260579400308132,
  "spacing_tr": 2.0000016689300537,
  "spacing_x": 3.0,
  "spacing_y": 3.0,
  "spacing_z": 3.0,
  "summary_bg_k": 191.01291629036038,
  "summary_bg_mad": 160.84411528347604,
  "summary_bg_mean": 1028.4193115234375,
  "summary_bg_median": 138.23065185546875,
  "summary_bg_n": 167281.0,
  "summary_bg_p05": 15.897104263305664,
  "summary_bg_p95": 4686.69091796875,
  "summary_bg_stdv": 2977.547607421875,
  "summary_fg_k": 3.895106741627715,
  "summary_fg_mad": 7571.933309238995,
  "summary_fg_mean": 53101.2734375,
  "summary_fg_median": 52170.75,
  "summary_fg_n": 30524.0,
  "summary_fg_p05": 39250.9765625,
  "summary_fg_p95": 70312.21953125,
  "summary_fg_stdv": 9917.138671875,
  "tsnr": 26.316274642944336
}