{
  "bids_meta": {
    "AcquisitionMatrixPE": 240,
    "AcquisitionNumber": 5,
    "AcquisitionTime": "10:20:6.630000",
    "BodyPartExamined": "BRAIN",
    "CoilString": "MULTI_COIL",
    "ConversionSoftware": "dcm2niix",
    "ConversionSoftwareVersion": "v1.0.20190410  (JP2:OpenJPEG) GCC6.3.0",
    "Dcm2bidsVersion": "2.1.4",
    "DeviceSerialNumber": "42451",
    "EchoTime": 0.331,
    "EchoTrainLength": 117,
    "FlipAngle": 90,
    "ImageOrientationPatientDICOM": [
      0,
      1,
      0,
      0.000512724,
      0,
      -1
    ],
    "ImageType": [
      "ORIGINAL",
      "PRIMARY",
      "M",
      "SE",
      "M",
      "SE"
    ],
    "ImagingFrequency": 127.759,
    "InPlanePhaseEncodingDirectionDICOM": "ROW",
    "InstitutionAddress": "Calzada_Mexico_Xochimilco_No.101_Tlalpan",
    "InstitutionName": "I.N._Psiquiatria",
    "InstitutionalDepartmentName": "Imagenes_Cerebrales",
    "MRAcquisitionType": "3D",
    "MagneticFieldStrength": 3,
    "Manufacturer": "Philips",
    "ManufacturersModelName": "Ingenia",
    "Modality": "MR",
    "PatientPosition": "HFS",
    "PercentPhaseFOV": 100,
    "PhaseEncodingSteps": 240,
    "PhilipsRescaleIntercept": 0,
    "PhilipsRescaleSlope": 1.49206,
    "PhilipsScaleSlope": 0.00301856,
    "PixelBandwidth": 413,
    "ProcedureStepDescription": "PROTOCOLO_FIBROMIALGIA",
    "ProtocolName": "WIP_T2W",
    "ReconMatrixPE": 240,
    "RepetitionTime": 2.5,
    "SAR": 0.030152,
    "ScanOptions": "FS",
    "ScanningSequence": "SE",
    "SequenceVariant": "SK",
    "SeriesDescription": "T2W",
    "SeriesNumber": 501,
    "SliceThickness": 1,
    "SoftwareVersions": "5.3.1_5.3.1.0",
    "SpacingBetweenSlices": 1,
    "StationName": "PHILIPS-CTMFQSD",
    "UsePhilipsFloatNotDisplayScaling": 1,
    "dataset": "ds004144",
    "modality": "T2w",
    "subject_id": "056"
  },
  "cjv": 0.9777262406663372,
  "cnr": 1.079236705990555,
  "efc": 0.5456375471748036,
  "fber": -1.0,
  "fwhm_avg": 2.5227633333333332,
  "fwhm_x": 2.5848,
  "fwhm_y": 2.5833,
  "fwhm_z": 2.40019,
  "icvs_csf": 0.28486426832025447,
  "icvs_gm": 0.19977255624504503,
  "icvs_wm": 0.5153631754347004,
  "inu_med": 0.880741536617279,
  "inu_range": 0.18076844215393073,
  "provenance": {
    "md5sum": "77b102cd7a4ef7636e6f0bfe4ff8f3b0",
    "settings": {
      "testing": false
    },
    "software": "mriqc",
    "version": "23.0.0",
    "warnings": {
      "large_rot_frame": true,
      "small_air_mask": false
    },
    "webapi_port": null,
    "webapi_url": "https://mriqc.nimh.nih.gov/api/v1"
  },
  "qi_1": 0.08835896876372813,
  "qi_2": 2.265763216936951e-05,
  "rpve_csf": 17.709823696734883,
  "rpve_gm": 30.539951108628117,
  "rpve_wm": 12.719820830054953,
  "size_x": 180,
  "size_y": 240,
  "size_z": 240,
  "snr_csf": 11.605756603952566,
  "snr_gm": 1.8043095584584512,
  "snr_total": 8.797641528104053,
  "snr_wm": 12.982858421901142,
  "snrd_csf": 70.76831917096501,
  "snrd_gm": 123.75884335312601,
  "snrd_total": 81.38104449729622,
  "snrd_wm": 49.61597096779761,
  "spacing_x": 1.0,
  "spacing_y": 1.0,
  "spacing_z": 1.0,
  "summary_bg_k": 438.5297679346847,
  "summary_bg_mad": 0.0,
  "summary_bg_mean": 2.8770068240054885,
  "summary_bg_median": 0.0,
  "summary_bg_n": 818560.0,
  "summary_bg_p05": 0.0,
  "summary_bg_p95": 23.037171065807343,
  "summary_bg_stdv": 13.20578789831819,
  "summary_csf_k": 0.686659233741691,
  "summary_csf_mad": 115.66531363679611,
  "summary_csf_mean": 1429.7108138370547,
  "summary_csf_median": 1426.498989969492,
  "summary_csf_n": 8243.0,
  "summary_csf_p05": 1239.9726194858551,
  "summary_csf_p95": 1639.424713242054,
  "summary_csf_stdv": 122.90559832673053,
  "summary_gm_k": -1.6933865909546963,
  "summary_gm_mad": 1382.214344565496,
  "summary_gm_mean": 1960.5135579919229,
  "summary_gm_median": 2494.6454446166754,
  "summary_gm_n": 40874.0,
  "summary_gm_p05": 88.9110277891159,
  "summary_gm_p95": 3511.758339090645,
  "summary_gm_stdv": 1382.5869937053192,
  "summary_wm_k": -0.08764817201878294,
  "summary_wm_mad": 79.01796366568034,
  "summary_wm_mean": 996.355091689033,
  "summary_wm_median": 1000.1245373785496,
  "summary_wm_n": 184944.0,
  "summary_wm_p05": 864.7655917108059,
  "summary_wm_p95": 1115.0520028159026,
  "summary_wm_stdv": 77.0340244818511,
  "tpm_overlap_csf": 0.10798646219147448,
  "tpm_overlap_gm": 0.13189405200299945,
  "tpm_overlap_wm": 0.46906030557711453,
  "wm2max": 0.2868495303403693
}