{
  "aor": 0.0013923980815347722,
  "aqi": 0.018450262829736212,
  "bids_meta": {
    "AcquisitionMatrixPE": 78,
    "AcquisitionNumber": 8,
    "AcquisitionTime": "13:09:47.280000",
    "BodyPartExamined": "BRAIN",
    "CoilString": "MULTI_COIL",
    "ConversionSoftware": "dcm2niix",
    "ConversionSoftwareVersion": "v1.0.20190410  (JP2:OpenJPEG) GCC6.3.0",
    "Dcm2bidsVersion": "2.1.4",
    "DeviceSerialNumber": "42451",
    "EchoTime": 0.030001,
    "EchoTrainLength": 39,
    "FlipAngle": 75,
    "ImageOrientationPatientDICOM": [
      0.999993,
      0,
      -0.00362181,
      0,
      1,
      0
    ],
    "ImageType": [
      "ORIGINAL",
      "PRIMARY",
      "M",
      "FFE",
      "M",
      "FFE"
    ],
    "ImagingFrequency": 127.76,
    "InPlanePhaseEncodingDirectionDICOM": "COL",
    "InstitutionAddress": "Calzada_Mexico_Xochimilco_No.101_Tlalpan",
    "InstitutionName": "I.N._Psiquiatria",
    "InstitutionalDepartmentName": "Imagenes_Cerebrales",
    "MRAcquisitionType": "2D",
    "MagneticFieldStrength": 3,
    "Manufacturer": "Philips",
    "ManufacturersModelName": "Ingenia",
    "Modality": "MR",
    "PartialFourier": 0.5,
    "PatientPosition": "HFS",
    "PercentPhaseFOV": 100,
    "PhaseEncodingAxis": "j",
    "PhaseEncodingSteps": 78,
    "PhilipsRescaleIntercept": 0,
    "PhilipsRescaleSlope": 0.778266,
    "PhilipsScaleSlope": 0.0264155,
    "PixelBandwidth": 2071,
    "ProcedureStepDescription": "PROTOCOLO_FIBROMIALGIA",
    "ProtocolName": "WIP_TASK_FMRI",
    "ReconMatrixPE": 80,
    "RepetitionTime": 2,
    "SAR": 0.117749,
    "ScanOptions": "FS",
    "ScanningSequence": "GR",
    "SequenceVariant": "SK",
    "SeriesDescription": "TASK_FMRI",
    "SeriesNumber": 801,
    "SliceThickness": 3,
    "SliceTiming": [
      0,
      1.027027,
      0.054054,
      1.081081,
      0.108108,
      1.13513,
      0.162162,
      1.189189,
      0.216216,
      1.243244,
      0.27027,
      1.297298,
      0.324324,
      1.351352,
      0.378378,
      1.405406,
      0.432432,
      1.45946,
      0.486486,
      1.513514,
      0.540541,
      1.567568,
      0.594595,
      1.621622,
      0.648649,
      1.675676,
      0.702703,
      1.72973,
      0.756757,
      1.783784,
      0.810811,
      1.837838,
      0.864865,
      1.891892,
      0.918919,
      1.945947,
      0.972973
    ],
    "SoftwareVersions": "5.3.1_5.3.1.0",
    "SpacingBetweenSlices": 3,
    "StationName": "PHILIPS-CTMFQSD",
    "TaskName": "epr",
    "UsePhilipsFloatNotDisplayScaling": 1,
    "dataset": "ds004144",
    "modality": "bold",
    "subject_id": "023",
    "task_id": "epr"
  },
  "dummy_trs": 0,
  "dvars_nstd": 34.320021903013206,
  "dvars_std": 1.186016881452582,
  "dvars_vstd": 0.929051334477792,
  "efc": 0.42553783521692823,
  "fber": 95993.0,
  "fd_mean": 0.26654943796236863,
  "fd_num": 416,
  "fd_perc": 49.88009592326139,
  "fwhm_avg": 2.0025,
  "fwhm_x": 1.8849600000000002,
  "fwhm_y": 2.1231066666666667,
  "fwhm_z": 1.9994333333333334,
  "gcor": 0.118058,
  "gsr_x": -0.011957825161516666,
  "gsr_y": 0.018283206969499588,
  "provenance": {
    "md5sum": "a8fc2a3b71ce0904ffc3b72fd99874c7",
    "settings": {
      "fd_thres": 0.2,
      "testing": false
    },
    "software": "mriqc",
    "version": "23.0.0",
    "webapi_port": null,
    "webapi_url": "https://mriqc.nimh.nih.gov/api/v1"
  },
  "size_t": 834,
  "size_x": 80,
  "size_y": 80,
  "size_z": 37,
  "snr": 4.454911932753972,
  "spacing_tr": 2.0000016689300537,
  "spacing_x": 3.0,
  "spacing_y": 3.0,
  "spacing_z": 3.0,
  "summary_bg_k": 94.74831548986144,
  "summary_bg_mad": 194.25904948794334,
  "summary_bg_mean": 1179.194091796875,
  "summary_bg_median": 168.26904296875,
  "summary_bg_n": 159582.0,
  "summary_bg_p05": 18.349573612213135,
  "summary_bg_p95": 4925.903002929683,
  "summary_bg_stdv": 3507.67919921875,
  "summary_fg_k": 2.6651947644746095,
  "summary_fg_mad": 9345.0908140822,
  "summary_fg_mean": 55157.38671875,
  "summary_fg_median": 53715.796875,
  "summary_fg_n": 36959.0,
  "summary_fg_p05": 38592.52734375,
  "summary_fg_p95": 77890.12968749997,
  "summary_fg_stdv": 12057.4931640625,
  "tsnr": 30.23734474182129
}