{
  "bids_meta": {
    "AcquisitionMatrixPE": 240,
    "AcquisitionNumber": 5,
    "AcquisitionTime": "09:31:43.600000",
    "BodyPartExamined": "BRAIN",
    "CoilString": "MULTI_COIL",
    "ConversionSoftware": "dcm2niix",
    "ConversionSoftwareVersion": "v1.0.20190410  (JP2:OpenJPEG) GCC6.3.0",
    "Dcm2bidsVersion": "2.1.4",
    "DeviceSerialNumber": "42451",
    "EchoTime": 0.331,
    "EchoTrainLength": 117,
    "FlipAngle": 90,
    "ImageOrientationPatientDICOM": [
      0.0167934,
      0.999859,
      -7.03472e-05,
      -0.0289847,
      0.000416492,
      -0.99958
    ],
    "ImageType": [
      "ORIGINAL",
      "PRIMARY",
      "M",
      "SE",
      "M",
      "SE"
    ],
    "ImagingFrequency": 127.759,
    "InPlanePhaseEncodingDirectionDICOM": "ROW",
    "InstitutionAddress": "Calzada_Mexico_Xochimilco_No.101_Tlalpan",
    "InstitutionName": "I.N._Psiquiatria",
    "InstitutionalDepartmentName": "Imagenes_Cerebrales",
    "MRAcquisitionType": "3D",
    "MagneticFieldStrength": 3,
    "Manufacturer": "Philips",
    "ManufacturersModelName": "Ingenia",
    "Modality": "MR",
    "PatientPosition": "HFS",
    "PercentPhaseFOV": 100,
    "PhaseEncodingSteps": 240,
    "PhilipsRescaleIntercept": 0,
    "PhilipsRescaleSlope": 1.4674,
    "PhilipsScaleSlope": 0.00323607,
    "PixelBandwidth": 438,
    "ProcedureStepDescription": "PROTOCOLO_FIBROMIALGIA",
    "ProtocolName": "WIP_T2W",
    "ReconMatrixPE": 240,
    "RepetitionTime": 2.5,
    "SAR": 0.0301521,
    "ScanOptions": "FS",
    "ScanningSequence": "SE",
    "SequenceVariant": "SK",
    "SeriesDescription": "T2W",
    "SeriesNumber": 501,
    "SliceThickness": 1,
    "SoftwareVersions": "5.3.1_5.3.1.0",
    "SpacingBetweenSlices": 1,
    "StationName": "PHILIPS-CTMFQSD",
    "UsePhilipsFloatNotDisplayScaling": 1,
    "dataset": "ds004144",
    "modality": "T2w",
    "subject_id": "037"
  },
  "cjv": 0.5120279305441242,
  "cnr": 2.580864838059665,
  "efc": 0.4963685001892301,
  "fber": -1.0,
  "fwhm_avg": 2.6116933333333336,
  "fwhm_x": 2.61668,
  "fwhm_y": 2.72063,
  "fwhm_z": 2.49777,
  "icvs_csf": 0.21105086301100806,
  "icvs_gm": 0.25806267144165923,
  "icvs_wm": 0.5308864655473328,
  "inu_med": 0.8480044007301331,
  "inu_range": 0.2029585123062133,
  "provenance": {
    "md5sum": "a5b6bb24fc77a7ab354d71496deee13e",
    "settings": {
      "testing": false
    },
    "software": "mriqc",
    "version": "23.0.0",
    "warnings": {
      "large_rot_frame": true,
      "small_air_mask": false
    },
    "webapi_port": null,
    "webapi_url": "https://mriqc.nimh.nih.gov/api/v1"
  },
  "qi_1": 0.09209318487374946,
  "qi_2": 6.529317097887185e-06,
  "rpve_csf": 28.314663501730937,
  "rpve_gm": 18.584723729529063,
  "rpve_wm": 12.110559101383167,
  "size_x": 180,
  "size_y": 240,
  "size_z": 240,
  "snr_csf": 2.35679543210093,
  "snr_gm": 9.460585781264706,
  "snr_total": 7.661749303755414,
  "snr_wm": 11.167866697900605,
  "snrd_csf": 81.30231336356918,
  "snrd_gm": 34.30721259066114,
  "snrd_total": 46.32671533353863,
  "snrd_wm": 23.37062004638558,
  "spacing_x": 1.0,
  "spacing_y": 1.0,
  "spacing_z": 1.0,
  "summary_bg_k": 183.5482222507369,
  "summary_bg_mad": 0.0,
  "summary_bg_mean": 7.191352633788701,
  "summary_bg_median": 0.0,
  "summary_bg_n": 1097452.0,
  "summary_bg_p05": 0.0,
  "summary_bg_p95": 32.44274653494358,
  "summary_bg_stdv": 28.034534565087775,
  "summary_csf_k": -0.9353799193342112,
  "summary_csf_mad": 772.533224028464,
  "summary_csf_mean": 2731.2785924131394,
  "summary_csf_median": 3479.080866537988,
  "summary_csf_n": 58819.0,
  "summary_csf_p05": 113.2560133561492,
  "summary_csf_p95": 4118.614012598991,
  "summary_csf_stdv": 1476.1787317477692,
  "summary_gm_k": 0.5303448770943708,
  "summary_gm_mad": 147.45492584287487,
  "summary_gm_mean": 1472.1319959459147,
  "summary_gm_median": 1468.0709806457162,
  "summary_gm_n": 7648.0,
  "summary_gm_p05": 1221.2785673551261,
  "summary_gm_p95": 1728.9561707116663,
  "summary_gm_stdv": 155.1674530525861,
  "summary_wm_k": -0.09056747124432141,
  "summary_wm_mad": 92.17293150473434,
  "summary_wm_mean": 996.2845041475572,
  "summary_wm_median": 1000.0733518972993,
  "summary_wm_n": 204898.0,
  "summary_wm_p05": 844.2454086989164,
  "summary_wm_p95": 1134.762129932642,
  "summary_wm_stdv": 89.54896566456748,
  "tpm_overlap_csf": 0.13371749622086918,
  "tpm_overlap_gm": 0.30683461103004095,
  "tpm_overlap_wm": 0.4464318471938874,
  "wm2max": 0.24299548569674181
}