{
  "aor": 0.0013018455971049456,
  "aqi": 0.026834419662243664,
  "bids_meta": {
    "AcquisitionMatrixPE": 78,
    "AcquisitionNumber": 7,
    "AcquisitionTime": "12:16:41.560000",
    "BodyPartExamined": "BRAIN",
    "CoilString": "MULTI_COIL",
    "ConversionSoftware": "dcm2niix",
    "ConversionSoftwareVersion": "v1.0.20190410  (JP2:OpenJPEG) GCC6.3.0",
    "Dcm2bidsVersion": "2.1.4",
    "DeviceSerialNumber": "42451",
    "EchoTime": 0.030001,
    "EchoTrainLength": 39,
    "FlipAngle": 75,
    "ImageOrientationPatientDICOM": [
      1,
      0,
      0.000546584,
      0,
      1,
      0
    ],
    "ImageType": [
      "ORIGINAL",
      "PRIMARY",
      "M",
      "FFE",
      "M",
      "FFE"
    ],
    "ImagingFrequency": 127.759,
    "InPlanePhaseEncodingDirectionDICOM": "COL",
    "InstitutionAddress": "Calzada_Mexico_Xochimilco_No.101_Tlalpan",
    "InstitutionName": "I.N._Psiquiatria",
    "InstitutionalDepartmentName": "Imagenes_Cerebrales",
    "MRAcquisitionType": "2D",
    "MagneticFieldStrength": 3,
    "Manufacturer": "Philips",
    "ManufacturersModelName": "Ingenia",
    "Modality": "MR",
    "PartialFourier": 0.5,
    "PatientPosition": "HFS",
    "PercentPhaseFOV": 100,
    "PhaseEncodingAxis": "j",
    "PhaseEncodingSteps": 78,
    "PhilipsRescaleIntercept": 0,
    "PhilipsRescaleSlope": 0.775824,
    "PhilipsScaleSlope": 0.0259568,
    "PixelBandwidth": 2071,
    "ProcedureStepDescription": "PROTOCOLO_FIBROMIALGIA",
    "ProtocolName": "WIP_TASK_FMRI",
    "ReconMatrixPE": 80,
    "RepetitionTime": 2,
    "SAR": 0.117678,
    "ScanOptions": "FS",
    "ScanningSequence": "GR",
    "SequenceVariant": "SK",
    "SeriesDescription": "TASK_FMRI",
    "SeriesNumber": 701,
    "SliceThickness": 3,
    "SliceTiming": [
      0,
      1.027027,
      0.054054,
      1.081081,
      0.108108,
      1.13513,
      0.162162,
      1.189189,
      0.216216,
      1.243244,
      0.27027,
      1.297298,
      0.324324,
      1.351352,
      0.378378,
      1.405406,
      0.432432,
      1.45946,
      0.486486,
      1.513514,
      0.540541,
      1.567568,
      0.594595,
      1.621622,
      0.648649,
      1.675676,
      0.702703,
      1.72973,
      0.756757,
      1.783784,
      0.810811,
      1.837838,
      0.864865,
      1.891892,
      0.918919,
      1.945947,
      0.972973
    ],
    "SoftwareVersions": "5.3.1_5.3.1.0",
    "SpacingBetweenSlices": 3,
    "StationName": "PHILIPS-CTMFQSD",
    "TaskName": "epr",
    "UsePhilipsFloatNotDisplayScaling": 1,
    "dataset": "ds004144",
    "modality": "bold",
    "subject_id": "046",
    "task_id": "epr"
  },
  "dummy_trs": 5,
  "dvars_nstd": 27.24067219450487,
  "dvars_std": 1.0399067429106275,
  "dvars_vstd": 0.9368521386352666,
  "efc": 0.40868064009442817,
  "fber": 129683.6953125,
  "fd_mean": 0.20872468147918427,
  "fd_num": 281,
  "fd_perc": 33.8962605548854,
  "fwhm_avg": 1.9625644444444443,
  "fwhm_x": 1.9089366666666667,
  "fwhm_y": 2.1430266666666666,
  "fwhm_z": 1.8357299999999999,
  "gcor": 0.0606694,
  "gsr_x": -0.019854974001646042,
  "gsr_y": 0.018841508775949478,
  "provenance": {
    "md5sum": "23e82a9f1fa12bb5b48a2352c8ac839e",
    "settings": {
      "fd_thres": 0.2,
      "testing": false
    },
    "software": "mriqc",
    "version": "23.0.0",
    "webapi_port": null,
    "webapi_url": "https://mriqc.nimh.nih.gov/api/v1"
  },
  "size_t": 829,
  "size_x": 80,
  "size_y": 80,
  "size_z": 37,
  "snr": 5.100646372533983,
  "spacing_tr": 2.0000016689300537,
  "spacing_x": 3.0,
  "spacing_y": 3.0,
  "spacing_z": 3.0,
  "summary_bg_k": 103.75559269079959,
  "summary_bg_mad": 146.8389837451786,
  "summary_bg_mean": 1111.8641357421875,
  "summary_bg_median": 143.0784149169922,
  "summary_bg_n": 163982.0,
  "summary_bg_p05": 20.69181203842163,
  "summary_bg_p95": 5447.4493652343735,
  "summary_bg_stdv": 3321.166015625,
  "summary_fg_k": 2.284360979658941,
  "summary_fg_mad": 8978.059893778322,
  "summary_fg_mean": 53230.859375,
  "summary_fg_median": 52957.84765625,
  "summary_fg_n": 32889.0,
  "summary_fg_p05": 37267.33359375,
  "summary_fg_p95": 70065.1734375,
  "summary_fg_stdv": 10382.41796875,
  "tsnr": 29.675382614135742
}