{
  "aor": 0.0007803666666666666,
  "aqi": 0.010833403566666667,
  "bids_meta": {
    "AcquisitionMatrixPE": 78,
    "AcquisitionNumber": 5,
    "AcquisitionTime": "11:47:33.780000",
    "BodyPartExamined": "BRAIN",
    "CoilString": "MULTI_COIL",
    "ConversionSoftware": "dcm2niix",
    "ConversionSoftwareVersion": "v1.0.20190410  (JP2:OpenJPEG) GCC6.3.0",
    "Dcm2bidsVersion": "2.1.4",
    "DeviceSerialNumber": "42451",
    "EchoTime": 0.030001,
    "EchoTrainLength": 39,
    "FlipAngle": 75,
    "ImageOrientationPatientDICOM": [
      0.999993,
      0,
      -0.00362181,
      0,
      1,
      0
    ],
    "ImageType": [
      "ORIGINAL",
      "PRIMARY",
      "M",
      "FFE",
      "M",
      "FFE"
    ],
    "ImagingFrequency": 127.759,
    "InPlanePhaseEncodingDirectionDICOM": "COL",
    "InstitutionAddress": "Calzada_Mexico_Xochimilco_No.101_Tlalpan",
    "InstitutionName": "I.N._Psiquiatria",
    "InstitutionalDepartmentName": "Imagenes_Cerebrales",
    "MRAcquisitionType": "2D",
    "MagneticFieldStrength": 3,
    "Manufacturer": "Philips",
    "ManufacturersModelName": "Ingenia",
    "Modality": "MR",
    "PartialFourier": 0.5,
    "PatientPosition": "HFS",
    "PercentPhaseFOV": 100,
    "PhaseEncodingAxis": "j",
    "PhaseEncodingSteps": 78,
    "PhilipsRescaleIntercept": 0,
    "PhilipsRescaleSlope": 0.788034,
    "PhilipsScaleSlope": 0.026948,
    "PixelBandwidth": 2071,
    "ProcedureStepDescription": "PROTOCOLO_FIBROMIALGIA",
    "ProtocolName": "WIP_RESTING_STATE_10m",
    "ReconMatrixPE": 80,
    "RepetitionTime": 2,
    "SAR": 0.117654,
    "ScanOptions": "FS",
    "ScanningSequence": "GR",
    "SequenceVariant": "SK",
    "SeriesDescription": "RESTING_STATE_10m",
    "SeriesNumber": 501,
    "SliceThickness": 3,
    "SliceTiming": [
      0,
      1.027027,
      0.054054,
      1.081081,
      0.108108,
      1.13513,
      0.162162,
      1.189189,
      0.216216,
      1.243244,
      0.27027,
      1.297298,
      0.324324,
      1.351352,
      0.378378,
      1.405406,
      0.432432,
      1.45946,
      0.486486,
      1.513514,
      0.540541,
      1.567568,
      0.594595,
      1.621622,
      0.648649,
      1.675676,
      0.702703,
      1.72973,
      0.756757,
      1.783784,
      0.810811,
      1.837838,
      0.864865,
      1.891892,
      0.918919,
      1.945947,
      0.972973
    ],
    "SoftwareVersions": "5.3.1_5.3.1.0",
    "SpacingBetweenSlices": 3,
    "StationName": "PHILIPS-CTMFQSD",
    "TaskName": "rest",
    "UsePhilipsFloatNotDisplayScaling": 1,
    "dataset": "ds004144",
    "modality": "bold",
    "subject_id": "032",
    "task_id": "rest"
  },
  "dummy_trs": 0,
  "dvars_nstd": 30.472356158361205,
  "dvars_std": 1.164430184180601,
  "dvars_vstd": 0.9517486727090305,
  "efc": 0.3960725693175183,
  "fber": 111674.515625,
  "fd_mean": 0.11420231440146138,
  "fd_num": 22,
  "fd_perc": 7.333333333333333,
  "fwhm_avg": 1.904872222222222,
  "fwhm_x": 1.8446633333333333,
  "fwhm_y": 2.0176266666666667,
  "fwhm_z": 1.8523266666666667,
  "gcor": 0.0965906,
  "gsr_x": -0.017594270408153534,
  "gsr_y": 0.010701349005103111,
  "provenance": {
    "md5sum": "bb5ee89eec664da80858d28f7ca2a9c5",
    "settings": {
      "fd_thres": 0.2,
      "testing": false
    },
    "software": "mriqc",
    "version": "23.0.0",
    "webapi_port": null,
    "webapi_url": "https://mriqc.nimh.nih.gov/api/v1"
  },
  "size_t": 300,
  "size_x": 80,
  "size_y": 80,
  "size_z": 37,
  "snr": 4.718522402335313,
  "spacing_tr": 2.0000016689300537,
  "spacing_x": 3.0,
  "spacing_y": 3.0,
  "spacing_z": 3.0,
  "summary_bg_k": 84.29809127347355,
  "summary_bg_mad": 173.93643725809795,
  "summary_bg_mean": 1017.2503662109375,
  "summary_bg_median": 154.83859252929688,
  "summary_bg_n": 166080.0,
  "summary_bg_p05": 13.839602661132815,
  "summary_bg_p95": 5082.805004882809,
  "summary_bg_stdv": 2773.8837890625,
  "summary_fg_k": 3.053847204898296,
  "summary_fg_mad": 8524.534191703424,
  "summary_fg_mean": 53175.6171875,
  "summary_fg_median": 52434.5859375,
  "summary_fg_n": 31566.0,
  "summary_fg_p05": 36598.37890625,
  "summary_fg_p95": 72495.748046875,
  "summary_fg_stdv": 11112.3251953125,
  "tsnr": 45.164466857910156
}