{
  "aor": 0.0010257793764988008,
  "aqi": 0.020285157841726617,
  "bids_meta": {
    "AcquisitionMatrixPE": 78,
    "AcquisitionNumber": 8,
    "AcquisitionTime": "11:59:12.560000",
    "BodyPartExamined": "BRAIN",
    "CoilString": "MULTI_COIL",
    "ConversionSoftware": "dcm2niix",
    "ConversionSoftwareVersion": "v1.0.20190410  (JP2:OpenJPEG) GCC6.3.0",
    "Dcm2bidsVersion": "2.1.4",
    "DeviceSerialNumber": "42451",
    "EchoTime": 0.030001,
    "EchoTrainLength": 39,
    "FlipAngle": 75,
    "ImageOrientationPatientDICOM": [
      0.999993,
      0,
      -0.00362181,
      0,
      1,
      0
    ],
    "ImageType": [
      "ORIGINAL",
      "PRIMARY",
      "M",
      "FFE",
      "M",
      "FFE"
    ],
    "ImagingFrequency": 127.759,
    "InPlanePhaseEncodingDirectionDICOM": "COL",
    "InstitutionAddress": "Calzada_Mexico_Xochimilco_No.101_Tlalpan",
    "InstitutionName": "I.N._Psiquiatria",
    "InstitutionalDepartmentName": "Imagenes_Cerebrales",
    "MRAcquisitionType": "2D",
    "MagneticFieldStrength": 3,
    "Manufacturer": "Philips",
    "ManufacturersModelName": "Ingenia",
    "Modality": "MR",
    "PartialFourier": 0.5,
    "PatientPosition": "HFS",
    "PercentPhaseFOV": 100,
    "PhaseEncodingAxis": "j",
    "PhaseEncodingSteps": 78,
    "PhilipsRescaleIntercept": 0,
    "PhilipsRescaleSlope": 0.775824,
    "PhilipsScaleSlope": 0.0270114,
    "PixelBandwidth": 2071,
    "ProcedureStepDescription": "PROTOCOLO_FIBROMIALGIA",
    "ProtocolName": "WIP_TASK_FMRI",
    "ReconMatrixPE": 80,
    "RepetitionTime": 2,
    "SAR": 0.117749,
    "ScanOptions": "FS",
    "ScanningSequence": "GR",
    "SequenceVariant": "SK",
    "SeriesDescription": "TASK_FMRI",
    "SeriesNumber": 801,
    "SliceThickness": 3,
    "SliceTiming": [
      0,
      1.027027,
      0.054054,
      1.081081,
      0.108108,
      1.13513,
      0.162162,
      1.189189,
      0.216216,
      1.243244,
      0.27027,
      1.297298,
      0.324324,
      1.351352,
      0.378378,
      1.405406,
      0.432432,
      1.45946,
      0.486486,
      1.513514,
      0.540541,
      1.567568,
      0.594595,
      1.621622,
      0.648649,
      1.675676,
      0.702703,
      1.72973,
      0.756757,
      1.783784,
      0.810811,
      1.837838,
      0.864865,
      1.891892,
      0.918919,
      1.945947,
      0.972973
    ],
    "SoftwareVersions": "5.3.1_5.3.1.0",
    "SpacingBetweenSlices": 3,
    "StationName": "PHILIPS-CTMFQSD",
    "TaskName": "epr",
    "UsePhilipsFloatNotDisplayScaling": 1,
    "dataset": "ds004144",
    "modality": "bold",
    "subject_id": "021",
    "task_id": "epr"
  },
  "dummy_trs": 0,
  "dvars_nstd": 32.89751312288121,
  "dvars_std": 1.2323716006722691,
  "dvars_vstd": 0.9208259091716691,
  "efc": 0.38168859743731254,
  "fber": 109293.0859375,
  "fd_mean": 0.20145632087154125,
  "fd_num": 250,
  "fd_perc": 29.976019184652277,
  "fwhm_avg": 1.9382222222222223,
  "fwhm_x": 1.86778,
  "fwhm_y": 2.008366666666667,
  "fwhm_z": 1.9385199999999998,
  "gcor": 0.108167,
  "gsr_x": -0.011280902661383152,
  "gsr_y": 0.005420407745987177,
  "provenance": {
    "md5sum": "cc88754565e74cb549dc8efbc3f2f88f",
    "settings": {
      "fd_thres": 0.2,
      "testing": false
    },
    "software": "mriqc",
    "version": "23.0.0",
    "webapi_port": null,
    "webapi_url": "https://mriqc.nimh.nih.gov/api/v1"
  },
  "size_t": 834,
  "size_x": 80,
  "size_y": 80,
  "size_z": 37,
  "snr": 4.77571758088743,
  "spacing_tr": 2.0000016689300537,
  "spacing_x": 3.0,
  "spacing_y": 3.0,
  "spacing_z": 3.0,
  "summary_bg_k": 111.32494807198702,
  "summary_bg_mad": 191.63374285301364,
  "summary_bg_mean": 1063.3779296875,
  "summary_bg_median": 167.96095275878906,
  "summary_bg_n": 169390.0,
  "summary_bg_p05": 13.734473896026612,
  "summary_bg_p95": 5073.614282226557,
  "summary_bg_stdv": 3038.42822265625,
  "summary_fg_k": 2.383379437659886,
  "summary_fg_mad": 8918.492295659418,
  "summary_fg_mean": 56746.953125,
  "summary_fg_median": 55657.1953125,
  "summary_fg_n": 28730.0,
  "summary_fg_p05": 39515.4783203125,
  "summary_fg_p95": 77892.347265625,
  "summary_fg_stdv": 11654.0029296875,
  "tsnr": 32.49076843261719
}