{
  "aor": 0.0031100666666666666,
  "aqi": 0.0085823385,
  "bids_meta": {
    "AcquisitionMatrixPE": 78,
    "AcquisitionNumber": 3,
    "AcquisitionTime": "11:22:0.510000",
    "BodyPartExamined": "BRAIN",
    "CoilString": "MULTI_COIL",
    "ConversionSoftware": "dcm2niix",
    "ConversionSoftwareVersion": "v1.0.20190410  (JP2:OpenJPEG) GCC6.3.0",
    "Dcm2bidsVersion": "2.1.4",
    "DeviceSerialNumber": "42451",
    "EchoTime": 0.030001,
    "EchoTrainLength": 39,
    "FlipAngle": 75,
    "ImageOrientationPatientDICOM": [
      0.999993,
      0,
      -0.00362181,
      0,
      1,
      0
    ],
    "ImageType": [
      "ORIGINAL",
      "PRIMARY",
      "M",
      "FFE",
      "M",
      "FFE"
    ],
    "ImagingFrequency": 127.759,
    "InPlanePhaseEncodingDirectionDICOM": "COL",
    "InstitutionAddress": "Calzada_Mexico_Xochimilco_No.101_Tlalpan",
    "InstitutionName": "I.N._Psiquiatria",
    "InstitutionalDepartmentName": "Imagenes_Cerebrales",
    "MRAcquisitionType": "2D",
    "MagneticFieldStrength": 3,
    "Manufacturer": "Philips",
    "ManufacturersModelName": "Ingenia",
    "Modality": "MR",
    "PartialFourier": 0.5,
    "PatientPosition": "HFS",
    "PercentPhaseFOV": 100,
    "PhaseEncodingAxis": "j",
    "PhaseEncodingSteps": 78,
    "PhilipsRescaleIntercept": 0,
    "PhilipsRescaleSlope": 0.757021,
    "PhilipsScaleSlope": 0.0272437,
    "PixelBandwidth": 2071,
    "ProcedureStepDescription": "PROTOCOLO_FIBROMIALGIA",
    "ProtocolName": "WIP_RESTING_STATE_10m",
    "ReconMatrixPE": 80,
    "RepetitionTime": 2,
    "SAR": 0.117654,
    "ScanOptions": "FS",
    "ScanningSequence": "GR",
    "SequenceVariant": "SK",
    "SeriesDescription": "RESTING_STATE_10m",
    "SeriesNumber": 301,
    "SliceThickness": 3,
    "SliceTiming": [
      0,
      1.027027,
      0.054054,
      1.081081,
      0.108108,
      1.13513,
      0.162162,
      1.189189,
      0.216216,
      1.243244,
      0.27027,
      1.297298,
      0.324324,
      1.351352,
      0.378378,
      1.405406,
      0.432432,
      1.45946,
      0.486486,
      1.513514,
      0.540541,
      1.567568,
      0.594595,
      1.621622,
      0.648649,
      1.675676,
      0.702703,
      1.72973,
      0.756757,
      1.783784,
      0.810811,
      1.837838,
      0.864865,
      1.891892,
      0.918919,
      1.945947,
      0.972973
    ],
    "SoftwareVersions": "5.3.1_5.3.1.0",
    "SpacingBetweenSlices": 3,
    "StationName": "PHILIPS-CTMFQSD",
    "TaskName": "rest",
    "UsePhilipsFloatNotDisplayScaling": 1,
    "dataset": "ds004144",
    "modality": "bold",
    "subject_id": "021",
    "task_id": "rest"
  },
  "dummy_trs": 0,
  "dvars_nstd": 28.105880833210698,
  "dvars_std": 1.2435936375585284,
  "dvars_vstd": 1.0071986416053513,
  "efc": 0.3805375294041472,
  "fber": 152631.3125,
  "fd_mean": 0.14180757424834964,
  "fd_num": 36,
  "fd_perc": 12.0,
  "fwhm_avg": 1.8692222222222223,
  "fwhm_x": 1.8015333333333334,
  "fwhm_y": 1.9501600000000001,
  "fwhm_z": 1.8559733333333333,
  "gcor": 0.083879,
  "gsr_x": -0.010847116820514202,
  "gsr_y": 0.005279501434415579,
  "provenance": {
    "md5sum": "e8a48ea604f02949538f0bd632b9ac5a",
    "settings": {
      "fd_thres": 0.2,
      "testing": false
    },
    "software": "mriqc",
    "version": "23.0.0",
    "webapi_port": null,
    "webapi_url": "https://mriqc.nimh.nih.gov/api/v1"
  },
  "size_t": 300,
  "size_x": 80,
  "size_y": 80,
  "size_z": 37,
  "snr": 4.9288662950968885,
  "spacing_tr": 2.0000016689300537,
  "spacing_x": 3.0,
  "spacing_y": 3.0,
  "spacing_z": 3.0,
  "summary_bg_k": 145.8385685551679,
  "summary_bg_mad": 156.61147609355805,
  "summary_bg_mean": 979.1531982421875,
  "summary_bg_median": 135.5693817138672,
  "summary_bg_n": 168960.0,
  "summary_bg_p05": 8.330640888214113,
  "summary_bg_p95": 4479.341113281244,
  "summary_bg_stdv": 3020.397705078125,
  "summary_fg_k": 2.8612982087054935,
  "summary_fg_mad": 8324.533468992986,
  "summary_fg_mean": 55911.6796875,
  "summary_fg_median": 54743.04296875,
  "summary_fg_n": 29093.0,
  "summary_fg_p05": 39860.8953125,
  "summary_fg_p95": 76204.30937499997,
  "summary_fg_stdv": 11106.4287109375,
  "tsnr": 58.855918884277344
}