{
  "aor": 0.0012032613908872902,
  "aqi": 0.02972568345323741,
  "bids_meta": {
    "AcquisitionMatrixPE": 78,
    "AcquisitionNumber": 8,
    "AcquisitionTime": "10:51:19.310000",
    "BodyPartExamined": "BRAIN",
    "CoilString": "MULTI_COIL",
    "ConversionSoftware": "dcm2niix",
    "ConversionSoftwareVersion": "v1.0.20190410  (JP2:OpenJPEG) GCC6.3.0",
    "Dcm2bidsVersion": "2.1.4",
    "DeviceSerialNumber": "42451",
    "EchoTime": 0.030001,
    "EchoTrainLength": 39,
    "FlipAngle": 75,
    "ImageOrientationPatientDICOM": [
      1,
      0,
      0.000491071,
      0,
      1,
      0
    ],
    "ImageType": [
      "ORIGINAL",
      "PRIMARY",
      "M",
      "FFE",
      "M",
      "FFE"
    ],
    "ImagingFrequency": 127.759,
    "InPlanePhaseEncodingDirectionDICOM": "COL",
    "InstitutionAddress": "Calzada_Mexico_Xochimilco_No.101_Tlalpan",
    "InstitutionName": "I.N._Psiquiatria",
    "InstitutionalDepartmentName": "Imagenes_Cerebrales",
    "MRAcquisitionType": "2D",
    "MagneticFieldStrength": 3,
    "Manufacturer": "Philips",
    "ManufacturersModelName": "Ingenia",
    "Modality": "MR",
    "PartialFourier": 0.5,
    "PatientPosition": "HFS",
    "PercentPhaseFOV": 100,
    "PhaseEncodingAxis": "j",
    "PhaseEncodingSteps": 78,
    "PhilipsRescaleIntercept": 0,
    "PhilipsRescaleSlope": 0.787057,
    "PhilipsScaleSlope": 0.0247076,
    "PixelBandwidth": 2071,
    "ProcedureStepDescription": "PROTOCOLO_FIBROMIALGIA",
    "ProtocolName": "WIP_TASK_FMRI",
    "ReconMatrixPE": 80,
    "RepetitionTime": 2,
    "SAR": 0.117678,
    "ScanOptions": "FS",
    "ScanningSequence": "GR",
    "SequenceVariant": "SK",
    "SeriesDescription": "TASK_FMRI",
    "SeriesNumber": 801,
    "SliceThickness": 3,
    "SliceTiming": [
      0,
      1.027027,
      0.054054,
      1.081081,
      0.108108,
      1.13513,
      0.162162,
      1.189189,
      0.216216,
      1.243244,
      0.27027,
      1.297298,
      0.324324,
      1.351352,
      0.378378,
      1.405406,
      0.432432,
      1.45946,
      0.486486,
      1.513514,
      0.540541,
      1.567568,
      0.594595,
      1.621622,
      0.648649,
      1.675676,
      0.702703,
      1.72973,
      0.756757,
      1.783784,
      0.810811,
      1.837838,
      0.864865,
      1.891892,
      0.918919,
      1.945947,
      0.972973
    ],
    "SoftwareVersions": "5.3.1_5.3.1.0",
    "SpacingBetweenSlices": 3,
    "StationName": "PHILIPS-CTMFQSD",
    "TaskName": "epr",
    "UsePhilipsFloatNotDisplayScaling": 1,
    "dataset": "ds004144",
    "modality": "bold",
    "subject_id": "024",
    "task_id": "epr"
  },
  "dummy_trs": 0,
  "dvars_nstd": 34.306012908043236,
  "dvars_std": 1.178490531260505,
  "dvars_vstd": 0.9244709791956786,
  "efc": 0.43846079558997775,
  "fber": 96149.546875,
  "fd_mean": 0.21253878763068104,
  "fd_num": 323,
  "fd_perc": 38.729016786570746,
  "fwhm_avg": 1.927431111111111,
  "fwhm_x": 1.8497466666666667,
  "fwhm_y": 1.9878933333333333,
  "fwhm_z": 1.9446533333333333,
  "gcor": 0.0969944,
  "gsr_x": -0.014067012816667557,
  "gsr_y": 0.026310021057724953,
  "provenance": {
    "md5sum": "c354402aeeb51bcf2b571b0ceb1d0953",
    "settings": {
      "fd_thres": 0.2,
      "testing": false
    },
    "software": "mriqc",
    "version": "23.0.0",
    "webapi_port": null,
    "webapi_url": "https://mriqc.nimh.nih.gov/api/v1"
  },
  "size_t": 834,
  "size_x": 80,
  "size_y": 80,
  "size_z": 37,
  "snr": 5.478193142688282,
  "spacing_tr": 2.0000016689300537,
  "spacing_x": 3.0,
  "spacing_y": 3.0,
  "spacing_z": 3.0,
  "summary_bg_k": 134.76115282480066,
  "summary_bg_mad": 225.16789876297906,
  "summary_bg_mean": 1400.297119140625,
  "summary_bg_median": 192.57029724121094,
  "summary_bg_n": 157707.0,
  "summary_bg_p05": 22.618806457519533,
  "summary_bg_p95": 6159.786376953115,
  "summary_bg_stdv": 4135.64453125,
  "summary_fg_k": 1.3665511901599015,
  "summary_fg_mad": 9905.656342342758,
  "summary_fg_mean": 60847.23828125,
  "summary_fg_median": 60364.671875,
  "summary_fg_n": 38304.0,
  "summary_fg_p05": 44145.269140625,
  "summary_fg_p95": 79702.983203125,
  "summary_fg_stdv": 11018.9404296875,
  "tsnr": 27.06584930419922
}