{
  "aor": 0.0012028000000000002,
  "aqi": 0.013759087866666665,
  "bids_meta": {
    "AcquisitionMatrixPE": 78,
    "AcquisitionNumber": 3,
    "AcquisitionTime": "10:23:58.630000",
    "BodyPartExamined": "BRAIN",
    "CoilString": "MULTI_COIL",
    "ConversionSoftware": "dcm2niix",
    "ConversionSoftwareVersion": "v1.0.20190410  (JP2:OpenJPEG) GCC6.3.0",
    "Dcm2bidsVersion": "2.1.4",
    "DeviceSerialNumber": "42451",
    "EchoTime": 0.030001,
    "EchoTrainLength": 39,
    "FlipAngle": 75,
    "ImageOrientationPatientDICOM": [
      1,
      0,
      0.000491071,
      0,
      1,
      0
    ],
    "ImageType": [
      "ORIGINAL",
      "PRIMARY",
      "M",
      "FFE",
      "M",
      "FFE"
    ],
    "ImagingFrequency": 127.759,
    "InPlanePhaseEncodingDirectionDICOM": "COL",
    "InstitutionAddress": "Calzada_Mexico_Xochimilco_No.101_Tlalpan",
    "InstitutionName": "I.N._Psiquiatria",
    "InstitutionalDepartmentName": "Imagenes_Cerebrales",
    "MRAcquisitionType": "2D",
    "MagneticFieldStrength": 3,
    "Manufacturer": "Philips",
    "ManufacturersModelName": "Ingenia",
    "Modality": "MR",
    "PartialFourier": 0.5,
    "PatientPosition": "HFS",
    "PercentPhaseFOV": 100,
    "PhaseEncodingAxis": "j",
    "PhaseEncodingSteps": 78,
    "PhilipsRescaleIntercept": 0,
    "PhilipsRescaleSlope": 0.770208,
    "PhilipsScaleSlope": 0.0237472,
    "PixelBandwidth": 2071,
    "ProcedureStepDescription": "PROTOCOLO_FIBROMIALGIA",
    "ProtocolName": "WIP_RESTING_STATE_10m",
    "ReconMatrixPE": 80,
    "RepetitionTime": 2,
    "SAR": 0.117583,
    "ScanOptions": "FS",
    "ScanningSequence": "GR",
    "SequenceVariant": "SK",
    "SeriesDescription": "RESTING_STATE_10m",
    "SeriesNumber": 301,
    "SliceThickness": 3,
    "SliceTiming": [
      0,
      1.027027,
      0.054054,
      1.081081,
      0.108108,
      1.13513,
      0.162162,
      1.189189,
      0.216216,
      1.243244,
      0.27027,
      1.297298,
      0.324324,
      1.351352,
      0.378378,
      1.405406,
      0.432432,
      1.45946,
      0.486486,
      1.513514,
      0.540541,
      1.567568,
      0.594595,
      1.621622,
      0.648649,
      1.675676,
      0.702703,
      1.72973,
      0.756757,
      1.783784,
      0.810811,
      1.837838,
      0.864865,
      1.891892,
      0.918919,
      1.945947,
      0.972973
    ],
    "SoftwareVersions": "5.3.1_5.3.1.0",
    "SpacingBetweenSlices": 3,
    "StationName": "PHILIPS-CTMFQSD",
    "TaskName": "rest",
    "UsePhilipsFloatNotDisplayScaling": 1,
    "dataset": "ds004144",
    "modality": "bold",
    "subject_id": "024",
    "task_id": "rest"
  },
  "dummy_trs": 0,
  "dvars_nstd": 34.55102502715717,
  "dvars_std": 1.2662122223076915,
  "dvars_vstd": 0.9445998040468225,
  "efc": 0.43499883442175935,
  "fber": 106847.75,
  "fd_mean": 0.17809312677819497,
  "fd_num": 104,
  "fd_perc": 34.666666666666664,
  "fwhm_avg": 1.8510944444444444,
  "fwhm_x": 1.7666233333333334,
  "fwhm_y": 1.9131666666666665,
  "fwhm_z": 1.8734933333333332,
  "gcor": 0.0905791,
  "gsr_x": -0.013302707113325596,
  "gsr_y": 0.027525868266820908,
  "provenance": {
    "md5sum": "e7cb75ab5d0b836f123ef12d9777ed96",
    "settings": {
      "fd_thres": 0.2,
      "testing": false
    },
    "software": "mriqc",
    "version": "23.0.0",
    "webapi_port": null,
    "webapi_url": "https://mriqc.nimh.nih.gov/api/v1"
  },
  "size_t": 300,
  "size_x": 80,
  "size_y": 80,
  "size_z": 37,
  "snr": 5.566973780321719,
  "spacing_tr": 2.0000016689300537,
  "spacing_x": 3.0,
  "spacing_y": 3.0,
  "spacing_z": 3.0,
  "summary_bg_k": 152.9932060502056,
  "summary_bg_mad": 209.41711656530458,
  "summary_bg_mean": 1348.3641357421875,
  "summary_bg_median": 175.54452514648438,
  "summary_bg_n": 158404.0,
  "summary_bg_p05": 14.980200004577638,
  "summary_bg_p95": 5894.968457031251,
  "summary_bg_stdv": 4245.65087890625,
  "summary_fg_k": 1.419880894711829,
  "summary_fg_mad": 9508.628788481266,
  "summary_fg_mean": 59373.84375,
  "summary_fg_median": 58621.9140625,
  "summary_fg_n": 37955.0,
  "summary_fg_p05": 43940.374609375,
  "summary_fg_p95": 77706.23125,
  "summary_fg_stdv": 10530.1630859375,
  "tsnr": 43.054927825927734
}