{
  "bids_meta": {
    "AcquisitionMatrixPE": 240,
    "AcquisitionNumber": 5,
    "AcquisitionTime": "11:26:53.710000",
    "BodyPartExamined": "BRAIN",
    "CoilString": "MULTI_COIL",
    "ConversionSoftware": "dcm2niix",
    "ConversionSoftwareVersion": "v1.0.20190410  (JP2:OpenJPEG) GCC6.3.0",
    "Dcm2bidsVersion": "2.1.4",
    "DeviceSerialNumber": "42451",
    "EchoTime": 0.331,
    "EchoTrainLength": 117,
    "FlipAngle": 90,
    "ImageOrientationPatientDICOM": [
      0,
      1,
      0,
      0.0107666,
      0,
      -0.999942
    ],
    "ImageType": [
      "ORIGINAL",
      "PRIMARY",
      "M",
      "SE",
      "M",
      "SE"
    ],
    "ImagingFrequency": 127.759,
    "InPlanePhaseEncodingDirectionDICOM": "ROW",
    "InstitutionAddress": "Calzada_Mexico_Xochimilco_No.101_Tlalpan",
    "InstitutionName": "I.N._Psiquiatria",
    "InstitutionalDepartmentName": "Imagenes_Cerebrales",
    "MRAcquisitionType": "3D",
    "MagneticFieldStrength": 3,
    "Manufacturer": "Philips",
    "ManufacturersModelName": "Ingenia",
    "Modality": "MR",
    "PatientPosition": "HFS",
    "PercentPhaseFOV": 100,
    "PhaseEncodingSteps": 240,
    "PhilipsRescaleIntercept": 0,
    "PhilipsRescaleSlope": 1.36801,
    "PhilipsScaleSlope": 0.00316915,
    "PixelBandwidth": 413,
    "ProcedureStepDescription": "PROTOCOLO_FIBROMIALGIA",
    "ProtocolName": "WIP_T2W",
    "ReconMatrixPE": 240,
    "RepetitionTime": 2.5,
    "SAR": 0.030152,
    "ScanOptions": "FS",
    "ScanningSequence": "SE",
    "SequenceVariant": "SK",
    "SeriesDescription": "T2W",
    "SeriesNumber": 501,
    "SliceThickness": 1,
    "SoftwareVersions": "5.3.1_5.3.1.0",
    "SpacingBetweenSlices": 1,
    "StationName": "PHILIPS-CTMFQSD",
    "UsePhilipsFloatNotDisplayScaling": 1,
    "dataset": "ds004144",
    "modality": "T2w",
    "subject_id": "064"
  },
  "cjv": 0.44988996871395975,
  "cnr": 3.0069053848237886,
  "efc": 0.5098122148234557,
  "fber": -1.0,
  "fwhm_avg": 2.7048400000000004,
  "fwhm_x": 2.67821,
  "fwhm_y": 2.89637,
  "fwhm_z": 2.53994,
  "icvs_csf": 0.20334773577813323,
  "icvs_gm": 0.2862260190371871,
  "icvs_wm": 0.5104262451846797,
  "inu_med": 0.9236666560173035,
  "inu_range": 0.34167197346687317,
  "provenance": {
    "md5sum": "adf3fd62e25570cf89853674f661aa93",
    "settings": {
      "testing": false
    },
    "software": "mriqc",
    "version": "23.0.0",
    "warnings": {
      "large_rot_frame": true,
      "small_air_mask": false
    },
    "webapi_port": null,
    "webapi_url": "https://mriqc.nimh.nih.gov/api/v1"
  },
  "qi_1": 0.052460851478265506,
  "qi_2": 1.7028537440791225e-05,
  "rpve_csf": 31.247234770829177,
  "rpve_gm": 17.68382788165354,
  "rpve_wm": 12.901040920413955,
  "size_x": 180,
  "size_y": 240,
  "size_z": 240,
  "snr_csf": 2.3320948779841575,
  "snr_gm": 12.4546178482472,
  "snr_total": 9.395011353260665,
  "snr_wm": 13.398321333550639,
  "snrd_csf": 106.18356759278218,
  "snrd_gm": 53.434311433787165,
  "snrd_total": 65.82664870678911,
  "snrd_wm": 37.862067093798,
  "spacing_x": 1.0,
  "spacing_y": 1.0,
  "spacing_z": 1.0,
  "summary_bg_k": 316.50597197115707,
  "summary_bg_mad": 0.0,
  "summary_bg_mean": 3.574034552765803,
  "summary_bg_median": 0.0,
  "summary_bg_n": 1221608.0,
  "summary_bg_p05": 0.0,
  "summary_bg_p95": 19.508216507732868,
  "summary_bg_stdv": 17.306494575760688,
  "summary_csf_k": -0.9394511052515355,
  "summary_csf_mad": 747.9505623898411,
  "summary_csf_mean": 2246.1528491534345,
  "summary_csf_median": 2805.0118060596287,
  "summary_csf_n": 50390.0,
  "summary_csf_p05": 100.20386000089348,
  "summary_csf_p95": 3476.4488636467604,
  "summary_csf_stdv": 1202.7743808286402,
  "summary_gm_k": 0.5514267310351628,
  "summary_gm_mad": 108.80971812199118,
  "summary_gm_mean": 1413.607076169355,
  "summary_gm_median": 1411.5543282106519,
  "summary_gm_n": 13501.0,
  "summary_gm_p05": 1235.7921974882483,
  "summary_gm_p95": 1599.4228440970182,
  "summary_gm_stdv": 113.33162273811712,
  "summary_wm_k": -0.07399541579732949,
  "summary_wm_mad": 76.25980244447246,
  "summary_wm_mean": 998.107640139444,
  "summary_wm_median": 1000.1881421729922,
  "summary_wm_n": 166648.0,
  "summary_wm_p05": 871.8479139581323,
  "summary_wm_p95": 1115.4810744598508,
  "summary_wm_stdv": 74.6500338638249,
  "tpm_overlap_csf": 0.14813343286795735,
  "tpm_overlap_gm": 0.34536805411145444,
  "tpm_overlap_wm": 0.45167322635917256,
  "wm2max": 0.2869147417235099
}