{
  "bids_meta": {
    "AcquisitionMatrixPE": 240,
    "AcquisitionNumber": 4,
    "AcquisitionTime": "12:12:29.260000",
    "BodyPartExamined": "BRAIN",
    "CoilString": "MULTI_COIL",
    "ConversionSoftware": "dcm2niix",
    "ConversionSoftwareVersion": "v1.0.20190410  (JP2:OpenJPEG) GCC6.3.0",
    "Dcm2bidsVersion": "2.1.4",
    "DeviceSerialNumber": "42451",
    "EchoTime": 0.0035,
    "EchoTrainLength": 240,
    "FlipAngle": 8,
    "ImageOrientationPatientDICOM": [
      0,
      1,
      0,
      -0.00362181,
      0,
      -0.999993
    ],
    "ImageType": [
      "ORIGINAL",
      "PRIMARY",
      "M",
      "FFE",
      "M",
      "FFE"
    ],
    "ImagingFrequency": 127.759,
    "InPlanePhaseEncodingDirectionDICOM": "ROW",
    "InstitutionAddress": "Calzada_Mexico_Xochimilco_No.101_Tlalpan",
    "InstitutionName": "I.N._Psiquiatria",
    "InstitutionalDepartmentName": "Imagenes_Cerebrales",
    "MRAcquisitionType": "3D",
    "MagneticFieldStrength": 3,
    "Manufacturer": "Philips",
    "ManufacturersModelName": "Ingenia",
    "Modality": "MR",
    "PatientPosition": "HFS",
    "PercentPhaseFOV": 100,
    "PhaseEncodingSteps": 240,
    "PhilipsRescaleIntercept": 0,
    "PhilipsRescaleSlope": 3.37582,
    "PhilipsScaleSlope": 0.00585893,
    "PixelBandwidth": 310,
    "ProcedureStepDescription": "PROTOCOLO_FIBROMIALGIA",
    "ProtocolName": "WIP_T1W",
    "ReconMatrixPE": 240,
    "RepetitionTime": 0.007,
    "SAR": 0.0382114,
    "ScanOptions": "OTHER",
    "ScanningSequence": "GR",
    "SequenceVariant": "MP",
    "SeriesDescription": "T1W",
    "SeriesNumber": 401,
    "SliceThickness": 1,
    "SoftwareVersions": "5.3.1_5.3.1.0",
    "SpacingBetweenSlices": 1,
    "StationName": "PHILIPS-CTMFQSD",
    "UsePhilipsFloatNotDisplayScaling": 1,
    "dataset": "ds004144",
    "modality": "T1w",
    "subject_id": "068"
  },
  "cjv": 0.33697019983570065,
  "cnr": 3.9906192523441537,
  "efc": 0.6930892955867197,
  "fber": -1.0,
  "fwhm_avg": 4.468693333333333,
  "fwhm_x": 4.2068,
  "fwhm_y": 4.9582,
  "fwhm_z": 4.24108,
  "icvs_csf": 0.21708511220514398,
  "icvs_gm": 0.4224186526728751,
  "icvs_wm": 0.3604962351219809,
  "inu_med": 0.4118204265832901,
  "inu_range": 0.13951999098062512,
  "provenance": {
    "md5sum": "cb38ff63d2665d277ecdb5b09cf7061d",
    "settings": {
      "testing": false
    },
    "software": "mriqc",
    "version": "23.0.0",
    "warnings": {
      "large_rot_frame": true,
      "small_air_mask": false
    },
    "webapi_port": null,
    "webapi_url": "https://mriqc.nimh.nih.gov/api/v1"
  },
  "qi_1": 0.0,
  "qi_2": 2.5819869971774143e-05,
  "rpve_csf": 26.999051755300478,
  "rpve_gm": 14.24322280152937,
  "rpve_wm": 19.266757906860217,
  "size_x": 180,
  "size_y": 240,
  "size_z": 240,
  "snr_csf": 2.4579530197566606,
  "snr_gm": 13.820061459445398,
  "snr_total": 15.134029400899871,
  "snr_wm": 29.12407372349756,
  "snrd_csf": 35.69585789458385,
  "snrd_gm": 89.5593463173238,
  "snrd_total": 81.86528720382775,
  "snrd_wm": 120.34065739957563,
  "spacing_x": 1.0,
  "spacing_y": 1.0,
  "spacing_z": 1.0,
  "summary_bg_k": 11.982302167838405,
  "summary_bg_mad": 0.0,
  "summary_bg_mean": 2.499250990209246,
  "summary_bg_median": 0.0,
  "summary_bg_n": 624714.0,
  "summary_bg_p05": 0.0,
  "summary_bg_p95": 14.146060785278678,
  "summary_bg_stdv": 5.444140621997161,
  "summary_csf_k": 0.18947575610782685,
  "summary_csf_mad": 108.99129692092386,
  "summary_csf_mean": 291.04783393349663,
  "summary_csf_median": 296.6302437186241,
  "summary_csf_n": 28996.0,
  "summary_csf_p05": 74.38182774698362,
  "summary_csf_p95": 483.46175384614617,
  "summary_csf_stdv": 120.67973890071403,
  "summary_gm_k": 0.21950003064282475,
  "summary_gm_mad": 53.38732019077168,
  "summary_gm_mean": 744.4591837358615,
  "summary_gm_median": 744.2323085172102,
  "summary_gm_n": 36962.0,
  "summary_gm_p05": 657.3662946056575,
  "summary_gm_p95": 832.7774483431131,
  "summary_gm_stdv": 53.85086333371447,
  "summary_wm_k": 0.4497837677774257,
  "summary_wm_mad": 32.806516782831274,
  "summary_wm_mean": 1000.5515560614753,
  "summary_wm_median": 1000.022989757359,
  "summary_wm_n": 174104.0,
  "summary_wm_p05": 945.0523176147602,
  "summary_wm_p95": 1057.48129844293,
  "summary_wm_stdv": 34.33654671165301,
  "tpm_overlap_csf": 0.15511140514673855,
  "tpm_overlap_gm": 0.48267047982287675,
  "tpm_overlap_wm": 0.5367946526751134,
  "wm2max": 0.8453267484591005
}