{
  "bids_meta": {
    "AcquisitionMatrixPE": 240,
    "AcquisitionNumber": 5,
    "AcquisitionTime": "12:16:10.100000",
    "BodyPartExamined": "BRAIN",
    "CoilString": "MULTI_COIL",
    "ConversionSoftware": "dcm2niix",
    "ConversionSoftwareVersion": "v1.0.20190410  (JP2:OpenJPEG) GCC6.3.0",
    "Dcm2bidsVersion": "2.1.4",
    "DeviceSerialNumber": "42451",
    "EchoTime": 0.331,
    "EchoTrainLength": 117,
    "FlipAngle": 90,
    "ImageOrientationPatientDICOM": [
      0,
      1,
      0,
      -0.00362181,
      0,
      -0.999993
    ],
    "ImageType": [
      "ORIGINAL",
      "PRIMARY",
      "M",
      "SE",
      "M",
      "SE"
    ],
    "ImagingFrequency": 127.759,
    "InPlanePhaseEncodingDirectionDICOM": "ROW",
    "InstitutionAddress": "Calzada_Mexico_Xochimilco_No.101_Tlalpan",
    "InstitutionName": "I.N._Psiquiatria",
    "InstitutionalDepartmentName": "Imagenes_Cerebrales",
    "MRAcquisitionType": "3D",
    "MagneticFieldStrength": 3,
    "Manufacturer": "Philips",
    "ManufacturersModelName": "Ingenia",
    "Modality": "MR",
    "PatientPosition": "HFS",
    "PercentPhaseFOV": 100,
    "PhaseEncodingSteps": 240,
    "PhilipsRescaleIntercept": 0,
    "PhilipsRescaleSlope": 1.35458,
    "PhilipsScaleSlope": 0.00317224,
    "PixelBandwidth": 413,
    "ProcedureStepDescription": "PROTOCOLO_FIBROMIALGIA",
    "ProtocolName": "WIP_T2W",
    "ReconMatrixPE": 240,
    "RepetitionTime": 2.5,
    "SAR": 0.030152,
    "ScanOptions": "FS",
    "ScanningSequence": "SE",
    "SequenceVariant": "SK",
    "SeriesDescription": "T2W",
    "SeriesNumber": 501,
    "SliceThickness": 1,
    "SoftwareVersions": "5.3.1_5.3.1.0",
    "SpacingBetweenSlices": 1,
    "StationName": "PHILIPS-CTMFQSD",
    "UsePhilipsFloatNotDisplayScaling": 1,
    "dataset": "ds004144",
    "modality": "T2w",
    "subject_id": "068"
  },
  "cjv": 0.7399903552505106,
  "cnr": 1.203526537000103,
  "efc": 0.5142310983944431,
  "fber": -1.0,
  "fwhm_avg": 2.50507,
  "fwhm_x": 2.4706,
  "fwhm_y": 2.68495,
  "fwhm_z": 2.35966,
  "icvs_csf": 0.26215244565794993,
  "icvs_gm": 0.2181521938443786,
  "icvs_wm": 0.5196953604976715,
  "inu_med": 0.8489462733268738,
  "inu_range": 0.20166906118392947,
  "provenance": {
    "md5sum": "cf35f4c1582ab617047817fb4248cce4",
    "settings": {
      "testing": false
    },
    "software": "mriqc",
    "version": "23.0.0",
    "warnings": {
      "large_rot_frame": true,
      "small_air_mask": false
    },
    "webapi_port": null,
    "webapi_url": "https://mriqc.nimh.nih.gov/api/v1"
  },
  "qi_1": 0.0021393926287497297,
  "qi_2": 4.266241655808465e-06,
  "rpve_csf": 20.125334081073607,
  "rpve_gm": 30.5701463847405,
  "rpve_wm": 13.480779220097803,
  "size_x": 180,
  "size_y": 240,
  "size_z": 240,
  "snr_csf": 10.383385098909512,
  "snr_gm": 1.8358669695178902,
  "snr_total": 7.958116301602501,
  "snr_wm": 11.655096836380098,
  "snrd_csf": 29.849806391918698,
  "snrd_gm": 56.801913921515464,
  "snrd_total": 35.38466848035379,
  "snrd_wm": 19.50228512762721,
  "spacing_x": 1.0,
  "spacing_y": 1.0,
  "spacing_z": 1.0,
  "summary_bg_k": 107.99141749433706,
  "summary_bg_mad": 0.0,
  "summary_bg_mean": 9.02040612135844,
  "summary_bg_median": 0.0,
  "summary_bg_n": 1203624.0,
  "summary_bg_p05": 0.0,
  "summary_bg_p95": 30.512377202510834,
  "summary_bg_stdv": 33.59763623573269,
  "summary_csf_k": 1.3674087569748927,
  "summary_csf_mad": 132.29898699075395,
  "summary_csf_mean": 1538.0141905768376,
  "summary_csf_median": 1530.8002071976662,
  "summary_csf_n": 10757.0,
  "summary_csf_p05": 1312.449605999887,
  "summary_csf_p95": 1789.6516713425517,
  "summary_csf_stdv": 147.42100358270253,
  "summary_gm_k": -1.7119639519241863,
  "summary_gm_mad": 1328.111121016859,
  "summary_gm_mean": 2193.014474504609,
  "summary_gm_median": 2912.996501840651,
  "summary_gm_n": 52069.0,
  "summary_gm_p05": 84.62866884469986,
  "summary_gm_p95": 3906.577373443544,
  "summary_gm_stdv": 1586.699133220349,
  "summary_wm_k": 0.05377505487562173,
  "summary_wm_mad": 87.3813470527641,
  "summary_wm_mean": 999.3617725285795,
  "summary_wm_median": 1000.1439112275839,
  "summary_wm_n": 194634.0,
  "summary_wm_p05": 856.9372352063656,
  "summary_wm_p95": 1134.6682327453052,
  "summary_wm_stdv": 85.8114999790065,
  "tpm_overlap_csf": 0.1122423415637927,
  "tpm_overlap_gm": 0.13606032168184784,
  "tpm_overlap_wm": 0.4880756358314093,
  "wm2max": 0.254244107143233
}