{
  "bids_meta": {
    "AcquisitionMatrixPE": 240,
    "AcquisitionNumber": 5,
    "AcquisitionTime": "09:56:28.530000",
    "BodyPartExamined": "BRAIN",
    "CoilString": "MULTI_COIL",
    "ConversionSoftware": "dcm2niix",
    "ConversionSoftwareVersion": "v1.0.20190410  (JP2:OpenJPEG) GCC6.3.0",
    "Dcm2bidsVersion": "2.1.4",
    "DeviceSerialNumber": "42451",
    "EchoTime": 0.331,
    "EchoTrainLength": 117,
    "FlipAngle": 90,
    "ImageOrientationPatientDICOM": [
      0,
      1,
      0,
      -0.00362181,
      0,
      -0.999993
    ],
    "ImageType": [
      "ORIGINAL",
      "PRIMARY",
      "M",
      "SE",
      "M",
      "SE"
    ],
    "ImagingFrequency": 127.759,
    "InPlanePhaseEncodingDirectionDICOM": "ROW",
    "InstitutionAddress": "Calzada_Mexico_Xochimilco_No.101_Tlalpan",
    "InstitutionName": "I.N._Psiquiatria",
    "InstitutionalDepartmentName": "Imagenes_Cerebrales",
    "MRAcquisitionType": "3D",
    "MagneticFieldStrength": 3,
    "Manufacturer": "Philips",
    "ManufacturersModelName": "Ingenia",
    "Modality": "MR",
    "PatientPosition": "HFS",
    "PercentPhaseFOV": 100,
    "PhaseEncodingSteps": 240,
    "PhilipsRescaleIntercept": 0,
    "PhilipsRescaleSlope": 1.38779,
    "PhilipsScaleSlope": 0.00365933,
    "PixelBandwidth": 413,
    "ProcedureStepDescription": "PROTOCOLO_FIBROMIALGIA",
    "ProtocolName": "WIP_T2W",
    "ReconMatrixPE": 240,
    "RepetitionTime": 2.5,
    "SAR": 0.030152,
    "ScanOptions": "FS",
    "ScanningSequence": "SE",
    "SequenceVariant": "SK",
    "SeriesDescription": "T2W",
    "SeriesNumber": 501,
    "SliceThickness": 1,
    "SoftwareVersions": "5.3.1_5.3.1.0",
    "SpacingBetweenSlices": 1,
    "StationName": "PHILIPS-CTMFQSD",
    "UsePhilipsFloatNotDisplayScaling": 1,
    "dataset": "ds004144",
    "modality": "T2w",
    "subject_id": "061"
  },
  "cjv": 0.4784145164692445,
  "cnr": 2.8335782497220436,
  "efc": 0.4750770718305366,
  "fber": -1.0,
  "fwhm_avg": 2.677763333333333,
  "fwhm_x": 2.64264,
  "fwhm_y": 2.86643,
  "fwhm_z": 2.52422,
  "icvs_csf": 0.19806894029588284,
  "icvs_gm": 0.3148263819320526,
  "icvs_wm": 0.48710467777206456,
  "inu_med": 0.8898036777973175,
  "inu_range": 0.17468836009502398,
  "provenance": {
    "md5sum": "effd66a8db1556ab18d2062a930d897b",
    "settings": {
      "testing": false
    },
    "software": "mriqc",
    "version": "23.0.0",
    "warnings": {
      "large_rot_frame": true,
      "small_air_mask": false
    },
    "webapi_port": null,
    "webapi_url": "https://mriqc.nimh.nih.gov/api/v1"
  },
  "qi_1": 0.06814797559339239,
  "qi_2": 1.1590714749124057e-05,
  "rpve_csf": 32.27354367946423,
  "rpve_gm": 16.90519777759076,
  "rpve_wm": 13.721234326395793,
  "size_x": 180,
  "size_y": 240,
  "size_z": 240,
  "snr_csf": 2.5595570555123417,
  "snr_gm": 10.184863812017296,
  "snr_total": 7.801910878289426,
  "snr_wm": 10.661311767338644,
  "snrd_csf": 125.97338984192132,
  "snrd_gm": 52.44291343008301,
  "snrd_total": 71.15067463747062,
  "snrd_wm": 35.03572064040751,
  "spacing_x": 1.0,
  "spacing_y": 1.0,
  "spacing_z": 1.0,
  "summary_bg_k": 325.0062622019948,
  "summary_bg_mad": 0.0,
  "summary_bg_mean": 4.646140282181825,
  "summary_bg_median": 0.0,
  "summary_bg_n": 1411954.0,
  "summary_bg_p05": 0.0,
  "summary_bg_p95": 32.43701507151127,
  "summary_bg_stdv": 18.700540295386535,
  "summary_csf_k": -0.14611002473035706,
  "summary_csf_mad": 1033.5036724692864,
  "summary_csf_mean": 3123.9563884615,
  "summary_csf_median": 3595.8472966626287,
  "summary_csf_n": 45994.0,
  "summary_csf_p05": 158.7179359793663,
  "summary_csf_p95": 4492.746172898263,
  "summary_csf_stdv": 1404.8556559075942,
  "summary_gm_k": 0.45723456739461366,
  "summary_gm_mad": 142.90280124444072,
  "summary_gm_mean": 1501.62595761182,
  "summary_gm_median": 1496.9566884189844,
  "summary_gm_n": 8517.0,
  "summary_gm_p05": 1271.0070675194263,
  "summary_gm_p95": 1747.8543033331632,
  "summary_gm_stdv": 146.96993822915235,
  "summary_wm_k": 0.0817355118730334,
  "summary_wm_mad": 94.81161073771845,
  "summary_wm_mean": 997.8000526348252,
  "summary_wm_median": 1000.0770917534828,
  "summary_wm_n": 149685.0,
  "summary_wm_p05": 841.1280131489038,
  "summary_wm_p95": 1145.2346603870392,
  "summary_wm_stdv": 93.80400582657117,
  "tpm_overlap_csf": 0.14265853916722493,
  "tpm_overlap_gm": 0.33596804940890757,
  "tpm_overlap_wm": 0.43850778842018084,
  "wm2max": 0.22400165478202025
}