{
  "bids_meta": {
    "AcquisitionMatrixPE": 240,
    "AcquisitionNumber": 4,
    "AcquisitionTime": "09:52:47.120000",
    "BodyPartExamined": "BRAIN",
    "CoilString": "MULTI_COIL",
    "ConversionSoftware": "dcm2niix",
    "ConversionSoftwareVersion": "v1.0.20190410  (JP2:OpenJPEG) GCC6.3.0",
    "Dcm2bidsVersion": "2.1.4",
    "DeviceSerialNumber": "42451",
    "EchoTime": 0.0035,
    "EchoTrainLength": 240,
    "FlipAngle": 8,
    "ImageOrientationPatientDICOM": [
      0,
      1,
      0,
      -0.00362181,
      0,
      -0.999993
    ],
    "ImageType": [
      "ORIGINAL",
      "PRIMARY",
      "M",
      "FFE",
      "M",
      "FFE"
    ],
    "ImagingFrequency": 127.759,
    "InPlanePhaseEncodingDirectionDICOM": "ROW",
    "InstitutionAddress": "Calzada_Mexico_Xochimilco_No.101_Tlalpan",
    "InstitutionName": "I.N._Psiquiatria",
    "InstitutionalDepartmentName": "Imagenes_Cerebrales",
    "MRAcquisitionType": "3D",
    "MagneticFieldStrength": 3,
    "Manufacturer": "Philips",
    "ManufacturersModelName": "Ingenia",
    "Modality": "MR",
    "PatientPosition": "HFS",
    "PercentPhaseFOV": 100,
    "PhaseEncodingSteps": 240,
    "PhilipsRescaleIntercept": 0,
    "PhilipsRescaleSlope": 3.61123,
    "PhilipsScaleSlope": 0.00607838,
    "PixelBandwidth": 310,
    "ProcedureStepDescription": "PROTOCOLO_FIBROMIALGIA",
    "ProtocolName": "WIP_T1W",
    "ReconMatrixPE": 240,
    "RepetitionTime": 0.007,
    "SAR": 0.0382114,
    "ScanOptions": "OTHER",
    "ScanningSequence": "GR",
    "SequenceVariant": "MP",
    "SeriesDescription": "T1W",
    "SeriesNumber": 401,
    "SliceThickness": 1,
    "SoftwareVersions": "5.3.1_5.3.1.0",
    "SpacingBetweenSlices": 1,
    "StationName": "PHILIPS-CTMFQSD",
    "UsePhilipsFloatNotDisplayScaling": 1,
    "dataset": "ds004144",
    "modality": "T1w",
    "subject_id": "061"
  },
  "cjv": 0.38040346901620475,
  "cnr": 3.5954408880331874,
  "efc": 0.6989478372388018,
  "fber": -1.0,
  "fwhm_avg": 4.664746666666667,
  "fwhm_x": 4.49281,
  "fwhm_y": 5.07354,
  "fwhm_z": 4.42789,
  "icvs_csf": 0.21524541768398514,
  "icvs_gm": 0.40155288193579103,
  "icvs_wm": 0.38320170038022383,
  "inu_med": 0.4074786603450775,
  "inu_range": 0.14976154565811156,
  "provenance": {
    "md5sum": "ae4510d3a56f018ba16150819c6c2a69",
    "settings": {
      "testing": false
    },
    "software": "mriqc",
    "version": "23.0.0",
    "warnings": {
      "large_rot_frame": true,
      "small_air_mask": false
    },
    "webapi_port": null,
    "webapi_url": "https://mriqc.nimh.nih.gov/api/v1"
  },
  "qi_1": 0.0,
  "qi_2": 1.7328262617772246e-05,
  "rpve_csf": 27.277730736663845,
  "rpve_gm": 14.627334559768729,
  "rpve_wm": 17.965215252753232,
  "size_x": 180,
  "size_y": 240,
  "size_z": 240,
  "snr_csf": 2.9780136735322036,
  "snr_gm": 14.721951487143837,
  "snr_total": 15.347882437894148,
  "snr_wm": 28.3436821530064,
  "snrd_csf": 30.36198146283922,
  "snrd_gm": 74.54716916497694,
  "snrd_total": 67.17645195254586,
  "snrd_wm": 96.62020522982145,
  "spacing_x": 1.0,
  "spacing_y": 1.0,
  "spacing_z": 1.0,
  "summary_bg_k": 8.699337794850788,
  "summary_bg_mad": 0.0,
  "summary_bg_mean": 3.6193904347551076,
  "summary_bg_median": 0.0,
  "summary_bg_n": 497314.0,
  "summary_bg_p05": 0.0,
  "summary_bg_p95": 18.27951746992767,
  "summary_bg_stdv": 6.78069856462366,
  "summary_csf_k": 0.8297480528844869,
  "summary_csf_mad": 86.41480116460122,
  "summary_csf_mean": 324.39216532070964,
  "summary_csf_median": 314.2482147598639,
  "summary_csf_n": 38560.0,
  "summary_csf_p05": 162.66930328356102,
  "summary_csf_p95": 522.060565314628,
  "summary_csf_stdv": 105.52138921692932,
  "summary_gm_k": -0.043257949742159685,
  "summary_gm_mad": 53.474955888008324,
  "summary_gm_mean": 770.4835907844777,
  "summary_gm_median": 771.5673910863698,
  "summary_gm_n": 27106.0,
  "summary_gm_p05": 683.825707230717,
  "summary_gm_p95": 854.1564592793584,
  "summary_gm_stdv": 52.408348120100605,
  "summary_wm_k": 0.7304148445653955,
  "summary_wm_mad": 33.43094181025827,
  "summary_wm_mean": 1000.4699822154824,
  "summary_wm_median": 1000.0245550628752,
  "summary_wm_n": 180597.0,
  "summary_wm_p05": 943.566609159112,
  "summary_wm_p95": 1058.5190109666437,
  "summary_wm_stdv": 35.281999741509146,
  "tpm_overlap_csf": 0.14318171668389423,
  "tpm_overlap_gm": 0.44334334299076106,
  "tpm_overlap_wm": 0.5011566851282441,
  "wm2max": 0.7997998390863243
}