{
  "bids_meta": {
    "AcquisitionMatrixPE": 240,
    "AcquisitionNumber": 6,
    "AcquisitionTime": "10:50:50.020000",
    "BodyPartExamined": "BRAIN",
    "CoilString": "MULTI_COIL",
    "ConversionSoftware": "dcm2niix",
    "ConversionSoftwareVersion": "v1.0.20190410  (JP2:OpenJPEG) GCC6.3.0",
    "Dcm2bidsVersion": "2.1.4",
    "DeviceSerialNumber": "42451",
    "EchoTime": 0.0035,
    "EchoTrainLength": 240,
    "FlipAngle": 8,
    "ImageOrientationPatientDICOM": [
      0,
      1,
      0,
      -0.00362181,
      0,
      -0.999993
    ],
    "ImageType": [
      "ORIGINAL",
      "PRIMARY",
      "M",
      "FFE",
      "M",
      "FFE"
    ],
    "ImagingFrequency": 127.759,
    "InPlanePhaseEncodingDirectionDICOM": "ROW",
    "InstitutionAddress": "Calzada_Mexico_Xochimilco_No.101_Tlalpan",
    "InstitutionName": "I.N._Psiquiatria",
    "InstitutionalDepartmentName": "Imagenes_Cerebrales",
    "MRAcquisitionType": "3D",
    "MagneticFieldStrength": 3,
    "Manufacturer": "Philips",
    "ManufacturersModelName": "Ingenia",
    "Modality": "MR",
    "PatientPosition": "HFS",
    "PercentPhaseFOV": 100,
    "PhaseEncodingSteps": 240,
    "PhilipsRescaleIntercept": 0,
    "PhilipsRescaleSlope": 30.8061,
    "PhilipsScaleSlope": 0.00627847,
    "PixelBandwidth": 310,
    "ProcedureStepDescription": "PROTOCOLO_FIBROMIALGIA",
    "ProtocolName": "WIP_T1W",
    "ReconMatrixPE": 240,
    "RepetitionTime": 0.007,
    "SAR": 0.0382114,
    "ScanOptions": "OTHER",
    "ScanningSequence": "GR",
    "SequenceVariant": "MP",
    "SeriesDescription": "T1W",
    "SeriesNumber": 601,
    "SliceThickness": 1,
    "SoftwareVersions": "5.3.1_5.3.1.0",
    "SpacingBetweenSlices": 1,
    "StationName": "PHILIPS-CTMFQSD",
    "UsePhilipsFloatNotDisplayScaling": 1,
    "dataset": "ds004144",
    "modality": "T1w",
    "subject_id": "043"
  },
  "cjv": 0.33524238877977575,
  "cnr": 3.9902318597548008,
  "efc": 0.6852849467504297,
  "fber": -1.0,
  "fwhm_avg": 4.627573333333333,
  "fwhm_x": 4.42333,
  "fwhm_y": 5.06069,
  "fwhm_z": 4.3987,
  "icvs_csf": 0.16950622984027328,
  "icvs_gm": 0.4346196263355134,
  "icvs_wm": 0.3958741438242134,
  "inu_med": 0.365395650267601,
  "inu_range": 0.11774079501628876,
  "provenance": {
    "md5sum": "f213d6164e0d1096fec07a0995a23c2d",
    "settings": {
      "testing": false
    },
    "software": "mriqc",
    "version": "23.0.0",
    "warnings": {
      "large_rot_frame": true,
      "small_air_mask": false
    },
    "webapi_port": null,
    "webapi_url": "https://mriqc.nimh.nih.gov/api/v1"
  },
  "qi_1": 0.0,
  "qi_2": 6.691331073910574e-05,
  "rpve_csf": 32.11248088833807,
  "rpve_gm": 13.533486150654978,
  "rpve_wm": 17.023407888364158,
  "size_x": 180,
  "size_y": 240,
  "size_z": 240,
  "snr_csf": 2.0838851063570147,
  "snr_gm": 13.362672571087868,
  "snr_total": 15.205624927431911,
  "snr_wm": 30.17031710485085,
  "snrd_csf": 35.630351327619415,
  "snrd_gm": 85.83811679523443,
  "snrd_total": 79.09348561103339,
  "snrd_wm": 115.81198871024634,
  "spacing_x": 1.0,
  "spacing_y": 1.0,
  "spacing_z": 1.0,
  "summary_bg_k": 11.321404280027725,
  "summary_bg_mad": 0.0,
  "summary_bg_mean": 2.763853203681881,
  "summary_bg_median": 0.0,
  "summary_bg_n": 476749.0,
  "summary_bg_p05": 0.0,
  "summary_bg_p95": 14.414212133735418,
  "summary_bg_stdv": 5.656896329843435,
  "summary_csf_k": -0.7808026118883298,
  "summary_csf_mad": 150.91070574135355,
  "summary_csf_mean": 278.85258125803955,
  "summary_csf_median": 307.6568538341671,
  "summary_csf_n": 18372.0,
  "summary_csf_p05": 44.94153457079083,
  "summary_csf_p95": 503.03351639695467,
  "summary_csf_stdv": 147.6321702188089,
  "summary_gm_k": 0.08721076792241478,
  "summary_gm_mad": 55.42672004749813,
  "summary_gm_mean": 741.9769162002052,
  "summary_gm_median": 741.1850842963904,
  "summary_gm_n": 43842.0,
  "summary_gm_p05": 652.3285499190912,
  "summary_gm_p95": 833.1898085312918,
  "summary_gm_stdv": 55.46619715433441,
  "summary_wm_k": 0.4524495552682777,
  "summary_wm_mad": 31.339017650916237,
  "summary_wm_mean": 1000.2249885457893,
  "summary_wm_median": 1000.0000211969018,
  "summary_wm_n": 206385.0,
  "summary_wm_p05": 945.8736427165568,
  "summary_wm_p95": 1055.093343704939,
  "summary_wm_stdv": 33.14508081111447,
  "tpm_overlap_csf": 0.12615451226217156,
  "tpm_overlap_gm": 0.4721933808316207,
  "tpm_overlap_wm": 0.5260714751114773,
  "wm2max": 0.8076350222691089
}