{
  "aor": 0.002304880095923261,
  "aqi": 0.02883724924460432,
  "bids_meta": {
    "AcquisitionMatrixPE": 78,
    "AcquisitionNumber": 7,
    "AcquisitionTime": "12:18:13.800000",
    "BodyPartExamined": "BRAIN",
    "CoilString": "MULTI_COIL",
    "ConversionSoftware": "dcm2niix",
    "ConversionSoftwareVersion": "v1.0.20190410  (JP2:OpenJPEG) GCC6.3.0",
    "Dcm2bidsVersion": "2.1.4",
    "DeviceSerialNumber": "42451",
    "EchoTime": 0.030001,
    "EchoTrainLength": 39,
    "FlipAngle": 75,
    "ImageOrientationPatientDICOM": [
      1,
      0,
      0.000581622,
      0,
      1,
      0
    ],
    "ImageType": [
      "ORIGINAL",
      "PRIMARY",
      "M",
      "FFE",
      "M",
      "FFE"
    ],
    "ImagingFrequency": 127.759,
    "InPlanePhaseEncodingDirectionDICOM": "COL",
    "InstitutionAddress": "Calzada_Mexico_Xochimilco_No.101_Tlalpan",
    "InstitutionName": "I.N._Psiquiatria",
    "InstitutionalDepartmentName": "Imagenes_Cerebrales",
    "MRAcquisitionType": "2D",
    "MagneticFieldStrength": 3,
    "Manufacturer": "Philips",
    "ManufacturersModelName": "Ingenia",
    "Modality": "MR",
    "PartialFourier": 0.5,
    "PatientPosition": "HFS",
    "PercentPhaseFOV": 100,
    "PhaseEncodingAxis": "j",
    "PhaseEncodingSteps": 78,
    "PhilipsRescaleIntercept": 0,
    "PhilipsRescaleSlope": 0.819048,
    "PhilipsScaleSlope": 0.0282081,
    "PixelBandwidth": 2071,
    "ProcedureStepDescription": "PROTOCOLO_FIBROMIALGIA",
    "ProtocolName": "WIP_TASK_FMRI",
    "ReconMatrixPE": 80,
    "RepetitionTime": 2,
    "SAR": 0.117678,
    "ScanOptions": "FS",
    "ScanningSequence": "GR",
    "SequenceVariant": "SK",
    "SeriesDescription": "TASK_FMRI",
    "SeriesNumber": 701,
    "SliceThickness": 3,
    "SliceTiming": [
      0,
      1.027027,
      0.054054,
      1.081081,
      0.108108,
      1.13513,
      0.162162,
      1.189189,
      0.216216,
      1.243244,
      0.27027,
      1.297298,
      0.324324,
      1.351352,
      0.378378,
      1.405406,
      0.432432,
      1.45946,
      0.486486,
      1.513514,
      0.540541,
      1.567568,
      0.594595,
      1.621622,
      0.648649,
      1.675676,
      0.702703,
      1.72973,
      0.756757,
      1.783784,
      0.810811,
      1.837838,
      0.864865,
      1.891892,
      0.918919,
      1.945947,
      0.972973
    ],
    "SoftwareVersions": "5.3.1_5.3.1.0",
    "SpacingBetweenSlices": 3,
    "StationName": "PHILIPS-CTMFQSD",
    "TaskName": "epr",
    "UsePhilipsFloatNotDisplayScaling": 1,
    "dataset": "ds004144",
    "modality": "bold",
    "subject_id": "044",
    "task_id": "epr"
  },
  "dummy_trs": 0,
  "dvars_nstd": 31.2081336973709,
  "dvars_std": 1.0693475164705883,
  "dvars_vstd": 0.9358058016206481,
  "efc": 0.4026216404622585,
  "fber": 105590.4296875,
  "fd_mean": 0.3135307473328167,
  "fd_num": 372,
  "fd_perc": 44.60431654676259,
  "fwhm_avg": 1.928177777777778,
  "fwhm_x": 1.8528666666666667,
  "fwhm_y": 2.0427166666666667,
  "fwhm_z": 1.8889500000000001,
  "gcor": 0.12718,
  "gsr_x": -0.008691090159118176,
  "gsr_y": 0.01193803921341896,
  "provenance": {
    "md5sum": "ef9ef8fb5bd9eeff450a0fc9d5ef018b",
    "settings": {
      "fd_thres": 0.2,
      "testing": false
    },
    "software": "mriqc",
    "version": "23.0.0",
    "webapi_port": null,
    "webapi_url": "https://mriqc.nimh.nih.gov/api/v1"
  },
  "size_t": 834,
  "size_x": 80,
  "size_y": 80,
  "size_z": 37,
  "snr": 5.026539375129973,
  "spacing_tr": 2.0000016689300537,
  "spacing_x": 3.0,
  "spacing_y": 3.0,
  "spacing_z": 3.0,
  "summary_bg_k": 125.55662526421483,
  "summary_bg_mad": 160.47333182040185,
  "summary_bg_mean": 1032.3505859375,
  "summary_bg_median": 151.1107177734375,
  "summary_bg_n": 164937.0,
  "summary_bg_p05": 19.334289169311525,
  "summary_bg_p95": 4576.887109374998,
  "summary_bg_stdv": 3337.5107421875,
  "summary_fg_k": 2.0296335097522835,
  "summary_fg_mad": 8424.652554353983,
  "summary_fg_mean": 51273.375,
  "summary_fg_median": 50873.6796875,
  "summary_fg_n": 32144.0,
  "summary_fg_p05": 35833.06484375,
  "summary_fg_p95": 68314.47773437499,
  "summary_fg_stdv": 10120.857421875,
  "tsnr": 24.910804748535156
}