{
  "aor": 0.004881766666666666,
  "aqi": 0.014031824933333334,
  "bids_meta": {
    "AcquisitionMatrixPE": 78,
    "AcquisitionNumber": 3,
    "AcquisitionTime": "11:48:44.720000",
    "BodyPartExamined": "BRAIN",
    "CoilString": "MULTI_COIL",
    "ConversionSoftware": "dcm2niix",
    "ConversionSoftwareVersion": "v1.0.20190410  (JP2:OpenJPEG) GCC6.3.0",
    "Dcm2bidsVersion": "2.1.4",
    "DeviceSerialNumber": "42451",
    "EchoTime": 0.030001,
    "EchoTrainLength": 39,
    "FlipAngle": 75,
    "ImageOrientationPatientDICOM": [
      1,
      0,
      0.000546584,
      0,
      1,
      0
    ],
    "ImageType": [
      "ORIGINAL",
      "PRIMARY",
      "M",
      "FFE",
      "M",
      "FFE"
    ],
    "ImagingFrequency": 127.759,
    "InPlanePhaseEncodingDirectionDICOM": "COL",
    "InstitutionAddress": "Calzada_Mexico_Xochimilco_No.101_Tlalpan",
    "InstitutionName": "I.N._Psiquiatria",
    "InstitutionalDepartmentName": "Imagenes_Cerebrales",
    "MRAcquisitionType": "2D",
    "MagneticFieldStrength": 3,
    "Manufacturer": "Philips",
    "ManufacturersModelName": "Ingenia",
    "Modality": "MR",
    "PartialFourier": 0.5,
    "PatientPosition": "HFS",
    "PercentPhaseFOV": 100,
    "PhaseEncodingAxis": "j",
    "PhaseEncodingSteps": 78,
    "PhilipsRescaleIntercept": 0,
    "PhilipsRescaleSlope": 0.760928,
    "PhilipsScaleSlope": 0.0255836,
    "PixelBandwidth": 2071,
    "ProcedureStepDescription": "PROTOCOLO_FIBROMIALGIA",
    "ProtocolName": "WIP_RESTING_STATE_10m",
    "ReconMatrixPE": 80,
    "RepetitionTime": 2,
    "SAR": 0.117583,
    "ScanOptions": "FS",
    "ScanningSequence": "GR",
    "SequenceVariant": "SK",
    "SeriesDescription": "RESTING_STATE_10m",
    "SeriesNumber": 301,
    "SliceThickness": 3,
    "SliceTiming": [
      0,
      1.027027,
      0.054054,
      1.081081,
      0.108108,
      1.13513,
      0.162162,
      1.189189,
      0.216216,
      1.243244,
      0.27027,
      1.297298,
      0.324324,
      1.351352,
      0.378378,
      1.405406,
      0.432432,
      1.45946,
      0.486486,
      1.513514,
      0.540541,
      1.567568,
      0.594595,
      1.621622,
      0.648649,
      1.675676,
      0.702703,
      1.72973,
      0.756757,
      1.783784,
      0.810811,
      1.837838,
      0.864865,
      1.891892,
      0.918919,
      1.945947,
      0.972973
    ],
    "SoftwareVersions": "5.3.1_5.3.1.0",
    "SpacingBetweenSlices": 3,
    "StationName": "PHILIPS-CTMFQSD",
    "TaskName": "rest",
    "UsePhilipsFloatNotDisplayScaling": 1,
    "dataset": "ds004144",
    "modality": "bold",
    "subject_id": "046",
    "task_id": "rest"
  },
  "dummy_trs": 0,
  "dvars_nstd": 35.7924699370234,
  "dvars_std": 1.2162552740133776,
  "dvars_vstd": 1.0190076751170565,
  "efc": 0.40734984944253144,
  "fber": 134893.59375,
  "fd_mean": 0.2823909639755648,
  "fd_num": 149,
  "fd_perc": 49.666666666666664,
  "fwhm_avg": 1.9177422222222222,
  "fwhm_x": 1.8507833333333332,
  "fwhm_y": 2.0797733333333333,
  "fwhm_z": 1.8226699999999998,
  "gcor": 0.0799526,
  "gsr_x": -0.019773581996560097,
  "gsr_y": 0.01851944625377655,
  "provenance": {
    "md5sum": "b3d70eb5946ca5b11d317a71402d4dc9",
    "settings": {
      "fd_thres": 0.2,
      "testing": false
    },
    "software": "mriqc",
    "version": "23.0.0",
    "webapi_port": null,
    "webapi_url": "https://mriqc.nimh.nih.gov/api/v1"
  },
  "size_t": 300,
  "size_x": 80,
  "size_y": 80,
  "size_z": 37,
  "snr": 5.167095365660173,
  "spacing_tr": 2.0000016689300537,
  "spacing_x": 3.0,
  "spacing_y": 3.0,
  "spacing_z": 3.0,
  "summary_bg_k": 136.58190663166584,
  "summary_bg_mad": 141.39914277975208,
  "summary_bg_mean": 1061.7882080078125,
  "summary_bg_median": 137.72158813476562,
  "summary_bg_n": 163881.0,
  "summary_bg_p05": 14.884928703308105,
  "summary_bg_p95": 5074.33740234375,
  "summary_bg_stdv": 3379.300048828125,
  "summary_fg_k": 2.512717242282797,
  "summary_fg_mad": 8650.67410428218,
  "summary_fg_mean": 52681.51171875,
  "summary_fg_median": 52358.6484375,
  "summary_fg_n": 32970.0,
  "summary_fg_p05": 37447.221484375,
  "summary_fg_p95": 69105.17421874999,
  "summary_fg_stdv": 10132.9375,
  "tsnr": 42.529911041259766
}