{
  "bids_meta": {
    "AcquisitionMatrixPE": 240,
    "AcquisitionNumber": 5,
    "AcquisitionTime": "11:52:16.050000",
    "BodyPartExamined": "BRAIN",
    "CoilString": "MULTI_COIL",
    "ConversionSoftware": "dcm2niix",
    "ConversionSoftwareVersion": "v1.0.20190410  (JP2:OpenJPEG) GCC6.3.0",
    "Dcm2bidsVersion": "2.1.4",
    "DeviceSerialNumber": "42451",
    "EchoTime": 0.331,
    "EchoTrainLength": 117,
    "FlipAngle": 90,
    "ImageOrientationPatientDICOM": [
      0,
      1,
      0,
      0.00165115,
      0,
      -0.999999
    ],
    "ImageType": [
      "ORIGINAL",
      "PRIMARY",
      "M",
      "SE",
      "M",
      "SE"
    ],
    "ImagingFrequency": 127.759,
    "InPlanePhaseEncodingDirectionDICOM": "ROW",
    "InstitutionAddress": "Calzada_Mexico_Xochimilco_No.101_Tlalpan",
    "InstitutionName": "I.N._Psiquiatria",
    "InstitutionalDepartmentName": "Imagenes_Cerebrales",
    "MRAcquisitionType": "3D",
    "MagneticFieldStrength": 3,
    "Manufacturer": "Philips",
    "ManufacturersModelName": "Ingenia",
    "Modality": "MR",
    "PatientPosition": "HFS",
    "PercentPhaseFOV": 100,
    "PhaseEncodingSteps": 240,
    "PhilipsRescaleIntercept": 0,
    "PhilipsRescaleSlope": 1.40488,
    "PhilipsScaleSlope": 0.00355603,
    "PixelBandwidth": 413,
    "ProcedureStepDescription": "PROTOCOLO_FIBROMIALGIA",
    "ProtocolName": "WIP_T2W",
    "ReconMatrixPE": 240,
    "RepetitionTime": 2.5,
    "SAR": 0.030152,
    "ScanOptions": "FS",
    "ScanningSequence": "SE",
    "SequenceVariant": "SK",
    "SeriesDescription": "T2W",
    "SeriesNumber": 501,
    "SliceThickness": 1,
    "SoftwareVersions": "5.3.1_5.3.1.0",
    "SpacingBetweenSlices": 1,
    "StationName": "PHILIPS-CTMFQSD",
    "UsePhilipsFloatNotDisplayScaling": 1,
    "dataset": "ds004144",
    "modality": "T2w",
    "subject_id": "012"
  },
  "cjv": 0.4947709453232011,
  "cnr": 2.687821133420795,
  "efc": 0.5188481133042897,
  "fber": -1.0,
  "fwhm_avg": 2.8015666666666665,
  "fwhm_x": 2.70745,
  "fwhm_y": 2.93642,
  "fwhm_z": 2.76083,
  "icvs_csf": 0.18279691169865778,
  "icvs_gm": 0.2860547861492133,
  "icvs_wm": 0.5311483021521289,
  "inu_med": 0.9321911334991455,
  "inu_range": 0.25432631671428685,
  "provenance": {
    "md5sum": "97c2874c72944efb3d48d8267081a30b",
    "settings": {
      "testing": false
    },
    "software": "mriqc",
    "version": "23.0.0",
    "warnings": {
      "large_rot_frame": true,
      "small_air_mask": false
    },
    "webapi_port": null,
    "webapi_url": "https://mriqc.nimh.nih.gov/api/v1"
  },
  "qi_1": 6.89468370638497e-06,
  "qi_2": 1.076191464701504e-05,
  "rpve_csf": 32.09296646347147,
  "rpve_gm": 16.33065397508165,
  "rpve_wm": 11.595798379190681,
  "size_x": 180,
  "size_y": 240,
  "size_z": 240,
  "snr_csf": 2.188122203273724,
  "snr_gm": 9.695993799462164,
  "snr_total": 7.359243847661472,
  "snr_wm": 10.193615540248528,
  "snrd_csf": 74.40292196860169,
  "snrd_gm": 38.36334549711701,
  "snrd_total": 46.13543610297586,
  "snrd_wm": 25.64004084320889,
  "spacing_x": 1.0,
  "spacing_y": 1.0,
  "spacing_z": 1.0,
  "summary_bg_k": 120.33237081078491,
  "summary_bg_mad": 0.0,
  "summary_bg_mean": 8.400015549490563,
  "summary_bg_median": 0.0,
  "summary_bg_n": 1529258.0,
  "summary_bg_p05": 0.0,
  "summary_bg_p95": 43.92347013950348,
  "summary_bg_stdv": 25.554743232853678,
  "summary_csf_k": -1.0690412692619806,
  "summary_csf_mad": 1176.6232273873027,
  "summary_csf_mean": 2441.138884191226,
  "summary_csf_median": 2902.2163425534964,
  "summary_csf_n": 41990.0,
  "summary_csf_p05": 167.8119081556797,
  "summary_csf_p95": 3980.769951613247,
  "summary_csf_stdv": 1326.3344156843423,
  "summary_gm_k": 0.5965872399760683,
  "summary_gm_mad": 147.87069208835803,
  "summary_gm_mean": 1505.1947562520525,
  "summary_gm_median": 1496.42951259017,
  "summary_gm_n": 5302.0,
  "summary_gm_p05": 1264.5546842977406,
  "summary_gm_p95": 1768.094828057289,
  "summary_gm_stdv": 154.32027057149463,
  "summary_wm_k": 0.09498519888651069,
  "summary_wm_mad": 97.68155140993863,
  "summary_wm_mean": 998.1902009923443,
  "summary_wm_median": 1000.1347203850746,
  "summary_wm_n": 169940.0,
  "summary_wm_p05": 834.0743616521358,
  "summary_wm_p95": 1154.4731714427471,
  "summary_wm_stdv": 98.1135470354502,
  "tpm_overlap_csf": 0.13618525666933287,
  "tpm_overlap_gm": 0.3087734590075715,
  "tpm_overlap_wm": 0.42214261076580717,
  "wm2max": 0.2562659647840012
}