{
  "bids_meta": {
    "AcquisitionMatrixPE": 240,
    "AcquisitionNumber": 4,
    "AcquisitionTime": "10:55:27.420000",
    "BodyPartExamined": "BRAIN",
    "CoilString": "MULTI_COIL",
    "ConversionSoftware": "dcm2niix",
    "ConversionSoftwareVersion": "v1.0.20190410  (JP2:OpenJPEG) GCC6.3.0",
    "Dcm2bidsVersion": "2.1.4",
    "DeviceSerialNumber": "42451",
    "EchoTime": 0.0035,
    "EchoTrainLength": 240,
    "FlipAngle": 8,
    "ImageOrientationPatientDICOM": [
      0,
      1,
      0,
      -0.0310924,
      0,
      -0.999516
    ],
    "ImageType": [
      "ORIGINAL",
      "PRIMARY",
      "M",
      "FFE",
      "M",
      "FFE"
    ],
    "ImagingFrequency": 127.759,
    "InPlanePhaseEncodingDirectionDICOM": "ROW",
    "InstitutionAddress": "Calzada_Mexico_Xochimilco_No.101_Tlalpan",
    "InstitutionName": "I.N._Psiquiatria",
    "InstitutionalDepartmentName": "Imagenes_Cerebrales",
    "MRAcquisitionType": "3D",
    "MagneticFieldStrength": 3,
    "Manufacturer": "Philips",
    "ManufacturersModelName": "Ingenia",
    "Modality": "MR",
    "PatientPosition": "HFS",
    "PercentPhaseFOV": 100,
    "PhaseEncodingSteps": 240,
    "PhilipsRescaleIntercept": 0,
    "PhilipsRescaleSlope": 3.43419,
    "PhilipsScaleSlope": 0.00616054,
    "PixelBandwidth": 310,
    "ProcedureStepDescription": "PROTOCOLO_FIBROMIALGIA",
    "ProtocolName": "WIP_T1W",
    "ReconMatrixPE": 240,
    "RepetitionTime": 0.007,
    "SAR": 0.0382114,
    "ScanOptions": "OTHER",
    "ScanningSequence": "GR",
    "SequenceVariant": "MP",
    "SeriesDescription": "T1W",
    "SeriesNumber": 401,
    "SliceThickness": 1,
    "SoftwareVersions": "5.3.1_5.3.1.0",
    "SpacingBetweenSlices": 1,
    "StationName": "PHILIPS-CTMFQSD",
    "UsePhilipsFloatNotDisplayScaling": 1,
    "dataset": "ds004144",
    "modality": "T1w",
    "subject_id": "038"
  },
  "cjv": 0.36067248526312196,
  "cnr": 3.7463794251099247,
  "efc": 0.6934534919488743,
  "fber": -1.0,
  "fwhm_avg": 4.44564,
  "fwhm_x": 4.24587,
  "fwhm_y": 4.81666,
  "fwhm_z": 4.27439,
  "icvs_csf": 0.21158712238448707,
  "icvs_gm": 0.4199656405188607,
  "icvs_wm": 0.3684472370966522,
  "inu_med": 0.4009341299533844,
  "inu_range": 0.14037013202905657,
  "provenance": {
    "md5sum": "f8ccd3a5fe7fa58da297af19b693dd34",
    "settings": {
      "testing": false
    },
    "software": "mriqc",
    "version": "23.0.0",
    "warnings": {
      "large_rot_frame": true,
      "small_air_mask": false
    },
    "webapi_port": null,
    "webapi_url": "https://mriqc.nimh.nih.gov/api/v1"
  },
  "qi_1": 0.0,
  "qi_2": 0.00011735157182433801,
  "rpve_csf": 25.24596184423609,
  "rpve_gm": 12.978074552354915,
  "rpve_wm": 17.08945779683603,
  "size_x": 180,
  "size_y": 240,
  "size_z": 240,
  "snr_csf": 2.7351433276151544,
  "snr_gm": 13.639394034089737,
  "snr_total": 15.69626572345762,
  "snr_wm": 30.71425980866796,
  "snrd_csf": 38.965514685114776,
  "snrd_gm": 96.73219863392251,
  "snrd_total": 87.77382123983462,
  "snrd_wm": 127.62375040046659,
  "spacing_x": 1.0,
  "spacing_y": 1.0,
  "spacing_z": 1.0,
  "summary_bg_k": 12.829423200221415,
  "summary_bg_mad": 0.0,
  "summary_bg_mean": 2.276396130814665,
  "summary_bg_median": 0.0,
  "summary_bg_n": 366749.0,
  "summary_bg_p05": 0.0,
  "summary_bg_p95": 13.939278662204742,
  "summary_bg_stdv": 5.13334249361792,
  "summary_csf_k": 0.963991479939386,
  "summary_csf_mad": 92.91035540879267,
  "summary_csf_mean": 308.20341421517566,
  "summary_csf_median": 305.3155530951917,
  "summary_csf_n": 39216.0,
  "summary_csf_p05": 89.11948922090232,
  "summary_csf_p95": 498.9378621838987,
  "summary_csf_stdv": 111.62547031655004,
  "summary_gm_k": 0.017487772911454424,
  "summary_gm_mad": 56.72645199782695,
  "summary_gm_mean": 757.2587789101683,
  "summary_gm_median": 757.9482772573829,
  "summary_gm_n": 41790.0,
  "summary_gm_p05": 666.1972718164325,
  "summary_gm_p95": 846.3361930347977,
  "summary_gm_stdv": 55.56985939201629,
  "summary_wm_k": 0.7449019055771724,
  "summary_wm_mad": 30.574956036258566,
  "summary_wm_mean": 1000.917078405109,
  "summary_wm_median": 1000.0000322461128,
  "summary_wm_n": 194567.0,
  "summary_wm_p05": 949.4462784677744,
  "summary_wm_p95": 1055.7571468949318,
  "summary_wm_stdv": 32.55808437720053,
  "tpm_overlap_csf": 0.14641504036251363,
  "tpm_overlap_gm": 0.4658453429887325,
  "tpm_overlap_wm": 0.5209432058180034,
  "wm2max": 0.8131987577639752
}