{
  "aor": 0.008027133333333334,
  "aqi": 0.031235225,
  "bids_meta": {
    "AcquisitionMatrixPE": 78,
    "AcquisitionNumber": 3,
    "AcquisitionTime": "11:09:9.040000",
    "BodyPartExamined": "BRAIN",
    "CoilString": "MULTI_COIL",
    "ConversionSoftware": "dcm2niix",
    "ConversionSoftwareVersion": "v1.0.20190410  (JP2:OpenJPEG) GCC6.3.0",
    "Dcm2bidsVersion": "2.1.4",
    "DeviceSerialNumber": "42451",
    "EchoTime": 0.030001,
    "EchoTrainLength": 39,
    "FlipAngle": 75,
    "ImageOrientationPatientDICOM": [
      1,
      0,
      0.000583297,
      0,
      1,
      0
    ],
    "ImageType": [
      "ORIGINAL",
      "PRIMARY",
      "M",
      "FFE",
      "M",
      "FFE"
    ],
    "ImagingFrequency": 127.759,
    "InPlanePhaseEncodingDirectionDICOM": "COL",
    "InstitutionAddress": "Calzada_Mexico_Xochimilco_No.101_Tlalpan",
    "InstitutionName": "I.N._Psiquiatria",
    "InstitutionalDepartmentName": "Imagenes_Cerebrales",
    "MRAcquisitionType": "2D",
    "MagneticFieldStrength": 3,
    "Manufacturer": "Philips",
    "ManufacturersModelName": "Ingenia",
    "Modality": "MR",
    "PartialFourier": 0.5,
    "PatientPosition": "HFS",
    "PercentPhaseFOV": 100,
    "PhaseEncodingAxis": "j",
    "PhaseEncodingSteps": 78,
    "PhilipsRescaleIntercept": 0,
    "PhilipsRescaleSlope": 0.789744,
    "PhilipsScaleSlope": 0.0222224,
    "PixelBandwidth": 2071,
    "ProcedureStepDescription": "PROTOCOLO_FIBROMIALGIA",
    "ProtocolName": "WIP_RESTING_STATE_10m",
    "ReconMatrixPE": 80,
    "RepetitionTime": 2,
    "SAR": 0.117583,
    "ScanOptions": "FS",
    "ScanningSequence": "GR",
    "SequenceVariant": "SK",
    "SeriesDescription": "RESTING_STATE_10m",
    "SeriesNumber": 301,
    "SliceThickness": 3,
    "SliceTiming": [
      0,
      1.027027,
      0.054054,
      1.081081,
      0.108108,
      1.13513,
      0.162162,
      1.189189,
      0.216216,
      1.243244,
      0.27027,
      1.297298,
      0.324324,
      1.351352,
      0.378378,
      1.405406,
      0.432432,
      1.45946,
      0.486486,
      1.513514,
      0.540541,
      1.567568,
      0.594595,
      1.621622,
      0.648649,
      1.675676,
      0.702703,
      1.72973,
      0.756757,
      1.783784,
      0.810811,
      1.837838,
      0.864865,
      1.891892,
      0.918919,
      1.945947,
      0.972973
    ],
    "SoftwareVersions": "5.3.1_5.3.1.0",
    "SpacingBetweenSlices": 3,
    "StationName": "PHILIPS-CTMFQSD",
    "TaskName": "rest",
    "UsePhilipsFloatNotDisplayScaling": 1,
    "dataset": "ds004144",
    "modality": "bold",
    "subject_id": "034",
    "task_id": "rest"
  },
  "dummy_trs": 0,
  "dvars_nstd": 38.12443127217392,
  "dvars_std": 0.9782255167224085,
  "dvars_vstd": 0.8796148838795985,
  "efc": 0.37138351410841464,
  "fber": 150275.6875,
  "fd_mean": 0.31157925272607356,
  "fd_num": 112,
  "fd_perc": 37.333333333333336,
  "fwhm_avg": 2.0065344444444446,
  "fwhm_x": 1.9477833333333334,
  "fwhm_y": 2.1375933333333332,
  "fwhm_z": 1.9342266666666665,
  "gcor": 0.0743818,
  "gsr_x": -0.020083870738744736,
  "gsr_y": 0.012407582253217697,
  "provenance": {
    "md5sum": "7246ec0dc8d5b6ed03b28b6e0474c4ea",
    "settings": {
      "fd_thres": 0.2,
      "testing": false
    },
    "software": "mriqc",
    "version": "23.0.0",
    "webapi_port": null,
    "webapi_url": "https://mriqc.nimh.nih.gov/api/v1"
  },
  "size_t": 300,
  "size_x": 80,
  "size_y": 80,
  "size_z": 37,
  "snr": 5.05173469035404,
  "spacing_tr": 2.0000016689300537,
  "spacing_x": 3.0,
  "spacing_y": 3.0,
  "spacing_z": 3.0,
  "summary_bg_k": 198.000820412042,
  "summary_bg_mad": 166.94635781344232,
  "summary_bg_mean": 1025.986572265625,
  "summary_bg_median": 157.8551483154297,
  "summary_bg_n": 170525.0,
  "summary_bg_p05": 20.10168571472168,
  "summary_bg_p95": 4993.5498046875,
  "summary_bg_stdv": 3126.663330078125,
  "summary_fg_k": 2.279067711406089,
  "summary_fg_mad": 10064.503270659836,
  "summary_fg_mean": 64421.0859375,
  "summary_fg_median": 63839.44921875,
  "summary_fg_n": 27484.0,
  "summary_fg_p05": 45075.5787109375,
  "summary_fg_p95": 86088.26874999992,
  "summary_fg_stdv": 12636.904296875,
  "tsnr": 26.134979248046875
}