{
  "aor": 0.0019168705035971225,
  "aqi": 0.03246480899280576,
  "bids_meta": {
    "AcquisitionMatrixPE": 78,
    "AcquisitionNumber": 9,
    "AcquisitionTime": "11:47:2.790000",
    "BodyPartExamined": "BRAIN",
    "CoilString": "MULTI_COIL",
    "ConversionSoftware": "dcm2niix",
    "ConversionSoftwareVersion": "v1.0.20190410  (JP2:OpenJPEG) GCC6.3.0",
    "Dcm2bidsVersion": "2.1.4",
    "DeviceSerialNumber": "42451",
    "EchoTime": 0.030001,
    "EchoTrainLength": 39,
    "FlipAngle": 75,
    "ImageOrientationPatientDICOM": [
      1,
      0,
      0.000583297,
      0,
      1,
      0
    ],
    "ImageType": [
      "ORIGINAL",
      "PRIMARY",
      "M",
      "FFE",
      "M",
      "FFE"
    ],
    "ImagingFrequency": 127.759,
    "InPlanePhaseEncodingDirectionDICOM": "COL",
    "InstitutionAddress": "Calzada_Mexico_Xochimilco_No.101_Tlalpan",
    "InstitutionName": "I.N._Psiquiatria",
    "InstitutionalDepartmentName": "Imagenes_Cerebrales",
    "MRAcquisitionType": "2D",
    "MagneticFieldStrength": 3,
    "Manufacturer": "Philips",
    "ManufacturersModelName": "Ingenia",
    "Modality": "MR",
    "PartialFourier": 0.5,
    "PatientPosition": "HFS",
    "PercentPhaseFOV": 100,
    "PhaseEncodingAxis": "j",
    "PhaseEncodingSteps": 78,
    "PhilipsRescaleIntercept": 0,
    "PhilipsRescaleSlope": 0.82442,
    "PhilipsScaleSlope": 0.0225646,
    "PixelBandwidth": 2071,
    "ProcedureStepDescription": "PROTOCOLO_FIBROMIALGIA",
    "ProtocolName": "WIP_TASK_FMRI",
    "ReconMatrixPE": 80,
    "RepetitionTime": 2,
    "SAR": 0.117678,
    "ScanOptions": "FS",
    "ScanningSequence": "GR",
    "SequenceVariant": "SK",
    "SeriesDescription": "TASK_FMRI",
    "SeriesNumber": 901,
    "SliceThickness": 3,
    "SliceTiming": [
      0,
      1.027027,
      0.054054,
      1.081081,
      0.108108,
      1.13513,
      0.162162,
      1.189189,
      0.216216,
      1.243244,
      0.27027,
      1.297298,
      0.324324,
      1.351352,
      0.378378,
      1.405406,
      0.432432,
      1.45946,
      0.486486,
      1.513514,
      0.540541,
      1.567568,
      0.594595,
      1.621622,
      0.648649,
      1.675676,
      0.702703,
      1.72973,
      0.756757,
      1.783784,
      0.810811,
      1.837838,
      0.864865,
      1.891892,
      0.918919,
      1.945947,
      0.972973
    ],
    "SoftwareVersions": "5.3.1_5.3.1.0",
    "SpacingBetweenSlices": 3,
    "StationName": "PHILIPS-CTMFQSD",
    "TaskName": "epr",
    "UsePhilipsFloatNotDisplayScaling": 1,
    "dataset": "ds004144",
    "modality": "bold",
    "subject_id": "034",
    "task_id": "epr"
  },
  "dummy_trs": 0,
  "dvars_nstd": 34.06208135855943,
  "dvars_std": 1.060224602352941,
  "dvars_vstd": 0.8735183035774314,
  "efc": 0.3705755934348123,
  "fber": 145247.140625,
  "fd_mean": 0.2453772923214265,
  "fd_num": 263,
  "fd_perc": 31.534772182254198,
  "fwhm_avg": 2.054822222222222,
  "fwhm_x": 1.9924833333333334,
  "fwhm_y": 2.1834933333333333,
  "fwhm_z": 1.9884899999999999,
  "gcor": 0.0745992,
  "gsr_x": -0.020532794296741486,
  "gsr_y": 0.011876009404659271,
  "provenance": {
    "md5sum": "093f27ae6c814383810d35f8d04d831f",
    "settings": {
      "fd_thres": 0.2,
      "testing": false
    },
    "software": "mriqc",
    "version": "23.0.0",
    "webapi_port": null,
    "webapi_url": "https://mriqc.nimh.nih.gov/api/v1"
  },
  "size_t": 834,
  "size_x": 80,
  "size_y": 80,
  "size_z": 37,
  "snr": 4.886805576884204,
  "spacing_tr": 2.0000016689300537,
  "spacing_x": 3.0,
  "spacing_y": 3.0,
  "spacing_z": 3.0,
  "summary_bg_k": 141.46965857040715,
  "summary_bg_mad": 171.1650105101109,
  "summary_bg_mean": 1046.7008056640625,
  "summary_bg_median": 165.23057556152344,
  "summary_bg_n": 170784.0,
  "summary_bg_p05": 19.438323116302488,
  "summary_bg_p95": 5191.431835937501,
  "summary_bg_stdv": 3042.483154296875,
  "summary_fg_k": 2.180250590279446,
  "summary_fg_mad": 10565.13923736924,
  "summary_fg_mean": 64620.34375,
  "summary_fg_median": 64134.3984375,
  "summary_fg_n": 27310.0,
  "summary_fg_p05": 44313.9142578125,
  "summary_fg_p95": 86834.619921875,
  "summary_fg_stdv": 13123.751953125,
  "tsnr": 25.367612838745117
}