{
  "aor": 0.0019642333333333337,
  "aqi": 0.0144528838,
  "bids_meta": {
    "AcquisitionMatrixPE": 78,
    "AcquisitionNumber": 3,
    "AcquisitionTime": "10:19:27.890000",
    "BodyPartExamined": "BRAIN",
    "CoilString": "MULTI_COIL",
    "ConversionSoftware": "dcm2niix",
    "ConversionSoftwareVersion": "v1.0.20190410  (JP2:OpenJPEG) GCC6.3.0",
    "Dcm2bidsVersion": "2.1.4",
    "DeviceSerialNumber": "42451",
    "EchoTime": 0.030001,
    "EchoTrainLength": 39,
    "FlipAngle": 75,
    "ImageOrientationPatientDICOM": [
      1,
      0,
      0.000628669,
      0,
      1,
      0
    ],
    "ImageType": [
      "ORIGINAL",
      "PRIMARY",
      "M",
      "FFE",
      "M",
      "FFE"
    ],
    "ImagingFrequency": 127.759,
    "InPlanePhaseEncodingDirectionDICOM": "COL",
    "InstitutionAddress": "Calzada_Mexico_Xochimilco_No.101_Tlalpan",
    "InstitutionName": "I.N._Psiquiatria",
    "InstitutionalDepartmentName": "Imagenes_Cerebrales",
    "MRAcquisitionType": "2D",
    "MagneticFieldStrength": 3,
    "Manufacturer": "Philips",
    "ManufacturersModelName": "Ingenia",
    "Modality": "MR",
    "PartialFourier": 0.5,
    "PatientPosition": "HFS",
    "PercentPhaseFOV": 100,
    "PhaseEncodingAxis": "j",
    "PhaseEncodingSteps": 78,
    "PhilipsRescaleIntercept": 0,
    "PhilipsRescaleSlope": 0.803175,
    "PhilipsScaleSlope": 0.0288865,
    "PixelBandwidth": 2071,
    "ProcedureStepDescription": "PROTOCOLO_FIBROMIALGIA",
    "ProtocolName": "WIP_RESTING_STATE_10m",
    "ReconMatrixPE": 80,
    "RepetitionTime": 2,
    "SAR": 0.117583,
    "ScanOptions": "FS",
    "ScanningSequence": "GR",
    "SequenceVariant": "SK",
    "SeriesDescription": "RESTING_STATE_10m",
    "SeriesNumber": 301,
    "SliceThickness": 3,
    "SliceTiming": [
      0,
      1.027027,
      0.054054,
      1.081081,
      0.108108,
      1.13513,
      0.162162,
      1.189189,
      0.216216,
      1.243244,
      0.27027,
      1.297298,
      0.324324,
      1.351352,
      0.378378,
      1.405406,
      0.432432,
      1.45946,
      0.486486,
      1.513514,
      0.540541,
      1.567568,
      0.594595,
      1.621622,
      0.648649,
      1.675676,
      0.702703,
      1.72973,
      0.756757,
      1.783784,
      0.810811,
      1.837838,
      0.864865,
      1.891892,
      0.918919,
      1.945947,
      0.972973
    ],
    "SoftwareVersions": "5.3.1_5.3.1.0",
    "SpacingBetweenSlices": 3,
    "StationName": "PHILIPS-CTMFQSD",
    "TaskName": "rest",
    "UsePhilipsFloatNotDisplayScaling": 1,
    "dataset": "ds004144",
    "modality": "bold",
    "subject_id": "055",
    "task_id": "rest"
  },
  "dummy_trs": 0,
  "dvars_nstd": 29.65760406418059,
  "dvars_std": 1.2237655520066881,
  "dvars_vstd": 0.9570299661872915,
  "efc": 0.3927871279512301,
  "fber": 143554.75,
  "fd_mean": 0.1614735310440754,
  "fd_num": 90,
  "fd_perc": 30.0,
  "fwhm_avg": 1.7530577777777776,
  "fwhm_x": 1.7409466666666666,
  "fwhm_y": 1.8801333333333332,
  "fwhm_z": 1.6380933333333332,
  "gcor": 0.0538332,
  "gsr_x": -0.01535425428301096,
  "gsr_y": 0.014388837851583958,
  "provenance": {
    "md5sum": "41aed6ef3ed8fe358febde801c662380",
    "settings": {
      "fd_thres": 0.2,
      "testing": false
    },
    "software": "mriqc",
    "version": "23.0.0",
    "webapi_port": null,
    "webapi_url": "https://mriqc.nimh.nih.gov/api/v1"
  },
  "size_t": 300,
  "size_x": 80,
  "size_y": 80,
  "size_z": 37,
  "snr": 5.464578238374741,
  "spacing_tr": 2.0000016689300537,
  "spacing_x": 3.0,
  "spacing_y": 3.0,
  "spacing_z": 3.0,
  "summary_bg_k": 160.27382507158995,
  "summary_bg_mad": 149.11700484781773,
  "summary_bg_mean": 1010.7147827148438,
  "summary_bg_median": 125.71922302246094,
  "summary_bg_n": 167464.0,
  "summary_bg_p05": 8.898043537139891,
  "summary_bg_p95": 4817.065380859376,
  "summary_bg_stdv": 3203.95556640625,
  "summary_fg_k": 3.380450324919437,
  "summary_fg_mad": 7196.6264570201,
  "summary_fg_mean": 49854.16796875,
  "summary_fg_median": 49374.77734375,
  "summary_fg_n": 30351.0,
  "summary_fg_p05": 36340.27734375,
  "summary_fg_p95": 64301.60546875,
  "summary_fg_stdv": 9035.2744140625,
  "tsnr": 49.34703063964844
}