{
  "bids_meta": {
    "AcquisitionMatrixPE": 240,
    "AcquisitionNumber": 4,
    "AcquisitionTime": "11:16:11.360000",
    "BodyPartExamined": "BRAIN",
    "CoilString": "MULTI_COIL",
    "ConversionSoftware": "dcm2niix",
    "ConversionSoftwareVersion": "v1.0.20190410  (JP2:OpenJPEG) GCC6.3.0",
    "Dcm2bidsVersion": "2.1.4",
    "DeviceSerialNumber": "42451",
    "EchoTime": 0.0035,
    "EchoTrainLength": 240,
    "FlipAngle": 8,
    "ImageOrientationPatientDICOM": [
      0,
      1,
      0,
      -0.00362181,
      0,
      -0.999993
    ],
    "ImageType": [
      "ORIGINAL",
      "PRIMARY",
      "M",
      "FFE",
      "M",
      "FFE"
    ],
    "ImagingFrequency": 127.76,
    "InPlanePhaseEncodingDirectionDICOM": "ROW",
    "InstitutionAddress": "Calzada_Mexico_Xochimilco_No.101_Tlalpan",
    "InstitutionName": "I.N._Psiquiatria",
    "InstitutionalDepartmentName": "Imagenes_Cerebrales",
    "MRAcquisitionType": "3D",
    "MagneticFieldStrength": 3,
    "Manufacturer": "Philips",
    "ManufacturersModelName": "Ingenia",
    "Modality": "MR",
    "PatientPosition": "HFS",
    "PercentPhaseFOV": 100,
    "PhaseEncodingSteps": 240,
    "PhilipsRescaleIntercept": 0,
    "PhilipsRescaleSlope": 6.17021,
    "PhilipsScaleSlope": 0.00593355,
    "PixelBandwidth": 310,
    "ProcedureStepDescription": "PROTOCOLO_FIBLOMIALGIA",
    "ProtocolName": "WIP_T1W",
    "ReconMatrixPE": 240,
    "RepetitionTime": 0.007,
    "SAR": 0.0382114,
    "ScanOptions": "OTHER",
    "ScanningSequence": "GR",
    "SequenceVariant": "MP",
    "SeriesDescription": "T1W",
    "SeriesNumber": 401,
    "SliceThickness": 1,
    "SoftwareVersions": "5.3.1_5.3.1.0",
    "SpacingBetweenSlices": 1,
    "StationName": "PHILIPS-CTMFQSD",
    "UsePhilipsFloatNotDisplayScaling": 1,
    "dataset": "ds004144",
    "modality": "T1w",
    "subject_id": "025"
  },
  "cjv": 0.34998596618262773,
  "cnr": 3.811117602520168,
  "efc": 0.6886152050286695,
  "fber": -1.0,
  "fwhm_avg": 4.48367,
  "fwhm_x": 4.37933,
  "fwhm_y": 4.88082,
  "fwhm_z": 4.19086,
  "icvs_csf": 0.21267972303161842,
  "icvs_gm": 0.4230131301688535,
  "icvs_wm": 0.3643071467995281,
  "inu_med": 0.4369993805885315,
  "inu_range": 0.1679910838603974,
  "provenance": {
    "md5sum": "9728fcd820807d2359040a80cdc67bbc",
    "settings": {
      "testing": false
    },
    "software": "mriqc",
    "version": "23.0.0",
    "warnings": {
      "large_rot_frame": true,
      "small_air_mask": false
    },
    "webapi_port": null,
    "webapi_url": "https://mriqc.nimh.nih.gov/api/v1"
  },
  "qi_1": 0.00034284726490473266,
  "qi_2": 2.430330451102053e-05,
  "rpve_csf": 28.21443949304205,
  "rpve_gm": 14.404413501113286,
  "rpve_wm": 18.8287686382323,
  "size_x": 180,
  "size_y": 240,
  "size_z": 240,
  "snr_csf": 2.8986785238145822,
  "snr_gm": 15.141570705022312,
  "snr_total": 15.216948694776603,
  "snr_wm": 27.610596855492915,
  "snrd_csf": 14.487321705609018,
  "snrd_gm": 33.68790285536951,
  "snrd_total": 30.87422979325484,
  "snrd_wm": 44.447464818786,
  "spacing_x": 1.0,
  "spacing_y": 1.0,
  "spacing_z": 1.0,
  "summary_bg_k": 224.954459754616,
  "summary_bg_mad": 0.0,
  "summary_bg_mean": 4.202315924132645,
  "summary_bg_median": 0.0,
  "summary_bg_n": 672793.0,
  "summary_bg_p05": 0.0,
  "summary_bg_p95": 18.798200089484453,
  "summary_bg_stdv": 14.73956698928453,
  "summary_csf_k": 0.965542519761815,
  "summary_csf_mad": 81.78450356489832,
  "summary_csf_mean": 326.5291876999812,
  "summary_csf_median": 325.94258046895266,
  "summary_csf_n": 40026.0,
  "summary_csf_p05": 103.13570889551193,
  "summary_csf_p95": 520.7998489891179,
  "summary_csf_stdv": 112.44382780981942,
  "summary_gm_k": 0.06933791707827153,
  "summary_gm_mad": 50.102933737330915,
  "summary_gm_mean": 758.6723468719125,
  "summary_gm_median": 757.9262896478176,
  "summary_gm_n": 29963.0,
  "summary_gm_p05": 678.2106744820252,
  "summary_gm_p95": 840.8552723502739,
  "summary_gm_stdv": 50.05515323368886,
  "summary_wm_k": 0.4580822632389694,
  "summary_wm_mad": 34.619459761452106,
  "summary_wm_mean": 1000.7551556426671,
  "summary_wm_median": 999.9999774098396,
  "summary_wm_n": 161707.0,
  "summary_wm_p05": 942.4271423779428,
  "summary_wm_p95": 1061.2414070460945,
  "summary_wm_stdv": 36.21786557627752,
  "tpm_overlap_csf": 0.15637510072595853,
  "tpm_overlap_gm": 0.4682105977604518,
  "tpm_overlap_wm": 0.5053921138333214,
  "wm2max": 0.7212747395337885
}