{
  "aor": 0.0008465,
  "aqi": 0.008441012633333333,
  "bids_meta": {
    "AcquisitionMatrixPE": 78,
    "AcquisitionNumber": 3,
    "AcquisitionTime": "12:20:50.300000",
    "BodyPartExamined": "BRAIN",
    "CoilString": "MULTI_COIL",
    "ConversionSoftware": "dcm2niix",
    "ConversionSoftwareVersion": "v1.0.20190410  (JP2:OpenJPEG) GCC6.3.0",
    "Dcm2bidsVersion": "2.1.4",
    "DeviceSerialNumber": "42451",
    "EchoTime": 0.030001,
    "EchoTrainLength": 39,
    "FlipAngle": 75,
    "ImageOrientationPatientDICOM": [
      0.999993,
      0,
      -0.00362181,
      0,
      1,
      0
    ],
    "ImageType": [
      "ORIGINAL",
      "PRIMARY",
      "M",
      "FFE",
      "M",
      "FFE"
    ],
    "ImagingFrequency": 127.759,
    "InPlanePhaseEncodingDirectionDICOM": "COL",
    "InstitutionAddress": "Calzada_Mexico_Xochimilco_No.101_Tlalpan",
    "InstitutionName": "I.N._Psiquiatria",
    "InstitutionalDepartmentName": "Imagenes_Cerebrales",
    "MRAcquisitionType": "2D",
    "MagneticFieldStrength": 3,
    "Manufacturer": "Philips",
    "ManufacturersModelName": "Ingenia",
    "Modality": "MR",
    "PartialFourier": 0.5,
    "PatientPosition": "HFS",
    "PercentPhaseFOV": 100,
    "PhaseEncodingAxis": "j",
    "PhaseEncodingSteps": 78,
    "PhilipsRescaleIntercept": 0,
    "PhilipsRescaleSlope": 0.863248,
    "PhilipsScaleSlope": 0.0293478,
    "PixelBandwidth": 2071,
    "ProcedureStepDescription": "FIBROMIALGIA",
    "ProtocolName": "WIP_RESTING_STATE_10m",
    "ReconMatrixPE": 80,
    "RepetitionTime": 2,
    "SAR": 0.117654,
    "ScanOptions": "FS",
    "ScanningSequence": "GR",
    "SequenceVariant": "SK",
    "SeriesDescription": "RESTING_STATE_10m",
    "SeriesNumber": 301,
    "SliceThickness": 3,
    "SliceTiming": [
      0,
      1.027027,
      0.054054,
      1.081081,
      0.108108,
      1.13513,
      0.162162,
      1.189189,
      0.216216,
      1.243244,
      0.27027,
      1.297298,
      0.324324,
      1.351352,
      0.378378,
      1.405406,
      0.432432,
      1.45946,
      0.486486,
      1.513514,
      0.540541,
      1.567568,
      0.594595,
      1.621622,
      0.648649,
      1.675676,
      0.702703,
      1.72973,
      0.756757,
      1.783784,
      0.810811,
      1.837838,
      0.864865,
      1.891892,
      0.918919,
      1.945947,
      0.972973
    ],
    "SoftwareVersions": "5.3.1_5.3.1.0",
    "SpacingBetweenSlices": 3,
    "StationName": "PHILIPS-CTMFQSD",
    "TaskName": "rest",
    "UsePhilipsFloatNotDisplayScaling": 1,
    "dataset": "ds004144",
    "modality": "bold",
    "subject_id": "017",
    "task_id": "rest"
  },
  "dummy_trs": 0,
  "dvars_nstd": 25.897247397290975,
  "dvars_std": 1.1506351867892985,
  "dvars_vstd": 0.9575073850167226,
  "efc": 0.385717173385452,
  "fber": 115786.1875,
  "fd_mean": 0.0748105814870463,
  "fd_num": 15,
  "fd_perc": 5.0,
  "fwhm_avg": 1.8637044444444444,
  "fwhm_x": 1.8149733333333333,
  "fwhm_y": 1.90839,
  "fwhm_z": 1.86775,
  "gcor": 0.0980821,
  "gsr_x": -0.014289408922195435,
  "gsr_y": 0.006058524362742901,
  "provenance": {
    "md5sum": "ca768d5e984f00672a6ba2bff1f51efb",
    "settings": {
      "fd_thres": 0.2,
      "testing": false
    },
    "software": "mriqc",
    "version": "23.0.0",
    "webapi_port": null,
    "webapi_url": "https://mriqc.nimh.nih.gov/api/v1"
  },
  "size_t": 300,
  "size_x": 80,
  "size_y": 80,
  "size_z": 37,
  "snr": 5.170966662176886,
  "spacing_tr": 2.0000016689300537,
  "spacing_x": 3.0,
  "spacing_y": 3.0,
  "spacing_z": 3.0,
  "summary_bg_k": 126.69029674666379,
  "summary_bg_mad": 153.1060553731068,
  "summary_bg_mean": 974.3933715820312,
  "summary_bg_median": 142.2916259765625,
  "summary_bg_n": 169030.0,
  "summary_bg_p05": 12.157688760757447,
  "summary_bg_p95": 4117.939038085935,
  "summary_bg_stdv": 3147.770263671875,
  "summary_fg_k": 2.117234650662689,
  "summary_fg_mad": 7789.99166365764,
  "summary_fg_mean": 49588.359375,
  "summary_fg_median": 49092.69921875,
  "summary_fg_n": 29064.0,
  "summary_fg_p05": 34430.78359375,
  "summary_fg_p95": 65398.61152343749,
  "summary_fg_stdv": 9493.748046875,
  "tsnr": 50.9224739074707
}