{
  "aor": 0.0005293285371702637,
  "aqi": 0.018679381894484412,
  "bids_meta": {
    "AcquisitionMatrixPE": 78,
    "AcquisitionNumber": 7,
    "AcquisitionTime": "12:48:29.520000",
    "BodyPartExamined": "BRAIN",
    "CoilString": "MULTI_COIL",
    "ConversionSoftware": "dcm2niix",
    "ConversionSoftwareVersion": "v1.0.20190410  (JP2:OpenJPEG) GCC6.3.0",
    "Dcm2bidsVersion": "2.1.4",
    "DeviceSerialNumber": "42451",
    "EchoTime": 0.030001,
    "EchoTrainLength": 39,
    "FlipAngle": 75,
    "ImageOrientationPatientDICOM": [
      0.999993,
      0,
      -0.00362181,
      0,
      1,
      0
    ],
    "ImageType": [
      "ORIGINAL",
      "PRIMARY",
      "M",
      "FFE",
      "M",
      "FFE"
    ],
    "ImagingFrequency": 127.759,
    "InPlanePhaseEncodingDirectionDICOM": "COL",
    "InstitutionAddress": "Calzada_Mexico_Xochimilco_No.101_Tlalpan",
    "InstitutionName": "I.N._Psiquiatria",
    "InstitutionalDepartmentName": "Imagenes_Cerebrales",
    "MRAcquisitionType": "2D",
    "MagneticFieldStrength": 3,
    "Manufacturer": "Philips",
    "ManufacturersModelName": "Ingenia",
    "Modality": "MR",
    "PartialFourier": 0.5,
    "PatientPosition": "HFS",
    "PercentPhaseFOV": 100,
    "PhaseEncodingAxis": "j",
    "PhaseEncodingSteps": 78,
    "PhilipsRescaleIntercept": 0,
    "PhilipsRescaleSlope": 0.918193,
    "PhilipsScaleSlope": 0.0272988,
    "PixelBandwidth": 2071,
    "ProcedureStepDescription": "FIBROMIALGIA",
    "ProtocolName": "WIP_TASK_FMRI",
    "ReconMatrixPE": 80,
    "RepetitionTime": 2,
    "SAR": 0.117749,
    "ScanOptions": "FS",
    "ScanningSequence": "GR",
    "SequenceVariant": "SK",
    "SeriesDescription": "TASK_FMRI",
    "SeriesNumber": 701,
    "SliceThickness": 3,
    "SliceTiming": [
      0,
      1.027027,
      0.054054,
      1.081081,
      0.108108,
      1.13513,
      0.162162,
      1.189189,
      0.216216,
      1.243244,
      0.27027,
      1.297298,
      0.324324,
      1.351352,
      0.378378,
      1.405406,
      0.432432,
      1.45946,
      0.486486,
      1.513514,
      0.540541,
      1.567568,
      0.594595,
      1.621622,
      0.648649,
      1.675676,
      0.702703,
      1.72973,
      0.756757,
      1.783784,
      0.810811,
      1.837838,
      0.864865,
      1.891892,
      0.918919,
      1.945947,
      0.972973
    ],
    "SoftwareVersions": "5.3.1_5.3.1.0",
    "SpacingBetweenSlices": 3,
    "StationName": "PHILIPS-CTMFQSD",
    "TaskName": "epr",
    "UsePhilipsFloatNotDisplayScaling": 1,
    "dataset": "ds004144",
    "modality": "bold",
    "subject_id": "017",
    "task_id": "epr"
  },
  "dummy_trs": 0,
  "dvars_nstd": 29.374653437394944,
  "dvars_std": 1.1243420225330125,
  "dvars_vstd": 0.9170903679831941,
  "efc": 0.38772473139004066,
  "fber": 111808.4921875,
  "fd_mean": 0.13664106217515207,
  "fd_num": 132,
  "fd_perc": 15.827338129496402,
  "fwhm_avg": 1.9039300000000001,
  "fwhm_x": 1.8460266666666667,
  "fwhm_y": 1.9383766666666666,
  "fwhm_z": 1.9273866666666668,
  "gcor": 0.195611,
  "gsr_x": -0.014973090961575508,
  "gsr_y": 0.006563958246260881,
  "provenance": {
    "md5sum": "17cdd228b9a06e41b443420769a77380",
    "settings": {
      "fd_thres": 0.2,
      "testing": false
    },
    "software": "mriqc",
    "version": "23.0.0",
    "webapi_port": null,
    "webapi_url": "https://mriqc.nimh.nih.gov/api/v1"
  },
  "size_t": 834,
  "size_x": 80,
  "size_y": 80,
  "size_z": 37,
  "snr": 5.12010351853201,
  "spacing_tr": 2.0000016689300537,
  "spacing_x": 3.0,
  "spacing_y": 3.0,
  "spacing_z": 3.0,
  "summary_bg_k": 119.20336188510046,
  "summary_bg_mad": 160.27627666561224,
  "summary_bg_mean": 1018.3650512695312,
  "summary_bg_median": 148.2799072265625,
  "summary_bg_n": 169068.0,
  "summary_bg_p05": 16.135109138488772,
  "summary_bg_p95": 4450.264672851561,
  "summary_bg_stdv": 3113.51513671875,
  "summary_fg_k": 2.0987448338966654,
  "summary_fg_mad": 8139.0691977218,
  "summary_fg_mean": 50010.1953125,
  "summary_fg_median": 49602.1875,
  "summary_fg_n": 29019.0,
  "summary_fg_p05": 34587.71015625,
  "summary_fg_p95": 65757.02343749997,
  "summary_fg_stdv": 9687.564453125,
  "tsnr": 29.330272674560547
}