{
  "aor": 0.0008898,
  "aqi": 0.01068056,
  "bids_meta": {
    "AcquisitionMatrixPE": 78,
    "AcquisitionNumber": 3,
    "AcquisitionTime": "11:52:38.990000",
    "BodyPartExamined": "BRAIN",
    "CoilString": "MULTI_COIL",
    "ConversionSoftware": "dcm2niix",
    "ConversionSoftwareVersion": "v1.0.20190410  (JP2:OpenJPEG) GCC6.3.0",
    "Dcm2bidsVersion": "2.1.4",
    "DeviceSerialNumber": "42451",
    "EchoTime": 0.030001,
    "EchoTrainLength": 39,
    "FlipAngle": 75,
    "ImageOrientationPatientDICOM": [
      1,
      0,
      0.000581622,
      0,
      1,
      0
    ],
    "ImageType": [
      "ORIGINAL",
      "PRIMARY",
      "M",
      "FFE",
      "M",
      "FFE"
    ],
    "ImagingFrequency": 127.759,
    "InPlanePhaseEncodingDirectionDICOM": "COL",
    "InstitutionAddress": "Calzada_Mexico_Xochimilco_No.101_Tlalpan",
    "InstitutionName": "I.N._Psiquiatria",
    "InstitutionalDepartmentName": "Imagenes_Cerebrales",
    "MRAcquisitionType": "2D",
    "MagneticFieldStrength": 3,
    "Manufacturer": "Philips",
    "ManufacturersModelName": "Ingenia",
    "Modality": "MR",
    "PartialFourier": 0.5,
    "PatientPosition": "HFS",
    "PercentPhaseFOV": 100,
    "PhaseEncodingAxis": "j",
    "PhaseEncodingSteps": 78,
    "PhilipsRescaleIntercept": 0,
    "PhilipsRescaleSlope": 0.840049,
    "PhilipsScaleSlope": 0.027554,
    "PixelBandwidth": 2071,
    "ProcedureStepDescription": "PROTOCOLO_FIBROMIALGIA",
    "ProtocolName": "WIP_RESTING_STATE_10m",
    "ReconMatrixPE": 80,
    "RepetitionTime": 2,
    "SAR": 0.117583,
    "ScanOptions": "FS",
    "ScanningSequence": "GR",
    "SequenceVariant": "SK",
    "SeriesDescription": "RESTING_STATE_10m",
    "SeriesNumber": 301,
    "SliceThickness": 3,
    "SliceTiming": [
      0,
      1.027027,
      0.054054,
      1.081081,
      0.108108,
      1.13513,
      0.162162,
      1.189189,
      0.216216,
      1.243244,
      0.27027,
      1.297298,
      0.324324,
      1.351352,
      0.378378,
      1.405406,
      0.432432,
      1.45946,
      0.486486,
      1.513514,
      0.540541,
      1.567568,
      0.594595,
      1.621622,
      0.648649,
      1.675676,
      0.702703,
      1.72973,
      0.756757,
      1.783784,
      0.810811,
      1.837838,
      0.864865,
      1.891892,
      0.918919,
      1.945947,
      0.972973
    ],
    "SoftwareVersions": "5.3.1_5.3.1.0",
    "SpacingBetweenSlices": 3,
    "StationName": "PHILIPS-CTMFQSD",
    "TaskName": "rest",
    "UsePhilipsFloatNotDisplayScaling": 1,
    "dataset": "ds004144",
    "modality": "bold",
    "subject_id": "044",
    "task_id": "rest"
  },
  "dummy_trs": 0,
  "dvars_nstd": 24.414973676856185,
  "dvars_std": 1.0908536106020068,
  "dvars_vstd": 0.9328929272909696,
  "efc": 0.40097344661116296,
  "fber": 114945.28125,
  "fd_mean": 0.1122447200125222,
  "fd_num": 22,
  "fd_perc": 7.333333333333333,
  "fwhm_avg": 1.8374555555555556,
  "fwhm_x": 1.7735200000000002,
  "fwhm_y": 1.9367266666666667,
  "fwhm_z": 1.8021200000000002,
  "gcor": 0.165157,
  "gsr_x": -0.008638245053589344,
  "gsr_y": 0.010524009354412556,
  "provenance": {
    "md5sum": "a41638e3f8492107d432a2381d7ad93f",
    "settings": {
      "fd_thres": 0.2,
      "testing": false
    },
    "software": "mriqc",
    "version": "23.0.0",
    "webapi_port": null,
    "webapi_url": "https://mriqc.nimh.nih.gov/api/v1"
  },
  "size_t": 300,
  "size_x": 80,
  "size_y": 80,
  "size_z": 37,
  "snr": 5.222852120354392,
  "spacing_tr": 2.0000016689300537,
  "spacing_x": 3.0,
  "spacing_y": 3.0,
  "spacing_z": 3.0,
  "summary_bg_k": 142.99853899175267,
  "summary_bg_mad": 156.36318897390817,
  "summary_bg_mean": 1005.174560546875,
  "summary_bg_median": 143.37442016601562,
  "summary_bg_n": 164952.0,
  "summary_bg_p05": 11.286053848266603,
  "summary_bg_p95": 4322.237695312486,
  "summary_bg_stdv": 3425.63623046875,
  "summary_fg_k": 2.3878256895378414,
  "summary_fg_mad": 7969.910655146718,
  "summary_fg_mean": 51774.55078125,
  "summary_fg_median": 51226.74609375,
  "summary_fg_n": 32086.0,
  "summary_fg_p05": 37125.8984375,
  "summary_fg_p95": 68357.720703125,
  "summary_fg_stdv": 9808.041015625,
  "tsnr": 43.140724182128906
}