{
  "aor": 0.0011039088729016787,
  "aqi": 0.022533190683453233,
  "bids_meta": {
    "AcquisitionMatrixPE": 78,
    "AcquisitionNumber": 9,
    "AcquisitionTime": "11:24:10.130000",
    "BodyPartExamined": "BRAIN",
    "CoilString": "MULTI_COIL",
    "ConversionSoftware": "dcm2niix",
    "ConversionSoftwareVersion": "v1.0.20190410  (JP2:OpenJPEG) GCC6.3.0",
    "Dcm2bidsVersion": "2.1.4",
    "DeviceSerialNumber": "42451",
    "EchoTime": 0.030001,
    "EchoTrainLength": 39,
    "FlipAngle": 75,
    "ImageOrientationPatientDICOM": [
      0.999993,
      0,
      -0.00362181,
      0,
      1,
      0
    ],
    "ImageType": [
      "ORIGINAL",
      "PRIMARY",
      "M",
      "FFE",
      "M",
      "FFE"
    ],
    "ImagingFrequency": 127.759,
    "InPlanePhaseEncodingDirectionDICOM": "COL",
    "InstitutionAddress": "Calzada_Mexico_Xochimilco_No.101_Tlalpan",
    "InstitutionName": "I.N._Psiquiatria",
    "InstitutionalDepartmentName": "Imagenes_Cerebrales",
    "MRAcquisitionType": "2D",
    "MagneticFieldStrength": 3,
    "Manufacturer": "Philips",
    "ManufacturersModelName": "Ingenia",
    "Modality": "MR",
    "PartialFourier": 0.5,
    "PatientPosition": "HFS",
    "PercentPhaseFOV": 100,
    "PhaseEncodingAxis": "j",
    "PhaseEncodingSteps": 78,
    "PhilipsRescaleIntercept": 0,
    "PhilipsRescaleSlope": 0.779731,
    "PhilipsScaleSlope": 0.0275694,
    "PixelBandwidth": 2071,
    "ProcedureStepDescription": "PROTOCOLO_FIBROMIALGIA",
    "ProtocolName": "WIP_TASK_FMRI",
    "ReconMatrixPE": 80,
    "RepetitionTime": 2,
    "SAR": 0.117749,
    "ScanOptions": "FS",
    "ScanningSequence": "GR",
    "SequenceVariant": "SK",
    "SeriesDescription": "TASK_FMRI",
    "SeriesNumber": 901,
    "SliceThickness": 3,
    "SliceTiming": [
      0,
      1.027027,
      0.054054,
      1.081081,
      0.108108,
      1.13513,
      0.162162,
      1.189189,
      0.216216,
      1.243244,
      0.27027,
      1.297298,
      0.324324,
      1.351352,
      0.378378,
      1.405406,
      0.432432,
      1.45946,
      0.486486,
      1.513514,
      0.540541,
      1.567568,
      0.594595,
      1.621622,
      0.648649,
      1.675676,
      0.702703,
      1.72973,
      0.756757,
      1.783784,
      0.810811,
      1.837838,
      0.864865,
      1.891892,
      0.918919,
      1.945947,
      0.972973
    ],
    "SoftwareVersions": "5.3.1_5.3.1.0",
    "SpacingBetweenSlices": 3,
    "StationName": "PHILIPS-CTMFQSD",
    "TaskName": "epr",
    "UsePhilipsFloatNotDisplayScaling": 1,
    "dataset": "ds004144",
    "modality": "bold",
    "subject_id": "019",
    "task_id": "epr"
  },
  "dummy_trs": 0,
  "dvars_nstd": 39.5448985401561,
  "dvars_std": 1.1328574466266508,
  "dvars_vstd": 0.925374810648259,
  "efc": 0.39935018608073514,
  "fber": 90673.515625,
  "fd_mean": 0.4369918126236464,
  "fd_num": 659,
  "fd_perc": 79.0167865707434,
  "fwhm_avg": 1.8841766666666668,
  "fwhm_x": 1.7963266666666666,
  "fwhm_y": 2.0051633333333334,
  "fwhm_z": 1.85104,
  "gcor": 0.122489,
  "gsr_x": -0.006657283753156662,
  "gsr_y": 0.004846004769206047,
  "provenance": {
    "md5sum": "1027539e712a3a4b92686c9f1625d1a5",
    "settings": {
      "fd_thres": 0.2,
      "testing": false
    },
    "software": "mriqc",
    "version": "23.0.0",
    "webapi_port": null,
    "webapi_url": "https://mriqc.nimh.nih.gov/api/v1"
  },
  "size_t": 834,
  "size_x": 80,
  "size_y": 80,
  "size_z": 37,
  "snr": 4.611420444469016,
  "spacing_tr": 2.0000016689300537,
  "spacing_x": 3.0,
  "spacing_y": 3.0,
  "spacing_z": 3.0,
  "summary_bg_k": 148.17018472528636,
  "summary_bg_mad": 205.31637062885287,
  "summary_bg_mean": 1104.347900390625,
  "summary_bg_median": 178.8010711669922,
  "summary_bg_n": 165711.0,
  "summary_bg_p05": 19.610990524291992,
  "summary_bg_p95": 5065.95751953125,
  "summary_bg_stdv": 3116.845947265625,
  "summary_fg_k": 3.2304230169368955,
  "summary_fg_mad": 8868.703501626243,
  "summary_fg_mean": 55215.546875,
  "summary_fg_median": 53781.5546875,
  "summary_fg_n": 31966.0,
  "summary_fg_p05": 39612.16015625,
  "summary_fg_p95": 76772.99609375,
  "summary_fg_stdv": 11662.5048828125,
  "tsnr": 27.61848258972168
}