{
  "aor": 0.0016429666666666664,
  "aqi": 0.012794068866666668,
  "bids_meta": {
    "AcquisitionMatrixPE": 78,
    "AcquisitionNumber": 3,
    "AcquisitionTime": "12:01:1.410000",
    "BodyPartExamined": "BRAIN",
    "CoilString": "MULTI_COIL",
    "ConversionSoftware": "dcm2niix",
    "ConversionSoftwareVersion": "v1.0.20190410  (JP2:OpenJPEG) GCC6.3.0",
    "Dcm2bidsVersion": "2.1.4",
    "DeviceSerialNumber": "42451",
    "EchoTime": 0.030001,
    "EchoTrainLength": 39,
    "FlipAngle": 75,
    "ImageOrientationPatientDICOM": [
      0.999993,
      0,
      -0.00362181,
      0,
      1,
      0
    ],
    "ImageType": [
      "ORIGINAL",
      "PRIMARY",
      "M",
      "FFE",
      "M",
      "FFE"
    ],
    "ImagingFrequency": 127.759,
    "InPlanePhaseEncodingDirectionDICOM": "COL",
    "InstitutionAddress": "Calzada_Mexico_Xochimilco_No.101_Tlalpan",
    "InstitutionName": "I.N._Psiquiatria",
    "InstitutionalDepartmentName": "Imagenes_Cerebrales",
    "MRAcquisitionType": "2D",
    "MagneticFieldStrength": 3,
    "Manufacturer": "Philips",
    "ManufacturersModelName": "Ingenia",
    "Modality": "MR",
    "PartialFourier": 0.5,
    "PatientPosition": "HFS",
    "PercentPhaseFOV": 100,
    "PhaseEncodingAxis": "j",
    "PhaseEncodingSteps": 78,
    "PhilipsRescaleIntercept": 0,
    "PhilipsRescaleSlope": 0.826129,
    "PhilipsScaleSlope": 0.0263208,
    "PixelBandwidth": 2071,
    "ProcedureStepDescription": "PROTOCOLO_FIBROMIALGIA",
    "ProtocolName": "WIP_RESTING_STATE_10m",
    "ReconMatrixPE": 80,
    "RepetitionTime": 2,
    "SAR": 0.117654,
    "ScanOptions": "FS",
    "ScanningSequence": "GR",
    "SequenceVariant": "SK",
    "SeriesDescription": "RESTING_STATE_10m",
    "SeriesNumber": 301,
    "SliceThickness": 3,
    "SliceTiming": [
      0,
      1.027027,
      0.054054,
      1.081081,
      0.108108,
      1.13513,
      0.162162,
      1.189189,
      0.216216,
      1.243244,
      0.27027,
      1.297298,
      0.324324,
      1.351352,
      0.378378,
      1.405406,
      0.432432,
      1.45946,
      0.486486,
      1.513514,
      0.540541,
      1.567568,
      0.594595,
      1.621622,
      0.648649,
      1.675676,
      0.702703,
      1.72973,
      0.756757,
      1.783784,
      0.810811,
      1.837838,
      0.864865,
      1.891892,
      0.918919,
      1.945947,
      0.972973
    ],
    "SoftwareVersions": "5.3.1_5.3.1.0",
    "SpacingBetweenSlices": 3,
    "StationName": "PHILIPS-CTMFQSD",
    "TaskName": "rest",
    "UsePhilipsFloatNotDisplayScaling": 1,
    "dataset": "ds004144",
    "modality": "bold",
    "subject_id": "068",
    "task_id": "rest"
  },
  "dummy_trs": 0,
  "dvars_nstd": 20.999755192775925,
  "dvars_std": 1.0583647390969892,
  "dvars_vstd": 0.9260080356521726,
  "efc": 0.38200956833117594,
  "fber": 184028.8125,
  "fd_mean": 0.09645679273757048,
  "fd_num": 33,
  "fd_perc": 11.0,
  "fwhm_avg": 1.8806355555555554,
  "fwhm_x": 1.7605000000000002,
  "fwhm_y": 2.045593333333333,
  "fwhm_z": 1.8358133333333333,
  "gcor": 0.115807,
  "gsr_x": -0.026413923129439354,
  "gsr_y": 0.011564494110643864,
  "provenance": {
    "md5sum": "6ea4d661b8e3f4a44e9c9e08da2761c7",
    "settings": {
      "fd_thres": 0.2,
      "testing": false
    },
    "software": "mriqc",
    "version": "23.0.0",
    "webapi_port": null,
    "webapi_url": "https://mriqc.nimh.nih.gov/api/v1"
  },
  "size_t": 300,
  "size_x": 80,
  "size_y": 80,
  "size_z": 37,
  "snr": 5.364887136492359,
  "spacing_tr": 2.0000016689300537,
  "spacing_x": 3.0,
  "spacing_y": 3.0,
  "spacing_z": 3.0,
  "summary_bg_k": 85.62454900225801,
  "summary_bg_mad": 156.24435751023543,
  "summary_bg_mean": 1254.9400634765625,
  "summary_bg_median": 129.6844940185547,
  "summary_bg_n": 170455.0,
  "summary_bg_p05": 9.816969013214111,
  "summary_bg_p95": 5516.927441406238,
  "summary_bg_stdv": 3817.754638671875,
  "summary_fg_k": 3.046485936858905,
  "summary_fg_mad": 8758.66951392899,
  "summary_fg_mean": 59002.0,
  "summary_fg_median": 58393.9609375,
  "summary_fg_n": 27619.0,
  "summary_fg_p05": 42397.262109375,
  "summary_fg_p95": 76579.26796874999,
  "summary_fg_stdv": 10884.2744140625,
  "tsnr": 43.610496520996094
}