{
  "aor": 0.0006200599520383693,
  "aqi": 0.020191860539568347,
  "bids_meta": {
    "AcquisitionMatrixPE": 78,
    "AcquisitionNumber": 7,
    "AcquisitionTime": "12:30:26.790000",
    "BodyPartExamined": "BRAIN",
    "CoilString": "MULTI_COIL",
    "ConversionSoftware": "dcm2niix",
    "ConversionSoftwareVersion": "v1.0.20190410  (JP2:OpenJPEG) GCC6.3.0",
    "Dcm2bidsVersion": "2.1.4",
    "DeviceSerialNumber": "42451",
    "EchoTime": 0.030001,
    "EchoTrainLength": 39,
    "FlipAngle": 75,
    "ImageOrientationPatientDICOM": [
      0.999993,
      0,
      -0.00362181,
      0,
      1,
      0
    ],
    "ImageType": [
      "ORIGINAL",
      "PRIMARY",
      "M",
      "FFE",
      "M",
      "FFE"
    ],
    "ImagingFrequency": 127.759,
    "InPlanePhaseEncodingDirectionDICOM": "COL",
    "InstitutionAddress": "Calzada_Mexico_Xochimilco_No.101_Tlalpan",
    "InstitutionName": "I.N._Psiquiatria",
    "InstitutionalDepartmentName": "Imagenes_Cerebrales",
    "MRAcquisitionType": "2D",
    "MagneticFieldStrength": 3,
    "Manufacturer": "Philips",
    "ManufacturersModelName": "Ingenia",
    "Modality": "MR",
    "PartialFourier": 0.5,
    "PatientPosition": "HFS",
    "PercentPhaseFOV": 100,
    "PhaseEncodingAxis": "j",
    "PhaseEncodingSteps": 78,
    "PhilipsRescaleIntercept": 0,
    "PhilipsRescaleSlope": 0.854457,
    "PhilipsScaleSlope": 0.0276193,
    "PixelBandwidth": 2071,
    "ProcedureStepDescription": "PROTOCOLO_FIBROMIALGIA",
    "ProtocolName": "WIP_TASK_FMRI",
    "ReconMatrixPE": 80,
    "RepetitionTime": 2,
    "SAR": 0.117749,
    "ScanOptions": "FS",
    "ScanningSequence": "GR",
    "SequenceVariant": "SK",
    "SeriesDescription": "TASK_FMRI",
    "SeriesNumber": 701,
    "SliceThickness": 3,
    "SliceTiming": [
      0,
      1.027027,
      0.054054,
      1.081081,
      0.108108,
      1.13513,
      0.162162,
      1.189189,
      0.216216,
      1.243244,
      0.27027,
      1.297298,
      0.324324,
      1.351352,
      0.378378,
      1.405406,
      0.432432,
      1.45946,
      0.486486,
      1.513514,
      0.540541,
      1.567568,
      0.594595,
      1.621622,
      0.648649,
      1.675676,
      0.702703,
      1.72973,
      0.756757,
      1.783784,
      0.810811,
      1.837838,
      0.864865,
      1.891892,
      0.918919,
      1.945947,
      0.972973
    ],
    "SoftwareVersions": "5.3.1_5.3.1.0",
    "SpacingBetweenSlices": 3,
    "StationName": "PHILIPS-CTMFQSD",
    "TaskName": "epr",
    "UsePhilipsFloatNotDisplayScaling": 1,
    "dataset": "ds004144",
    "modality": "bold",
    "subject_id": "068",
    "task_id": "epr"
  },
  "dummy_trs": 0,
  "dvars_nstd": 24.232344330852303,
  "dvars_std": 1.0405573260984393,
  "dvars_vstd": 0.8927887629891961,
  "efc": 0.38262025224860235,
  "fber": 183914.96875,
  "fd_mean": 0.13399210020672717,
  "fd_num": 132,
  "fd_perc": 15.827338129496402,
  "fwhm_avg": 1.9691544444444444,
  "fwhm_x": 1.8573633333333335,
  "fwhm_y": 2.1439366666666664,
  "fwhm_z": 1.9061633333333334,
  "gcor": 0.121393,
  "gsr_x": -0.026235492900013924,
  "gsr_y": 0.010971772484481335,
  "provenance": {
    "md5sum": "ad1bb681a1911e8ef686fe04d2cad9ab",
    "settings": {
      "fd_thres": 0.2,
      "testing": false
    },
    "software": "mriqc",
    "version": "23.0.0",
    "webapi_port": null,
    "webapi_url": "https://mriqc.nimh.nih.gov/api/v1"
  },
  "size_t": 834,
  "size_x": 80,
  "size_y": 80,
  "size_z": 37,
  "snr": 5.116114834071977,
  "spacing_tr": 2.0000016689300537,
  "spacing_x": 3.0,
  "spacing_y": 3.0,
  "spacing_z": 3.0,
  "summary_bg_k": 84.75818382638462,
  "summary_bg_mad": 159.84249177045095,
  "summary_bg_mean": 1238.1243896484375,
  "summary_bg_median": 134.0093536376953,
  "summary_bg_n": 170059.0,
  "summary_bg_p05": 12.550764179229736,
  "summary_bg_p95": 5674.265039062501,
  "summary_bg_stdv": 3599.6318359375,
  "summary_fg_k": 2.4456684430342044,
  "summary_fg_mad": 9576.984858735257,
  "summary_fg_mean": 59644.20703125,
  "summary_fg_median": 59210.5234375,
  "summary_fg_n": 27878.0,
  "summary_fg_p05": 41373.9525390625,
  "summary_fg_p95": 78571.32773437497,
  "summary_fg_stdv": 11573.1298828125,
  "tsnr": 29.832014083862305
}