{
  "bids_meta": {
    "AcquisitionMatrixPE": 240,
    "AcquisitionNumber": 5,
    "AcquisitionTime": "10:38:7.900000",
    "BodyPartExamined": "BRAIN",
    "CoilString": "MULTI_COIL",
    "ConversionSoftware": "dcm2niix",
    "ConversionSoftwareVersion": "v1.0.20190410  (JP2:OpenJPEG) GCC6.3.0",
    "Dcm2bidsVersion": "2.1.4",
    "DeviceSerialNumber": "42451",
    "EchoTime": 0.331,
    "EchoTrainLength": 117,
    "FlipAngle": 90,
    "ImageOrientationPatientDICOM": [
      0,
      1,
      0,
      0.000491071,
      0,
      -1
    ],
    "ImageType": [
      "ORIGINAL",
      "PRIMARY",
      "M",
      "SE",
      "M",
      "SE"
    ],
    "ImagingFrequency": 127.759,
    "InPlanePhaseEncodingDirectionDICOM": "ROW",
    "InstitutionAddress": "Calzada_Mexico_Xochimilco_No.101_Tlalpan",
    "InstitutionName": "I.N._Psiquiatria",
    "InstitutionalDepartmentName": "Imagenes_Cerebrales",
    "MRAcquisitionType": "3D",
    "MagneticFieldStrength": 3,
    "Manufacturer": "Philips",
    "ManufacturersModelName": "Ingenia",
    "Modality": "MR",
    "PatientPosition": "HFS",
    "PercentPhaseFOV": 100,
    "PhaseEncodingSteps": 240,
    "PhilipsRescaleIntercept": 0,
    "PhilipsRescaleSlope": 1.37558,
    "PhilipsScaleSlope": 0.00308114,
    "PixelBandwidth": 413,
    "ProcedureStepDescription": "PROTOCOLO_FIBROMIALGIA",
    "ProtocolName": "WIP_T2W",
    "ReconMatrixPE": 240,
    "RepetitionTime": 2.5,
    "SAR": 0.030152,
    "ScanOptions": "FS",
    "ScanningSequence": "SE",
    "SequenceVariant": "SK",
    "SeriesDescription": "T2W",
    "SeriesNumber": 501,
    "SliceThickness": 1,
    "SoftwareVersions": "5.3.1_5.3.1.0",
    "SpacingBetweenSlices": 1,
    "StationName": "PHILIPS-CTMFQSD",
    "UsePhilipsFloatNotDisplayScaling": 1,
    "dataset": "ds004144",
    "modality": "T2w",
    "subject_id": "024"
  },
  "cjv": 0.9912151735091345,
  "cnr": 1.0711766488657681,
  "efc": 0.5300103348583768,
  "fber": -1.0,
  "fwhm_avg": 2.59695,
  "fwhm_x": 2.60033,
  "fwhm_y": 2.69977,
  "fwhm_z": 2.49075,
  "icvs_csf": 0.302341962541857,
  "icvs_gm": 0.1856546645113303,
  "icvs_wm": 0.5120033729468126,
  "inu_med": 0.8731569647789001,
  "inu_range": 0.20929953455924977,
  "provenance": {
    "md5sum": "82cbfa82a984792bf19eec0da1aaf463",
    "settings": {
      "testing": false
    },
    "software": "mriqc",
    "version": "23.0.0",
    "warnings": {
      "large_rot_frame": true,
      "small_air_mask": false
    },
    "webapi_port": null,
    "webapi_url": "https://mriqc.nimh.nih.gov/api/v1"
  },
  "qi_1": 0.10030949310495524,
  "qi_2": 4.3634966143446505e-06,
  "rpve_csf": 13.854466491483551,
  "rpve_gm": 27.66720597019723,
  "rpve_wm": 10.473570577496407,
  "size_x": 180,
  "size_y": 240,
  "size_z": 240,
  "snr_csf": 9.972331945150314,
  "snr_gm": 1.7624554866424105,
  "snr_total": 7.557827352538261,
  "snr_wm": 10.938694625822059,
  "snrd_csf": 27.219406322789325,
  "snrd_gm": 45.201327598068836,
  "snrd_total": 30.028907000321464,
  "snrd_wm": 17.665987080106223,
  "spacing_x": 1.0,
  "spacing_y": 1.0,
  "spacing_z": 1.0,
  "summary_bg_k": 113.83554559655684,
  "summary_bg_mad": 0.0,
  "summary_bg_mean": 7.449058161424681,
  "summary_bg_median": 0.0,
  "summary_bg_n": 1380833.0,
  "summary_bg_p05": 0.0,
  "summary_bg_p95": 34.144028306007385,
  "summary_bg_stdv": 37.087131465084504,
  "summary_csf_k": 0.363414948851557,
  "summary_csf_mad": 149.75678584081368,
  "summary_csf_mean": 1540.1006914037905,
  "summary_csf_median": 1540.8847694844007,
  "summary_csf_n": 13629.0,
  "summary_csf_p05": 1292.2837252944707,
  "summary_csf_p95": 1791.1523674368857,
  "summary_csf_stdv": 154.51032389295221,
  "summary_gm_k": -1.6788796854653687,
  "summary_gm_mad": 1449.9590612997895,
  "summary_gm_mean": 2025.2879154548837,
  "summary_gm_median": 2558.8374864012003,
  "summary_gm_n": 52465.0,
  "summary_gm_p05": 92.33791781961918,
  "summary_gm_p95": 3679.3577804118395,
  "summary_gm_stdv": 1451.8455186754531,
  "summary_wm_k": -0.14876428098383743,
  "summary_wm_mad": 95.11715371646582,
  "summary_wm_mean": 996.8313278223095,
  "summary_wm_median": 1000.0677497088909,
  "summary_wm_n": 219173.0,
  "summary_wm_p05": 842.896825760603,
  "summary_wm_p95": 1139.421452537179,
  "summary_wm_stdv": 91.42457143725929,
  "tpm_overlap_csf": 0.10423838498214683,
  "tpm_overlap_gm": 0.10976547084366121,
  "tpm_overlap_wm": 0.4284101599032645,
  "wm2max": 0.27060915473593516
}