{
  "bids_meta": {
    "AcquisitionMatrixPE": 240,
    "AcquisitionNumber": 5,
    "AcquisitionTime": "12:53:38.710000",
    "BodyPartExamined": "BRAIN",
    "CoilString": "MULTI_COIL",
    "ConversionSoftware": "dcm2niix",
    "ConversionSoftwareVersion": "v1.0.20190410  (JP2:OpenJPEG) GCC6.3.0",
    "Dcm2bidsVersion": "2.1.4",
    "DeviceSerialNumber": "42451",
    "EchoTime": 0.0035,
    "EchoTrainLength": 240,
    "FlipAngle": 8,
    "ImageOrientationPatientDICOM": [
      0,
      1,
      0,
      -0.00362181,
      0,
      -0.999993
    ],
    "ImageType": [
      "ORIGINAL",
      "PRIMARY",
      "M",
      "FFE",
      "M",
      "FFE"
    ],
    "ImagingFrequency": 127.759,
    "InPlanePhaseEncodingDirectionDICOM": "ROW",
    "InstitutionAddress": "Calzada_Mexico_Xochimilco_No.101_Tlalpan",
    "InstitutionName": "I.N._Psiquiatria",
    "InstitutionalDepartmentName": "Imagenes_Cerebrales",
    "MRAcquisitionType": "3D",
    "MagneticFieldStrength": 3,
    "Manufacturer": "Philips",
    "ManufacturersModelName": "Ingenia",
    "Modality": "MR",
    "PatientPosition": "HFS",
    "PercentPhaseFOV": 100,
    "PhaseEncodingSteps": 240,
    "PhilipsRescaleIntercept": 0,
    "PhilipsRescaleSlope": 4.72967,
    "PhilipsScaleSlope": 0.00593492,
    "PixelBandwidth": 310,
    "ProcedureStepDescription": "PROTOCOLO_FIBROMIALGIA",
    "ProtocolName": "WIP_T1W",
    "ReconMatrixPE": 240,
    "RepetitionTime": 0.007,
    "SAR": 0.0382114,
    "ScanOptions": "OTHER",
    "ScanningSequence": "GR",
    "SequenceVariant": "MP",
    "SeriesDescription": "T1W",
    "SeriesNumber": 501,
    "SliceThickness": 1,
    "SoftwareVersions": "5.3.1_5.3.1.0",
    "SpacingBetweenSlices": 1,
    "StationName": "PHILIPS-CTMFQSD",
    "UsePhilipsFloatNotDisplayScaling": 1,
    "dataset": "ds004144",
    "modality": "T1w",
    "subject_id": "039"
  },
  "cjv": 0.33095169391184465,
  "cnr": 3.9855656338426484,
  "efc": 0.6773047579625241,
  "fber": -1.0,
  "fwhm_avg": 4.545083333333333,
  "fwhm_x": 4.23796,
  "fwhm_y": 5.01529,
  "fwhm_z": 4.382,
  "icvs_csf": 0.23837675704569664,
  "icvs_gm": 0.3964728144478686,
  "icvs_wm": 0.36515042850643475,
  "inu_med": 0.4225061535835266,
  "inu_range": 0.16631971299648285,
  "provenance": {
    "md5sum": "22f653d60ef896ed01f01b2cbd8dddf3",
    "settings": {
      "testing": false
    },
    "software": "mriqc",
    "version": "23.0.0",
    "warnings": {
      "large_rot_frame": true,
      "small_air_mask": false
    },
    "webapi_port": null,
    "webapi_url": "https://mriqc.nimh.nih.gov/api/v1"
  },
  "qi_1": 0.0016675197198796478,
  "qi_2": 5.099276925105054e-05,
  "rpve_csf": 23.26922781492861,
  "rpve_gm": 13.550885026100321,
  "rpve_wm": 17.421536243459663,
  "size_x": 180,
  "size_y": 240,
  "size_z": 240,
  "snr_csf": 2.7588421195025687,
  "snr_gm": 14.36710016623232,
  "snr_total": 15.252708410278919,
  "snr_wm": 28.632182945101864,
  "snrd_csf": 12.77671419023197,
  "snrd_gm": 31.478956000298282,
  "snrd_total": 28.86265132910728,
  "snrd_wm": 42.33228379679158,
  "spacing_x": 1.0,
  "spacing_y": 1.0,
  "spacing_z": 1.0,
  "summary_bg_k": 242.76523016308653,
  "summary_bg_mad": 0.0,
  "summary_bg_mean": 5.10670081179156,
  "summary_bg_median": 0.0,
  "summary_bg_n": 684763.0,
  "summary_bg_p05": 0.0,
  "summary_bg_p95": 22.17603694088757,
  "summary_bg_stdv": 15.476046288558786,
  "summary_csf_k": 0.6517217900900287,
  "summary_csf_mad": 90.30862962606368,
  "summary_csf_mean": 303.1782110541564,
  "summary_csf_median": 301.8196214158088,
  "summary_csf_n": 50986.0,
  "summary_csf_p05": 99.78663880703971,
  "summary_csf_p95": 491.50985963549465,
  "summary_csf_stdv": 109.39975848538822,
  "summary_gm_k": 0.1726592683061856,
  "summary_gm_mad": 51.38249616655347,
  "summary_gm_mean": 743.0004961856599,
  "summary_gm_median": 743.6158030238003,
  "summary_gm_n": 24588.0,
  "summary_gm_p05": 657.1005163341761,
  "summary_gm_p95": 826.3868106945417,
  "summary_gm_stdv": 51.757186401406166,
  "summary_wm_k": 0.36761534574807087,
  "summary_wm_mad": 33.46827979971362,
  "summary_wm_mean": 1000.1959877132879,
  "summary_wm_median": 999.9999748747796,
  "summary_wm_n": 179180.0,
  "summary_wm_p05": 942.8905995823443,
  "summary_wm_p95": 1057.5957637391984,
  "summary_wm_stdv": 34.92563547453921,
  "tpm_overlap_csf": 0.16423194406662342,
  "tpm_overlap_gm": 0.46742061669187757,
  "tpm_overlap_wm": 0.5276515512965918,
  "wm2max": 0.8631817925952943
}