{
  "bids_meta": {
    "AcquisitionMatrixPE": 240,
    "AcquisitionNumber": 6,
    "AcquisitionTime": "12:57:20.700000",
    "BodyPartExamined": "BRAIN",
    "CoilString": "MULTI_COIL",
    "ConversionSoftware": "dcm2niix",
    "ConversionSoftwareVersion": "v1.0.20190410  (JP2:OpenJPEG) GCC6.3.0",
    "Dcm2bidsVersion": "2.1.4",
    "DeviceSerialNumber": "42451",
    "EchoTime": 0.331,
    "EchoTrainLength": 117,
    "FlipAngle": 90,
    "ImageOrientationPatientDICOM": [
      0,
      1,
      0,
      -0.00362181,
      0,
      -0.999993
    ],
    "ImageType": [
      "ORIGINAL",
      "PRIMARY",
      "M",
      "SE",
      "M",
      "SE"
    ],
    "ImagingFrequency": 127.759,
    "InPlanePhaseEncodingDirectionDICOM": "ROW",
    "InstitutionAddress": "Calzada_Mexico_Xochimilco_No.101_Tlalpan",
    "InstitutionName": "I.N._Psiquiatria",
    "InstitutionalDepartmentName": "Imagenes_Cerebrales",
    "MRAcquisitionType": "3D",
    "MagneticFieldStrength": 3,
    "Manufacturer": "Philips",
    "ManufacturersModelName": "Ingenia",
    "Modality": "MR",
    "PatientPosition": "HFS",
    "PercentPhaseFOV": 100,
    "PhaseEncodingSteps": 240,
    "PhilipsRescaleIntercept": 0,
    "PhilipsRescaleSlope": 1.41758,
    "PhilipsScaleSlope": 0.0034974,
    "PixelBandwidth": 413,
    "ProcedureStepDescription": "PROTOCOLO_FIBROMIALGIA",
    "ProtocolName": "WIP_T2W",
    "ReconMatrixPE": 240,
    "RepetitionTime": 2.5,
    "SAR": 0.030152,
    "ScanOptions": "FS",
    "ScanningSequence": "SE",
    "SequenceVariant": "SK",
    "SeriesDescription": "T2W",
    "SeriesNumber": 601,
    "SliceThickness": 1,
    "SoftwareVersions": "5.3.1_5.3.1.0",
    "SpacingBetweenSlices": 1,
    "StationName": "PHILIPS-CTMFQSD",
    "UsePhilipsFloatNotDisplayScaling": 1,
    "dataset": "ds004144",
    "modality": "T2w",
    "subject_id": "039"
  },
  "cjv": 0.4040621786307765,
  "cnr": 1.568497837596486,
  "efc": 0.49166442466478194,
  "fber": -1.0,
  "fwhm_avg": 2.764783333333334,
  "fwhm_x": 2.74331,
  "fwhm_y": 2.92574,
  "fwhm_z": 2.6253,
  "icvs_csf": 0.19284698773656458,
  "icvs_gm": 0.19535546311215776,
  "icvs_wm": 0.6117975491512777,
  "inu_med": 0.9129745066165924,
  "inu_range": 0.22233526408672333,
  "provenance": {
    "md5sum": "d24d194890821fb644b0dcbbf9594d5f",
    "settings": {
      "testing": false
    },
    "software": "mriqc",
    "version": "23.0.0",
    "warnings": {
      "large_rot_frame": true,
      "small_air_mask": false
    },
    "webapi_port": null,
    "webapi_url": "https://mriqc.nimh.nih.gov/api/v1"
  },
  "qi_1": 0.1113139154233666,
  "qi_2": 4.352653497692032e-06,
  "rpve_csf": 21.86549980303853,
  "rpve_gm": 32.05664003173875,
  "rpve_wm": 10.688844507073915,
  "size_x": 180,
  "size_y": 240,
  "size_z": 240,
  "snr_csf": 6.273373597145739,
  "snr_gm": 2.172628615484847,
  "snr_total": 6.208083576252775,
  "snr_wm": 10.178248516127738,
  "snrd_csf": 32.36698783510374,
  "snrd_gm": 70.09845402926598,
  "snrd_total": 40.61972493331361,
  "snrd_wm": 19.393732935571126,
  "spacing_x": 1.0,
  "spacing_y": 1.0,
  "spacing_z": 1.0,
  "summary_bg_k": 142.08961978172547,
  "summary_bg_mad": 0.0,
  "summary_bg_mean": 7.318677320445171,
  "summary_bg_median": 0.0,
  "summary_bg_n": 1276044.0,
  "summary_bg_p05": 0.0,
  "summary_bg_p95": 33.37717705965042,
  "summary_bg_stdv": 33.789160066437276,
  "summary_csf_k": 3.0564205447666435,
  "summary_csf_mad": 200.01234225799746,
  "summary_csf_mean": 1711.437397585014,
  "summary_csf_median": 1669.3521117568016,
  "summary_csf_n": 3581.0,
  "summary_csf_p05": 1383.5908618569374,
  "summary_csf_p95": 2215.142945498228,
  "summary_csf_stdv": 266.0640220140548,
  "summary_gm_k": -1.2039765957601434,
  "summary_gm_mad": 955.8786070434766,
  "summary_gm_mean": 2815.620777034272,
  "summary_gm_median": 3615.381290987134,
  "summary_gm_n": 58748.0,
  "summary_gm_p05": 112.87404951453209,
  "summary_gm_p95": 4472.101903586089,
  "summary_gm_stdv": 1664.0444182860997,
  "summary_wm_k": -0.0785304932688673,
  "summary_wm_mad": 100.79841989479823,
  "summary_wm_mean": 1000.6184619803257,
  "summary_wm_median": 1000.2465844452381,
  "summary_wm_n": 300295.0,
  "summary_wm_p05": 840.0196925997734,
  "summary_wm_p95": 1160.309056699276,
  "summary_wm_stdv": 98.27279393099663,
  "tpm_overlap_csf": 0.119539725965155,
  "tpm_overlap_gm": 0.11142217366162743,
  "tpm_overlap_wm": 0.45307975498600106,
  "wm2max": 0.22448753459945764
}