{
  "bids_meta": {
    "AcquisitionMatrixPE": 240,
    "AcquisitionNumber": 4,
    "AcquisitionTime": "11:19:37.690000",
    "BodyPartExamined": "BRAIN",
    "CoilString": "MULTI_COIL",
    "ConversionSoftware": "dcm2niix",
    "ConversionSoftwareVersion": "v1.0.20190410  (JP2:OpenJPEG) GCC6.3.0",
    "Dcm2bidsVersion": "2.1.4",
    "DeviceSerialNumber": "42451",
    "EchoTime": 0.0035,
    "EchoTrainLength": 240,
    "FlipAngle": 8,
    "ImageOrientationPatientDICOM": [
      0,
      1,
      0,
      0.030501,
      0,
      -0.999535
    ],
    "ImageType": [
      "ORIGINAL",
      "PRIMARY",
      "M",
      "FFE",
      "M",
      "FFE"
    ],
    "ImagingFrequency": 127.759,
    "InPlanePhaseEncodingDirectionDICOM": "ROW",
    "InstitutionAddress": "Calzada_Mexico_Xochimilco_No.101_Tlalpan",
    "InstitutionName": "I.N._Psiquiatria",
    "InstitutionalDepartmentName": "Imagenes_Cerebrales",
    "MRAcquisitionType": "3D",
    "MagneticFieldStrength": 3,
    "Manufacturer": "Philips",
    "ManufacturersModelName": "Ingenia",
    "Modality": "MR",
    "PatientPosition": "HFS",
    "PercentPhaseFOV": 100,
    "PhaseEncodingSteps": 240,
    "PhilipsRescaleIntercept": 0,
    "PhilipsRescaleSlope": 5.18584,
    "PhilipsScaleSlope": 0.00583278,
    "PixelBandwidth": 310,
    "ProcedureStepDescription": "PROTOCOLO_FIBROMIALGIA",
    "ProtocolName": "WIP_T1W",
    "ReconMatrixPE": 240,
    "RepetitionTime": 0.007,
    "SAR": 0.0382114,
    "ScanOptions": "OTHER",
    "ScanningSequence": "GR",
    "SequenceVariant": "MP",
    "SeriesDescription": "T1W",
    "SeriesNumber": 401,
    "SliceThickness": 1,
    "SoftwareVersions": "5.3.1_5.3.1.0",
    "SpacingBetweenSlices": 1,
    "StationName": "PHILIPS-CTMFQSD",
    "UsePhilipsFloatNotDisplayScaling": 1,
    "dataset": "ds004144",
    "modality": "T1w",
    "subject_id": "034"
  },
  "cjv": 0.32262004265769817,
  "cnr": 4.124253197936746,
  "efc": 0.6987068639633405,
  "fber": -1.0,
  "fwhm_avg": 4.517546666666667,
  "fwhm_x": 4.27534,
  "fwhm_y": 4.95671,
  "fwhm_z": 4.32059,
  "icvs_csf": 0.23079389843841402,
  "icvs_gm": 0.42687167369345824,
  "icvs_wm": 0.34233442786812773,
  "inu_med": 0.47768086194992065,
  "inu_range": 0.19291457533836365,
  "provenance": {
    "md5sum": "3a9b9a34162f335fa5ca0f8b7f3ab0ef",
    "settings": {
      "testing": false
    },
    "software": "mriqc",
    "version": "23.0.0",
    "warnings": {
      "large_rot_frame": true,
      "small_air_mask": false
    },
    "webapi_port": null,
    "webapi_url": "https://mriqc.nimh.nih.gov/api/v1"
  },
  "qi_1": 0.0,
  "qi_2": 6.0927394675230195e-05,
  "rpve_csf": 28.419896032198615,
  "rpve_gm": 15.620897695156417,
  "rpve_wm": 21.708267000227426,
  "size_x": 180,
  "size_y": 240,
  "size_z": 240,
  "snr_csf": 3.025971813404821,
  "snr_gm": 17.000143249158228,
  "snr_total": 15.70817833454326,
  "snr_wm": 27.098419941066734,
  "snrd_csf": 37.39838538354796,
  "snrd_gm": 91.92460272846873,
  "snrd_total": 83.43069288288673,
  "snrd_wm": 120.96909053664352,
  "spacing_x": 1.0,
  "spacing_y": 1.0,
  "spacing_z": 1.0,
  "summary_bg_k": 12.292789137953235,
  "summary_bg_mad": 0.0,
  "summary_bg_mean": 2.1155675738194124,
  "summary_bg_median": 0.0,
  "summary_bg_n": 395166.0,
  "summary_bg_p05": 0.0,
  "summary_bg_p95": 14.638655062764883,
  "summary_bg_stdv": 5.415801514840958,
  "summary_csf_k": 1.3311575226486356,
  "summary_csf_mad": 86.07248284114819,
  "summary_csf_mean": 307.29246935802763,
  "summary_csf_median": 309.1604011207819,
  "summary_csf_n": 39849.0,
  "summary_csf_p05": 107.44173280708493,
  "summary_csf_p95": 472.80857401527464,
  "summary_csf_stdv": 102.16768066976198,
  "summary_gm_k": 0.365359038815396,
  "summary_gm_mad": 42.7769869541851,
  "summary_gm_mean": 759.445623169881,
  "summary_gm_median": 759.9110699817538,
  "summary_gm_n": 37305.0,
  "summary_gm_p05": 685.8934335466474,
  "summary_gm_p95": 831.9302552137524,
  "summary_gm_stdv": 44.69967538896777,
  "summary_wm_k": 0.41655663171212653,
  "summary_wm_mad": 34.68454396761415,
  "summary_wm_mean": 1001.443297414937,
  "summary_wm_median": 1000.0124917151406,
  "summary_wm_n": 147294.0,
  "summary_wm_p05": 943.2689678668976,
  "summary_wm_p95": 1065.5991621371359,
  "summary_wm_stdv": 36.90285630196814,
  "tpm_overlap_csf": 0.15137754694996153,
  "tpm_overlap_gm": 0.46873616322643336,
  "tpm_overlap_wm": 0.503135196657108,
  "wm2max": 0.8161698577684817
}