{
  "bids_meta": {
    "AcquisitionMatrixPE": 240,
    "AcquisitionNumber": 5,
    "AcquisitionTime": "11:23:18.940000",
    "BodyPartExamined": "BRAIN",
    "CoilString": "MULTI_COIL",
    "ConversionSoftware": "dcm2niix",
    "ConversionSoftwareVersion": "v1.0.20190410  (JP2:OpenJPEG) GCC6.3.0",
    "Dcm2bidsVersion": "2.1.4",
    "DeviceSerialNumber": "42451",
    "EchoTime": 0.331,
    "EchoTrainLength": 117,
    "FlipAngle": 90,
    "ImageOrientationPatientDICOM": [
      0,
      1,
      0,
      0.030501,
      0,
      -0.999535
    ],
    "ImageType": [
      "ORIGINAL",
      "PRIMARY",
      "M",
      "SE",
      "M",
      "SE"
    ],
    "ImagingFrequency": 127.759,
    "InPlanePhaseEncodingDirectionDICOM": "ROW",
    "InstitutionAddress": "Calzada_Mexico_Xochimilco_No.101_Tlalpan",
    "InstitutionName": "I.N._Psiquiatria",
    "InstitutionalDepartmentName": "Imagenes_Cerebrales",
    "MRAcquisitionType": "3D",
    "MagneticFieldStrength": 3,
    "Manufacturer": "Philips",
    "ManufacturersModelName": "Ingenia",
    "Modality": "MR",
    "PatientPosition": "HFS",
    "PercentPhaseFOV": 100,
    "PhaseEncodingSteps": 240,
    "PhilipsRescaleIntercept": 0,
    "PhilipsRescaleSlope": 1.32576,
    "PhilipsScaleSlope": 0.00300022,
    "PixelBandwidth": 413,
    "ProcedureStepDescription": "PROTOCOLO_FIBROMIALGIA",
    "ProtocolName": "WIP_T2W",
    "ReconMatrixPE": 240,
    "RepetitionTime": 2.5,
    "SAR": 0.030152,
    "ScanOptions": "FS",
    "ScanningSequence": "SE",
    "SequenceVariant": "SK",
    "SeriesDescription": "T2W",
    "SeriesNumber": 501,
    "SliceThickness": 1,
    "SoftwareVersions": "5.3.1_5.3.1.0",
    "SpacingBetweenSlices": 1,
    "StationName": "PHILIPS-CTMFQSD",
    "UsePhilipsFloatNotDisplayScaling": 1,
    "dataset": "ds004144",
    "modality": "T2w",
    "subject_id": "034"
  },
  "cjv": 0.3488225820731223,
  "cnr": 1.4816892885696544,
  "efc": 0.47780384165769724,
  "fber": -1.0,
  "fwhm_avg": 2.673083333333333,
  "fwhm_x": 2.62059,
  "fwhm_y": 2.85861,
  "fwhm_z": 2.54005,
  "icvs_csf": 0.1503439050587631,
  "icvs_gm": 0.6966833889461491,
  "icvs_wm": 0.15297270599508778,
  "inu_med": 0.8552371263504028,
  "inu_range": 0.1669990360736846,
  "provenance": {
    "md5sum": "691b76f4d761726005002591fb6b3524",
    "settings": {
      "testing": false
    },
    "software": "mriqc",
    "version": "23.0.0",
    "warnings": {
      "large_rot_frame": true,
      "small_air_mask": false
    },
    "webapi_port": null,
    "webapi_url": "https://mriqc.nimh.nih.gov/api/v1"
  },
  "qi_1": 0.11487366744414258,
  "qi_2": 1.0408792538490375e-05,
  "rpve_csf": 31.214358449052327,
  "rpve_gm": 11.182734464897498,
  "rpve_wm": 49.34267620331941,
  "size_x": 180,
  "size_y": 240,
  "size_z": 240,
  "snr_csf": 4.584748620137689,
  "snr_gm": 9.244349947901513,
  "snr_total": 5.335920252127859,
  "snr_wm": 2.1786621883443726,
  "snrd_csf": 91.96254113787808,
  "snrd_gm": 45.36762910547731,
  "snrd_total": 93.33533147242542,
  "snrd_wm": 142.6758241739209,
  "spacing_x": 1.0,
  "spacing_y": 1.0,
  "spacing_z": 1.0,
  "summary_bg_k": 301.50643668934424,
  "summary_bg_mad": 0.0,
  "summary_bg_mean": 1.1387763081257574,
  "summary_bg_median": 0.0,
  "summary_bg_n": 982829.0,
  "summary_bg_p05": 0.0,
  "summary_bg_p95": 7.994136612862349,
  "summary_bg_stdv": 4.5907957554547725,
  "summary_csf_k": 1.435506525572161,
  "summary_csf_mad": 127.50451975543506,
  "summary_csf_mean": 637.5707372320016,
  "summary_csf_median": 644.4173206016421,
  "summary_csf_n": 2147.0,
  "summary_csf_p05": 420.7046325091273,
  "summary_csf_p95": 851.6765509907154,
  "summary_csf_stdv": 140.5240030815,
  "summary_gm_k": -0.147473184707549,
  "summary_gm_mad": 35.38250423213323,
  "summary_gm_mean": 318.3257783390046,
  "summary_gm_median": 317.9086357168853,
  "summary_gm_n": 320103.0,
  "summary_gm_p05": 263.1028678379953,
  "summary_gm_p95": 375.45078287646174,
  "summary_gm_stdv": 34.38945311846986,
  "summary_wm_k": -1.2839925657978248,
  "summary_wm_mad": 202.47138171164198,
  "summary_wm_mean": 750.7951026871982,
  "summary_wm_median": 999.7850341144949,
  "summary_wm_n": 36678.0,
  "summary_wm_p05": 26.73833468556404,
  "summary_wm_p95": 1186.8654218651354,
  "summary_wm_stdv": 458.8923469414664,
  "tpm_overlap_csf": 0.12946198692692915,
  "tpm_overlap_gm": 0.4202965950062401,
  "tpm_overlap_wm": 0.03418140604152399,
  "wm2max": 0.8514323214255535
}