{
  "aor": 0.000507937649880096,
  "aqi": 0.019153765959232613,
  "bids_meta": {
    "AcquisitionDateTime": "2019-10-18T12:55:54.859375",
    "ConversionSoftware": "dcm2niix",
    "ConversionSoftwareVersion": "v1.0.20170130",
    "EchoTime": 0.030001,
    "FlipAngle": 75,
    "ImageType": [
      "ORIGINAL",
      "PRIMARY",
      "M",
      "FFE",
      "M",
      "FFE"
    ],
    "MagneticFieldStrength": 3,
    "Manufacturer": "Philips",
    "ManufacturersModelName": "Ingenia",
    "ProcedureStepDescription": "FIBROMIALGIA",
    "ProtocolName": "WIP_TASK_FMRI",
    "RepetitionTime": 2,
    "SliceTiming": [
      0.0,
      1.027027,
      0.054054,
      1.081081,
      0.108108,
      1.13513,
      0.162162,
      1.189189,
      0.216216,
      1.243244,
      0.27027,
      1.297298,
      0.324324,
      1.351352,
      0.378378,
      1.405406,
      0.432432,
      1.45946,
      0.486486,
      1.513514,
      0.540541,
      1.567568,
      0.594595,
      1.621622,
      0.648649,
      1.675676,
      0.702703,
      1.72973,
      0.756757,
      1.783784,
      0.810811,
      1.837838,
      0.864865,
      1.891892,
      0.918919,
      1.945947,
      0.972973
    ],
    "TaskName": "epr",
    "dataset": "ds004144",
    "modality": "bold",
    "subject_id": "077",
    "task_id": "epr"
  },
  "dummy_trs": 0,
  "dvars_nstd": 30.948896044021634,
  "dvars_std": 1.1528766571308529,
  "dvars_vstd": 0.912584961368547,
  "efc": 0.3904951679230906,
  "fber": 106394.03125,
  "fd_mean": 0.15754667442132764,
  "fd_num": 196,
  "fd_perc": 23.501199040767386,
  "fwhm_avg": 1.9170677777777776,
  "fwhm_x": 1.8353933333333332,
  "fwhm_y": 2.046656666666667,
  "fwhm_z": 1.8691533333333332,
  "gcor": 0.156366,
  "gsr_x": -0.016620542854070663,
  "gsr_y": 0.01718730293214321,
  "provenance": {
    "md5sum": "f68b7e58dc01fdf02030cf4af79bbea4",
    "settings": {
      "fd_thres": 0.2,
      "testing": false
    },
    "software": "mriqc",
    "version": "23.0.0",
    "webapi_port": null,
    "webapi_url": "https://mriqc.nimh.nih.gov/api/v1"
  },
  "size_t": 834,
  "size_x": 80,
  "size_y": 80,
  "size_z": 37,
  "snr": 4.796923247954194,
  "spacing_tr": 2.0000016689300537,
  "spacing_x": 3.0,
  "spacing_y": 3.0,
  "spacing_z": 3.0,
  "summary_bg_k": 106.09517654206579,
  "summary_bg_mad": 206.99354515923,
  "summary_bg_mean": 1221.0699462890625,
  "summary_bg_median": 179.4274444580078,
  "summary_bg_n": 167979.0,
  "summary_bg_p05": 19.632242202758786,
  "summary_bg_p95": 5403.548339843751,
  "summary_bg_stdv": 3658.359130859375,
  "summary_fg_k": 3.107439008067872,
  "summary_fg_mad": 10112.954247847407,
  "summary_fg_mean": 60237.34375,
  "summary_fg_median": 58891.87109375,
  "summary_fg_n": 30008.0,
  "summary_fg_p05": 43161.245703125,
  "summary_fg_p95": 81927.40390625,
  "summary_fg_stdv": 12276.8046875,
  "tsnr": 31.05733299255371
}