{
  "bids_meta": {
    "AcquisitionMatrixPE": 240,
    "AcquisitionNumber": 4,
    "AcquisitionTime": "10:30:21.170000",
    "BodyPartExamined": "BRAIN",
    "CoilString": "MULTI_COIL",
    "ConversionSoftware": "dcm2niix",
    "ConversionSoftwareVersion": "v1.0.20190410  (JP2:OpenJPEG) GCC6.3.0",
    "Dcm2bidsVersion": "2.1.4",
    "DeviceSerialNumber": "42451",
    "EchoTime": 0.0035,
    "EchoTrainLength": 240,
    "FlipAngle": 8,
    "ImageOrientationPatientDICOM": [
      0,
      1,
      0,
      0.000628669,
      0,
      -1
    ],
    "ImageType": [
      "ORIGINAL",
      "PRIMARY",
      "M",
      "FFE",
      "M",
      "FFE"
    ],
    "ImagingFrequency": 127.759,
    "InPlanePhaseEncodingDirectionDICOM": "ROW",
    "InstitutionAddress": "Calzada_Mexico_Xochimilco_No.101_Tlalpan",
    "InstitutionName": "I.N._Psiquiatria",
    "InstitutionalDepartmentName": "Imagenes_Cerebrales",
    "MRAcquisitionType": "3D",
    "MagneticFieldStrength": 3,
    "Manufacturer": "Philips",
    "ManufacturersModelName": "Ingenia",
    "Modality": "MR",
    "PatientPosition": "HFS",
    "PercentPhaseFOV": 100,
    "PhaseEncodingSteps": 240,
    "PhilipsRescaleIntercept": 0,
    "PhilipsRescaleSlope": 3.51209,
    "PhilipsScaleSlope": 0.00624951,
    "PixelBandwidth": 310,
    "ProcedureStepDescription": "PROTOCOLO_FIBROMIALGIA",
    "ProtocolName": "WIP_T1W",
    "ReconMatrixPE": 240,
    "RepetitionTime": 0.007,
    "SAR": 0.0382114,
    "ScanOptions": "OTHER",
    "ScanningSequence": "GR",
    "SequenceVariant": "MP",
    "SeriesDescription": "T1W",
    "SeriesNumber": 401,
    "SliceThickness": 1,
    "SoftwareVersions": "5.3.1_5.3.1.0",
    "SpacingBetweenSlices": 1,
    "StationName": "PHILIPS-CTMFQSD",
    "UsePhilipsFloatNotDisplayScaling": 1,
    "dataset": "ds004144",
    "modality": "T1w",
    "subject_id": "055"
  },
  "cjv": 0.3654219417868431,
  "cnr": 3.672791198179887,
  "efc": 0.694138134598453,
  "fber": -1.0,
  "fwhm_avg": 4.570203333333334,
  "fwhm_x": 4.43552,
  "fwhm_y": 4.95316,
  "fwhm_z": 4.32193,
  "icvs_csf": 0.2148819387067931,
  "icvs_gm": 0.40667434711695516,
  "icvs_wm": 0.3784437141762517,
  "inu_med": 0.39342209696769714,
  "inu_range": 0.14125415682792664,
  "provenance": {
    "md5sum": "41e06d62642c5e621998b22b86d16a77",
    "settings": {
      "testing": false
    },
    "software": "mriqc",
    "version": "23.0.0",
    "warnings": {
      "large_rot_frame": true,
      "small_air_mask": false
    },
    "webapi_port": null,
    "webapi_url": "https://mriqc.nimh.nih.gov/api/v1"
  },
  "qi_1": 0.0,
  "qi_2": 4.781611695462789e-05,
  "rpve_csf": 27.335591926325332,
  "rpve_gm": 14.552602162633567,
  "rpve_wm": 18.02158430702968,
  "size_x": 180,
  "size_y": 240,
  "size_z": 240,
  "snr_csf": 2.906044680954076,
  "snr_gm": 15.00362684411258,
  "snr_total": 14.727611542442723,
  "snr_wm": 26.273163102261517,
  "snrd_csf": 14.505490177157224,
  "snrd_gm": 36.37247479254879,
  "snrd_total": 32.878739275574645,
  "snrd_wm": 47.75825285701792,
  "spacing_x": 1.0,
  "spacing_y": 1.0,
  "spacing_z": 1.0,
  "summary_bg_k": 115.02880160901962,
  "summary_bg_mad": 0.0,
  "summary_bg_mean": 5.748785673200479,
  "summary_bg_median": 0.0,
  "summary_bg_n": 538412.0,
  "summary_bg_p05": 0.0,
  "summary_bg_p95": 22.93535051867366,
  "summary_bg_stdv": 13.718403453613591,
  "summary_csf_k": 0.999724119594116,
  "summary_csf_mad": 85.73717705244847,
  "summary_csf_mean": 314.8894922716952,
  "summary_csf_median": 303.7415819708258,
  "summary_csf_n": 41082.0,
  "summary_csf_p05": 154.07790974713862,
  "summary_csf_p95": 510.0651458348147,
  "summary_csf_stdv": 104.51934451211544,
  "summary_gm_k": 0.08687766300288224,
  "summary_gm_mad": 50.69435670629425,
  "summary_gm_mean": 762.6818943260969,
  "summary_gm_median": 761.6311409510672,
  "summary_gm_n": 31804.0,
  "summary_gm_p05": 680.9405139251612,
  "summary_gm_p95": 846.6659382381476,
  "summary_gm_stdv": 50.76233732975969,
  "summary_wm_k": 0.4119644478691402,
  "summary_wm_mad": 36.42791205944095,
  "summary_wm_mean": 1001.9901593880672,
  "summary_wm_median": 1000.04667872563,
  "summary_wm_n": 186235.0,
  "summary_wm_p05": 942.9652157239616,
  "summary_wm_p95": 1067.6849425770342,
  "summary_wm_stdv": 38.063326822290406,
  "tpm_overlap_csf": 0.15229482751416729,
  "tpm_overlap_gm": 0.46562750286815713,
  "tpm_overlap_wm": 0.5249601331528488,
  "wm2max": 0.8002616577889917
}