{
  "aor": 0.0006105635491606714,
  "aqi": 0.01807664809352518,
  "bids_meta": {
    "AcquisitionMatrixPE": 78,
    "AcquisitionNumber": 10,
    "AcquisitionTime": "10:18:52.470000",
    "BodyPartExamined": "BRAIN",
    "CoilString": "MULTI_COIL",
    "ConversionSoftware": "dcm2niix",
    "ConversionSoftwareVersion": "v1.0.20190410  (JP2:OpenJPEG) GCC6.3.0",
    "Dcm2bidsVersion": "2.1.4",
    "DeviceSerialNumber": "42451",
    "EchoTime": 0.030001,
    "EchoTrainLength": 39,
    "FlipAngle": 75,
    "ImageOrientationPatientDICOM": [
      0.999999,
      5.22846e-06,
      0.00123766,
      -7.01513e-06,
      0.999999,
      0.00144359
    ],
    "ImageType": [
      "ORIGINAL",
      "PRIMARY",
      "M",
      "FFE",
      "M",
      "FFE"
    ],
    "ImagingFrequency": 127.759,
    "InPlanePhaseEncodingDirectionDICOM": "COL",
    "InstitutionAddress": "Calzada_Mexico_Xochimilco_No.101_Tlalpan",
    "InstitutionName": "I.N._Psiquiatria",
    "InstitutionalDepartmentName": "Imagenes_Cerebrales",
    "MRAcquisitionType": "2D",
    "MagneticFieldStrength": 3,
    "Manufacturer": "Philips",
    "ManufacturersModelName": "Ingenia",
    "Modality": "MR",
    "PartialFourier": 0.5,
    "PatientPosition": "HFS",
    "PercentPhaseFOV": 100,
    "PhaseEncodingAxis": "j",
    "PhaseEncodingSteps": 78,
    "PhilipsRescaleIntercept": 0,
    "PhilipsRescaleSlope": 0.790476,
    "PhilipsScaleSlope": 0.0225327,
    "PixelBandwidth": 2071,
    "ProcedureStepDescription": "PROTOCOLO_FIBROMIALGIA",
    "ProtocolName": "WIP_TASK_FMRI",
    "ReconMatrixPE": 80,
    "RepetitionTime": 2,
    "SAR": 0.117749,
    "ScanOptions": "FS",
    "ScanningSequence": "GR",
    "SequenceVariant": "SK",
    "SeriesDescription": "TASK_FMRI",
    "SeriesNumber": 1001,
    "SliceThickness": 3,
    "SliceTiming": [
      0,
      1.027027,
      0.054054,
      1.081081,
      0.108108,
      1.13513,
      0.162162,
      1.189189,
      0.216216,
      1.243244,
      0.27027,
      1.297298,
      0.324324,
      1.351352,
      0.378378,
      1.405406,
      0.432432,
      1.45946,
      0.486486,
      1.513514,
      0.540541,
      1.567568,
      0.594595,
      1.621622,
      0.648649,
      1.675676,
      0.702703,
      1.72973,
      0.756757,
      1.783784,
      0.810811,
      1.837838,
      0.864865,
      1.891892,
      0.918919,
      1.945947,
      0.972973
    ],
    "SoftwareVersions": "5.3.1_5.3.1.0",
    "SpacingBetweenSlices": 3,
    "StationName": "PHILIPS-CTMFQSD",
    "TaskName": "epr",
    "UsePhilipsFloatNotDisplayScaling": 1,
    "dataset": "ds004144",
    "modality": "bold",
    "subject_id": "016",
    "task_id": "epr"
  },
  "dummy_trs": 0,
  "dvars_nstd": 30.935330289027622,
  "dvars_std": 1.247999863061224,
  "dvars_vstd": 0.9254957521008412,
  "efc": 0.3873448529922258,
  "fber": 167799.109375,
  "fd_mean": 0.15200589890124191,
  "fd_num": 135,
  "fd_perc": 16.18705035971223,
  "fwhm_avg": 2.0887055555555554,
  "fwhm_x": 1.9931966666666667,
  "fwhm_y": 2.1831166666666664,
  "fwhm_z": 2.0898033333333332,
  "gcor": 0.0481038,
  "gsr_x": -0.019227847456932068,
  "gsr_y": 0.004051295109093189,
  "provenance": {
    "md5sum": "a2869fa64804b62af14e63145fa58a70",
    "settings": {
      "fd_thres": 0.2,
      "testing": false
    },
    "software": "mriqc",
    "version": "23.0.0",
    "webapi_port": null,
    "webapi_url": "https://mriqc.nimh.nih.gov/api/v1"
  },
  "size_t": 834,
  "size_x": 80,
  "size_y": 80,
  "size_z": 37,
  "snr": 4.6662503401236926,
  "spacing_tr": 2.0000016689300537,
  "spacing_x": 3.0,
  "spacing_y": 3.0,
  "spacing_z": 3.0,
  "summary_bg_k": 49.72567453360074,
  "summary_bg_mad": 155.09817767929388,
  "summary_bg_mean": 1242.1094970703125,
  "summary_bg_median": 144.18641662597656,
  "summary_bg_n": 168560.0,
  "summary_bg_p05": 15.615433883666993,
  "summary_bg_p95": 6112.892016601556,
  "summary_bg_stdv": 3750.982177734375,
  "summary_fg_k": 1.3195750238474462,
  "summary_fg_mad": 11244.611200978425,
  "summary_fg_mean": 61408.58984375,
  "summary_fg_median": 61012.9296875,
  "summary_fg_n": 29300.0,
  "summary_fg_p05": 40569.1943359375,
  "summary_fg_p95": 83262.4828125,
  "summary_fg_stdv": 13075.142578125,
  "tsnr": 31.51090431213379
}