{
  "bids_meta": {
    "AcquisitionMatrixPE": 240,
    "AcquisitionNumber": 5,
    "AcquisitionTime": "12:06:46.550000",
    "BodyPartExamined": "BRAIN",
    "CoilString": "MULTI_COIL",
    "ConversionSoftware": "dcm2niix",
    "ConversionSoftwareVersion": "v1.0.20190410  (JP2:OpenJPEG) GCC6.3.0",
    "Dcm2bidsVersion": "2.1.4",
    "DeviceSerialNumber": "42451",
    "EchoTime": 0.331,
    "EchoTrainLength": 117,
    "FlipAngle": 90,
    "ImageOrientationPatientDICOM": [
      0,
      1,
      0,
      0.000581622,
      0,
      -1
    ],
    "ImageType": [
      "ORIGINAL",
      "PRIMARY",
      "M",
      "SE",
      "M",
      "SE"
    ],
    "ImagingFrequency": 127.759,
    "InPlanePhaseEncodingDirectionDICOM": "ROW",
    "InstitutionAddress": "Calzada_Mexico_Xochimilco_No.101_Tlalpan",
    "InstitutionName": "I.N._Psiquiatria",
    "InstitutionalDepartmentName": "Imagenes_Cerebrales",
    "MRAcquisitionType": "3D",
    "MagneticFieldStrength": 3,
    "Manufacturer": "Philips",
    "ManufacturersModelName": "Ingenia",
    "Modality": "MR",
    "PatientPosition": "HFS",
    "PercentPhaseFOV": 100,
    "PhaseEncodingSteps": 240,
    "PhilipsRescaleIntercept": 0,
    "PhilipsRescaleSlope": 1.37851,
    "PhilipsScaleSlope": 0.00335554,
    "PixelBandwidth": 413,
    "ProcedureStepDescription": "PROTOCOLO_FIBROMIALGIA",
    "ProtocolName": "WIP_T2W",
    "ReconMatrixPE": 240,
    "RepetitionTime": 2.5,
    "SAR": 0.030152,
    "ScanOptions": "FS",
    "ScanningSequence": "SE",
    "SequenceVariant": "SK",
    "SeriesDescription": "T2W",
    "SeriesNumber": 501,
    "SliceThickness": 1,
    "SoftwareVersions": "5.3.1_5.3.1.0",
    "SpacingBetweenSlices": 1,
    "StationName": "PHILIPS-CTMFQSD",
    "UsePhilipsFloatNotDisplayScaling": 1,
    "dataset": "ds004144",
    "modality": "T2w",
    "subject_id": "044"
  },
  "cjv": 1.1805440415604878,
  "cnr": 1.0005721416799045,
  "efc": 0.5083164404119278,
  "fber": -1.0,
  "fwhm_avg": 2.4825133333333333,
  "fwhm_x": 2.4904,
  "fwhm_y": 2.58577,
  "fwhm_z": 2.37137,
  "icvs_csf": 0.2941883102634727,
  "icvs_gm": 0.19469858829270945,
  "icvs_wm": 0.5111131014438178,
  "inu_med": 0.8442448079586029,
  "inu_range": 0.14971460998058306,
  "provenance": {
    "md5sum": "5899086ef44c7bc70e2f5cc76f73fdcb",
    "settings": {
      "testing": false
    },
    "software": "mriqc",
    "version": "23.0.0",
    "warnings": {
      "large_rot_frame": true,
      "small_air_mask": false
    },
    "webapi_port": null,
    "webapi_url": "https://mriqc.nimh.nih.gov/api/v1"
  },
  "qi_1": 0.05379231504007729,
  "qi_2": 2.2169578676519443e-05,
  "rpve_csf": 16.195766635254532,
  "rpve_gm": 29.98642649473947,
  "rpve_wm": 11.97852495792297,
  "size_x": 180,
  "size_y": 240,
  "size_z": 240,
  "snr_csf": 10.065211930950213,
  "snr_gm": 1.6659975891404302,
  "snr_total": 7.870099619587599,
  "snr_wm": 11.87908933867215,
  "snrd_csf": 56.38352960595005,
  "snrd_gm": 91.54172105530132,
  "snrd_total": 61.46645388498138,
  "snrd_wm": 36.47411099369276,
  "spacing_x": 1.0,
  "spacing_y": 1.0,
  "spacing_z": 1.0,
  "summary_bg_k": 377.22705587393637,
  "summary_bg_mad": 0.0,
  "summary_bg_mean": 3.526244593679474,
  "summary_bg_median": 0.0,
  "summary_bg_n": 1196098.0,
  "summary_bg_p05": 0.0,
  "summary_bg_p95": 25.954883359372616,
  "summary_bg_stdv": 17.962833560859604,
  "summary_csf_k": 0.7310827822534955,
  "summary_csf_mad": 148.5072588553544,
  "summary_csf_mean": 1550.1582148385603,
  "summary_csf_median": 1545.9497562423348,
  "summary_csf_n": 13671.0,
  "summary_csf_p05": 1316.136887781322,
  "summary_csf_p95": 1805.8831066265702,
  "summary_csf_stdv": 153.58774605083454,
  "summary_gm_k": -1.7488715680025773,
  "summary_gm_mad": 1697.2393889527805,
  "summary_gm_mean": 2020.6640638812655,
  "summary_gm_median": 2509.9333500489593,
  "summary_gm_n": 46503.0,
  "summary_gm_p05": 84.78595230728388,
  "summary_gm_p95": 3721.3342727087443,
  "summary_gm_stdv": 1506.5486165615032,
  "summary_wm_k": 0.003075361568698032,
  "summary_wm_mad": 85.22777427591356,
  "summary_wm_mean": 998.2515942717141,
  "summary_wm_median": 1000.0640859827399,
  "summary_wm_n": 208067.0,
  "summary_wm_p05": 855.4216866195202,
  "summary_wm_p95": 1130.0948473066092,
  "summary_wm_stdv": 84.18672965932497,
  "tpm_overlap_csf": 0.1114626586116649,
  "tpm_overlap_gm": 0.1125568390899335,
  "tpm_overlap_wm": 0.46828399690789746,
  "wm2max": 0.26802583215966475
}