{
  "bids_meta": {
    "AcquisitionMatrixPE": 240,
    "AcquisitionNumber": 5,
    "AcquisitionTime": "11:19:18.330000",
    "BodyPartExamined": "BRAIN",
    "CoilString": "MULTI_COIL",
    "ConversionSoftware": "dcm2niix",
    "ConversionSoftwareVersion": "v1.0.20190410  (JP2:OpenJPEG) GCC6.3.0",
    "Dcm2bidsVersion": "2.1.4",
    "DeviceSerialNumber": "42451",
    "EchoTime": 0.331,
    "EchoTrainLength": 117,
    "FlipAngle": 90,
    "ImageOrientationPatientDICOM": [
      0,
      1,
      0,
      -0.00362181,
      0,
      -0.999993
    ],
    "ImageType": [
      "ORIGINAL",
      "PRIMARY",
      "M",
      "SE",
      "M",
      "SE"
    ],
    "ImagingFrequency": 127.759,
    "InPlanePhaseEncodingDirectionDICOM": "ROW",
    "InstitutionAddress": "Calzada_Mexico_Xochimilco_No.101_Tlalpan",
    "InstitutionName": "I.N._Psiquiatria",
    "InstitutionalDepartmentName": "Imagenes_Cerebrales",
    "MRAcquisitionType": "3D",
    "MagneticFieldStrength": 3,
    "Manufacturer": "Philips",
    "ManufacturersModelName": "Ingenia",
    "Modality": "MR",
    "PatientPosition": "HFS",
    "PercentPhaseFOV": 100,
    "PhaseEncodingSteps": 240,
    "PhilipsRescaleIntercept": 0,
    "PhilipsRescaleSlope": 1.35604,
    "PhilipsScaleSlope": 0.00319833,
    "PixelBandwidth": 413,
    "ProcedureStepDescription": "PROTOCOLO_FIBROMIALGIA",
    "ProtocolName": "WIP_T2W",
    "ReconMatrixPE": 240,
    "RepetitionTime": 2.5,
    "SAR": 0.030152,
    "ScanOptions": "FS",
    "ScanningSequence": "SE",
    "SequenceVariant": "SK",
    "SeriesDescription": "T2W",
    "SeriesNumber": 501,
    "SliceThickness": 1,
    "SoftwareVersions": "5.3.1_5.3.1.0",
    "SpacingBetweenSlices": 1,
    "StationName": "PHILIPS-CTMFQSD",
    "UsePhilipsFloatNotDisplayScaling": 1,
    "dataset": "ds004144",
    "modality": "T2w",
    "subject_id": "031"
  },
  "cjv": 0.4393791736835763,
  "cnr": 1.4743472978575862,
  "efc": 0.48319016662216485,
  "fber": -1.0,
  "fwhm_avg": 2.5995733333333333,
  "fwhm_x": 2.66275,
  "fwhm_y": 2.68295,
  "fwhm_z": 2.45302,
  "icvs_csf": 0.1824905082659727,
  "icvs_gm": 0.1876921942334921,
  "icvs_wm": 0.6298172975005352,
  "inu_med": 0.8432213068008423,
  "inu_range": 0.18214427232742303,
  "provenance": {
    "md5sum": "f90208321269eb44bc9a45dea07076ce",
    "settings": {
      "testing": false
    },
    "software": "mriqc",
    "version": "23.0.0",
    "warnings": {
      "large_rot_frame": true,
      "small_air_mask": false
    },
    "webapi_port": null,
    "webapi_url": "https://mriqc.nimh.nih.gov/api/v1"
  },
  "qi_1": 0.132018455352504,
  "qi_2": 1.1699556059766669e-05,
  "rpve_csf": 22.983709469500294,
  "rpve_gm": 34.42996112834303,
  "rpve_wm": 10.435616313047896,
  "size_x": 180,
  "size_y": 240,
  "size_z": 240,
  "snr_csf": 6.6736523741266405,
  "snr_gm": 2.209626338129419,
  "snr_total": 6.229341275663124,
  "snr_wm": 9.804745114733313,
  "snrd_csf": 95.52695209967078,
  "snrd_gm": 181.63332909316784,
  "snrd_total": 112.42060956394016,
  "snrd_wm": 60.10154749898183,
  "spacing_x": 1.0,
  "spacing_y": 1.0,
  "spacing_z": 1.0,
  "summary_bg_k": 464.4760858838575,
  "summary_bg_mad": 0.0,
  "summary_bg_mean": 1.9860945271528971,
  "summary_bg_median": 0.0,
  "summary_bg_n": 1011692.0,
  "summary_bg_p05": 0.0,
  "summary_bg_p95": 13.395639006048441,
  "summary_bg_stdv": 10.90592494619102,
  "summary_csf_k": 4.564969525090525,
  "summary_csf_mad": 149.69202259579458,
  "summary_csf_mean": 1628.7321279605608,
  "summary_csf_median": 1590.2181132622063,
  "summary_csf_n": 3682.0,
  "summary_csf_p05": 1351.7072031270714,
  "summary_csf_p95": 2085.0966318540277,
  "summary_csf_stdv": 238.25067063427807,
  "summary_gm_k": -1.1506660255222818,
  "summary_gm_mad": 782.9617917444955,
  "summary_gm_mean": 2362.2929380175324,
  "summary_gm_median": 3023.613792207092,
  "summary_gm_n": 47555.0,
  "summary_gm_p05": 88.0373856537044,
  "summary_gm_p95": 3659.5016605593264,
  "summary_gm_stdv": 1368.36801279998,
  "summary_wm_k": -0.16618765079277686,
  "summary_wm_mad": 105.95294657042666,
  "summary_wm_mean": 1001.1917457661835,
  "summary_wm_median": 1000.4984705075622,
  "summary_wm_n": 296118.0,
  "summary_wm_p05": 835.5140421912074,
  "summary_wm_p95": 1167.1651418618858,
  "summary_wm_stdv": 102.0420999669821,
  "tpm_overlap_csf": 0.11877141833554859,
  "tpm_overlap_gm": 0.10735466490785313,
  "tpm_overlap_wm": 0.4568265616019437,
  "wm2max": 0.2720818719395449
}