{
  "aor": 0.002058146811070999,
  "aqi": 0.025148667797833934,
  "bids_meta": {
    "AcquisitionMatrixPE": 78,
    "AcquisitionNumber": 8,
    "AcquisitionTime": "13:18:37.170000",
    "BodyPartExamined": "BRAIN",
    "CoilString": "MULTI_COIL",
    "ConversionSoftware": "dcm2niix",
    "ConversionSoftwareVersion": "v1.0.20190410  (JP2:OpenJPEG) GCC6.3.0",
    "Dcm2bidsVersion": "2.1.4",
    "DeviceSerialNumber": "42451",
    "EchoTime": 0.030001,
    "EchoTrainLength": 39,
    "FlipAngle": 75,
    "ImageOrientationPatientDICOM": [
      1,
      0,
      0.00058225,
      0,
      1,
      0
    ],
    "ImageType": [
      "ORIGINAL",
      "PRIMARY",
      "M",
      "FFE",
      "M",
      "FFE"
    ],
    "ImagingFrequency": 127.759,
    "InPlanePhaseEncodingDirectionDICOM": "COL",
    "InstitutionAddress": "Calzada_Mexico_Xochimilco_No.101_Tlalpan",
    "InstitutionName": "I.N._Psiquiatria",
    "InstitutionalDepartmentName": "Imagenes_Cerebrales",
    "MRAcquisitionType": "2D",
    "MagneticFieldStrength": 3,
    "Manufacturer": "Philips",
    "ManufacturersModelName": "Ingenia",
    "Modality": "MR",
    "PartialFourier": 0.5,
    "PatientPosition": "HFS",
    "PercentPhaseFOV": 100,
    "PhaseEncodingAxis": "j",
    "PhaseEncodingSteps": 78,
    "PhilipsRescaleIntercept": 0,
    "PhilipsRescaleSlope": 0.828816,
    "PhilipsScaleSlope": 0.024687,
    "PixelBandwidth": 2071,
    "ProcedureStepDescription": "PROTOCOLO_FIBROMIALGIA",
    "ProtocolName": "WIP_TASK_FMRI",
    "ReconMatrixPE": 80,
    "RepetitionTime": 2,
    "SAR": 0.117678,
    "ScanOptions": "FS",
    "ScanningSequence": "GR",
    "SequenceVariant": "SK",
    "SeriesDescription": "TASK_FMRI",
    "SeriesNumber": 801,
    "SliceThickness": 3,
    "SliceTiming": [
      0,
      1.027027,
      0.054054,
      1.081081,
      0.108108,
      1.13513,
      0.162162,
      1.189189,
      0.216216,
      1.243244,
      0.27027,
      1.297298,
      0.324324,
      1.351352,
      0.378378,
      1.405406,
      0.432432,
      1.45946,
      0.486486,
      1.513514,
      0.540541,
      1.567568,
      0.594595,
      1.621622,
      0.648649,
      1.675676,
      0.702703,
      1.72973,
      0.756757,
      1.783784,
      0.810811,
      1.837838,
      0.864865,
      1.891892,
      0.918919,
      1.945947,
      0.972973
    ],
    "SoftwareVersions": "5.3.1_5.3.1.0",
    "SpacingBetweenSlices": 3,
    "StationName": "PHILIPS-CTMFQSD",
    "TaskName": "epr",
    "UsePhilipsFloatNotDisplayScaling": 1,
    "dataset": "ds004144",
    "modality": "bold",
    "subject_id": "060",
    "task_id": "epr"
  },
  "dummy_trs": 3,
  "dvars_nstd": 29.685711086204815,
  "dvars_std": 1.164523825807229,
  "dvars_vstd": 0.9333721793975903,
  "efc": 0.4065327662803585,
  "fber": 84203.125,
  "fd_mean": 0.16628876377143254,
  "fd_num": 197,
  "fd_perc": 23.70637785800241,
  "fwhm_avg": 2.051947777777778,
  "fwhm_x": 1.9864300000000001,
  "fwhm_y": 2.21243,
  "fwhm_z": 1.9569833333333333,
  "gcor": 0.0789064,
  "gsr_x": -0.010491798631846905,
  "gsr_y": 0.012483717873692513,
  "provenance": {
    "md5sum": "c4965e5a95242a45843e7b19e911e315",
    "settings": {
      "fd_thres": 0.2,
      "testing": false
    },
    "software": "mriqc",
    "version": "23.0.0",
    "webapi_port": null,
    "webapi_url": "https://mriqc.nimh.nih.gov/api/v1"
  },
  "size_t": 831,
  "size_x": 80,
  "size_y": 80,
  "size_z": 37,
  "snr": 4.68728157441654,
  "spacing_tr": 2.0000016689300537,
  "spacing_x": 3.0,
  "spacing_y": 3.0,
  "spacing_z": 3.0,
  "summary_bg_k": 300.0129902319468,
  "summary_bg_mad": 204.26238967092033,
  "summary_bg_mean": 967.2357177734375,
  "summary_bg_median": 187.38916015625,
  "summary_bg_n": 162503.0,
  "summary_bg_p05": 19.6411434173584,
  "summary_bg_p95": 4444.463623046869,
  "summary_bg_stdv": 3018.860107421875,
  "summary_fg_k": 3.716387177636981,
  "summary_fg_mad": 9253.609624068471,
  "summary_fg_mean": 56858.90234375,
  "summary_fg_median": 55660.3828125,
  "summary_fg_n": 34009.0,
  "summary_fg_p05": 40694.8015625,
  "summary_fg_p95": 77961.05,
  "summary_fg_stdv": 11874.59375,
  "tsnr": 28.705825805664062
}