{
  "bids_meta": {
    "AcquisitionMatrixPE": 240,
    "AcquisitionNumber": 8,
    "AcquisitionTime": "11:40:58.180000",
    "BodyPartExamined": "BRAIN",
    "CoilString": "MULTI_COIL",
    "ConversionSoftware": "dcm2niix",
    "ConversionSoftwareVersion": "v1.0.20190410  (JP2:OpenJPEG) GCC6.3.0",
    "Dcm2bidsVersion": "2.1.4",
    "DeviceSerialNumber": "42451",
    "EchoTime": 0.0035,
    "EchoTrainLength": 240,
    "FlipAngle": 8,
    "ImageOrientationPatientDICOM": [
      0,
      1,
      0,
      0.000581623,
      0,
      -1
    ],
    "ImageType": [
      "ORIGINAL",
      "PRIMARY",
      "M",
      "FFE",
      "M",
      "FFE"
    ],
    "ImagingFrequency": 127.759,
    "InPlanePhaseEncodingDirectionDICOM": "ROW",
    "InstitutionAddress": "Calzada_Mexico_Xochimilco_No.101_Tlalpan",
    "InstitutionName": "I.N._Psiquiatria",
    "InstitutionalDepartmentName": "Imagenes_Cerebrales",
    "MRAcquisitionType": "3D",
    "MagneticFieldStrength": 3,
    "Manufacturer": "Philips",
    "ManufacturersModelName": "Ingenia",
    "Modality": "MR",
    "PatientPosition": "HFS",
    "PercentPhaseFOV": 100,
    "PhaseEncodingSteps": 240,
    "PhilipsRescaleIntercept": 0,
    "PhilipsRescaleSlope": 3.66886,
    "PhilipsScaleSlope": 0.00605479,
    "PixelBandwidth": 310,
    "ProcedureStepDescription": "PROTOCOLO_FIBROMIALGIA",
    "ProtocolName": "WIP_T1W",
    "ReconMatrixPE": 240,
    "RepetitionTime": 0.007,
    "SAR": 0.0382114,
    "ScanOptions": "OTHER",
    "ScanningSequence": "GR",
    "SequenceVariant": "MP",
    "SeriesDescription": "T1W",
    "SeriesNumber": 801,
    "SliceThickness": 1,
    "SoftwareVersions": "5.3.1_5.3.1.0",
    "SpacingBetweenSlices": 1,
    "StationName": "PHILIPS-CTMFQSD",
    "UsePhilipsFloatNotDisplayScaling": 1,
    "dataset": "ds004144",
    "modality": "T1w",
    "subject_id": "049"
  },
  "cjv": 0.3652537789329468,
  "cnr": 3.749774973098506,
  "efc": 0.7125810115276356,
  "fber": -1.0,
  "fwhm_avg": 4.611403333333333,
  "fwhm_x": 4.5405,
  "fwhm_y": 4.90293,
  "fwhm_z": 4.39078,
  "icvs_csf": 0.22944593678634848,
  "icvs_gm": 0.3973816404049698,
  "icvs_wm": 0.37317242280868174,
  "inu_med": 0.4297070801258087,
  "inu_range": 0.15176749825477598,
  "provenance": {
    "md5sum": "9c732d4c06cb7cfd6404310517143172",
    "settings": {
      "testing": false
    },
    "software": "mriqc",
    "version": "23.0.0",
    "warnings": {
      "large_rot_frame": true,
      "small_air_mask": false
    },
    "webapi_port": null,
    "webapi_url": "https://mriqc.nimh.nih.gov/api/v1"
  },
  "qi_1": 0.0,
  "qi_2": 1.811286907826977e-05,
  "rpve_csf": 25.30343920020427,
  "rpve_gm": 14.241475695628038,
  "rpve_wm": 17.82516410014956,
  "size_x": 180,
  "size_y": 240,
  "size_z": 240,
  "snr_csf": 2.9320266300224476,
  "snr_gm": 13.823099340448643,
  "snr_total": 14.969592245572029,
  "snr_wm": 28.153650766244994,
  "snrd_csf": 34.01792866956208,
  "snrd_gm": 81.88793309293582,
  "snrd_total": 74.80258687247317,
  "snrd_wm": 108.50189885492159,
  "spacing_x": 1.0,
  "spacing_y": 1.0,
  "spacing_z": 1.0,
  "summary_bg_k": 12.31414584897905,
  "summary_bg_mad": 0.0,
  "summary_bg_mean": 2.7858536268215266,
  "summary_bg_median": 0.0,
  "summary_bg_n": 418901.0,
  "summary_bg_p05": 0.0,
  "summary_bg_p95": 15.6908496376127,
  "summary_bg_stdv": 6.03816154128935,
  "summary_csf_k": 0.8130358269654212,
  "summary_csf_mad": 92.20593249999668,
  "summary_csf_mean": 317.6875896359709,
  "summary_csf_median": 313.5312716662884,
  "summary_csf_n": 48366.0,
  "summary_csf_p05": 133.74127832241356,
  "summary_csf_p95": 501.34526550769806,
  "summary_csf_stdv": 106.9321905888742,
  "summary_gm_k": -0.03054272148212034,
  "summary_gm_mad": 56.16372075325219,
  "summary_gm_mean": 755.1120301042827,
  "summary_gm_median": 754.7322485782206,
  "summary_gm_n": 28574.0,
  "summary_gm_p05": 666.5872935578227,
  "summary_gm_p95": 844.7427241890691,
  "summary_gm_stdv": 54.59839528379039,
  "summary_wm_k": 0.6702630430387897,
  "summary_wm_mad": 33.42994566519788,
  "summary_wm_mean": 1000.494305342252,
  "summary_wm_median": 1000.0238008797169,
  "summary_wm_n": 179946.0,
  "summary_wm_p05": 943.7188893766142,
  "summary_wm_p95": 1059.7633179370314,
  "summary_wm_stdv": 35.52011888267591,
  "tpm_overlap_csf": 0.1380797367604895,
  "tpm_overlap_gm": 0.44388803853326925,
  "tpm_overlap_wm": 0.5005710121999075,
  "wm2max": 0.8288928359976317
}