{
  "bids_meta": {
    "AcquisitionMatrixPE": 240,
    "AcquisitionNumber": 5,
    "AcquisitionTime": "10:59:52.700000",
    "BodyPartExamined": "BRAIN",
    "CoilString": "MULTI_COIL",
    "ConversionSoftware": "dcm2niix",
    "ConversionSoftwareVersion": "v1.0.20190410  (JP2:OpenJPEG) GCC6.3.0",
    "Dcm2bidsVersion": "2.1.4",
    "DeviceSerialNumber": "42451",
    "EchoTime": 0.331,
    "EchoTrainLength": 117,
    "FlipAngle": 90,
    "ImageOrientationPatientDICOM": [
      0,
      1,
      0,
      0.000581623,
      0,
      -1
    ],
    "ImageType": [
      "ORIGINAL",
      "PRIMARY",
      "M",
      "SE",
      "M",
      "SE"
    ],
    "ImagingFrequency": 127.759,
    "InPlanePhaseEncodingDirectionDICOM": "ROW",
    "InstitutionAddress": "Calzada_Mexico_Xochimilco_No.101_Tlalpan",
    "InstitutionName": "I.N._Psiquiatria",
    "InstitutionalDepartmentName": "Imagenes_Cerebrales",
    "MRAcquisitionType": "3D",
    "MagneticFieldStrength": 3,
    "Manufacturer": "Philips",
    "ManufacturersModelName": "Ingenia",
    "Modality": "MR",
    "PatientPosition": "HFS",
    "PercentPhaseFOV": 100,
    "PhaseEncodingSteps": 240,
    "PhilipsRescaleIntercept": 0,
    "PhilipsRescaleSlope": 1.55116,
    "PhilipsScaleSlope": 0.00346816,
    "PixelBandwidth": 413,
    "ProcedureStepDescription": "PROTOCOLO_FIBROMIALGIA",
    "ProtocolName": "WIP_T2W",
    "ReconMatrixPE": 240,
    "RepetitionTime": 2.5,
    "SAR": 0.030152,
    "ScanOptions": "FS",
    "ScanningSequence": "SE",
    "SequenceVariant": "SK",
    "SeriesDescription": "T2W",
    "SeriesNumber": 501,
    "SliceThickness": 1,
    "SoftwareVersions": "5.3.1_5.3.1.0",
    "SpacingBetweenSlices": 1,
    "StationName": "PHILIPS-CTMFQSD",
    "UsePhilipsFloatNotDisplayScaling": 1,
    "dataset": "ds004144",
    "modality": "T2w",
    "subject_id": "049"
  },
  "cjv": 0.5737402687452658,
  "cnr": 1.4637477528773875,
  "efc": 0.49993501449207056,
  "fber": -1.0,
  "fwhm_avg": 2.728213333333333,
  "fwhm_x": 2.74542,
  "fwhm_y": 2.86515,
  "fwhm_z": 2.57407,
  "icvs_csf": 0.20862694716851035,
  "icvs_gm": 0.18929529715596893,
  "icvs_wm": 0.6020777556755207,
  "inu_med": 0.8933730721473694,
  "inu_range": 0.1681602478027343,
  "provenance": {
    "md5sum": "355ac6591ef3ea7fcdc9f6f7eaae2d1e",
    "settings": {
      "testing": false
    },
    "software": "mriqc",
    "version": "23.0.0",
    "warnings": {
      "large_rot_frame": true,
      "small_air_mask": false
    },
    "webapi_port": null,
    "webapi_url": "https://mriqc.nimh.nih.gov/api/v1"
  },
  "qi_1": 0.001368833513733238,
  "qi_2": 1.3807585724120704e-06,
  "rpve_csf": 21.77233598082776,
  "rpve_gm": 35.305372322455376,
  "rpve_wm": 11.210751880602098,
  "size_x": 180,
  "size_y": 240,
  "size_z": 240,
  "snr_csf": 7.295494903097517,
  "snr_gm": 2.1743344445961625,
  "snr_total": 6.038422621578342,
  "snr_wm": 8.645438517041349,
  "snrd_csf": 36.864600795936134,
  "snrd_gm": 66.91915424258077,
  "snrd_total": 41.83130422504036,
  "snrd_wm": 21.710157636604194,
  "spacing_x": 1.0,
  "spacing_y": 1.0,
  "spacing_z": 1.0,
  "summary_bg_k": 187.25145334154138,
  "summary_bg_mad": 0.0,
  "summary_bg_mean": 8.282233706731871,
  "summary_bg_median": 0.0,
  "summary_bg_n": 1749110.0,
  "summary_bg_p05": 0.0,
  "summary_bg_p95": 42.67823487520218,
  "summary_bg_stdv": 30.18704901743424,
  "summary_csf_k": 1.0396313085038473,
  "summary_csf_mad": 209.89614801621462,
  "summary_csf_mean": 1720.7820307957822,
  "summary_csf_median": 1698.6287301927805,
  "summary_csf_n": 4208.0,
  "summary_csf_p05": 1384.85624846071,
  "summary_csf_p95": 2157.5561855241654,
  "summary_csf_stdv": 232.80488952401657,
  "summary_gm_k": -1.1268262193168488,
  "summary_gm_mad": 1078.1618791601359,
  "summary_gm_mean": 2512.307231980095,
  "summary_gm_median": 3083.4674875736237,
  "summary_gm_n": 53515.0,
  "summary_gm_p05": 132.84125337302686,
  "summary_gm_p95": 3978.751908776164,
  "summary_gm_stdv": 1418.1068996660088,
  "summary_wm_k": -0.05819665646050165,
  "summary_wm_mad": 117.0065999319447,
  "summary_wm_mean": 1001.8141447893823,
  "summary_wm_median": 1000.3498397469521,
  "summary_wm_n": 264131.0,
  "summary_wm_p05": 814.3147142827511,
  "summary_wm_p95": 1193.1715041995049,
  "summary_wm_stdv": 115.70817884032432,
  "tpm_overlap_csf": 0.11827681898450482,
  "tpm_overlap_gm": 0.11078442045304823,
  "tpm_overlap_wm": 0.4484002485486831,
  "wm2max": 0.25190274619535535
}