{
  "bids_meta": {
    "AcquisitionMatrixPE": 240,
    "AcquisitionNumber": 4,
    "AcquisitionTime": "11:32:31.350000",
    "BodyPartExamined": "BRAIN",
    "CoilString": "MULTI_COIL",
    "ConversionSoftware": "dcm2niix",
    "ConversionSoftwareVersion": "v1.0.20190410  (JP2:OpenJPEG) GCC6.3.0",
    "Dcm2bidsVersion": "2.1.4",
    "DeviceSerialNumber": "42451",
    "EchoTime": 0.0035,
    "EchoTrainLength": 240,
    "FlipAngle": 8,
    "ImageOrientationPatientDICOM": [
      0,
      1,
      0,
      -0.00362181,
      0,
      -0.999993
    ],
    "ImageType": [
      "ORIGINAL",
      "PRIMARY",
      "M",
      "FFE",
      "M",
      "FFE"
    ],
    "ImagingFrequency": 127.76,
    "InPlanePhaseEncodingDirectionDICOM": "ROW",
    "InstitutionAddress": "Calzada_Mexico_Xochimilco_No.101_Tlalpan",
    "InstitutionName": "I.N._Psiquiatria",
    "InstitutionalDepartmentName": "Imagenes_Cerebrales",
    "MRAcquisitionType": "3D",
    "MagneticFieldStrength": 3,
    "Manufacturer": "Philips",
    "ManufacturersModelName": "Ingenia",
    "Modality": "MR",
    "PatientPosition": "HFS",
    "PercentPhaseFOV": 100,
    "PhaseEncodingSteps": 240,
    "PhilipsRescaleIntercept": 0,
    "PhilipsRescaleSlope": 94.0664,
    "PhilipsScaleSlope": 0.00616,
    "PixelBandwidth": 310,
    "ProcedureStepDescription": "PROTOCOLO_FIBROMIALGIA",
    "ProtocolName": "WIP_T1W",
    "ReconMatrixPE": 240,
    "RepetitionTime": 0.007,
    "SAR": 0.0382114,
    "ScanOptions": "OTHER",
    "ScanningSequence": "GR",
    "SequenceVariant": "MP",
    "SeriesDescription": "T1W",
    "SeriesNumber": 401,
    "SliceThickness": 1,
    "SoftwareVersions": "5.3.1_5.3.1.0",
    "SpacingBetweenSlices": 1,
    "StationName": "PHILIPS-CTMFQSD",
    "UsePhilipsFloatNotDisplayScaling": 1,
    "dataset": "ds004144",
    "modality": "T1w",
    "subject_id": "021"
  },
  "cjv": 0.34892388169554406,
  "cnr": 3.8888961684597354,
  "efc": 0.70613658743431,
  "fber": -1.0,
  "fwhm_avg": 4.369713333333333,
  "fwhm_x": 4.23945,
  "fwhm_y": 4.69827,
  "fwhm_z": 4.17142,
  "icvs_csf": 0.2412284429934309,
  "icvs_gm": 0.4044035910511211,
  "icvs_wm": 0.35436796595544795,
  "inu_med": 0.431162565946579,
  "inu_range": 0.15388090908527358,
  "provenance": {
    "md5sum": "9055376d2259ed6486270980a7fd5c1f",
    "settings": {
      "testing": false
    },
    "software": "mriqc",
    "version": "23.0.0",
    "warnings": {
      "large_rot_frame": true,
      "small_air_mask": false
    },
    "webapi_port": null,
    "webapi_url": "https://mriqc.nimh.nih.gov/api/v1"
  },
  "qi_1": 0.0,
  "qi_2": 7.528684937979988e-05,
  "rpve_csf": 26.005503874404713,
  "rpve_gm": 15.090383689195697,
  "rpve_wm": 20.0021626784598,
  "size_x": 180,
  "size_y": 240,
  "size_z": 240,
  "snr_csf": 2.9243212541054966,
  "snr_gm": 14.390158785252298,
  "snr_total": 14.887674305043125,
  "snr_wm": 27.34854287577158,
  "snrd_csf": 34.97178921152451,
  "snrd_gm": 88.6938851607976,
  "snrd_total": 80.57800403719426,
  "snrd_wm": 118.06833773926066,
  "spacing_x": 1.0,
  "spacing_y": 1.0,
  "spacing_z": 1.0,
  "summary_bg_k": 20.97981380158923,
  "summary_bg_mad": 0.0,
  "summary_bg_mean": 2.8556396254655785,
  "summary_bg_median": 0.0,
  "summary_bg_n": 374458.0,
  "summary_bg_p05": 0.0,
  "summary_bg_p95": 14.453319981694221,
  "summary_bg_stdv": 5.54891045784095,
  "summary_csf_k": 1.1504221709542382,
  "summary_csf_mad": 77.11364268416227,
  "summary_csf_mean": 307.010546869551,
  "summary_csf_median": 296.20599143207073,
  "summary_csf_n": 42002.0,
  "summary_csf_p05": 146.8198282266967,
  "summary_csf_p95": 496.65873798541725,
  "summary_csf_stdv": 101.28930427918836,
  "summary_gm_k": 0.16239693218676088,
  "summary_gm_mad": 52.05453260077579,
  "summary_gm_mean": 750.3910807385474,
  "summary_gm_median": 751.2243662774563,
  "summary_gm_n": 21151.0,
  "summary_gm_p05": 663.5793468402699,
  "summary_gm_p95": 833.8520811125636,
  "summary_gm_stdv": 52.2028018367516,
  "summary_wm_k": 0.38891179215614935,
  "summary_wm_mad": 34.756808190350604,
  "summary_wm_mean": 1000.3944778253099,
  "summary_wm_median": 1000.0217268057168,
  "summary_wm_n": 148127.0,
  "summary_wm_p05": 940.6847535073757,
  "summary_wm_p95": 1060.9041605237871,
  "summary_wm_stdv": 36.565690383847105,
  "tpm_overlap_csf": 0.15510866017152775,
  "tpm_overlap_gm": 0.4493990976918731,
  "tpm_overlap_wm": 0.497907723091407,
  "wm2max": 0.8803004464542337
}