{
  "bids_meta": {
    "AcquisitionMatrixPE": 240,
    "AcquisitionNumber": 5,
    "AcquisitionTime": "11:36:12.750000",
    "BodyPartExamined": "BRAIN",
    "CoilString": "MULTI_COIL",
    "ConversionSoftware": "dcm2niix",
    "ConversionSoftwareVersion": "v1.0.20190410  (JP2:OpenJPEG) GCC6.3.0",
    "Dcm2bidsVersion": "2.1.4",
    "DeviceSerialNumber": "42451",
    "EchoTime": 0.331,
    "EchoTrainLength": 117,
    "FlipAngle": 90,
    "ImageOrientationPatientDICOM": [
      0,
      1,
      0,
      -0.00362181,
      0,
      -0.999993
    ],
    "ImageType": [
      "ORIGINAL",
      "PRIMARY",
      "M",
      "SE",
      "M",
      "SE"
    ],
    "ImagingFrequency": 127.759,
    "InPlanePhaseEncodingDirectionDICOM": "ROW",
    "InstitutionAddress": "Calzada_Mexico_Xochimilco_No.101_Tlalpan",
    "InstitutionName": "I.N._Psiquiatria",
    "InstitutionalDepartmentName": "Imagenes_Cerebrales",
    "MRAcquisitionType": "3D",
    "MagneticFieldStrength": 3,
    "Manufacturer": "Philips",
    "ManufacturersModelName": "Ingenia",
    "Modality": "MR",
    "PatientPosition": "HFS",
    "PercentPhaseFOV": 100,
    "PhaseEncodingSteps": 240,
    "PhilipsRescaleIntercept": 0,
    "PhilipsRescaleSlope": 1.34017,
    "PhilipsScaleSlope": 0.00349739,
    "PixelBandwidth": 413,
    "ProcedureStepDescription": "PROTOCOLO_FIBROMIALGIA",
    "ProtocolName": "WIP_T2W",
    "ReconMatrixPE": 240,
    "RepetitionTime": 2.5,
    "SAR": 0.030152,
    "ScanOptions": "FS",
    "ScanningSequence": "SE",
    "SequenceVariant": "SK",
    "SeriesDescription": "T2W",
    "SeriesNumber": 501,
    "SliceThickness": 1,
    "SoftwareVersions": "5.3.1_5.3.1.0",
    "SpacingBetweenSlices": 1,
    "StationName": "PHILIPS-CTMFQSD",
    "UsePhilipsFloatNotDisplayScaling": 1,
    "dataset": "ds004144",
    "modality": "T2w",
    "subject_id": "021"
  },
  "cjv": 0.3519235669003686,
  "cnr": 1.6232630838672857,
  "efc": 0.47759354940048887,
  "fber": -1.0,
  "fwhm_avg": 2.7380166666666668,
  "fwhm_x": 2.74559,
  "fwhm_y": 2.85424,
  "fwhm_z": 2.61422,
  "icvs_csf": 0.17170769270741057,
  "icvs_gm": 0.19501650359350228,
  "icvs_wm": 0.6332758036990872,
  "inu_med": 0.8522471487522125,
  "inu_range": 0.1589641124010086,
  "provenance": {
    "md5sum": "c0d119d661c2607abf04464c240da20b",
    "settings": {
      "testing": false
    },
    "software": "mriqc",
    "version": "23.0.0",
    "warnings": {
      "large_rot_frame": true,
      "small_air_mask": false
    },
    "webapi_port": null,
    "webapi_url": "https://mriqc.nimh.nih.gov/api/v1"
  },
  "qi_1": 0.039165139990035736,
  "qi_2": 7.3494899422951874e-06,
  "rpve_csf": 26.893255003099554,
  "rpve_gm": 36.581694747449745,
  "rpve_wm": 11.694603279322523,
  "size_x": 180,
  "size_y": 240,
  "size_z": 240,
  "snr_csf": 6.155844222978016,
  "snr_gm": 2.3124628328791,
  "snr_total": 5.992332314448512,
  "snr_wm": 9.508689887488421,
  "snrd_csf": 59.235540362188175,
  "snrd_gm": 122.44274442436401,
  "snrd_total": 72.64750419601125,
  "snrd_wm": 36.26422780148158,
  "spacing_x": 1.0,
  "spacing_y": 1.0,
  "spacing_z": 1.0,
  "summary_bg_k": 216.86954521278463,
  "summary_bg_mad": 0.0,
  "summary_bg_mean": 4.615930940305477,
  "summary_bg_median": 0.0,
  "summary_bg_n": 1365664.0,
  "summary_bg_p05": 0.0,
  "summary_bg_p95": 29.77147364616394,
  "summary_bg_stdv": 18.075738663922408,
  "summary_csf_k": 2.321902047354806,
  "summary_csf_mad": 192.51345503187267,
  "summary_csf_mean": 1691.510658639099,
  "summary_csf_median": 1634.3560626506805,
  "summary_csf_n": 1515.0,
  "summary_csf_p05": 1385.4917019605637,
  "summary_csf_p95": 2230.7918952465056,
  "summary_csf_stdv": 265.4090199479728,
  "summary_gm_k": -0.855901410931863,
  "summary_gm_mad": 728.5048989930552,
  "summary_gm_mean": 2689.2598330096475,
  "summary_gm_median": 3378.293511867523,
  "summary_gm_n": 44067.0,
  "summary_gm_p05": 100.14676463603973,
  "summary_gm_p95": 4021.014900791645,
  "summary_gm_stdv": 1460.8905848286327,
  "summary_wm_k": -0.12224439645995844,
  "summary_wm_mad": 108.27586679672063,
  "summary_wm_mean": 1001.2007152726732,
  "summary_wm_median": 1000.5591272115707,
  "summary_wm_n": 273006.0,
  "summary_wm_p05": 829.8972994089127,
  "summary_wm_p95": 1173.7368541955948,
  "summary_wm_stdv": 105.22556803969715,
  "tpm_overlap_csf": 0.11380468498295179,
  "tpm_overlap_gm": 0.12798856724484092,
  "tpm_overlap_wm": 0.43479513267815784,
  "wm2max": 0.2488874209025798
}