{
  "aor": 0.0033501438848920866,
  "aqi": 0.026042568105515584,
  "bids_meta": {
    "AcquisitionMatrixPE": 78,
    "AcquisitionNumber": 9,
    "AcquisitionTime": "12:10:51.220000",
    "BodyPartExamined": "BRAIN",
    "CoilString": "MULTI_COIL",
    "ConversionSoftware": "dcm2niix",
    "ConversionSoftwareVersion": "v1.0.20190410  (JP2:OpenJPEG) GCC6.3.0",
    "Dcm2bidsVersion": "2.1.4",
    "DeviceSerialNumber": "42451",
    "EchoTime": 0.030001,
    "EchoTrainLength": 39,
    "FlipAngle": 75,
    "ImageOrientationPatientDICOM": [
      1,
      0,
      0.000542186,
      0,
      1,
      0
    ],
    "ImageType": [
      "ORIGINAL",
      "PRIMARY",
      "M",
      "FFE",
      "M",
      "FFE"
    ],
    "ImagingFrequency": 127.759,
    "InPlanePhaseEncodingDirectionDICOM": "COL",
    "InstitutionAddress": "Calzada_Mexico_Xochimilco_No.101_Tlalpan",
    "InstitutionName": "I.N._Psiquiatria",
    "InstitutionalDepartmentName": "Imagenes_Cerebrales",
    "MRAcquisitionType": "2D",
    "MagneticFieldStrength": 3,
    "Manufacturer": "Philips",
    "ManufacturersModelName": "Ingenia",
    "Modality": "MR",
    "PartialFourier": 0.5,
    "PatientPosition": "HFS",
    "PercentPhaseFOV": 100,
    "PhaseEncodingAxis": "j",
    "PhaseEncodingSteps": 78,
    "PhilipsRescaleIntercept": 0,
    "PhilipsRescaleSlope": 0.842002,
    "PhilipsScaleSlope": 0.0276751,
    "PixelBandwidth": 2071,
    "ProcedureStepDescription": "PROTOCOLO_FIBROMIALGIA",
    "ProtocolName": "WIP_TASK_FMRI",
    "ReconMatrixPE": 80,
    "RepetitionTime": 2,
    "SAR": 0.117678,
    "ScanOptions": "FS",
    "ScanningSequence": "GR",
    "SequenceVariant": "SK",
    "SeriesDescription": "TASK_FMRI",
    "SeriesNumber": 901,
    "SliceThickness": 3,
    "SliceTiming": [
      0,
      1.027027,
      0.054054,
      1.081081,
      0.108108,
      1.13513,
      0.162162,
      1.189189,
      0.216216,
      1.243244,
      0.27027,
      1.297298,
      0.324324,
      1.351352,
      0.378378,
      1.405406,
      0.432432,
      1.45946,
      0.486486,
      1.513514,
      0.540541,
      1.567568,
      0.594595,
      1.621622,
      0.648649,
      1.675676,
      0.702703,
      1.72973,
      0.756757,
      1.783784,
      0.810811,
      1.837838,
      0.864865,
      1.891892,
      0.918919,
      1.945947,
      0.972973
    ],
    "SoftwareVersions": "5.3.1_5.3.1.0",
    "SpacingBetweenSlices": 3,
    "StationName": "PHILIPS-CTMFQSD",
    "TaskName": "epr",
    "UsePhilipsFloatNotDisplayScaling": 1,
    "dataset": "ds004144",
    "modality": "bold",
    "subject_id": "015",
    "task_id": "epr"
  },
  "dummy_trs": 0,
  "dvars_nstd": 33.905481407106855,
  "dvars_std": 1.0567747910324143,
  "dvars_vstd": 0.8894900468067212,
  "efc": 0.4159308443247405,
  "fber": 112776.8125,
  "fd_mean": 0.21608423087803127,
  "fd_num": 191,
  "fd_perc": 22.901678657074342,
  "fwhm_avg": 1.9731933333333334,
  "fwhm_x": 1.8790833333333332,
  "fwhm_y": 2.117253333333333,
  "fwhm_z": 1.9232433333333334,
  "gcor": 0.0753481,
  "gsr_x": -0.014375080354511738,
  "gsr_y": 0.015865880995988846,
  "provenance": {
    "md5sum": "2d7718f58ab378ffe284830671fa248b",
    "settings": {
      "fd_thres": 0.2,
      "testing": false
    },
    "software": "mriqc",
    "version": "23.0.0",
    "webapi_port": null,
    "webapi_url": "https://mriqc.nimh.nih.gov/api/v1"
  },
  "size_t": 834,
  "size_x": 80,
  "size_y": 80,
  "size_z": 37,
  "snr": 5.183265067428682,
  "spacing_tr": 2.0000016689300537,
  "spacing_x": 3.0,
  "spacing_y": 3.0,
  "spacing_z": 3.0,
  "summary_bg_k": 123.14047502795688,
  "summary_bg_mad": 175.1483615252617,
  "summary_bg_mean": 1096.659912109375,
  "summary_bg_median": 154.52056884765625,
  "summary_bg_n": 161934.0,
  "summary_bg_p05": 18.332225036621093,
  "summary_bg_p95": 5384.298852539063,
  "summary_bg_stdv": 3276.3740234375,
  "summary_fg_k": 2.4907849118076744,
  "summary_fg_mad": 9093.007897031834,
  "summary_fg_mean": 53929.234375,
  "summary_fg_median": 53872.6015625,
  "summary_fg_n": 34026.0,
  "summary_fg_p05": 37532.56640625,
  "summary_fg_p95": 70359.12890625,
  "summary_fg_stdv": 10393.412109375,
  "tsnr": 27.042037963867188
}