{
  "bids_meta": {
    "AcquisitionMatrixPE": 240,
    "AcquisitionNumber": 5,
    "AcquisitionTime": "12:02:49.720000",
    "BodyPartExamined": "BRAIN",
    "CoilString": "MULTI_COIL",
    "ConversionSoftware": "dcm2niix",
    "ConversionSoftwareVersion": "v1.0.20190410  (JP2:OpenJPEG) GCC6.3.0",
    "Dcm2bidsVersion": "2.1.4",
    "DeviceSerialNumber": "42451",
    "EchoTime": 0.331,
    "EchoTrainLength": 117,
    "FlipAngle": 90,
    "ImageOrientationPatientDICOM": [
      0,
      1,
      0,
      0.000546584,
      0,
      -1
    ],
    "ImageType": [
      "ORIGINAL",
      "PRIMARY",
      "M",
      "SE",
      "M",
      "SE"
    ],
    "ImagingFrequency": 127.759,
    "InPlanePhaseEncodingDirectionDICOM": "ROW",
    "InstitutionAddress": "Calzada_Mexico_Xochimilco_No.101_Tlalpan",
    "InstitutionName": "I.N._Psiquiatria",
    "InstitutionalDepartmentName": "Imagenes_Cerebrales",
    "MRAcquisitionType": "3D",
    "MagneticFieldStrength": 3,
    "Manufacturer": "Philips",
    "ManufacturersModelName": "Ingenia",
    "Modality": "MR",
    "PatientPosition": "HFS",
    "PercentPhaseFOV": 100,
    "PhaseEncodingSteps": 240,
    "PhilipsRescaleIntercept": 0,
    "PhilipsRescaleSlope": 1.39707,
    "PhilipsScaleSlope": 0.00338742,
    "PixelBandwidth": 413,
    "ProcedureStepDescription": "PROTOCOLO_FIBROMIALGIA",
    "ProtocolName": "WIP_T2W",
    "ReconMatrixPE": 240,
    "RepetitionTime": 2.5,
    "SAR": 0.030152,
    "ScanOptions": "FS",
    "ScanningSequence": "SE",
    "SequenceVariant": "SK",
    "SeriesDescription": "T2W",
    "SeriesNumber": 501,
    "SliceThickness": 1,
    "SoftwareVersions": "5.3.1_5.3.1.0",
    "SpacingBetweenSlices": 1,
    "StationName": "PHILIPS-CTMFQSD",
    "UsePhilipsFloatNotDisplayScaling": 1,
    "dataset": "ds004144",
    "modality": "T2w",
    "subject_id": "046"
  },
  "cjv": 1.397525235977242,
  "cnr": 0.9487807860045098,
  "efc": 0.5215692207118955,
  "fber": -1.0,
  "fwhm_avg": 2.52103,
  "fwhm_x": 2.54715,
  "fwhm_y": 2.70424,
  "fwhm_z": 2.3117,
  "icvs_csf": 0.29672353734743245,
  "icvs_gm": 0.19339748648540028,
  "icvs_wm": 0.5098789761671673,
  "inu_med": 0.922611653804779,
  "inu_range": 0.23506247699260707,
  "provenance": {
    "md5sum": "645d1d86a3b610009fcdcfd03a482e7e",
    "settings": {
      "testing": false
    },
    "software": "mriqc",
    "version": "23.0.0",
    "warnings": {
      "large_rot_frame": true,
      "small_air_mask": false
    },
    "webapi_port": null,
    "webapi_url": "https://mriqc.nimh.nih.gov/api/v1"
  },
  "qi_1": 0.05763419729982332,
  "qi_2": 4.010015887255204e-05,
  "rpve_csf": 16.02461075858271,
  "rpve_gm": 29.132498251629933,
  "rpve_wm": 11.994797533853424,
  "size_x": 180,
  "size_y": 240,
  "size_z": 240,
  "snr_csf": 10.61387733216598,
  "snr_gm": 1.614248461600094,
  "snr_total": 8.704386830359182,
  "snr_wm": 13.885034697311472,
  "snrd_csf": 101.97183833997526,
  "snrd_gm": 168.31744045128764,
  "snrd_total": 113.18776211093835,
  "snrd_wm": 69.27400754155214,
  "spacing_x": 1.0,
  "spacing_y": 1.0,
  "spacing_z": 1.0,
  "summary_bg_k": 45.08805202254094,
  "summary_bg_mad": 0.0,
  "summary_bg_mean": 3.2317635664094277,
  "summary_bg_median": 0.0,
  "summary_bg_n": 1218779.0,
  "summary_bg_p05": 0.0,
  "summary_bg_p95": 26.958495616912842,
  "summary_bg_stdv": 9.45717518135944,
  "summary_csf_k": 0.7871165281059733,
  "summary_csf_mad": 129.94782382424603,
  "summary_csf_mean": 1473.5569175426895,
  "summary_csf_median": 1472.0072625279427,
  "summary_csf_n": 16784.0,
  "summary_csf_p05": 1255.2582886099815,
  "summary_csf_p95": 1702.0453067481517,
  "summary_csf_stdv": 138.68291146634834,
  "summary_gm_k": -1.7273645329992717,
  "summary_gm_mad": 1923.3959778295236,
  "summary_gm_mean": 2028.5746914036285,
  "summary_gm_median": 2429.73451089859,
  "summary_gm_n": 53346.0,
  "summary_gm_p05": 86.9645034968853,
  "summary_gm_p95": 3792.9402211904526,
  "summary_gm_stdv": 1505.1658993257388,
  "summary_wm_k": -0.15530190742839967,
  "summary_wm_mad": 74.69402892067434,
  "summary_wm_mean": 997.986434829061,
  "summary_wm_median": 1000.0000379085541,
  "summary_wm_n": 228234.0,
  "summary_wm_p05": 876.4847522974014,
  "summary_wm_p95": 1110.7700941562653,
  "summary_wm_stdv": 72.01983062855633,
  "tpm_overlap_csf": 0.11772849972141221,
  "tpm_overlap_gm": 0.10547505346299979,
  "tpm_overlap_wm": 0.46071525378167383,
  "wm2max": 0.2639774505550644
}