{
  "aor": 0.002053417266187051,
  "aqi": 0.02542288892086331,
  "bids_meta": {
    "AcquisitionMatrixPE": 78,
    "AcquisitionNumber": 9,
    "AcquisitionTime": "11:30:31.110000",
    "BodyPartExamined": "BRAIN",
    "CoilString": "MULTI_COIL",
    "ConversionSoftware": "dcm2niix",
    "ConversionSoftwareVersion": "v1.0.20190410  (JP2:OpenJPEG) GCC6.3.0",
    "Dcm2bidsVersion": "2.1.4",
    "DeviceSerialNumber": "42451",
    "EchoTime": 0.030001,
    "EchoTrainLength": 39,
    "FlipAngle": 75,
    "ImageOrientationPatientDICOM": [
      1,
      0,
      0.000648852,
      0,
      1,
      0
    ],
    "ImageType": [
      "ORIGINAL",
      "PRIMARY",
      "M",
      "FFE",
      "M",
      "FFE"
    ],
    "ImagingFrequency": 127.759,
    "InPlanePhaseEncodingDirectionDICOM": "COL",
    "InstitutionAddress": "Calzada_Mexico_Xochimilco_No.101_Tlalpan",
    "InstitutionName": "I.N._Psiquiatria",
    "InstitutionalDepartmentName": "Imagenes_Cerebrales",
    "MRAcquisitionType": "2D",
    "MagneticFieldStrength": 3,
    "Manufacturer": "Philips",
    "ManufacturersModelName": "Ingenia",
    "Modality": "MR",
    "PartialFourier": 0.5,
    "PatientPosition": "HFS",
    "PercentPhaseFOV": 100,
    "PhaseEncodingAxis": "j",
    "PhaseEncodingSteps": 78,
    "PhilipsRescaleIntercept": 0,
    "PhilipsRescaleSlope": 0.812698,
    "PhilipsScaleSlope": 0.0283422,
    "PixelBandwidth": 2071,
    "ProcedureStepDescription": "PROTOCOLO_FIBROMIALGIA",
    "ProtocolName": "WIP_TASK_FMRI",
    "ReconMatrixPE": 80,
    "RepetitionTime": 2,
    "SAR": 0.117678,
    "ScanOptions": "FS",
    "ScanningSequence": "GR",
    "SequenceVariant": "SK",
    "SeriesDescription": "TASK_FMRI",
    "SeriesNumber": 901,
    "SliceThickness": 3,
    "SliceTiming": [
      0,
      1.027027,
      0.054054,
      1.081081,
      0.108108,
      1.13513,
      0.162162,
      1.189189,
      0.216216,
      1.243244,
      0.27027,
      1.297298,
      0.324324,
      1.351352,
      0.378378,
      1.405406,
      0.432432,
      1.45946,
      0.486486,
      1.513514,
      0.540541,
      1.567568,
      0.594595,
      1.621622,
      0.648649,
      1.675676,
      0.702703,
      1.72973,
      0.756757,
      1.783784,
      0.810811,
      1.837838,
      0.864865,
      1.891892,
      0.918919,
      1.945947,
      0.972973
    ],
    "SoftwareVersions": "5.3.1_5.3.1.0",
    "SpacingBetweenSlices": 3,
    "StationName": "PHILIPS-CTMFQSD",
    "TaskName": "epr",
    "UsePhilipsFloatNotDisplayScaling": 1,
    "dataset": "ds004144",
    "modality": "bold",
    "subject_id": "063",
    "task_id": "epr"
  },
  "dummy_trs": 0,
  "dvars_nstd": 30.966082592472965,
  "dvars_std": 1.17053133380552,
  "dvars_vstd": 0.93458735757503,
  "efc": 0.3943867930464895,
  "fber": 106684.15625,
  "fd_mean": 0.23535123460643004,
  "fd_num": 310,
  "fd_perc": 37.170263788968825,
  "fwhm_avg": 2.0209322222222226,
  "fwhm_x": 1.92657,
  "fwhm_y": 2.13705,
  "fwhm_z": 1.9991766666666668,
  "gcor": 0.133406,
  "gsr_x": -0.0158405601978302,
  "gsr_y": 0.00785105675458908,
  "provenance": {
    "md5sum": "8ceea99830d56f22710bcadacef75d8b",
    "settings": {
      "fd_thres": 0.2,
      "testing": false
    },
    "software": "mriqc",
    "version": "23.0.0",
    "webapi_port": null,
    "webapi_url": "https://mriqc.nimh.nih.gov/api/v1"
  },
  "size_t": 834,
  "size_x": 80,
  "size_y": 80,
  "size_z": 37,
  "snr": 5.753304486778656,
  "spacing_tr": 2.0000016689300537,
  "spacing_x": 3.0,
  "spacing_y": 3.0,
  "spacing_z": 3.0,
  "summary_bg_k": 48.327204986262345,
  "summary_bg_mad": 188.2516046153161,
  "summary_bg_mean": 971.9452514648438,
  "summary_bg_median": 165.86749267578125,
  "summary_bg_n": 166655.0,
  "summary_bg_p05": 20.506932258605957,
  "summary_bg_p95": 4431.130468749998,
  "summary_bg_stdv": 2472.559814453125,
  "summary_fg_k": 1.503117906709206,
  "summary_fg_mad": 8593.67210297108,
  "summary_fg_mean": 55261.18359375,
  "summary_fg_median": 55099.6953125,
  "summary_fg_n": 30631.0,
  "summary_fg_p05": 39628.75390625,
  "summary_fg_p95": 70704.5390625,
  "summary_fg_stdv": 9576.8955078125,
  "tsnr": 27.839635848999023
}