{
  "aor": 0.0014026139088729017,
  "aqi": 0.019884422829736213,
  "bids_meta": {
    "AcquisitionMatrixPE": 78,
    "AcquisitionNumber": 7,
    "AcquisitionTime": "10:48:48.740000",
    "BodyPartExamined": "BRAIN",
    "CoilString": "MULTI_COIL",
    "ConversionSoftware": "dcm2niix",
    "ConversionSoftwareVersion": "v1.0.20190410  (JP2:OpenJPEG) GCC6.3.0",
    "Dcm2bidsVersion": "2.1.4",
    "DeviceSerialNumber": "42451",
    "EchoTime": 0.030001,
    "EchoTrainLength": 39,
    "FlipAngle": 75,
    "ImageOrientationPatientDICOM": [
      1,
      0,
      0.000628669,
      0,
      1,
      0
    ],
    "ImageType": [
      "ORIGINAL",
      "PRIMARY",
      "M",
      "FFE",
      "M",
      "FFE"
    ],
    "ImagingFrequency": 127.759,
    "InPlanePhaseEncodingDirectionDICOM": "COL",
    "InstitutionAddress": "Calzada_Mexico_Xochimilco_No.101_Tlalpan",
    "InstitutionName": "I.N._Psiquiatria",
    "InstitutionalDepartmentName": "Imagenes_Cerebrales",
    "MRAcquisitionType": "2D",
    "MagneticFieldStrength": 3,
    "Manufacturer": "Philips",
    "ManufacturersModelName": "Ingenia",
    "Modality": "MR",
    "PartialFourier": 0.5,
    "PatientPosition": "HFS",
    "PercentPhaseFOV": 100,
    "PhaseEncodingAxis": "j",
    "PhaseEncodingSteps": 78,
    "PhilipsRescaleIntercept": 0,
    "PhilipsRescaleSlope": 0.750183,
    "PhilipsScaleSlope": 0.0287687,
    "PixelBandwidth": 2071,
    "ProcedureStepDescription": "PROTOCOLO_FIBROMIALGIA",
    "ProtocolName": "WIP_TASK_FMRI",
    "ReconMatrixPE": 80,
    "RepetitionTime": 2,
    "SAR": 0.117678,
    "ScanOptions": "FS",
    "ScanningSequence": "GR",
    "SequenceVariant": "SK",
    "SeriesDescription": "TASK_FMRI",
    "SeriesNumber": 701,
    "SliceThickness": 3,
    "SliceTiming": [
      0,
      1.027027,
      0.054054,
      1.081081,
      0.108108,
      1.13513,
      0.162162,
      1.189189,
      0.216216,
      1.243244,
      0.27027,
      1.297298,
      0.324324,
      1.351352,
      0.378378,
      1.405406,
      0.432432,
      1.45946,
      0.486486,
      1.513514,
      0.540541,
      1.567568,
      0.594595,
      1.621622,
      0.648649,
      1.675676,
      0.702703,
      1.72973,
      0.756757,
      1.783784,
      0.810811,
      1.837838,
      0.864865,
      1.891892,
      0.918919,
      1.945947,
      0.972973
    ],
    "SoftwareVersions": "5.3.1_5.3.1.0",
    "SpacingBetweenSlices": 3,
    "StationName": "PHILIPS-CTMFQSD",
    "TaskName": "epr",
    "UsePhilipsFloatNotDisplayScaling": 1,
    "dataset": "ds004144",
    "modality": "bold",
    "subject_id": "055",
    "task_id": "epr"
  },
  "dummy_trs": 0,
  "dvars_nstd": 30.183133797442956,
  "dvars_std": 1.1844460225690276,
  "dvars_vstd": 0.9141857699519805,
  "efc": 0.39418882653458664,
  "fber": 124063.03125,
  "fd_mean": 0.18219882497022385,
  "fd_num": 336,
  "fd_perc": 40.28776978417266,
  "fwhm_avg": 1.8479733333333332,
  "fwhm_x": 1.8038366666666665,
  "fwhm_y": 1.9623333333333333,
  "fwhm_z": 1.77775,
  "gcor": 0.176312,
  "gsr_x": -0.01555914618074894,
  "gsr_y": 0.014696222729980946,
  "provenance": {
    "md5sum": "0070a530bbff59a0c1825accc654ab6b",
    "settings": {
      "fd_thres": 0.2,
      "testing": false
    },
    "software": "mriqc",
    "version": "23.0.0",
    "webapi_port": null,
    "webapi_url": "https://mriqc.nimh.nih.gov/api/v1"
  },
  "size_t": 834,
  "size_x": 80,
  "size_y": 80,
  "size_z": 37,
  "snr": 5.2677155319647975,
  "spacing_tr": 2.0000016689300537,
  "spacing_x": 3.0,
  "spacing_y": 3.0,
  "spacing_z": 3.0,
  "summary_bg_k": 143.7887748952412,
  "summary_bg_mad": 171.19817823743034,
  "summary_bg_mean": 1082.536376953125,
  "summary_bg_median": 145.71009826660156,
  "summary_bg_n": 167492.0,
  "summary_bg_p05": 11.035382556915284,
  "summary_bg_p95": 5234.848242187497,
  "summary_bg_stdv": 3263.517333984375,
  "summary_fg_k": 2.7312486717869753,
  "summary_fg_mad": 8103.457787403086,
  "summary_fg_mean": 51789.09375,
  "summary_fg_median": 51517.51171875,
  "summary_fg_n": 30357.0,
  "summary_fg_p05": 36725.16484375,
  "summary_fg_p95": 67325.2203125,
  "summary_fg_stdv": 9779.697265625,
  "tsnr": 31.51263427734375
}