{
  "aor": 0.0007035333333333334,
  "aqi": 0.009777721333333333,
  "bids_meta": {
    "AcquisitionMatrixPE": 78,
    "AcquisitionNumber": 3,
    "AcquisitionTime": "11:21:8.450000",
    "BodyPartExamined": "BRAIN",
    "CoilString": "MULTI_COIL",
    "ConversionSoftware": "dcm2niix",
    "ConversionSoftwareVersion": "v1.0.20190410  (JP2:OpenJPEG) GCC6.3.0",
    "Dcm2bidsVersion": "2.1.4",
    "DeviceSerialNumber": "42451",
    "EchoTime": 0.030001,
    "EchoTrainLength": 39,
    "FlipAngle": 75,
    "ImageOrientationPatientDICOM": [
      1,
      0,
      0.000558697,
      0,
      1,
      0
    ],
    "ImageType": [
      "ORIGINAL",
      "PRIMARY",
      "M",
      "FFE",
      "M",
      "FFE"
    ],
    "ImagingFrequency": 127.759,
    "InPlanePhaseEncodingDirectionDICOM": "COL",
    "InstitutionAddress": "Calzada_Mexico_Xochimilco_No.101_Tlalpan",
    "InstitutionName": "I.N._Psiquiatria",
    "InstitutionalDepartmentName": "Imagenes_Cerebrales",
    "MRAcquisitionType": "2D",
    "MagneticFieldStrength": 3,
    "Manufacturer": "Philips",
    "ManufacturersModelName": "Ingenia",
    "Modality": "MR",
    "PartialFourier": 0.5,
    "PatientPosition": "HFS",
    "PercentPhaseFOV": 100,
    "PhaseEncodingAxis": "j",
    "PhaseEncodingSteps": 78,
    "PhilipsRescaleIntercept": 0,
    "PhilipsRescaleSlope": 0.780708,
    "PhilipsScaleSlope": 0.0277562,
    "PixelBandwidth": 2071,
    "ProcedureStepDescription": "PROTOCOLO_FIBROMIALGIA",
    "ProtocolName": "WIP_RESTING_STATE_10m",
    "ReconMatrixPE": 80,
    "RepetitionTime": 2,
    "SAR": 0.117583,
    "ScanOptions": "FS",
    "ScanningSequence": "GR",
    "SequenceVariant": "SK",
    "SeriesDescription": "RESTING_STATE_10m",
    "SeriesNumber": 301,
    "SliceThickness": 3,
    "SliceTiming": [
      0,
      1.027027,
      0.054054,
      1.081081,
      0.108108,
      1.13513,
      0.162162,
      1.189189,
      0.216216,
      1.243244,
      0.27027,
      1.297298,
      0.324324,
      1.351352,
      0.378378,
      1.405406,
      0.432432,
      1.45946,
      0.486486,
      1.513514,
      0.540541,
      1.567568,
      0.594595,
      1.621622,
      0.648649,
      1.675676,
      0.702703,
      1.72973,
      0.756757,
      1.783784,
      0.810811,
      1.837838,
      0.864865,
      1.891892,
      0.918919,
      1.945947,
      0.972973
    ],
    "SoftwareVersions": "5.3.1_5.3.1.0",
    "SpacingBetweenSlices": 3,
    "StationName": "PHILIPS-CTMFQSD",
    "TaskName": "rest",
    "UsePhilipsFloatNotDisplayScaling": 1,
    "dataset": "ds004144",
    "modality": "bold",
    "subject_id": "062",
    "task_id": "rest"
  },
  "dummy_trs": 0,
  "dvars_nstd": 20.40648335989965,
  "dvars_std": 1.0590989258862873,
  "dvars_vstd": 0.9545721159866223,
  "efc": 0.3981216828565531,
  "fber": 114575.3203125,
  "fd_mean": 0.11385556224864521,
  "fd_num": 23,
  "fd_perc": 7.666666666666667,
  "fwhm_avg": 1.903831111111111,
  "fwhm_x": 1.8509366666666667,
  "fwhm_y": 2.013123333333333,
  "fwhm_z": 1.8474333333333333,
  "gcor": 0.158138,
  "gsr_x": -0.009062396362423897,
  "gsr_y": 0.011221067048609257,
  "provenance": {
    "md5sum": "65ea3b62239bc7d3d6b8823d1edb1b91",
    "settings": {
      "fd_thres": 0.2,
      "testing": false
    },
    "software": "mriqc",
    "version": "23.0.0",
    "webapi_port": null,
    "webapi_url": "https://mriqc.nimh.nih.gov/api/v1"
  },
  "size_t": 300,
  "size_x": 80,
  "size_y": 80,
  "size_z": 37,
  "snr": 4.891433985199572,
  "spacing_tr": 2.0000016689300537,
  "spacing_x": 3.0,
  "spacing_y": 3.0,
  "spacing_z": 3.0,
  "summary_bg_k": 313.3714688379031,
  "summary_bg_mad": 179.93536326479034,
  "summary_bg_mean": 871.5390014648438,
  "summary_bg_median": 153.1640625,
  "summary_bg_n": 164434.0,
  "summary_bg_p05": 11.537880754470825,
  "summary_bg_p95": 3513.0406250000033,
  "summary_bg_stdv": 2899.30517578125,
  "summary_fg_k": 3.616341908347869,
  "summary_fg_mad": 7481.4482425908245,
  "summary_fg_mean": 55394.734375,
  "summary_fg_median": 53752.1796875,
  "summary_fg_n": 33233.0,
  "summary_fg_p05": 41630.75546875,
  "summary_fg_p95": 77714.99374999994,
  "summary_fg_stdv": 10988.8779296875,
  "tsnr": 52.55658721923828
}