{
  "aor": 0.0004145203836930455,
  "aqi": 0.021860259952038368,
  "bids_meta": {
    "AcquisitionMatrixPE": 78,
    "AcquisitionNumber": 9,
    "AcquisitionTime": "12:03:28.980000",
    "BodyPartExamined": "BRAIN",
    "CoilString": "MULTI_COIL",
    "ConversionSoftware": "dcm2niix",
    "ConversionSoftwareVersion": "v1.0.20190410  (JP2:OpenJPEG) GCC6.3.0",
    "Dcm2bidsVersion": "2.1.4",
    "DeviceSerialNumber": "42451",
    "EchoTime": 0.030001,
    "EchoTrainLength": 39,
    "FlipAngle": 75,
    "ImageOrientationPatientDICOM": [
      1,
      0,
      0.000558697,
      0,
      1,
      0
    ],
    "ImageType": [
      "ORIGINAL",
      "PRIMARY",
      "M",
      "FFE",
      "M",
      "FFE"
    ],
    "ImagingFrequency": 127.759,
    "InPlanePhaseEncodingDirectionDICOM": "COL",
    "InstitutionAddress": "Calzada_Mexico_Xochimilco_No.101_Tlalpan",
    "InstitutionName": "I.N._Psiquiatria",
    "InstitutionalDepartmentName": "Imagenes_Cerebrales",
    "MRAcquisitionType": "2D",
    "MagneticFieldStrength": 3,
    "Manufacturer": "Philips",
    "ManufacturersModelName": "Ingenia",
    "Modality": "MR",
    "PartialFourier": 0.5,
    "PatientPosition": "HFS",
    "PercentPhaseFOV": 100,
    "PhaseEncodingAxis": "j",
    "PhaseEncodingSteps": 78,
    "PhilipsRescaleIntercept": 0,
    "PhilipsRescaleSlope": 0.782173,
    "PhilipsScaleSlope": 0.0255708,
    "PixelBandwidth": 2071,
    "ProcedureStepDescription": "PROTOCOLO_FIBROMIALGIA",
    "ProtocolName": "WIP_TASK_FMRI",
    "ReconMatrixPE": 80,
    "RepetitionTime": 2,
    "SAR": 0.117678,
    "ScanOptions": "FS",
    "ScanningSequence": "GR",
    "SequenceVariant": "SK",
    "SeriesDescription": "TASK_FMRI",
    "SeriesNumber": 901,
    "SliceThickness": 3,
    "SliceTiming": [
      0,
      1.027027,
      0.054054,
      1.081081,
      0.108108,
      1.13513,
      0.162162,
      1.189189,
      0.216216,
      1.243244,
      0.27027,
      1.297298,
      0.324324,
      1.351352,
      0.378378,
      1.405406,
      0.432432,
      1.45946,
      0.486486,
      1.513514,
      0.540541,
      1.567568,
      0.594595,
      1.621622,
      0.648649,
      1.675676,
      0.702703,
      1.72973,
      0.756757,
      1.783784,
      0.810811,
      1.837838,
      0.864865,
      1.891892,
      0.918919,
      1.945947,
      0.972973
    ],
    "SoftwareVersions": "5.3.1_5.3.1.0",
    "SpacingBetweenSlices": 3,
    "StationName": "PHILIPS-CTMFQSD",
    "TaskName": "epr",
    "UsePhilipsFloatNotDisplayScaling": 1,
    "dataset": "ds004144",
    "modality": "bold",
    "subject_id": "062",
    "task_id": "epr"
  },
  "dummy_trs": 0,
  "dvars_nstd": 21.866595461956795,
  "dvars_std": 1.025428539183673,
  "dvars_vstd": 0.901295815510204,
  "efc": 0.3989330901408505,
  "fber": 150560.046875,
  "fd_mean": 0.12838065277118935,
  "fd_num": 94,
  "fd_perc": 11.270983213429256,
  "fwhm_avg": 1.9564322222222224,
  "fwhm_x": 1.8971366666666667,
  "fwhm_y": 2.0650833333333334,
  "fwhm_z": 1.9070766666666668,
  "gcor": 0.119016,
  "gsr_x": -0.01019473746418953,
  "gsr_y": 0.01243521086871624,
  "provenance": {
    "md5sum": "2fe65dc4fc291775d7bb7d03c3e76a34",
    "settings": {
      "fd_thres": 0.2,
      "testing": false
    },
    "software": "mriqc",
    "version": "23.0.0",
    "webapi_port": null,
    "webapi_url": "https://mriqc.nimh.nih.gov/api/v1"
  },
  "size_t": 834,
  "size_x": 80,
  "size_y": 80,
  "size_z": 37,
  "snr": 4.732894723435285,
  "spacing_tr": 2.0000016689300537,
  "spacing_x": 3.0,
  "spacing_y": 3.0,
  "spacing_z": 3.0,
  "summary_bg_k": 237.38774825392258,
  "summary_bg_mad": 172.23141275223227,
  "summary_bg_mean": 959.1270751953125,
  "summary_bg_median": 146.1204071044922,
  "summary_bg_n": 164502.0,
  "summary_bg_p05": 15.949647569656374,
  "summary_bg_p95": 4077.3186645507794,
  "summary_bg_stdv": 2890.88818359375,
  "summary_fg_k": 3.1111745676529514,
  "summary_fg_mad": 8666.232740454114,
  "summary_fg_mean": 58902.8828125,
  "summary_fg_median": 57343.51171875,
  "summary_fg_n": 33189.0,
  "summary_fg_p05": 42963.6828125,
  "summary_fg_p95": 82775.7125,
  "summary_fg_stdv": 12115.7666015625,
  "tsnr": 31.662044525146484
}