{
  "bids_meta": {
    "AcquisitionMatrixPE": 240,
    "AcquisitionNumber": 5,
    "AcquisitionTime": "10:57:49.690000",
    "BodyPartExamined": "BRAIN",
    "CoilString": "MULTI_COIL",
    "ConversionSoftware": "dcm2niix",
    "ConversionSoftwareVersion": "v1.0.20190410  (JP2:OpenJPEG) GCC6.3.0",
    "Dcm2bidsVersion": "2.1.4",
    "DeviceSerialNumber": "42451",
    "EchoTime": 0.0035,
    "EchoTrainLength": 240,
    "FlipAngle": 8,
    "ImageOrientationPatientDICOM": [
      0,
      1,
      0,
      -0.00362181,
      0,
      -0.999993
    ],
    "ImageType": [
      "ORIGINAL",
      "PRIMARY",
      "M",
      "FFE",
      "M",
      "FFE"
    ],
    "ImagingFrequency": 127.759,
    "InPlanePhaseEncodingDirectionDICOM": "ROW",
    "InstitutionAddress": "Calzada_Mexico_Xochimilco_No.101_Tlalpan",
    "InstitutionName": "I.N._Psiquiatria",
    "InstitutionalDepartmentName": "Imagenes_Cerebrales",
    "MRAcquisitionType": "3D",
    "MagneticFieldStrength": 3,
    "Manufacturer": "Philips",
    "ManufacturersModelName": "Ingenia",
    "Modality": "MR",
    "PatientPosition": "HFS",
    "PercentPhaseFOV": 100,
    "PhaseEncodingSteps": 240,
    "PhilipsRescaleIntercept": 0,
    "PhilipsRescaleSlope": 3.39072,
    "PhilipsScaleSlope": 0.00572106,
    "PixelBandwidth": 310,
    "ProcedureStepDescription": "FIBROMIALGIA",
    "ProtocolName": "WIP_T1W",
    "ReconMatrixPE": 240,
    "RepetitionTime": 0.007,
    "SAR": 0.0382114,
    "ScanOptions": "OTHER",
    "ScanningSequence": "GR",
    "SequenceVariant": "MP",
    "SeriesDescription": "T1W",
    "SeriesNumber": 501,
    "SliceThickness": 1,
    "SoftwareVersions": "5.3.1_5.3.1.0",
    "SpacingBetweenSlices": 1,
    "StationName": "PHILIPS-CTMFQSD",
    "UsePhilipsFloatNotDisplayScaling": 1,
    "dataset": "ds004144",
    "modality": "T1w",
    "subject_id": "005"
  },
  "cjv": 0.3444718975013525,
  "cnr": 3.9560112065526534,
  "efc": 0.6857905721290324,
  "fber": -1.0,
  "fwhm_avg": 4.58045,
  "fwhm_x": 4.45162,
  "fwhm_y": 4.9098,
  "fwhm_z": 4.37993,
  "icvs_csf": 0.20439856959429503,
  "icvs_gm": 0.4315662558773019,
  "icvs_wm": 0.364035174528403,
  "inu_med": 0.38814324140548706,
  "inu_range": 0.1516501009464264,
  "provenance": {
    "md5sum": "e9231a991bd15302864350f4d9cfdb92",
    "settings": {
      "testing": false
    },
    "software": "mriqc",
    "version": "23.0.0",
    "warnings": {
      "large_rot_frame": true,
      "small_air_mask": false
    },
    "webapi_port": null,
    "webapi_url": "https://mriqc.nimh.nih.gov/api/v1"
  },
  "qi_1": 0.01719038982157376,
  "qi_2": 4.481449889047432e-05,
  "rpve_csf": 24.325587932386593,
  "rpve_gm": 12.112146598471412,
  "rpve_wm": 16.409208743204246,
  "size_x": 180,
  "size_y": 240,
  "size_z": 240,
  "snr_csf": 2.6382401721085733,
  "snr_gm": 15.30441517615836,
  "snr_total": 16.094431752397803,
  "snr_wm": 30.34063990892648,
  "snrd_csf": 32.92731240997004,
  "snrd_gm": 78.45216509801946,
  "snrd_total": 71.42836860555943,
  "snrd_wm": 102.90562830868878,
  "spacing_x": 1.0,
  "spacing_y": 1.0,
  "spacing_z": 1.0,
  "summary_bg_k": 11.310987845074415,
  "summary_bg_mad": 0.0,
  "summary_bg_mean": 2.749301044031068,
  "summary_bg_median": 0.0,
  "summary_bg_n": 631326.0,
  "summary_bg_p05": 0.0,
  "summary_bg_p95": 16.95325149409473,
  "summary_bg_stdv": 6.366534572749716,
  "summary_csf_k": 0.5611177322886518,
  "summary_csf_mad": 97.29476159344176,
  "summary_csf_mean": 317.23665703354027,
  "summary_csf_median": 319.98355280794203,
  "summary_csf_n": 34978.0,
  "summary_csf_p05": 92.98531955359503,
  "summary_csf_p95": 518.9037190371193,
  "summary_csf_stdv": 121.28500736563733,
  "summary_gm_k": 0.13121968443121323,
  "summary_gm_mad": 49.947154191879264,
  "summary_gm_mean": 761.482342206537,
  "summary_gm_median": 762.3884452208877,
  "summary_gm_n": 40705.0,
  "summary_gm_p05": 678.3235348165035,
  "summary_gm_p95": 841.0118697676808,
  "summary_gm_stdv": 49.81432296413896,
  "summary_wm_k": 0.28613414532312964,
  "summary_wm_mad": 31.911677839750567,
  "summary_wm_mean": 1000.648418235218,
  "summary_wm_median": 1000.0241787172854,
  "summary_wm_n": 197021.0,
  "summary_wm_p05": 947.7859144844115,
  "summary_wm_p95": 1055.8175470437855,
  "summary_wm_stdv": 32.959807171303275,
  "tpm_overlap_csf": 0.15917985366974893,
  "tpm_overlap_gm": 0.48178238514037597,
  "tpm_overlap_wm": 0.5341822074842394,
  "wm2max": 0.7926770823348989
}