{
  "aor": 0.0010449333333333332,
  "aqi": 0.0148088375,
  "bids_meta": {
    "AcquisitionDateTime": "2019-08-02T13:02:54.796875",
    "ConversionSoftware": "dcm2niix",
    "ConversionSoftwareVersion": "v1.0.20170130",
    "EchoTime": 0.030001,
    "FlipAngle": 75,
    "ImageType": [
      "ORIGINAL",
      "PRIMARY",
      "M",
      "FFE",
      "M",
      "FFE"
    ],
    "MagneticFieldStrength": 3,
    "Manufacturer": "Philips",
    "ManufacturersModelName": "Ingenia",
    "ProcedureStepDescription": "FIBROMIALGIA",
    "ProtocolName": "WIP_RESTING_STATE_10m",
    "RepetitionTime": 2,
    "SliceTiming": [
      0.0,
      1.027027,
      0.054054,
      1.081081,
      0.108108,
      1.13513,
      0.162162,
      1.189189,
      0.216216,
      1.243244,
      0.27027,
      1.297298,
      0.324324,
      1.351352,
      0.378378,
      1.405406,
      0.432432,
      1.45946,
      0.486486,
      1.513514,
      0.540541,
      1.567568,
      0.594595,
      1.621622,
      0.648649,
      1.675676,
      0.702703,
      1.72973,
      0.756757,
      1.783784,
      0.810811,
      1.837838,
      0.864865,
      1.891892,
      0.918919,
      1.945947,
      0.972973
    ],
    "TaskName": "rest",
    "dataset": "ds004144",
    "modality": "bold",
    "subject_id": "072",
    "task_id": "rest"
  },
  "dummy_trs": 0,
  "dvars_nstd": 23.4697892373913,
  "dvars_std": 0.9565645560535118,
  "dvars_vstd": 0.9012171740802677,
  "efc": 0.39449528339788253,
  "fber": 69524.59375,
  "fd_mean": 0.19032368325258212,
  "fd_num": 141,
  "fd_perc": 47.0,
  "fwhm_avg": 1.9454588400703046,
  "fwhm_x": 1.8915866666666667,
  "fwhm_y": 2.10195,
  "fwhm_z": 1.842839853544247,
  "gcor": 0.0846872,
  "gsr_x": -0.007567307911813259,
  "gsr_y": 0.0013623450649902225,
  "provenance": {
    "md5sum": "189bc528771ce1ac3292a5a6f274089d",
    "settings": {
      "fd_thres": 0.2,
      "testing": false
    },
    "software": "mriqc",
    "version": "23.0.0",
    "webapi_port": null,
    "webapi_url": "https://mriqc.nimh.nih.gov/api/v1"
  },
  "size_t": 300,
  "size_x": 80,
  "size_y": 80,
  "size_z": 37,
  "snr": 4.977729951008696,
  "spacing_tr": 2.0000016689300537,
  "spacing_x": 3.0,
  "spacing_y": 3.0,
  "spacing_z": 3.000000238418579,
  "summary_bg_k": 73.80981561732213,
  "summary_bg_mad": 208.78773285260064,
  "summary_bg_mean": 1075.544677734375,
  "summary_bg_median": 200.6669158935547,
  "summary_bg_n": 166664.0,
  "summary_bg_p05": 26.292067527770996,
  "summary_bg_p95": 4884.0854492187555,
  "summary_bg_stdv": 3034.012451171875,
  "summary_fg_k": 4.990300978894932,
  "summary_fg_mad": 8014.110733785917,
  "summary_fg_mean": 54696.3671875,
  "summary_fg_median": 53890.15625,
  "summary_fg_n": 30878.0,
  "summary_fg_p05": 39670.5017578125,
  "summary_fg_p95": 72767.50585937496,
  "summary_fg_stdv": 10826.076171875,
  "tsnr": 42.79431915283203
}