{
  "bids_meta": {
    "AcquisitionMatrixPE": 240,
    "AcquisitionNumber": 5,
    "AcquisitionTime": "12:19:14.750000",
    "BodyPartExamined": "BRAIN",
    "CoilString": "MULTI_COIL",
    "ConversionSoftware": "dcm2niix",
    "ConversionSoftwareVersion": "v1.0.20190410  (JP2:OpenJPEG) GCC6.3.0",
    "Dcm2bidsVersion": "2.1.4",
    "DeviceSerialNumber": "42451",
    "EchoTime": 0.331,
    "EchoTrainLength": 117,
    "FlipAngle": 90,
    "ImageOrientationPatientDICOM": [
      0,
      1,
      0,
      0.000564382,
      0,
      -1
    ],
    "ImageType": [
      "ORIGINAL",
      "PRIMARY",
      "M",
      "SE",
      "M",
      "SE"
    ],
    "ImagingFrequency": 127.759,
    "InPlanePhaseEncodingDirectionDICOM": "ROW",
    "InstitutionAddress": "Calzada_Mexico_Xochimilco_No.101_Tlalpan",
    "InstitutionName": "I.N._Psiquiatria",
    "InstitutionalDepartmentName": "Imagenes_Cerebrales",
    "MRAcquisitionType": "3D",
    "MagneticFieldStrength": 3,
    "Manufacturer": "Philips",
    "ManufacturersModelName": "Ingenia",
    "Modality": "MR",
    "PatientPosition": "HFS",
    "PercentPhaseFOV": 100,
    "PhaseEncodingSteps": 240,
    "PhilipsRescaleIntercept": 0,
    "PhilipsRescaleSlope": 1.40952,
    "PhilipsScaleSlope": 0.00352955,
    "PixelBandwidth": 413,
    "ProcedureStepDescription": "PROTOCOLO_FIBROMIALGIA",
    "ProtocolName": "WIP_T2W",
    "ReconMatrixPE": 240,
    "RepetitionTime": 2.5,
    "SAR": 0.030152,
    "ScanOptions": "FS",
    "ScanningSequence": "SE",
    "SequenceVariant": "SK",
    "SeriesDescription": "T2W",
    "SeriesNumber": 501,
    "SliceThickness": 1,
    "SoftwareVersions": "5.3.1_5.3.1.0",
    "SpacingBetweenSlices": 1,
    "StationName": "PHILIPS-CTMFQSD",
    "UsePhilipsFloatNotDisplayScaling": 1,
    "dataset": "ds004144",
    "modality": "T2w",
    "subject_id": "053"
  },
  "cjv": 0.584399734558914,
  "cnr": 1.324147077361438,
  "efc": 0.513619819799431,
  "fber": -1.0,
  "fwhm_avg": 2.55296,
  "fwhm_x": 2.56751,
  "fwhm_y": 2.67182,
  "fwhm_z": 2.41955,
  "icvs_csf": 0.20133392313353538,
  "icvs_gm": 0.20969151802068456,
  "icvs_wm": 0.5889745588457801,
  "inu_med": 0.8102443814277649,
  "inu_range": 0.15510855913162225,
  "provenance": {
    "md5sum": "25513554e0edbdf4ce609c07372ec548",
    "settings": {
      "testing": false
    },
    "software": "mriqc",
    "version": "23.0.0",
    "warnings": {
      "large_rot_frame": true,
      "small_air_mask": false
    },
    "webapi_port": null,
    "webapi_url": "https://mriqc.nimh.nih.gov/api/v1"
  },
  "qi_1": 0.05185711858926937,
  "qi_2": 1.8793419098850704e-05,
  "rpve_csf": 23.412028944219703,
  "rpve_gm": 32.98219648903541,
  "rpve_wm": 12.000195009622031,
  "size_x": 180,
  "size_y": 240,
  "size_z": 240,
  "snr_csf": 8.426220887678666,
  "snr_gm": 1.9853887874041762,
  "snr_total": 7.172556423931259,
  "snr_wm": 11.106059596710939,
  "snrd_csf": 54.09303790512697,
  "snrd_gm": 103.00881778811372,
  "snrd_total": 63.76124220531949,
  "snrd_wm": 34.1818709227178,
  "spacing_x": 1.0,
  "spacing_y": 1.0,
  "spacing_z": 1.0,
  "summary_bg_k": 381.3742516731659,
  "summary_bg_mad": 0.0,
  "summary_bg_mean": 4.469164076347674,
  "summary_bg_median": 0.0,
  "summary_bg_n": 953538.0,
  "summary_bg_p05": 0.0,
  "summary_bg_p95": 26.97969937324524,
  "summary_bg_stdv": 19.171166285563306,
  "summary_csf_k": 1.6597068372058175,
  "summary_csf_mad": 152.30830970743736,
  "summary_csf_mean": 1608.425883846677,
  "summary_csf_median": 1582.9171216413379,
  "summary_csf_n": 4934.0,
  "summary_csf_p05": 1355.457502309978,
  "summary_csf_p95": 1970.4616951745,
  "summary_csf_stdv": 187.83707732071528,
  "summary_gm_k": -1.6185393913539168,
  "summary_gm_mad": 1085.2928609014177,
  "summary_gm_mean": 2228.817607213493,
  "summary_gm_median": 3014.3328544944525,
  "summary_gm_n": 56261.0,
  "summary_gm_p05": 85.9977917522192,
  "summary_gm_p95": 3813.217318147421,
  "summary_gm_stdv": 1518.2447310410148,
  "summary_wm_k": 0.03635964825548532,
  "summary_wm_mad": 91.7311410737975,
  "summary_wm_mean": 1000.8684088301084,
  "summary_wm_median": 1000.2593832537532,
  "summary_wm_n": 257995.0,
  "summary_wm_p05": 854.9840789362788,
  "summary_wm_p95": 1146.507513269782,
  "summary_wm_stdv": 90.06411644174464,
  "tpm_overlap_csf": 0.1170844285299479,
  "tpm_overlap_gm": 0.12463691390263981,
  "tpm_overlap_wm": 0.46123229872997934,
  "wm2max": 0.26247447243022465
}