{
  "aor": 0.0016188609112709833,
  "aqi": 0.022828836570743406,
  "bids_meta": {
    "AcquisitionMatrixPE": 78,
    "AcquisitionNumber": 7,
    "AcquisitionTime": "12:27:43.820000",
    "BodyPartExamined": "BRAIN",
    "CoilString": "MULTI_COIL",
    "ConversionSoftware": "dcm2niix",
    "ConversionSoftwareVersion": "v1.0.20190410  (JP2:OpenJPEG) GCC6.3.0",
    "Dcm2bidsVersion": "2.1.4",
    "DeviceSerialNumber": "42451",
    "EchoTime": 0.030001,
    "EchoTrainLength": 39,
    "FlipAngle": 75,
    "ImageOrientationPatientDICOM": [
      1,
      0,
      0.000422149,
      0,
      1,
      0
    ],
    "ImageType": [
      "ORIGINAL",
      "PRIMARY",
      "M",
      "FFE",
      "M",
      "FFE"
    ],
    "ImagingFrequency": 127.759,
    "InPlanePhaseEncodingDirectionDICOM": "COL",
    "InstitutionAddress": "Calzada_Mexico_Xochimilco_No.101_Tlalpan",
    "InstitutionName": "I.N._Psiquiatria",
    "InstitutionalDepartmentName": "Imagenes_Cerebrales",
    "MRAcquisitionType": "2D",
    "MagneticFieldStrength": 3,
    "Manufacturer": "Philips",
    "ManufacturersModelName": "Ingenia",
    "Modality": "MR",
    "PartialFourier": 0.5,
    "PatientPosition": "HFS",
    "PercentPhaseFOV": 100,
    "PhaseEncodingAxis": "j",
    "PhaseEncodingSteps": 78,
    "PhilipsRescaleIntercept": 0,
    "PhilipsRescaleSlope": 0.750916,
    "PhilipsScaleSlope": 0.0247193,
    "PixelBandwidth": 2071,
    "ProcedureStepDescription": "PROTOCOLO_FIBROMIALGIA",
    "ProtocolName": "WIP_TASK_FMRI",
    "ReconMatrixPE": 80,
    "RepetitionTime": 2,
    "SAR": 0.117678,
    "ScanOptions": "FS",
    "ScanningSequence": "GR",
    "SequenceVariant": "SK",
    "SeriesDescription": "TASK_FMRI",
    "SeriesNumber": 701,
    "SliceThickness": 3,
    "SliceTiming": [
      0,
      1.027027,
      0.054054,
      1.081081,
      0.108108,
      1.13513,
      0.162162,
      1.189189,
      0.216216,
      1.243244,
      0.27027,
      1.297298,
      0.324324,
      1.351352,
      0.378378,
      1.405406,
      0.432432,
      1.45946,
      0.486486,
      1.513514,
      0.540541,
      1.567568,
      0.594595,
      1.621622,
      0.648649,
      1.675676,
      0.702703,
      1.72973,
      0.756757,
      1.783784,
      0.810811,
      1.837838,
      0.864865,
      1.891892,
      0.918919,
      1.945947,
      0.972973
    ],
    "SoftwareVersions": "5.3.1_5.3.1.0",
    "SpacingBetweenSlices": 3,
    "StationName": "PHILIPS-CTMFQSD",
    "TaskName": "epr",
    "UsePhilipsFloatNotDisplayScaling": 1,
    "dataset": "ds004144",
    "modality": "bold",
    "subject_id": "070",
    "task_id": "epr"
  },
  "dummy_trs": 0,
  "dvars_nstd": 30.42687528723888,
  "dvars_std": 1.2209762635174064,
  "dvars_vstd": 0.9461890916686677,
  "efc": 0.40996594263935077,
  "fber": 114357.8984375,
  "fd_mean": 0.17029625887626956,
  "fd_num": 202,
  "fd_perc": 24.22062350119904,
  "fwhm_avg": 2.029682222222222,
  "fwhm_x": 1.9680166666666665,
  "fwhm_y": 2.118,
  "fwhm_z": 2.00303,
  "gcor": 0.11019,
  "gsr_x": -0.011304331012070179,
  "gsr_y": 0.014873852021992207,
  "provenance": {
    "md5sum": "81288eb3f77c351dccc9b60f15955e7e",
    "settings": {
      "fd_thres": 0.2,
      "testing": false
    },
    "software": "mriqc",
    "version": "23.0.0",
    "webapi_port": null,
    "webapi_url": "https://mriqc.nimh.nih.gov/api/v1"
  },
  "size_t": 834,
  "size_x": 80,
  "size_y": 80,
  "size_z": 37,
  "snr": 5.3012052977171855,
  "spacing_tr": 2.0000016689300537,
  "spacing_x": 3.0,
  "spacing_y": 3.0,
  "spacing_z": 3.0,
  "summary_bg_k": 118.54296146837108,
  "summary_bg_mad": 207.4362264368746,
  "summary_bg_mean": 1271.17822265625,
  "summary_bg_median": 180.0155029296875,
  "summary_bg_n": 163539.0,
  "summary_bg_p05": 20.543908882141114,
  "summary_bg_p95": 5869.811523437509,
  "summary_bg_stdv": 4012.7685546875,
  "summary_fg_k": 2.3997318405350567,
  "summary_fg_mad": 9847.7479845973,
  "summary_fg_mean": 62157.4375,
  "summary_fg_median": 62022.046875,
  "summary_fg_n": 33274.0,
  "summary_fg_p05": 43428.3275390625,
  "summary_fg_p95": 80593.29726562499,
  "summary_fg_stdv": 11699.4365234375,
  "tsnr": 30.62993621826172
}