{
  "aor": 0.0022149,
  "aqi": 0.020212479666666668,
  "bids_meta": {
    "AcquisitionMatrixPE": 78,
    "AcquisitionNumber": 3,
    "AcquisitionTime": "12:01:15.700000",
    "BodyPartExamined": "BRAIN",
    "CoilString": "MULTI_COIL",
    "ConversionSoftware": "dcm2niix",
    "ConversionSoftwareVersion": "v1.0.20190410  (JP2:OpenJPEG) GCC6.3.0",
    "Dcm2bidsVersion": "2.1.4",
    "DeviceSerialNumber": "42451",
    "EchoTime": 0.030001,
    "EchoTrainLength": 39,
    "FlipAngle": 75,
    "ImageOrientationPatientDICOM": [
      1,
      0,
      0.000422149,
      0,
      1,
      0
    ],
    "ImageType": [
      "ORIGINAL",
      "PRIMARY",
      "M",
      "FFE",
      "M",
      "FFE"
    ],
    "ImagingFrequency": 127.759,
    "InPlanePhaseEncodingDirectionDICOM": "COL",
    "InstitutionAddress": "Calzada_Mexico_Xochimilco_No.101_Tlalpan",
    "InstitutionName": "I.N._Psiquiatria",
    "InstitutionalDepartmentName": "Imagenes_Cerebrales",
    "MRAcquisitionType": "2D",
    "MagneticFieldStrength": 3,
    "Manufacturer": "Philips",
    "ManufacturersModelName": "Ingenia",
    "Modality": "MR",
    "PartialFourier": 0.5,
    "PatientPosition": "HFS",
    "PercentPhaseFOV": 100,
    "PhaseEncodingAxis": "j",
    "PhaseEncodingSteps": 78,
    "PhilipsRescaleIntercept": 0,
    "PhilipsRescaleSlope": 0.756288,
    "PhilipsScaleSlope": 0.0234339,
    "PixelBandwidth": 2071,
    "ProcedureStepDescription": "PROTOCOLO_FIBROMIALGIA",
    "ProtocolName": "WIP_RESTING_STATE_10m",
    "ReconMatrixPE": 80,
    "RepetitionTime": 2,
    "SAR": 0.117583,
    "ScanOptions": "FS",
    "ScanningSequence": "GR",
    "SequenceVariant": "SK",
    "SeriesDescription": "RESTING_STATE_10m",
    "SeriesNumber": 301,
    "SliceThickness": 3,
    "SliceTiming": [
      0,
      1.027027,
      0.054054,
      1.081081,
      0.108108,
      1.13513,
      0.162162,
      1.189189,
      0.216216,
      1.243244,
      0.27027,
      1.297298,
      0.324324,
      1.351352,
      0.378378,
      1.405406,
      0.432432,
      1.45946,
      0.486486,
      1.513514,
      0.540541,
      1.567568,
      0.594595,
      1.621622,
      0.648649,
      1.675676,
      0.702703,
      1.72973,
      0.756757,
      1.783784,
      0.810811,
      1.837838,
      0.864865,
      1.891892,
      0.918919,
      1.945947,
      0.972973
    ],
    "SoftwareVersions": "5.3.1_5.3.1.0",
    "SpacingBetweenSlices": 3,
    "StationName": "PHILIPS-CTMFQSD",
    "TaskName": "rest",
    "UsePhilipsFloatNotDisplayScaling": 1,
    "dataset": "ds004144",
    "modality": "bold",
    "subject_id": "070",
    "task_id": "rest"
  },
  "dummy_trs": 0,
  "dvars_nstd": 30.287316931538456,
  "dvars_std": 1.1089313329765886,
  "dvars_vstd": 0.9357004521404675,
  "efc": 0.40831681632260425,
  "fber": 129040.578125,
  "fd_mean": 0.24398268436519516,
  "fd_num": 103,
  "fd_perc": 34.333333333333336,
  "fwhm_avg": 1.9694244444444446,
  "fwhm_x": 1.9184066666666666,
  "fwhm_y": 2.0506100000000003,
  "fwhm_z": 1.9392566666666669,
  "gcor": 0.102655,
  "gsr_x": -0.010754082351922989,
  "gsr_y": 0.017374973744153976,
  "provenance": {
    "md5sum": "aa41fc32283ca91ec4726ae7025c88fb",
    "settings": {
      "fd_thres": 0.2,
      "testing": false
    },
    "software": "mriqc",
    "version": "23.0.0",
    "webapi_port": null,
    "webapi_url": "https://mriqc.nimh.nih.gov/api/v1"
  },
  "size_t": 300,
  "size_x": 80,
  "size_y": 80,
  "size_z": 37,
  "snr": 5.37952792498662,
  "spacing_tr": 2.0000016689300537,
  "spacing_x": 3.0,
  "spacing_y": 3.0,
  "spacing_z": 3.0,
  "summary_bg_k": 133.4796804287679,
  "summary_bg_mad": 185.749147803725,
  "summary_bg_mean": 1247.951904296875,
  "summary_bg_median": 164.8072509765625,
  "summary_bg_n": 163672.0,
  "summary_bg_p05": 19.64017105102539,
  "summary_bg_p95": 5613.433691406248,
  "summary_bg_stdv": 4224.38720703125,
  "summary_fg_k": 2.440403772592532,
  "summary_fg_mad": 9641.91820277387,
  "summary_fg_mean": 61241.18359375,
  "summary_fg_median": 60862.8046875,
  "summary_fg_n": 33200.0,
  "summary_fg_p05": 43564.9314453125,
  "summary_fg_p95": 79718.95234375,
  "summary_fg_stdv": 11313.611328125,
  "tsnr": 37.11676025390625
}