{
  "bids_meta": {
    "AcquisitionMatrixPE": 240,
    "AcquisitionNumber": 6,
    "AcquisitionTime": "09:30:29.610000",
    "BodyPartExamined": "BRAIN",
    "CoilString": "MULTI_COIL",
    "ConversionSoftware": "dcm2niix",
    "ConversionSoftwareVersion": "v1.0.20190410  (JP2:OpenJPEG) GCC6.3.0",
    "Dcm2bidsVersion": "2.1.4",
    "DeviceSerialNumber": "42451",
    "EchoTime": 0.331,
    "EchoTrainLength": 117,
    "FlipAngle": 90,
    "ImageOrientationPatientDICOM": [
      0,
      1,
      0,
      -0.0440919,
      0,
      -0.999027
    ],
    "ImageType": [
      "ORIGINAL",
      "PRIMARY",
      "M",
      "SE",
      "M",
      "SE"
    ],
    "ImagingFrequency": 127.759,
    "InPlanePhaseEncodingDirectionDICOM": "ROW",
    "InstitutionAddress": "Calzada_Mexico_Xochimilco_No.101_Tlalpan",
    "InstitutionName": "I.N._Psiquiatria",
    "InstitutionalDepartmentName": "Imagenes_Cerebrales",
    "MRAcquisitionType": "3D",
    "MagneticFieldStrength": 3,
    "Manufacturer": "Philips",
    "ManufacturersModelName": "Ingenia",
    "Modality": "MR",
    "PatientPosition": "HFS",
    "PercentPhaseFOV": 100,
    "PhaseEncodingSteps": 240,
    "PhilipsRescaleIntercept": 0,
    "PhilipsRescaleSlope": 1.3619,
    "PhilipsScaleSlope": 0.0030275,
    "PixelBandwidth": 413,
    "ProcedureStepDescription": "PROTOCOLO_FIBROMIALGIA",
    "ProtocolName": "WIP_T2W",
    "ReconMatrixPE": 240,
    "RepetitionTime": 2.5,
    "SAR": 0.030152,
    "ScanOptions": "FS",
    "ScanningSequence": "SE",
    "SequenceVariant": "SK",
    "SeriesDescription": "T2W",
    "SeriesNumber": 601,
    "SliceThickness": 1,
    "SoftwareVersions": "5.3.1_5.3.1.0",
    "SpacingBetweenSlices": 1,
    "StationName": "PHILIPS-CTMFQSD",
    "UsePhilipsFloatNotDisplayScaling": 1,
    "dataset": "ds004144",
    "modality": "T2w",
    "subject_id": "030"
  },
  "cjv": 0.6861779683507669,
  "cnr": 1.2321913152936652,
  "efc": 0.49563175174881186,
  "fber": -1.0,
  "fwhm_avg": 2.6415933333333332,
  "fwhm_x": 2.65533,
  "fwhm_y": 2.727,
  "fwhm_z": 2.54245,
  "icvs_csf": 0.19072028130109242,
  "icvs_gm": 0.19152157262012062,
  "icvs_wm": 0.617758146078787,
  "inu_med": 0.840828537940979,
  "inu_range": 0.20705810785293566,
  "provenance": {
    "md5sum": "d1ae80d811761a98fd5b80346e6a7cb7",
    "settings": {
      "testing": false
    },
    "software": "mriqc",
    "version": "23.0.0",
    "warnings": {
      "large_rot_frame": true,
      "small_air_mask": false
    },
    "webapi_port": null,
    "webapi_url": "https://mriqc.nimh.nih.gov/api/v1"
  },
  "qi_1": 0.10241576284189642,
  "qi_2": 1.7985760331162344e-05,
  "rpve_csf": 24.723310090030715,
  "rpve_gm": 37.44381560997145,
  "rpve_wm": 11.840629456171431,
  "size_x": 180,
  "size_y": 240,
  "size_z": 240,
  "snr_csf": 6.19341081041966,
  "snr_gm": 1.902692063136976,
  "snr_total": 6.132430387564919,
  "snr_wm": 10.301188289138121,
  "snrd_csf": 81.57597030115855,
  "snrd_gm": 142.83866193945974,
  "snrd_total": 91.51792726756112,
  "snrd_wm": 50.13914956206504,
  "spacing_x": 1.0,
  "spacing_y": 1.0,
  "spacing_z": 1.0,
  "summary_bg_k": 288.3313872537623,
  "summary_bg_mad": 0.0,
  "summary_bg_mean": 3.541528344034495,
  "summary_bg_median": 0.0,
  "summary_bg_n": 939349.0,
  "summary_bg_p05": 0.0,
  "summary_bg_p95": 26.62682682275772,
  "summary_bg_stdv": 13.069835293686907,
  "summary_csf_k": 2.1436488566768466,
  "summary_csf_mad": 221.79966121128166,
  "summary_csf_mean": 1660.0885601660264,
  "summary_csf_median": 1627.4236872792244,
  "summary_csf_n": 2208.0,
  "summary_csf_p05": 1317.1182331442833,
  "summary_csf_p95": 2142.2809403389697,
  "summary_csf_stdv": 262.7074428667328,
  "summary_gm_k": -1.7601450639193734,
  "summary_gm_mad": 1169.5428207678767,
  "summary_gm_mean": 2053.049370119704,
  "summary_gm_median": 2849.6016785502434,
  "summary_gm_n": 40655.0,
  "summary_gm_p05": 95.41832953691483,
  "summary_gm_p95": 3676.3148505985732,
  "summary_gm_stdv": 1497.6499284367683,
  "summary_wm_k": -0.11501908213018996,
  "summary_wm_mad": 99.43082903834642,
  "summary_wm_mean": 1000.7788558818838,
  "summary_wm_median": 1000.265634059906,
  "summary_wm_n": 269773.0,
  "summary_wm_p05": 841.9654965400696,
  "summary_wm_p95": 1159.4289854168892,
  "summary_wm_stdv": 97.10178593769398,
  "tpm_overlap_csf": 0.12270760509562874,
  "tpm_overlap_gm": 0.11261274769495433,
  "tpm_overlap_wm": 0.45987972217666506,
  "wm2max": 0.2719526285384171
}