{
  "bids_meta": {
    "AcquisitionMatrixPE": 240,
    "AcquisitionNumber": 5,
    "AcquisitionTime": "11:35:36.750000",
    "BodyPartExamined": "BRAIN",
    "CoilString": "MULTI_COIL",
    "ConversionSoftware": "dcm2niix",
    "ConversionSoftwareVersion": "v1.0.20190410  (JP2:OpenJPEG) GCC6.3.0",
    "Dcm2bidsVersion": "2.1.4",
    "DeviceSerialNumber": "42451",
    "EchoTime": 0.331,
    "EchoTrainLength": 117,
    "FlipAngle": 90,
    "ImageOrientationPatientDICOM": [
      0,
      1,
      0,
      0.000558697,
      0,
      -1
    ],
    "ImageType": [
      "ORIGINAL",
      "PRIMARY",
      "M",
      "SE",
      "M",
      "SE"
    ],
    "ImagingFrequency": 127.759,
    "InPlanePhaseEncodingDirectionDICOM": "ROW",
    "InstitutionAddress": "Calzada_Mexico_Xochimilco_No.101_Tlalpan",
    "InstitutionName": "I.N._Psiquiatria",
    "InstitutionalDepartmentName": "Imagenes_Cerebrales",
    "MRAcquisitionType": "3D",
    "MagneticFieldStrength": 3,
    "Manufacturer": "Philips",
    "ManufacturersModelName": "Ingenia",
    "Modality": "MR",
    "PatientPosition": "HFS",
    "PercentPhaseFOV": 100,
    "PhaseEncodingSteps": 240,
    "PhilipsRescaleIntercept": 0,
    "PhilipsRescaleSlope": 1.37241,
    "PhilipsScaleSlope": 0.00335065,
    "PixelBandwidth": 413,
    "ProcedureStepDescription": "PROTOCOLO_FIBROMIALGIA",
    "ProtocolName": "WIP_T2W",
    "ReconMatrixPE": 240,
    "RepetitionTime": 2.5,
    "SAR": 0.030152,
    "ScanOptions": "FS",
    "ScanningSequence": "SE",
    "SequenceVariant": "SK",
    "SeriesDescription": "T2W",
    "SeriesNumber": 501,
    "SliceThickness": 1,
    "SoftwareVersions": "5.3.1_5.3.1.0",
    "SpacingBetweenSlices": 1,
    "StationName": "PHILIPS-CTMFQSD",
    "UsePhilipsFloatNotDisplayScaling": 1,
    "dataset": "ds004144",
    "modality": "T2w",
    "subject_id": "062"
  },
  "cjv": 0.21308909649013735,
  "cnr": 4.563105754540164,
  "efc": 0.46376095332485195,
  "fber": -1.0,
  "fwhm_avg": 3.0390833333333336,
  "fwhm_x": 3.04651,
  "fwhm_y": 3.12231,
  "fwhm_z": 2.94843,
  "icvs_csf": 0.238475906130136,
  "icvs_gm": 0.7122415072557123,
  "icvs_wm": 0.04928258661415169,
  "inu_med": 0.8609952628612518,
  "inu_range": 0.16104902923107145,
  "provenance": {
    "md5sum": "67fecc6fc6bd3345ab5a0bf170d401ae",
    "settings": {
      "testing": false
    },
    "software": "mriqc",
    "version": "23.0.0",
    "warnings": {
      "large_rot_frame": true,
      "small_air_mask": false
    },
    "webapi_port": null,
    "webapi_url": "https://mriqc.nimh.nih.gov/api/v1"
  },
  "qi_1": 0.008328177749714179,
  "qi_2": 3.492217562504871e-06,
  "rpve_csf": 20.483877829754494,
  "rpve_gm": 9.71164142630736,
  "rpve_wm": 120.79623323615161,
  "size_x": 180,
  "size_y": 240,
  "size_z": 240,
  "snr_csf": 5.587183611831503,
  "snr_gm": 9.737387304786491,
  "snr_total": 5.411956053953435,
  "snr_wm": 0.9112972452423064,
  "snrd_csf": 46.10897131182231,
  "snrd_gm": 14.538030437466793,
  "snrd_total": 20.886499897197186,
  "snrd_wm": 2.012497942302457,
  "spacing_x": 1.0,
  "spacing_y": 1.0,
  "spacing_z": 1.0,
  "summary_bg_k": 72.80987007073534,
  "summary_bg_mad": 0.0,
  "summary_bg_mean": 75.84944800173437,
  "summary_bg_median": 0.0,
  "summary_bg_n": 1717492.0,
  "summary_bg_p05": 0.0,
  "summary_bg_p95": 238.52792517242582,
  "summary_bg_stdv": 325.6119868410095,
  "summary_csf_k": 1.3688501576576941,
  "summary_csf_mad": 4075.6453189880212,
  "summary_csf_mean": 22837.77048313713,
  "summary_csf_median": 22916.805965960026,
  "summary_csf_n": 76882.0,
  "summary_csf_p05": 15054.9504863441,
  "summary_csf_p95": 28175.976301252842,
  "summary_csf_stdv": 4101.647362746629,
  "summary_gm_k": -0.11309292924716541,
  "summary_gm_mad": 771.3370261821041,
  "summary_gm_mean": 7252.511155252412,
  "summary_gm_median": 7225.605195343494,
  "summary_gm_n": 441508.0,
  "summary_gm_p05": 6094.46161210537,
  "summary_gm_p95": 8505.394183754921,
  "summary_gm_stdv": 742.0467920503678,
  "summary_wm_k": 5.597215645607909,
  "summary_wm_mad": 555.2204769108049,
  "summary_wm_mean": 1380.3258508784586,
  "summary_wm_median": 1000.2397264242172,
  "summary_wm_n": 10455.0,
  "summary_wm_p05": 404.2196018099785,
  "summary_wm_p95": 3794.581543159484,
  "summary_wm_stdv": 1097.5473645177624,
  "tpm_overlap_csf": 0.16218149069178825,
  "tpm_overlap_gm": 0.4249207467743358,
  "tpm_overlap_wm": 0.012910576076477213,
  "wm2max": 0.03535892872277312
}