{
  "bids_meta": {
    "AcquisitionMatrixPE": 240,
    "AcquisitionNumber": 4,
    "AcquisitionTime": "11:31:54.710000",
    "BodyPartExamined": "BRAIN",
    "CoilString": "MULTI_COIL",
    "ConversionSoftware": "dcm2niix",
    "ConversionSoftwareVersion": "v1.0.20190410  (JP2:OpenJPEG) GCC6.3.0",
    "Dcm2bidsVersion": "2.1.4",
    "DeviceSerialNumber": "42451",
    "EchoTime": 0.0035,
    "EchoTrainLength": 240,
    "FlipAngle": 8,
    "ImageOrientationPatientDICOM": [
      0,
      1,
      0,
      0.000558697,
      0,
      -1
    ],
    "ImageType": [
      "ORIGINAL",
      "PRIMARY",
      "M",
      "FFE",
      "M",
      "FFE"
    ],
    "ImagingFrequency": 127.759,
    "InPlanePhaseEncodingDirectionDICOM": "ROW",
    "InstitutionAddress": "Calzada_Mexico_Xochimilco_No.101_Tlalpan",
    "InstitutionName": "I.N._Psiquiatria",
    "InstitutionalDepartmentName": "Imagenes_Cerebrales",
    "MRAcquisitionType": "3D",
    "MagneticFieldStrength": 3,
    "Manufacturer": "Philips",
    "ManufacturersModelName": "Ingenia",
    "Modality": "MR",
    "PatientPosition": "HFS",
    "PercentPhaseFOV": 100,
    "PhaseEncodingSteps": 240,
    "PhilipsRescaleIntercept": 0,
    "PhilipsRescaleSlope": 3.71355,
    "PhilipsScaleSlope": 0.00626333,
    "PixelBandwidth": 310,
    "ProcedureStepDescription": "PROTOCOLO_FIBROMIALGIA",
    "ProtocolName": "WIP_T1W",
    "ReconMatrixPE": 240,
    "RepetitionTime": 0.007,
    "SAR": 0.0382114,
    "ScanOptions": "OTHER",
    "ScanningSequence": "GR",
    "SequenceVariant": "MP",
    "SeriesDescription": "T1W",
    "SeriesNumber": 401,
    "SliceThickness": 1,
    "SoftwareVersions": "5.3.1_5.3.1.0",
    "SpacingBetweenSlices": 1,
    "StationName": "PHILIPS-CTMFQSD",
    "UsePhilipsFloatNotDisplayScaling": 1,
    "dataset": "ds004144",
    "modality": "T1w",
    "subject_id": "062"
  },
  "cjv": 0.3583949062607376,
  "cnr": 3.7453455943079343,
  "efc": 0.706188425990249,
  "fber": -1.0,
  "fwhm_avg": 4.763706666666667,
  "fwhm_x": 4.64116,
  "fwhm_y": 5.05911,
  "fwhm_z": 4.59085,
  "icvs_csf": 0.26172511385428054,
  "icvs_gm": 0.3995830570390763,
  "icvs_wm": 0.33869182910664314,
  "inu_med": 0.48194998502731323,
  "inu_range": 0.19507077932357775,
  "provenance": {
    "md5sum": "90910bc5cc5262d7e8e5347dc76d0fb4",
    "settings": {
      "testing": false
    },
    "software": "mriqc",
    "version": "23.0.0",
    "warnings": {
      "large_rot_frame": true,
      "small_air_mask": false
    },
    "webapi_port": null,
    "webapi_url": "https://mriqc.nimh.nih.gov/api/v1"
  },
  "qi_1": 0.0,
  "qi_2": 7.343427339854664e-05,
  "rpve_csf": 22.00108217716115,
  "rpve_gm": 13.842848511798966,
  "rpve_wm": 18.5214105657582,
  "size_x": 180,
  "size_y": 240,
  "size_z": 240,
  "snr_csf": 3.2697579639713195,
  "snr_gm": 15.92213914445867,
  "snr_total": 15.461935950720175,
  "snr_wm": 27.193910743730537,
  "snrd_csf": 29.427215246065224,
  "snrd_gm": 74.90337820195849,
  "snrd_total": 67.1648710322986,
  "snrd_wm": 97.16401964887211,
  "spacing_x": 1.0,
  "spacing_y": 1.0,
  "spacing_z": 1.0,
  "summary_bg_k": 17.14285010482401,
  "summary_bg_mad": 0.0,
  "summary_bg_mean": 3.7042025743366116,
  "summary_bg_median": 0.0,
  "summary_bg_n": 406130.0,
  "summary_bg_p05": 0.0,
  "summary_bg_p95": 17.73557821288705,
  "summary_bg_stdv": 6.742582144931361,
  "summary_csf_k": 2.0681037656819603,
  "summary_csf_mad": 60.86128628898868,
  "summary_csf_mean": 308.4315822794078,
  "summary_csf_median": 302.86123026162386,
  "summary_csf_n": 82474.0,
  "summary_csf_p05": 123.96094287279995,
  "summary_csf_p95": 468.93073534592986,
  "summary_csf_stdv": 92.6244075224942,
  "summary_gm_k": 0.2497529081183525,
  "summary_gm_mad": 46.93604185753055,
  "summary_gm_mean": 770.7601994129892,
  "summary_gm_median": 770.8962293341756,
  "summary_gm_n": 32173.0,
  "summary_gm_p05": 691.1552270315588,
  "summary_gm_p95": 849.823391251266,
  "summary_gm_stdv": 48.4158718726734,
  "summary_wm_k": 0.4248107183084988,
  "summary_wm_mad": 35.17357380915992,
  "summary_wm_mean": 1001.2559338368723,
  "summary_wm_median": 999.9999755993485,
  "summary_wm_n": 172320.0,
  "summary_wm_p05": 943.0311486124992,
  "summary_wm_p95": 1063.7252133339643,
  "summary_wm_stdv": 36.77283063258185,
  "tpm_overlap_csf": 0.15051514499871654,
  "tpm_overlap_gm": 0.4559174060577999,
  "tpm_overlap_wm": 0.5031315115305525,
  "wm2max": 0.7583944649043515
}