{
  "bids_meta": {
    "AcquisitionMatrixPE": 240,
    "AcquisitionNumber": 5,
    "AcquisitionTime": "12:47:26.260000",
    "BodyPartExamined": "BRAIN",
    "CoilString": "MULTI_COIL",
    "ConversionSoftware": "dcm2niix",
    "ConversionSoftwareVersion": "v1.0.20190410  (JP2:OpenJPEG) GCC6.3.0",
    "Dcm2bidsVersion": "2.1.4",
    "DeviceSerialNumber": "42451",
    "EchoTime": 0.331,
    "EchoTrainLength": 117,
    "FlipAngle": 90,
    "ImageOrientationPatientDICOM": [
      0,
      1,
      0,
      -0.00362181,
      0,
      -0.999993
    ],
    "ImageType": [
      "ORIGINAL",
      "PRIMARY",
      "M",
      "SE",
      "M",
      "SE"
    ],
    "ImagingFrequency": 127.759,
    "InPlanePhaseEncodingDirectionDICOM": "ROW",
    "InstitutionAddress": "Calzada_Mexico_Xochimilco_No.101_Tlalpan",
    "InstitutionName": "I.N._Psiquiatria",
    "InstitutionalDepartmentName": "Imagenes_Cerebrales",
    "MRAcquisitionType": "3D",
    "MagneticFieldStrength": 3,
    "Manufacturer": "Philips",
    "ManufacturersModelName": "Ingenia",
    "Modality": "MR",
    "PatientPosition": "HFS",
    "PercentPhaseFOV": 100,
    "PhaseEncodingSteps": 240,
    "PhilipsRescaleIntercept": 0,
    "PhilipsRescaleSlope": 1.4,
    "PhilipsScaleSlope": 0.00319787,
    "PixelBandwidth": 413,
    "ProcedureStepDescription": "PROTOCOLO_FIBROMIALGIA",
    "ProtocolName": "WIP_T2W",
    "ReconMatrixPE": 240,
    "RepetitionTime": 2.5,
    "SAR": 0.030152,
    "ScanOptions": "FS",
    "ScanningSequence": "SE",
    "SequenceVariant": "SK",
    "SeriesDescription": "T2W",
    "SeriesNumber": 501,
    "SliceThickness": 1,
    "SoftwareVersions": "5.3.1_5.3.1.0",
    "SpacingBetweenSlices": 1,
    "StationName": "PHILIPS-CTMFQSD",
    "UsePhilipsFloatNotDisplayScaling": 1,
    "dataset": "ds004144",
    "modality": "T2w",
    "subject_id": "028"
  },
  "cjv": 0.4919453761568369,
  "cnr": 1.5342438195605588,
  "efc": 0.5040621047716479,
  "fber": -1.0,
  "fwhm_avg": 2.7137166666666666,
  "fwhm_x": 2.73097,
  "fwhm_y": 2.85198,
  "fwhm_z": 2.5582,
  "icvs_csf": 0.2631018520938031,
  "icvs_gm": 0.20457620094619725,
  "icvs_wm": 0.5323219469599997,
  "inu_med": 0.9250012040138245,
  "inu_range": 0.1956821084022521,
  "provenance": {
    "md5sum": "1ed86264fc8e8caa083ee47f9964411b",
    "settings": {
      "testing": false
    },
    "software": "mriqc",
    "version": "23.0.0",
    "warnings": {
      "large_rot_frame": true,
      "small_air_mask": false
    },
    "webapi_port": null,
    "webapi_url": "https://mriqc.nimh.nih.gov/api/v1"
  },
  "qi_1": 4.17808677050605e-06,
  "qi_2": 8.25989843936342e-06,
  "rpve_csf": 17.45794741445003,
  "rpve_gm": 29.561514195583594,
  "rpve_wm": 11.696642126710092,
  "size_x": 180,
  "size_y": 240,
  "size_z": 240,
  "snr_csf": 9.457842165062365,
  "snr_gm": 2.167049266219236,
  "snr_total": 7.001506790613746,
  "snr_wm": 9.379628940559638,
  "snrd_csf": 50.23183778680565,
  "snrd_gm": 107.449262440193,
  "snrd_total": 62.96023513740198,
  "snrd_wm": 31.19960518520728,
  "spacing_x": 1.0,
  "spacing_y": 1.0,
  "spacing_z": 1.0,
  "summary_bg_k": 259.57667396460835,
  "summary_bg_mad": 0.0,
  "summary_bg_mean": 5.9091469217303105,
  "summary_bg_median": 0.0,
  "summary_bg_n": 1310533.0,
  "summary_bg_p05": 0.0,
  "summary_bg_p95": 31.494271531701088,
  "summary_bg_stdv": 21.003008719458496,
  "summary_csf_k": 0.9493297292674283,
  "summary_csf_mad": 155.94496121581048,
  "summary_csf_mean": 1617.5978910199979,
  "summary_csf_median": 1610.3817877173424,
  "summary_csf_n": 6398.0,
  "summary_csf_p05": 1356.063647853583,
  "summary_csf_p95": 1908.2075561814008,
  "summary_csf_stdv": 170.256164597705,
  "summary_gm_k": -1.0989862544506583,
  "summary_gm_mad": 1090.1520412842624,
  "summary_gm_mean": 2748.6484502346193,
  "summary_gm_median": 3444.7144074589014,
  "summary_gm_n": 54801.0,
  "summary_gm_p05": 97.13895797729492,
  "summary_gm_p95": 4367.610398054123,
  "summary_gm_stdv": 1589.5729883533602,
  "summary_wm_k": -0.1661200282895554,
  "summary_wm_mad": 112.40188762957769,
  "summary_wm_mean": 999.8170207472749,
  "summary_wm_median": 1000.2277079224586,
  "summary_wm_n": 221838.0,
  "summary_wm_p05": 824.3151262104511,
  "summary_wm_p95": 1168.7789779752493,
  "summary_wm_stdv": 106.63806210760629,
  "tpm_overlap_csf": 0.11356019013241152,
  "tpm_overlap_gm": 0.1318801667511939,
  "tpm_overlap_wm": 0.4693654590770983,
  "wm2max": 0.22912574100794464
}