{
  "bids_meta": {
    "AcquisitionMatrixPE": 240,
    "AcquisitionNumber": 6,
    "AcquisitionTime": "13:03:12.290000",
    "BodyPartExamined": "BRAIN",
    "CoilString": "MULTI_COIL",
    "ConversionSoftware": "dcm2niix",
    "ConversionSoftwareVersion": "v1.0.20190410  (JP2:OpenJPEG) GCC6.3.0",
    "Dcm2bidsVersion": "2.1.4",
    "DeviceSerialNumber": "42451",
    "EchoTime": 0.331,
    "EchoTrainLength": 117,
    "FlipAngle": 90,
    "ImageOrientationPatientDICOM": [
      0,
      1,
      0,
      0.00058225,
      0,
      -1
    ],
    "ImageType": [
      "ORIGINAL",
      "PRIMARY",
      "M",
      "SE",
      "M",
      "SE"
    ],
    "ImagingFrequency": 127.759,
    "InPlanePhaseEncodingDirectionDICOM": "ROW",
    "InstitutionAddress": "Calzada_Mexico_Xochimilco_No.101_Tlalpan",
    "InstitutionName": "I.N._Psiquiatria",
    "InstitutionalDepartmentName": "Imagenes_Cerebrales",
    "MRAcquisitionType": "3D",
    "MagneticFieldStrength": 3,
    "Manufacturer": "Philips",
    "ManufacturersModelName": "Ingenia",
    "Modality": "MR",
    "PatientPosition": "HFS",
    "PercentPhaseFOV": 100,
    "PhaseEncodingSteps": 240,
    "PhilipsRescaleIntercept": 0,
    "PhilipsRescaleSlope": 1.39707,
    "PhilipsScaleSlope": 0.00326186,
    "PixelBandwidth": 413,
    "ProcedureStepDescription": "PROTOCOLO_FIBROMIALGIA",
    "ProtocolName": "WIP_T2W",
    "ReconMatrixPE": 240,
    "RepetitionTime": 2.5,
    "SAR": 0.030152,
    "ScanOptions": "FS",
    "ScanningSequence": "SE",
    "SequenceVariant": "SK",
    "SeriesDescription": "T2W",
    "SeriesNumber": 601,
    "SliceThickness": 1,
    "SoftwareVersions": "5.3.1_5.3.1.0",
    "SpacingBetweenSlices": 1,
    "StationName": "PHILIPS-CTMFQSD",
    "UsePhilipsFloatNotDisplayScaling": 1,
    "dataset": "ds004144",
    "modality": "T2w",
    "subject_id": "060"
  },
  "cjv": 0.2446115293639845,
  "cnr": 1.7979777033755306,
  "efc": 0.4932014420309941,
  "fber": -1.0,
  "fwhm_avg": 2.916506666666667,
  "fwhm_x": 2.96314,
  "fwhm_y": 3.00893,
  "fwhm_z": 2.77745,
  "icvs_csf": 0.1693927477016906,
  "icvs_gm": 0.17590614675944682,
  "icvs_wm": 0.6547011055388625,
  "inu_med": 0.8575480580329895,
  "inu_range": 0.16482222080230713,
  "provenance": {
    "md5sum": "5c572da04dc9dedd47e9c33fac4ac041",
    "settings": {
      "testing": false
    },
    "software": "mriqc",
    "version": "23.0.0",
    "warnings": {
      "large_rot_frame": true,
      "small_air_mask": false
    },
    "webapi_port": null,
    "webapi_url": "https://mriqc.nimh.nih.gov/api/v1"
  },
  "qi_1": 0.08540517950166486,
  "qi_2": 7.71503154360125e-06,
  "rpve_csf": 22.449213274287903,
  "rpve_gm": 35.9808552880921,
  "rpve_wm": 9.816038114611493,
  "size_x": 180,
  "size_y": 240,
  "size_z": 240,
  "snr_csf": 5.1240207288405415,
  "snr_gm": 2.530220776059966,
  "snr_total": 5.67629264977725,
  "snr_wm": 9.374636444431243,
  "snrd_csf": 75.03847555440124,
  "snrd_gm": 146.19077495922338,
  "snrd_total": 87.73973143712169,
  "snrd_wm": 41.98994379774044,
  "spacing_x": 1.0,
  "spacing_y": 1.0,
  "spacing_z": 1.0,
  "summary_bg_k": 215.54304323639982,
  "summary_bg_mad": 0.0,
  "summary_bg_mean": 3.4114791528541604,
  "summary_bg_median": 0.0,
  "summary_bg_n": 1200055.0,
  "summary_bg_p05": 0.0,
  "summary_bg_p95": 16.811392799019814,
  "summary_bg_stdv": 15.610892276065588,
  "summary_csf_k": 2.575323474422805,
  "summary_csf_mad": 267.16708192739384,
  "summary_csf_mean": 1849.3077903363321,
  "summary_csf_median": 1788.0514018759131,
  "summary_csf_n": 560.0,
  "summary_csf_p05": 1398.5619968913495,
  "summary_csf_p95": 2454.980889468267,
  "summary_csf_stdv": 348.64304978432705,
  "summary_gm_k": -0.3874052160528154,
  "summary_gm_mad": 498.80114794694225,
  "summary_gm_mean": 2824.4574311951096,
  "summary_gm_median": 3483.501206226647,
  "summary_gm_n": 61358.0,
  "summary_gm_p05": 139.90969048440456,
  "summary_gm_p95": 4000.6946747750044,
  "summary_gm_stdv": 1376.746587641313,
  "summary_wm_k": -0.11031393235201348,
  "summary_wm_mad": 108.55593845469278,
  "summary_wm_mean": 1004.4162203879447,
  "summary_wm_median": 1000.5557458028197,
  "summary_wm_n": 358414.0,
  "summary_wm_p05": 834.3869376406074,
  "summary_wm_p95": 1184.7863809391856,
  "summary_wm_stdv": 106.72993624047386,
  "tpm_overlap_csf": 0.12107324929882149,
  "tpm_overlap_gm": 0.11471173441198863,
  "tpm_overlap_wm": 0.4444023280352512,
  "wm2max": 0.24906188936346815
}