{
  "bids_meta": {
    "AcquisitionMatrixPE": 240,
    "AcquisitionNumber": 5,
    "AcquisitionTime": "12:59:31.680000",
    "BodyPartExamined": "BRAIN",
    "CoilString": "MULTI_COIL",
    "ConversionSoftware": "dcm2niix",
    "ConversionSoftwareVersion": "v1.0.20190410  (JP2:OpenJPEG) GCC6.3.0",
    "Dcm2bidsVersion": "2.1.4",
    "DeviceSerialNumber": "42451",
    "EchoTime": 0.0035,
    "EchoTrainLength": 240,
    "FlipAngle": 8,
    "ImageOrientationPatientDICOM": [
      0,
      1,
      0,
      0.00058225,
      0,
      -1
    ],
    "ImageType": [
      "ORIGINAL",
      "PRIMARY",
      "M",
      "FFE",
      "M",
      "FFE"
    ],
    "ImagingFrequency": 127.759,
    "InPlanePhaseEncodingDirectionDICOM": "ROW",
    "InstitutionAddress": "Calzada_Mexico_Xochimilco_No.101_Tlalpan",
    "InstitutionName": "I.N._Psiquiatria",
    "InstitutionalDepartmentName": "Imagenes_Cerebrales",
    "MRAcquisitionType": "3D",
    "MagneticFieldStrength": 3,
    "Manufacturer": "Philips",
    "ManufacturersModelName": "Ingenia",
    "Modality": "MR",
    "PatientPosition": "HFS",
    "PercentPhaseFOV": 100,
    "PhaseEncodingSteps": 240,
    "PhilipsRescaleIntercept": 0,
    "PhilipsRescaleSlope": 15.6921,
    "PhilipsScaleSlope": 0.00597854,
    "PixelBandwidth": 310,
    "ProcedureStepDescription": "PROTOCOLO_FIBROMIALGIA",
    "ProtocolName": "WIP_T1W",
    "ReconMatrixPE": 240,
    "RepetitionTime": 0.007,
    "SAR": 0.0382114,
    "ScanOptions": "OTHER",
    "ScanningSequence": "GR",
    "SequenceVariant": "MP",
    "SeriesDescription": "T1W",
    "SeriesNumber": 501,
    "SliceThickness": 1,
    "SoftwareVersions": "5.3.1_5.3.1.0",
    "SpacingBetweenSlices": 1,
    "StationName": "PHILIPS-CTMFQSD",
    "UsePhilipsFloatNotDisplayScaling": 1,
    "dataset": "ds004144",
    "modality": "T1w",
    "subject_id": "060"
  },
  "cjv": 0.34804327912938043,
  "cnr": 3.8858279334510426,
  "efc": 0.6866209291759774,
  "fber": -1.0,
  "fwhm_avg": 4.614439999999999,
  "fwhm_x": 4.49296,
  "fwhm_y": 4.98577,
  "fwhm_z": 4.36459,
  "icvs_csf": 0.23827831412474665,
  "icvs_gm": 0.40462932525998135,
  "icvs_wm": 0.357092360615272,
  "inu_med": 0.43938758969306946,
  "inu_range": 0.17621363699436188,
  "provenance": {
    "md5sum": "4c5dcf418ef75be28151be1261abb8d5",
    "settings": {
      "testing": false
    },
    "software": "mriqc",
    "version": "23.0.0",
    "warnings": {
      "large_rot_frame": true,
      "small_air_mask": false
    },
    "webapi_port": null,
    "webapi_url": "https://mriqc.nimh.nih.gov/api/v1"
  },
  "qi_1": 0.02649436220380615,
  "qi_2": 2.8745017068247013e-05,
  "rpve_csf": 23.16897417213181,
  "rpve_gm": 13.497685704112985,
  "rpve_wm": 17.812788996600347,
  "size_x": 180,
  "size_y": 240,
  "size_z": 240,
  "snr_csf": 3.3125168700180834,
  "snr_gm": 14.66223030508973,
  "snr_total": 16.075504161648087,
  "snr_wm": 30.25176530983645,
  "snrd_csf": 37.310943762366286,
  "snrd_gm": 93.51233054661341,
  "snrd_total": 84.61228330509879,
  "snrd_wm": 123.01357560631668,
  "spacing_x": 1.0,
  "spacing_y": 1.0,
  "spacing_z": 1.0,
  "summary_bg_k": 10.737443524451303,
  "summary_bg_mad": 0.0,
  "summary_bg_mean": 2.362428247700603,
  "summary_bg_median": 0.0,
  "summary_bg_n": 428533.0,
  "summary_bg_p05": 0.0,
  "summary_bg_p95": 14.62752564623952,
  "summary_bg_stdv": 5.325724303018666,
  "summary_csf_k": 1.5313640087615266,
  "summary_csf_mad": 79.3692237206043,
  "summary_csf_mean": 315.40132941649335,
  "summary_csf_median": 303.3075249120593,
  "summary_csf_n": 56999.0,
  "summary_csf_p05": 196.6673336457461,
  "summary_csf_p95": 488.08936564009633,
  "summary_csf_stdv": 91.56326629054483,
  "summary_gm_k": 0.12392933502441217,
  "summary_gm_mad": 51.72041433060975,
  "summary_gm_mean": 759.7423730438009,
  "summary_gm_median": 760.1789359040558,
  "summary_gm_n": 27846.0,
  "summary_gm_p05": 673.5699094831944,
  "summary_gm_p95": 842.3896513488144,
  "summary_gm_stdv": 51.84513339832342,
  "summary_wm_k": 0.44279957293121175,
  "summary_wm_mad": 31.74768948824172,
  "summary_wm_mean": 1000.3690993314688,
  "summary_wm_median": 999.9999835267663,
  "summary_wm_n": 183295.0,
  "summary_wm_p05": 947.0191861689091,
  "summary_wm_p95": 1055.4941014423966,
  "summary_wm_stdv": 33.05583146762163,
  "tpm_overlap_csf": 0.15118509642059394,
  "tpm_overlap_gm": 0.44318067777666975,
  "tpm_overlap_wm": 0.4993703983223266,
  "wm2max": 0.8178585292826143
}