{
  "aor": 0.001302254196642686,
  "aqi": 0.023133596762589928,
  "bids_meta": {
    "AcquisitionMatrixPE": 78,
    "AcquisitionNumber": 9,
    "AcquisitionTime": "11:37:13.910000",
    "BodyPartExamined": "BRAIN",
    "CoilString": "MULTI_COIL",
    "ConversionSoftware": "dcm2niix",
    "ConversionSoftwareVersion": "v1.0.20190410  (JP2:OpenJPEG) GCC6.3.0",
    "Dcm2bidsVersion": "2.1.4",
    "DeviceSerialNumber": "42451",
    "EchoTime": 0.030001,
    "EchoTrainLength": 39,
    "FlipAngle": 75,
    "ImageOrientationPatientDICOM": [
      0.999993,
      0,
      -0.00362181,
      0,
      1,
      0
    ],
    "ImageType": [
      "ORIGINAL",
      "PRIMARY",
      "M",
      "FFE",
      "M",
      "FFE"
    ],
    "ImagingFrequency": 127.76,
    "InPlanePhaseEncodingDirectionDICOM": "COL",
    "InstitutionAddress": "Calzada_Mexico_Xochimilco_No.101_Tlalpan",
    "InstitutionName": "I.N._Psiquiatria",
    "InstitutionalDepartmentName": "Imagenes_Cerebrales",
    "MRAcquisitionType": "2D",
    "MagneticFieldStrength": 3,
    "Manufacturer": "Philips",
    "ManufacturersModelName": "Ingenia",
    "Modality": "MR",
    "PartialFourier": 0.5,
    "PatientPosition": "HFS",
    "PercentPhaseFOV": 100,
    "PhaseEncodingAxis": "j",
    "PhaseEncodingSteps": 78,
    "PhilipsRescaleIntercept": 0,
    "PhilipsRescaleSlope": 0.80757,
    "PhilipsScaleSlope": 0.0273104,
    "PixelBandwidth": 2071,
    "ProcedureStepDescription": "PROTOCOLO_FIBROMIALGIA",
    "ProtocolName": "WIP_TASK_FMRI",
    "ReconMatrixPE": 80,
    "RepetitionTime": 2,
    "SAR": 0.117749,
    "ScanOptions": "FS",
    "ScanningSequence": "GR",
    "SequenceVariant": "SK",
    "SeriesDescription": "TASK_FMRI",
    "SeriesNumber": 901,
    "SliceThickness": 3,
    "SliceTiming": [
      0,
      1.027027,
      0.054054,
      1.081081,
      0.108108,
      1.13513,
      0.162162,
      1.189189,
      0.216216,
      1.243244,
      0.27027,
      1.297298,
      0.324324,
      1.351352,
      0.378378,
      1.405406,
      0.432432,
      1.45946,
      0.486486,
      1.513514,
      0.540541,
      1.567568,
      0.594595,
      1.621622,
      0.648649,
      1.675676,
      0.702703,
      1.72973,
      0.756757,
      1.783784,
      0.810811,
      1.837838,
      0.864865,
      1.891892,
      0.918919,
      1.945947,
      0.972973
    ],
    "SoftwareVersions": "5.3.1_5.3.1.0",
    "SpacingBetweenSlices": 3,
    "StationName": "PHILIPS-CTMFQSD",
    "TaskName": "epr",
    "UsePhilipsFloatNotDisplayScaling": 1,
    "dataset": "ds004144",
    "modality": "bold",
    "subject_id": "026",
    "task_id": "epr"
  },
  "dummy_trs": 0,
  "dvars_nstd": 27.853166710780304,
  "dvars_std": 1.1703730072268903,
  "dvars_vstd": 0.8981658957983193,
  "efc": 0.4276445994583849,
  "fber": 70365.1640625,
  "fd_mean": 0.12952153763362464,
  "fd_num": 89,
  "fd_perc": 10.67146282973621,
  "fwhm_avg": 1.8890644444444444,
  "fwhm_x": 1.8593066666666667,
  "fwhm_y": 1.9798499999999999,
  "fwhm_z": 1.8280366666666668,
  "gcor": 0.106673,
  "gsr_x": -0.009779918007552624,
  "gsr_y": 0.013143783435225487,
  "provenance": {
    "md5sum": "5f846dd6b692b4c6be4338b7d9da3b63",
    "settings": {
      "fd_thres": 0.2,
      "testing": false
    },
    "software": "mriqc",
    "version": "23.0.0",
    "webapi_port": null,
    "webapi_url": "https://mriqc.nimh.nih.gov/api/v1"
  },
  "size_t": 834,
  "size_x": 80,
  "size_y": 80,
  "size_z": 37,
  "snr": 4.996612151372636,
  "spacing_tr": 2.0000016689300537,
  "spacing_x": 3.0,
  "spacing_y": 3.0,
  "spacing_z": 3.0,
  "summary_bg_k": 140.33212772022273,
  "summary_bg_mad": 219.98078745276547,
  "summary_bg_mean": 1081.8057861328125,
  "summary_bg_median": 188.09896850585938,
  "summary_bg_n": 159667.0,
  "summary_bg_p05": 16.65144500732422,
  "summary_bg_p95": 4860.962353515622,
  "summary_bg_stdv": 3114.88916015625,
  "summary_fg_k": 1.989063485392033,
  "summary_fg_mad": 8723.683576421206,
  "summary_fg_mean": 50781.5,
  "summary_fg_median": 49977.9140625,
  "summary_fg_n": 36385.0,
  "summary_fg_p05": 35909.70625,
  "summary_fg_p95": 67743.49843749999,
  "summary_fg_stdv": 10002.22265625,
  "tsnr": 29.589344024658203
}