{
  "bids_meta": {
    "AcquisitionMatrixPE": 240,
    "AcquisitionNumber": 4,
    "AcquisitionTime": "12:31:18.230000",
    "BodyPartExamined": "BRAIN",
    "CoilString": "MULTI_COIL",
    "ConversionSoftware": "dcm2niix",
    "ConversionSoftwareVersion": "v1.0.20190410  (JP2:OpenJPEG) GCC6.3.0",
    "Dcm2bidsVersion": "2.1.4",
    "DeviceSerialNumber": "42451",
    "EchoTime": 0.0035,
    "EchoTrainLength": 240,
    "FlipAngle": 8,
    "ImageOrientationPatientDICOM": [
      0,
      1,
      0,
      -0.00362181,
      0,
      -0.999993
    ],
    "ImageType": [
      "ORIGINAL",
      "PRIMARY",
      "M",
      "FFE",
      "M",
      "FFE"
    ],
    "ImagingFrequency": 127.76,
    "InPlanePhaseEncodingDirectionDICOM": "ROW",
    "InstitutionAddress": "Calzada_Mexico_Xochimilco_No.101_Tlalpan",
    "InstitutionName": "I.N._Psiquiatria",
    "InstitutionalDepartmentName": "Imagenes_Cerebrales",
    "MRAcquisitionType": "3D",
    "MagneticFieldStrength": 3,
    "Manufacturer": "Philips",
    "ManufacturersModelName": "Ingenia",
    "Modality": "MR",
    "PatientPosition": "HFS",
    "PercentPhaseFOV": 100,
    "PhaseEncodingSteps": 240,
    "PhilipsRescaleIntercept": 0,
    "PhilipsRescaleSlope": 5.09182,
    "PhilipsScaleSlope": 0.00627327,
    "PixelBandwidth": 310,
    "ProcedureStepDescription": "FIBROMIALGIA",
    "ProtocolName": "WIP_T1W",
    "ReconMatrixPE": 240,
    "RepetitionTime": 0.007,
    "SAR": 0.0382114,
    "ScanOptions": "OTHER",
    "ScanningSequence": "GR",
    "SequenceVariant": "MP",
    "SeriesDescription": "T1W",
    "SeriesNumber": 401,
    "SliceThickness": 1,
    "SoftwareVersions": "5.3.1_5.3.1.0",
    "SpacingBetweenSlices": 1,
    "StationName": "PHILIPS-CTMFQSD",
    "UsePhilipsFloatNotDisplayScaling": 1,
    "dataset": "ds004144",
    "modality": "T1w",
    "subject_id": "017"
  },
  "cjv": 0.325875811481958,
  "cnr": 4.08835151682372,
  "efc": 0.6916313063815309,
  "fber": -1.0,
  "fwhm_avg": 4.524623333333333,
  "fwhm_x": 4.38493,
  "fwhm_y": 4.85526,
  "fwhm_z": 4.33368,
  "icvs_csf": 0.18908160085013223,
  "icvs_gm": 0.43669221762630983,
  "icvs_wm": 0.3742261815235579,
  "inu_med": 0.40907350182533264,
  "inu_range": 0.15291246175766,
  "provenance": {
    "md5sum": "36bf5ae8d4cb0981f3835e78575fd53f",
    "settings": {
      "testing": false
    },
    "software": "mriqc",
    "version": "23.0.0",
    "warnings": {
      "large_rot_frame": true,
      "small_air_mask": false
    },
    "webapi_port": null,
    "webapi_url": "https://mriqc.nimh.nih.gov/api/v1"
  },
  "qi_1": 0.0031755253155832134,
  "qi_2": 4.638423775186023e-05,
  "rpve_csf": 31.254387346988246,
  "rpve_gm": 14.376385838851448,
  "rpve_wm": 18.903600400656018,
  "size_x": 180,
  "size_y": 240,
  "size_z": 240,
  "snr_csf": 2.3908456848250115,
  "snr_gm": 14.834956796038622,
  "snr_total": 15.6057429979071,
  "snr_wm": 29.591426512857662,
  "snrd_csf": 33.68440890089336,
  "snrd_gm": 80.76947143115702,
  "snrd_total": 74.04316886579818,
  "snrd_wm": 107.67562626534415,
  "spacing_x": 1.0,
  "spacing_y": 1.0,
  "spacing_z": 1.0,
  "summary_bg_k": 10.07018459006327,
  "summary_bg_mad": 0.0,
  "summary_bg_mean": 2.981688381140585,
  "summary_bg_median": 0.0,
  "summary_bg_n": 488330.0,
  "summary_bg_p05": 0.0,
  "summary_bg_p95": 16.10653430968523,
  "summary_bg_stdv": 6.084511858113884,
  "summary_csf_k": 0.5370209882523564,
  "summary_csf_mad": 111.20394276949568,
  "summary_csf_mean": 307.1108732406651,
  "summary_csf_median": 312.8404793124646,
  "summary_csf_n": 23587.0,
  "summary_csf_p05": 68.64489124175161,
  "summary_csf_p95": 523.665012636967,
  "summary_csf_stdv": 130.84652413934361,
  "summary_gm_k": 0.2501309820790216,
  "summary_gm_mad": 49.24188623687844,
  "summary_gm_mean": 750.734588132206,
  "summary_gm_median": 750.1381493937224,
  "summary_gm_n": 41674.0,
  "summary_gm_p05": 669.0528026483953,
  "summary_gm_p95": 833.8381761777214,
  "summary_gm_stdv": 50.56497026444041,
  "summary_wm_k": 0.5214359988711799,
  "summary_wm_mad": 32.19061501222244,
  "summary_wm_mean": 1000.3531373866836,
  "summary_wm_median": 1000.0262919925153,
  "summary_wm_n": 174899.0,
  "summary_wm_p05": 945.3640832323581,
  "summary_wm_p95": 1056.1623012777418,
  "summary_wm_stdv": 33.794363806217994,
  "tpm_overlap_csf": 0.1386679039156445,
  "tpm_overlap_gm": 0.4829757696903291,
  "tpm_overlap_wm": 0.5278126295591913,
  "wm2max": 0.7209015538143391
}