{
  "aor": 0.00217447242206235,
  "aqi": 0.030253280935251797,
  "bids_meta": {
    "AcquisitionMatrixPE": 78,
    "AcquisitionNumber": 8,
    "AcquisitionTime": "10:36:26.470000",
    "BodyPartExamined": "BRAIN",
    "CoilString": "MULTI_COIL",
    "ConversionSoftware": "dcm2niix",
    "ConversionSoftwareVersion": "v1.0.20190410  (JP2:OpenJPEG) GCC6.3.0",
    "Dcm2bidsVersion": "2.1.4",
    "DeviceSerialNumber": "42451",
    "EchoTime": 0.030001,
    "EchoTrainLength": 39,
    "FlipAngle": 75,
    "ImageOrientationPatientDICOM": [
      1,
      0,
      0.000512724,
      0,
      1,
      0
    ],
    "ImageType": [
      "ORIGINAL",
      "PRIMARY",
      "M",
      "FFE",
      "M",
      "FFE"
    ],
    "ImagingFrequency": 127.759,
    "InPlanePhaseEncodingDirectionDICOM": "COL",
    "InstitutionAddress": "Calzada_Mexico_Xochimilco_No.101_Tlalpan",
    "InstitutionName": "I.N._Psiquiatria",
    "InstitutionalDepartmentName": "Imagenes_Cerebrales",
    "MRAcquisitionType": "2D",
    "MagneticFieldStrength": 3,
    "Manufacturer": "Philips",
    "ManufacturersModelName": "Ingenia",
    "Modality": "MR",
    "PartialFourier": 0.5,
    "PatientPosition": "HFS",
    "PercentPhaseFOV": 100,
    "PhaseEncodingAxis": "j",
    "PhaseEncodingSteps": 78,
    "PhilipsRescaleIntercept": 0,
    "PhilipsRescaleSlope": 0.739927,
    "PhilipsScaleSlope": 0.0261383,
    "PixelBandwidth": 2071,
    "ProcedureStepDescription": "PROTOCOLO_FIBROMIALGIA",
    "ProtocolName": "WIP_TASK_FMRI",
    "ReconMatrixPE": 80,
    "RepetitionTime": 2,
    "SAR": 0.117678,
    "ScanOptions": "FS",
    "ScanningSequence": "GR",
    "SequenceVariant": "SK",
    "SeriesDescription": "TASK_FMRI",
    "SeriesNumber": 801,
    "SliceThickness": 3,
    "SliceTiming": [
      0,
      1.027027,
      0.054054,
      1.081081,
      0.108108,
      1.13513,
      0.162162,
      1.189189,
      0.216216,
      1.243244,
      0.27027,
      1.297298,
      0.324324,
      1.351352,
      0.378378,
      1.405406,
      0.432432,
      1.45946,
      0.486486,
      1.513514,
      0.540541,
      1.567568,
      0.594595,
      1.621622,
      0.648649,
      1.675676,
      0.702703,
      1.72973,
      0.756757,
      1.783784,
      0.810811,
      1.837838,
      0.864865,
      1.891892,
      0.918919,
      1.945947,
      0.972973
    ],
    "SoftwareVersions": "5.3.1_5.3.1.0",
    "SpacingBetweenSlices": 3,
    "StationName": "PHILIPS-CTMFQSD",
    "TaskName": "epr",
    "UsePhilipsFloatNotDisplayScaling": 1,
    "dataset": "ds004144",
    "modality": "bold",
    "subject_id": "056",
    "task_id": "epr"
  },
  "dummy_trs": 0,
  "dvars_nstd": 27.071134630120014,
  "dvars_std": 0.9624257169747898,
  "dvars_vstd": 0.9022293357262914,
  "efc": 0.39904839154569416,
  "fber": 127825.8203125,
  "fd_mean": 0.3785590444850419,
  "fd_num": 440,
  "fd_perc": 52.75779376498801,
  "fwhm_avg": 1.9714588888888889,
  "fwhm_x": 1.9301566666666667,
  "fwhm_y": 2.0624066666666665,
  "fwhm_z": 1.9218133333333334,
  "gcor": 0.123341,
  "gsr_x": -0.015511506237089634,
  "gsr_y": 0.007136636879295111,
  "provenance": {
    "md5sum": "78ef1f9add9f761fa1c5620789235e1a",
    "settings": {
      "fd_thres": 0.2,
      "testing": false
    },
    "software": "mriqc",
    "version": "23.0.0",
    "webapi_port": null,
    "webapi_url": "https://mriqc.nimh.nih.gov/api/v1"
  },
  "size_t": 834,
  "size_x": 80,
  "size_y": 80,
  "size_z": 37,
  "snr": 5.825111562359349,
  "spacing_tr": 2.0000016689300537,
  "spacing_x": 3.0,
  "spacing_y": 3.0,
  "spacing_z": 3.0,
  "summary_bg_k": 97.25445552679035,
  "summary_bg_mad": 177.0483047533149,
  "summary_bg_mean": 1175.2431640625,
  "summary_bg_median": 166.2109375,
  "summary_bg_n": 165865.0,
  "summary_bg_p05": 23.302577209472656,
  "summary_bg_p95": 6306.327441406245,
  "summary_bg_stdv": 3471.326171875,
  "summary_fg_k": 1.1790138762596154,
  "summary_fg_mad": 9373.141532228026,
  "summary_fg_mean": 60430.61328125,
  "summary_fg_median": 60490.421875,
  "summary_fg_n": 30904.0,
  "summary_fg_p05": 43535.1484375,
  "summary_fg_p95": 77399.50703125,
  "summary_fg_stdv": 10384.2548828125,
  "tsnr": 24.650815963745117
}