{
  "bids_meta": {
    "AcquisitionMatrixPE": 240,
    "AcquisitionNumber": 5,
    "AcquisitionTime": "12:35:0.610000",
    "BodyPartExamined": "BRAIN",
    "CoilString": "MULTI_COIL",
    "ConversionSoftware": "dcm2niix",
    "ConversionSoftwareVersion": "v1.0.20190410  (JP2:OpenJPEG) GCC6.3.0",
    "Dcm2bidsVersion": "2.1.4",
    "DeviceSerialNumber": "42451",
    "EchoTime": 0.331,
    "EchoTrainLength": 117,
    "FlipAngle": 90,
    "ImageOrientationPatientDICOM": [
      0,
      1,
      0,
      -0.00362181,
      0,
      -0.999993
    ],
    "ImageType": [
      "ORIGINAL",
      "PRIMARY",
      "M",
      "SE",
      "M",
      "SE"
    ],
    "ImagingFrequency": 127.759,
    "InPlanePhaseEncodingDirectionDICOM": "ROW",
    "InstitutionAddress": "Calzada_Mexico_Xochimilco_No.101_Tlalpan",
    "InstitutionName": "I.N._Psiquiatria",
    "InstitutionalDepartmentName": "Imagenes_Cerebrales",
    "MRAcquisitionType": "3D",
    "MagneticFieldStrength": 3,
    "Manufacturer": "Philips",
    "ManufacturersModelName": "Ingenia",
    "Modality": "MR",
    "PatientPosition": "HFS",
    "PercentPhaseFOV": 100,
    "PhaseEncodingSteps": 240,
    "PhilipsRescaleIntercept": 0,
    "PhilipsRescaleSlope": 1.40317,
    "PhilipsScaleSlope": 0.00356538,
    "PixelBandwidth": 413,
    "ProcedureStepDescription": "FIBROMIALGIA",
    "ProtocolName": "WIP_T2W",
    "ReconMatrixPE": 240,
    "RepetitionTime": 2.5,
    "SAR": 0.030152,
    "ScanOptions": "FS",
    "ScanningSequence": "SE",
    "SequenceVariant": "SK",
    "SeriesDescription": "T2W",
    "SeriesNumber": 501,
    "SliceThickness": 1,
    "SoftwareVersions": "5.3.1_5.3.1.0",
    "SpacingBetweenSlices": 1,
    "StationName": "PHILIPS-CTMFQSD",
    "UsePhilipsFloatNotDisplayScaling": 1,
    "dataset": "ds004144",
    "modality": "T2w",
    "subject_id": "017"
  },
  "cjv": 0.5578292694407229,
  "cnr": 1.3686219046214023,
  "efc": 0.5125445589634907,
  "fber": -1.0,
  "fwhm_avg": 2.5462466666666668,
  "fwhm_x": 2.59457,
  "fwhm_y": 2.61965,
  "fwhm_z": 2.42452,
  "icvs_csf": 0.30036789649311646,
  "icvs_gm": 0.19140217986921362,
  "icvs_wm": 0.50822992363767,
  "inu_med": 0.8548761606216431,
  "inu_range": 0.19967246055603027,
  "provenance": {
    "md5sum": "0ad387176d0c38a137ef4fc600e029f0",
    "settings": {
      "testing": false
    },
    "software": "mriqc",
    "version": "23.0.0",
    "warnings": {
      "large_rot_frame": true,
      "small_air_mask": false
    },
    "webapi_port": null,
    "webapi_url": "https://mriqc.nimh.nih.gov/api/v1"
  },
  "qi_1": 0.0439529078546016,
  "qi_2": 3.1833113720490947e-06,
  "rpve_csf": 18.15553395410932,
  "rpve_gm": 34.34047324774739,
  "rpve_wm": 13.67750951767778,
  "size_x": 180,
  "size_y": 240,
  "size_z": 240,
  "snr_csf": 10.333440828842917,
  "snr_gm": 2.0823418740366573,
  "snr_total": 8.064351428993517,
  "snr_wm": 11.777271584100975,
  "snrd_csf": 41.27416227691275,
  "snrd_gm": 80.32161117912469,
  "snrd_total": 49.67427884619317,
  "snrd_wm": 27.427063082542062,
  "spacing_x": 1.0,
  "spacing_y": 1.0,
  "spacing_z": 1.0,
  "summary_bg_k": 198.38289707087097,
  "summary_bg_mad": 0.0,
  "summary_bg_mean": 5.597935190215674,
  "summary_bg_median": 0.0,
  "summary_bg_n": 1099364.0,
  "summary_bg_p05": 0.0,
  "summary_bg_p95": 28.836911916732788,
  "summary_bg_stdv": 23.888026061177026,
  "summary_csf_k": 0.2584586984405228,
  "summary_csf_mad": 146.3125581271154,
  "summary_csf_mean": 1508.2271112271037,
  "summary_csf_median": 1504.9663919210434,
  "summary_csf_n": 9899.0,
  "summary_csf_p05": 1277.7187096118928,
  "summary_csf_p95": 1749.0740553975106,
  "summary_csf_stdv": 145.63303732466812,
  "summary_gm_k": -1.492611470489678,
  "summary_gm_mad": 987.9897999765411,
  "summary_gm_mean": 2226.8678584978466,
  "summary_gm_median": 2928.7408562898636,
  "summary_gm_n": 39787.0,
  "summary_gm_p05": 103.23614466190338,
  "summary_gm_p95": 3647.8309082508085,
  "summary_gm_stdv": 1406.4472732964823,
  "summary_wm_k": -0.08598225550047278,
  "summary_wm_mad": 87.88254303089725,
  "summary_wm_mean": 996.5275686074865,
  "summary_wm_median": 1000.0641052722931,
  "summary_wm_n": 163818.0,
  "summary_wm_p05": 851.8423780202866,
  "summary_wm_p95": 1126.818353652954,
  "summary_wm_stdv": 84.9144936297795,
  "tpm_overlap_csf": 0.110341312625218,
  "tpm_overlap_gm": 0.12117705408222165,
  "tpm_overlap_wm": 0.46810469944459737,
  "wm2max": 0.2744008580521513
}