{
  "bids_meta": {
    "AcquisitionMatrixPE": 240,
    "AcquisitionNumber": 5,
    "AcquisitionTime": "11:21:27.390000",
    "BodyPartExamined": "BRAIN",
    "CoilString": "MULTI_COIL",
    "ConversionSoftware": "dcm2niix",
    "ConversionSoftwareVersion": "v1.0.20190410  (JP2:OpenJPEG) GCC6.3.0",
    "Dcm2bidsVersion": "2.1.4",
    "DeviceSerialNumber": "42451",
    "EchoTime": 0.0035,
    "EchoTrainLength": 240,
    "FlipAngle": 8,
    "ImageOrientationPatientDICOM": [
      0,
      1,
      0,
      -0.00362181,
      0,
      -0.999993
    ],
    "ImageType": [
      "ORIGINAL",
      "PRIMARY",
      "M",
      "FFE",
      "M",
      "FFE"
    ],
    "ImagingFrequency": 127.759,
    "InPlanePhaseEncodingDirectionDICOM": "ROW",
    "InstitutionAddress": "Calzada_Mexico_Xochimilco_No.101_Tlalpan",
    "InstitutionName": "I.N._Psiquiatria",
    "InstitutionalDepartmentName": "Imagenes_Cerebrales",
    "MRAcquisitionType": "3D",
    "MagneticFieldStrength": 3,
    "Manufacturer": "Philips",
    "ManufacturersModelName": "Ingenia",
    "Modality": "MR",
    "PatientPosition": "HFS",
    "PercentPhaseFOV": 100,
    "PhaseEncodingSteps": 240,
    "PhilipsRescaleIntercept": 0,
    "PhilipsRescaleSlope": 87.6889,
    "PhilipsScaleSlope": 0.00602184,
    "PixelBandwidth": 310,
    "ProcedureStepDescription": "FIBROMIALGIA",
    "ProtocolName": "WIP_T1W",
    "ReconMatrixPE": 240,
    "RepetitionTime": 0.007,
    "SAR": 0.0382114,
    "ScanOptions": "OTHER",
    "ScanningSequence": "GR",
    "SequenceVariant": "MP",
    "SeriesDescription": "T1W",
    "SeriesNumber": 501,
    "SliceThickness": 1,
    "SoftwareVersions": "5.3.1_5.3.1.0",
    "SpacingBetweenSlices": 1,
    "StationName": "PHILIPS-CTMFQSD",
    "UsePhilipsFloatNotDisplayScaling": 1,
    "dataset": "ds004144",
    "modality": "T1w",
    "subject_id": "009"
  },
  "cjv": 0.3625766821173946,
  "cnr": 3.7449593348497614,
  "efc": 0.6725415141679153,
  "fber": -1.0,
  "fwhm_avg": 4.661836666666667,
  "fwhm_x": 4.53975,
  "fwhm_y": 5.01726,
  "fwhm_z": 4.4285,
  "icvs_csf": 0.20022193218911064,
  "icvs_gm": 0.41898376470966914,
  "icvs_wm": 0.3807943031012202,
  "inu_med": 0.3851069211959839,
  "inu_range": 0.14915538132190703,
  "provenance": {
    "md5sum": "88b91243dcfa7cdb2009bfbf05096231",
    "settings": {
      "testing": false
    },
    "software": "mriqc",
    "version": "23.0.0",
    "warnings": {
      "large_rot_frame": true,
      "small_air_mask": false
    },
    "webapi_port": null,
    "webapi_url": "https://mriqc.nimh.nih.gov/api/v1"
  },
  "qi_1": 0.004474561240656594,
  "qi_2": 4.715641405738519e-05,
  "rpve_csf": 27.738032512492904,
  "rpve_gm": 13.76464112163352,
  "rpve_wm": 17.575481711021165,
  "size_x": 180,
  "size_y": 240,
  "size_z": 240,
  "snr_csf": 2.6763292015458156,
  "snr_gm": 14.606172315866402,
  "snr_total": 15.78199983263732,
  "snr_wm": 30.063497980499744,
  "snrd_csf": 18.36855549661407,
  "snrd_gm": 46.93473069025219,
  "snrd_total": 42.23546987503559,
  "snrd_wm": 61.40312343824052,
  "spacing_x": 1.0,
  "spacing_y": 1.0,
  "spacing_z": 1.0,
  "summary_bg_k": 79.61748700098771,
  "summary_bg_mad": 0.0,
  "summary_bg_mean": 3.56572971863002,
  "summary_bg_median": 0.0,
  "summary_bg_n": 646281.0,
  "summary_bg_p05": 0.0,
  "summary_bg_p95": 19.62834495678544,
  "summary_bg_stdv": 10.669684884054845,
  "summary_csf_k": 0.7820735134703538,
  "summary_csf_mad": 99.21125208755656,
  "summary_csf_mean": 308.56673786513744,
  "summary_csf_median": 299.1540371198207,
  "summary_csf_n": 29031.0,
  "summary_csf_p05": 130.34076523967087,
  "summary_csf_p95": 512.2736639296636,
  "summary_csf_stdv": 111.77581763188657,
  "summary_gm_k": -0.019656854119068257,
  "summary_gm_mad": 53.16398416197544,
  "summary_gm_mean": 762.9221285471257,
  "summary_gm_median": 764.3885862287134,
  "summary_gm_n": 36038.0,
  "summary_gm_p05": 675.6297331229783,
  "summary_gm_p95": 846.6601049843244,
  "summary_gm_stdv": 52.332532049561586,
  "summary_wm_k": 0.39192280885761344,
  "summary_wm_mad": 32.271841943253484,
  "summary_wm_mean": 1000.587988175629,
  "summary_wm_median": 1000.0237782280892,
  "summary_wm_n": 191945.0,
  "summary_wm_p05": 946.8894206937402,
  "summary_wm_p95": 1055.7245537471026,
  "summary_wm_stdv": 33.263633323658475,
  "tpm_overlap_csf": 0.14525028382064428,
  "tpm_overlap_gm": 0.46453817980516715,
  "tpm_overlap_wm": 0.5284180069453813,
  "wm2max": 0.8251244968322207
}