{
  "aor": 0.001092766666666667,
  "aqi": 0.005494708966666667,
  "bids_meta": {
    "AcquisitionMatrixPE": 78,
    "AcquisitionNumber": 3,
    "AcquisitionTime": "11:56:24.210000",
    "BodyPartExamined": "BRAIN",
    "CoilString": "MULTI_COIL",
    "ConversionSoftware": "dcm2niix",
    "ConversionSoftwareVersion": "v1.0.20190410  (JP2:OpenJPEG) GCC6.3.0",
    "Dcm2bidsVersion": "2.1.4",
    "DeviceSerialNumber": "42451",
    "EchoTime": 0.030001,
    "EchoTrainLength": 39,
    "FlipAngle": 75,
    "ImageOrientationPatientDICOM": [
      0.999993,
      0,
      -0.00362181,
      0,
      1,
      0
    ],
    "ImageType": [
      "ORIGINAL",
      "PRIMARY",
      "M",
      "FFE",
      "M",
      "FFE"
    ],
    "ImagingFrequency": 127.759,
    "InPlanePhaseEncodingDirectionDICOM": "COL",
    "InstitutionAddress": "Calzada_Mexico_Xochimilco_No.101_Tlalpan",
    "InstitutionName": "I.N._Psiquiatria",
    "InstitutionalDepartmentName": "Imagenes_Cerebrales",
    "MRAcquisitionType": "2D",
    "MagneticFieldStrength": 3,
    "Manufacturer": "Philips",
    "ManufacturersModelName": "Ingenia",
    "Modality": "MR",
    "PartialFourier": 0.5,
    "PatientPosition": "HFS",
    "PercentPhaseFOV": 100,
    "PhaseEncodingAxis": "j",
    "PhaseEncodingSteps": 78,
    "PhilipsRescaleIntercept": 0,
    "PhilipsRescaleSlope": 0.757021,
    "PhilipsScaleSlope": 0.0204085,
    "PixelBandwidth": 2071,
    "ProcedureStepDescription": "FIBROMIALGIA",
    "ProtocolName": "WIP_RESTING_STATE_10m",
    "ReconMatrixPE": 80,
    "RepetitionTime": 2,
    "SAR": 0.117654,
    "ScanOptions": "FS",
    "ScanningSequence": "GR",
    "SequenceVariant": "SK",
    "SeriesDescription": "RESTING_STATE_10m",
    "SeriesNumber": 301,
    "SliceThickness": 3,
    "SliceTiming": [
      0,
      1.027027,
      0.054054,
      1.081081,
      0.108108,
      1.13513,
      0.162162,
      1.189189,
      0.216216,
      1.243244,
      0.27027,
      1.297298,
      0.324324,
      1.351352,
      0.378378,
      1.405406,
      0.432432,
      1.45946,
      0.486486,
      1.513514,
      0.540541,
      1.567568,
      0.594595,
      1.621622,
      0.648649,
      1.675676,
      0.702703,
      1.72973,
      0.756757,
      1.783784,
      0.810811,
      1.837838,
      0.864865,
      1.891892,
      0.918919,
      1.945947,
      0.972973
    ],
    "SoftwareVersions": "5.3.1_5.3.1.0",
    "SpacingBetweenSlices": 3,
    "StationName": "PHILIPS-CTMFQSD",
    "TaskName": "rest",
    "UsePhilipsFloatNotDisplayScaling": 1,
    "dataset": "ds004144",
    "modality": "bold",
    "subject_id": "002",
    "task_id": "rest"
  },
  "dummy_trs": 0,
  "dvars_nstd": 26.17543760819398,
  "dvars_std": 1.2795533174247482,
  "dvars_vstd": 0.9742273179264214,
  "efc": 0.39243396672141523,
  "fber": 184115.84375,
  "fd_mean": 0.047525045879426416,
  "fd_num": 0,
  "fd_perc": 0.0,
  "fwhm_avg": 1.9584722222222224,
  "fwhm_x": 1.8580866666666667,
  "fwhm_y": 2.07306,
  "fwhm_z": 1.9442700000000002,
  "gcor": 0.0275436,
  "gsr_x": -0.014614931307733059,
  "gsr_y": 0.006962812040001154,
  "provenance": {
    "md5sum": "de763ce69650e67fa91332dbab2b731a",
    "settings": {
      "fd_thres": 0.2,
      "testing": false
    },
    "software": "mriqc",
    "version": "23.0.0",
    "webapi_port": null,
    "webapi_url": "https://mriqc.nimh.nih.gov/api/v1"
  },
  "size_t": 300,
  "size_x": 80,
  "size_y": 80,
  "size_z": 37,
  "snr": 4.728352759087071,
  "spacing_tr": 2.0000016689300537,
  "spacing_x": 3.0,
  "spacing_y": 3.0,
  "spacing_z": 3.0,
  "summary_bg_k": 84.05894168042029,
  "summary_bg_mad": 142.79904766534528,
  "summary_bg_mean": 941.5305786132812,
  "summary_bg_median": 133.87753295898438,
  "summary_bg_n": 165156.0,
  "summary_bg_p05": 7.618634462356567,
  "summary_bg_p95": 4771.7984619140625,
  "summary_bg_stdv": 2666.211181640625,
  "summary_fg_k": 2.064175569400917,
  "summary_fg_mad": 11635.792321482179,
  "summary_fg_mean": 61444.4453125,
  "summary_fg_median": 60789.08984375,
  "summary_fg_n": 31903.0,
  "summary_fg_p05": 42035.541015625,
  "summary_fg_p95": 83111.80546875,
  "summary_fg_stdv": 12856.091796875,
  "tsnr": 65.38607788085938
}