{
  "aor": 0.003252812903225806,
  "aqi": 0.027061544503225805,
  "bids_meta": {
    "AcquisitionMatrixPE": 78,
    "AcquisitionNumber": 8,
    "AcquisitionTime": "12:30:32.790000",
    "BodyPartExamined": "BRAIN",
    "CoilString": "MULTI_COIL",
    "ConversionSoftware": "dcm2niix",
    "ConversionSoftwareVersion": "v1.0.20190410  (JP2:OpenJPEG) GCC6.3.0",
    "Dcm2bidsVersion": "2.1.4",
    "DeviceSerialNumber": "42451",
    "EchoTime": 0.030001,
    "EchoTrainLength": 39,
    "FlipAngle": 75,
    "ImageOrientationPatientDICOM": [
      0.999993,
      0,
      -0.00362181,
      0,
      1,
      0
    ],
    "ImageType": [
      "ORIGINAL",
      "PRIMARY",
      "M",
      "FFE",
      "M",
      "FFE"
    ],
    "ImagingFrequency": 127.759,
    "InPlanePhaseEncodingDirectionDICOM": "COL",
    "InstitutionAddress": "Calzada_Mexico_Xochimilco_No.101_Tlalpan",
    "InstitutionName": "I.N._Psiquiatria",
    "InstitutionalDepartmentName": "Imagenes_Cerebrales",
    "MRAcquisitionType": "2D",
    "MagneticFieldStrength": 3,
    "Manufacturer": "Philips",
    "ManufacturersModelName": "Ingenia",
    "Modality": "MR",
    "PartialFourier": 0.5,
    "PatientPosition": "HFS",
    "PercentPhaseFOV": 100,
    "PhaseEncodingAxis": "j",
    "PhaseEncodingSteps": 78,
    "PhilipsRescaleIntercept": 0,
    "PhilipsRescaleSlope": 0.795604,
    "PhilipsScaleSlope": 0.0223707,
    "PixelBandwidth": 2071,
    "ProcedureStepDescription": "FIBROMIALGIA",
    "ProtocolName": "WIP_TASK_FMRI",
    "ReconMatrixPE": 80,
    "RepetitionTime": 2,
    "SAR": 0.117749,
    "ScanOptions": "FS",
    "ScanningSequence": "GR",
    "SequenceVariant": "SK",
    "SeriesDescription": "TASK_FMRI",
    "SeriesNumber": 801,
    "SliceThickness": 3,
    "SliceTiming": [
      0,
      1.027027,
      0.054054,
      1.081081,
      0.108108,
      1.13513,
      0.162162,
      1.189189,
      0.216216,
      1.243244,
      0.27027,
      1.297298,
      0.324324,
      1.351352,
      0.378378,
      1.405406,
      0.432432,
      1.45946,
      0.486486,
      1.513514,
      0.540541,
      1.567568,
      0.594595,
      1.621622,
      0.648649,
      1.675676,
      0.702703,
      1.72973,
      0.756757,
      1.783784,
      0.810811,
      1.837838,
      0.864865,
      1.891892,
      0.918919,
      1.945947,
      0.972973
    ],
    "SoftwareVersions": "5.3.1_5.3.1.0",
    "SpacingBetweenSlices": 3,
    "StationName": "PHILIPS-CTMFQSD",
    "TaskName": "epr",
    "UsePhilipsFloatNotDisplayScaling": 1,
    "dataset": "ds004144",
    "modality": "bold",
    "subject_id": "002",
    "task_id": "epr"
  },
  "dummy_trs": 0,
  "dvars_nstd": 34.991402367235146,
  "dvars_std": 1.0212684632687343,
  "dvars_vstd": 0.9008672008914732,
  "efc": 0.39067120122120286,
  "fber": 134254.765625,
  "fd_mean": 0.4547227760092149,
  "fd_num": 422,
  "fd_perc": 54.45161290322581,
  "fwhm_avg": 2.0264955555555555,
  "fwhm_x": 1.8885166666666666,
  "fwhm_y": 2.1590933333333333,
  "fwhm_z": 2.0318766666666668,
  "gcor": 0.0890773,
  "gsr_x": -0.012211894616484642,
  "gsr_y": 0.00864088349044323,
  "provenance": {
    "md5sum": "32ef3ed5d4317e86a77bb0790df00786",
    "settings": {
      "fd_thres": 0.2,
      "testing": false
    },
    "software": "mriqc",
    "version": "23.0.0",
    "webapi_port": null,
    "webapi_url": "https://mriqc.nimh.nih.gov/api/v1"
  },
  "size_t": 775,
  "size_x": 80,
  "size_y": 80,
  "size_z": 37,
  "snr": 4.798197999884199,
  "spacing_tr": 2.0000016689300537,
  "spacing_x": 3.0,
  "spacing_y": 3.0,
  "spacing_z": 3.0,
  "summary_bg_k": 79.96434391940552,
  "summary_bg_mad": 175.8672180738755,
  "summary_bg_mean": 952.8557739257812,
  "summary_bg_median": 161.94529724121094,
  "summary_bg_n": 166244.0,
  "summary_bg_p05": 15.550262451171873,
  "summary_bg_p95": 4924.494458007814,
  "summary_bg_stdv": 2538.441650390625,
  "summary_fg_k": 1.8910617705189097,
  "summary_fg_mad": 11396.24202631012,
  "summary_fg_mean": 61030.609375,
  "summary_fg_median": 60404.91796875,
  "summary_fg_n": 31430.0,
  "summary_fg_p05": 41845.0685546875,
  "summary_fg_p95": 82174.56796875,
  "summary_fg_stdv": 12588.8837890625,
  "tsnr": 25.253067016601562
}