{
  "aor": 0.004999,
  "aqi": 0.023845681333333334,
  "bids_meta": {
    "AcquisitionMatrixPE": 78,
    "AcquisitionNumber": 4,
    "AcquisitionTime": "11:30:16.520000",
    "BodyPartExamined": "BRAIN",
    "CoilString": "MULTI_COIL",
    "ConversionSoftware": "dcm2niix",
    "ConversionSoftwareVersion": "v1.0.20190410  (JP2:OpenJPEG) GCC6.3.0",
    "Dcm2bidsVersion": "2.1.4",
    "DeviceSerialNumber": "42451",
    "EchoTime": 0.030001,
    "EchoTrainLength": 39,
    "FlipAngle": 75,
    "ImageOrientationPatientDICOM": [
      0.999993,
      0,
      -0.00362181,
      0,
      1,
      0
    ],
    "ImageType": [
      "ORIGINAL",
      "PRIMARY",
      "M",
      "FFE",
      "M",
      "FFE"
    ],
    "ImagingFrequency": 127.759,
    "InPlanePhaseEncodingDirectionDICOM": "COL",
    "InstitutionAddress": "Calzada_Mexico_Xochimilco_No.101_Tlalpan",
    "InstitutionName": "I.N._Psiquiatria",
    "InstitutionalDepartmentName": "Imagenes_Cerebrales",
    "MRAcquisitionType": "2D",
    "MagneticFieldStrength": 3,
    "Manufacturer": "Philips",
    "ManufacturersModelName": "Ingenia",
    "Modality": "MR",
    "PartialFourier": 0.5,
    "PatientPosition": "HFS",
    "PercentPhaseFOV": 100,
    "PhaseEncodingAxis": "j",
    "PhaseEncodingSteps": 78,
    "PhilipsRescaleIntercept": 0,
    "PhilipsRescaleSlope": 0.763126,
    "PhilipsScaleSlope": 0.0269192,
    "PixelBandwidth": 2071,
    "ProcedureStepDescription": "PROTOCOLO_FIBROMIALGIA",
    "ProtocolName": "WIP_RESTING_STATE_10m",
    "ReconMatrixPE": 80,
    "RepetitionTime": 2,
    "SAR": 0.117654,
    "ScanOptions": "FS",
    "ScanningSequence": "GR",
    "SequenceVariant": "SK",
    "SeriesDescription": "RESTING_STATE_10m",
    "SeriesNumber": 401,
    "SliceThickness": 3,
    "SliceTiming": [
      0,
      1.027027,
      0.054054,
      1.081081,
      0.108108,
      1.13513,
      0.162162,
      1.189189,
      0.216216,
      1.243244,
      0.27027,
      1.297298,
      0.324324,
      1.351352,
      0.378378,
      1.405406,
      0.432432,
      1.45946,
      0.486486,
      1.513514,
      0.540541,
      1.567568,
      0.594595,
      1.621622,
      0.648649,
      1.675676,
      0.702703,
      1.72973,
      0.756757,
      1.783784,
      0.810811,
      1.837838,
      0.864865,
      1.891892,
      0.918919,
      1.945947,
      0.972973
    ],
    "SoftwareVersions": "5.3.1_5.3.1.0",
    "SpacingBetweenSlices": 3,
    "StationName": "PHILIPS-CTMFQSD",
    "TaskName": "rest",
    "UsePhilipsFloatNotDisplayScaling": 1,
    "dataset": "ds004144",
    "modality": "bold",
    "subject_id": "059",
    "task_id": "rest"
  },
  "dummy_trs": 0,
  "dvars_nstd": 40.25196641903008,
  "dvars_std": 1.218543330535117,
  "dvars_vstd": 0.9967736170568565,
  "efc": 0.38521007423925474,
  "fber": 128767.0390625,
  "fd_mean": 0.38133622029281156,
  "fd_num": 207,
  "fd_perc": 69.0,
  "fwhm_avg": 2.1228966666666667,
  "fwhm_x": 2.0283466666666667,
  "fwhm_y": 2.2842166666666666,
  "fwhm_z": 2.0561266666666667,
  "gcor": 0.0719465,
  "gsr_x": -0.010292247869074345,
  "gsr_y": 0.00548163615167141,
  "provenance": {
    "md5sum": "35defffd7c342aa26dc5a3293d624681",
    "settings": {
      "fd_thres": 0.2,
      "testing": false
    },
    "software": "mriqc",
    "version": "23.0.0",
    "webapi_port": null,
    "webapi_url": "https://mriqc.nimh.nih.gov/api/v1"
  },
  "size_t": 300,
  "size_x": 80,
  "size_y": 80,
  "size_z": 37,
  "snr": 4.3382519290247945,
  "spacing_tr": 2.0000016689300537,
  "spacing_x": 3.0,
  "spacing_y": 3.0,
  "spacing_z": 3.0,
  "summary_bg_k": 148.71265671420858,
  "summary_bg_mad": 155.4140614699169,
  "summary_bg_mean": 936.5294799804688,
  "summary_bg_median": 137.18963623046875,
  "summary_bg_n": 168183.0,
  "summary_bg_p05": 15.550300407409669,
  "summary_bg_p95": 4157.439843749999,
  "summary_bg_stdv": 2785.419921875,
  "summary_fg_k": 3.360162626496609,
  "summary_fg_mad": 7660.495626135041,
  "summary_fg_mean": 52689.88671875,
  "summary_fg_median": 50775.67578125,
  "summary_fg_n": 29817.0,
  "summary_fg_p05": 38472.625781250004,
  "summary_fg_p95": 78480.6390624999,
  "summary_fg_stdv": 11703.982421875,
  "tsnr": 34.0250358581543
}