{
  "aor": 0.0004719424460431654,
  "aqi": 0.031138499640287767,
  "bids_meta": {
    "AcquisitionMatrixPE": 78,
    "AcquisitionNumber": 9,
    "AcquisitionTime": "12:09:10.360000",
    "BodyPartExamined": "BRAIN",
    "CoilString": "MULTI_COIL",
    "ConversionSoftware": "dcm2niix",
    "ConversionSoftwareVersion": "v1.0.20190410  (JP2:OpenJPEG) GCC6.3.0",
    "Dcm2bidsVersion": "2.1.4",
    "DeviceSerialNumber": "42451",
    "EchoTime": 0.030001,
    "EchoTrainLength": 39,
    "FlipAngle": 75,
    "ImageOrientationPatientDICOM": [
      0.999993,
      0,
      -0.00362181,
      0,
      1,
      0
    ],
    "ImageType": [
      "ORIGINAL",
      "PRIMARY",
      "M",
      "FFE",
      "M",
      "FFE"
    ],
    "ImagingFrequency": 127.759,
    "InPlanePhaseEncodingDirectionDICOM": "COL",
    "InstitutionAddress": "Calzada_Mexico_Xochimilco_No.101_Tlalpan",
    "InstitutionName": "I.N._Psiquiatria",
    "InstitutionalDepartmentName": "Imagenes_Cerebrales",
    "MRAcquisitionType": "2D",
    "MagneticFieldStrength": 3,
    "Manufacturer": "Philips",
    "ManufacturersModelName": "Ingenia",
    "Modality": "MR",
    "PartialFourier": 0.5,
    "PatientPosition": "HFS",
    "PercentPhaseFOV": 100,
    "PhaseEncodingAxis": "j",
    "PhaseEncodingSteps": 78,
    "PhilipsRescaleIntercept": 0,
    "PhilipsRescaleSlope": 0.761661,
    "PhilipsScaleSlope": 0.0254267,
    "PixelBandwidth": 2071,
    "ProcedureStepDescription": "PROTOCOLO_FIBROMIALGIA",
    "ProtocolName": "WIP_TASK_FMRI",
    "ReconMatrixPE": 80,
    "RepetitionTime": 2,
    "SAR": 0.117749,
    "ScanOptions": "FS",
    "ScanningSequence": "GR",
    "SequenceVariant": "SK",
    "SeriesDescription": "TASK_FMRI",
    "SeriesNumber": 901,
    "SliceThickness": 3,
    "SliceTiming": [
      0,
      1.027027,
      0.054054,
      1.081081,
      0.108108,
      1.13513,
      0.162162,
      1.189189,
      0.216216,
      1.243244,
      0.27027,
      1.297298,
      0.324324,
      1.351352,
      0.378378,
      1.405406,
      0.432432,
      1.45946,
      0.486486,
      1.513514,
      0.540541,
      1.567568,
      0.594595,
      1.621622,
      0.648649,
      1.675676,
      0.702703,
      1.72973,
      0.756757,
      1.783784,
      0.810811,
      1.837838,
      0.864865,
      1.891892,
      0.918919,
      1.945947,
      0.972973
    ],
    "SoftwareVersions": "5.3.1_5.3.1.0",
    "SpacingBetweenSlices": 3,
    "StationName": "PHILIPS-CTMFQSD",
    "TaskName": "epr",
    "UsePhilipsFloatNotDisplayScaling": 1,
    "dataset": "ds004144",
    "modality": "bold",
    "subject_id": "059",
    "task_id": "epr"
  },
  "dummy_trs": 0,
  "dvars_nstd": 36.58350993756301,
  "dvars_std": 1.1368611094357741,
  "dvars_vstd": 0.9037686955462187,
  "efc": 0.38384510669415006,
  "fber": 123537.421875,
  "fd_mean": 0.22630308380077888,
  "fd_num": 347,
  "fd_perc": 41.60671462829736,
  "fwhm_avg": 2.175902222222222,
  "fwhm_x": 2.0707333333333335,
  "fwhm_y": 2.3578566666666667,
  "fwhm_z": 2.0991166666666667,
  "gcor": 0.129863,
  "gsr_x": -0.01152019202709198,
  "gsr_y": 0.009827600792050362,
  "provenance": {
    "md5sum": "de55fbab636a0d61d0adc956442c6bf9",
    "settings": {
      "fd_thres": 0.2,
      "testing": false
    },
    "software": "mriqc",
    "version": "23.0.0",
    "webapi_port": null,
    "webapi_url": "https://mriqc.nimh.nih.gov/api/v1"
  },
  "size_t": 834,
  "size_x": 80,
  "size_y": 80,
  "size_z": 37,
  "snr": 4.31520182783325,
  "spacing_tr": 2.0000016689300537,
  "spacing_x": 3.0,
  "spacing_y": 3.0,
  "spacing_z": 3.0,
  "summary_bg_k": 154.05594069996783,
  "summary_bg_mad": 162.51991831178566,
  "summary_bg_mean": 1020.4320068359375,
  "summary_bg_median": 149.01686096191406,
  "summary_bg_n": 168793.0,
  "summary_bg_p05": 18.641200256347656,
  "summary_bg_p95": 4529.4869140625,
  "summary_bg_stdv": 3168.752197265625,
  "summary_fg_k": 3.2661581224792995,
  "summary_fg_mad": 8215.660659986395,
  "summary_fg_mean": 54334.36328125,
  "summary_fg_median": 52450.234375,
  "summary_fg_n": 29453.0,
  "summary_fg_p05": 39198.45078125,
  "summary_fg_p95": 80434.88125,
  "summary_fg_stdv": 12154.5517578125,
  "tsnr": 25.67609405517578
}