{
  "aor": 0.0021887410071942445,
  "aqi": 0.03623740887290168,
  "bids_meta": {
    "AcquisitionMatrixPE": 78,
    "AcquisitionNumber": 10,
    "AcquisitionTime": "12:29:1.930000",
    "BodyPartExamined": "BRAIN",
    "CoilString": "MULTI_COIL",
    "ConversionSoftware": "dcm2niix",
    "ConversionSoftwareVersion": "v1.0.20190410  (JP2:OpenJPEG) GCC6.3.0",
    "Dcm2bidsVersion": "2.1.4",
    "DeviceSerialNumber": "42451",
    "EchoTime": 0.030001,
    "EchoTrainLength": 39,
    "FlipAngle": 75,
    "ImageOrientationPatientDICOM": [
      0.999993,
      0,
      -0.00362181,
      0,
      1,
      0
    ],
    "ImageType": [
      "ORIGINAL",
      "PRIMARY",
      "M",
      "FFE",
      "M",
      "FFE"
    ],
    "ImagingFrequency": 127.759,
    "InPlanePhaseEncodingDirectionDICOM": "COL",
    "InstitutionAddress": "Calzada_Mexico_Xochimilco_No.101_Tlalpan",
    "InstitutionName": "I.N._Psiquiatria",
    "InstitutionalDepartmentName": "Imagenes_Cerebrales",
    "MRAcquisitionType": "2D",
    "MagneticFieldStrength": 3,
    "Manufacturer": "Philips",
    "ManufacturersModelName": "Ingenia",
    "Modality": "MR",
    "PartialFourier": 0.5,
    "PatientPosition": "HFS",
    "PercentPhaseFOV": 100,
    "PhaseEncodingAxis": "j",
    "PhaseEncodingSteps": 78,
    "PhilipsRescaleIntercept": 0,
    "PhilipsRescaleSlope": 0.808303,
    "PhilipsScaleSlope": 0.0267932,
    "PixelBandwidth": 2071,
    "ProcedureStepDescription": "PROTOCOLO_FIBROMIALGIA",
    "ProtocolName": "WIP_TASK_FMRI",
    "ReconMatrixPE": 80,
    "RepetitionTime": 2,
    "SAR": 0.117749,
    "ScanOptions": "FS",
    "ScanningSequence": "GR",
    "SequenceVariant": "SK",
    "SeriesDescription": "TASK_FMRI",
    "SeriesNumber": 1001,
    "SliceThickness": 3,
    "SliceTiming": [
      0,
      1.027027,
      0.054054,
      1.081081,
      0.108108,
      1.13513,
      0.162162,
      1.189189,
      0.216216,
      1.243244,
      0.27027,
      1.297298,
      0.324324,
      1.351352,
      0.378378,
      1.405406,
      0.432432,
      1.45946,
      0.486486,
      1.513514,
      0.540541,
      1.567568,
      0.594595,
      1.621622,
      0.648649,
      1.675676,
      0.702703,
      1.72973,
      0.756757,
      1.783784,
      0.810811,
      1.837838,
      0.864865,
      1.891892,
      0.918919,
      1.945947,
      0.972973
    ],
    "SoftwareVersions": "5.3.1_5.3.1.0",
    "SpacingBetweenSlices": 3,
    "StationName": "PHILIPS-CTMFQSD",
    "TaskName": "epr",
    "UsePhilipsFloatNotDisplayScaling": 1,
    "dataset": "ds004144",
    "modality": "bold",
    "subject_id": "032",
    "task_id": "epr"
  },
  "dummy_trs": 0,
  "dvars_nstd": 45.34008819051616,
  "dvars_std": 1.0599754645858346,
  "dvars_vstd": 0.9192421044777906,
  "efc": 0.39245269711840464,
  "fber": 131785.984375,
  "fd_mean": 0.6840372405502543,
  "fd_num": 630,
  "fd_perc": 75.53956834532374,
  "fwhm_avg": 1.9386144444444444,
  "fwhm_x": 1.8622433333333335,
  "fwhm_y": 2.0572733333333333,
  "fwhm_z": 1.8963266666666667,
  "gcor": 0.100246,
  "gsr_x": -0.01688256859779358,
  "gsr_y": 0.011136352084577084,
  "provenance": {
    "md5sum": "07bc63d81121b8089aafabba0719894c",
    "settings": {
      "fd_thres": 0.2,
      "testing": false
    },
    "software": "mriqc",
    "version": "23.0.0",
    "webapi_port": null,
    "webapi_url": "https://mriqc.nimh.nih.gov/api/v1"
  },
  "size_t": 834,
  "size_x": 80,
  "size_y": 80,
  "size_z": 37,
  "snr": 4.8451069384552286,
  "spacing_tr": 2.0000016689300537,
  "spacing_x": 3.0,
  "spacing_y": 3.0,
  "spacing_z": 3.0,
  "summary_bg_k": 95.3523173176024,
  "summary_bg_mad": 146.77730291405138,
  "summary_bg_mean": 992.8931274414062,
  "summary_bg_median": 145.0318145751953,
  "summary_bg_n": 166657.0,
  "summary_bg_p05": 21.906721115112305,
  "summary_bg_p95": 5093.7589843749965,
  "summary_bg_stdv": 2711.713134765625,
  "summary_fg_k": 3.355982818417929,
  "summary_fg_mad": 8146.537227256031,
  "summary_fg_mean": 53852.5546875,
  "summary_fg_median": 52848.08984375,
  "summary_fg_n": 31172.0,
  "summary_fg_p05": 38301.25,
  "summary_fg_p95": 73618.38125,
  "summary_fg_stdv": 10907.3427734375,
  "tsnr": 22.831829071044922
}