{
  "bids_meta": {
    "AcquisitionMatrixPE": 240,
    "AcquisitionNumber": 5,
    "AcquisitionTime": "09:31:48.920000",
    "BodyPartExamined": "BRAIN",
    "CoilString": "MULTI_COIL",
    "ConversionSoftware": "dcm2niix",
    "ConversionSoftwareVersion": "v1.0.20190410  (JP2:OpenJPEG) GCC6.3.0",
    "Dcm2bidsVersion": "2.1.4",
    "DeviceSerialNumber": "42451",
    "EchoTime": 0.331,
    "EchoTrainLength": 117,
    "FlipAngle": 90,
    "ImageOrientationPatientDICOM": [
      0,
      1,
      0,
      0.000617897,
      0,
      -1
    ],
    "ImageType": [
      "ORIGINAL",
      "PRIMARY",
      "M",
      "SE",
      "M",
      "SE"
    ],
    "ImagingFrequency": 127.759,
    "InPlanePhaseEncodingDirectionDICOM": "ROW",
    "InstitutionAddress": "Calzada_Mexico_Xochimilco_No.101_Tlalpan",
    "InstitutionName": "I.N._Psiquiatria",
    "InstitutionalDepartmentName": "Imagenes_Cerebrales",
    "MRAcquisitionType": "3D",
    "MagneticFieldStrength": 3,
    "Manufacturer": "Philips",
    "ManufacturersModelName": "Ingenia",
    "Modality": "MR",
    "PatientPosition": "HFS",
    "PercentPhaseFOV": 100,
    "PhaseEncodingSteps": 240,
    "PhilipsRescaleIntercept": 0,
    "PhilipsRescaleSlope": 1.39707,
    "PhilipsScaleSlope": 0.00330547,
    "PixelBandwidth": 413,
    "ProcedureStepDescription": "PROTOCOLO_FIBROMIALGIA",
    "ProtocolName": "WIP_T2W",
    "ReconMatrixPE": 240,
    "RepetitionTime": 2.5,
    "SAR": 0.030152,
    "ScanOptions": "FS",
    "ScanningSequence": "SE",
    "SequenceVariant": "SK",
    "SeriesDescription": "T2W",
    "SeriesNumber": 501,
    "SliceThickness": 1,
    "SoftwareVersions": "5.3.1_5.3.1.0",
    "SpacingBetweenSlices": 1,
    "StationName": "PHILIPS-CTMFQSD",
    "UsePhilipsFloatNotDisplayScaling": 1,
    "dataset": "ds004144",
    "modality": "T2w",
    "subject_id": "047"
  },
  "cjv": 24.860062199585002,
  "cnr": 0.04345811970395143,
  "efc": 0.5462056936235141,
  "fber": -1.0,
  "fwhm_avg": 2.37993,
  "fwhm_x": 2.39454,
  "fwhm_y": 2.4862,
  "fwhm_z": 2.25905,
  "icvs_csf": 0.2791267391594317,
  "icvs_gm": 0.5373631078584029,
  "icvs_wm": 0.18351015298216533,
  "inu_med": 0.9599836468696594,
  "inu_range": 0.24262785911560059,
  "provenance": {
    "md5sum": "c61c385d7167677d557ed53cf6f7f74a",
    "settings": {
      "testing": false
    },
    "software": "mriqc",
    "version": "23.0.0",
    "warnings": {
      "large_rot_frame": true,
      "small_air_mask": false
    },
    "webapi_port": null,
    "webapi_url": "https://mriqc.nimh.nih.gov/api/v1"
  },
  "qi_1": 0.0449073383482146,
  "qi_2": 7.569925812245868e-06,
  "rpve_csf": 16.896082606164455,
  "rpve_gm": 11.586358238065266,
  "rpve_wm": 32.75708577711448,
  "size_x": 180,
  "size_y": 240,
  "size_z": 240,
  "snr_csf": 9.60607364000789,
  "snr_gm": 12.35708928935392,
  "snr_total": 7.570211037198682,
  "snr_wm": 0.7474701822342371,
  "snrd_csf": 86.36259015246436,
  "snrd_gm": 56.75226082703062,
  "snrd_total": 67.79216139034048,
  "snrd_wm": 60.26163319152647,
  "spacing_x": 1.0,
  "spacing_y": 1.0,
  "spacing_z": 1.0,
  "summary_bg_k": 34.497617561684905,
  "summary_bg_mad": 0.0,
  "summary_bg_mean": 4.7837634298752345,
  "summary_bg_median": 0.0,
  "summary_bg_n": 900273.0,
  "summary_bg_p05": 0.0,
  "summary_bg_p95": 24.66484857723117,
  "summary_bg_stdv": 10.920746693354348,
  "summary_csf_k": 0.8364953356179239,
  "summary_csf_mad": 141.28215867943527,
  "summary_csf_mean": 1447.9541160891154,
  "summary_csf_median": 1439.6146677806973,
  "summary_csf_n": 10242.0,
  "summary_csf_p05": 1220.3151464601979,
  "summary_csf_p95": 1699.1440080041066,
  "summary_csf_stdv": 149.85772960465783,
  "summary_gm_k": -0.1144316942339283,
  "summary_gm_mad": 78.38492482153809,
  "summary_gm_mean": 945.2592145195463,
  "summary_gm_median": 946.0275215469301,
  "summary_gm_n": 193487.0,
  "summary_gm_p05": 818.3506583236158,
  "summary_gm_p95": 1068.8874849304557,
  "summary_gm_stdv": 76.5572745095404,
  "summary_wm_k": -1.7043018981247473,
  "summary_wm_mad": 1375.909256664342,
  "summary_wm_mean": 1502.5571930039864,
  "summary_wm_median": 1004.5267388783395,
  "summary_wm_n": 34157.0,
  "summary_wm_p05": 64.94109543040395,
  "summary_wm_p95": 3409.7383092418313,
  "summary_wm_stdv": 1343.882415772825,
  "tpm_overlap_csf": 0.11766849314831786,
  "tpm_overlap_gm": 0.34679959296906815,
  "tpm_overlap_wm": 0.04270166885713245,
  "wm2max": 0.299847553096974
}