{
  "bids_meta": {
    "AcquisitionMatrixPE": 240,
    "AcquisitionNumber": 5,
    "AcquisitionTime": "12:44:14.970000",
    "BodyPartExamined": "BRAIN",
    "CoilString": "MULTI_COIL",
    "ConversionSoftware": "dcm2niix",
    "ConversionSoftwareVersion": "v1.0.20190410  (JP2:OpenJPEG) GCC6.3.0",
    "Dcm2bidsVersion": "2.1.4",
    "DeviceSerialNumber": "42451",
    "EchoTime": 0.331,
    "EchoTrainLength": 117,
    "FlipAngle": 90,
    "ImageOrientationPatientDICOM": [
      0,
      1,
      0,
      -0.00362181,
      0,
      -0.999993
    ],
    "ImageType": [
      "ORIGINAL",
      "PRIMARY",
      "M",
      "SE",
      "M",
      "SE"
    ],
    "ImagingFrequency": 127.759,
    "InPlanePhaseEncodingDirectionDICOM": "ROW",
    "InstitutionAddress": "Calzada_Mexico_Xochimilco_No.101_Tlalpan",
    "InstitutionName": "I.N._Psiquiatria",
    "InstitutionalDepartmentName": "Imagenes_Cerebrales",
    "MRAcquisitionType": "3D",
    "MagneticFieldStrength": 3,
    "Manufacturer": "Philips",
    "ManufacturersModelName": "Ingenia",
    "Modality": "MR",
    "PatientPosition": "HFS",
    "PercentPhaseFOV": 100,
    "PhaseEncodingSteps": 240,
    "PhilipsRescaleIntercept": 0,
    "PhilipsRescaleSlope": 1.46398,
    "PhilipsScaleSlope": 0.00348355,
    "PixelBandwidth": 413,
    "ProcedureStepDescription": "FIBROMIALGIA",
    "ProtocolName": "WIP_T2W",
    "ReconMatrixPE": 240,
    "RepetitionTime": 2.5,
    "SAR": 0.030152,
    "ScanOptions": "FS",
    "ScanningSequence": "SE",
    "SequenceVariant": "SK",
    "SeriesDescription": "T2W",
    "SeriesNumber": 501,
    "SliceThickness": 1,
    "SoftwareVersions": "5.3.1_5.3.1.0",
    "SpacingBetweenSlices": 1,
    "StationName": "PHILIPS-CTMFQSD",
    "UsePhilipsFloatNotDisplayScaling": 1,
    "dataset": "ds004144",
    "modality": "T2w",
    "subject_id": "007"
  },
  "cjv": 0.4140583934317134,
  "cnr": 3.1507791908306193,
  "efc": 0.48707196253637963,
  "fber": -1.0,
  "fwhm_avg": 2.689686666666667,
  "fwhm_x": 2.70584,
  "fwhm_y": 2.80142,
  "fwhm_z": 2.5618,
  "icvs_csf": 0.21015481067151917,
  "icvs_gm": 0.26841637682115654,
  "icvs_wm": 0.5214288125073243,
  "inu_med": 0.9409977793693542,
  "inu_range": 0.22357655465602866,
  "provenance": {
    "md5sum": "e900aab36562145543f51e2c7c275ea6",
    "settings": {
      "testing": false
    },
    "software": "mriqc",
    "version": "23.0.0",
    "warnings": {
      "large_rot_frame": true,
      "small_air_mask": false
    },
    "webapi_port": null,
    "webapi_url": "https://mriqc.nimh.nih.gov/api/v1"
  },
  "qi_1": 0.0370909284817629,
  "qi_2": 1.1577329764662177e-05,
  "rpve_csf": 28.662728719834494,
  "rpve_gm": 17.279364988394416,
  "rpve_wm": 11.928886049483099,
  "size_x": 180,
  "size_y": 240,
  "size_z": 240,
  "snr_csf": 2.1281597179028666,
  "snr_gm": 9.70434789416846,
  "snr_total": 7.894866469998667,
  "snr_wm": 11.852091797924674,
  "snrd_csf": 121.512909099214,
  "snrd_gm": 60.87070348329284,
  "snrd_total": 73.63367284064346,
  "snrd_wm": 38.51740593942351,
  "spacing_x": 1.0,
  "spacing_y": 1.0,
  "spacing_z": 1.0,
  "summary_bg_k": 647.7947662257036,
  "summary_bg_mad": 0.0,
  "summary_bg_mean": 3.179035703424029,
  "summary_bg_median": 0.0,
  "summary_bg_n": 1512482.0,
  "summary_bg_p05": 0.0,
  "summary_bg_p95": 16.700849533081055,
  "summary_bg_stdv": 17.011331744420023,
  "summary_csf_k": -1.207703125059508,
  "summary_csf_mad": 1097.3993023090043,
  "summary_csf_mean": 2506.7940696302703,
  "summary_csf_median": 3155.215322971344,
  "summary_csf_n": 62311.0,
  "summary_csf_p05": 105.84529638290405,
  "summary_csf_p95": 4138.734211921692,
  "summary_csf_stdv": 1482.590793370469,
  "summary_gm_k": 0.6318102373106385,
  "summary_gm_mad": 153.01688440904374,
  "summary_gm_mean": 1586.079907607892,
  "summary_gm_median": 1580.5742597579956,
  "summary_gm_n": 14273.0,
  "summary_gm_p05": 1334.8373737335205,
  "summary_gm_p95": 1864.225004196167,
  "summary_gm_stdv": 162.8670887159829,
  "summary_wm_k": -0.09432791909619764,
  "summary_wm_mad": 87.31410579479856,
  "summary_wm_mean": 998.4849139326308,
  "summary_wm_median": 1000.1464891433716,
  "summary_wm_n": 241088.0,
  "summary_wm_p05": 857.3835253715515,
  "summary_wm_p95": 1131.4825558662415,
  "summary_wm_stdv": 84.38547658574744,
  "tpm_overlap_csf": 0.12590728169433507,
  "tpm_overlap_gm": 0.32763111356676855,
  "tpm_overlap_wm": 0.45307764875597745,
  "wm2max": 0.23826059643673547
}