{
  "bids_meta": {
    "AcquisitionMatrixPE": 240,
    "AcquisitionNumber": 5,
    "AcquisitionTime": "11:32:31.880000",
    "BodyPartExamined": "BRAIN",
    "CoilString": "MULTI_COIL",
    "ConversionSoftware": "dcm2niix",
    "ConversionSoftwareVersion": "v1.0.20190410  (JP2:OpenJPEG) GCC6.3.0",
    "Dcm2bidsVersion": "2.1.4",
    "DeviceSerialNumber": "42451",
    "EchoTime": 0.331,
    "EchoTrainLength": 117,
    "FlipAngle": 90,
    "ImageOrientationPatientDICOM": [
      -0.0510698,
      0.998695,
      1.92254e-11,
      -0.00361709,
      -0.000184965,
      -0.999993
    ],
    "ImageType": [
      "ORIGINAL",
      "PRIMARY",
      "M",
      "SE",
      "M",
      "SE"
    ],
    "ImagingFrequency": 127.759,
    "InPlanePhaseEncodingDirectionDICOM": "ROW",
    "InstitutionAddress": "Calzada_Mexico_Xochimilco_No.101_Tlalpan",
    "InstitutionName": "I.N._Psiquiatria",
    "InstitutionalDepartmentName": "Imagenes_Cerebrales",
    "MRAcquisitionType": "3D",
    "MagneticFieldStrength": 3,
    "Manufacturer": "Philips",
    "ManufacturersModelName": "Ingenia",
    "Modality": "MR",
    "PatientPosition": "HFS",
    "PercentPhaseFOV": 100,
    "PhaseEncodingSteps": 240,
    "PhilipsRescaleIntercept": 0,
    "PhilipsRescaleSlope": 1.41758,
    "PhilipsScaleSlope": 0.00319518,
    "PixelBandwidth": 438,
    "ProcedureStepDescription": "PROTOCOLO_FIBROMIALGIA",
    "ProtocolName": "WIP_T2W",
    "ReconMatrixPE": 240,
    "RepetitionTime": 2.5,
    "SAR": 0.0301521,
    "ScanOptions": "FS",
    "ScanningSequence": "SE",
    "SequenceVariant": "SK",
    "SeriesDescription": "T2W",
    "SeriesNumber": 501,
    "SliceThickness": 1,
    "SoftwareVersions": "5.3.1_5.3.1.0",
    "SpacingBetweenSlices": 1,
    "StationName": "PHILIPS-CTMFQSD",
    "UsePhilipsFloatNotDisplayScaling": 1,
    "dataset": "ds004144",
    "modality": "T2w",
    "subject_id": "013"
  },
  "cjv": 0.5717525451090489,
  "cnr": 1.3468563129425748,
  "efc": 0.5221744635279479,
  "fber": -1.0,
  "fwhm_avg": 2.6533866666666666,
  "fwhm_x": 2.68472,
  "fwhm_y": 2.72259,
  "fwhm_z": 2.55285,
  "icvs_csf": 0.27700463521427865,
  "icvs_gm": 0.1969802413892189,
  "icvs_wm": 0.5260151233965025,
  "inu_med": 0.8901802897453308,
  "inu_range": 0.1988137662410736,
  "provenance": {
    "md5sum": "8171e14e667e96e37d616275c886fd15",
    "settings": {
      "testing": false
    },
    "software": "mriqc",
    "version": "23.0.0",
    "warnings": {
      "large_rot_frame": true,
      "small_air_mask": false
    },
    "webapi_port": null,
    "webapi_url": "https://mriqc.nimh.nih.gov/api/v1"
  },
  "qi_1": 0.055425985628166856,
  "qi_2": 9.944444845788581e-06,
  "rpve_csf": 19.24304798638769,
  "rpve_gm": 34.6881139621021,
  "rpve_wm": 13.556406801936548,
  "size_x": 180,
  "size_y": 240,
  "size_z": 240,
  "snr_csf": 10.736847881581504,
  "snr_gm": 2.052034579858442,
  "snr_total": 7.958637829369205,
  "snr_wm": 11.087031026667665,
  "snrd_csf": 59.777973245637185,
  "snrd_gm": 114.1459934913334,
  "snrd_total": 70.99852356941705,
  "snrd_wm": 39.07160397128055,
  "spacing_x": 1.0,
  "spacing_y": 1.0,
  "spacing_z": 1.0,
  "summary_bg_k": 185.89658025100294,
  "summary_bg_mad": 0.0,
  "summary_bg_mean": 5.108018723671044,
  "summary_bg_median": 0.0,
  "summary_bg_n": 896007.0,
  "summary_bg_p05": 0.0,
  "summary_bg_p95": 30.12396550178528,
  "summary_bg_stdv": 16.769738605244132,
  "summary_csf_k": 1.1960807538179807,
  "summary_csf_mad": 131.89056171671493,
  "summary_csf_mean": 1537.57642882377,
  "summary_csf_median": 1530.1561410427094,
  "summary_csf_n": 10149.0,
  "summary_csf_p05": 1324.5167211055755,
  "summary_csf_p95": 1781.4375436782836,
  "summary_csf_stdv": 142.50744459494373,
  "summary_gm_k": -1.4648177522355976,
  "summary_gm_mad": 1004.8441929492967,
  "summary_gm_mean": 2231.1962542709744,
  "summary_gm_median": 2921.8319630622864,
  "summary_gm_n": 41131.0,
  "summary_gm_p05": 94.99647116661072,
  "summary_gm_p95": 3674.0961079597473,
  "summary_gm_stdv": 1423.8534150029466,
  "summary_wm_k": -0.15664215871193576,
  "summary_wm_mad": 93.89465260121366,
  "summary_wm_mean": 998.4879725141357,
  "summary_wm_median": 1000.128500699997,
  "summary_wm_n": 193996.0,
  "summary_wm_p05": 847.7744576931,
  "summary_wm_p95": 1141.1137976646423,
  "summary_wm_stdv": 90.20682999688067,
  "tpm_overlap_csf": 0.11758856061705188,
  "tpm_overlap_gm": 0.11573015964123337,
  "tpm_overlap_wm": 0.4760640640514415,
  "wm2max": 0.2732473433952102
}