{
  "bids_meta": {
    "AcquisitionMatrixPE": 240,
    "AcquisitionNumber": 4,
    "AcquisitionTime": "11:28:48.280000",
    "BodyPartExamined": "BRAIN",
    "CoilString": "MULTI_COIL",
    "ConversionSoftware": "dcm2niix",
    "ConversionSoftwareVersion": "v1.0.20190410  (JP2:OpenJPEG) GCC6.3.0",
    "Dcm2bidsVersion": "2.1.4",
    "DeviceSerialNumber": "42451",
    "EchoTime": 0.0035,
    "EchoTrainLength": 240,
    "FlipAngle": 8,
    "ImageOrientationPatientDICOM": [
      -0.0510698,
      0.998695,
      1.92254e-11,
      -0.00361709,
      -0.000184965,
      -0.999993
    ],
    "ImageType": [
      "ORIGINAL",
      "PRIMARY",
      "M",
      "FFE",
      "M",
      "FFE"
    ],
    "ImagingFrequency": 127.759,
    "InPlanePhaseEncodingDirectionDICOM": "ROW",
    "InstitutionAddress": "Calzada_Mexico_Xochimilco_No.101_Tlalpan",
    "InstitutionName": "I.N._Psiquiatria",
    "InstitutionalDepartmentName": "Imagenes_Cerebrales",
    "MRAcquisitionType": "3D",
    "MagneticFieldStrength": 3,
    "Manufacturer": "Philips",
    "ManufacturersModelName": "Ingenia",
    "Modality": "MR",
    "PatientPosition": "HFS",
    "PercentPhaseFOV": 100,
    "PhaseEncodingSteps": 240,
    "PhilipsRescaleIntercept": 0,
    "PhilipsRescaleSlope": 28.6491,
    "PhilipsScaleSlope": 0.00607928,
    "PixelBandwidth": 310,
    "ProcedureStepDescription": "PROTOCOLO_FIBROMIALGIA",
    "ProtocolName": "WIP_T1W",
    "ReconMatrixPE": 240,
    "RepetitionTime": 0.007,
    "SAR": 0.0382114,
    "ScanOptions": "OTHER",
    "ScanningSequence": "GR",
    "SequenceVariant": "MP",
    "SeriesDescription": "T1W",
    "SeriesNumber": 401,
    "SliceThickness": 1,
    "SoftwareVersions": "5.3.1_5.3.1.0",
    "SpacingBetweenSlices": 1,
    "StationName": "PHILIPS-CTMFQSD",
    "UsePhilipsFloatNotDisplayScaling": 1,
    "dataset": "ds004144",
    "modality": "T1w",
    "subject_id": "013"
  },
  "cjv": 0.29649541242949273,
  "cnr": 4.461014250800792,
  "efc": 0.719064367888421,
  "fber": -1.0,
  "fwhm_avg": 4.53274,
  "fwhm_x": 4.37624,
  "fwhm_y": 4.8425,
  "fwhm_z": 4.37948,
  "icvs_csf": 0.21905994915818142,
  "icvs_gm": 0.42657455498422703,
  "icvs_wm": 0.3543654958575916,
  "inu_med": 0.4403097629547119,
  "inu_range": 0.1666578829288483,
  "provenance": {
    "md5sum": "60b8f094af080db8b9dd5901dcbc76c6",
    "settings": {
      "testing": false
    },
    "software": "mriqc",
    "version": "23.0.0",
    "warnings": {
      "large_rot_frame": true,
      "small_air_mask": false
    },
    "webapi_port": null,
    "webapi_url": "https://mriqc.nimh.nih.gov/api/v1"
  },
  "qi_1": 0.0,
  "qi_2": 8.766347290665983e-05,
  "rpve_csf": 28.284833288525796,
  "rpve_gm": 14.795295048224457,
  "rpve_wm": 20.519576772241354,
  "size_x": 180,
  "size_y": 240,
  "size_z": 240,
  "snr_csf": 2.7998793523677814,
  "snr_gm": 13.900884847187719,
  "snr_total": 16.399575856331325,
  "snr_wm": 32.49796336943847,
  "snrd_csf": 44.2316252467868,
  "snrd_gm": 101.73562336606018,
  "snrd_total": 95.22660378745184,
  "snrd_wm": 139.71256274950852,
  "spacing_x": 1.0,
  "spacing_y": 1.0,
  "spacing_z": 1.0,
  "summary_bg_k": 14.479891576998359,
  "summary_bg_mad": 0.0,
  "summary_bg_mean": 1.9465610877382795,
  "summary_bg_median": 0.0,
  "summary_bg_n": 273226.0,
  "summary_bg_p05": 0.0,
  "summary_bg_p95": 12.069756731390953,
  "summary_bg_stdv": 4.689173149908619,
  "summary_csf_k": 0.5748529327259058,
  "summary_csf_mad": 96.14120826952316,
  "summary_csf_mean": 307.8485953015382,
  "summary_csf_median": 316.59017799049616,
  "summary_csf_n": 29695.0,
  "summary_csf_p05": 93.45571333765984,
  "summary_csf_p95": 488.15741012915964,
  "summary_csf_stdv": 113.07088892222774,
  "summary_gm_k": 0.2324232724323374,
  "summary_gm_mad": 51.84685116870251,
  "summary_gm_mean": 729.2291139696057,
  "summary_gm_median": 728.1780610531569,
  "summary_gm_n": 32745.0,
  "summary_gm_p05": 645.0665422677994,
  "summary_gm_p95": 815.8513053864241,
  "summary_gm_stdv": 52.382776352235545,
  "summary_wm_k": 0.6087695886405986,
  "summary_wm_mad": 28.747105798919698,
  "summary_wm_mean": 1000.031490939306,
  "summary_wm_median": 999.9999968707561,
  "summary_wm_n": 160489.0,
  "summary_wm_p05": 949.9541044160724,
  "summary_wm_p95": 1050.7113321870565,
  "summary_wm_stdv": 30.771063097695652,
  "tpm_overlap_csf": 0.148226915640576,
  "tpm_overlap_gm": 0.4817584269144624,
  "tpm_overlap_wm": 0.5293132625117006,
  "wm2max": 0.9134736216832032
}