{
  "bids_meta": {
    "AcquisitionMatrixPE": 240,
    "AcquisitionNumber": 4,
    "AcquisitionTime": "12:11:28.740000",
    "BodyPartExamined": "BRAIN",
    "CoilString": "MULTI_COIL",
    "ConversionSoftware": "dcm2niix",
    "ConversionSoftwareVersion": "v1.0.20190410  (JP2:OpenJPEG) GCC6.3.0",
    "Dcm2bidsVersion": "2.1.4",
    "DeviceSerialNumber": "42451",
    "EchoTime": 0.0035,
    "EchoTrainLength": 240,
    "FlipAngle": 8,
    "ImageOrientationPatientDICOM": [
      0,
      1,
      0,
      0.000422149,
      0,
      -1
    ],
    "ImageType": [
      "ORIGINAL",
      "PRIMARY",
      "M",
      "FFE",
      "M",
      "FFE"
    ],
    "ImagingFrequency": 127.759,
    "InPlanePhaseEncodingDirectionDICOM": "ROW",
    "InstitutionAddress": "Calzada_Mexico_Xochimilco_No.101_Tlalpan",
    "InstitutionName": "I.N._Psiquiatria",
    "InstitutionalDepartmentName": "Imagenes_Cerebrales",
    "MRAcquisitionType": "3D",
    "MagneticFieldStrength": 3,
    "Manufacturer": "Philips",
    "ManufacturersModelName": "Ingenia",
    "Modality": "MR",
    "PatientPosition": "HFS",
    "PercentPhaseFOV": 100,
    "PhaseEncodingSteps": 240,
    "PhilipsRescaleIntercept": 0,
    "PhilipsRescaleSlope": 3.3138,
    "PhilipsScaleSlope": 0.00594189,
    "PixelBandwidth": 310,
    "ProcedureStepDescription": "PROTOCOLO_FIBROMIALGIA",
    "ProtocolName": "WIP_T1W",
    "ReconMatrixPE": 240,
    "RepetitionTime": 0.007,
    "SAR": 0.0382114,
    "ScanOptions": "OTHER",
    "ScanningSequence": "GR",
    "SequenceVariant": "MP",
    "SeriesDescription": "T1W",
    "SeriesNumber": 401,
    "SliceThickness": 1,
    "SoftwareVersions": "5.3.1_5.3.1.0",
    "SpacingBetweenSlices": 1,
    "StationName": "PHILIPS-CTMFQSD",
    "UsePhilipsFloatNotDisplayScaling": 1,
    "dataset": "ds004144",
    "modality": "T1w",
    "subject_id": "070"
  },
  "cjv": 0.3279740629080652,
  "cnr": 4.117459281705562,
  "efc": 0.6856438633131726,
  "fber": -1.0,
  "fwhm_avg": 4.694336666666667,
  "fwhm_x": 4.57781,
  "fwhm_y": 5.00403,
  "fwhm_z": 4.50117,
  "icvs_csf": 0.19033542167902076,
  "icvs_gm": 0.42321405218841146,
  "icvs_wm": 0.38645052613256775,
  "inu_med": 0.3996945321559906,
  "inu_range": 0.14732345938682556,
  "provenance": {
    "md5sum": "dee3b52ec9d5b5bc8aa7bffee51579c7",
    "settings": {
      "testing": false
    },
    "software": "mriqc",
    "version": "23.0.0",
    "warnings": {
      "large_rot_frame": true,
      "small_air_mask": false
    },
    "webapi_port": null,
    "webapi_url": "https://mriqc.nimh.nih.gov/api/v1"
  },
  "qi_1": 0.0,
  "qi_2": 5.452209941810219e-05,
  "rpve_csf": 27.866066311247607,
  "rpve_gm": 13.018390944978558,
  "rpve_wm": 16.38392530266999,
  "size_x": 180,
  "size_y": 240,
  "size_z": 240,
  "snr_csf": 2.581094260850768,
  "snr_gm": 13.867554665798357,
  "snr_total": 15.314877202823496,
  "snr_wm": 29.49598268182136,
  "snrd_csf": 26.469823157058908,
  "snrd_gm": 60.88696385645981,
  "snrd_total": 56.615542215367675,
  "snrd_wm": 82.4898396325843,
  "spacing_x": 1.0,
  "spacing_y": 1.0,
  "spacing_z": 1.0,
  "summary_bg_k": 19.637113039561402,
  "summary_bg_mad": 0.0,
  "summary_bg_mean": 3.243317175243391,
  "summary_bg_median": 0.0,
  "summary_bg_n": 497663.0,
  "summary_bg_p05": 0.0,
  "summary_bg_p95": 19.60294410586357,
  "summary_bg_stdv": 7.942205886878219,
  "summary_csf_k": 0.1486641464274423,
  "summary_csf_mad": 101.57024235980701,
  "summary_csf_mean": 311.17653476959197,
  "summary_csf_median": 320.89315339922905,
  "summary_csf_n": 32731.0,
  "summary_csf_p05": 73.36907237768173,
  "summary_csf_p95": 509.81283605098724,
  "summary_csf_stdv": 124.32256204390227,
  "summary_gm_k": 0.11343978243450747,
  "summary_gm_mad": 53.29406781644383,
  "summary_gm_mean": 739.7565867842327,
  "summary_gm_median": 738.1314834207296,
  "summary_gm_n": 42090.0,
  "summary_gm_p05": 655.2891690507531,
  "summary_gm_p95": 828.2073523104191,
  "summary_gm_stdv": 53.226594930910274,
  "summary_wm_k": 0.36097783680790485,
  "summary_wm_mad": 32.599467706993764,
  "summary_wm_mean": 1000.5087362843051,
  "summary_wm_median": 1000.0227279961109,
  "summary_wm_n": 199728.0,
  "summary_wm_p05": 945.8023020625114,
  "summary_wm_p95": 1056.8474152758715,
  "summary_wm_stdv": 33.903607664774334,
  "tpm_overlap_csf": 0.14123978657587657,
  "tpm_overlap_gm": 0.46432845373220344,
  "tpm_overlap_wm": 0.5169350976391994,
  "wm2max": 0.8395469021148382
}