{
  "aor": 0.0010228657074340527,
  "aqi": 0.02556121930455636,
  "bids_meta": {
    "AcquisitionDateTime": "2019-08-21T11:34:24.093750",
    "ConversionSoftware": "dcm2niix",
    "ConversionSoftwareVersion": "v1.0.20170130",
    "EchoTime": 0.030001,
    "FlipAngle": 75,
    "ImageType": [
      "ORIGINAL",
      "PRIMARY",
      "M",
      "FFE",
      "M",
      "FFE"
    ],
    "MagneticFieldStrength": 3,
    "Manufacturer": "Philips",
    "ManufacturersModelName": "Ingenia",
    "ProcedureStepDescription": "FIBROMIALGIA",
    "ProtocolName": "WIP_TASK_FMRI",
    "RepetitionTime": 2,
    "SliceTiming": [
      0.0,
      1.027027,
      0.054054,
      1.081081,
      0.108108,
      1.13513,
      0.162162,
      1.189189,
      0.216216,
      1.243244,
      0.27027,
      1.297298,
      0.324324,
      1.351352,
      0.378378,
      1.405406,
      0.432432,
      1.45946,
      0.486486,
      1.513514,
      0.540541,
      1.567568,
      0.594595,
      1.621622,
      0.648649,
      1.675676,
      0.702703,
      1.72973,
      0.756757,
      1.783784,
      0.810811,
      1.837838,
      0.864865,
      1.891892,
      0.918919,
      1.945947,
      0.972973
    ],
    "TaskName": "epr",
    "dataset": "ds004144",
    "modality": "bold",
    "subject_id": "073",
    "task_id": "epr"
  },
  "dummy_trs": 0,
  "dvars_nstd": 27.1028504127251,
  "dvars_std": 1.1347991197358946,
  "dvars_vstd": 0.9036044287995202,
  "efc": 0.4012919849859369,
  "fber": 135059.640625,
  "fd_mean": 0.19324896161231958,
  "fd_num": 247,
  "fd_perc": 29.61630695443645,
  "fwhm_avg": 1.9994533844247613,
  "fwhm_x": 1.90869,
  "fwhm_y": 2.1610333333333336,
  "fwhm_z": 1.9286368199409503,
  "gcor": 0.0862487,
  "gsr_x": -0.009776286780834198,
  "gsr_y": 0.008003806695342064,
  "provenance": {
    "md5sum": "578d0eb6543c851b66d84459c5f49c28",
    "settings": {
      "fd_thres": 0.2,
      "testing": false
    },
    "software": "mriqc",
    "version": "23.0.0",
    "webapi_port": null,
    "webapi_url": "https://mriqc.nimh.nih.gov/api/v1"
  },
  "size_t": 834,
  "size_x": 80,
  "size_y": 80,
  "size_z": 37,
  "snr": 5.790067115667031,
  "spacing_tr": 2.0000016689300537,
  "spacing_x": 3.0,
  "spacing_y": 3.0,
  "spacing_z": 2.999999761581421,
  "summary_bg_k": 108.19013419152458,
  "summary_bg_mad": 183.8119308256677,
  "summary_bg_mean": 1097.4410400390625,
  "summary_bg_median": 165.8523712158203,
  "summary_bg_n": 165203.0,
  "summary_bg_p05": 14.238369274139405,
  "summary_bg_p95": 5391.253466796872,
  "summary_bg_stdv": 3158.5166015625,
  "summary_fg_k": 2.064500736041448,
  "summary_fg_mad": 9201.996534336744,
  "summary_fg_mean": 62203.6796875,
  "summary_fg_median": 62369.72265625,
  "summary_fg_n": 32383.0,
  "summary_fg_p05": 44756.759375,
  "summary_fg_p95": 79108.50703125,
  "summary_fg_stdv": 10771.681640625,
  "tsnr": 31.574665069580078
}