{
  "bids_meta": {
    "AcquisitionMatrixPE": 240,
    "AcquisitionNumber": 4,
    "AcquisitionTime": "09:49:28.790000",
    "BodyPartExamined": "BRAIN",
    "CoilString": "MULTI_COIL",
    "ConversionSoftware": "dcm2niix",
    "ConversionSoftwareVersion": "v1.0.20190410  (JP2:OpenJPEG) GCC6.3.0",
    "Dcm2bidsVersion": "2.1.4",
    "DeviceSerialNumber": "42451",
    "EchoTime": 0.0035,
    "EchoTrainLength": 240,
    "FlipAngle": 8,
    "ImageOrientationPatientDICOM": [
      1.69407e-21,
      1,
      0.000234205,
      -0.00362181,
      0.000234204,
      -0.999993
    ],
    "ImageType": [
      "ORIGINAL",
      "PRIMARY",
      "M",
      "FFE",
      "M",
      "FFE"
    ],
    "ImagingFrequency": 127.759,
    "InPlanePhaseEncodingDirectionDICOM": "ROW",
    "InstitutionAddress": "Calzada_Mexico_Xochimilco_No.101_Tlalpan",
    "InstitutionName": "I.N._Psiquiatria",
    "InstitutionalDepartmentName": "Imagenes_Cerebrales",
    "MRAcquisitionType": "3D",
    "MagneticFieldStrength": 3,
    "Manufacturer": "Philips",
    "ManufacturersModelName": "Ingenia",
    "Modality": "MR",
    "PatientPosition": "HFS",
    "PercentPhaseFOV": 100,
    "PhaseEncodingSteps": 240,
    "PhilipsRescaleIntercept": 0,
    "PhilipsRescaleSlope": 3.21538,
    "PhilipsScaleSlope": 0.00555023,
    "PixelBandwidth": 310,
    "ProcedureStepDescription": "PROTOCOLO_FIBROMIALGIA",
    "ProtocolName": "WIP_T1W",
    "ReconMatrixPE": 240,
    "RepetitionTime": 0.007,
    "SAR": 0.0382114,
    "ScanOptions": "OTHER",
    "ScanningSequence": "GR",
    "SequenceVariant": "MP",
    "SeriesDescription": "T1W",
    "SeriesNumber": 401,
    "SliceThickness": 1,
    "SoftwareVersions": "5.3.1_5.3.1.0",
    "SpacingBetweenSlices": 1,
    "StationName": "PHILIPS-CTMFQSD",
    "UsePhilipsFloatNotDisplayScaling": 1,
    "dataset": "ds004144",
    "modality": "T1w",
    "subject_id": "052"
  },
  "cjv": 0.3666319995418303,
  "cnr": 3.6125008332372275,
  "efc": 0.6778808591243694,
  "fber": -1.0,
  "fwhm_avg": 4.655726666666666,
  "fwhm_x": 4.53897,
  "fwhm_y": 4.88494,
  "fwhm_z": 4.54327,
  "icvs_csf": 0.23832469155534283,
  "icvs_gm": 0.40738021141665215,
  "icvs_wm": 0.35429509702800505,
  "inu_med": 0.4060104191303253,
  "inu_range": 0.1433620944619179,
  "provenance": {
    "md5sum": "e8b32c59ee225a9ffdd3e114b710dcbb",
    "settings": {
      "testing": false
    },
    "software": "mriqc",
    "version": "23.0.0",
    "warnings": {
      "large_rot_frame": true,
      "small_air_mask": false
    },
    "webapi_port": null,
    "webapi_url": "https://mriqc.nimh.nih.gov/api/v1"
  },
  "qi_1": 0.00577564502593015,
  "qi_2": 3.364510938066349e-05,
  "rpve_csf": 23.95832102784722,
  "rpve_gm": 13.73073802316708,
  "rpve_wm": 18.51903027732041,
  "size_x": 180,
  "size_y": 240,
  "size_z": 240,
  "snr_csf": 2.405950224241468,
  "snr_gm": 12.971338635730978,
  "snr_total": 16.2214970578382,
  "snr_wm": 33.28720231354215,
  "snrd_csf": 45.385496248827785,
  "snrd_gm": 113.21440654120983,
  "snrd_total": 102.43781942217542,
  "snrd_wm": 148.71355547648866,
  "spacing_x": 1.0,
  "spacing_y": 1.0,
  "spacing_z": 1.0,
  "summary_bg_k": 19.87510746877615,
  "summary_bg_mad": 0.0,
  "summary_bg_mean": 1.42735299984877,
  "summary_bg_median": 0.0,
  "summary_bg_n": 371823.0,
  "summary_bg_p05": 0.0,
  "summary_bg_p95": 10.599752465263009,
  "summary_bg_stdv": 4.405357662287452,
  "summary_csf_k": -0.15870819622715526,
  "summary_csf_mad": 105.40205730064615,
  "summary_csf_mean": 286.8691447266188,
  "summary_csf_median": 305.1873528268188,
  "summary_csf_n": 55909.0,
  "summary_csf_p05": 48.54281543008983,
  "summary_csf_p95": 475.458535740152,
  "summary_csf_stdv": 126.84577611683699,
  "summary_gm_k": 0.05198540861829137,
  "summary_gm_mad": 58.52333286018783,
  "summary_gm_mean": 758.6417199015898,
  "summary_gm_median": 761.2917757853866,
  "summary_gm_n": 35687.0,
  "summary_gm_p05": 657.8215381855146,
  "summary_gm_p95": 850.29818979837,
  "summary_gm_stdv": 58.68947923229516,
  "summary_wm_k": 0.30708512523896836,
  "summary_wm_mad": 28.994741308724755,
  "summary_wm_mean": 1000.4551175859883,
  "summary_wm_median": 1000.0000016856939,
  "summary_wm_n": 171597.0,
  "summary_wm_p05": 951.727243643254,
  "summary_wm_p95": 1050.1631614416838,
  "summary_wm_stdv": 30.04148797061155,
  "tpm_overlap_csf": 0.1469043135273173,
  "tpm_overlap_gm": 0.4672494016134006,
  "tpm_overlap_wm": 0.5103221120922045,
  "wm2max": 0.8738274480951287
}