{
  "aor": 0.0015965947242206236,
  "aqi": 0.030185104916067143,
  "bids_meta": {
    "AcquisitionMatrixPE": 78,
    "AcquisitionNumber": 9,
    "AcquisitionTime": "11:09:37.330000",
    "BodyPartExamined": "BRAIN",
    "CoilString": "MULTI_COIL",
    "ConversionSoftware": "dcm2niix",
    "ConversionSoftwareVersion": "v1.0.20190410  (JP2:OpenJPEG) GCC6.3.0",
    "Dcm2bidsVersion": "2.1.4",
    "DeviceSerialNumber": "42451",
    "EchoTime": 0.030001,
    "EchoTrainLength": 39,
    "FlipAngle": 75,
    "ImageOrientationPatientDICOM": [
      0.999993,
      0,
      -0.00362181,
      0,
      1,
      0
    ],
    "ImageType": [
      "ORIGINAL",
      "PRIMARY",
      "M",
      "FFE",
      "M",
      "FFE"
    ],
    "ImagingFrequency": 127.76,
    "InPlanePhaseEncodingDirectionDICOM": "COL",
    "InstitutionAddress": "Calzada_Mexico_Xochimilco_No.101_Tlalpan",
    "InstitutionName": "I.N._Psiquiatria",
    "InstitutionalDepartmentName": "Imagenes_Cerebrales",
    "MRAcquisitionType": "2D",
    "MagneticFieldStrength": 3,
    "Manufacturer": "Philips",
    "ManufacturersModelName": "Ingenia",
    "Modality": "MR",
    "PartialFourier": 0.5,
    "PatientPosition": "HFS",
    "PercentPhaseFOV": 100,
    "PhaseEncodingAxis": "j",
    "PhaseEncodingSteps": 78,
    "PhilipsRescaleIntercept": 0,
    "PhilipsRescaleSlope": 0.829792,
    "PhilipsScaleSlope": 0.0239998,
    "PixelBandwidth": 2071,
    "ProcedureStepDescription": "FIBROMIALGIA",
    "ProtocolName": "WIP_TASK_FMRI",
    "ReconMatrixPE": 80,
    "RepetitionTime": 2,
    "SAR": 0.117749,
    "ScanOptions": "FS",
    "ScanningSequence": "GR",
    "SequenceVariant": "SK",
    "SeriesDescription": "TASK_FMRI",
    "SeriesNumber": 901,
    "SliceThickness": 3,
    "SliceTiming": [
      0,
      1.027027,
      0.054054,
      1.081081,
      0.108108,
      1.13513,
      0.162162,
      1.189189,
      0.216216,
      1.243244,
      0.27027,
      1.297298,
      0.324324,
      1.351352,
      0.378378,
      1.405406,
      0.432432,
      1.45946,
      0.486486,
      1.513514,
      0.540541,
      1.567568,
      0.594595,
      1.621622,
      0.648649,
      1.675676,
      0.702703,
      1.72973,
      0.756757,
      1.783784,
      0.810811,
      1.837838,
      0.864865,
      1.891892,
      0.918919,
      1.945947,
      0.972973
    ],
    "SoftwareVersions": "5.3.1_5.3.1.0",
    "SpacingBetweenSlices": 3,
    "StationName": "PHILIPS-CTMFQSD",
    "TaskName": "epr",
    "UsePhilipsFloatNotDisplayScaling": 1,
    "dataset": "ds004144",
    "modality": "bold",
    "subject_id": "018",
    "task_id": "epr"
  },
  "dummy_trs": 0,
  "dvars_nstd": 39.577851498223296,
  "dvars_std": 1.0442869497719085,
  "dvars_vstd": 0.9183212989435785,
  "efc": 0.4051767990558851,
  "fber": 84435.8203125,
  "fd_mean": 0.52497065760965,
  "fd_num": 697,
  "fd_perc": 83.57314148681056,
  "fwhm_avg": 1.9142866666666665,
  "fwhm_x": 1.8411933333333332,
  "fwhm_y": 1.99153,
  "fwhm_z": 1.9101366666666666,
  "gcor": 0.116801,
  "gsr_x": -0.005822861101478338,
  "gsr_y": 0.015100794844329357,
  "provenance": {
    "md5sum": "955bf2e45f7eed27889cefa8459d1825",
    "settings": {
      "fd_thres": 0.2,
      "testing": false
    },
    "software": "mriqc",
    "version": "23.0.0",
    "webapi_port": null,
    "webapi_url": "https://mriqc.nimh.nih.gov/api/v1"
  },
  "size_t": 834,
  "size_x": 80,
  "size_y": 80,
  "size_z": 37,
  "snr": 4.677383713030428,
  "spacing_tr": 2.0000016689300537,
  "spacing_x": 3.0,
  "spacing_y": 3.0,
  "spacing_z": 3.0,
  "summary_bg_k": 134.1251385336237,
  "summary_bg_mad": 217.48537196106741,
  "summary_bg_mean": 1217.509521484375,
  "summary_bg_median": 200.1599578857422,
  "summary_bg_n": 164994.0,
  "summary_bg_p05": 30.21170883178711,
  "summary_bg_p95": 5658.021118164069,
  "summary_bg_stdv": 3502.177001953125,
  "summary_fg_k": 2.5383617504027045,
  "summary_fg_mad": 9517.507027547552,
  "summary_fg_mean": 59326.34375,
  "summary_fg_median": 57799.9453125,
  "summary_fg_n": 32677.0,
  "summary_fg_p05": 42390.35390625,
  "summary_fg_p95": 82258.5875,
  "summary_fg_stdv": 12357.134765625,
  "tsnr": 25.14459228515625
}