{
  "bids_meta": {
    "AcquisitionMatrixPE": 240,
    "AcquisitionNumber": 4,
    "AcquisitionTime": "13:08:7.790000",
    "BodyPartExamined": "BRAIN",
    "CoilString": "MULTI_COIL",
    "ConversionSoftware": "dcm2niix",
    "ConversionSoftwareVersion": "v1.0.20190410  (JP2:OpenJPEG) GCC6.3.0",
    "Dcm2bidsVersion": "2.1.4",
    "DeviceSerialNumber": "42451",
    "EchoTime": 0.0035,
    "EchoTrainLength": 240,
    "FlipAngle": 8,
    "ImageOrientationPatientDICOM": [
      0,
      1,
      0,
      -0.00362181,
      0,
      -0.999993
    ],
    "ImageType": [
      "ORIGINAL",
      "PRIMARY",
      "M",
      "FFE",
      "M",
      "FFE"
    ],
    "ImagingFrequency": 127.759,
    "InPlanePhaseEncodingDirectionDICOM": "ROW",
    "InstitutionAddress": "Calzada_Mexico_Xochimilco_No.101_Tlalpan",
    "InstitutionName": "I.N._Psiquiatria",
    "InstitutionalDepartmentName": "Imagenes_Cerebrales",
    "MRAcquisitionType": "3D",
    "MagneticFieldStrength": 3,
    "Manufacturer": "Philips",
    "ManufacturersModelName": "Ingenia",
    "Modality": "MR",
    "PatientPosition": "HFS",
    "PercentPhaseFOV": 100,
    "PhaseEncodingSteps": 240,
    "PhilipsRescaleIntercept": 0,
    "PhilipsRescaleSlope": 50.3411,
    "PhilipsScaleSlope": 0.00596832,
    "PixelBandwidth": 310,
    "ProcedureStepDescription": "PROTOCOLO_FIBROMIALGIA",
    "ProtocolName": "WIP_T1W",
    "ReconMatrixPE": 240,
    "RepetitionTime": 0.007,
    "SAR": 0.0382114,
    "ScanOptions": "OTHER",
    "ScanningSequence": "GR",
    "SequenceVariant": "MP",
    "SeriesDescription": "T1W",
    "SeriesNumber": 401,
    "SliceThickness": 1,
    "SoftwareVersions": "5.3.1_5.3.1.0",
    "SpacingBetweenSlices": 1,
    "StationName": "PHILIPS-CTMFQSD",
    "UsePhilipsFloatNotDisplayScaling": 1,
    "dataset": "ds004144",
    "modality": "T1w",
    "subject_id": "033"
  },
  "cjv": 0.3158610660919751,
  "cnr": 4.268630574782095,
  "efc": 0.6886839465375545,
  "fber": -1.0,
  "fwhm_avg": 4.593593333333334,
  "fwhm_x": 4.39079,
  "fwhm_y": 4.95132,
  "fwhm_z": 4.43867,
  "icvs_csf": 0.1934490916481371,
  "icvs_gm": 0.4253685887034069,
  "icvs_wm": 0.38118231964845606,
  "inu_med": 0.3945927917957306,
  "inu_range": 0.1506079316139221,
  "provenance": {
    "md5sum": "43000e671bb5010c56bf719722e727ca",
    "settings": {
      "testing": false
    },
    "software": "mriqc",
    "version": "23.0.0",
    "warnings": {
      "large_rot_frame": true,
      "small_air_mask": false
    },
    "webapi_port": null,
    "webapi_url": "https://mriqc.nimh.nih.gov/api/v1"
  },
  "qi_1": 0.011996267139598912,
  "qi_2": 5.830925700917141e-05,
  "rpve_csf": 28.197784792813298,
  "rpve_gm": 13.445603747001257,
  "rpve_wm": 17.32619765792834,
  "size_x": 180,
  "size_y": 240,
  "size_z": 240,
  "snr_csf": 2.5836440052973457,
  "snr_gm": 15.471107664218337,
  "snr_total": 16.183141470926895,
  "snr_wm": 30.494672743265006,
  "snrd_csf": 38.03878819910441,
  "snrd_gm": 93.0165483190208,
  "snrd_total": 85.06364892126545,
  "snrd_wm": 124.13561024567119,
  "spacing_x": 1.0,
  "spacing_y": 1.0,
  "spacing_z": 1.0,
  "summary_bg_k": 15.253931666257106,
  "summary_bg_mad": 0.0,
  "summary_bg_mean": 2.1166663558643766,
  "summary_bg_median": 0.0,
  "summary_bg_n": 424116.0,
  "summary_bg_p05": 0.0,
  "summary_bg_p95": 14.174103271216154,
  "summary_bg_stdv": 5.277646148541843,
  "summary_csf_k": 0.5601036798904446,
  "summary_csf_mad": 98.41537313274522,
  "summary_csf_mean": 311.31475085775645,
  "summary_csf_median": 306.4327734410763,
  "summary_csf_n": 27691.0,
  "summary_csf_p05": 89.97720756568015,
  "summary_csf_p95": 520.6885184887797,
  "summary_csf_stdv": 118.60273307297481,
  "summary_gm_k": 0.22292737393702833,
  "summary_gm_mad": 47.98043644018703,
  "summary_gm_mean": 748.9656926361689,
  "summary_gm_median": 749.3224738948047,
  "summary_gm_n": 46751.0,
  "summary_gm_p05": 669.3238350320607,
  "summary_gm_p95": 826.9512026906013,
  "summary_gm_stdv": 48.43314881792752,
  "summary_wm_k": 0.426352129685899,
  "summary_wm_mad": 31.202414167129334,
  "summary_wm_mean": 1000.7214149473077,
  "summary_wm_median": 1000.0113339908421,
  "summary_wm_n": 199308.0,
  "summary_wm_p05": 948.145455300808,
  "summary_wm_p95": 1056.0954258143902,
  "summary_wm_stdv": 32.792902343904935,
  "tpm_overlap_csf": 0.1320161231419066,
  "tpm_overlap_gm": 0.4523143765061955,
  "tpm_overlap_wm": 0.5135453184562064,
  "wm2max": 0.8784914444107541
}