{
  "bids_meta": {
    "AcquisitionMatrixPE": 240,
    "AcquisitionNumber": 5,
    "AcquisitionTime": "13:11:49.570000",
    "BodyPartExamined": "BRAIN",
    "CoilString": "MULTI_COIL",
    "ConversionSoftware": "dcm2niix",
    "ConversionSoftwareVersion": "v1.0.20190410  (JP2:OpenJPEG) GCC6.3.0",
    "Dcm2bidsVersion": "2.1.4",
    "DeviceSerialNumber": "42451",
    "EchoTime": 0.331,
    "EchoTrainLength": 117,
    "FlipAngle": 90,
    "ImageOrientationPatientDICOM": [
      0,
      1,
      0,
      -0.00362181,
      0,
      -0.999993
    ],
    "ImageType": [
      "ORIGINAL",
      "PRIMARY",
      "M",
      "SE",
      "M",
      "SE"
    ],
    "ImagingFrequency": 127.759,
    "InPlanePhaseEncodingDirectionDICOM": "ROW",
    "InstitutionAddress": "Calzada_Mexico_Xochimilco_No.101_Tlalpan",
    "InstitutionName": "I.N._Psiquiatria",
    "InstitutionalDepartmentName": "Imagenes_Cerebrales",
    "MRAcquisitionType": "3D",
    "MagneticFieldStrength": 3,
    "Manufacturer": "Philips",
    "ManufacturersModelName": "Ingenia",
    "Modality": "MR",
    "PatientPosition": "HFS",
    "PercentPhaseFOV": 100,
    "PhaseEncodingSteps": 240,
    "PhilipsRescaleIntercept": 0,
    "PhilipsRescaleSlope": 1.42735,
    "PhilipsScaleSlope": 0.00294612,
    "PixelBandwidth": 413,
    "ProcedureStepDescription": "PROTOCOLO_FIBROMIALGIA",
    "ProtocolName": "WIP_T2W",
    "ReconMatrixPE": 240,
    "RepetitionTime": 2.5,
    "SAR": 0.030152,
    "ScanOptions": "FS",
    "ScanningSequence": "SE",
    "SequenceVariant": "SK",
    "SeriesDescription": "T2W",
    "SeriesNumber": 501,
    "SliceThickness": 1,
    "SoftwareVersions": "5.3.1_5.3.1.0",
    "SpacingBetweenSlices": 1,
    "StationName": "PHILIPS-CTMFQSD",
    "UsePhilipsFloatNotDisplayScaling": 1,
    "dataset": "ds004144",
    "modality": "T2w",
    "subject_id": "033"
  },
  "cjv": 0.6222571368776797,
  "cnr": 1.4031520606542436,
  "efc": 0.5068874734687193,
  "fber": -1.0,
  "fwhm_avg": 2.5584900000000004,
  "fwhm_x": 2.54428,
  "fwhm_y": 2.69251,
  "fwhm_z": 2.43868,
  "icvs_csf": 0.3234388840276467,
  "icvs_gm": 0.17799088751329245,
  "icvs_wm": 0.49857022845906085,
  "inu_med": 0.9302140772342682,
  "inu_range": 0.19436615407466884,
  "provenance": {
    "md5sum": "b06e565ae26e87ed53055784d2321d82",
    "settings": {
      "testing": false
    },
    "software": "mriqc",
    "version": "23.0.0",
    "warnings": {
      "large_rot_frame": true,
      "small_air_mask": false
    },
    "webapi_port": null,
    "webapi_url": "https://mriqc.nimh.nih.gov/api/v1"
  },
  "qi_1": 0.04816738493334666,
  "qi_2": 1.3521999876042929e-05,
  "rpve_csf": 15.69517411394598,
  "rpve_gm": 32.644068653471855,
  "rpve_wm": 12.58970268452752,
  "size_x": 180,
  "size_y": 240,
  "size_z": 240,
  "snr_csf": 11.108268310905482,
  "snr_gm": 2.0683970275756893,
  "snr_total": 8.553674478076461,
  "snr_wm": 12.484358095748213,
  "snrd_csf": 69.74837521623711,
  "snrd_gm": 147.00736293373757,
  "snrd_total": 87.96438787618155,
  "snrd_wm": 47.13742547856997,
  "spacing_x": 1.0,
  "spacing_y": 1.0,
  "spacing_z": 1.0,
  "summary_bg_k": 359.7343700523758,
  "summary_bg_mad": 0.0,
  "summary_bg_mean": 4.005303917820653,
  "summary_bg_median": 0.0,
  "summary_bg_n": 1193700.0,
  "summary_bg_p05": 0.0,
  "summary_bg_p95": 30.06928128004074,
  "summary_bg_stdv": 13.899426976991498,
  "summary_csf_k": 0.6556593064716223,
  "summary_csf_mad": 125.48272687546077,
  "summary_csf_mean": 1481.9034174332153,
  "summary_csf_median": 1479.7871833741665,
  "summary_csf_n": 15310.0,
  "summary_csf_p05": 1271.2270769566298,
  "summary_csf_p95": 1702.0927367806435,
  "summary_csf_stdv": 133.21057915575994,
  "summary_gm_k": -1.2408512691110087,
  "summary_gm_mad": 1237.5667755219492,
  "summary_gm_mean": 2511.4336525646086,
  "summary_gm_median": 3118.9201304912567,
  "summary_gm_n": 39308.0,
  "summary_gm_p05": 82.06556814908981,
  "summary_gm_p95": 4095.4682509034874,
  "summary_gm_stdv": 1507.8732060704478,
  "summary_wm_k": 0.029262095101135976,
  "summary_wm_mad": 80.90194374080339,
  "summary_wm_mean": 997.1351213912789,
  "summary_wm_median": 1000.071440577507,
  "summary_wm_n": 174374.0,
  "summary_wm_p05": 861.1527895331383,
  "summary_wm_p95": 1122.2055759429932,
  "summary_wm_stdv": 80.10572632558362,
  "tpm_overlap_csf": 0.11198078543338917,
  "tpm_overlap_gm": 0.10499325601557757,
  "tpm_overlap_wm": 0.45508354878413604,
  "wm2max": 0.2464533389657479
}