{
  "aor": 0.0005766333333333333,
  "aqi": 0.011242983066666667,
  "bids_meta": {
    "AcquisitionMatrixPE": 78,
    "AcquisitionNumber": 3,
    "AcquisitionTime": "09:17:28.370000",
    "BodyPartExamined": "BRAIN",
    "CoilString": "MULTI_COIL",
    "ConversionSoftware": "dcm2niix",
    "ConversionSoftwareVersion": "v1.0.20190410  (JP2:OpenJPEG) GCC6.3.0",
    "Dcm2bidsVersion": "2.1.4",
    "DeviceSerialNumber": "42451",
    "EchoTime": 0.030001,
    "EchoTrainLength": 39,
    "FlipAngle": 75,
    "ImageOrientationPatientDICOM": [
      0.999993,
      0,
      -0.00362181,
      0,
      1,
      0
    ],
    "ImageType": [
      "ORIGINAL",
      "PRIMARY",
      "M",
      "FFE",
      "M",
      "FFE"
    ],
    "ImagingFrequency": 127.759,
    "InPlanePhaseEncodingDirectionDICOM": "COL",
    "InstitutionAddress": "Calzada_Mexico_Xochimilco_No.101_Tlalpan",
    "InstitutionName": "I.N._Psiquiatria",
    "InstitutionalDepartmentName": "Imagenes_Cerebrales",
    "MRAcquisitionType": "2D",
    "MagneticFieldStrength": 3,
    "Manufacturer": "Philips",
    "ManufacturersModelName": "Ingenia",
    "Modality": "MR",
    "PartialFourier": 0.5,
    "PatientPosition": "HFS",
    "PercentPhaseFOV": 100,
    "PhaseEncodingAxis": "j",
    "PhaseEncodingSteps": 78,
    "PhilipsRescaleIntercept": 0,
    "PhilipsRescaleSlope": 0.832479,
    "PhilipsScaleSlope": 0.0245815,
    "PixelBandwidth": 2071,
    "ProcedureStepDescription": "PROTOCOLO_FIBROMIALGIA",
    "ProtocolName": "WIP_RESTING_STATE_10m",
    "ReconMatrixPE": 80,
    "RepetitionTime": 2,
    "SAR": 0.117654,
    "ScanOptions": "FS",
    "ScanningSequence": "GR",
    "SequenceVariant": "SK",
    "SeriesDescription": "RESTING_STATE_10m",
    "SeriesNumber": 301,
    "SliceThickness": 3,
    "SliceTiming": [
      0,
      1.027027,
      0.054054,
      1.081081,
      0.108108,
      1.13513,
      0.162162,
      1.189189,
      0.216216,
      1.243244,
      0.27027,
      1.297298,
      0.324324,
      1.351352,
      0.378378,
      1.405406,
      0.432432,
      1.45946,
      0.486486,
      1.513514,
      0.540541,
      1.567568,
      0.594595,
      1.621622,
      0.648649,
      1.675676,
      0.702703,
      1.72973,
      0.756757,
      1.783784,
      0.810811,
      1.837838,
      0.864865,
      1.891892,
      0.918919,
      1.945947,
      0.972973
    ],
    "SoftwareVersions": "5.3.1_5.3.1.0",
    "SpacingBetweenSlices": 3,
    "StationName": "PHILIPS-CTMFQSD",
    "TaskName": "rest",
    "UsePhilipsFloatNotDisplayScaling": 1,
    "dataset": "ds004144",
    "modality": "bold",
    "subject_id": "037",
    "task_id": "rest"
  },
  "dummy_trs": 0,
  "dvars_nstd": 27.914562308528435,
  "dvars_std": 1.1301313581939803,
  "dvars_vstd": 0.9360005633779265,
  "efc": 0.39763911161117527,
  "fber": 114791.0390625,
  "fd_mean": 0.12781032722812177,
  "fd_num": 29,
  "fd_perc": 9.666666666666666,
  "fwhm_avg": 1.9485222222222223,
  "fwhm_x": 1.8455000000000001,
  "fwhm_y": 2.0601866666666666,
  "fwhm_z": 1.9398799999999998,
  "gcor": 0.0724876,
  "gsr_x": -0.016190920025110245,
  "gsr_y": 0.01959848217666149,
  "provenance": {
    "md5sum": "84ff78386a6ca0fb2affe29086252015",
    "settings": {
      "fd_thres": 0.2,
      "testing": false
    },
    "software": "mriqc",
    "version": "23.0.0",
    "webapi_port": null,
    "webapi_url": "https://mriqc.nimh.nih.gov/api/v1"
  },
  "size_t": 300,
  "size_x": 80,
  "size_y": 80,
  "size_z": 37,
  "snr": 5.116531793459637,
  "spacing_tr": 2.0000016689300537,
  "spacing_x": 3.0,
  "spacing_y": 3.0,
  "spacing_z": 3.0,
  "summary_bg_k": 190.7971448051503,
  "summary_bg_mad": 172.28335591868014,
  "summary_bg_mean": 1085.5318603515625,
  "summary_bg_median": 159.39466857910156,
  "summary_bg_n": 165549.0,
  "summary_bg_p05": 12.776251220703125,
  "summary_bg_p95": 4778.633984375,
  "summary_bg_stdv": 3770.96630859375,
  "summary_fg_k": 3.377522287133636,
  "summary_fg_mad": 9094.754008629021,
  "summary_fg_mean": 56415.515625,
  "summary_fg_median": 55924.30078125,
  "summary_fg_n": 31486.0,
  "summary_fg_p05": 40840.98046875,
  "summary_fg_p95": 74229.19921875,
  "summary_fg_stdv": 10929.9453125,
  "tsnr": 45.47947692871094
}