{
  "aor": 0.004996223021582734,
  "aqi": 0.03555519520383693,
  "bids_meta": {
    "AcquisitionMatrixPE": 78,
    "AcquisitionNumber": 8,
    "AcquisitionTime": "11:37:45.870000",
    "BodyPartExamined": "BRAIN",
    "CoilString": "MULTI_COIL",
    "ConversionSoftware": "dcm2niix",
    "ConversionSoftwareVersion": "v1.0.20190410  (JP2:OpenJPEG) GCC6.3.0",
    "Dcm2bidsVersion": "2.1.4",
    "DeviceSerialNumber": "42451",
    "EchoTime": 0.030001,
    "EchoTrainLength": 39,
    "FlipAngle": 75,
    "ImageOrientationPatientDICOM": [
      0.999993,
      0,
      -0.00362181,
      0,
      1,
      0
    ],
    "ImageType": [
      "ORIGINAL",
      "PRIMARY",
      "M",
      "FFE",
      "M",
      "FFE"
    ],
    "ImagingFrequency": 127.759,
    "InPlanePhaseEncodingDirectionDICOM": "COL",
    "InstitutionAddress": "Calzada_Mexico_Xochimilco_No.101_Tlalpan",
    "InstitutionName": "I.N._Psiquiatria",
    "InstitutionalDepartmentName": "Imagenes_Cerebrales",
    "MRAcquisitionType": "2D",
    "MagneticFieldStrength": 3,
    "Manufacturer": "Philips",
    "ManufacturersModelName": "Ingenia",
    "Modality": "MR",
    "PartialFourier": 0.5,
    "PatientPosition": "HFS",
    "PercentPhaseFOV": 100,
    "PhaseEncodingAxis": "j",
    "PhaseEncodingSteps": 78,
    "PhilipsRescaleIntercept": 0,
    "PhilipsRescaleSlope": 0.793895,
    "PhilipsScaleSlope": 0.0302916,
    "PixelBandwidth": 2071,
    "ProcedureStepDescription": "FIBROMIALGIA",
    "ProtocolName": "WIP_TASK_FMRI",
    "ReconMatrixPE": 80,
    "RepetitionTime": 2,
    "SAR": 0.117749,
    "ScanOptions": "FS",
    "ScanningSequence": "GR",
    "SequenceVariant": "SK",
    "SeriesDescription": "TASK_FMRI",
    "SeriesNumber": 801,
    "SliceThickness": 3,
    "SliceTiming": [
      0,
      1.027027,
      0.054054,
      1.081081,
      0.108108,
      1.13513,
      0.162162,
      1.189189,
      0.216216,
      1.243244,
      0.27027,
      1.297298,
      0.324324,
      1.351352,
      0.378378,
      1.405406,
      0.432432,
      1.45946,
      0.486486,
      1.513514,
      0.540541,
      1.567568,
      0.594595,
      1.621622,
      0.648649,
      1.675676,
      0.702703,
      1.72973,
      0.756757,
      1.783784,
      0.810811,
      1.837838,
      0.864865,
      1.891892,
      0.918919,
      1.945947,
      0.972973
    ],
    "SoftwareVersions": "5.3.1_5.3.1.0",
    "SpacingBetweenSlices": 3,
    "StationName": "PHILIPS-CTMFQSD",
    "TaskName": "epr",
    "UsePhilipsFloatNotDisplayScaling": 1,
    "dataset": "ds004144",
    "modality": "bold",
    "subject_id": "009",
    "task_id": "epr"
  },
  "dummy_trs": 0,
  "dvars_nstd": 50.90692531355343,
  "dvars_std": 1.1175711495798302,
  "dvars_vstd": 0.9525646549939978,
  "efc": 0.3952020518193453,
  "fber": 114009.0625,
  "fd_mean": 0.7913461174823477,
  "fd_num": 619,
  "fd_perc": 74.22062350119904,
  "fwhm_avg": 1.9352844444444444,
  "fwhm_x": 1.8676766666666669,
  "fwhm_y": 2.071223333333333,
  "fwhm_z": 1.8669533333333332,
  "gcor": 0.120148,
  "gsr_x": -0.004445566795766354,
  "gsr_y": 0.010760447941720486,
  "provenance": {
    "md5sum": "0f4ad89f7d9de6abd4532c931bb44d11",
    "settings": {
      "fd_thres": 0.2,
      "testing": false
    },
    "software": "mriqc",
    "version": "23.0.0",
    "webapi_port": null,
    "webapi_url": "https://mriqc.nimh.nih.gov/api/v1"
  },
  "size_t": 834,
  "size_x": 80,
  "size_y": 80,
  "size_z": 37,
  "snr": 5.1922099930999295,
  "spacing_tr": 2.0000016689300537,
  "spacing_x": 3.0,
  "spacing_y": 3.0,
  "spacing_z": 3.0,
  "summary_bg_k": 90.6473221208608,
  "summary_bg_mad": 182.25992777470634,
  "summary_bg_mean": 1113.411865234375,
  "summary_bg_median": 166.47633361816406,
  "summary_bg_n": 166736.0,
  "summary_bg_p05": 23.106318473815918,
  "summary_bg_p95": 5066.3824462890625,
  "summary_bg_stdv": 3494.4873046875,
  "summary_fg_k": 1.7422551863508797,
  "summary_fg_mad": 9336.328403314234,
  "summary_fg_mean": 56778.265625,
  "summary_fg_median": 56495.984375,
  "summary_fg_n": 30994.0,
  "summary_fg_p05": 39198.047656250004,
  "summary_fg_p95": 74594.723828125,
  "summary_fg_stdv": 10880.7373046875,
  "tsnr": 22.136028289794922
}