{
  "aor": 0.0007416546762589928,
  "aqi": 0.024707847362110312,
  "bids_meta": {
    "AcquisitionMatrixPE": 78,
    "AcquisitionNumber": 9,
    "AcquisitionTime": "10:28:4.190000",
    "BodyPartExamined": "BRAIN",
    "CoilString": "MULTI_COIL",
    "ConversionSoftware": "dcm2niix",
    "ConversionSoftwareVersion": "v1.0.20190410  (JP2:OpenJPEG) GCC6.3.0",
    "Dcm2bidsVersion": "2.1.4",
    "DeviceSerialNumber": "42451",
    "EchoTime": 0.030001,
    "EchoTrainLength": 39,
    "FlipAngle": 75,
    "ImageOrientationPatientDICOM": [
      1,
      0,
      0.000399225,
      0,
      1,
      0
    ],
    "ImageType": [
      "ORIGINAL",
      "PRIMARY",
      "M",
      "FFE",
      "M",
      "FFE"
    ],
    "ImagingFrequency": 127.759,
    "InPlanePhaseEncodingDirectionDICOM": "COL",
    "InstitutionAddress": "Calzada_Mexico_Xochimilco_No.101_Tlalpan",
    "InstitutionName": "I.N._Psiquiatria",
    "InstitutionalDepartmentName": "Imagenes_Cerebrales",
    "MRAcquisitionType": "2D",
    "MagneticFieldStrength": 3,
    "Manufacturer": "Philips",
    "ManufacturersModelName": "Ingenia",
    "Modality": "MR",
    "PartialFourier": 0.5,
    "PatientPosition": "HFS",
    "PercentPhaseFOV": 100,
    "PhaseEncodingAxis": "j",
    "PhaseEncodingSteps": 78,
    "PhilipsRescaleIntercept": 0,
    "PhilipsRescaleSlope": 0.759951,
    "PhilipsScaleSlope": 0.0243055,
    "PixelBandwidth": 2071,
    "ProcedureStepDescription": "PROTOCOLO_FIBROMIALGIA",
    "ProtocolName": "WIP_TASK_FMRI",
    "ReconMatrixPE": 80,
    "RepetitionTime": 2,
    "SAR": 0.117678,
    "ScanOptions": "FS",
    "ScanningSequence": "GR",
    "SequenceVariant": "SK",
    "SeriesDescription": "TASK_FMRI",
    "SeriesNumber": 901,
    "SliceThickness": 3,
    "SliceTiming": [
      0,
      1.027027,
      0.054054,
      1.081081,
      0.108108,
      1.13513,
      0.162162,
      1.189189,
      0.216216,
      1.243244,
      0.27027,
      1.297298,
      0.324324,
      1.351352,
      0.378378,
      1.405406,
      0.432432,
      1.45946,
      0.486486,
      1.513514,
      0.540541,
      1.567568,
      0.594595,
      1.621622,
      0.648649,
      1.675676,
      0.702703,
      1.72973,
      0.756757,
      1.783784,
      0.810811,
      1.837838,
      0.864865,
      1.891892,
      0.918919,
      1.945947,
      0.972973
    ],
    "SoftwareVersions": "5.3.1_5.3.1.0",
    "SpacingBetweenSlices": 3,
    "StationName": "PHILIPS-CTMFQSD",
    "TaskName": "epr",
    "UsePhilipsFloatNotDisplayScaling": 1,
    "dataset": "ds004144",
    "modality": "bold",
    "subject_id": "014",
    "task_id": "epr"
  },
  "dummy_trs": 0,
  "dvars_nstd": 29.479616604753904,
  "dvars_std": 1.074410761656663,
  "dvars_vstd": 0.8975982784633862,
  "efc": 0.38581289301162497,
  "fber": 104930.3203125,
  "fd_mean": 0.26552424033910804,
  "fd_num": 401,
  "fd_perc": 48.08153477218225,
  "fwhm_avg": 2.121625555555555,
  "fwhm_x": 2.046483333333333,
  "fwhm_y": 2.255243333333333,
  "fwhm_z": 2.06315,
  "gcor": 0.0999537,
  "gsr_x": -0.021682849153876305,
  "gsr_y": 0.016278577968478203,
  "provenance": {
    "md5sum": "7e22b4d0aa8d10c054bd1bb892ba40bf",
    "settings": {
      "fd_thres": 0.2,
      "testing": false
    },
    "software": "mriqc",
    "version": "23.0.0",
    "webapi_port": null,
    "webapi_url": "https://mriqc.nimh.nih.gov/api/v1"
  },
  "size_t": 834,
  "size_x": 80,
  "size_y": 80,
  "size_z": 37,
  "snr": 4.85130362443146,
  "spacing_tr": 2.0000016689300537,
  "spacing_x": 3.0,
  "spacing_y": 3.0,
  "spacing_z": 3.0,
  "summary_bg_k": 126.20645576087728,
  "summary_bg_mad": 212.4687878450344,
  "summary_bg_mean": 1215.690185546875,
  "summary_bg_median": 180.9132080078125,
  "summary_bg_n": 169104.0,
  "summary_bg_p05": 19.50346174240112,
  "summary_bg_p95": 5673.178076171876,
  "summary_bg_stdv": 3535.07177734375,
  "summary_fg_k": 2.458749071421413,
  "summary_fg_mad": 9847.435248191834,
  "summary_fg_mean": 59383.48828125,
  "summary_fg_median": 59149.0546875,
  "summary_fg_n": 28914.0,
  "summary_fg_p05": 39959.9791015625,
  "summary_fg_p95": 78832.51874999999,
  "summary_fg_stdv": 12192.193359375,
  "tsnr": 26.79639434814453
}