{
  "aor": 0.002389133333333333,
  "aqi": 0.013128615199999999,
  "bids_meta": {
    "AcquisitionMatrixPE": 78,
    "AcquisitionNumber": 3,
    "AcquisitionTime": "09:51:34.550000",
    "BodyPartExamined": "BRAIN",
    "CoilString": "MULTI_COIL",
    "ConversionSoftware": "dcm2niix",
    "ConversionSoftwareVersion": "v1.0.20190410  (JP2:OpenJPEG) GCC6.3.0",
    "Dcm2bidsVersion": "2.1.4",
    "DeviceSerialNumber": "42451",
    "EchoTime": 0.030001,
    "EchoTrainLength": 39,
    "FlipAngle": 75,
    "ImageOrientationPatientDICOM": [
      1,
      0,
      0.000399225,
      0,
      1,
      0
    ],
    "ImageType": [
      "ORIGINAL",
      "PRIMARY",
      "M",
      "FFE",
      "M",
      "FFE"
    ],
    "ImagingFrequency": 127.759,
    "InPlanePhaseEncodingDirectionDICOM": "COL",
    "InstitutionAddress": "Calzada_Mexico_Xochimilco_No.101_Tlalpan",
    "InstitutionName": "I.N._Psiquiatria",
    "InstitutionalDepartmentName": "Imagenes_Cerebrales",
    "MRAcquisitionType": "2D",
    "MagneticFieldStrength": 3,
    "Manufacturer": "Philips",
    "ManufacturersModelName": "Ingenia",
    "Modality": "MR",
    "PartialFourier": 0.5,
    "PatientPosition": "HFS",
    "PercentPhaseFOV": 100,
    "PhaseEncodingAxis": "j",
    "PhaseEncodingSteps": 78,
    "PhilipsRescaleIntercept": 0,
    "PhilipsRescaleSlope": 0.786325,
    "PhilipsScaleSlope": 0.0234715,
    "PixelBandwidth": 2071,
    "ProcedureStepDescription": "PROTOCOLO_FIBROMIALGIA",
    "ProtocolName": "WIP_RESTING_STATE_10m",
    "ReconMatrixPE": 80,
    "RepetitionTime": 2,
    "SAR": 0.117583,
    "ScanOptions": "FS",
    "ScanningSequence": "GR",
    "SequenceVariant": "SK",
    "SeriesDescription": "RESTING_STATE_10m",
    "SeriesNumber": 301,
    "SliceThickness": 3,
    "SliceTiming": [
      0,
      1.027027,
      0.054054,
      1.081081,
      0.108108,
      1.13513,
      0.162162,
      1.189189,
      0.216216,
      1.243244,
      0.27027,
      1.297298,
      0.324324,
      1.351352,
      0.378378,
      1.405406,
      0.432432,
      1.45946,
      0.486486,
      1.513514,
      0.540541,
      1.567568,
      0.594595,
      1.621622,
      0.648649,
      1.675676,
      0.702703,
      1.72973,
      0.756757,
      1.783784,
      0.810811,
      1.837838,
      0.864865,
      1.891892,
      0.918919,
      1.945947,
      0.972973
    ],
    "SoftwareVersions": "5.3.1_5.3.1.0",
    "SpacingBetweenSlices": 3,
    "StationName": "PHILIPS-CTMFQSD",
    "TaskName": "rest",
    "UsePhilipsFloatNotDisplayScaling": 1,
    "dataset": "ds004144",
    "modality": "bold",
    "subject_id": "014",
    "task_id": "rest"
  },
  "dummy_trs": 0,
  "dvars_nstd": 23.003128549163865,
  "dvars_std": 1.0892518730434788,
  "dvars_vstd": 0.9689663082608695,
  "efc": 0.38148921195594077,
  "fber": 130020.8671875,
  "fd_mean": 0.15637117854491478,
  "fd_num": 83,
  "fd_perc": 27.666666666666668,
  "fwhm_avg": 2.0511111111111116,
  "fwhm_x": 1.9961333333333335,
  "fwhm_y": 2.1765966666666667,
  "fwhm_z": 1.9806033333333335,
  "gcor": 0.0454423,
  "gsr_x": -0.02025493234395981,
  "gsr_y": 0.017741184681653976,
  "provenance": {
    "md5sum": "d5964e47a66fe40d458069f005a0cc0f",
    "settings": {
      "fd_thres": 0.2,
      "testing": false
    },
    "software": "mriqc",
    "version": "23.0.0",
    "webapi_port": null,
    "webapi_url": "https://mriqc.nimh.nih.gov/api/v1"
  },
  "size_t": 300,
  "size_x": 80,
  "size_y": 80,
  "size_z": 37,
  "snr": 4.874658716673302,
  "spacing_tr": 2.0000016689300537,
  "spacing_x": 3.0,
  "spacing_y": 3.0,
  "spacing_z": 3.0,
  "summary_bg_k": 132.11699675068635,
  "summary_bg_mad": 173.51864944993866,
  "summary_bg_mean": 1099.0411376953125,
  "summary_bg_median": 152.00949096679688,
  "summary_bg_n": 169578.0,
  "summary_bg_p05": 13.58550124168396,
  "summary_bg_p95": 4992.190966796875,
  "summary_bg_stdv": 3510.013916015625,
  "summary_fg_k": 2.59919830815113,
  "summary_fg_mad": 9541.164957479565,
  "summary_fg_mean": 56869.55078125,
  "summary_fg_median": 56234.71484375,
  "summary_fg_n": 28681.0,
  "summary_fg_p05": 39436.86328125,
  "summary_fg_p95": 75934.796875,
  "summary_fg_stdv": 11535.9326171875,
  "tsnr": 47.61436462402344
}