{
  "aor": 0.0003863069544364509,
  "aqi": 0.01436312037170264,
  "bids_meta": {
    "AcquisitionMatrixPE": 78,
    "AcquisitionNumber": 7,
    "AcquisitionTime": "10:27:45.460000",
    "BodyPartExamined": "BRAIN",
    "CoilString": "MULTI_COIL",
    "ConversionSoftware": "dcm2niix",
    "ConversionSoftwareVersion": "v1.0.20190410  (JP2:OpenJPEG) GCC6.3.0",
    "Dcm2bidsVersion": "2.1.4",
    "DeviceSerialNumber": "42451",
    "EchoTime": 0.030001,
    "EchoTrainLength": 39,
    "FlipAngle": 75,
    "ImageOrientationPatientDICOM": [
      1,
      0,
      0.000595422,
      0,
      1,
      0
    ],
    "ImageType": [
      "ORIGINAL",
      "PRIMARY",
      "M",
      "FFE",
      "M",
      "FFE"
    ],
    "ImagingFrequency": 127.759,
    "InPlanePhaseEncodingDirectionDICOM": "COL",
    "InstitutionAddress": "Calzada_Mexico_Xochimilco_No.101_Tlalpan",
    "InstitutionName": "I.N._Psiquiatria",
    "InstitutionalDepartmentName": "Imagenes_Cerebrales",
    "MRAcquisitionType": "2D",
    "MagneticFieldStrength": 3,
    "Manufacturer": "Philips",
    "ManufacturersModelName": "Ingenia",
    "Modality": "MR",
    "PartialFourier": 0.5,
    "PatientPosition": "HFS",
    "PercentPhaseFOV": 100,
    "PhaseEncodingAxis": "j",
    "PhaseEncodingSteps": 78,
    "PhilipsRescaleIntercept": 0,
    "PhilipsRescaleSlope": 0.785592,
    "PhilipsScaleSlope": 0.0261004,
    "PixelBandwidth": 2071,
    "ProcedureStepDescription": "PROTOCOLO_FIBROMIALGIA",
    "ProtocolName": "WIP_TASK_FMRI",
    "ReconMatrixPE": 80,
    "RepetitionTime": 2,
    "SAR": 0.117678,
    "ScanOptions": "FS",
    "ScanningSequence": "GR",
    "SequenceVariant": "SK",
    "SeriesDescription": "TASK_FMRI",
    "SeriesNumber": 701,
    "SliceThickness": 3,
    "SliceTiming": [
      0,
      1.027027,
      0.054054,
      1.081081,
      0.108108,
      1.13513,
      0.162162,
      1.189189,
      0.216216,
      1.243244,
      0.27027,
      1.297298,
      0.324324,
      1.351352,
      0.378378,
      1.405406,
      0.432432,
      1.45946,
      0.486486,
      1.513514,
      0.540541,
      1.567568,
      0.594595,
      1.621622,
      0.648649,
      1.675676,
      0.702703,
      1.72973,
      0.756757,
      1.783784,
      0.810811,
      1.837838,
      0.864865,
      1.891892,
      0.918919,
      1.945947,
      0.972973
    ],
    "SoftwareVersions": "5.3.1_5.3.1.0",
    "SpacingBetweenSlices": 3,
    "StationName": "PHILIPS-CTMFQSD",
    "TaskName": "epr",
    "UsePhilipsFloatNotDisplayScaling": 1,
    "dataset": "ds004144",
    "modality": "bold",
    "subject_id": "045",
    "task_id": "epr"
  },
  "dummy_trs": 0,
  "dvars_nstd": 25.91036032261708,
  "dvars_std": 1.164519160972389,
  "dvars_vstd": 0.9125905265186084,
  "efc": 0.4155288705451957,
  "fber": 102249.2578125,
  "fd_mean": 0.10866384421927797,
  "fd_num": 61,
  "fd_perc": 7.314148681055156,
  "fwhm_avg": 2.013453333333333,
  "fwhm_x": 1.9556133333333332,
  "fwhm_y": 2.07926,
  "fwhm_z": 2.0054866666666666,
  "gcor": 0.140065,
  "gsr_x": -0.0053281462751328945,
  "gsr_y": 0.005170857533812523,
  "provenance": {
    "md5sum": "4b8d2da9d01560059f80ece132b6845a",
    "settings": {
      "fd_thres": 0.2,
      "testing": false
    },
    "software": "mriqc",
    "version": "23.0.0",
    "webapi_port": null,
    "webapi_url": "https://mriqc.nimh.nih.gov/api/v1"
  },
  "size_t": 834,
  "size_x": 80,
  "size_y": 80,
  "size_z": 37,
  "snr": 4.837742107132694,
  "spacing_tr": 2.0000016689300537,
  "spacing_x": 3.0,
  "spacing_y": 3.0,
  "spacing_z": 3.0,
  "summary_bg_k": 124.39004077933133,
  "summary_bg_mad": 207.42320140899216,
  "summary_bg_mean": 1114.412841796875,
  "summary_bg_median": 171.92340087890625,
  "summary_bg_n": 161679.0,
  "summary_bg_p05": 12.893364334106446,
  "summary_bg_p95": 5026.170800781253,
  "summary_bg_stdv": 3213.91796875,
  "summary_fg_k": 2.429261493150098,
  "summary_fg_mad": 9111.039467372917,
  "summary_fg_mean": 56989.13671875,
  "summary_fg_median": 56265.72265625,
  "summary_fg_n": 34854.0,
  "summary_fg_p05": 39731.77890625,
  "summary_fg_p95": 77742.67617187498,
  "summary_fg_stdv": 11630.408203125,
  "tsnr": 35.1562614440918
}