{
  "bids_meta": {
    "AcquisitionMatrixPE": 240,
    "AcquisitionNumber": 4,
    "AcquisitionTime": "10:36:4.420000",
    "BodyPartExamined": "BRAIN",
    "CoilString": "MULTI_COIL",
    "ConversionSoftware": "dcm2niix",
    "ConversionSoftwareVersion": "v1.0.20190410  (JP2:OpenJPEG) GCC6.3.0",
    "Dcm2bidsVersion": "2.1.4",
    "DeviceSerialNumber": "42451",
    "EchoTime": 0.0035,
    "EchoTrainLength": 240,
    "FlipAngle": 8,
    "ImageOrientationPatientDICOM": [
      0,
      1,
      0,
      -0.00362181,
      0,
      -0.999993
    ],
    "ImageType": [
      "ORIGINAL",
      "PRIMARY",
      "M",
      "FFE",
      "M",
      "FFE"
    ],
    "ImagingFrequency": 127.759,
    "InPlanePhaseEncodingDirectionDICOM": "ROW",
    "InstitutionAddress": "Calzada_Mexico_Xochimilco_No.101_Tlalpan",
    "InstitutionName": "I.N._Psiquiatria",
    "InstitutionalDepartmentName": "Imagenes_Cerebrales",
    "MRAcquisitionType": "3D",
    "MagneticFieldStrength": 3,
    "Manufacturer": "Philips",
    "ManufacturersModelName": "Ingenia",
    "Modality": "MR",
    "PatientPosition": "HFS",
    "PercentPhaseFOV": 100,
    "PhaseEncodingSteps": 240,
    "PhilipsRescaleIntercept": 0,
    "PhilipsRescaleSlope": 59.1233,
    "PhilipsScaleSlope": 0.00598715,
    "PixelBandwidth": 310,
    "ProcedureStepDescription": "PROTOCOLO_FIBROMIALGIA",
    "ProtocolName": "WIP_T1W",
    "ReconMatrixPE": 240,
    "RepetitionTime": 0.007,
    "SAR": 0.0382114,
    "ScanOptions": "OTHER",
    "ScanningSequence": "GR",
    "SequenceVariant": "MP",
    "SeriesDescription": "T1W",
    "SeriesNumber": 401,
    "SliceThickness": 1,
    "SoftwareVersions": "5.3.1_5.3.1.0",
    "SpacingBetweenSlices": 1,
    "StationName": "PHILIPS-CTMFQSD",
    "UsePhilipsFloatNotDisplayScaling": 1,
    "dataset": "ds004144",
    "modality": "T1w",
    "subject_id": "019"
  },
  "cjv": 0.3599018093146541,
  "cnr": 3.74519966795341,
  "efc": 0.6914556228381288,
  "fber": -1.0,
  "fwhm_avg": 4.616796666666667,
  "fwhm_x": 4.56984,
  "fwhm_y": 4.87133,
  "fwhm_z": 4.40922,
  "icvs_csf": 0.24817293552426076,
  "icvs_gm": 0.39882097275571915,
  "icvs_wm": 0.3530060917200201,
  "inu_med": 0.4700086712837219,
  "inu_range": 0.18664395809173584,
  "provenance": {
    "md5sum": "0696c81f9cc16a5266ec203514e47c98",
    "settings": {
      "testing": false
    },
    "software": "mriqc",
    "version": "23.0.0",
    "warnings": {
      "large_rot_frame": true,
      "small_air_mask": false
    },
    "webapi_port": null,
    "webapi_url": "https://mriqc.nimh.nih.gov/api/v1"
  },
  "qi_1": 5.265676261644585e-05,
  "qi_2": 3.8044787369606855e-05,
  "rpve_csf": 23.946079615674105,
  "rpve_gm": 14.336554008368529,
  "rpve_wm": 18.579574541774672,
  "size_x": 180,
  "size_y": 240,
  "size_z": 240,
  "snr_csf": 3.5336073014427094,
  "snr_gm": 14.80411574902548,
  "snr_total": 14.160565716668854,
  "snr_wm": 24.14397409953837,
  "snrd_csf": 26.52057409021604,
  "snrd_gm": 63.52650081910956,
  "snrd_total": 58.14893185501378,
  "snrd_wm": 84.39972065571574,
  "spacing_x": 1.0,
  "spacing_y": 1.0,
  "spacing_z": 1.0,
  "summary_bg_k": 15.210186404383133,
  "summary_bg_mad": 0.0,
  "summary_bg_mean": 3.3466437229113106,
  "summary_bg_median": 0.0,
  "summary_bg_n": 516957.0,
  "summary_bg_p05": 0.0,
  "summary_bg_p95": 19.716342363506556,
  "summary_bg_stdv": 7.762305243621818,
  "summary_csf_k": 2.2377883766799354,
  "summary_csf_mad": 64.47654911712718,
  "summary_csf_mean": 319.02435709164916,
  "summary_csf_median": 314.2258487306535,
  "summary_csf_n": 64650.0,
  "summary_csf_p05": 171.97942256843672,
  "summary_csf_p95": 468.86751492507756,
  "summary_csf_stdv": 88.92426116091542,
  "summary_gm_k": 0.2426690453813518,
  "summary_gm_mad": 49.980277419391356,
  "summary_gm_mean": 753.2335221377947,
  "summary_gm_median": 752.6861435528845,
  "summary_gm_n": 21974.0,
  "summary_gm_p05": 671.0714993837289,
  "summary_gm_p95": 835.6075997874141,
  "summary_gm_stdv": 50.84187596031286,
  "summary_wm_k": 0.5878610419119701,
  "summary_wm_mad": 39.02842380159644,
  "summary_wm_mean": 1001.3284652171247,
  "summary_wm_median": 999.9999911561608,
  "summary_wm_n": 163483.0,
  "summary_wm_p05": 935.6156573535875,
  "summary_wm_p95": 1071.5321706030518,
  "summary_wm_stdv": 41.41807511086811,
  "tpm_overlap_csf": 0.15669045867583592,
  "tpm_overlap_gm": 0.45463242194254544,
  "tpm_overlap_wm": 0.5075719816998565,
  "wm2max": 0.6961627580955553
}