{
  "bids_meta": {
    "AcquisitionMatrixPE": 240,
    "AcquisitionNumber": 5,
    "AcquisitionTime": "10:39:45.070000",
    "BodyPartExamined": "BRAIN",
    "CoilString": "MULTI_COIL",
    "ConversionSoftware": "dcm2niix",
    "ConversionSoftwareVersion": "v1.0.20190410  (JP2:OpenJPEG) GCC6.3.0",
    "Dcm2bidsVersion": "2.1.4",
    "DeviceSerialNumber": "42451",
    "EchoTime": 0.331,
    "EchoTrainLength": 117,
    "FlipAngle": 90,
    "ImageOrientationPatientDICOM": [
      0,
      1,
      0,
      -0.00362181,
      0,
      -0.999993
    ],
    "ImageType": [
      "ORIGINAL",
      "PRIMARY",
      "M",
      "SE",
      "M",
      "SE"
    ],
    "ImagingFrequency": 127.759,
    "InPlanePhaseEncodingDirectionDICOM": "ROW",
    "InstitutionAddress": "Calzada_Mexico_Xochimilco_No.101_Tlalpan",
    "InstitutionName": "I.N._Psiquiatria",
    "InstitutionalDepartmentName": "Imagenes_Cerebrales",
    "MRAcquisitionType": "3D",
    "MagneticFieldStrength": 3,
    "Manufacturer": "Philips",
    "ManufacturersModelName": "Ingenia",
    "Modality": "MR",
    "PatientPosition": "HFS",
    "PercentPhaseFOV": 100,
    "PhaseEncodingSteps": 240,
    "PhilipsRescaleIntercept": 0,
    "PhilipsRescaleSlope": 1.44737,
    "PhilipsScaleSlope": 0.00293253,
    "PixelBandwidth": 413,
    "ProcedureStepDescription": "PROTOCOLO_FIBROMIALGIA",
    "ProtocolName": "WIP_T2W",
    "ReconMatrixPE": 240,
    "RepetitionTime": 2.5,
    "SAR": 0.030152,
    "ScanOptions": "FS",
    "ScanningSequence": "SE",
    "SequenceVariant": "SK",
    "SeriesDescription": "T2W",
    "SeriesNumber": 501,
    "SliceThickness": 1,
    "SoftwareVersions": "5.3.1_5.3.1.0",
    "SpacingBetweenSlices": 1,
    "StationName": "PHILIPS-CTMFQSD",
    "UsePhilipsFloatNotDisplayScaling": 1,
    "dataset": "ds004144",
    "modality": "T2w",
    "subject_id": "019"
  },
  "cjv": 0.24904126612600236,
  "cnr": 4.259078247491512,
  "efc": 0.4326762859011727,
  "fber": -1.0,
  "fwhm_avg": 3.0602133333333335,
  "fwhm_x": 3.08697,
  "fwhm_y": 3.16195,
  "fwhm_z": 2.93172,
  "icvs_csf": 0.2514047369289456,
  "icvs_gm": 0.7063911532622702,
  "icvs_wm": 0.04220410980878418,
  "inu_med": 0.7851062119007111,
  "inu_range": 0.12789121270179749,
  "provenance": {
    "md5sum": "38a84bac1043345070e5e3b571921e4d",
    "settings": {
      "testing": false
    },
    "software": "mriqc",
    "version": "23.0.0",
    "warnings": {
      "large_rot_frame": true,
      "small_air_mask": false
    },
    "webapi_port": null,
    "webapi_url": "https://mriqc.nimh.nih.gov/api/v1"
  },
  "qi_1": 0.1498849152693787,
  "qi_2": 4.597722959274983e-06,
  "rpve_csf": 20.20279196231871,
  "rpve_gm": 10.208147878602796,
  "rpve_wm": 147.63043354331157,
  "size_x": 180,
  "size_y": 240,
  "size_z": 240,
  "snr_csf": 6.182565322148716,
  "snr_gm": 7.925354140012644,
  "snr_total": 5.071106308842745,
  "snr_wm": 1.1053994643668743,
  "snrd_csf": 50.408048917785756,
  "snrd_gm": 14.055876817397342,
  "snrd_total": 22.235727659583006,
  "snrd_wm": 2.2432572435659237,
  "spacing_x": 1.0,
  "spacing_y": 1.0,
  "spacing_z": 1.0,
  "summary_bg_k": 89.67575368152757,
  "summary_bg_mad": 0.0,
  "summary_bg_mean": 55.27519330920234,
  "summary_bg_median": 0.0,
  "summary_bg_n": 1652436.0,
  "summary_bg_p05": 0.0,
  "summary_bg_p95": 193.36778938770294,
  "summary_bg_stdv": 291.92116458074554,
  "summary_csf_k": 3.2462212965626955,
  "summary_csf_mad": 2222.6263577080676,
  "summary_csf_mean": 21323.78392672652,
  "summary_csf_median": 22461.240658164024,
  "summary_csf_n": 68262.0,
  "summary_csf_p05": 13637.38177895546,
  "summary_csf_p95": 25158.053792119026,
  "summary_csf_stdv": 3632.970290634736,
  "summary_gm_k": 0.08960660892987882,
  "summary_gm_mad": 786.6347810101521,
  "summary_gm_mean": 6316.64495852045,
  "summary_gm_median": 6263.135325312614,
  "summary_gm_n": 380356.0,
  "summary_gm_p05": 5112.833843231201,
  "summary_gm_p95": 7701.11984372139,
  "summary_gm_stdv": 790.2646344132878,
  "summary_wm_k": 9.519479427835414,
  "summary_wm_mad": 524.2103532543302,
  "summary_wm_mean": 1283.4084570325465,
  "summary_wm_median": 999.5693522691727,
  "summary_wm_n": 7595.0,
  "summary_wm_p05": 403.40224570035934,
  "summary_wm_p95": 3331.007803559303,
  "summary_wm_stdv": 904.2012212675271,
  "tpm_overlap_csf": 0.16615622396157895,
  "tpm_overlap_gm": 0.4218748534373059,
  "tpm_overlap_wm": 0.017549990274226362,
  "wm2max": 0.03958521651629628
}