{
  "aor": 0.001098513189448441,
  "aqi": 0.02408990318944844,
  "bids_meta": {
    "AcquisitionMatrixPE": 78,
    "AcquisitionNumber": 7,
    "AcquisitionTime": "12:31:43.850000",
    "BodyPartExamined": "BRAIN",
    "CoilString": "MULTI_COIL",
    "ConversionSoftware": "dcm2niix",
    "ConversionSoftwareVersion": "v1.0.20190410  (JP2:OpenJPEG) GCC6.3.0",
    "Dcm2bidsVersion": "2.1.4",
    "DeviceSerialNumber": "42451",
    "EchoTime": 0.030001,
    "EchoTrainLength": 39,
    "FlipAngle": 75,
    "ImageOrientationPatientDICOM": [
      1,
      0,
      0.000564382,
      0,
      1,
      0
    ],
    "ImageType": [
      "ORIGINAL",
      "PRIMARY",
      "M",
      "FFE",
      "M",
      "FFE"
    ],
    "ImagingFrequency": 127.759,
    "InPlanePhaseEncodingDirectionDICOM": "COL",
    "InstitutionAddress": "Calzada_Mexico_Xochimilco_No.101_Tlalpan",
    "InstitutionName": "I.N._Psiquiatria",
    "InstitutionalDepartmentName": "Imagenes_Cerebrales",
    "MRAcquisitionType": "2D",
    "MagneticFieldStrength": 3,
    "Manufacturer": "Philips",
    "ManufacturersModelName": "Ingenia",
    "Modality": "MR",
    "PartialFourier": 0.5,
    "PatientPosition": "HFS",
    "PercentPhaseFOV": 100,
    "PhaseEncodingAxis": "j",
    "PhaseEncodingSteps": 78,
    "PhilipsRescaleIntercept": 0,
    "PhilipsRescaleSlope": 0.878388,
    "PhilipsScaleSlope": 0.0253359,
    "PixelBandwidth": 2071,
    "ProcedureStepDescription": "PROTOCOLO_FIBROMIALGIA",
    "ProtocolName": "WIP_TASK_FMRI",
    "ReconMatrixPE": 80,
    "RepetitionTime": 2,
    "SAR": 0.117678,
    "ScanOptions": "FS",
    "ScanningSequence": "GR",
    "SequenceVariant": "SK",
    "SeriesDescription": "TASK_FMRI",
    "SeriesNumber": 701,
    "SliceThickness": 3,
    "SliceTiming": [
      0,
      1.027027,
      0.054054,
      1.081081,
      0.108108,
      1.13513,
      0.162162,
      1.189189,
      0.216216,
      1.243244,
      0.27027,
      1.297298,
      0.324324,
      1.351352,
      0.378378,
      1.405406,
      0.432432,
      1.45946,
      0.486486,
      1.513514,
      0.540541,
      1.567568,
      0.594595,
      1.621622,
      0.648649,
      1.675676,
      0.702703,
      1.72973,
      0.756757,
      1.783784,
      0.810811,
      1.837838,
      0.864865,
      1.891892,
      0.918919,
      1.945947,
      0.972973
    ],
    "SoftwareVersions": "5.3.1_5.3.1.0",
    "SpacingBetweenSlices": 3,
    "StationName": "PHILIPS-CTMFQSD",
    "TaskName": "epr",
    "UsePhilipsFloatNotDisplayScaling": 1,
    "dataset": "ds004144",
    "modality": "bold",
    "subject_id": "053",
    "task_id": "epr"
  },
  "dummy_trs": 0,
  "dvars_nstd": 26.051896119243647,
  "dvars_std": 1.062187404921969,
  "dvars_vstd": 0.9172544441296518,
  "efc": 0.3881768556048145,
  "fber": 141950.984375,
  "fd_mean": 0.1918258387945361,
  "fd_num": 209,
  "fd_perc": 25.059952038369303,
  "fwhm_avg": 1.9182755555555557,
  "fwhm_x": 1.8582233333333333,
  "fwhm_y": 2.0708466666666667,
  "fwhm_z": 1.8257566666666667,
  "gcor": 0.12033,
  "gsr_x": -0.02069997601211071,
  "gsr_y": 0.014943539164960384,
  "provenance": {
    "md5sum": "033cd37180b687b8cb3179ed6b4dbba9",
    "settings": {
      "fd_thres": 0.2,
      "testing": false
    },
    "software": "mriqc",
    "version": "23.0.0",
    "webapi_port": null,
    "webapi_url": "https://mriqc.nimh.nih.gov/api/v1"
  },
  "size_t": 834,
  "size_x": 80,
  "size_y": 80,
  "size_z": 37,
  "snr": 5.201626579307005,
  "spacing_tr": 2.0000016689300537,
  "spacing_x": 3.0,
  "spacing_y": 3.0,
  "spacing_z": 3.0,
  "summary_bg_k": 162.02116468770424,
  "summary_bg_mad": 160.3154083060459,
  "summary_bg_mean": 1115.72412109375,
  "summary_bg_median": 143.14114379882812,
  "summary_bg_n": 168003.0,
  "summary_bg_p05": 13.763006496429444,
  "summary_bg_p95": 5588.634472656249,
  "summary_bg_stdv": 3633.06982421875,
  "summary_fg_k": 1.8467201418160872,
  "summary_fg_mad": 9025.219385439614,
  "summary_fg_mean": 54759.83984375,
  "summary_fg_median": 54497.625,
  "summary_fg_n": 28982.0,
  "summary_fg_p05": 38108.50625,
  "summary_fg_p95": 71960.86484375,
  "summary_fg_stdv": 10476.8544921875,
  "tsnr": 27.68837547302246
}