{
  "aor": 0.0006801000000000001,
  "aqi": 0.009282265666666666,
  "bids_meta": {
    "AcquisitionMatrixPE": 78,
    "AcquisitionNumber": 3,
    "AcquisitionTime": "12:03:37.800000",
    "BodyPartExamined": "BRAIN",
    "CoilString": "MULTI_COIL",
    "ConversionSoftware": "dcm2niix",
    "ConversionSoftwareVersion": "v1.0.20190410  (JP2:OpenJPEG) GCC6.3.0",
    "Dcm2bidsVersion": "2.1.4",
    "DeviceSerialNumber": "42451",
    "EchoTime": 0.030001,
    "EchoTrainLength": 39,
    "FlipAngle": 75,
    "ImageOrientationPatientDICOM": [
      1,
      0,
      0.000564382,
      0,
      1,
      0
    ],
    "ImageType": [
      "ORIGINAL",
      "PRIMARY",
      "M",
      "FFE",
      "M",
      "FFE"
    ],
    "ImagingFrequency": 127.759,
    "InPlanePhaseEncodingDirectionDICOM": "COL",
    "InstitutionAddress": "Calzada_Mexico_Xochimilco_No.101_Tlalpan",
    "InstitutionName": "I.N._Psiquiatria",
    "InstitutionalDepartmentName": "Imagenes_Cerebrales",
    "MRAcquisitionType": "2D",
    "MagneticFieldStrength": 3,
    "Manufacturer": "Philips",
    "ManufacturersModelName": "Ingenia",
    "Modality": "MR",
    "PartialFourier": 0.5,
    "PatientPosition": "HFS",
    "PercentPhaseFOV": 100,
    "PhaseEncodingAxis": "j",
    "PhaseEncodingSteps": 78,
    "PhilipsRescaleIntercept": 0,
    "PhilipsRescaleSlope": 0.926007,
    "PhilipsScaleSlope": 0.0246666,
    "PixelBandwidth": 2071,
    "ProcedureStepDescription": "PROTOCOLO_FIBROMIALGIA",
    "ProtocolName": "WIP_RESTING_STATE_10m",
    "ReconMatrixPE": 80,
    "RepetitionTime": 2,
    "SAR": 0.117583,
    "ScanOptions": "FS",
    "ScanningSequence": "GR",
    "SequenceVariant": "SK",
    "SeriesDescription": "RESTING_STATE_10m",
    "SeriesNumber": 301,
    "SliceThickness": 3,
    "SliceTiming": [
      0,
      1.027027,
      0.054054,
      1.081081,
      0.108108,
      1.13513,
      0.162162,
      1.189189,
      0.216216,
      1.243244,
      0.27027,
      1.297298,
      0.324324,
      1.351352,
      0.378378,
      1.405406,
      0.432432,
      1.45946,
      0.486486,
      1.513514,
      0.540541,
      1.567568,
      0.594595,
      1.621622,
      0.648649,
      1.675676,
      0.702703,
      1.72973,
      0.756757,
      1.783784,
      0.810811,
      1.837838,
      0.864865,
      1.891892,
      0.918919,
      1.945947,
      0.972973
    ],
    "SoftwareVersions": "5.3.1_5.3.1.0",
    "SpacingBetweenSlices": 3,
    "StationName": "PHILIPS-CTMFQSD",
    "TaskName": "rest",
    "UsePhilipsFloatNotDisplayScaling": 1,
    "dataset": "ds004144",
    "modality": "bold",
    "subject_id": "053",
    "task_id": "rest"
  },
  "dummy_trs": 0,
  "dvars_nstd": 23.618431550535107,
  "dvars_std": 1.113568873377927,
  "dvars_vstd": 0.9318790071237458,
  "efc": 0.38550736861398005,
  "fber": 166678.28125,
  "fd_mean": 0.10897206424738988,
  "fd_num": 9,
  "fd_perc": 3.0,
  "fwhm_avg": 1.8595288888888888,
  "fwhm_x": 1.7764533333333334,
  "fwhm_y": 1.9822266666666666,
  "fwhm_z": 1.8199066666666666,
  "gcor": 0.133583,
  "gsr_x": -0.019868329167366028,
  "gsr_y": 0.01516006514430046,
  "provenance": {
    "md5sum": "965d5b6b519191a50d86e6e05e0f19a2",
    "settings": {
      "fd_thres": 0.2,
      "testing": false
    },
    "software": "mriqc",
    "version": "23.0.0",
    "webapi_port": null,
    "webapi_url": "https://mriqc.nimh.nih.gov/api/v1"
  },
  "size_t": 300,
  "size_x": 80,
  "size_y": 80,
  "size_z": 37,
  "snr": 5.262654372040144,
  "spacing_tr": 2.0000016689300537,
  "spacing_x": 3.0,
  "spacing_y": 3.0,
  "spacing_z": 3.0,
  "summary_bg_k": 199.7539566228167,
  "summary_bg_mad": 142.39627568394582,
  "summary_bg_mean": 1060.7001953125,
  "summary_bg_median": 127.85993957519531,
  "summary_bg_n": 168097.0,
  "summary_bg_p05": 9.92230339050293,
  "summary_bg_p95": 4990.531542968734,
  "summary_bg_stdv": 3793.056640625,
  "summary_fg_k": 2.291858875770785,
  "summary_fg_mad": 8518.644322733815,
  "summary_fg_mean": 54635.7890625,
  "summary_fg_median": 54137.11328125,
  "summary_fg_n": 29014.0,
  "summary_fg_p05": 38926.8208984375,
  "summary_fg_p95": 71940.225390625,
  "summary_fg_stdv": 10286.8583984375,
  "tsnr": 49.794830322265625
}