{
  "aor": 0.0014108666666666667,
  "aqi": 0.021895217766666662,
  "bids_meta": {
    "AcquisitionMatrixPE": 78,
    "AcquisitionNumber": 5,
    "AcquisitionTime": "11:04:18.070000",
    "BodyPartExamined": "BRAIN",
    "CoilString": "MULTI_COIL",
    "ConversionSoftware": "dcm2niix",
    "ConversionSoftwareVersion": "v1.0.20190410  (JP2:OpenJPEG) GCC6.3.0",
    "Dcm2bidsVersion": "2.1.4",
    "DeviceSerialNumber": "42451",
    "EchoTime": 0.030001,
    "EchoTrainLength": 39,
    "FlipAngle": 75,
    "ImageOrientationPatientDICOM": [
      0.999993,
      0,
      -0.00362181,
      0,
      1,
      0
    ],
    "ImageType": [
      "ORIGINAL",
      "PRIMARY",
      "M",
      "FFE",
      "M",
      "FFE"
    ],
    "ImagingFrequency": 127.759,
    "InPlanePhaseEncodingDirectionDICOM": "COL",
    "InstitutionAddress": "Calzada_Mexico_Xochimilco_No.101_Tlalpan",
    "InstitutionName": "I.N._Psiquiatria",
    "InstitutionalDepartmentName": "Imagenes_Cerebrales",
    "MRAcquisitionType": "2D",
    "MagneticFieldStrength": 3,
    "Manufacturer": "Philips",
    "ManufacturersModelName": "Ingenia",
    "Modality": "MR",
    "PartialFourier": 0.5,
    "PatientPosition": "HFS",
    "PercentPhaseFOV": 100,
    "PhaseEncodingAxis": "j",
    "PhaseEncodingSteps": 78,
    "PhilipsRescaleIntercept": 0,
    "PhilipsRescaleSlope": 0.773382,
    "PhilipsScaleSlope": 0.0265351,
    "PixelBandwidth": 2071,
    "ProcedureStepDescription": "FIBROMIALGIA",
    "ProtocolName": "WIP_RESTING_STATE_10m",
    "ReconMatrixPE": 80,
    "RepetitionTime": 2,
    "SAR": 0.117654,
    "ScanOptions": "FS",
    "ScanningSequence": "GR",
    "SequenceVariant": "SK",
    "SeriesDescription": "RESTING_STATE_10m",
    "SeriesNumber": 501,
    "SliceThickness": 3,
    "SliceTiming": [
      0,
      1.027027,
      0.054054,
      1.081081,
      0.108108,
      1.13513,
      0.162162,
      1.189189,
      0.216216,
      1.243244,
      0.27027,
      1.297298,
      0.324324,
      1.351352,
      0.378378,
      1.405406,
      0.432432,
      1.45946,
      0.486486,
      1.513514,
      0.540541,
      1.567568,
      0.594595,
      1.621622,
      0.648649,
      1.675676,
      0.702703,
      1.72973,
      0.756757,
      1.783784,
      0.810811,
      1.837838,
      0.864865,
      1.891892,
      0.918919,
      1.945947,
      0.972973
    ],
    "SoftwareVersions": "5.3.1_5.3.1.0",
    "SpacingBetweenSlices": 3,
    "StationName": "PHILIPS-CTMFQSD",
    "TaskName": "rest",
    "UsePhilipsFloatNotDisplayScaling": 1,
    "dataset": "ds004144",
    "modality": "bold",
    "subject_id": "006",
    "task_id": "rest"
  },
  "dummy_trs": 0,
  "dvars_nstd": 25.20347554394649,
  "dvars_std": 1.0857218438127094,
  "dvars_vstd": 0.9000149192976588,
  "efc": 0.391005956389907,
  "fber": 149214.671875,
  "fd_mean": 0.12811497276905232,
  "fd_num": 49,
  "fd_perc": 16.333333333333332,
  "fwhm_avg": 1.8566855555555557,
  "fwhm_x": 1.77289,
  "fwhm_y": 1.9964566666666668,
  "fwhm_z": 1.8007099999999998,
  "gcor": 0.0748742,
  "gsr_x": -0.012725429609417915,
  "gsr_y": 0.012497296556830406,
  "provenance": {
    "md5sum": "8edc51f24eb93cf84f5c326049c4e53a",
    "settings": {
      "fd_thres": 0.2,
      "testing": false
    },
    "software": "mriqc",
    "version": "23.0.0",
    "webapi_port": null,
    "webapi_url": "https://mriqc.nimh.nih.gov/api/v1"
  },
  "size_t": 300,
  "size_x": 80,
  "size_y": 80,
  "size_z": 37,
  "snr": 5.270297859922256,
  "spacing_tr": 2.0000016689300537,
  "spacing_x": 3.0,
  "spacing_y": 3.0,
  "spacing_z": 3.0,
  "summary_bg_k": 234.62479577773678,
  "summary_bg_mad": 157.90853811896255,
  "summary_bg_mean": 876.9707641601562,
  "summary_bg_median": 136.8356475830078,
  "summary_bg_n": 166135.0,
  "summary_bg_p05": 11.507252788543703,
  "summary_bg_p95": 3977.1267333984356,
  "summary_bg_stdv": 2735.461181640625,
  "summary_fg_k": 4.526789312581199,
  "summary_fg_mad": 7775.388610946851,
  "summary_fg_mean": 54534.1953125,
  "summary_fg_median": 53805.78125,
  "summary_fg_n": 31564.0,
  "summary_fg_p05": 39989.8251953125,
  "summary_fg_p95": 71380.00624999999,
  "summary_fg_stdv": 10209.0869140625,
  "tsnr": 38.14834213256836
}