{
  "bids_meta": {
    "AcquisitionMatrixPE": 240,
    "AcquisitionNumber": 7,
    "AcquisitionTime": "09:17:3.610000",
    "BodyPartExamined": "BRAIN",
    "CoilString": "MULTI_COIL",
    "ConversionSoftware": "dcm2niix",
    "ConversionSoftwareVersion": "v1.0.20190410  (JP2:OpenJPEG) GCC6.3.0",
    "Dcm2bidsVersion": "2.1.4",
    "DeviceSerialNumber": "42451",
    "EchoTime": 0.331,
    "EchoTrainLength": 117,
    "FlipAngle": 90,
    "ImageOrientationPatientDICOM": [
      0,
      1,
      0,
      -0.00362181,
      0,
      -0.999993
    ],
    "ImageType": [
      "ORIGINAL",
      "PRIMARY",
      "M",
      "SE",
      "M",
      "SE"
    ],
    "ImagingFrequency": 127.759,
    "InPlanePhaseEncodingDirectionDICOM": "ROW",
    "InstitutionAddress": "Calzada_Mexico_Xochimilco_No.101_Tlalpan",
    "InstitutionName": "I.N._Psiquiatria",
    "InstitutionalDepartmentName": "Imagenes_Cerebrales",
    "MRAcquisitionType": "3D",
    "MagneticFieldStrength": 3,
    "Manufacturer": "Philips",
    "ManufacturersModelName": "Ingenia",
    "Modality": "MR",
    "PatientPosition": "HFS",
    "PercentPhaseFOV": 100,
    "PhaseEncodingSteps": 240,
    "PhilipsRescaleIntercept": 0,
    "PhilipsRescaleSlope": 1.42882,
    "PhilipsScaleSlope": 0.00341138,
    "PixelBandwidth": 413,
    "ProcedureStepDescription": "FIBROMIALGIA",
    "ProtocolName": "WIP_T2W",
    "ReconMatrixPE": 240,
    "RepetitionTime": 2.5,
    "SAR": 0.030152,
    "ScanOptions": "FS",
    "ScanningSequence": "SE",
    "SequenceVariant": "SK",
    "SeriesDescription": "T2W",
    "SeriesNumber": 701,
    "SliceThickness": 1,
    "SoftwareVersions": "5.3.1_5.3.1.0",
    "SpacingBetweenSlices": 1,
    "StationName": "PHILIPS-CTMFQSD",
    "UsePhilipsFloatNotDisplayScaling": 1,
    "dataset": "ds004144",
    "modality": "T2w",
    "subject_id": "008"
  },
  "cjv": 0.2572514024122626,
  "cnr": 1.8829460517887153,
  "efc": 0.47831693973082917,
  "fber": -1.0,
  "fwhm_avg": 3.3761200000000002,
  "fwhm_x": 3.37685,
  "fwhm_y": 3.31858,
  "fwhm_z": 3.43293,
  "icvs_csf": 0.20613490467886855,
  "icvs_gm": 0.18019190168910407,
  "icvs_wm": 0.6136731936320274,
  "inu_med": 0.8638273477554321,
  "inu_range": 0.20352237224578862,
  "provenance": {
    "md5sum": "93deb1296cea629ad5f35a8f332b7f12",
    "settings": {
      "testing": false
    },
    "software": "mriqc",
    "version": "23.0.0",
    "warnings": {
      "large_rot_frame": true,
      "small_air_mask": false
    },
    "webapi_port": null,
    "webapi_url": "https://mriqc.nimh.nih.gov/api/v1"
  },
  "qi_1": 0.07028265451540663,
  "qi_2": 6.829511831548539e-06,
  "rpve_csf": 19.822254740305304,
  "rpve_gm": 32.9133927690442,
  "rpve_wm": 10.067235116925307,
  "size_x": 180,
  "size_y": 240,
  "size_z": 240,
  "snr_csf": 7.57678092213847,
  "snr_gm": 2.6830109417137065,
  "snr_total": 6.615380684310856,
  "snr_wm": 9.58635018908039,
  "snrd_csf": 36.22457075781858,
  "snrd_gm": 72.44015130118702,
  "snrd_total": 43.359304836732086,
  "snrd_wm": 21.413192451190657,
  "spacing_x": 1.0,
  "spacing_y": 1.0,
  "spacing_z": 1.0,
  "summary_bg_k": 142.7063630457494,
  "summary_bg_mad": 0.0,
  "summary_bg_mean": 7.136069054024217,
  "summary_bg_median": 0.0,
  "summary_bg_n": 1752181.0,
  "summary_bg_p05": 0.0,
  "summary_bg_p95": 40.52351640164852,
  "summary_bg_stdv": 30.601413627812597,
  "summary_csf_k": 1.501012039002573,
  "summary_csf_mad": 192.27757013058869,
  "summary_csf_mean": 1715.378277214257,
  "summary_csf_median": 1692.049278974533,
  "summary_csf_n": 4918.0,
  "summary_csf_p05": 1409.4414950743317,
  "summary_csf_p95": 2132.709275161475,
  "summary_csf_stdv": 223.29763278869322,
  "summary_gm_k": 0.3021629932154819,
  "summary_gm_mad": 506.37589975028214,
  "summary_gm_mean": 2880.322138051471,
  "summary_gm_median": 3383.678625136614,
  "summary_gm_n": 66523.0,
  "summary_gm_p05": 164.19372966885567,
  "summary_gm_p95": 4000.622916550934,
  "summary_gm_stdv": 1261.140288337143,
  "summary_wm_k": -0.10262123390701428,
  "summary_wm_mad": 106.77475427111482,
  "summary_wm_mean": 1000.5328705369474,
  "summary_wm_median": 1000.209970459342,
  "summary_wm_n": 324971.0,
  "summary_wm_p05": 829.9972038120031,
  "summary_wm_p95": 1171.2276083305478,
  "summary_wm_stdv": 104.33673001801931,
  "tpm_overlap_csf": 0.12050493307113073,
  "tpm_overlap_gm": 0.11948996708942854,
  "tpm_overlap_wm": 0.446691610155794,
  "wm2max": 0.25014440496403
}