{
  "bids_meta": {
    "AcquisitionMatrixPE": 240,
    "AcquisitionNumber": 6,
    "AcquisitionTime": "09:13:23.010000",
    "BodyPartExamined": "BRAIN",
    "CoilString": "MULTI_COIL",
    "ConversionSoftware": "dcm2niix",
    "ConversionSoftwareVersion": "v1.0.20190410  (JP2:OpenJPEG) GCC6.3.0",
    "Dcm2bidsVersion": "2.1.4",
    "DeviceSerialNumber": "42451",
    "EchoTime": 0.0035,
    "EchoTrainLength": 240,
    "FlipAngle": 8,
    "ImageOrientationPatientDICOM": [
      0,
      1,
      0,
      -0.00362181,
      0,
      -0.999993
    ],
    "ImageType": [
      "ORIGINAL",
      "PRIMARY",
      "M",
      "FFE",
      "M",
      "FFE"
    ],
    "ImagingFrequency": 127.759,
    "InPlanePhaseEncodingDirectionDICOM": "ROW",
    "InstitutionAddress": "Calzada_Mexico_Xochimilco_No.101_Tlalpan",
    "InstitutionName": "I.N._Psiquiatria",
    "InstitutionalDepartmentName": "Imagenes_Cerebrales",
    "MRAcquisitionType": "3D",
    "MagneticFieldStrength": 3,
    "Manufacturer": "Philips",
    "ManufacturersModelName": "Ingenia",
    "Modality": "MR",
    "PatientPosition": "HFS",
    "PercentPhaseFOV": 100,
    "PhaseEncodingSteps": 240,
    "PhilipsRescaleIntercept": 0,
    "PhilipsRescaleSlope": 35.2708,
    "PhilipsScaleSlope": 0.00612366,
    "PixelBandwidth": 310,
    "ProcedureStepDescription": "FIBROMIALGIA",
    "ProtocolName": "WIP_T1W",
    "ReconMatrixPE": 240,
    "RepetitionTime": 0.007,
    "SAR": 0.0382114,
    "ScanOptions": "OTHER",
    "ScanningSequence": "GR",
    "SequenceVariant": "MP",
    "SeriesDescription": "T1W",
    "SeriesNumber": 601,
    "SliceThickness": 1,
    "SoftwareVersions": "5.3.1_5.3.1.0",
    "SpacingBetweenSlices": 1,
    "StationName": "PHILIPS-CTMFQSD",
    "UsePhilipsFloatNotDisplayScaling": 1,
    "dataset": "ds004144",
    "modality": "T1w",
    "subject_id": "008"
  },
  "cjv": 0.36133488950631576,
  "cnr": 3.7287621930385897,
  "efc": 0.7050623398444139,
  "fber": -1.0,
  "fwhm_avg": 4.8193166666666665,
  "fwhm_x": 4.67296,
  "fwhm_y": 5.10635,
  "fwhm_z": 4.67864,
  "icvs_csf": 0.22245534451239682,
  "icvs_gm": 0.3954025524816775,
  "icvs_wm": 0.38214210300592566,
  "inu_med": 0.41494327783584595,
  "inu_range": 0.16483659446239474,
  "provenance": {
    "md5sum": "3eab1328dd2064b2b04e46c50845c05a",
    "settings": {
      "testing": false
    },
    "software": "mriqc",
    "version": "23.0.0",
    "warnings": {
      "large_rot_frame": true,
      "small_air_mask": false
    },
    "webapi_port": null,
    "webapi_url": "https://mriqc.nimh.nih.gov/api/v1"
  },
  "qi_1": 0.0,
  "qi_2": 4.486871103271687e-05,
  "rpve_csf": 23.552017169540065,
  "rpve_gm": 13.001544500687716,
  "rpve_wm": 15.67922590789145,
  "size_x": 180,
  "size_y": 240,
  "size_z": 240,
  "snr_csf": 2.943989042310948,
  "snr_gm": 13.883063456236606,
  "snr_total": 14.47493491971562,
  "snr_wm": 26.597752260599307,
  "snrd_csf": 15.9036441847296,
  "snrd_gm": 39.309171939042855,
  "snrd_total": 35.871276023979185,
  "snrd_wm": 52.4010119481651,
  "spacing_x": 1.0,
  "spacing_y": 1.0,
  "spacing_z": 1.0,
  "summary_bg_k": 29.42289735737745,
  "summary_bg_mad": 0.0,
  "summary_bg_mean": 5.985299763033111,
  "summary_bg_median": 0.0,
  "summary_bg_n": 515607.0,
  "summary_bg_p05": 0.0,
  "summary_bg_p95": 29.423658689484,
  "summary_bg_stdv": 12.502956731327297,
  "summary_csf_k": 1.0801754303998958,
  "summary_csf_mad": 81.88678786606805,
  "summary_csf_mean": 307.10448998680226,
  "summary_csf_median": 303.5132456570864,
  "summary_csf_n": 60630.0,
  "summary_csf_p05": 104.30294531397521,
  "summary_csf_p95": 476.97606067406,
  "summary_csf_stdv": 103.095065331128,
  "summary_gm_k": 0.13104175253700756,
  "summary_gm_mad": 54.23853563221906,
  "summary_gm_mean": 751.8343457874171,
  "summary_gm_median": 750.1962582115084,
  "summary_gm_n": 28822.0,
  "summary_gm_p05": 666.4446800015867,
  "summary_gm_p95": 841.0825384617782,
  "summary_gm_stdv": 54.03585787562654,
  "summary_wm_k": 0.4263610273340852,
  "summary_wm_mad": 36.04147166198172,
  "summary_wm_mean": 1000.7049686425362,
  "summary_wm_median": 1000.0476008746773,
  "summary_wm_n": 214465.0,
  "summary_wm_p05": 940.2964039240032,
  "summary_wm_p95": 1063.5808202438056,
  "summary_wm_stdv": 37.598863978429556,
  "tpm_overlap_csf": 0.13942659630156307,
  "tpm_overlap_gm": 0.4542969459565253,
  "tpm_overlap_wm": 0.5158495194527675,
  "wm2max": 0.8328480022186565
}