{
  "aor": 0.0011323666666666666,
  "aqi": 0.010598507033333334,
  "bids_meta": {
    "AcquisitionMatrixPE": 78,
    "AcquisitionNumber": 3,
    "AcquisitionTime": "09:41:54.100000",
    "BodyPartExamined": "BRAIN",
    "CoilString": "MULTI_COIL",
    "ConversionSoftware": "dcm2niix",
    "ConversionSoftwareVersion": "v1.0.20190410  (JP2:OpenJPEG) GCC6.3.0",
    "Dcm2bidsVersion": "2.1.4",
    "DeviceSerialNumber": "42451",
    "EchoTime": 0.030001,
    "EchoTrainLength": 39,
    "FlipAngle": 75,
    "ImageOrientationPatientDICOM": [
      0.999993,
      0,
      -0.00362181,
      0,
      1,
      0
    ],
    "ImageType": [
      "ORIGINAL",
      "PRIMARY",
      "M",
      "FFE",
      "M",
      "FFE"
    ],
    "ImagingFrequency": 127.759,
    "InPlanePhaseEncodingDirectionDICOM": "COL",
    "InstitutionAddress": "Calzada_Mexico_Xochimilco_No.101_Tlalpan",
    "InstitutionName": "I.N._Psiquiatria",
    "InstitutionalDepartmentName": "Imagenes_Cerebrales",
    "MRAcquisitionType": "2D",
    "MagneticFieldStrength": 3,
    "Manufacturer": "Philips",
    "ManufacturersModelName": "Ingenia",
    "Modality": "MR",
    "PartialFourier": 0.5,
    "PatientPosition": "HFS",
    "PercentPhaseFOV": 100,
    "PhaseEncodingAxis": "j",
    "PhaseEncodingSteps": 78,
    "PhilipsRescaleIntercept": 0,
    "PhilipsRescaleSlope": 0.761661,
    "PhilipsScaleSlope": 0.0258419,
    "PixelBandwidth": 2071,
    "ProcedureStepDescription": "PROTOCOLO_FIBROMIALGIA",
    "ProtocolName": "WIP_RESTING_STATE_10m",
    "ReconMatrixPE": 80,
    "RepetitionTime": 2,
    "SAR": 0.117654,
    "ScanOptions": "FS",
    "ScanningSequence": "GR",
    "SequenceVariant": "SK",
    "SeriesDescription": "RESTING_STATE_10m",
    "SeriesNumber": 301,
    "SliceThickness": 3,
    "SliceTiming": [
      0,
      1.027027,
      0.054054,
      1.081081,
      0.108108,
      1.13513,
      0.162162,
      1.189189,
      0.216216,
      1.243244,
      0.27027,
      1.297298,
      0.324324,
      1.351352,
      0.378378,
      1.405406,
      0.432432,
      1.45946,
      0.486486,
      1.513514,
      0.540541,
      1.567568,
      0.594595,
      1.621622,
      0.648649,
      1.675676,
      0.702703,
      1.72973,
      0.756757,
      1.783784,
      0.810811,
      1.837838,
      0.864865,
      1.891892,
      0.918919,
      1.945947,
      0.972973
    ],
    "SoftwareVersions": "5.3.1_5.3.1.0",
    "SpacingBetweenSlices": 3,
    "StationName": "PHILIPS-CTMFQSD",
    "TaskName": "rest",
    "UsePhilipsFloatNotDisplayScaling": 1,
    "dataset": "ds004144",
    "modality": "bold",
    "subject_id": "061",
    "task_id": "rest"
  },
  "dummy_trs": 0,
  "dvars_nstd": 26.39371899387959,
  "dvars_std": 1.1466089849163883,
  "dvars_vstd": 0.9768713288628763,
  "efc": 0.39071693258008605,
  "fber": 93837.21875,
  "fd_mean": 0.12981088467867805,
  "fd_num": 49,
  "fd_perc": 16.333333333333332,
  "fwhm_avg": 1.8573455555555556,
  "fwhm_x": 1.7762166666666666,
  "fwhm_y": 2.008366666666667,
  "fwhm_z": 1.7874533333333333,
  "gcor": 0.0860861,
  "gsr_x": -0.015114381909370422,
  "gsr_y": 0.014044256880879402,
  "provenance": {
    "md5sum": "c59e2c0c021e75e9159522fe5902afde",
    "settings": {
      "fd_thres": 0.2,
      "testing": false
    },
    "software": "mriqc",
    "version": "23.0.0",
    "webapi_port": null,
    "webapi_url": "https://mriqc.nimh.nih.gov/api/v1"
  },
  "size_t": 300,
  "size_x": 80,
  "size_y": 80,
  "size_z": 37,
  "snr": 5.023554079773301,
  "spacing_tr": 2.0000016689300537,
  "spacing_x": 3.0,
  "spacing_y": 3.0,
  "spacing_z": 3.0,
  "summary_bg_k": 147.1053686716116,
  "summary_bg_mad": 172.75577192671642,
  "summary_bg_mean": 958.84716796875,
  "summary_bg_median": 164.3560791015625,
  "summary_bg_n": 167200.0,
  "summary_bg_p05": 17.985596179962158,
  "summary_bg_p95": 3960.3822753906225,
  "summary_bg_stdv": 3188.892822265625,
  "summary_fg_k": 3.759133177690715,
  "summary_fg_mad": 7764.324112749761,
  "summary_fg_mean": 52655.23828125,
  "summary_fg_median": 51798.58984375,
  "summary_fg_n": 30779.0,
  "summary_fg_p05": 38199.81171875,
  "summary_fg_p95": 69959.1421875,
  "summary_fg_stdv": 10310.9765625,
  "tsnr": 50.85152053833008
}