{
  "aor": 0.0020157434052757795,
  "aqi": 0.02795271040767386,
  "bids_meta": {
    "AcquisitionMatrixPE": 78,
    "AcquisitionNumber": 7,
    "AcquisitionTime": "11:21:41.210000",
    "BodyPartExamined": "BRAIN",
    "CoilString": "MULTI_COIL",
    "ConversionSoftware": "dcm2niix",
    "ConversionSoftwareVersion": "v1.0.20190410  (JP2:OpenJPEG) GCC6.3.0",
    "Dcm2bidsVersion": "2.1.4",
    "DeviceSerialNumber": "42451",
    "EchoTime": 0.030001,
    "EchoTrainLength": 39,
    "FlipAngle": 75,
    "ImageOrientationPatientDICOM": [
      1,
      0,
      0.000539141,
      0,
      1,
      0
    ],
    "ImageType": [
      "ORIGINAL",
      "PRIMARY",
      "M",
      "FFE",
      "M",
      "FFE"
    ],
    "ImagingFrequency": 127.759,
    "InPlanePhaseEncodingDirectionDICOM": "COL",
    "InstitutionAddress": "Calzada_Mexico_Xochimilco_No.101_Tlalpan",
    "InstitutionName": "I.N._Psiquiatria",
    "InstitutionalDepartmentName": "Imagenes_Cerebrales",
    "MRAcquisitionType": "2D",
    "MagneticFieldStrength": 3,
    "Manufacturer": "Philips",
    "ManufacturersModelName": "Ingenia",
    "Modality": "MR",
    "PartialFourier": 0.5,
    "PatientPosition": "HFS",
    "PercentPhaseFOV": 100,
    "PhaseEncodingAxis": "j",
    "PhaseEncodingSteps": 78,
    "PhilipsRescaleIntercept": 0,
    "PhilipsRescaleSlope": 0.755556,
    "PhilipsScaleSlope": 0.0234519,
    "PixelBandwidth": 2071,
    "ProcedureStepDescription": "PROTOCOLO_FIBROMIALGIA",
    "ProtocolName": "WIP_TASK_FMRI",
    "ReconMatrixPE": 80,
    "RepetitionTime": 2,
    "SAR": 0.117678,
    "ScanOptions": "FS",
    "ScanningSequence": "GR",
    "SequenceVariant": "SK",
    "SeriesDescription": "TASK_FMRI",
    "SeriesNumber": 701,
    "SliceThickness": 3,
    "SliceTiming": [
      0,
      1.027027,
      0.054054,
      1.081081,
      0.108108,
      1.13513,
      0.162162,
      1.189189,
      0.216216,
      1.243244,
      0.27027,
      1.297298,
      0.324324,
      1.351352,
      0.378378,
      1.405406,
      0.432432,
      1.45946,
      0.486486,
      1.513514,
      0.540541,
      1.567568,
      0.594595,
      1.621622,
      0.648649,
      1.675676,
      0.702703,
      1.72973,
      0.756757,
      1.783784,
      0.810811,
      1.837838,
      0.864865,
      1.891892,
      0.918919,
      1.945947,
      0.972973
    ],
    "SoftwareVersions": "5.3.1_5.3.1.0",
    "SpacingBetweenSlices": 3,
    "StationName": "PHILIPS-CTMFQSD",
    "TaskName": "epr",
    "UsePhilipsFloatNotDisplayScaling": 1,
    "dataset": "ds004144",
    "modality": "bold",
    "subject_id": "029",
    "task_id": "epr"
  },
  "dummy_trs": 0,
  "dvars_nstd": 30.423792840192068,
  "dvars_std": 1.1233020448019213,
  "dvars_vstd": 0.9606584421368547,
  "efc": 0.4072455754575603,
  "fber": 109503.78125,
  "fd_mean": 0.21049138226113487,
  "fd_num": 316,
  "fd_perc": 37.88968824940048,
  "fwhm_avg": 2.035188888888889,
  "fwhm_x": 1.9075300000000002,
  "fwhm_y": 2.204073333333333,
  "fwhm_z": 1.9939633333333333,
  "gcor": 0.0916819,
  "gsr_x": -0.020136719569563866,
  "gsr_y": 0.02406405471265316,
  "provenance": {
    "md5sum": "a119802f601f33e21ea8588359a24550",
    "settings": {
      "fd_thres": 0.2,
      "testing": false
    },
    "software": "mriqc",
    "version": "23.0.0",
    "webapi_port": null,
    "webapi_url": "https://mriqc.nimh.nih.gov/api/v1"
  },
  "size_t": 834,
  "size_x": 80,
  "size_y": 80,
  "size_z": 37,
  "snr": 4.483282199916656,
  "spacing_tr": 2.0000016689300537,
  "spacing_x": 3.0,
  "spacing_y": 3.0,
  "spacing_z": 3.0,
  "summary_bg_k": 108.60208268990063,
  "summary_bg_mad": 208.76098432052504,
  "summary_bg_mean": 1399.0145263671875,
  "summary_bg_median": 179.37002563476562,
  "summary_bg_n": 164721.0,
  "summary_bg_p05": 13.951314926147461,
  "summary_bg_p95": 7156.09423828125,
  "summary_bg_stdv": 3982.075439453125,
  "summary_fg_k": 2.618488330020095,
  "summary_fg_mad": 11058.399837183071,
  "summary_fg_mean": 61976.359375,
  "summary_fg_median": 60779.80859375,
  "summary_fg_n": 32589.0,
  "summary_fg_p05": 43108.50234375,
  "summary_fg_p95": 85896.01562499999,
  "summary_fg_stdv": 13556.78125,
  "tsnr": 25.981239318847656
}