{
  "aor": 0.0014905333333333334,
  "aqi": 0.0093026321,
  "bids_meta": {
    "AcquisitionMatrixPE": 78,
    "AcquisitionNumber": 3,
    "AcquisitionTime": "10:54:49.930000",
    "BodyPartExamined": "BRAIN",
    "CoilString": "MULTI_COIL",
    "ConversionSoftware": "dcm2niix",
    "ConversionSoftwareVersion": "v1.0.20190410  (JP2:OpenJPEG) GCC6.3.0",
    "Dcm2bidsVersion": "2.1.4",
    "DeviceSerialNumber": "42451",
    "EchoTime": 0.030001,
    "EchoTrainLength": 39,
    "FlipAngle": 75,
    "ImageOrientationPatientDICOM": [
      1,
      0,
      0.000539141,
      0,
      1,
      0
    ],
    "ImageType": [
      "ORIGINAL",
      "PRIMARY",
      "M",
      "FFE",
      "M",
      "FFE"
    ],
    "ImagingFrequency": 127.759,
    "InPlanePhaseEncodingDirectionDICOM": "COL",
    "InstitutionAddress": "Calzada_Mexico_Xochimilco_No.101_Tlalpan",
    "InstitutionName": "I.N._Psiquiatria",
    "InstitutionalDepartmentName": "Imagenes_Cerebrales",
    "MRAcquisitionType": "2D",
    "MagneticFieldStrength": 3,
    "Manufacturer": "Philips",
    "ManufacturersModelName": "Ingenia",
    "Modality": "MR",
    "PartialFourier": 0.5,
    "PatientPosition": "HFS",
    "PercentPhaseFOV": 100,
    "PhaseEncodingAxis": "j",
    "PhaseEncodingSteps": 78,
    "PhilipsRescaleIntercept": 0,
    "PhilipsRescaleSlope": 0.774847,
    "PhilipsScaleSlope": 0.0213239,
    "PixelBandwidth": 2071,
    "ProcedureStepDescription": "PROTOCOLO_FIBROMIALGIA",
    "ProtocolName": "WIP_RESTING_STATE_10m",
    "ReconMatrixPE": 80,
    "RepetitionTime": 2,
    "SAR": 0.117583,
    "ScanOptions": "FS",
    "ScanningSequence": "GR",
    "SequenceVariant": "SK",
    "SeriesDescription": "RESTING_STATE_10m",
    "SeriesNumber": 301,
    "SliceThickness": 3,
    "SliceTiming": [
      0,
      1.027027,
      0.054054,
      1.081081,
      0.108108,
      1.13513,
      0.162162,
      1.189189,
      0.216216,
      1.243244,
      0.27027,
      1.297298,
      0.324324,
      1.351352,
      0.378378,
      1.405406,
      0.432432,
      1.45946,
      0.486486,
      1.513514,
      0.540541,
      1.567568,
      0.594595,
      1.621622,
      0.648649,
      1.675676,
      0.702703,
      1.72973,
      0.756757,
      1.783784,
      0.810811,
      1.837838,
      0.864865,
      1.891892,
      0.918919,
      1.945947,
      0.972973
    ],
    "SoftwareVersions": "5.3.1_5.3.1.0",
    "SpacingBetweenSlices": 3,
    "StationName": "PHILIPS-CTMFQSD",
    "TaskName": "rest",
    "UsePhilipsFloatNotDisplayScaling": 1,
    "dataset": "ds004144",
    "modality": "bold",
    "subject_id": "029",
    "task_id": "rest"
  },
  "dummy_trs": 0,
  "dvars_nstd": 26.46046253204013,
  "dvars_std": 1.2012123016387963,
  "dvars_vstd": 0.9523301759197325,
  "efc": 0.4052003134070839,
  "fber": 123452.0625,
  "fd_mean": 0.08774172101086244,
  "fd_num": 2,
  "fd_perc": 0.6666666666666666,
  "fwhm_avg": 1.9865977777777777,
  "fwhm_x": 1.87019,
  "fwhm_y": 2.1247133333333332,
  "fwhm_z": 1.9648899999999998,
  "gcor": 0.0332432,
  "gsr_x": -0.020554978400468826,
  "gsr_y": 0.022398579865694046,
  "provenance": {
    "md5sum": "3d22e700ba20d2fd820bdc0a201555e0",
    "settings": {
      "fd_thres": 0.2,
      "testing": false
    },
    "software": "mriqc",
    "version": "23.0.0",
    "webapi_port": null,
    "webapi_url": "https://mriqc.nimh.nih.gov/api/v1"
  },
  "size_t": 300,
  "size_x": 80,
  "size_y": 80,
  "size_z": 37,
  "snr": 4.518806779193539,
  "spacing_tr": 2.0000016689300537,
  "spacing_x": 3.0,
  "spacing_y": 3.0,
  "spacing_z": 3.0,
  "summary_bg_k": 125.05136770643483,
  "summary_bg_mad": 195.90098914046214,
  "summary_bg_mean": 1353.393310546875,
  "summary_bg_median": 168.15489196777344,
  "summary_bg_n": 164606.0,
  "summary_bg_p05": 10.034984350204468,
  "summary_bg_p95": 6712.5594482421875,
  "summary_bg_stdv": 3990.573486328125,
  "summary_fg_k": 2.926061600705956,
  "summary_fg_mad": 10933.997349079127,
  "summary_fg_mean": 63215.98828125,
  "summary_fg_median": 61772.5859375,
  "summary_fg_n": 32602.0,
  "summary_fg_p05": 44772.1529296875,
  "summary_fg_p95": 87495.32460937499,
  "summary_fg_stdv": 13669.900390625,
  "tsnr": 50.128726959228516
}