{
  "bids_meta": {
    "AcquisitionMatrixPE": 240,
    "AcquisitionNumber": 6,
    "AcquisitionTime": "12:17:44.290000",
    "BodyPartExamined": "BRAIN",
    "CoilString": "MULTI_COIL",
    "ConversionSoftware": "dcm2niix",
    "ConversionSoftwareVersion": "v1.0.20190410  (JP2:OpenJPEG) GCC6.3.0",
    "Dcm2bidsVersion": "2.1.4",
    "DeviceSerialNumber": "42451",
    "EchoTime": 0.331,
    "EchoTrainLength": 117,
    "FlipAngle": 90,
    "ImageOrientationPatientDICOM": [
      0,
      1,
      0,
      -0.00362181,
      0,
      -0.999993
    ],
    "ImageType": [
      "ORIGINAL",
      "PRIMARY",
      "M",
      "SE",
      "M",
      "SE"
    ],
    "ImagingFrequency": 127.759,
    "InPlanePhaseEncodingDirectionDICOM": "ROW",
    "InstitutionAddress": "Calzada_Mexico_Xochimilco_No.101_Tlalpan",
    "InstitutionName": "I.N._Psiquiatria",
    "InstitutionalDepartmentName": "Imagenes_Cerebrales",
    "MRAcquisitionType": "3D",
    "MagneticFieldStrength": 3,
    "Manufacturer": "Philips",
    "ManufacturersModelName": "Ingenia",
    "Modality": "MR",
    "PatientPosition": "HFS",
    "PercentPhaseFOV": 100,
    "PhaseEncodingSteps": 240,
    "PhilipsRescaleIntercept": 0,
    "PhilipsRescaleSlope": 1.53236,
    "PhilipsScaleSlope": 0.00271499,
    "PixelBandwidth": 413,
    "ProcedureStepDescription": "FIBROMIALGIA",
    "ProtocolName": "WIP_T2W",
    "ReconMatrixPE": 240,
    "RepetitionTime": 2.5,
    "SAR": 0.030152,
    "ScanOptions": "FS",
    "ScanningSequence": "SE",
    "SequenceVariant": "SK",
    "SeriesDescription": "T2W",
    "SeriesNumber": 601,
    "SliceThickness": 1,
    "SoftwareVersions": "5.3.1_5.3.1.0",
    "SpacingBetweenSlices": 1,
    "StationName": "PHILIPS-CTMFQSD",
    "UsePhilipsFloatNotDisplayScaling": 1,
    "dataset": "ds004144",
    "modality": "T2w",
    "subject_id": "002"
  },
  "cjv": 0.7603429257924079,
  "cnr": 1.3184865665010996,
  "efc": 0.5296192167192744,
  "fber": -1.0,
  "fwhm_avg": 2.7142366666666664,
  "fwhm_x": 2.72391,
  "fwhm_y": 2.85953,
  "fwhm_z": 2.55927,
  "icvs_csf": 0.2645417272757928,
  "icvs_gm": 0.21934868268371527,
  "icvs_wm": 0.516109590040492,
  "inu_med": 0.9457650482654572,
  "inu_range": 0.24689409136772156,
  "provenance": {
    "md5sum": "29447f48def459d26477956985fded87",
    "settings": {
      "testing": false
    },
    "software": "mriqc",
    "version": "23.0.0",
    "warnings": {
      "large_rot_frame": true,
      "small_air_mask": false
    },
    "webapi_port": null,
    "webapi_url": "https://mriqc.nimh.nih.gov/api/v1"
  },
  "qi_1": 0.05544433204520989,
  "qi_2": 4.265813698812968e-06,
  "rpve_csf": 19.149230384415798,
  "rpve_gm": 29.222690596144822,
  "rpve_wm": 12.873605426148682,
  "size_x": 180,
  "size_y": 240,
  "size_z": 240,
  "snr_csf": 10.684122872487825,
  "snr_gm": 1.9840623285944412,
  "snr_total": 7.967026425652531,
  "snr_wm": 11.232894075875327,
  "snrd_csf": 25.723923431172672,
  "snrd_gm": 51.34358720701206,
  "snrd_total": 31.40709680032042,
  "snrd_wm": 17.153779762776548,
  "spacing_x": 1.0,
  "spacing_y": 1.0,
  "spacing_z": 1.0,
  "summary_bg_k": 123.46597344869618,
  "summary_bg_mad": 0.0,
  "summary_bg_mean": 7.002525085375538,
  "summary_bg_median": 0.0,
  "summary_bg_n": 937091.0,
  "summary_bg_p05": 0.0,
  "summary_bg_p95": 29.537978760898113,
  "summary_bg_stdv": 38.20015217426019,
  "summary_csf_k": 1.4839484765578907,
  "summary_csf_mad": 126.13041197206621,
  "summary_csf_mean": 1504.0201686623798,
  "summary_csf_median": 1499.92854860425,
  "summary_csf_n": 12338.0,
  "summary_csf_p05": 1286.6543290764093,
  "summary_csf_p95": 1740.1052153740077,
  "summary_csf_stdv": 140.38286346559548,
  "summary_gm_k": -1.4811353844065034,
  "summary_gm_mad": 1422.3735571192065,
  "summary_gm_mean": 2322.249375963381,
  "summary_gm_median": 2993.7778521850705,
  "summary_gm_n": 62387.0,
  "summary_gm_p05": 107.28079453110695,
  "summary_gm_p95": 4084.108327269554,
  "summary_gm_stdv": 1508.9011143145483,
  "summary_wm_k": -0.12326538428569123,
  "summary_wm_mad": 93.41815296123609,
  "summary_wm_mean": 998.7540761902864,
  "summary_wm_median": 1000.2146076783538,
  "summary_wm_n": 198796.0,
  "summary_wm_p05": 852.667754933238,
  "summary_wm_p95": 1138.6783531531692,
  "summary_wm_stdv": 89.04313396334862,
  "tpm_overlap_csf": 0.10760566440107076,
  "tpm_overlap_gm": 0.12250452633101754,
  "tpm_overlap_wm": 0.45712344577222563,
  "wm2max": 0.2443691114262908
}