{
  "bids_meta": {
    "AcquisitionMatrixPE": 240,
    "AcquisitionNumber": 4,
    "AcquisitionTime": "12:40:34.160000",
    "BodyPartExamined": "BRAIN",
    "CoilString": "MULTI_COIL",
    "ConversionSoftware": "dcm2niix",
    "ConversionSoftwareVersion": "v1.0.20190410  (JP2:OpenJPEG) GCC6.3.0",
    "Dcm2bidsVersion": "2.1.4",
    "DeviceSerialNumber": "42451",
    "EchoTime": 0.0035,
    "EchoTrainLength": 240,
    "FlipAngle": 8,
    "ImageOrientationPatientDICOM": [
      0,
      1,
      0,
      -0.00362181,
      0,
      -0.999993
    ],
    "ImageType": [
      "ORIGINAL",
      "PRIMARY",
      "M",
      "FFE",
      "M",
      "FFE"
    ],
    "ImagingFrequency": 127.759,
    "InPlanePhaseEncodingDirectionDICOM": "ROW",
    "InstitutionAddress": "Calzada_Mexico_Xochimilco_No.101_Tlalpan",
    "InstitutionName": "I.N._Psiquiatria",
    "InstitutionalDepartmentName": "Imagenes_Cerebrales",
    "MRAcquisitionType": "3D",
    "MagneticFieldStrength": 3,
    "Manufacturer": "Philips",
    "ManufacturersModelName": "Ingenia",
    "Modality": "MR",
    "PatientPosition": "HFS",
    "PercentPhaseFOV": 100,
    "PhaseEncodingSteps": 240,
    "PhilipsRescaleIntercept": 0,
    "PhilipsRescaleSlope": 147.734,
    "PhilipsScaleSlope": 0.00599251,
    "PixelBandwidth": 310,
    "ProcedureStepDescription": "FIBROMIALGIA",
    "ProtocolName": "WIP_T1W",
    "ReconMatrixPE": 240,
    "RepetitionTime": 0.007,
    "SAR": 0.0382114,
    "ScanOptions": "OTHER",
    "ScanningSequence": "GR",
    "SequenceVariant": "MP",
    "SeriesDescription": "T1W",
    "SeriesNumber": 401,
    "SliceThickness": 1,
    "SoftwareVersions": "5.3.1_5.3.1.0",
    "SpacingBetweenSlices": 1,
    "StationName": "PHILIPS-CTMFQSD",
    "UsePhilipsFloatNotDisplayScaling": 1,
    "dataset": "ds004144",
    "modality": "T1w",
    "subject_id": "007"
  },
  "cjv": 0.3366150344740267,
  "cnr": 3.955139840775034,
  "efc": 0.6987827576186326,
  "fber": -1.0,
  "fwhm_avg": 4.660693333333334,
  "fwhm_x": 4.55293,
  "fwhm_y": 4.97099,
  "fwhm_z": 4.45816,
  "icvs_csf": 0.22754411021060833,
  "icvs_gm": 0.40217619483661116,
  "icvs_wm": 0.37027969495278057,
  "inu_med": 0.3760601580142975,
  "inu_range": 0.14038296341896056,
  "provenance": {
    "md5sum": "a51af7c38315a0d77e1bf4f3edc1140c",
    "settings": {
      "testing": false
    },
    "software": "mriqc",
    "version": "23.0.0",
    "warnings": {
      "large_rot_frame": true,
      "small_air_mask": false
    },
    "webapi_port": null,
    "webapi_url": "https://mriqc.nimh.nih.gov/api/v1"
  },
  "qi_1": 0.0,
  "qi_2": 0.0001116346078782625,
  "rpve_csf": 23.917312259571297,
  "rpve_gm": 13.333721171122459,
  "rpve_wm": 17.192784398302013,
  "size_x": 180,
  "size_y": 240,
  "size_z": 240,
  "snr_csf": 2.4348723268136796,
  "snr_gm": 13.11386278626168,
  "snr_total": 16.099682891839425,
  "snr_wm": 32.75031356244292,
  "snrd_csf": 36.691903060578944,
  "snrd_gm": 101.79533864904724,
  "snrd_total": 91.74662819707795,
  "snrd_wm": 136.7526428816077,
  "spacing_x": 1.0,
  "spacing_y": 1.0,
  "spacing_z": 1.0,
  "summary_bg_k": 11.046805093852422,
  "summary_bg_mad": 0.0,
  "summary_bg_mean": 2.150100537825327,
  "summary_bg_median": 0.0,
  "summary_bg_n": 336812.0,
  "summary_bg_p05": 0.0,
  "summary_bg_p95": 13.458044081926346,
  "summary_bg_stdv": 4.790667029155043,
  "summary_csf_k": 0.6062931309224511,
  "summary_csf_mad": 91.78345965800686,
  "summary_csf_mean": 283.1067240487798,
  "summary_csf_median": 268.3085388466716,
  "summary_csf_n": 49369.0,
  "summary_csf_p05": 101.774215362221,
  "summary_csf_p95": 488.0245665282011,
  "summary_csf_stdv": 110.19297336436249,
  "summary_gm_k": 0.08461092404554105,
  "summary_gm_mad": 57.14850558778434,
  "summary_gm_mean": 744.8379342997207,
  "summary_gm_median": 744.3756332080811,
  "summary_gm_n": 32274.0,
  "summary_gm_p05": 653.3431800305843,
  "summary_gm_p95": 837.7408140264452,
  "summary_gm_stdv": 56.76162036506241,
  "summary_wm_k": 0.49186579653128426,
  "summary_wm_mad": 28.89848784159709,
  "summary_wm_mean": 999.8469655078962,
  "summary_wm_median": 999.9999655075371,
  "summary_wm_n": 197762.0,
  "summary_wm_p05": 949.4425799064338,
  "summary_wm_p95": 1049.4582775086164,
  "summary_wm_stdv": 30.53398054666605,
  "tpm_overlap_csf": 0.14680446965443475,
  "tpm_overlap_gm": 0.46672691684022527,
  "tpm_overlap_wm": 0.5280515443356159,
  "wm2max": 0.9233684733757223
}