{
  "bids_meta": {
    "AcquisitionMatrixPE": 240,
    "AcquisitionNumber": 5,
    "AcquisitionTime": "10:05:46.070000",
    "BodyPartExamined": "BRAIN",
    "CoilString": "MULTI_COIL",
    "ConversionSoftware": "dcm2niix",
    "ConversionSoftwareVersion": "v1.0.20190410  (JP2:OpenJPEG) GCC6.3.0",
    "Dcm2bidsVersion": "2.1.4",
    "DeviceSerialNumber": "42451",
    "EchoTime": 0.331,
    "EchoTrainLength": 117,
    "FlipAngle": 90,
    "ImageOrientationPatientDICOM": [
      0,
      1,
      0,
      0.000399225,
      0,
      -1
    ],
    "ImageType": [
      "ORIGINAL",
      "PRIMARY",
      "M",
      "SE",
      "M",
      "SE"
    ],
    "ImagingFrequency": 127.759,
    "InPlanePhaseEncodingDirectionDICOM": "ROW",
    "InstitutionAddress": "Calzada_Mexico_Xochimilco_No.101_Tlalpan",
    "InstitutionName": "I.N._Psiquiatria",
    "InstitutionalDepartmentName": "Imagenes_Cerebrales",
    "MRAcquisitionType": "3D",
    "MagneticFieldStrength": 3,
    "Manufacturer": "Philips",
    "ManufacturersModelName": "Ingenia",
    "Modality": "MR",
    "PatientPosition": "HFS",
    "PercentPhaseFOV": 100,
    "PhaseEncodingSteps": 240,
    "PhilipsRescaleIntercept": 0,
    "PhilipsRescaleSlope": 1.36654,
    "PhilipsScaleSlope": 0.00323584,
    "PixelBandwidth": 413,
    "ProcedureStepDescription": "PROTOCOLO_FIBROMIALGIA",
    "ProtocolName": "WIP_T2W",
    "ReconMatrixPE": 240,
    "RepetitionTime": 2.5,
    "SAR": 0.030152,
    "ScanOptions": "FS",
    "ScanningSequence": "SE",
    "SequenceVariant": "SK",
    "SeriesDescription": "T2W",
    "SeriesNumber": 501,
    "SliceThickness": 1,
    "SoftwareVersions": "5.3.1_5.3.1.0",
    "SpacingBetweenSlices": 1,
    "StationName": "PHILIPS-CTMFQSD",
    "UsePhilipsFloatNotDisplayScaling": 1,
    "dataset": "ds004144",
    "modality": "T2w",
    "subject_id": "014"
  },
  "cjv": 0.888641352996086,
  "cnr": 0.3593910094197967,
  "efc": 0.49769271264981546,
  "fber": -1.0,
  "fwhm_avg": 2.74846,
  "fwhm_x": 2.79677,
  "fwhm_y": 2.86383,
  "fwhm_z": 2.58478,
  "icvs_csf": 0.24550505092034097,
  "icvs_gm": 0.5346461290686293,
  "icvs_wm": 0.21984882001102968,
  "inu_med": 0.9701581597328186,
  "inu_range": 0.21162187457084647,
  "provenance": {
    "md5sum": "355cfe8b1a7b114dc11196c0bfcf17ef",
    "settings": {
      "testing": false
    },
    "software": "mriqc",
    "version": "23.0.0",
    "warnings": {
      "large_rot_frame": true,
      "small_air_mask": false
    },
    "webapi_port": null,
    "webapi_url": "https://mriqc.nimh.nih.gov/api/v1"
  },
  "qi_1": 0.016263362813903615,
  "qi_2": 9.740187605940779e-06,
  "rpve_csf": 21.003759767622633,
  "rpve_gm": 13.08978154634815,
  "rpve_wm": 31.054197295089843,
  "size_x": 180,
  "size_y": 240,
  "size_z": 240,
  "snr_csf": 9.196837011513798,
  "snr_gm": 12.283525851608692,
  "snr_total": 7.234565298482214,
  "snr_wm": 0.22333303232415178,
  "snrd_csf": 78.30732407359761,
  "snrd_gm": 51.287165495282274,
  "snrd_total": 49.74559147192696,
  "snrd_wm": 19.642284846901,
  "spacing_x": 1.0,
  "spacing_y": 1.0,
  "spacing_z": 1.0,
  "summary_bg_k": 326.62064296792096,
  "summary_bg_mad": 0.0,
  "summary_bg_mean": 10.554776573374449,
  "summary_bg_median": 0.0,
  "summary_bg_n": 1297588.0,
  "summary_bg_p05": 0.0,
  "summary_bg_p95": 50.17771124839783,
  "summary_bg_stdv": 33.48237565325711,
  "summary_csf_k": 1.0782484504172487,
  "summary_csf_mad": 394.75096579956556,
  "summary_csf_mean": 4028.108373483744,
  "summary_csf_median": 4002.0906196534634,
  "summary_csf_n": 8602.0,
  "summary_csf_p05": 3362.544328723103,
  "summary_csf_p95": 4784.8629151284695,
  "summary_csf_stdv": 435.1341643104046,
  "summary_gm_k": -0.12081763338449703,
  "summary_gm_mad": 220.7009718486774,
  "summary_gm_mean": 2614.9698922456355,
  "summary_gm_median": 2621.1581913381815,
  "summary_gm_n": 192882.0,
  "summary_gm_p05": 2256.3244158029556,
  "summary_gm_p95": 2949.8222000151873,
  "summary_gm_stdv": 213.38754265466486,
  "summary_wm_k": -1.5450696645807198,
  "summary_wm_mad": 1216.4901180058068,
  "summary_wm_mean": 4285.498184506019,
  "summary_wm_median": 1003.867835663259,
  "summary_wm_n": 59548.0,
  "summary_wm_p05": 184.61216263473034,
  "summary_wm_p95": 11246.560403279958,
  "summary_wm_stdv": 4494.898923445385,
  "tpm_overlap_csf": 0.11232203399600196,
  "tpm_overlap_gm": 0.34745337637908724,
  "tpm_overlap_wm": 0.03665459165585395,
  "wm2max": 0.08935516805289524
}