{
  "bids_meta": {
    "AcquisitionMatrixPE": 240,
    "AcquisitionNumber": 4,
    "AcquisitionTime": "10:02:5.910000",
    "BodyPartExamined": "BRAIN",
    "CoilString": "MULTI_COIL",
    "ConversionSoftware": "dcm2niix",
    "ConversionSoftwareVersion": "v1.0.20190410  (JP2:OpenJPEG) GCC6.3.0",
    "Dcm2bidsVersion": "2.1.4",
    "DeviceSerialNumber": "42451",
    "EchoTime": 0.0035,
    "EchoTrainLength": 240,
    "FlipAngle": 8,
    "ImageOrientationPatientDICOM": [
      0,
      1,
      0,
      0.000399225,
      0,
      -1
    ],
    "ImageType": [
      "ORIGINAL",
      "PRIMARY",
      "M",
      "FFE",
      "M",
      "FFE"
    ],
    "ImagingFrequency": 127.759,
    "InPlanePhaseEncodingDirectionDICOM": "ROW",
    "InstitutionAddress": "Calzada_Mexico_Xochimilco_No.101_Tlalpan",
    "InstitutionName": "I.N._Psiquiatria",
    "InstitutionalDepartmentName": "Imagenes_Cerebrales",
    "MRAcquisitionType": "3D",
    "MagneticFieldStrength": 3,
    "Manufacturer": "Philips",
    "ManufacturersModelName": "Ingenia",
    "Modality": "MR",
    "PatientPosition": "HFS",
    "PercentPhaseFOV": 100,
    "PhaseEncodingSteps": 240,
    "PhilipsRescaleIntercept": 0,
    "PhilipsRescaleSlope": 3.81832,
    "PhilipsScaleSlope": 0.00589445,
    "PixelBandwidth": 310,
    "ProcedureStepDescription": "PROTOCOLO_FIBROMIALGIA",
    "ProtocolName": "WIP_T1W",
    "ReconMatrixPE": 240,
    "RepetitionTime": 0.007,
    "SAR": 0.0382114,
    "ScanOptions": "OTHER",
    "ScanningSequence": "GR",
    "SequenceVariant": "MP",
    "SeriesDescription": "T1W",
    "SeriesNumber": 401,
    "SliceThickness": 1,
    "SoftwareVersions": "5.3.1_5.3.1.0",
    "SpacingBetweenSlices": 1,
    "StationName": "PHILIPS-CTMFQSD",
    "UsePhilipsFloatNotDisplayScaling": 1,
    "dataset": "ds004144",
    "modality": "T1w",
    "subject_id": "014"
  },
  "cjv": 0.35028784365854343,
  "cnr": 3.76626661489692,
  "efc": 0.6589550470878709,
  "fber": -1.0,
  "fwhm_avg": 4.744713333333334,
  "fwhm_x": 4.59194,
  "fwhm_y": 5.11373,
  "fwhm_z": 4.52847,
  "icvs_csf": 0.2123123514134684,
  "icvs_gm": 0.40541323623610176,
  "icvs_wm": 0.38227441235042986,
  "inu_med": 0.3758934736251831,
  "inu_range": 0.12732624560594552,
  "provenance": {
    "md5sum": "d0c5b17bd3181790058195dbd9fbb473",
    "settings": {
      "testing": false
    },
    "software": "mriqc",
    "version": "23.0.0",
    "warnings": {
      "large_rot_frame": true,
      "small_air_mask": false
    },
    "webapi_port": null,
    "webapi_url": "https://mriqc.nimh.nih.gov/api/v1"
  },
  "qi_1": 0.00407574700752752,
  "qi_2": 3.00152333191689e-05,
  "rpve_csf": 29.27340949407507,
  "rpve_gm": 15.231142091662742,
  "rpve_wm": 18.902614508578054,
  "size_x": 180,
  "size_y": 240,
  "size_z": 240,
  "snr_csf": 1.858574165648135,
  "snr_gm": 12.621615370390595,
  "snr_total": 14.917498401997653,
  "snr_wm": 30.272305669954232,
  "snrd_csf": 34.812922508638,
  "snrd_gm": 101.30985613008485,
  "snrd_total": 90.72209653348135,
  "snrd_wm": 136.04351096172118,
  "spacing_x": 1.0,
  "spacing_y": 1.0,
  "spacing_z": 1.0,
  "summary_bg_k": 12.128467916843258,
  "summary_bg_mad": 0.0,
  "summary_bg_mean": 2.1300213998891775,
  "summary_bg_median": 0.0,
  "summary_bg_n": 548917.0,
  "summary_bg_p05": 0.0,
  "summary_bg_p95": 12.2889169678092,
  "summary_bg_stdv": 4.815638844725683,
  "summary_csf_k": -0.6424468870004056,
  "summary_csf_mad": 165.9709094286982,
  "summary_csf_mean": 241.29576344095292,
  "summary_csf_median": 255.89550806675106,
  "summary_csf_n": 36956.0,
  "summary_csf_p05": 44.24010108411312,
  "summary_csf_p95": 464.0602269968949,
  "summary_csf_stdv": 137.68191262333534,
  "summary_gm_k": 0.17379906564272884,
  "summary_gm_mad": 57.642967502916854,
  "summary_gm_mean": 743.5930802515616,
  "summary_gm_median": 744.687180461362,
  "summary_gm_n": 32207.0,
  "summary_gm_p05": 644.8778681160882,
  "summary_gm_p95": 838.2884709591045,
  "summary_gm_stdv": 59.00002476436512,
  "summary_wm_k": 0.3513064866191469,
  "summary_wm_mad": 31.790018045205372,
  "summary_wm_mean": 1000.7536403066208,
  "summary_wm_median": 1000.0000243615359,
  "summary_wm_n": 175111.0,
  "summary_wm_p05": 947.4543104302138,
  "summary_wm_p95": 1055.5332163833082,
  "summary_wm_stdv": 33.03339956751768,
  "tpm_overlap_csf": 0.13516888812240008,
  "tpm_overlap_gm": 0.4685689378656966,
  "tpm_overlap_wm": 0.5111705425748845,
  "wm2max": 0.9097690648273746
}