{
  "aor": 0.0007885666666666666,
  "aqi": 0.015013273066666664,
  "bids_meta": {
    "AcquisitionMatrixPE": 78,
    "AcquisitionNumber": 3,
    "AcquisitionTime": "10:55:34.630000",
    "BodyPartExamined": "BRAIN",
    "CoilString": "MULTI_COIL",
    "ConversionSoftware": "dcm2niix",
    "ConversionSoftwareVersion": "v1.0.20190410  (JP2:OpenJPEG) GCC6.3.0",
    "Dcm2bidsVersion": "2.1.4",
    "DeviceSerialNumber": "42451",
    "EchoTime": 0.030001,
    "EchoTrainLength": 39,
    "FlipAngle": 75,
    "ImageOrientationPatientDICOM": [
      1,
      0,
      0.000648852,
      0,
      1,
      0
    ],
    "ImageType": [
      "ORIGINAL",
      "PRIMARY",
      "M",
      "FFE",
      "M",
      "FFE"
    ],
    "ImagingFrequency": 127.759,
    "InPlanePhaseEncodingDirectionDICOM": "COL",
    "InstitutionAddress": "Calzada_Mexico_Xochimilco_No.101_Tlalpan",
    "InstitutionName": "I.N._Psiquiatria",
    "InstitutionalDepartmentName": "Imagenes_Cerebrales",
    "MRAcquisitionType": "2D",
    "MagneticFieldStrength": 3,
    "Manufacturer": "Philips",
    "ManufacturersModelName": "Ingenia",
    "Modality": "MR",
    "PartialFourier": 0.5,
    "PatientPosition": "HFS",
    "PercentPhaseFOV": 100,
    "PhaseEncodingAxis": "j",
    "PhaseEncodingSteps": 78,
    "PhilipsRescaleIntercept": 0,
    "PhilipsRescaleSlope": 0.775824,
    "PhilipsScaleSlope": 0.0283026,
    "PixelBandwidth": 2071,
    "ProcedureStepDescription": "PROTOCOLO_FIBROMIALGIA",
    "ProtocolName": "WIP_RESTING_STATE_10m",
    "ReconMatrixPE": 80,
    "RepetitionTime": 2,
    "SAR": 0.117583,
    "ScanOptions": "FS",
    "ScanningSequence": "GR",
    "SequenceVariant": "SK",
    "SeriesDescription": "RESTING_STATE_10m",
    "SeriesNumber": 301,
    "SliceThickness": 3,
    "SliceTiming": [
      0,
      1.027027,
      0.054054,
      1.081081,
      0.108108,
      1.13513,
      0.162162,
      1.189189,
      0.216216,
      1.243244,
      0.27027,
      1.297298,
      0.324324,
      1.351352,
      0.378378,
      1.405406,
      0.432432,
      1.45946,
      0.486486,
      1.513514,
      0.540541,
      1.567568,
      0.594595,
      1.621622,
      0.648649,
      1.675676,
      0.702703,
      1.72973,
      0.756757,
      1.783784,
      0.810811,
      1.837838,
      0.864865,
      1.891892,
      0.918919,
      1.945947,
      0.972973
    ],
    "SoftwareVersions": "5.3.1_5.3.1.0",
    "SpacingBetweenSlices": 3,
    "StationName": "PHILIPS-CTMFQSD",
    "TaskName": "rest",
    "UsePhilipsFloatNotDisplayScaling": 1,
    "dataset": "ds004144",
    "modality": "bold",
    "subject_id": "063",
    "task_id": "rest"
  },
  "dummy_trs": 0,
  "dvars_nstd": 27.847220991605347,
  "dvars_std": 1.1941406643812722,
  "dvars_vstd": 0.9342055686622069,
  "efc": 0.3915903285591816,
  "fber": 130910.9296875,
  "fd_mean": 0.08388184124159465,
  "fd_num": 16,
  "fd_perc": 5.333333333333333,
  "fwhm_avg": 1.951538888888889,
  "fwhm_x": 1.8543466666666666,
  "fwhm_y": 2.0697300000000003,
  "fwhm_z": 1.93054,
  "gcor": 0.0732917,
  "gsr_x": -0.01578650064766407,
  "gsr_y": 0.008668632246553898,
  "provenance": {
    "md5sum": "8610b607201687b52ccc3084f456dd24",
    "settings": {
      "fd_thres": 0.2,
      "testing": false
    },
    "software": "mriqc",
    "version": "23.0.0",
    "webapi_port": null,
    "webapi_url": "https://mriqc.nimh.nih.gov/api/v1"
  },
  "size_t": 300,
  "size_x": 80,
  "size_y": 80,
  "size_z": 37,
  "snr": 5.878444915817344,
  "spacing_tr": 2.0000016689300537,
  "spacing_x": 3.0,
  "spacing_y": 3.0,
  "spacing_z": 3.0,
  "summary_bg_k": 87.70339889883475,
  "summary_bg_mad": 166.5567494240517,
  "summary_bg_mean": 914.4600830078125,
  "summary_bg_median": 147.00975036621094,
  "summary_bg_n": 166673.0,
  "summary_bg_p05": 13.959836196899415,
  "summary_bg_p95": 4144.122851562499,
  "summary_bg_stdv": 2512.85693359375,
  "summary_fg_k": 2.188605080433624,
  "summary_fg_mad": 8278.729168422044,
  "summary_fg_mean": 55375.75,
  "summary_fg_median": 55029.80078125,
  "summary_fg_n": 30668.0,
  "summary_fg_p05": 40933.280078125,
  "summary_fg_p95": 70713.94296874997,
  "summary_fg_stdv": 9361.1328125,
  "tsnr": 47.2493782043457
}