{
  "aor": 0.0030790167865707425,
  "aqi": 0.02809029376498801,
  "bids_meta": {
    "AcquisitionMatrixPE": 78,
    "AcquisitionNumber": 8,
    "AcquisitionTime": "13:08:58.900000",
    "BodyPartExamined": "BRAIN",
    "CoilString": "MULTI_COIL",
    "ConversionSoftware": "dcm2niix",
    "ConversionSoftwareVersion": "v1.0.20190410  (JP2:OpenJPEG) GCC6.3.0",
    "Dcm2bidsVersion": "2.1.4",
    "DeviceSerialNumber": "42451",
    "EchoTime": 0.030001,
    "EchoTrainLength": 39,
    "FlipAngle": 75,
    "ImageOrientationPatientDICOM": [
      0.999993,
      0,
      -0.00362181,
      0,
      1,
      0
    ],
    "ImageType": [
      "ORIGINAL",
      "PRIMARY",
      "M",
      "FFE",
      "M",
      "FFE"
    ],
    "ImagingFrequency": 127.759,
    "InPlanePhaseEncodingDirectionDICOM": "COL",
    "InstitutionAddress": "Calzada_Mexico_Xochimilco_No.101_Tlalpan",
    "InstitutionName": "I.N._Psiquiatria",
    "InstitutionalDepartmentName": "Imagenes_Cerebrales",
    "MRAcquisitionType": "2D",
    "MagneticFieldStrength": 3,
    "Manufacturer": "Philips",
    "ManufacturersModelName": "Ingenia",
    "Modality": "MR",
    "PartialFourier": 0.5,
    "PatientPosition": "HFS",
    "PercentPhaseFOV": 100,
    "PhaseEncodingAxis": "j",
    "PhaseEncodingSteps": 78,
    "PhilipsRescaleIntercept": 0,
    "PhilipsRescaleSlope": 0.765568,
    "PhilipsScaleSlope": 0.0263453,
    "PixelBandwidth": 2071,
    "ProcedureStepDescription": "PROTOCOLO_FIBROMIALGIA",
    "ProtocolName": "WIP_TASK_FMRI",
    "ReconMatrixPE": 80,
    "RepetitionTime": 2,
    "SAR": 0.117749,
    "ScanOptions": "FS",
    "ScanningSequence": "GR",
    "SequenceVariant": "SK",
    "SeriesDescription": "TASK_FMRI",
    "SeriesNumber": 801,
    "SliceThickness": 3,
    "SliceTiming": [
      0,
      1.027027,
      0.054054,
      1.081081,
      0.108108,
      1.13513,
      0.162162,
      1.189189,
      0.216216,
      1.243244,
      0.27027,
      1.297298,
      0.324324,
      1.351352,
      0.378378,
      1.405406,
      0.432432,
      1.45946,
      0.486486,
      1.513514,
      0.540541,
      1.567568,
      0.594595,
      1.621622,
      0.648649,
      1.675676,
      0.702703,
      1.72973,
      0.756757,
      1.783784,
      0.810811,
      1.837838,
      0.864865,
      1.891892,
      0.918919,
      1.945947,
      0.972973
    ],
    "SoftwareVersions": "5.3.1_5.3.1.0",
    "SpacingBetweenSlices": 3,
    "StationName": "PHILIPS-CTMFQSD",
    "TaskName": "epr",
    "UsePhilipsFloatNotDisplayScaling": 1,
    "dataset": "ds004144",
    "modality": "bold",
    "subject_id": "039",
    "task_id": "epr"
  },
  "dummy_trs": 0,
  "dvars_nstd": 34.46687833693878,
  "dvars_std": 1.2012559894717891,
  "dvars_vstd": 0.9350141581032425,
  "efc": 0.4066672845860095,
  "fber": 90154.5390625,
  "fd_mean": 0.21016985819603626,
  "fd_num": 202,
  "fd_perc": 24.22062350119904,
  "fwhm_avg": 2.022787777777778,
  "fwhm_x": 1.9122633333333334,
  "fwhm_y": 2.2281733333333333,
  "fwhm_z": 1.9279266666666668,
  "gcor": 0.0569124,
  "gsr_x": -0.021244611591100693,
  "gsr_y": 0.019517872482538223,
  "provenance": {
    "md5sum": "9067f9938bfad62bf94cdc4dce63da57",
    "settings": {
      "fd_thres": 0.2,
      "testing": false
    },
    "software": "mriqc",
    "version": "23.0.0",
    "webapi_port": null,
    "webapi_url": "https://mriqc.nimh.nih.gov/api/v1"
  },
  "size_t": 834,
  "size_x": 80,
  "size_y": 80,
  "size_z": 37,
  "snr": 4.458852149975926,
  "spacing_tr": 2.0000016689300537,
  "spacing_x": 3.0,
  "spacing_y": 3.0,
  "spacing_z": 3.0,
  "summary_bg_k": 93.64236099645625,
  "summary_bg_mad": 217.30554400338156,
  "summary_bg_mean": 1204.746337890625,
  "summary_bg_median": 180.89215087890625,
  "summary_bg_n": 164456.0,
  "summary_bg_p05": 16.962249279022217,
  "summary_bg_p95": 5439.8414306640625,
  "summary_bg_stdv": 3427.427734375,
  "summary_fg_k": 2.6837866504377415,
  "summary_fg_mad": 9667.301974350861,
  "summary_fg_mean": 55269.60546875,
  "summary_fg_median": 54756.12890625,
  "summary_fg_n": 32723.0,
  "summary_fg_p05": 36191.33515625,
  "summary_fg_p95": 75758.73593749998,
  "summary_fg_stdv": 12280.1318359375,
  "tsnr": 26.147212982177734
}