{
  "aor": 0.0010249666666666665,
  "aqi": 0.009591815866666667,
  "bids_meta": {
    "AcquisitionMatrixPE": 78,
    "AcquisitionNumber": 4,
    "AcquisitionTime": "12:43:14.220000",
    "BodyPartExamined": "BRAIN",
    "CoilString": "MULTI_COIL",
    "ConversionSoftware": "dcm2niix",
    "ConversionSoftwareVersion": "v1.0.20190410  (JP2:OpenJPEG) GCC6.3.0",
    "Dcm2bidsVersion": "2.1.4",
    "DeviceSerialNumber": "42451",
    "EchoTime": 0.030001,
    "EchoTrainLength": 39,
    "FlipAngle": 75,
    "ImageOrientationPatientDICOM": [
      0.999993,
      0,
      -0.00362181,
      0,
      1,
      0
    ],
    "ImageType": [
      "ORIGINAL",
      "PRIMARY",
      "M",
      "FFE",
      "M",
      "FFE"
    ],
    "ImagingFrequency": 127.759,
    "InPlanePhaseEncodingDirectionDICOM": "COL",
    "InstitutionAddress": "Calzada_Mexico_Xochimilco_No.101_Tlalpan",
    "InstitutionName": "I.N._Psiquiatria",
    "InstitutionalDepartmentName": "Imagenes_Cerebrales",
    "MRAcquisitionType": "2D",
    "MagneticFieldStrength": 3,
    "Manufacturer": "Philips",
    "ManufacturersModelName": "Ingenia",
    "Modality": "MR",
    "PartialFourier": 0.5,
    "PatientPosition": "HFS",
    "PercentPhaseFOV": 100,
    "PhaseEncodingAxis": "j",
    "PhaseEncodingSteps": 78,
    "PhilipsRescaleIntercept": 0,
    "PhilipsRescaleSlope": 0.777289,
    "PhilipsScaleSlope": 0.0252879,
    "PixelBandwidth": 2071,
    "ProcedureStepDescription": "PROTOCOLO_FIBROMIALGIA",
    "ProtocolName": "WIP_RESTING_STATE_10m",
    "ReconMatrixPE": 80,
    "RepetitionTime": 2,
    "SAR": 0.117654,
    "ScanOptions": "FS",
    "ScanningSequence": "GR",
    "SequenceVariant": "SK",
    "SeriesDescription": "RESTING_STATE_10m",
    "SeriesNumber": 401,
    "SliceThickness": 3,
    "SliceTiming": [
      0,
      1.027027,
      0.054054,
      1.081081,
      0.108108,
      1.13513,
      0.162162,
      1.189189,
      0.216216,
      1.243244,
      0.27027,
      1.297298,
      0.324324,
      1.351352,
      0.378378,
      1.405406,
      0.432432,
      1.45946,
      0.486486,
      1.513514,
      0.540541,
      1.567568,
      0.594595,
      1.621622,
      0.648649,
      1.675676,
      0.702703,
      1.72973,
      0.756757,
      1.783784,
      0.810811,
      1.837838,
      0.864865,
      1.891892,
      0.918919,
      1.945947,
      0.972973
    ],
    "SoftwareVersions": "5.3.1_5.3.1.0",
    "SpacingBetweenSlices": 3,
    "StationName": "PHILIPS-CTMFQSD",
    "TaskName": "rest",
    "UsePhilipsFloatNotDisplayScaling": 1,
    "dataset": "ds004144",
    "modality": "bold",
    "subject_id": "039",
    "task_id": "rest"
  },
  "dummy_trs": 0,
  "dvars_nstd": 31.72537845759198,
  "dvars_std": 1.2864494157525088,
  "dvars_vstd": 0.9502844406354517,
  "efc": 0.40337685655558775,
  "fber": 117872.0234375,
  "fd_mean": 0.11192743973844498,
  "fd_num": 16,
  "fd_perc": 5.333333333333333,
  "fwhm_avg": 1.9523655555555555,
  "fwhm_x": 1.8467133333333334,
  "fwhm_y": 2.1270233333333333,
  "fwhm_z": 1.88336,
  "gcor": 0.121695,
  "gsr_x": -0.020639291033148766,
  "gsr_y": 0.01891237311065197,
  "provenance": {
    "md5sum": "47a315dcb5f844c1315424b7d48cd713",
    "settings": {
      "fd_thres": 0.2,
      "testing": false
    },
    "software": "mriqc",
    "version": "23.0.0",
    "webapi_port": null,
    "webapi_url": "https://mriqc.nimh.nih.gov/api/v1"
  },
  "size_t": 300,
  "size_x": 80,
  "size_y": 80,
  "size_z": 37,
  "snr": 4.552791216900466,
  "spacing_tr": 2.0000016689300537,
  "spacing_x": 3.0,
  "spacing_y": 3.0,
  "spacing_z": 3.0,
  "summary_bg_k": 107.25463086485092,
  "summary_bg_mad": 181.32675211228803,
  "summary_bg_mean": 1126.8870849609375,
  "summary_bg_median": 153.28981018066406,
  "summary_bg_n": 164625.0,
  "summary_bg_p05": 11.489757728576661,
  "summary_bg_p95": 4985.904492187495,
  "summary_bg_stdv": 3399.73828125,
  "summary_fg_k": 3.0874518285952135,
  "summary_fg_mad": 8974.463425115464,
  "summary_fg_mean": 54989.26953125,
  "summary_fg_median": 54274.6796875,
  "summary_fg_n": 32564.0,
  "summary_fg_p05": 36954.1041015625,
  "summary_fg_p95": 75190.36406249998,
  "summary_fg_stdv": 11921.0048828125,
  "tsnr": 46.65073013305664
}