{
  "aor": 0.0040035,
  "aqi": 0.026264992333333334,
  "bids_meta": {
    "AcquisitionMatrixPE": 78,
    "AcquisitionNumber": 3,
    "AcquisitionTime": "09:11:3.630000",
    "BodyPartExamined": "BRAIN",
    "CoilString": "MULTI_COIL",
    "ConversionSoftware": "dcm2niix",
    "ConversionSoftwareVersion": "v1.0.20190410  (JP2:OpenJPEG) GCC6.3.0",
    "Dcm2bidsVersion": "2.1.4",
    "DeviceSerialNumber": "42451",
    "EchoTime": 0.030001,
    "EchoTrainLength": 39,
    "FlipAngle": 75,
    "ImageOrientationPatientDICOM": [
      0.999993,
      0,
      -0.00362181,
      0,
      1,
      0
    ],
    "ImageType": [
      "ORIGINAL",
      "PRIMARY",
      "M",
      "FFE",
      "M",
      "FFE"
    ],
    "ImagingFrequency": 127.759,
    "InPlanePhaseEncodingDirectionDICOM": "COL",
    "InstitutionAddress": "Calzada_Mexico_Xochimilco_No.101_Tlalpan",
    "InstitutionName": "I.N._Psiquiatria",
    "InstitutionalDepartmentName": "Imagenes_Cerebrales",
    "MRAcquisitionType": "2D",
    "MagneticFieldStrength": 3,
    "Manufacturer": "Philips",
    "ManufacturersModelName": "Ingenia",
    "Modality": "MR",
    "PartialFourier": 0.5,
    "PatientPosition": "HFS",
    "PercentPhaseFOV": 100,
    "PhaseEncodingAxis": "j",
    "PhaseEncodingSteps": 78,
    "PhilipsRescaleIntercept": 0,
    "PhilipsRescaleSlope": 0.7663,
    "PhilipsScaleSlope": 0.0225785,
    "PixelBandwidth": 2071,
    "ProcedureStepDescription": "PROTOCOLO_FIBROMIALGIA",
    "ProtocolName": "WIP_RESTING_STATE_10m",
    "ReconMatrixPE": 80,
    "RepetitionTime": 2,
    "SAR": 0.117654,
    "ScanOptions": "FS",
    "ScanningSequence": "GR",
    "SequenceVariant": "SK",
    "SeriesDescription": "RESTING_STATE_10m",
    "SeriesNumber": 301,
    "SliceThickness": 3,
    "SliceTiming": [
      0,
      1.027027,
      0.054054,
      1.081081,
      0.108108,
      1.13513,
      0.162162,
      1.189189,
      0.216216,
      1.243244,
      0.27027,
      1.297298,
      0.324324,
      1.351352,
      0.378378,
      1.405406,
      0.432432,
      1.45946,
      0.486486,
      1.513514,
      0.540541,
      1.567568,
      0.594595,
      1.621622,
      0.648649,
      1.675676,
      0.702703,
      1.72973,
      0.756757,
      1.783784,
      0.810811,
      1.837838,
      0.864865,
      1.891892,
      0.918919,
      1.945947,
      0.972973
    ],
    "SoftwareVersions": "5.3.1_5.3.1.0",
    "SpacingBetweenSlices": 3,
    "StationName": "PHILIPS-CTMFQSD",
    "TaskName": "rest",
    "UsePhilipsFloatNotDisplayScaling": 1,
    "dataset": "ds004144",
    "modality": "bold",
    "subject_id": "030",
    "task_id": "rest"
  },
  "dummy_trs": 0,
  "dvars_nstd": 37.23569209749162,
  "dvars_std": 1.0545262107692315,
  "dvars_vstd": 0.9338173258862872,
  "efc": 0.37858020291875727,
  "fber": 124745.734375,
  "fd_mean": 0.43597709139751867,
  "fd_num": 192,
  "fd_perc": 64.0,
  "fwhm_avg": 1.8852422222222225,
  "fwhm_x": 1.76583,
  "fwhm_y": 2.0,
  "fwhm_z": 1.8898966666666668,
  "gcor": 0.067128,
  "gsr_x": -0.01950191520154476,
  "gsr_y": 0.0158179122954607,
  "provenance": {
    "md5sum": "58aca4b0d0210ac16d27bb73f2e8cd16",
    "settings": {
      "fd_thres": 0.2,
      "testing": false
    },
    "software": "mriqc",
    "version": "23.0.0",
    "webapi_port": null,
    "webapi_url": "https://mriqc.nimh.nih.gov/api/v1"
  },
  "size_t": 300,
  "size_x": 80,
  "size_y": 80,
  "size_z": 37,
  "snr": 5.379497998029685,
  "spacing_tr": 2.0000016689300537,
  "spacing_x": 3.0,
  "spacing_y": 3.0,
  "spacing_z": 3.0,
  "summary_bg_k": 133.810040700895,
  "summary_bg_mad": 175.86058396284378,
  "summary_bg_mean": 1227.4730224609375,
  "summary_bg_median": 176.17825317382812,
  "summary_bg_n": 169681.0,
  "summary_bg_p05": 20.182043075561523,
  "summary_bg_p95": 5396.18408203125,
  "summary_bg_stdv": 4395.2685546875,
  "summary_fg_k": 2.4678240363313533,
  "summary_fg_mad": 9850.808747380426,
  "summary_fg_mean": 65194.390625,
  "summary_fg_median": 64331.0859375,
  "summary_fg_n": 27660.0,
  "summary_fg_p05": 47836.2677734375,
  "summary_fg_p95": 85835.264453125,
  "summary_fg_stdv": 11958.3505859375,
  "tsnr": 31.630908966064453
}