{
  "aor": 0.0025191007194244604,
  "aqi": 0.027076540047961627,
  "bids_meta": {
    "AcquisitionMatrixPE": 78,
    "AcquisitionNumber": 9,
    "AcquisitionTime": "09:53:7.470000",
    "BodyPartExamined": "BRAIN",
    "CoilString": "MULTI_COIL",
    "ConversionSoftware": "dcm2niix",
    "ConversionSoftwareVersion": "v1.0.20190410  (JP2:OpenJPEG) GCC6.3.0",
    "Dcm2bidsVersion": "2.1.4",
    "DeviceSerialNumber": "42451",
    "EchoTime": 0.030001,
    "EchoTrainLength": 39,
    "FlipAngle": 75,
    "ImageOrientationPatientDICOM": [
      0.999993,
      0,
      -0.00362181,
      0,
      1,
      0
    ],
    "ImageType": [
      "ORIGINAL",
      "PRIMARY",
      "M",
      "FFE",
      "M",
      "FFE"
    ],
    "ImagingFrequency": 127.759,
    "InPlanePhaseEncodingDirectionDICOM": "COL",
    "InstitutionAddress": "Calzada_Mexico_Xochimilco_No.101_Tlalpan",
    "InstitutionName": "I.N._Psiquiatria",
    "InstitutionalDepartmentName": "Imagenes_Cerebrales",
    "MRAcquisitionType": "2D",
    "MagneticFieldStrength": 3,
    "Manufacturer": "Philips",
    "ManufacturersModelName": "Ingenia",
    "Modality": "MR",
    "PartialFourier": 0.5,
    "PatientPosition": "HFS",
    "PercentPhaseFOV": 100,
    "PhaseEncodingAxis": "j",
    "PhaseEncodingSteps": 78,
    "PhilipsRescaleIntercept": 0,
    "PhilipsRescaleSlope": 0.753114,
    "PhilipsScaleSlope": 0.0231668,
    "PixelBandwidth": 2071,
    "ProcedureStepDescription": "PROTOCOLO_FIBROMIALGIA",
    "ProtocolName": "WIP_TASK_FMRI",
    "ReconMatrixPE": 80,
    "RepetitionTime": 2,
    "SAR": 0.117749,
    "ScanOptions": "FS",
    "ScanningSequence": "GR",
    "SequenceVariant": "SK",
    "SeriesDescription": "TASK_FMRI",
    "SeriesNumber": 901,
    "SliceThickness": 3,
    "SliceTiming": [
      0,
      1.027027,
      0.054054,
      1.081081,
      0.108108,
      1.13513,
      0.162162,
      1.189189,
      0.216216,
      1.243244,
      0.27027,
      1.297298,
      0.324324,
      1.351352,
      0.378378,
      1.405406,
      0.432432,
      1.45946,
      0.486486,
      1.513514,
      0.540541,
      1.567568,
      0.594595,
      1.621622,
      0.648649,
      1.675676,
      0.702703,
      1.72973,
      0.756757,
      1.783784,
      0.810811,
      1.837838,
      0.864865,
      1.891892,
      0.918919,
      1.945947,
      0.972973
    ],
    "SoftwareVersions": "5.3.1_5.3.1.0",
    "SpacingBetweenSlices": 3,
    "StationName": "PHILIPS-CTMFQSD",
    "TaskName": "epr",
    "UsePhilipsFloatNotDisplayScaling": 1,
    "dataset": "ds004144",
    "modality": "bold",
    "subject_id": "030",
    "task_id": "epr"
  },
  "dummy_trs": 0,
  "dvars_nstd": 33.55790305411769,
  "dvars_std": 1.0601314930972392,
  "dvars_vstd": 0.9058240104201681,
  "efc": 0.37882215748419584,
  "fber": 127942.84375,
  "fd_mean": 0.34435429216613417,
  "fd_num": 426,
  "fd_perc": 51.07913669064748,
  "fwhm_avg": 1.9849911111111112,
  "fwhm_x": 1.85975,
  "fwhm_y": 2.09174,
  "fwhm_z": 2.003483333333333,
  "gcor": 0.0539032,
  "gsr_x": -0.020441684871912003,
  "gsr_y": 0.01633697748184204,
  "provenance": {
    "md5sum": "bcbccc3dd9275850a9ad5cc868833445",
    "settings": {
      "fd_thres": 0.2,
      "testing": false
    },
    "software": "mriqc",
    "version": "23.0.0",
    "webapi_port": null,
    "webapi_url": "https://mriqc.nimh.nih.gov/api/v1"
  },
  "size_t": 834,
  "size_x": 80,
  "size_y": 80,
  "size_z": 37,
  "snr": 5.160713232273709,
  "spacing_tr": 2.0000016689300537,
  "spacing_x": 3.0,
  "spacing_y": 3.0,
  "spacing_z": 3.0,
  "summary_bg_k": 112.28472357225864,
  "summary_bg_mad": 182.47926913113332,
  "summary_bg_mean": 1217.9697265625,
  "summary_bg_median": 178.85012817382812,
  "summary_bg_n": 169606.0,
  "summary_bg_p05": 24.424866199493408,
  "summary_bg_p95": 5576.458251953125,
  "summary_bg_stdv": 4073.562744140625,
  "summary_fg_k": 1.8550402295696733,
  "summary_fg_mad": 11163.114410279944,
  "summary_fg_mean": 66984.546875,
  "summary_fg_median": 66439.921875,
  "summary_fg_n": 27635.0,
  "summary_fg_p05": 47543.951953125,
  "summary_fg_p95": 88862.39296874999,
  "summary_fg_stdv": 12873.94140625,
  "tsnr": 27.27315330505371
}