{
  "bids_meta": {
    "AcquisitionMatrixPE": 240,
    "AcquisitionNumber": 7,
    "AcquisitionTime": "10:57:56.840000",
    "BodyPartExamined": "BRAIN",
    "CoilString": "MULTI_COIL",
    "ConversionSoftware": "dcm2niix",
    "ConversionSoftwareVersion": "v1.0.20190410  (JP2:OpenJPEG) GCC6.3.0",
    "Dcm2bidsVersion": "2.1.4",
    "DeviceSerialNumber": "42451",
    "EchoTime": 0.0035,
    "EchoTrainLength": 240,
    "FlipAngle": 8,
    "ImageOrientationPatientDICOM": [
      0,
      1,
      0,
      -0.00362181,
      0,
      -0.999993
    ],
    "ImageType": [
      "ORIGINAL",
      "PRIMARY",
      "M",
      "FFE",
      "M",
      "FFE"
    ],
    "ImagingFrequency": 127.76,
    "InPlanePhaseEncodingDirectionDICOM": "ROW",
    "InstitutionAddress": "Calzada_Mexico_Xochimilco_No.101_Tlalpan",
    "InstitutionName": "I.N._Psiquiatria",
    "InstitutionalDepartmentName": "Imagenes_Cerebrales",
    "MRAcquisitionType": "3D",
    "MagneticFieldStrength": 3,
    "Manufacturer": "Philips",
    "ManufacturersModelName": "Ingenia",
    "Modality": "MR",
    "PatientPosition": "HFS",
    "PercentPhaseFOV": 100,
    "PhaseEncodingSteps": 240,
    "PhilipsRescaleIntercept": 0,
    "PhilipsRescaleSlope": 20.3685,
    "PhilipsScaleSlope": 0.00601604,
    "PixelBandwidth": 310,
    "ProcedureStepDescription": "FIBROMIALGIA",
    "ProtocolName": "WIP_T1W",
    "ReconMatrixPE": 240,
    "RepetitionTime": 0.007,
    "SAR": 0.0382114,
    "ScanOptions": "OTHER",
    "ScanningSequence": "GR",
    "SequenceVariant": "MP",
    "SeriesDescription": "T1W",
    "SeriesNumber": 701,
    "SliceThickness": 1,
    "SoftwareVersions": "5.3.1_5.3.1.0",
    "SpacingBetweenSlices": 1,
    "StationName": "PHILIPS-CTMFQSD",
    "UsePhilipsFloatNotDisplayScaling": 1,
    "dataset": "ds004144",
    "modality": "T1w",
    "subject_id": "018"
  },
  "cjv": 0.35412908815827016,
  "cnr": 3.8361511091500393,
  "efc": 0.6782730438003374,
  "fber": -1.0,
  "fwhm_avg": 4.4496633333333335,
  "fwhm_x": 4.38739,
  "fwhm_y": 4.73658,
  "fwhm_z": 4.22502,
  "icvs_csf": 0.22287309083814127,
  "icvs_gm": 0.41023448943790836,
  "icvs_wm": 0.36689241972395037,
  "inu_med": 0.4289553463459015,
  "inu_range": 0.16196616590023044,
  "provenance": {
    "md5sum": "f786ff021ccca2ecd4aa5eac039806eb",
    "settings": {
      "testing": false
    },
    "software": "mriqc",
    "version": "23.0.0",
    "warnings": {
      "large_rot_frame": true,
      "small_air_mask": false
    },
    "webapi_port": null,
    "webapi_url": "https://mriqc.nimh.nih.gov/api/v1"
  },
  "qi_1": 0.0,
  "qi_2": 3.9061877397323453e-05,
  "rpve_csf": 23.095831538903244,
  "rpve_gm": 12.59158601249729,
  "rpve_wm": 16.38663524391118,
  "size_x": 180,
  "size_y": 240,
  "size_z": 240,
  "snr_csf": 2.879163237232583,
  "snr_gm": 14.767129919033101,
  "snr_total": 15.101557139389177,
  "snr_wm": 27.658378261901845,
  "snrd_csf": 33.74314916476324,
  "snrd_gm": 79.75345046188686,
  "snrd_total": 72.90531256654025,
  "snrd_wm": 105.21933807297064,
  "spacing_x": 1.0,
  "spacing_y": 1.0,
  "spacing_z": 1.0,
  "summary_bg_k": 11.577393095351114,
  "summary_bg_mad": 0.0,
  "summary_bg_mean": 2.7039470618234436,
  "summary_bg_median": 0.0,
  "summary_bg_n": 604506.0,
  "summary_bg_p05": 0.0,
  "summary_bg_p95": 16.343841215595603,
  "summary_bg_stdv": 6.22654239749064,
  "summary_csf_k": 0.8386483159690883,
  "summary_csf_mad": 86.29913745122322,
  "summary_csf_mean": 324.9413670594161,
  "summary_csf_median": 320.70138203166425,
  "summary_csf_n": 44580.0,
  "summary_csf_p05": 108.77706763520837,
  "summary_csf_p95": 518.9864013195968,
  "summary_csf_stdv": 111.3857599125924,
  "summary_gm_k": 0.07949480251066365,
  "summary_gm_mad": 52.02951831848353,
  "summary_gm_mean": 757.0055797405071,
  "summary_gm_median": 757.9921381976455,
  "summary_gm_n": 25446.0,
  "summary_gm_p05": 671.8211574638262,
  "summary_gm_p95": 838.6387021928094,
  "summary_gm_stdv": 51.32867714144705,
  "summary_wm_k": 0.7282513814527389,
  "summary_wm_mad": 33.68129949097592,
  "summary_wm_mean": 1000.682250907277,
  "summary_wm_median": 1000.0248338319361,
  "summary_wm_n": 185660.0,
  "summary_wm_p05": 942.6601832527667,
  "summary_wm_p95": 1060.7872177138925,
  "summary_wm_stdv": 36.15621028815019,
  "tpm_overlap_csf": 0.1537582853147786,
  "tpm_overlap_gm": 0.4509150307355685,
  "tpm_overlap_wm": 0.4965222836032292,
  "wm2max": 0.8117651632354886
}