{
  "bids_meta": {
    "AcquisitionMatrixPE": 240,
    "AcquisitionNumber": 6,
    "AcquisitionTime": "10:51:8.840000",
    "BodyPartExamined": "BRAIN",
    "CoilString": "MULTI_COIL",
    "ConversionSoftware": "dcm2niix",
    "ConversionSoftwareVersion": "v1.0.20190410  (JP2:OpenJPEG) GCC6.3.0",
    "Dcm2bidsVersion": "2.1.4",
    "DeviceSerialNumber": "42451",
    "EchoTime": 0.331,
    "EchoTrainLength": 117,
    "FlipAngle": 90,
    "ImageOrientationPatientDICOM": [
      0,
      1,
      0,
      -0.00362181,
      0,
      -0.999993
    ],
    "ImageType": [
      "ORIGINAL",
      "PRIMARY",
      "M",
      "SE",
      "M",
      "SE"
    ],
    "ImagingFrequency": 127.76,
    "InPlanePhaseEncodingDirectionDICOM": "ROW",
    "InstitutionAddress": "Calzada_Mexico_Xochimilco_No.101_Tlalpan",
    "InstitutionName": "I.N._Psiquiatria",
    "InstitutionalDepartmentName": "Imagenes_Cerebrales",
    "MRAcquisitionType": "3D",
    "MagneticFieldStrength": 3,
    "Manufacturer": "Philips",
    "ManufacturersModelName": "Ingenia",
    "Modality": "MR",
    "PatientPosition": "HFS",
    "PercentPhaseFOV": 100,
    "PhaseEncodingSteps": 240,
    "PhilipsRescaleIntercept": 0,
    "PhilipsRescaleSlope": 1.37241,
    "PhilipsScaleSlope": 0.00317948,
    "PixelBandwidth": 413,
    "ProcedureStepDescription": "FIBROMIALGIA",
    "ProtocolName": "WIP_T2W",
    "ReconMatrixPE": 240,
    "RepetitionTime": 2.5,
    "SAR": 0.030152,
    "ScanOptions": "FS",
    "ScanningSequence": "SE",
    "SequenceVariant": "SK",
    "SeriesDescription": "T2W",
    "SeriesNumber": 601,
    "SliceThickness": 1,
    "SoftwareVersions": "5.3.1_5.3.1.0",
    "SpacingBetweenSlices": 1,
    "StationName": "PHILIPS-CTMFQSD",
    "UsePhilipsFloatNotDisplayScaling": 1,
    "dataset": "ds004144",
    "modality": "T2w",
    "subject_id": "018"
  },
  "cjv": 0.38817813132980433,
  "cnr": 1.7699302382407078,
  "efc": 0.4948407399352692,
  "fber": -1.0,
  "fwhm_avg": 2.80695,
  "fwhm_x": 2.88807,
  "fwhm_y": 2.87404,
  "fwhm_z": 2.65874,
  "icvs_csf": 0.24325239212979397,
  "icvs_gm": 0.17962689401273324,
  "icvs_wm": 0.5771207138574728,
  "inu_med": 0.9016837775707245,
  "inu_range": 0.18248397409915917,
  "provenance": {
    "md5sum": "be0dc74a28ca19363de082430dc485b4",
    "settings": {
      "testing": false
    },
    "software": "mriqc",
    "version": "23.0.0",
    "warnings": {
      "large_rot_frame": true,
      "small_air_mask": false
    },
    "webapi_port": null,
    "webapi_url": "https://mriqc.nimh.nih.gov/api/v1"
  },
  "qi_1": 0.0007155037210656097,
  "qi_2": 2.1400323238795293e-05,
  "rpve_csf": 18.002381541995753,
  "rpve_gm": 32.6677768684095,
  "rpve_wm": 10.693815599703212,
  "size_x": 180,
  "size_y": 240,
  "size_z": 240,
  "snr_csf": 6.810049782831115,
  "snr_gm": 2.4537004310986577,
  "snr_total": 5.862983243316731,
  "snr_wm": 8.325199516020422,
  "snrd_csf": 60.56872240161562,
  "snrd_gm": 127.05649665144117,
  "snrd_total": 74.24079610105828,
  "snrd_wm": 35.097169250118064,
  "spacing_x": 1.0,
  "spacing_y": 1.0,
  "spacing_z": 1.0,
  "summary_bg_k": 241.05580061707937,
  "summary_bg_mad": 0.0,
  "summary_bg_mean": 6.103817058177463,
  "summary_bg_median": 0.0,
  "summary_bg_n": 1635866.0,
  "summary_bg_p05": 0.0,
  "summary_bg_p95": 32.473587572574615,
  "summary_bg_stdv": 18.667811119439484,
  "summary_csf_k": 1.0986587414904072,
  "summary_csf_mad": 226.21433274800114,
  "summary_csf_mean": 1746.1434204750215,
  "summary_csf_median": 1725.8779538720846,
  "summary_csf_n": 4156.0,
  "summary_csf_p05": 1376.7286214604974,
  "summary_csf_p95": 2191.462189093232,
  "summary_csf_stdv": 253.40054177372625,
  "summary_gm_k": -0.3850126331820749,
  "summary_gm_mad": 894.1455525064831,
  "summary_gm_mean": 3048.5891490585573,
  "summary_gm_median": 3620.4165742993355,
  "summary_gm_n": 44967.0,
  "summary_gm_p05": 159.95960959792137,
  "summary_gm_p95": 4415.763099399209,
  "summary_gm_stdv": 1475.4760898347783,
  "summary_wm_k": -0.10858451778184053,
  "summary_wm_mad": 123.01268196276233,
  "summary_wm_mean": 1000.6906121597207,
  "summary_wm_median": 1000.0777340233326,
  "summary_wm_n": 263129.0,
  "summary_wm_p05": 803.9155124425888,
  "summary_wm_p95": 1196.5507076382637,
  "summary_wm_stdv": 120.12635033439118,
  "tpm_overlap_csf": 0.11763194211734462,
  "tpm_overlap_gm": 0.1199731029233721,
  "tpm_overlap_wm": 0.44741272727154185,
  "wm2max": 0.22846747714970272
}