{
  "aor": 0.004066166666666666,
  "aqi": 0.0125614422,
  "bids_meta": {
    "AcquisitionMatrixPE": 78,
    "AcquisitionNumber": 4,
    "AcquisitionTime": "11:11:4.110000",
    "BodyPartExamined": "BRAIN",
    "CoilString": "MULTI_COIL",
    "ConversionSoftware": "dcm2niix",
    "ConversionSoftwareVersion": "v1.0.20190410  (JP2:OpenJPEG) GCC6.3.0",
    "Dcm2bidsVersion": "2.1.4",
    "DeviceSerialNumber": "42451",
    "EchoTime": 0.030001,
    "EchoTrainLength": 39,
    "FlipAngle": 75,
    "ImageOrientationPatientDICOM": [
      0.999993,
      0,
      -0.00362181,
      0,
      1,
      0
    ],
    "ImageType": [
      "ORIGINAL",
      "PRIMARY",
      "M",
      "FFE",
      "M",
      "FFE"
    ],
    "ImagingFrequency": 127.759,
    "InPlanePhaseEncodingDirectionDICOM": "COL",
    "InstitutionAddress": "Calzada_Mexico_Xochimilco_No.101_Tlalpan",
    "InstitutionName": "I.N._Psiquiatria",
    "InstitutionalDepartmentName": "Imagenes_Cerebrales",
    "MRAcquisitionType": "2D",
    "MagneticFieldStrength": 3,
    "Manufacturer": "Philips",
    "ManufacturersModelName": "Ingenia",
    "Modality": "MR",
    "PartialFourier": 0.5,
    "PatientPosition": "HFS",
    "PercentPhaseFOV": 100,
    "PhaseEncodingAxis": "j",
    "PhaseEncodingSteps": 78,
    "PhilipsRescaleIntercept": 0,
    "PhilipsRescaleSlope": 0.780708,
    "PhilipsScaleSlope": 0.0233516,
    "PixelBandwidth": 2071,
    "ProcedureStepDescription": "FIBROMIALGIA",
    "ProtocolName": "WIP_RESTING_STATE_10m",
    "ReconMatrixPE": 80,
    "RepetitionTime": 2,
    "SAR": 0.117654,
    "ScanOptions": "FS",
    "ScanningSequence": "GR",
    "SequenceVariant": "SK",
    "SeriesDescription": "RESTING_STATE_10m",
    "SeriesNumber": 401,
    "SliceThickness": 3,
    "SliceTiming": [
      0,
      1.027027,
      0.054054,
      1.081081,
      0.108108,
      1.13513,
      0.162162,
      1.189189,
      0.216216,
      1.243244,
      0.27027,
      1.297298,
      0.324324,
      1.351352,
      0.378378,
      1.405406,
      0.432432,
      1.45946,
      0.486486,
      1.513514,
      0.540541,
      1.567568,
      0.594595,
      1.621622,
      0.648649,
      1.675676,
      0.702703,
      1.72973,
      0.756757,
      1.783784,
      0.810811,
      1.837838,
      0.864865,
      1.891892,
      0.918919,
      1.945947,
      0.972973
    ],
    "SoftwareVersions": "5.3.1_5.3.1.0",
    "SpacingBetweenSlices": 3,
    "StationName": "PHILIPS-CTMFQSD",
    "TaskName": "rest",
    "UsePhilipsFloatNotDisplayScaling": 1,
    "dataset": "ds004144",
    "modality": "bold",
    "subject_id": "009",
    "task_id": "rest"
  },
  "dummy_trs": 0,
  "dvars_nstd": 23.883374644816044,
  "dvars_std": 1.18020205,
  "dvars_vstd": 1.0070862352173915,
  "efc": 0.39661477782257437,
  "fber": 118393.125,
  "fd_mean": 0.09784918187748765,
  "fd_num": 20,
  "fd_perc": 6.666666666666667,
  "fwhm_avg": 1.808712222222222,
  "fwhm_x": 1.7616100000000001,
  "fwhm_y": 1.9326999999999999,
  "fwhm_z": 1.7318266666666666,
  "gcor": 0.0274469,
  "gsr_x": -0.006052285898476839,
  "gsr_y": 0.010477446019649506,
  "provenance": {
    "md5sum": "bd7dfd777d0a55fae36719fbb9ac6448",
    "settings": {
      "fd_thres": 0.2,
      "testing": false
    },
    "software": "mriqc",
    "version": "23.0.0",
    "webapi_port": null,
    "webapi_url": "https://mriqc.nimh.nih.gov/api/v1"
  },
  "size_t": 300,
  "size_x": 80,
  "size_y": 80,
  "size_z": 37,
  "snr": 5.283875898160629,
  "spacing_tr": 2.0000016689300537,
  "spacing_x": 3.0,
  "spacing_y": 3.0,
  "spacing_z": 3.0,
  "summary_bg_k": 105.69937082031058,
  "summary_bg_mad": 177.43998312108374,
  "summary_bg_mean": 1105.6229248046875,
  "summary_bg_median": 157.56716918945312,
  "summary_bg_n": 166085.0,
  "summary_bg_p05": 13.384505462646485,
  "summary_bg_p95": 4957.25986328125,
  "summary_bg_stdv": 3635.13037109375,
  "summary_fg_k": 2.347349331807564,
  "summary_fg_mad": 8811.785475831428,
  "summary_fg_mean": 56205.26171875,
  "summary_fg_median": 55727.2734375,
  "summary_fg_n": 31246.0,
  "summary_fg_p05": 39666.6748046875,
  "summary_fg_p95": 73609.751953125,
  "summary_fg_stdv": 10546.4970703125,
  "tsnr": 47.92353820800781
}