{
  "aor": 0.002165815347721822,
  "aqi": 0.03184923693045564,
  "bids_meta": {
    "AcquisitionMatrixPE": 78,
    "AcquisitionNumber": 7,
    "AcquisitionTime": "11:41:45.070000",
    "BodyPartExamined": "BRAIN",
    "CoilString": "MULTI_COIL",
    "ConversionSoftware": "dcm2niix",
    "ConversionSoftwareVersion": "v1.0.20190410  (JP2:OpenJPEG) GCC6.3.0",
    "Dcm2bidsVersion": "2.1.4",
    "DeviceSerialNumber": "42451",
    "EchoTime": 0.030001,
    "EchoTrainLength": 39,
    "FlipAngle": 75,
    "ImageOrientationPatientDICOM": [
      0.999993,
      0,
      -0.00362181,
      0,
      1,
      0
    ],
    "ImageType": [
      "ORIGINAL",
      "PRIMARY",
      "M",
      "FFE",
      "M",
      "FFE"
    ],
    "ImagingFrequency": 127.759,
    "InPlanePhaseEncodingDirectionDICOM": "COL",
    "InstitutionAddress": "Calzada_Mexico_Xochimilco_No.101_Tlalpan",
    "InstitutionName": "I.N._Psiquiatria",
    "InstitutionalDepartmentName": "Imagenes_Cerebrales",
    "MRAcquisitionType": "2D",
    "MagneticFieldStrength": 3,
    "Manufacturer": "Philips",
    "ManufacturersModelName": "Ingenia",
    "Modality": "MR",
    "PartialFourier": 0.5,
    "PatientPosition": "HFS",
    "PercentPhaseFOV": 100,
    "PhaseEncodingAxis": "j",
    "PhaseEncodingSteps": 78,
    "PhilipsRescaleIntercept": 0,
    "PhilipsRescaleSlope": 0.779731,
    "PhilipsScaleSlope": 0.0268297,
    "PixelBandwidth": 2071,
    "ProcedureStepDescription": "PROTOCOLO_FIBROMIALGIA",
    "ProtocolName": "WIP_TASK_FMRI",
    "ReconMatrixPE": 80,
    "RepetitionTime": 2,
    "SAR": 0.117749,
    "ScanOptions": "FS",
    "ScanningSequence": "GR",
    "SequenceVariant": "SK",
    "SeriesDescription": "TASK_FMRI",
    "SeriesNumber": 701,
    "SliceThickness": 3,
    "SliceTiming": [
      0,
      1.027027,
      0.054054,
      1.081081,
      0.108108,
      1.13513,
      0.162162,
      1.189189,
      0.216216,
      1.243244,
      0.27027,
      1.297298,
      0.324324,
      1.351352,
      0.378378,
      1.405406,
      0.432432,
      1.45946,
      0.486486,
      1.513514,
      0.540541,
      1.567568,
      0.594595,
      1.621622,
      0.648649,
      1.675676,
      0.702703,
      1.72973,
      0.756757,
      1.783784,
      0.810811,
      1.837838,
      0.864865,
      1.891892,
      0.918919,
      1.945947,
      0.972973
    ],
    "SoftwareVersions": "5.3.1_5.3.1.0",
    "SpacingBetweenSlices": 3,
    "StationName": "PHILIPS-CTMFQSD",
    "TaskName": "epr",
    "UsePhilipsFloatNotDisplayScaling": 1,
    "dataset": "ds004144",
    "modality": "bold",
    "subject_id": "064",
    "task_id": "epr"
  },
  "dummy_trs": 0,
  "dvars_nstd": 37.0696785594838,
  "dvars_std": 1.3718304924729887,
  "dvars_vstd": 0.9502038681512605,
  "efc": 0.4009370399087897,
  "fber": 115069.625,
  "fd_mean": 0.29501638304005745,
  "fd_num": 416,
  "fd_perc": 49.88009592326139,
  "fwhm_avg": 1.9304055555555555,
  "fwhm_x": 1.8327333333333333,
  "fwhm_y": 2.0644966666666664,
  "fwhm_z": 1.8939866666666667,
  "gcor": 0.106337,
  "gsr_x": -0.015625743195414543,
  "gsr_y": 0.013747412711381912,
  "provenance": {
    "md5sum": "756eaacceeb8499231e191bf6078178b",
    "settings": {
      "fd_thres": 0.2,
      "testing": false
    },
    "software": "mriqc",
    "version": "23.0.0",
    "webapi_port": null,
    "webapi_url": "https://mriqc.nimh.nih.gov/api/v1"
  },
  "size_t": 834,
  "size_x": 80,
  "size_y": 80,
  "size_z": 37,
  "snr": 5.700201889289168,
  "spacing_tr": 2.0000016689300537,
  "spacing_x": 3.0,
  "spacing_y": 3.0,
  "spacing_z": 3.0,
  "summary_bg_k": 136.4525426390615,
  "summary_bg_mad": 181.43889573598204,
  "summary_bg_mean": 1202.695068359375,
  "summary_bg_median": 169.39846801757812,
  "summary_bg_n": 165860.0,
  "summary_bg_p05": 21.79437494277954,
  "summary_bg_p95": 5617.882373046848,
  "summary_bg_stdv": 3772.900390625,
  "summary_fg_k": 3.3860493142616432,
  "summary_fg_mad": 7803.1323841021285,
  "summary_fg_mean": 58320.6484375,
  "summary_fg_median": 57707.37109375,
  "summary_fg_n": 31719.0,
  "summary_fg_p05": 43121.258203125,
  "summary_fg_p95": 75680.55703124999,
  "summary_fg_stdv": 10123.58203125,
  "tsnr": 29.538450241088867
}