{
  "bids_meta": {
    "AcquisitionMatrixPE": 240,
    "AcquisitionNumber": 5,
    "AcquisitionTime": "12:14:2.120000",
    "BodyPartExamined": "BRAIN",
    "CoilString": "MULTI_COIL",
    "ConversionSoftware": "dcm2niix",
    "ConversionSoftwareVersion": "v1.0.20190410  (JP2:OpenJPEG) GCC6.3.0",
    "Dcm2bidsVersion": "2.1.4",
    "DeviceSerialNumber": "42451",
    "EchoTime": 0.0035,
    "EchoTrainLength": 240,
    "FlipAngle": 8,
    "ImageOrientationPatientDICOM": [
      0,
      1,
      0,
      -0.00362181,
      0,
      -0.999993
    ],
    "ImageType": [
      "ORIGINAL",
      "PRIMARY",
      "M",
      "FFE",
      "M",
      "FFE"
    ],
    "ImagingFrequency": 127.759,
    "InPlanePhaseEncodingDirectionDICOM": "ROW",
    "InstitutionAddress": "Calzada_Mexico_Xochimilco_No.101_Tlalpan",
    "InstitutionName": "I.N._Psiquiatria",
    "InstitutionalDepartmentName": "Imagenes_Cerebrales",
    "MRAcquisitionType": "3D",
    "MagneticFieldStrength": 3,
    "Manufacturer": "Philips",
    "ManufacturersModelName": "Ingenia",
    "Modality": "MR",
    "PatientPosition": "HFS",
    "PercentPhaseFOV": 100,
    "PhaseEncodingSteps": 240,
    "PhilipsRescaleIntercept": 0,
    "PhilipsRescaleSlope": 22.483,
    "PhilipsScaleSlope": 0.00587088,
    "PixelBandwidth": 310,
    "ProcedureStepDescription": "FIBROMIALGIA",
    "ProtocolName": "WIP_T1W",
    "ReconMatrixPE": 240,
    "RepetitionTime": 0.007,
    "SAR": 0.0382114,
    "ScanOptions": "OTHER",
    "ScanningSequence": "GR",
    "SequenceVariant": "MP",
    "SeriesDescription": "T1W",
    "SeriesNumber": 501,
    "SliceThickness": 1,
    "SoftwareVersions": "5.3.1_5.3.1.0",
    "SpacingBetweenSlices": 1,
    "StationName": "PHILIPS-CTMFQSD",
    "UsePhilipsFloatNotDisplayScaling": 1,
    "dataset": "ds004144",
    "modality": "T1w",
    "subject_id": "002"
  },
  "cjv": 0.3058364516568803,
  "cnr": 4.333126717316631,
  "efc": 0.6936681919459264,
  "fber": -1.0,
  "fwhm_avg": 4.69777,
  "fwhm_x": 4.54616,
  "fwhm_y": 5.0485,
  "fwhm_z": 4.49865,
  "icvs_csf": 0.22641905027188033,
  "icvs_gm": 0.4303150564281,
  "icvs_wm": 0.34326589330001966,
  "inu_med": 0.4289674609899521,
  "inu_range": 0.16856785416603087,
  "provenance": {
    "md5sum": "ca084e623f0156ef16d4d9aeff7f18b7",
    "settings": {
      "testing": false
    },
    "software": "mriqc",
    "version": "23.0.0",
    "warnings": {
      "large_rot_frame": true,
      "small_air_mask": false
    },
    "webapi_port": null,
    "webapi_url": "https://mriqc.nimh.nih.gov/api/v1"
  },
  "qi_1": 0.011490300287546207,
  "qi_2": 4.244452106286262e-05,
  "rpve_csf": 26.281179982207995,
  "rpve_gm": 14.070029910652393,
  "rpve_wm": 19.96412370175527,
  "size_x": 180,
  "size_y": 240,
  "size_z": 240,
  "snr_csf": 2.3833151063836215,
  "snr_gm": 14.636132550190029,
  "snr_total": 16.64925497747785,
  "snr_wm": 32.9283172758599,
  "snrd_csf": 36.47180218620049,
  "snrd_gm": 96.09170523807057,
  "snrd_total": 87.30977551053824,
  "snrd_wm": 129.36581910734367,
  "spacing_x": 1.0,
  "spacing_y": 1.0,
  "spacing_z": 1.0,
  "summary_bg_k": 21.18124738480427,
  "summary_bg_mad": 0.0,
  "summary_bg_mean": 2.0884770587657013,
  "summary_bg_median": 0.0,
  "summary_bg_n": 447360.0,
  "summary_bg_p05": 0.0,
  "summary_bg_p95": 13.423275062814355,
  "summary_bg_stdv": 5.064330432342637,
  "summary_csf_k": 0.09541450523403983,
  "summary_csf_mad": 111.92427249259896,
  "summary_csf_mean": 283.23011458749767,
  "summary_csf_median": 281.9340487476438,
  "summary_csf_n": 48385.0,
  "summary_csf_p05": 79.24938616342843,
  "summary_csf_p95": 477.17139683663845,
  "summary_csf_stdv": 118.29368870809198,
  "summary_gm_k": 0.2296931500999979,
  "summary_gm_mad": 49.80378422159426,
  "summary_gm_mean": 743.028397293283,
  "summary_gm_median": 742.8073713090271,
  "summary_gm_n": 49581.0,
  "summary_gm_p05": 661.4528172183782,
  "summary_gm_p95": 826.697181398049,
  "summary_gm_stdv": 50.75110367284837,
  "summary_wm_k": 0.40433285310235867,
  "summary_wm_mad": 28.862031287446808,
  "summary_wm_mean": 1000.0469806858413,
  "summary_wm_median": 1000.0226740725338,
  "summary_wm_n": 166289.0,
  "summary_wm_p05": 950.6530907470733,
  "summary_wm_p95": 1050.2524335402995,
  "summary_wm_stdv": 30.36959522737357,
  "tpm_overlap_csf": 0.13804722642275635,
  "tpm_overlap_gm": 0.47354855793181916,
  "tpm_overlap_wm": 0.5204398184556105,
  "wm2max": 0.8646247102003478
}