{
  "aor": 0.0011083333333333336,
  "aqi": 0.010938716033333334,
  "bids_meta": {
    "AcquisitionMatrixPE": 78,
    "AcquisitionNumber": 3,
    "AcquisitionTime": "09:26:59.510000",
    "BodyPartExamined": "BRAIN",
    "CoilString": "MULTI_COIL",
    "ConversionSoftware": "dcm2niix",
    "ConversionSoftwareVersion": "v1.0.20190410  (JP2:OpenJPEG) GCC6.3.0",
    "Dcm2bidsVersion": "2.1.4",
    "DeviceSerialNumber": "42451",
    "EchoTime": 0.030001,
    "EchoTrainLength": 39,
    "FlipAngle": 75,
    "ImageOrientationPatientDICOM": [
      0.999993,
      5.22846e-06,
      -0.00362181,
      -1.69407e-20,
      0.999999,
      0.0014436
    ],
    "ImageType": [
      "ORIGINAL",
      "PRIMARY",
      "M",
      "FFE",
      "M",
      "FFE"
    ],
    "ImagingFrequency": 127.759,
    "InPlanePhaseEncodingDirectionDICOM": "COL",
    "InstitutionAddress": "Calzada_Mexico_Xochimilco_No.101_Tlalpan",
    "InstitutionName": "I.N._Psiquiatria",
    "InstitutionalDepartmentName": "Imagenes_Cerebrales",
    "MRAcquisitionType": "2D",
    "MagneticFieldStrength": 3,
    "Manufacturer": "Philips",
    "ManufacturersModelName": "Ingenia",
    "Modality": "MR",
    "PartialFourier": 0.5,
    "PatientPosition": "HFS",
    "PercentPhaseFOV": 100,
    "PhaseEncodingAxis": "j",
    "PhaseEncodingSteps": 78,
    "PhilipsRescaleIntercept": 0,
    "PhilipsRescaleSlope": 0.783883,
    "PhilipsScaleSlope": 0.0231565,
    "PixelBandwidth": 2071,
    "ProcedureStepDescription": "PROTOCOLO_FIBROMIALGIA",
    "ProtocolName": "WIP_RESTING_STATE_10m",
    "ReconMatrixPE": 80,
    "RepetitionTime": 2,
    "SAR": 0.117654,
    "ScanOptions": "FS",
    "ScanningSequence": "GR",
    "SequenceVariant": "SK",
    "SeriesDescription": "RESTING_STATE_10m",
    "SeriesNumber": 301,
    "SliceThickness": 3,
    "SliceTiming": [
      0,
      1.027027,
      0.054054,
      1.081081,
      0.108108,
      1.13513,
      0.162162,
      1.189189,
      0.216216,
      1.243244,
      0.27027,
      1.297298,
      0.324324,
      1.351352,
      0.378378,
      1.405406,
      0.432432,
      1.45946,
      0.486486,
      1.513514,
      0.540541,
      1.567568,
      0.594595,
      1.621622,
      0.648649,
      1.675676,
      0.702703,
      1.72973,
      0.756757,
      1.783784,
      0.810811,
      1.837838,
      0.864865,
      1.891892,
      0.918919,
      1.945947,
      0.972973
    ],
    "SoftwareVersions": "5.3.1_5.3.1.0",
    "SpacingBetweenSlices": 3,
    "StationName": "PHILIPS-CTMFQSD",
    "TaskName": "rest",
    "UsePhilipsFloatNotDisplayScaling": 1,
    "dataset": "ds004144",
    "modality": "bold",
    "subject_id": "016",
    "task_id": "rest"
  },
  "dummy_trs": 0,
  "dvars_nstd": 28.73058441565216,
  "dvars_std": 1.2299025131772576,
  "dvars_vstd": 0.9282090002675587,
  "efc": 0.38467816339834426,
  "fber": 174188.46875,
  "fd_mean": 0.11757001577269131,
  "fd_num": 26,
  "fd_perc": 8.666666666666666,
  "fwhm_avg": 2.02581,
  "fwhm_x": 1.9154799999999998,
  "fwhm_y": 2.1124133333333335,
  "fwhm_z": 2.0495366666666666,
  "gcor": 0.0686063,
  "gsr_x": -0.018643317744135857,
  "gsr_y": 0.003287367522716522,
  "provenance": {
    "md5sum": "d1700645821fa89058e6d2a2e76b7f72",
    "settings": {
      "fd_thres": 0.2,
      "testing": false
    },
    "software": "mriqc",
    "version": "23.0.0",
    "webapi_port": null,
    "webapi_url": "https://mriqc.nimh.nih.gov/api/v1"
  },
  "size_t": 300,
  "size_x": 80,
  "size_y": 80,
  "size_z": 37,
  "snr": 4.7919091196384915,
  "spacing_tr": 2.0000016689300537,
  "spacing_x": 3.0,
  "spacing_y": 3.0,
  "spacing_z": 3.0,
  "summary_bg_k": 58.29402395267252,
  "summary_bg_mad": 158.2133424351515,
  "summary_bg_mean": 1159.6951904296875,
  "summary_bg_median": 137.58377075195312,
  "summary_bg_n": 168668.0,
  "summary_bg_p05": 9.936377954483033,
  "summary_bg_p95": 5318.293823242178,
  "summary_bg_stdv": 3684.87060546875,
  "summary_fg_k": 1.7193405450831003,
  "summary_fg_mad": 10550.307423769267,
  "summary_fg_mean": 60622.2890625,
  "summary_fg_median": 60009.98828125,
  "summary_fg_n": 29206.0,
  "summary_fg_p05": 41063.658203125,
  "summary_fg_p95": 81837.2890625,
  "summary_fg_stdv": 12522.9755859375,
  "tsnr": 44.501182556152344
}