{
  "bids_meta": {
    "AcquisitionMatrixPE": 240,
    "AcquisitionNumber": 4,
    "AcquisitionTime": "09:28:8.920000",
    "BodyPartExamined": "BRAIN",
    "CoilString": "MULTI_COIL",
    "ConversionSoftware": "dcm2niix",
    "ConversionSoftwareVersion": "v1.0.20190410  (JP2:OpenJPEG) GCC6.3.0",
    "Dcm2bidsVersion": "2.1.4",
    "DeviceSerialNumber": "42451",
    "EchoTime": 0.0035,
    "EchoTrainLength": 240,
    "FlipAngle": 8,
    "ImageOrientationPatientDICOM": [
      0,
      1,
      0,
      0.000617897,
      0,
      -1
    ],
    "ImageType": [
      "ORIGINAL",
      "PRIMARY",
      "M",
      "FFE",
      "M",
      "FFE"
    ],
    "ImagingFrequency": 127.759,
    "InPlanePhaseEncodingDirectionDICOM": "ROW",
    "InstitutionAddress": "Calzada_Mexico_Xochimilco_No.101_Tlalpan",
    "InstitutionName": "I.N._Psiquiatria",
    "InstitutionalDepartmentName": "Imagenes_Cerebrales",
    "MRAcquisitionType": "3D",
    "MagneticFieldStrength": 3,
    "Manufacturer": "Philips",
    "ManufacturersModelName": "Ingenia",
    "Modality": "MR",
    "PatientPosition": "HFS",
    "PercentPhaseFOV": 100,
    "PhaseEncodingSteps": 240,
    "PhilipsRescaleIntercept": 0,
    "PhilipsRescaleSlope": 74.3262,
    "PhilipsScaleSlope": 0.00589005,
    "PixelBandwidth": 310,
    "ProcedureStepDescription": "PROTOCOLO_FIBROMIALGIA",
    "ProtocolName": "WIP_T1W",
    "ReconMatrixPE": 240,
    "RepetitionTime": 0.007,
    "SAR": 0.0382114,
    "ScanOptions": "OTHER",
    "ScanningSequence": "GR",
    "SequenceVariant": "MP",
    "SeriesDescription": "T1W",
    "SeriesNumber": 401,
    "SliceThickness": 1,
    "SoftwareVersions": "5.3.1_5.3.1.0",
    "SpacingBetweenSlices": 1,
    "StationName": "PHILIPS-CTMFQSD",
    "UsePhilipsFloatNotDisplayScaling": 1,
    "dataset": "ds004144",
    "modality": "T1w",
    "subject_id": "047"
  },
  "cjv": 0.33684941137831287,
  "cnr": 3.9739319492248812,
  "efc": 0.6814759137894335,
  "fber": -1.0,
  "fwhm_avg": 4.400383333333334,
  "fwhm_x": 4.16533,
  "fwhm_y": 4.75451,
  "fwhm_z": 4.28131,
  "icvs_csf": 0.1780731770095197,
  "icvs_gm": 0.451496929446039,
  "icvs_wm": 0.37042989354444134,
  "inu_med": 0.37453675270080566,
  "inu_range": 0.12720822542905802,
  "provenance": {
    "md5sum": "be120dd11f50d88ea79cb0fbbee2c759",
    "settings": {
      "testing": false
    },
    "software": "mriqc",
    "version": "23.0.0",
    "warnings": {
      "large_rot_frame": true,
      "small_air_mask": false
    },
    "webapi_port": null,
    "webapi_url": "https://mriqc.nimh.nih.gov/api/v1"
  },
  "qi_1": 0.0,
  "qi_2": 1.482319255082741e-05,
  "rpve_csf": 28.946794311613647,
  "rpve_gm": 12.518503651287649,
  "rpve_wm": 17.460728677647825,
  "size_x": 180,
  "size_y": 240,
  "size_z": 240,
  "snr_csf": 2.227248738706934,
  "snr_gm": 14.034454867533592,
  "snr_total": 16.080579705205498,
  "snr_wm": 31.98003550937597,
  "snrd_csf": 39.4732477788857,
  "snrd_gm": 91.91926480308233,
  "snrd_total": 84.51820513475576,
  "snrd_wm": 122.16210282229925,
  "spacing_x": 1.0,
  "spacing_y": 1.0,
  "spacing_z": 1.0,
  "summary_bg_k": 12.584394348776152,
  "summary_bg_mad": 0.0,
  "summary_bg_mean": 2.722010968054633,
  "summary_bg_median": 0.0,
  "summary_bg_n": 460057.0,
  "summary_bg_p05": 0.0,
  "summary_bg_p95": 13.742409825325012,
  "summary_bg_stdv": 5.362967282816679,
  "summary_csf_k": -0.47601096798802534,
  "summary_csf_mad": 118.82884606558338,
  "summary_csf_mean": 290.93284637853503,
  "summary_csf_median": 323.12925428152084,
  "summary_csf_n": 18576.0,
  "summary_csf_p05": 37.55193382501602,
  "summary_csf_p95": 500.76473942399025,
  "summary_csf_stdv": 145.0760981726765,
  "summary_gm_k": 0.15546937582949916,
  "summary_gm_mad": 53.30544931737221,
  "summary_gm_mean": 749.8353114648102,
  "summary_gm_median": 752.4540077447891,
  "summary_gm_n": 48267.0,
  "summary_gm_p05": 657.4282114326954,
  "summary_gm_p95": 832.7398139834404,
  "summary_gm_stdv": 53.614210177877304,
  "summary_wm_k": 0.3089087213780366,
  "summary_wm_mad": 30.087964725805648,
  "summary_wm_mean": 1000.52176164693,
  "summary_wm_median": 1000.0228359103203,
  "summary_wm_n": 180738.0,
  "summary_wm_p05": 949.9612001180649,
  "summary_wm_p95": 1052.915134191513,
  "summary_wm_stdv": 31.27013630471858,
  "tpm_overlap_csf": 0.13475676279485369,
  "tpm_overlap_gm": 0.4642353881119906,
  "tpm_overlap_wm": 0.500759208910998,
  "wm2max": 0.832500332566846
}