{
  "bids_meta": {
    "AcquisitionMatrixPE": 240,
    "AcquisitionNumber": 7,
    "AcquisitionTime": "10:54:31.880000",
    "BodyPartExamined": "BRAIN",
    "CoilString": "MULTI_COIL",
    "ConversionSoftware": "dcm2niix",
    "ConversionSoftwareVersion": "v1.0.20190410  (JP2:OpenJPEG) GCC6.3.0",
    "Dcm2bidsVersion": "2.1.4",
    "DeviceSerialNumber": "42451",
    "EchoTime": 0.331,
    "EchoTrainLength": 117,
    "FlipAngle": 90,
    "ImageOrientationPatientDICOM": [
      0,
      1,
      0,
      -0.00362181,
      0,
      -0.999993
    ],
    "ImageType": [
      "ORIGINAL",
      "PRIMARY",
      "M",
      "SE",
      "M",
      "SE"
    ],
    "ImagingFrequency": 127.759,
    "InPlanePhaseEncodingDirectionDICOM": "ROW",
    "InstitutionAddress": "Calzada_Mexico_Xochimilco_No.101_Tlalpan",
    "InstitutionName": "I.N._Psiquiatria",
    "InstitutionalDepartmentName": "Imagenes_Cerebrales",
    "MRAcquisitionType": "3D",
    "MagneticFieldStrength": 3,
    "Manufacturer": "Philips",
    "ManufacturersModelName": "Ingenia",
    "Modality": "MR",
    "PatientPosition": "HFS",
    "PercentPhaseFOV": 100,
    "PhaseEncodingSteps": 240,
    "PhilipsRescaleIntercept": 0,
    "PhilipsRescaleSlope": 1.4127,
    "PhilipsScaleSlope": 0.00386593,
    "PixelBandwidth": 413,
    "ProcedureStepDescription": "PROTOCOLO_FIBROMIALGIA",
    "ProtocolName": "WIP_T2W",
    "ReconMatrixPE": 240,
    "RepetitionTime": 2.5,
    "SAR": 0.030152,
    "ScanOptions": "FS",
    "ScanningSequence": "SE",
    "SequenceVariant": "SK",
    "SeriesDescription": "T2W",
    "SeriesNumber": 701,
    "SliceThickness": 1,
    "SoftwareVersions": "5.3.1_5.3.1.0",
    "SpacingBetweenSlices": 1,
    "StationName": "PHILIPS-CTMFQSD",
    "UsePhilipsFloatNotDisplayScaling": 1,
    "dataset": "ds004144",
    "modality": "T2w",
    "subject_id": "043"
  },
  "cjv": 4.964574534886333,
  "cnr": 0.28517264870727055,
  "efc": 0.5276081129459393,
  "fber": -1.0,
  "fwhm_avg": 2.4659233333333335,
  "fwhm_x": 2.47286,
  "fwhm_y": 2.64505,
  "fwhm_z": 2.27986,
  "icvs_csf": 0.31924109595752626,
  "icvs_gm": 0.16938142611466503,
  "icvs_wm": 0.5113774779278087,
  "inu_med": 0.9195490479469299,
  "inu_range": 0.19992557764053343,
  "provenance": {
    "md5sum": "05eef557553d87c4fc01222197b79294",
    "settings": {
      "testing": false
    },
    "software": "mriqc",
    "version": "23.0.0",
    "warnings": {
      "large_rot_frame": true,
      "small_air_mask": false
    },
    "webapi_port": null,
    "webapi_url": "https://mriqc.nimh.nih.gov/api/v1"
  },
  "qi_1": 0.043274379613358796,
  "qi_2": 8.052080079592783e-06,
  "rpve_csf": 16.558194720628833,
  "rpve_gm": 37.14261538793196,
  "rpve_wm": 12.999391026696072,
  "size_x": 180,
  "size_y": 240,
  "size_z": 240,
  "snr_csf": 9.687097714548077,
  "snr_gm": 0.9953893968081918,
  "snr_total": 7.677000125075273,
  "snr_wm": 12.348513263869549,
  "snrd_csf": 41.88579850307525,
  "snrd_gm": 37.968957097601724,
  "snrd_total": 35.64216060499976,
  "snrd_wm": 27.071726214322315,
  "spacing_x": 1.0,
  "spacing_y": 1.0,
  "spacing_z": 1.0,
  "summary_bg_k": 133.40950235528547,
  "summary_bg_mad": 0.0,
  "summary_bg_mean": 7.160384443455958,
  "summary_bg_median": 0.0,
  "summary_bg_n": 1150004.0,
  "summary_bg_p05": 0.0,
  "summary_bg_p95": 35.35353576391935,
  "summary_bg_stdv": 24.19847627215736,
  "summary_csf_k": 0.2964378173049278,
  "summary_csf_mad": 156.96134141063325,
  "summary_csf_mean": 1546.4981625622454,
  "summary_csf_median": 1547.1167549490929,
  "summary_csf_n": 15998.0,
  "summary_csf_p05": 1288.37106725052,
  "summary_csf_p95": 1807.0036010805518,
  "summary_csf_stdv": 159.70401521059227,
  "summary_gm_k": -1.804493683722274,
  "summary_gm_mad": 1914.1985328855335,
  "summary_gm_mean": 1664.9737475545319,
  "summary_gm_median": 1402.4421592280269,
  "summary_gm_n": 29648.0,
  "summary_gm_p05": 82.98171685636044,
  "summary_gm_p95": 3454.158715457096,
  "summary_gm_stdv": 1408.9144529548882,
  "summary_wm_k": -0.18089685849062587,
  "summary_wm_mad": 84.07289241016406,
  "summary_wm_mean": 996.3371528244697,
  "summary_wm_median": 999.9360811635852,
  "summary_wm_n": 200950.0,
  "summary_wm_p05": 856.8597465530038,
  "summary_wm_p95": 1120.956412449479,
  "summary_wm_stdv": 80.97603102262461,
  "tpm_overlap_csf": 0.11975579433235001,
  "tpm_overlap_gm": 0.0951982717936906,
  "tpm_overlap_wm": 0.4749059632327404,
  "wm2max": 0.2933200810141775
}