{
  "aor": 0.002442066666666667,
  "aqi": 0.018728386166666666,
  "bids_meta": {
    "AcquisitionDateTime": "2019-10-18T12:22:36.593750",
    "ConversionSoftware": "dcm2niix",
    "ConversionSoftwareVersion": "v1.0.20170130",
    "EchoTime": 0.030001,
    "FlipAngle": 75,
    "ImageType": [
      "ORIGINAL",
      "PRIMARY",
      "M",
      "FFE",
      "M",
      "FFE"
    ],
    "MagneticFieldStrength": 3,
    "Manufacturer": "Philips",
    "ManufacturersModelName": "Ingenia",
    "ProcedureStepDescription": "FIBROMIALGIA",
    "ProtocolName": "WIP_RESTING_STATE_10m",
    "RepetitionTime": 2,
    "SliceTiming": [
      0.0,
      1.027027,
      0.054054,
      1.081081,
      0.108108,
      1.13513,
      0.162162,
      1.189189,
      0.216216,
      1.243244,
      0.27027,
      1.297298,
      0.324324,
      1.351352,
      0.378378,
      1.405406,
      0.432432,
      1.45946,
      0.486486,
      1.513514,
      0.540541,
      1.567568,
      0.594595,
      1.621622,
      0.648649,
      1.675676,
      0.702703,
      1.72973,
      0.756757,
      1.783784,
      0.810811,
      1.837838,
      0.864865,
      1.891892,
      0.918919,
      1.945947,
      0.972973
    ],
    "TaskName": "emo",
    "dataset": "ds004144",
    "modality": "bold",
    "subject_id": "077",
    "task_id": "rest"
  },
  "dummy_trs": 0,
  "dvars_nstd": 29.077838572408037,
  "dvars_std": 1.1084253787290974,
  "dvars_vstd": 0.9219248187959868,
  "efc": 0.3877112714510786,
  "fber": 107338.421875,
  "fd_mean": 0.15517959234555526,
  "fd_num": 66,
  "fd_perc": 22.0,
  "fwhm_avg": 1.9097866666666665,
  "fwhm_x": 1.8272666666666666,
  "fwhm_y": 2.06075,
  "fwhm_z": 1.8413433333333333,
  "gcor": 0.0718866,
  "gsr_x": -0.015608945861458778,
  "gsr_y": 0.016905641183257103,
  "provenance": {
    "md5sum": "7a2a7b5a966c551481e538017c4d4e19",
    "settings": {
      "fd_thres": 0.2,
      "testing": false
    },
    "software": "mriqc",
    "version": "23.0.0",
    "webapi_port": null,
    "webapi_url": "https://mriqc.nimh.nih.gov/api/v1"
  },
  "size_t": 300,
  "size_x": 80,
  "size_y": 80,
  "size_z": 37,
  "snr": 4.844103346878025,
  "spacing_tr": 2.0000016689300537,
  "spacing_x": 3.0,
  "spacing_y": 3.0,
  "spacing_z": 3.0,
  "summary_bg_k": 118.25266738259488,
  "summary_bg_mad": 193.96203021338715,
  "summary_bg_mean": 1162.627685546875,
  "summary_bg_median": 172.84182739257812,
  "summary_bg_n": 168137.0,
  "summary_bg_p05": 17.24876327514649,
  "summary_bg_p95": 4990.020605468739,
  "summary_bg_stdv": 3709.185302734375,
  "summary_fg_k": 3.294542848262929,
  "summary_fg_mad": 9520.923962348013,
  "summary_fg_mean": 59071.59375,
  "summary_fg_median": 57515.734375,
  "summary_fg_n": 29891.0,
  "summary_fg_p05": 43318.177734375,
  "summary_fg_p95": 80771.4453125,
  "summary_fg_stdv": 11873.1513671875,
  "tsnr": 38.57329559326172
}