{
  "aor": 0.0014266,
  "aqi": 0.014723532099999999,
  "bids_meta": {
    "AcquisitionMatrixPE": 78,
    "AcquisitionNumber": 3,
    "AcquisitionTime": "12:40:32.650000",
    "BodyPartExamined": "BRAIN",
    "CoilString": "MULTI_COIL",
    "ConversionSoftware": "dcm2niix",
    "ConversionSoftwareVersion": "v1.0.20190410  (JP2:OpenJPEG) GCC6.3.0",
    "Dcm2bidsVersion": "2.1.4",
    "DeviceSerialNumber": "42451",
    "EchoTime": 0.030001,
    "EchoTrainLength": 39,
    "FlipAngle": 75,
    "ImageOrientationPatientDICOM": [
      0.999993,
      0,
      -0.00362181,
      0,
      1,
      0
    ],
    "ImageType": [
      "ORIGINAL",
      "PRIMARY",
      "M",
      "FFE",
      "M",
      "FFE"
    ],
    "ImagingFrequency": 127.76,
    "InPlanePhaseEncodingDirectionDICOM": "COL",
    "InstitutionAddress": "Calzada_Mexico_Xochimilco_No.101_Tlalpan",
    "InstitutionName": "I.N._Psiquiatria",
    "InstitutionalDepartmentName": "Imagenes_Cerebrales",
    "MRAcquisitionType": "2D",
    "MagneticFieldStrength": 3,
    "Manufacturer": "Philips",
    "ManufacturersModelName": "Ingenia",
    "Modality": "MR",
    "PartialFourier": 0.5,
    "PatientPosition": "HFS",
    "PercentPhaseFOV": 100,
    "PhaseEncodingAxis": "j",
    "PhaseEncodingSteps": 78,
    "PhilipsRescaleIntercept": 0,
    "PhilipsRescaleSlope": 0.767766,
    "PhilipsScaleSlope": 0.0267177,
    "PixelBandwidth": 2071,
    "ProcedureStepDescription": "PROTOCOLO_FIBROMIALGIA",
    "ProtocolName": "WIP_RESTING_STATE_10m",
    "ReconMatrixPE": 80,
    "RepetitionTime": 2,
    "SAR": 0.117654,
    "ScanOptions": "FS",
    "ScanningSequence": "GR",
    "SequenceVariant": "SK",
    "SeriesDescription": "RESTING_STATE_10m",
    "SeriesNumber": 301,
    "SliceThickness": 3,
    "SliceTiming": [
      0,
      1.027027,
      0.054054,
      1.081081,
      0.108108,
      1.13513,
      0.162162,
      1.189189,
      0.216216,
      1.243244,
      0.27027,
      1.297298,
      0.324324,
      1.351352,
      0.378378,
      1.405406,
      0.432432,
      1.45946,
      0.486486,
      1.513514,
      0.540541,
      1.567568,
      0.594595,
      1.621622,
      0.648649,
      1.675676,
      0.702703,
      1.72973,
      0.756757,
      1.783784,
      0.810811,
      1.837838,
      0.864865,
      1.891892,
      0.918919,
      1.945947,
      0.972973
    ],
    "SoftwareVersions": "5.3.1_5.3.1.0",
    "SpacingBetweenSlices": 3,
    "StationName": "PHILIPS-CTMFQSD",
    "TaskName": "rest",
    "UsePhilipsFloatNotDisplayScaling": 1,
    "dataset": "ds004144",
    "modality": "bold",
    "subject_id": "023",
    "task_id": "rest"
  },
  "dummy_trs": 0,
  "dvars_nstd": 30.238187802508364,
  "dvars_std": 1.171738425986623,
  "dvars_vstd": 0.9390170559197318,
  "efc": 0.4253941949646915,
  "fber": 97083.5078125,
  "fd_mean": 0.1671688857963867,
  "fd_num": 65,
  "fd_perc": 21.666666666666668,
  "fwhm_avg": 1.9574877777777777,
  "fwhm_x": 1.8642566666666667,
  "fwhm_y": 2.0755766666666666,
  "fwhm_z": 1.9326299999999998,
  "gcor": 0.0484705,
  "gsr_x": -0.012320883572101593,
  "gsr_y": 0.019133808091282845,
  "provenance": {
    "md5sum": "9205b36553072fc5bf73aad2511acfcb",
    "settings": {
      "fd_thres": 0.2,
      "testing": false
    },
    "software": "mriqc",
    "version": "23.0.0",
    "webapi_port": null,
    "webapi_url": "https://mriqc.nimh.nih.gov/api/v1"
  },
  "size_t": 300,
  "size_x": 80,
  "size_y": 80,
  "size_z": 37,
  "snr": 4.558960155086334,
  "spacing_tr": 2.0000016689300537,
  "spacing_x": 3.0,
  "spacing_y": 3.0,
  "spacing_z": 3.0,
  "summary_bg_k": 119.38067532844589,
  "summary_bg_mad": 190.16438906169634,
  "summary_bg_mean": 1151.0989990234375,
  "summary_bg_median": 162.9931182861328,
  "summary_bg_n": 159417.0,
  "summary_bg_p05": 13.240211868286133,
  "summary_bg_p95": 4794.779785156234,
  "summary_bg_stdv": 3610.710693359375,
  "summary_fg_k": 3.0414812110037905,
  "summary_fg_mad": 8740.762459008602,
  "summary_fg_mean": 54627.3671875,
  "summary_fg_median": 53024.2578125,
  "summary_fg_n": 37069.0,
  "summary_fg_p05": 39188.18125,
  "summary_fg_p95": 77003.87968749998,
  "summary_fg_stdv": 11630.6220703125,
  "tsnr": 45.74693298339844
}