{
  "aor": 0.0010401318944844127,
  "aqi": 0.031003894724220625,
  "bids_meta": {
    "AcquisitionMatrixPE": 78,
    "AcquisitionNumber": 7,
    "AcquisitionTime": "11:12:18.350000",
    "BodyPartExamined": "BRAIN",
    "CoilString": "MULTI_COIL",
    "ConversionSoftware": "dcm2niix",
    "ConversionSoftwareVersion": "v1.0.20190410  (JP2:OpenJPEG) GCC6.3.0",
    "Dcm2bidsVersion": "2.1.4",
    "DeviceSerialNumber": "42451",
    "EchoTime": 0.030001,
    "EchoTrainLength": 39,
    "FlipAngle": 75,
    "ImageOrientationPatientDICOM": [
      1,
      0,
      0.000581623,
      0,
      1,
      0
    ],
    "ImageType": [
      "ORIGINAL",
      "PRIMARY",
      "M",
      "FFE",
      "M",
      "FFE"
    ],
    "ImagingFrequency": 127.759,
    "InPlanePhaseEncodingDirectionDICOM": "COL",
    "InstitutionAddress": "Calzada_Mexico_Xochimilco_No.101_Tlalpan",
    "InstitutionName": "I.N._Psiquiatria",
    "InstitutionalDepartmentName": "Imagenes_Cerebrales",
    "MRAcquisitionType": "2D",
    "MagneticFieldStrength": 3,
    "Manufacturer": "Philips",
    "ManufacturersModelName": "Ingenia",
    "Modality": "MR",
    "PartialFourier": 0.5,
    "PatientPosition": "HFS",
    "PercentPhaseFOV": 100,
    "PhaseEncodingAxis": "j",
    "PhaseEncodingSteps": 78,
    "PhilipsRescaleIntercept": 0,
    "PhilipsRescaleSlope": 0.799756,
    "PhilipsScaleSlope": 0.0277759,
    "PixelBandwidth": 2071,
    "ProcedureStepDescription": "PROTOCOLO_FIBROMIALGIA",
    "ProtocolName": "WIP_TASK_FMRI",
    "ReconMatrixPE": 80,
    "RepetitionTime": 2,
    "SAR": 0.117678,
    "ScanOptions": "FS",
    "ScanningSequence": "GR",
    "SequenceVariant": "SK",
    "SeriesDescription": "TASK_FMRI",
    "SeriesNumber": 701,
    "SliceThickness": 3,
    "SliceTiming": [
      0,
      1.027027,
      0.054054,
      1.081081,
      0.108108,
      1.13513,
      0.162162,
      1.189189,
      0.216216,
      1.243244,
      0.27027,
      1.297298,
      0.324324,
      1.351352,
      0.378378,
      1.405406,
      0.432432,
      1.45946,
      0.486486,
      1.513514,
      0.540541,
      1.567568,
      0.594595,
      1.621622,
      0.648649,
      1.675676,
      0.702703,
      1.72973,
      0.756757,
      1.783784,
      0.810811,
      1.837838,
      0.864865,
      1.891892,
      0.918919,
      1.945947,
      0.972973
    ],
    "SoftwareVersions": "5.3.1_5.3.1.0",
    "SpacingBetweenSlices": 3,
    "StationName": "PHILIPS-CTMFQSD",
    "TaskName": "epr",
    "UsePhilipsFloatNotDisplayScaling": 1,
    "dataset": "ds004144",
    "modality": "bold",
    "subject_id": "049",
    "task_id": "epr"
  },
  "dummy_trs": 0,
  "dvars_nstd": 40.69072745831932,
  "dvars_std": 1.1387477470708296,
  "dvars_vstd": 0.9236101378031218,
  "efc": 0.40378122231223723,
  "fber": 84271.5546875,
  "fd_mean": 0.26916962449235726,
  "fd_num": 414,
  "fd_perc": 49.64028776978417,
  "fwhm_avg": 1.8667333333333331,
  "fwhm_x": 1.8398966666666665,
  "fwhm_y": 2.00392,
  "fwhm_z": 1.7563833333333332,
  "gcor": 0.0819352,
  "gsr_x": -0.011767063289880753,
  "gsr_y": 0.01103490311652422,
  "provenance": {
    "md5sum": "75161ab6864fc6fedd42d0e4d4404021",
    "settings": {
      "fd_thres": 0.2,
      "testing": false
    },
    "software": "mriqc",
    "version": "23.0.0",
    "webapi_port": null,
    "webapi_url": "https://mriqc.nimh.nih.gov/api/v1"
  },
  "size_t": 834,
  "size_x": 80,
  "size_y": 80,
  "size_z": 37,
  "snr": 4.829272339989537,
  "spacing_tr": 2.0000016689300537,
  "spacing_x": 3.0,
  "spacing_y": 3.0,
  "spacing_z": 3.0,
  "summary_bg_k": 93.06703718885247,
  "summary_bg_mad": 203.52623522921988,
  "summary_bg_mean": 1224.2340087890625,
  "summary_bg_median": 181.26324462890625,
  "summary_bg_n": 165912.0,
  "summary_bg_p05": 19.85613832473755,
  "summary_bg_p95": 5602.955859375,
  "summary_bg_stdv": 3458.340576171875,
  "summary_fg_k": 2.3508513297817517,
  "summary_fg_mad": 8817.594264992213,
  "summary_fg_mean": 53608.66015625,
  "summary_fg_median": 52637.89453125,
  "summary_fg_n": 31696.0,
  "summary_fg_p05": 37378.2958984375,
  "summary_fg_p95": 72760.658203125,
  "summary_fg_stdv": 10899.5849609375,
  "tsnr": 27.303813934326172
}