{
  "aor": 0.00436779376498801,
  "aqi": 0.038253525539568345,
  "bids_meta": {
    "AcquisitionMatrixPE": 78,
    "AcquisitionNumber": 7,
    "AcquisitionTime": "10:09:9.510000",
    "BodyPartExamined": "BRAIN",
    "CoilString": "MULTI_COIL",
    "ConversionSoftware": "dcm2niix",
    "ConversionSoftwareVersion": "v1.0.20190410  (JP2:OpenJPEG) GCC6.3.0",
    "Dcm2bidsVersion": "2.1.4",
    "DeviceSerialNumber": "42451",
    "EchoTime": 0.030001,
    "EchoTrainLength": 39,
    "FlipAngle": 75,
    "ImageOrientationPatientDICOM": [
      0.999993,
      0,
      -0.00362181,
      0,
      1,
      0
    ],
    "ImageType": [
      "ORIGINAL",
      "PRIMARY",
      "M",
      "FFE",
      "M",
      "FFE"
    ],
    "ImagingFrequency": 127.759,
    "InPlanePhaseEncodingDirectionDICOM": "COL",
    "InstitutionAddress": "Calzada_Mexico_Xochimilco_No.101_Tlalpan",
    "InstitutionName": "I.N._Psiquiatria",
    "InstitutionalDepartmentName": "Imagenes_Cerebrales",
    "MRAcquisitionType": "2D",
    "MagneticFieldStrength": 3,
    "Manufacturer": "Philips",
    "ManufacturersModelName": "Ingenia",
    "Modality": "MR",
    "PartialFourier": 0.5,
    "PatientPosition": "HFS",
    "PercentPhaseFOV": 100,
    "PhaseEncodingAxis": "j",
    "PhaseEncodingSteps": 78,
    "PhilipsRescaleIntercept": 0,
    "PhilipsRescaleSlope": 0.751648,
    "PhilipsScaleSlope": 0.0264426,
    "PixelBandwidth": 2071,
    "ProcedureStepDescription": "PROTOCOLO_FIBROMIALGIA",
    "ProtocolName": "WIP_TASK_FMRI",
    "ReconMatrixPE": 80,
    "RepetitionTime": 2,
    "SAR": 0.117749,
    "ScanOptions": "FS",
    "ScanningSequence": "GR",
    "SequenceVariant": "SK",
    "SeriesDescription": "TASK_FMRI",
    "SeriesNumber": 701,
    "SliceThickness": 3,
    "SliceTiming": [
      0,
      1.027027,
      0.054054,
      1.081081,
      0.108108,
      1.13513,
      0.162162,
      1.189189,
      0.216216,
      1.243244,
      0.27027,
      1.297298,
      0.324324,
      1.351352,
      0.378378,
      1.405406,
      0.432432,
      1.45946,
      0.486486,
      1.513514,
      0.540541,
      1.567568,
      0.594595,
      1.621622,
      0.648649,
      1.675676,
      0.702703,
      1.72973,
      0.756757,
      1.783784,
      0.810811,
      1.837838,
      0.864865,
      1.891892,
      0.918919,
      1.945947,
      0.972973
    ],
    "SoftwareVersions": "5.3.1_5.3.1.0",
    "SpacingBetweenSlices": 3,
    "StationName": "PHILIPS-CTMFQSD",
    "TaskName": "epr",
    "UsePhilipsFloatNotDisplayScaling": 1,
    "dataset": "ds004144",
    "modality": "bold",
    "subject_id": "061",
    "task_id": "epr"
  },
  "dummy_trs": 0,
  "dvars_nstd": 28.30466832108046,
  "dvars_std": 0.9767315520048019,
  "dvars_vstd": 0.897731610420168,
  "efc": 0.39074304161831364,
  "fber": 87841.625,
  "fd_mean": 0.22025907634584999,
  "fd_num": 257,
  "fd_perc": 30.81534772182254,
  "fwhm_avg": 1.9314477777777779,
  "fwhm_x": 1.84298,
  "fwhm_y": 2.0928766666666667,
  "fwhm_z": 1.8584866666666666,
  "gcor": 0.0994178,
  "gsr_x": -0.014698811806738377,
  "gsr_y": 0.015024911612272263,
  "provenance": {
    "md5sum": "2af738dd435d0bc155a135e14b1e09e7",
    "settings": {
      "fd_thres": 0.2,
      "testing": false
    },
    "software": "mriqc",
    "version": "23.0.0",
    "webapi_port": null,
    "webapi_url": "https://mriqc.nimh.nih.gov/api/v1"
  },
  "size_t": 834,
  "size_x": 80,
  "size_y": 80,
  "size_z": 37,
  "snr": 4.994500631615078,
  "spacing_tr": 2.0000016689300537,
  "spacing_x": 3.0,
  "spacing_y": 3.0,
  "spacing_z": 3.0,
  "summary_bg_k": 139.12012482383503,
  "summary_bg_mad": 180.75045542703464,
  "summary_bg_mean": 987.3797607421875,
  "summary_bg_median": 174.96304321289062,
  "summary_bg_n": 167531.0,
  "summary_bg_p05": 25.40106964111328,
  "summary_bg_p95": 4269.56494140625,
  "summary_bg_stdv": 3091.03125,
  "summary_fg_k": 3.6986569757496994,
  "summary_fg_mad": 8044.382459552045,
  "summary_fg_mean": 53018.99609375,
  "summary_fg_median": 52147.6171875,
  "summary_fg_n": 30478.0,
  "summary_fg_p05": 38162.8732421875,
  "summary_fg_p95": 70290.2546875,
  "summary_fg_stdv": 10440.8359375,
  "tsnr": 26.406404495239258
}