{
  "bids_meta": {
    "AcquisitionMatrixPE": 240,
    "AcquisitionNumber": 6,
    "AcquisitionTime": "11:01:30.230000",
    "BodyPartExamined": "BRAIN",
    "CoilString": "MULTI_COIL",
    "ConversionSoftware": "dcm2niix",
    "ConversionSoftwareVersion": "v1.0.20190410  (JP2:OpenJPEG) GCC6.3.0",
    "Dcm2bidsVersion": "2.1.4",
    "DeviceSerialNumber": "42451",
    "EchoTime": 0.331,
    "EchoTrainLength": 117,
    "FlipAngle": 90,
    "ImageOrientationPatientDICOM": [
      0,
      1,
      0,
      -0.00362181,
      0,
      -0.999993
    ],
    "ImageType": [
      "ORIGINAL",
      "PRIMARY",
      "M",
      "SE",
      "M",
      "SE"
    ],
    "ImagingFrequency": 127.759,
    "InPlanePhaseEncodingDirectionDICOM": "ROW",
    "InstitutionAddress": "Calzada_Mexico_Xochimilco_No.101_Tlalpan",
    "InstitutionName": "I.N._Psiquiatria",
    "InstitutionalDepartmentName": "Imagenes_Cerebrales",
    "MRAcquisitionType": "3D",
    "MagneticFieldStrength": 3,
    "Manufacturer": "Philips",
    "ManufacturersModelName": "Ingenia",
    "Modality": "MR",
    "PatientPosition": "HFS",
    "PercentPhaseFOV": 100,
    "PhaseEncodingSteps": 240,
    "PhilipsRescaleIntercept": 0,
    "PhilipsRescaleSlope": 1.33578,
    "PhilipsScaleSlope": 0.00326941,
    "PixelBandwidth": 413,
    "ProcedureStepDescription": "FIBROMIALGIA",
    "ProtocolName": "WIP_T2W",
    "ReconMatrixPE": 240,
    "RepetitionTime": 2.5,
    "SAR": 0.030152,
    "ScanOptions": "FS",
    "ScanningSequence": "SE",
    "SequenceVariant": "SK",
    "SeriesDescription": "T2W",
    "SeriesNumber": 601,
    "SliceThickness": 1,
    "SoftwareVersions": "5.3.1_5.3.1.0",
    "SpacingBetweenSlices": 1,
    "StationName": "PHILIPS-CTMFQSD",
    "UsePhilipsFloatNotDisplayScaling": 1,
    "dataset": "ds004144",
    "modality": "T2w",
    "subject_id": "005"
  },
  "cjv": 0.5363834939511188,
  "cnr": 1.4637067508694217,
  "efc": 0.5114639497644293,
  "fber": -1.0,
  "fwhm_avg": 2.68714,
  "fwhm_x": 2.69737,
  "fwhm_y": 2.78681,
  "fwhm_z": 2.57724,
  "icvs_csf": 0.3007624580677624,
  "icvs_gm": 0.19283198515256825,
  "icvs_wm": 0.5064055567796694,
  "inu_med": 0.9376890063285828,
  "inu_range": 0.23655806779861432,
  "provenance": {
    "md5sum": "4b48c4fd6cf8446d3ffb0a4e91aa7349",
    "settings": {
      "testing": false
    },
    "software": "mriqc",
    "version": "23.0.0",
    "warnings": {
      "large_rot_frame": true,
      "small_air_mask": false
    },
    "webapi_port": null,
    "webapi_url": "https://mriqc.nimh.nih.gov/api/v1"
  },
  "qi_1": 0.07311380519878899,
  "qi_2": 4.97766214854353e-06,
  "rpve_csf": 15.26215926394898,
  "rpve_gm": 28.869149292940584,
  "rpve_wm": 11.621192414626023,
  "size_x": 180,
  "size_y": 240,
  "size_z": 240,
  "snr_csf": 9.143225249644152,
  "snr_gm": 2.115311465021856,
  "snr_total": 7.1630775921926215,
  "snr_wm": 10.23069606191186,
  "snrd_csf": 47.32351042952695,
  "snrd_gm": 98.78262655017382,
  "snrd_total": 58.797355936068605,
  "snrd_wm": 30.28593082850504,
  "spacing_x": 1.0,
  "spacing_y": 1.0,
  "spacing_z": 1.0,
  "summary_bg_k": 115.15807395585342,
  "summary_bg_mad": 0.0,
  "summary_bg_mean": 6.496525514848247,
  "summary_bg_median": 0.0,
  "summary_bg_n": 1327180.0,
  "summary_bg_p05": 0.0,
  "summary_bg_p95": 40.60796810686588,
  "summary_bg_stdv": 21.6333681478044,
  "summary_csf_k": 0.5556516721868316,
  "summary_csf_mad": 164.45537789817146,
  "summary_csf_mean": 1569.383582332505,
  "summary_csf_median": 1562.6775174885988,
  "summary_csf_n": 11139.0,
  "summary_csf_p05": 1302.8325797915459,
  "summary_csf_p95": 1859.1387137621641,
  "summary_csf_stdv": 170.90330040258686,
  "summary_gm_k": -1.3315439772818636,
  "summary_gm_mad": 1114.4270314040796,
  "summary_gm_mean": 2552.3471529421095,
  "summary_gm_median": 3261.9175591021776,
  "summary_gm_n": 52666.0,
  "summary_gm_p05": 135.10401487350464,
  "summary_gm_p95": 4267.598069816828,
  "summary_gm_stdv": 1542.036075976976,
  "summary_wm_k": 0.010857295796174338,
  "summary_wm_mad": 98.78703668900542,
  "summary_wm_mean": 996.7976872065971,
  "summary_wm_median": 1000.0767646431923,
  "summary_wm_n": 209029.0,
  "summary_wm_p05": 831.8876188546419,
  "summary_wm_p95": 1149.3820538073778,
  "summary_wm_stdv": 97.7523294986078,
  "tpm_overlap_csf": 0.11294853970320189,
  "tpm_overlap_gm": 0.11049502509446064,
  "tpm_overlap_wm": 0.46920106019367247,
  "wm2max": 0.2368942631148286
}