{
  "aor": 0.0009970193548387094,
  "aqi": 0.021167649922580647,
  "bids_meta": {
    "AcquisitionMatrixPE": 78,
    "AcquisitionNumber": 15,
    "AcquisitionTime": "10:01:34.980000",
    "BodyPartExamined": "BRAIN",
    "CoilString": "MULTI_COIL",
    "ConversionSoftware": "dcm2niix",
    "ConversionSoftwareVersion": "v1.0.20190410  (JP2:OpenJPEG) GCC6.3.0",
    "Dcm2bidsVersion": "2.1.4",
    "DeviceSerialNumber": "42451",
    "EchoTime": 0.030001,
    "EchoTrainLength": 39,
    "FlipAngle": 75,
    "ImageOrientationPatientDICOM": [
      0.999993,
      0,
      -0.00362181,
      0,
      1,
      0
    ],
    "ImageType": [
      "ORIGINAL",
      "PRIMARY",
      "M",
      "FFE",
      "M",
      "FFE"
    ],
    "ImagingFrequency": 127.759,
    "InPlanePhaseEncodingDirectionDICOM": "COL",
    "InstitutionAddress": "Calzada_Mexico_Xochimilco_No.101_Tlalpan",
    "InstitutionName": "I.N._Psiquiatria",
    "InstitutionalDepartmentName": "Imagenes_Cerebrales",
    "MRAcquisitionType": "2D",
    "MagneticFieldStrength": 3,
    "Manufacturer": "Philips",
    "ManufacturersModelName": "Ingenia",
    "Modality": "MR",
    "PartialFourier": 0.5,
    "PatientPosition": "HFS",
    "PercentPhaseFOV": 100,
    "PhaseEncodingAxis": "j",
    "PhaseEncodingSteps": 78,
    "PhilipsRescaleIntercept": 0,
    "PhilipsRescaleSlope": 0.753846,
    "PhilipsScaleSlope": 0.0295504,
    "PixelBandwidth": 2071,
    "ProcedureStepDescription": "FIBROMIALGIA",
    "ProtocolName": "WIP_TASK_FMRI",
    "ReconMatrixPE": 80,
    "RepetitionTime": 2,
    "SAR": 0.117749,
    "ScanOptions": "FS",
    "ScanningSequence": "GR",
    "SequenceVariant": "SK",
    "SeriesDescription": "TASK_FMRI",
    "SeriesNumber": 1501,
    "SliceThickness": 3,
    "SliceTiming": [
      0,
      1.027027,
      0.054054,
      1.081081,
      0.108108,
      1.13513,
      0.162162,
      1.189189,
      0.216216,
      1.243244,
      0.27027,
      1.297298,
      0.324324,
      1.351352,
      0.378378,
      1.405406,
      0.432432,
      1.45946,
      0.486486,
      1.513514,
      0.540541,
      1.567568,
      0.594595,
      1.621622,
      0.648649,
      1.675676,
      0.702703,
      1.72973,
      0.756757,
      1.783784,
      0.810811,
      1.837838,
      0.864865,
      1.891892,
      0.918919,
      1.945947,
      0.972973
    ],
    "SoftwareVersions": "5.3.1_5.3.1.0",
    "SpacingBetweenSlices": 3,
    "StationName": "PHILIPS-CTMFQSD",
    "TaskName": "epr",
    "UsePhilipsFloatNotDisplayScaling": 1,
    "dataset": "ds004144",
    "modality": "bold",
    "subject_id": "008",
    "task_id": "epr"
  },
  "dummy_trs": 0,
  "dvars_nstd": 33.783338332286846,
  "dvars_std": 1.1897660114599473,
  "dvars_vstd": 0.9424041540697671,
  "efc": 0.4222752189880968,
  "fber": 88441.859375,
  "fd_mean": 0.237097890596337,
  "fd_num": 314,
  "fd_perc": 40.516129032258064,
  "fwhm_avg": 2.1365177777777777,
  "fwhm_x": 2.1101533333333333,
  "fwhm_y": 2.25778,
  "fwhm_z": 2.04162,
  "gcor": 0.0528771,
  "gsr_x": -0.008579936809837818,
  "gsr_y": 0.011665338650345802,
  "provenance": {
    "md5sum": "c22d5ded4c5918557d6031742de994a4",
    "settings": {
      "fd_thres": 0.2,
      "testing": false
    },
    "software": "mriqc",
    "version": "23.0.0",
    "webapi_port": null,
    "webapi_url": "https://mriqc.nimh.nih.gov/api/v1"
  },
  "size_t": 775,
  "size_x": 80,
  "size_y": 80,
  "size_z": 37,
  "snr": 4.023932414548332,
  "spacing_tr": 2.0000016689300537,
  "spacing_x": 3.0,
  "spacing_y": 3.0,
  "spacing_z": 3.0,
  "summary_bg_k": 46.80489200245585,
  "summary_bg_mad": 191.63398887503402,
  "summary_bg_mean": 1222.2635498046875,
  "summary_bg_median": 170.43643188476562,
  "summary_bg_n": 160465.0,
  "summary_bg_p05": 22.07495880126953,
  "summary_bg_p95": 6208.283105468743,
  "summary_bg_stdv": 3189.48291015625,
  "summary_fg_k": 3.524141711899934,
  "summary_fg_mad": 9490.414788570328,
  "summary_fg_mean": 52177.74609375,
  "summary_fg_median": 50889.10546875,
  "summary_fg_n": 35767.0,
  "summary_fg_p05": 34305.784765625,
  "summary_fg_p95": 74932.43281249999,
  "summary_fg_stdv": 12646.43359375,
  "tsnr": 28.41071891784668
}