{
  "bids_meta": {
    "AcquisitionMatrixPE": 240,
    "AcquisitionNumber": 5,
    "AcquisitionTime": "13:10:6.130000",
    "BodyPartExamined": "BRAIN",
    "CoilString": "MULTI_COIL",
    "ConversionSoftware": "dcm2niix",
    "ConversionSoftwareVersion": "v1.0.20190410  (JP2:OpenJPEG) GCC6.3.0",
    "Dcm2bidsVersion": "2.1.4",
    "DeviceSerialNumber": "42451",
    "EchoTime": 0.331,
    "EchoTrainLength": 117,
    "FlipAngle": 90,
    "ImageOrientationPatientDICOM": [
      0,
      1,
      0,
      -0.00362181,
      0,
      -0.999993
    ],
    "ImageType": [
      "ORIGINAL",
      "PRIMARY",
      "M",
      "SE",
      "M",
      "SE"
    ],
    "ImagingFrequency": 127.759,
    "InPlanePhaseEncodingDirectionDICOM": "ROW",
    "InstitutionAddress": "Calzada_Mexico_Xochimilco_No.101_Tlalpan",
    "InstitutionName": "I.N._Psiquiatria",
    "InstitutionalDepartmentName": "Imagenes_Cerebrales",
    "MRAcquisitionType": "3D",
    "MagneticFieldStrength": 3,
    "Manufacturer": "Philips",
    "ManufacturersModelName": "Ingenia",
    "Modality": "MR",
    "PatientPosition": "HFS",
    "PercentPhaseFOV": 100,
    "PhaseEncodingSteps": 240,
    "PhilipsRescaleIntercept": 0,
    "PhilipsRescaleSlope": 1.52479,
    "PhilipsScaleSlope": 0.0034772,
    "PixelBandwidth": 413,
    "ProcedureStepDescription": "PROTOCOLO_FIBROMIALGIA",
    "ProtocolName": "WIP_T2W",
    "ReconMatrixPE": 240,
    "RepetitionTime": 2.5,
    "SAR": 0.030152,
    "ScanOptions": "FS",
    "ScanningSequence": "SE",
    "SequenceVariant": "SK",
    "SeriesDescription": "T2W",
    "SeriesNumber": 501,
    "SliceThickness": 1,
    "SoftwareVersions": "5.3.1_5.3.1.0",
    "SpacingBetweenSlices": 1,
    "StationName": "PHILIPS-CTMFQSD",
    "UsePhilipsFloatNotDisplayScaling": 1,
    "dataset": "ds004144",
    "modality": "T2w",
    "subject_id": "020"
  },
  "cjv": 0.47613471920261674,
  "cnr": 2.8383920956812405,
  "efc": 0.49512919627395446,
  "fber": -1.0,
  "fwhm_avg": 2.9802033333333333,
  "fwhm_x": 2.96488,
  "fwhm_y": 3.1611,
  "fwhm_z": 2.81463,
  "icvs_csf": 0.20973702827649449,
  "icvs_gm": 0.2793363412517847,
  "icvs_wm": 0.5109266304717208,
  "inu_med": 0.8912701904773712,
  "inu_range": 0.19187202453613283,
  "provenance": {
    "md5sum": "c9b5fd25be6c088de86cb5e76f5e9aea",
    "settings": {
      "testing": false
    },
    "software": "mriqc",
    "version": "23.0.0",
    "warnings": {
      "large_rot_frame": true,
      "small_air_mask": false
    },
    "webapi_port": null,
    "webapi_url": "https://mriqc.nimh.nih.gov/api/v1"
  },
  "qi_1": 0.09413863362423666,
  "qi_2": 1.3993645105784133e-05,
  "rpve_csf": 29.754752627228715,
  "rpve_gm": 18.07002959096092,
  "rpve_wm": 12.948006851585532,
  "size_x": 180,
  "size_y": 240,
  "size_z": 240,
  "snr_csf": 2.3191285771022208,
  "snr_gm": 10.78163539331462,
  "snr_total": 8.401513349916936,
  "snr_wm": 12.103776079333967,
  "snrd_csf": 100.54890216406791,
  "snrd_gm": 47.418210419946014,
  "snrd_total": 60.20768331623125,
  "snrd_wm": 32.65593736467981,
  "spacing_x": 1.0,
  "spacing_y": 1.0,
  "spacing_z": 1.0,
  "summary_bg_k": 200.77199905180302,
  "summary_bg_mad": 0.0,
  "summary_bg_mean": 4.540886258101101,
  "summary_bg_median": 0.0,
  "summary_bg_n": 1250523.0,
  "summary_bg_p05": 0.0,
  "summary_bg_p95": 30.593012019991875,
  "summary_bg_stdv": 20.06614869772478,
  "summary_csf_k": -0.5194824998006053,
  "summary_csf_mad": 1076.0528044839775,
  "summary_csf_mean": 2700.812959591288,
  "summary_csf_median": 3079.70862589404,
  "summary_csf_n": 66362.0,
  "summary_csf_p05": 126.21429840475321,
  "summary_csf_p95": 4078.6538379292933,
  "summary_csf_stdv": 1327.949408393049,
  "summary_gm_k": 0.4972592353880314,
  "summary_gm_mad": 131.12764535488714,
  "summary_gm_mean": 1454.0350910799282,
  "summary_gm_median": 1452.3706227689981,
  "summary_gm_n": 12325.0,
  "summary_gm_p05": 1240.394397303462,
  "summary_gm_p95": 1679.4983636662362,
  "summary_gm_stdv": 134.70235719282806,
  "summary_wm_k": -0.07714874595267318,
  "summary_wm_mad": 84.15815271547264,
  "summary_wm_mean": 998.717760865123,
  "summary_wm_median": 1000.2175043597817,
  "summary_wm_n": 187740.0,
  "summary_wm_p05": 861.3854008790106,
  "summary_wm_p95": 1130.5640342459083,
  "summary_wm_stdv": 82.63659489099753,
  "tpm_overlap_csf": 0.14098438074002603,
  "tpm_overlap_gm": 0.33015721227231526,
  "tpm_overlap_wm": 0.445574284536219,
  "wm2max": 0.24552880033519034
}