{
  "bids_meta": {
    "AcquisitionMatrixPE": 240,
    "AcquisitionNumber": 4,
    "AcquisitionTime": "11:05:25.400000",
    "BodyPartExamined": "BRAIN",
    "CoilString": "MULTI_COIL",
    "ConversionSoftware": "dcm2niix",
    "ConversionSoftwareVersion": "v1.0.20190410  (JP2:OpenJPEG) GCC6.3.0",
    "Dcm2bidsVersion": "2.1.4",
    "DeviceSerialNumber": "42451",
    "EchoTime": 0.0035,
    "EchoTrainLength": 240,
    "FlipAngle": 8,
    "ImageOrientationPatientDICOM": [
      0,
      1,
      0,
      -0.0110294,
      0,
      -0.999939
    ],
    "ImageType": [
      "ORIGINAL",
      "PRIMARY",
      "M",
      "FFE",
      "M",
      "FFE"
    ],
    "ImagingFrequency": 127.759,
    "InPlanePhaseEncodingDirectionDICOM": "ROW",
    "InstitutionAddress": "Calzada_Mexico_Xochimilco_No.101_Tlalpan",
    "InstitutionName": "I.N._Psiquiatria",
    "InstitutionalDepartmentName": "Imagenes_Cerebrales",
    "MRAcquisitionType": "3D",
    "MagneticFieldStrength": 3,
    "Manufacturer": "Philips",
    "ManufacturersModelName": "Ingenia",
    "Modality": "MR",
    "PatientPosition": "HFS",
    "PercentPhaseFOV": 100,
    "PhaseEncodingSteps": 240,
    "PhilipsRescaleIntercept": 0,
    "PhilipsRescaleSlope": 3.64396,
    "PhilipsScaleSlope": 0.00571078,
    "PixelBandwidth": 310,
    "ProcedureStepDescription": "PROTOCOLO_FIBROMIALGIA",
    "ProtocolName": "WIP_T1W",
    "ReconMatrixPE": 240,
    "RepetitionTime": 0.007,
    "SAR": 0.0382114,
    "ScanOptions": "OTHER",
    "ScanningSequence": "GR",
    "SequenceVariant": "MP",
    "SeriesDescription": "T1W",
    "SeriesNumber": 401,
    "SliceThickness": 1,
    "SoftwareVersions": "5.3.1_5.3.1.0",
    "SpacingBetweenSlices": 1,
    "StationName": "PHILIPS-CTMFQSD",
    "UsePhilipsFloatNotDisplayScaling": 1,
    "dataset": "ds004144",
    "modality": "T1w",
    "subject_id": "029"
  },
  "cjv": 0.34571494477953607,
  "cnr": 3.812768599040117,
  "efc": 0.687337677327128,
  "fber": -1.0,
  "fwhm_avg": 4.445246666666667,
  "fwhm_x": 4.20135,
  "fwhm_y": 4.93951,
  "fwhm_z": 4.19488,
  "icvs_csf": 0.24411972066460896,
  "icvs_gm": 0.4076834038185449,
  "icvs_wm": 0.34819687551684614,
  "inu_med": 0.41869789361953735,
  "inu_range": 0.15985506176948544,
  "provenance": {
    "md5sum": "3732421d0237872413888232fffe094f",
    "settings": {
      "testing": false
    },
    "software": "mriqc",
    "version": "23.0.0",
    "warnings": {
      "large_rot_frame": true,
      "small_air_mask": false
    },
    "webapi_port": null,
    "webapi_url": "https://mriqc.nimh.nih.gov/api/v1"
  },
  "qi_1": 0.013362655126110793,
  "qi_2": 5.1619947329046624e-05,
  "rpve_csf": 22.828475880424882,
  "rpve_gm": 13.466233791864848,
  "rpve_wm": 18.397145653470687,
  "size_x": 180,
  "size_y": 240,
  "size_z": 240,
  "snr_csf": 2.9763112601266433,
  "snr_gm": 14.385868117477035,
  "snr_total": 15.899790725938734,
  "snr_wm": 30.33719280021252,
  "snrd_csf": 36.22025268521349,
  "snrd_gm": 88.04838556405524,
  "snrd_total": 79.97417914354192,
  "snrd_wm": 115.65389918135702,
  "spacing_x": 1.0,
  "spacing_y": 1.0,
  "spacing_z": 1.0,
  "summary_bg_k": 9.594810675753553,
  "summary_bg_mad": 0.0,
  "summary_bg_mean": 2.7323427021136784,
  "summary_bg_median": 0.0,
  "summary_bg_n": 547294.0,
  "summary_bg_p05": 0.0,
  "summary_bg_p95": 15.015868943184614,
  "summary_bg_stdv": 5.664628895124537,
  "summary_csf_k": 1.142637965621839,
  "summary_csf_mad": 82.90521387284143,
  "summary_csf_mean": 318.29677896787865,
  "summary_csf_median": 313.1779732424766,
  "summary_csf_n": 53142.0,
  "summary_csf_p05": 125.60987529996787,
  "summary_csf_p95": 503.00792526081204,
  "summary_csf_stdv": 105.2225386537059,
  "summary_gm_k": 0.3274483750686539,
  "summary_gm_mad": 51.4777820997821,
  "summary_gm_mean": 759.9830631843439,
  "summary_gm_median": 761.3092922866344,
  "summary_gm_n": 31341.0,
  "summary_gm_p05": 671.3088159710169,
  "summary_gm_p95": 844.4649955350906,
  "summary_gm_stdv": 52.91979186741771,
  "summary_wm_k": 0.5429761641890583,
  "summary_wm_mad": 31.041172835066423,
  "summary_wm_mean": 1000.4999603287895,
  "summary_wm_median": 1000.0000292100012,
  "summary_wm_n": 177776.0,
  "summary_wm_p05": 947.39711923711,
  "summary_wm_p95": 1055.4450594875962,
  "summary_wm_stdv": 32.962747188356644,
  "tpm_overlap_csf": 0.14718768252440992,
  "tpm_overlap_gm": 0.45334914534778603,
  "tpm_overlap_wm": 0.5084730718884239,
  "wm2max": 0.8574561848865783
}