{
  "bids_meta": {
    "AcquisitionMatrixPE": 240,
    "AcquisitionNumber": 5,
    "AcquisitionTime": "11:09:7.300000",
    "BodyPartExamined": "BRAIN",
    "CoilString": "MULTI_COIL",
    "ConversionSoftware": "dcm2niix",
    "ConversionSoftwareVersion": "v1.0.20190410  (JP2:OpenJPEG) GCC6.3.0",
    "Dcm2bidsVersion": "2.1.4",
    "DeviceSerialNumber": "42451",
    "EchoTime": 0.331,
    "EchoTrainLength": 117,
    "FlipAngle": 90,
    "ImageOrientationPatientDICOM": [
      0,
      1,
      0,
      -0.0110294,
      0,
      -0.999939
    ],
    "ImageType": [
      "ORIGINAL",
      "PRIMARY",
      "M",
      "SE",
      "M",
      "SE"
    ],
    "ImagingFrequency": 127.759,
    "InPlanePhaseEncodingDirectionDICOM": "ROW",
    "InstitutionAddress": "Calzada_Mexico_Xochimilco_No.101_Tlalpan",
    "InstitutionName": "I.N._Psiquiatria",
    "InstitutionalDepartmentName": "Imagenes_Cerebrales",
    "MRAcquisitionType": "3D",
    "MagneticFieldStrength": 3,
    "Manufacturer": "Philips",
    "ManufacturersModelName": "Ingenia",
    "Modality": "MR",
    "PatientPosition": "HFS",
    "PercentPhaseFOV": 100,
    "PhaseEncodingSteps": 240,
    "PhilipsRescaleIntercept": 0,
    "PhilipsRescaleSlope": 1.34725,
    "PhilipsScaleSlope": 0.00297227,
    "PixelBandwidth": 413,
    "ProcedureStepDescription": "PROTOCOLO_FIBROMIALGIA",
    "ProtocolName": "WIP_T2W",
    "ReconMatrixPE": 240,
    "RepetitionTime": 2.5,
    "SAR": 0.030152,
    "ScanOptions": "FS",
    "ScanningSequence": "SE",
    "SequenceVariant": "SK",
    "SeriesDescription": "T2W",
    "SeriesNumber": 501,
    "SliceThickness": 1,
    "SoftwareVersions": "5.3.1_5.3.1.0",
    "SpacingBetweenSlices": 1,
    "StationName": "PHILIPS-CTMFQSD",
    "UsePhilipsFloatNotDisplayScaling": 1,
    "dataset": "ds004144",
    "modality": "T2w",
    "subject_id": "029"
  },
  "cjv": 0.3537828779474626,
  "cnr": 1.6753940490272698,
  "efc": 0.48201907936546595,
  "fber": -1.0,
  "fwhm_avg": 2.6782266666666668,
  "fwhm_x": 2.64295,
  "fwhm_y": 2.86963,
  "fwhm_z": 2.5221,
  "icvs_csf": 0.16735953819450564,
  "icvs_gm": 0.1539393350220904,
  "icvs_wm": 0.678701126783404,
  "inu_med": 0.9041824042797089,
  "inu_range": 0.19637994468212128,
  "provenance": {
    "md5sum": "c0e75087dec62c03d97160498f6a1781",
    "settings": {
      "testing": false
    },
    "software": "mriqc",
    "version": "23.0.0",
    "warnings": {
      "large_rot_frame": true,
      "small_air_mask": false
    },
    "webapi_port": null,
    "webapi_url": "https://mriqc.nimh.nih.gov/api/v1"
  },
  "qi_1": 0.10199520644203565,
  "qi_2": 4.582735347950363e-06,
  "rpve_csf": 22.848512207216924,
  "rpve_gm": 42.66665292917637,
  "rpve_wm": 9.632642611919094,
  "size_x": 180,
  "size_y": 240,
  "size_z": 240,
  "snr_csf": 4.43480085816899,
  "snr_gm": 2.3186894313697013,
  "snr_total": 5.3041150587712735,
  "snr_wm": 9.15885488677513,
  "snrd_csf": 40.860838726108064,
  "snrd_gm": 66.80980339549517,
  "snrd_total": 42.025700063019194,
  "snrd_wm": 18.406458067454352,
  "spacing_x": 1.0,
  "spacing_y": 1.0,
  "spacing_z": 1.0,
  "summary_bg_k": 126.32356081950658,
  "summary_bg_mad": 0.0,
  "summary_bg_mean": 7.130194422276677,
  "summary_bg_median": 0.0,
  "summary_bg_n": 1176651.0,
  "summary_bg_p05": 0.0,
  "summary_bg_p95": 31.975404024124146,
  "summary_bg_stdv": 35.628312652512726,
  "summary_csf_k": 1.002661029954674,
  "summary_csf_mad": 462.3303068675795,
  "summary_csf_mean": 2199.5296422293177,
  "summary_csf_median": 2222.136851772666,
  "summary_csf_n": 960.0,
  "summary_csf_p05": 1375.8032492995262,
  "summary_csf_p95": 2994.050775937735,
  "summary_csf_stdv": 500.8069715654238,
  "summary_gm_k": -0.6765692246135768,
  "summary_gm_mad": 822.2117732436741,
  "summary_gm_mean": 2976.2782358584905,
  "summary_gm_median": 3633.3205781690776,
  "summary_gm_n": 45982.0,
  "summary_gm_p05": 91.85242261737585,
  "summary_gm_p95": 4464.485079718754,
  "summary_gm_stdv": 1566.9545997513571,
  "summary_wm_k": 0.09490867950633719,
  "summary_wm_mad": 109.05844310383868,
  "summary_wm_mean": 1007.1411486213655,
  "summary_wm_median": 1000.9992466494441,
  "summary_wm_n": 362159.0,
  "summary_wm_p05": 837.5096207857132,
  "summary_wm_p95": 1195.0038614496589,
  "summary_wm_stdv": 109.29290583097196,
  "tpm_overlap_csf": 0.13892882860322148,
  "tpm_overlap_gm": 0.08424052040689618,
  "tpm_overlap_wm": 0.4441831922436427,
  "wm2max": 0.22512057252502204
}