{
  "aor": 0.0005268705035971223,
  "aqi": 0.01734209695443645,
  "bids_meta": {
    "AcquisitionDateTime": "2019-08-02T13:29:21.890625",
    "ConversionSoftware": "dcm2niix",
    "ConversionSoftwareVersion": "v1.0.20170130",
    "EchoTime": 0.030001,
    "FlipAngle": 75,
    "ImageType": [
      "ORIGINAL",
      "PRIMARY",
      "M",
      "FFE",
      "M",
      "FFE"
    ],
    "MagneticFieldStrength": 3,
    "Manufacturer": "Philips",
    "ManufacturersModelName": "Ingenia",
    "ProcedureStepDescription": "FIBROMIALGIA",
    "ProtocolName": "WIP_TASK_FMRI",
    "RepetitionTime": 2,
    "SliceTiming": [
      0.0,
      1.027027,
      0.054054,
      1.081081,
      0.108108,
      1.13513,
      0.162162,
      1.189189,
      0.216216,
      1.243244,
      0.27027,
      1.297298,
      0.324324,
      1.351352,
      0.378378,
      1.405406,
      0.432432,
      1.45946,
      0.486486,
      1.513514,
      0.540541,
      1.567568,
      0.594595,
      1.621622,
      0.648649,
      1.675676,
      0.702703,
      1.72973,
      0.756757,
      1.783784,
      0.810811,
      1.837838,
      0.864865,
      1.891892,
      0.918919,
      1.945947,
      0.972973
    ],
    "TaskName": "epr",
    "dataset": "ds004144",
    "modality": "bold",
    "subject_id": "072",
    "task_id": "epr"
  },
  "dummy_trs": 0,
  "dvars_nstd": 25.12974436150061,
  "dvars_std": 0.9914406768547419,
  "dvars_vstd": 0.8990114245858345,
  "efc": 0.3915017443223379,
  "fber": 66752.3515625,
  "fd_mean": 0.2137770498268401,
  "fd_num": 380,
  "fd_perc": 45.563549160671464,
  "fwhm_avg": 1.9894755046116022,
  "fwhm_x": 1.9230566666666666,
  "fwhm_y": 2.1223,
  "fwhm_z": 1.92306984716814,
  "gcor": 0.147296,
  "gsr_x": -0.006721280049532652,
  "gsr_y": 0.0034459938760846853,
  "provenance": {
    "md5sum": "a50bff690b41ff55f29c8e4061e96a88",
    "settings": {
      "fd_thres": 0.2,
      "testing": false
    },
    "software": "mriqc",
    "version": "23.0.0",
    "webapi_port": null,
    "webapi_url": "https://mriqc.nimh.nih.gov/api/v1"
  },
  "size_t": 834,
  "size_x": 80,
  "size_y": 80,
  "size_z": 37,
  "snr": 4.861391920601885,
  "spacing_tr": 2.0000016689300537,
  "spacing_x": 3.0,
  "spacing_y": 3.0,
  "spacing_z": 3.000000238418579,
  "summary_bg_k": 73.67884397476222,
  "summary_bg_mad": 222.83534984875865,
  "summary_bg_mean": 1080.364501953125,
  "summary_bg_median": 213.09666442871094,
  "summary_bg_n": 167261.0,
  "summary_bg_p05": 27.31928253173828,
  "summary_bg_p95": 5119.93701171875,
  "summary_bg_stdv": 2943.59326171875,
  "summary_fg_k": 4.08121280503929,
  "summary_fg_mad": 8648.586299204948,
  "summary_fg_mean": 55801.07421875,
  "summary_fg_median": 55136.11328125,
  "summary_fg_n": 30381.0,
  "summary_fg_p05": 39692.68359375,
  "summary_fg_p95": 74848.1171875,
  "summary_fg_stdv": 11341.4443359375,
  "tsnr": 29.992084503173828
}