{
  "bids_meta": {
    "AcquisitionMatrixPE": 240,
    "AcquisitionNumber": 4,
    "AcquisitionTime": "11:48:34.830000",
    "BodyPartExamined": "BRAIN",
    "CoilString": "MULTI_COIL",
    "ConversionSoftware": "dcm2niix",
    "ConversionSoftwareVersion": "v1.0.20190410  (JP2:OpenJPEG) GCC6.3.0",
    "Dcm2bidsVersion": "2.1.4",
    "DeviceSerialNumber": "42451",
    "EchoTime": 0.0035,
    "EchoTrainLength": 240,
    "FlipAngle": 8,
    "ImageOrientationPatientDICOM": [
      0,
      1,
      0,
      0.00165115,
      0,
      -0.999999
    ],
    "ImageType": [
      "ORIGINAL",
      "PRIMARY",
      "M",
      "FFE",
      "M",
      "FFE"
    ],
    "ImagingFrequency": 127.759,
    "InPlanePhaseEncodingDirectionDICOM": "ROW",
    "InstitutionAddress": "Calzada_Mexico_Xochimilco_No.101_Tlalpan",
    "InstitutionName": "I.N._Psiquiatria",
    "InstitutionalDepartmentName": "Imagenes_Cerebrales",
    "MRAcquisitionType": "3D",
    "MagneticFieldStrength": 3,
    "Manufacturer": "Philips",
    "ManufacturersModelName": "Ingenia",
    "Modality": "MR",
    "PatientPosition": "HFS",
    "PercentPhaseFOV": 100,
    "PhaseEncodingSteps": 240,
    "PhilipsRescaleIntercept": 0,
    "PhilipsRescaleSlope": 150.879,
    "PhilipsScaleSlope": 0.0061405,
    "PixelBandwidth": 310,
    "ProcedureStepDescription": "PROTOCOLO_FIBROMIALGIA",
    "ProtocolName": "WIP_T1W",
    "ReconMatrixPE": 240,
    "RepetitionTime": 0.007,
    "SAR": 0.0382114,
    "ScanOptions": "OTHER",
    "ScanningSequence": "GR",
    "SequenceVariant": "MP",
    "SeriesDescription": "T1W",
    "SeriesNumber": 401,
    "SliceThickness": 1,
    "SoftwareVersions": "5.3.1_5.3.1.0",
    "SpacingBetweenSlices": 1,
    "StationName": "PHILIPS-CTMFQSD",
    "UsePhilipsFloatNotDisplayScaling": 1,
    "dataset": "ds004144",
    "modality": "T1w",
    "subject_id": "012"
  },
  "cjv": 0.38083022708686587,
  "cnr": 3.6187602450053884,
  "efc": 0.7111787351322719,
  "fber": -1.0,
  "fwhm_avg": 4.633466666666667,
  "fwhm_x": 4.48164,
  "fwhm_y": 4.83431,
  "fwhm_z": 4.58445,
  "icvs_csf": 0.19713409861481018,
  "icvs_gm": 0.41188506081483284,
  "icvs_wm": 0.390980840570357,
  "inu_med": 0.3951086401939392,
  "inu_range": 0.14977828264236442,
  "provenance": {
    "md5sum": "6e98dc25260344b929eb46d9ca74f843",
    "settings": {
      "testing": false
    },
    "software": "mriqc",
    "version": "23.0.0",
    "warnings": {
      "large_rot_frame": true,
      "small_air_mask": false
    },
    "webapi_port": null,
    "webapi_url": "https://mriqc.nimh.nih.gov/api/v1"
  },
  "qi_1": 0.0,
  "qi_2": 0.00013531323748687142,
  "rpve_csf": 26.563672319151845,
  "rpve_gm": 13.21031687603165,
  "rpve_wm": 16.301148151080845,
  "size_x": 180,
  "size_y": 240,
  "size_z": 240,
  "snr_csf": 2.797361912560601,
  "snr_gm": 15.109391838121658,
  "snr_total": 15.471163690944863,
  "snr_wm": 28.50673732215233,
  "snrd_csf": 28.776490779254324,
  "snrd_gm": 67.68237372972578,
  "snrd_total": 61.31077256711811,
  "snrd_wm": 87.47345319237422,
  "spacing_x": 1.0,
  "spacing_y": 1.0,
  "spacing_z": 1.0,
  "summary_bg_k": 8.493721828105633,
  "summary_bg_mad": 0.0,
  "summary_bg_mean": 4.175053366346114,
  "summary_bg_median": 0.0,
  "summary_bg_n": 475079.0,
  "summary_bg_p05": 0.0,
  "summary_bg_p95": 20.207615181803703,
  "summary_bg_stdv": 7.4897255745027875,
  "summary_csf_k": 1.0635083104417644,
  "summary_csf_mad": 94.30748190359753,
  "summary_csf_mean": 331.70139237631327,
  "summary_csf_median": 328.9819019883871,
  "summary_csf_n": 28086.0,
  "summary_csf_p05": 118.29523476213217,
  "summary_csf_p95": 539.5059930495918,
  "summary_csf_stdv": 117.60224652043715,
  "summary_gm_k": 0.025080501874861216,
  "summary_gm_mad": 52.099438128492544,
  "summary_gm_mean": 772.7061170124312,
  "summary_gm_median": 773.7662042081356,
  "summary_gm_n": 33717.0,
  "summary_gm_p05": 687.7525744855404,
  "summary_gm_p95": 853.806665199995,
  "summary_gm_stdv": 51.21018357260269,
  "summary_wm_k": 0.315333704905564,
  "summary_wm_mad": 34.066390661125354,
  "summary_wm_mean": 1001.0337916680127,
  "summary_wm_median": 1000.0240552425385,
  "summary_wm_n": 204242.0,
  "summary_wm_p05": 945.3021223545074,
  "summary_wm_p95": 1060.1411082744598,
  "summary_wm_stdv": 35.08018458244407,
  "tpm_overlap_csf": 0.14806111122191942,
  "tpm_overlap_gm": 0.45345638886024175,
  "tpm_overlap_wm": 0.5092053594874273,
  "wm2max": 0.7918072889808085
}