{
  "bids_meta": {
    "AcquisitionMatrixPE": 240,
    "AcquisitionNumber": 4,
    "AcquisitionTime": "09:37:47.820000",
    "BodyPartExamined": "BRAIN",
    "CoilString": "MULTI_COIL",
    "ConversionSoftware": "dcm2niix",
    "ConversionSoftwareVersion": "v1.0.20190410  (JP2:OpenJPEG) GCC6.3.0",
    "Dcm2bidsVersion": "2.1.4",
    "DeviceSerialNumber": "42451",
    "EchoTime": 0.0035,
    "EchoTrainLength": 240,
    "FlipAngle": 8,
    "ImageOrientationPatientDICOM": [
      -0.0204921,
      0.999789,
      0.00150682,
      -0.047392,
      0.000534075,
      -0.998876
    ],
    "ImageType": [
      "ORIGINAL",
      "PRIMARY",
      "M",
      "FFE",
      "M",
      "FFE"
    ],
    "ImagingFrequency": 127.759,
    "InPlanePhaseEncodingDirectionDICOM": "ROW",
    "InstitutionAddress": "Calzada_Mexico_Xochimilco_No.101_Tlalpan",
    "InstitutionName": "I.N._Psiquiatria",
    "InstitutionalDepartmentName": "Imagenes_Cerebrales",
    "MRAcquisitionType": "3D",
    "MagneticFieldStrength": 3,
    "Manufacturer": "Philips",
    "ManufacturersModelName": "Ingenia",
    "Modality": "MR",
    "PatientPosition": "HFS",
    "PercentPhaseFOV": 100,
    "PhaseEncodingSteps": 240,
    "PhilipsRescaleIntercept": 0,
    "PhilipsRescaleSlope": 3.59658,
    "PhilipsScaleSlope": 0.00586824,
    "PixelBandwidth": 310,
    "ProcedureStepDescription": "PROTOCOLO_FIBROMIALGIA",
    "ProtocolName": "WIP_T1W",
    "ReconMatrixPE": 240,
    "RepetitionTime": 0.007,
    "SAR": 0.0382114,
    "ScanOptions": "OTHER",
    "ScanningSequence": "GR",
    "SequenceVariant": "MP",
    "SeriesDescription": "T1W",
    "SeriesNumber": 401,
    "SliceThickness": 1,
    "SoftwareVersions": "5.3.1_5.3.1.0",
    "SpacingBetweenSlices": 1,
    "StationName": "PHILIPS-CTMFQSD",
    "UsePhilipsFloatNotDisplayScaling": 1,
    "dataset": "ds004144",
    "modality": "T1w",
    "subject_id": "016"
  },
  "cjv": 0.32021938010191164,
  "cnr": 4.097520427685768,
  "efc": 0.7028035361475216,
  "fber": -1.0,
  "fwhm_avg": 4.393823333333333,
  "fwhm_x": 4.21699,
  "fwhm_y": 4.68357,
  "fwhm_z": 4.28091,
  "icvs_csf": 0.21295630417593434,
  "icvs_gm": 0.44063737798378333,
  "icvs_wm": 0.3464063178402823,
  "inu_med": 0.41168561577796936,
  "inu_range": 0.15092301666736602,
  "provenance": {
    "md5sum": "17a0c63df80621084695457dbda6165e",
    "settings": {
      "testing": false
    },
    "software": "mriqc",
    "version": "23.0.0",
    "warnings": {
      "large_rot_frame": true,
      "small_air_mask": false
    },
    "webapi_port": null,
    "webapi_url": "https://mriqc.nimh.nih.gov/api/v1"
  },
  "qi_1": 0.002707409429210132,
  "qi_2": 0.00010566808506454274,
  "rpve_csf": 28.18989723311511,
  "rpve_gm": 14.30067264480141,
  "rpve_wm": 20.599353331561456,
  "size_x": 180,
  "size_y": 240,
  "size_z": 240,
  "snr_csf": 2.775250495444399,
  "snr_gm": 14.257506714726622,
  "snr_total": 15.873012071868432,
  "snr_wm": 30.586279005434278,
  "snrd_csf": 38.087837645534385,
  "snrd_gm": 88.58141243015724,
  "snrd_total": 81.79583766261804,
  "snrd_wm": 118.7182629121625,
  "spacing_x": 1.0,
  "spacing_y": 1.0,
  "spacing_z": 1.0,
  "summary_bg_k": 10.866331623858326,
  "summary_bg_mad": 0.0,
  "summary_bg_mean": 2.446816168164775,
  "summary_bg_median": 0.0,
  "summary_bg_n": 366619.0,
  "summary_bg_p05": 0.0,
  "summary_bg_p95": 14.458890073001385,
  "summary_bg_stdv": 5.51841279826175,
  "summary_csf_k": 0.697488382934635,
  "summary_csf_mad": 96.44837182112266,
  "summary_csf_mean": 313.3197389146545,
  "summary_csf_median": 320.8254200518131,
  "summary_csf_n": 28796.0,
  "summary_csf_p05": 84.6134247072041,
  "summary_csf_p95": 496.53563577495515,
  "summary_csf_stdv": 115.6003214378704,
  "summary_gm_k": 0.5181748743976033,
  "summary_gm_mad": 49.56184113852142,
  "summary_gm_mean": 745.3422205581394,
  "summary_gm_median": 746.1481304392219,
  "summary_gm_n": 40412.0,
  "summary_gm_p05": 658.8627028465271,
  "summary_gm_p95": 829.7424925740808,
  "summary_gm_stdv": 52.33305609086371,
  "summary_wm_k": 0.28185205660075985,
  "summary_wm_mad": 31.726438099053507,
  "summary_wm_mean": 1000.0486659016474,
  "summary_wm_median": 999.9999716728926,
  "summary_wm_n": 157882.0,
  "summary_wm_p05": 946.5367797389627,
  "summary_wm_p95": 1053.9721165373921,
  "summary_wm_stdv": 32.69429421500294,
  "tpm_overlap_csf": 0.1493288126058281,
  "tpm_overlap_gm": 0.4833553299629731,
  "tpm_overlap_wm": 0.520001216892952,
  "wm2max": 0.8800081433224756
}