{
  "bids_meta": {
    "AcquisitionMatrixPE": 240,
    "AcquisitionNumber": 5,
    "AcquisitionTime": "09:41:29.720000",
    "BodyPartExamined": "BRAIN",
    "CoilString": "MULTI_COIL",
    "ConversionSoftware": "dcm2niix",
    "ConversionSoftwareVersion": "v1.0.20190410  (JP2:OpenJPEG) GCC6.3.0",
    "Dcm2bidsVersion": "2.1.4",
    "DeviceSerialNumber": "42451",
    "EchoTime": 0.331,
    "EchoTrainLength": 117,
    "FlipAngle": 90,
    "ImageOrientationPatientDICOM": [
      -0.0204921,
      0.999789,
      0.00150682,
      -0.047392,
      0.000534075,
      -0.998876
    ],
    "ImageType": [
      "ORIGINAL",
      "PRIMARY",
      "M",
      "SE",
      "M",
      "SE"
    ],
    "ImagingFrequency": 127.759,
    "InPlanePhaseEncodingDirectionDICOM": "ROW",
    "InstitutionAddress": "Calzada_Mexico_Xochimilco_No.101_Tlalpan",
    "InstitutionName": "I.N._Psiquiatria",
    "InstitutionalDepartmentName": "Imagenes_Cerebrales",
    "MRAcquisitionType": "3D",
    "MagneticFieldStrength": 3,
    "Manufacturer": "Philips",
    "ManufacturersModelName": "Ingenia",
    "Modality": "MR",
    "PatientPosition": "HFS",
    "PercentPhaseFOV": 100,
    "PhaseEncodingSteps": 240,
    "PhilipsRescaleIntercept": 0,
    "PhilipsRescaleSlope": 1.39707,
    "PhilipsScaleSlope": 0.00330152,
    "PixelBandwidth": 438,
    "ProcedureStepDescription": "PROTOCOLO_FIBROMIALGIA",
    "ProtocolName": "WIP_T2W",
    "ReconMatrixPE": 240,
    "RepetitionTime": 2.5,
    "SAR": 0.0301521,
    "ScanOptions": "FS",
    "ScanningSequence": "SE",
    "SequenceVariant": "SK",
    "SeriesDescription": "T2W",
    "SeriesNumber": 501,
    "SliceThickness": 1,
    "SoftwareVersions": "5.3.1_5.3.1.0",
    "SpacingBetweenSlices": 1,
    "StationName": "PHILIPS-CTMFQSD",
    "UsePhilipsFloatNotDisplayScaling": 1,
    "dataset": "ds004144",
    "modality": "T2w",
    "subject_id": "016"
  },
  "cjv": 0.5495479078325085,
  "cnr": 1.3849011646233245,
  "efc": 0.5221989035604777,
  "fber": -1.0,
  "fwhm_avg": 2.6728233333333336,
  "fwhm_x": 2.68247,
  "fwhm_y": 2.74748,
  "fwhm_z": 2.58852,
  "icvs_csf": 0.2404867448399157,
  "icvs_gm": 0.20182049295955684,
  "icvs_wm": 0.5576927622005274,
  "inu_med": 0.8852032423019409,
  "inu_range": 0.19865497946739186,
  "provenance": {
    "md5sum": "64eb11f29de4ced63ed5431cc9951fbe",
    "settings": {
      "testing": false
    },
    "software": "mriqc",
    "version": "23.0.0",
    "warnings": {
      "large_rot_frame": true,
      "small_air_mask": false
    },
    "webapi_port": null,
    "webapi_url": "https://mriqc.nimh.nih.gov/api/v1"
  },
  "qi_1": 0.08000100655005649,
  "qi_2": 6.432616414786372e-06,
  "rpve_csf": 20.889925357948115,
  "rpve_gm": 33.410511418711955,
  "rpve_wm": 12.606816801526296,
  "size_x": 180,
  "size_y": 240,
  "size_z": 240,
  "snr_csf": 9.705609334570223,
  "snr_gm": 2.0649005106791885,
  "snr_total": 7.36486161068234,
  "snr_wm": 10.32407498679761,
  "snrd_csf": 49.94452921352273,
  "snrd_gm": 96.91423205150589,
  "snrd_total": 59.54293108996374,
  "snrd_wm": 31.770032004862617,
  "spacing_x": 1.0,
  "spacing_y": 1.0,
  "spacing_z": 1.0,
  "summary_bg_k": 230.82945070922847,
  "summary_bg_mad": 0.0,
  "summary_bg_mean": 5.146616270454751,
  "summary_bg_median": 0.0,
  "summary_bg_n": 900117.0,
  "summary_bg_p05": 0.0,
  "summary_bg_p95": 29.265003502368927,
  "summary_bg_stdv": 20.626768916500634,
  "summary_csf_k": 1.5954993079439834,
  "summary_csf_mad": 140.46231465356422,
  "summary_csf_mean": 1585.3540651110973,
  "summary_csf_median": 1572.4882066249847,
  "summary_csf_n": 9111.0,
  "summary_csf_p05": 1347.3364861309528,
  "summary_csf_p95": 1873.0276550352573,
  "summary_csf_stdv": 162.00960227394833,
  "summary_gm_k": -1.3838227537866945,
  "summary_gm_mad": 1027.1744141694276,
  "summary_gm_mean": 2353.6469103609365,
  "summary_gm_median": 3051.3149158656597,
  "summary_gm_n": 42694.0,
  "summary_gm_p05": 88.98516560345888,
  "summary_gm_p95": 3889.504400394857,
  "summary_gm_stdv": 1477.6882300971752,
  "summary_wm_k": -0.12220201938882402,
  "summary_wm_mad": 99.97317768936955,
  "summary_wm_mean": 1000.7598738705698,
  "summary_wm_median": 1000.2697280049324,
  "summary_wm_n": 218561.0,
  "summary_wm_p05": 842.2791676223278,
  "summary_wm_p95": 1157.585979551077,
  "summary_wm_stdv": 96.88688245421972,
  "tpm_overlap_csf": 0.11749187238278631,
  "tpm_overlap_gm": 0.12528987999564326,
  "tpm_overlap_wm": 0.4655646886897861,
  "wm2max": 0.25996284515120943
}