{
  "bids_meta": {
    "AcquisitionMatrixPE": 240,
    "AcquisitionNumber": 5,
    "AcquisitionTime": "12:27:8.060000",
    "BodyPartExamined": "BRAIN",
    "CoilString": "MULTI_COIL",
    "ConversionSoftware": "dcm2niix",
    "ConversionSoftwareVersion": "v1.0.20190410  (JP2:OpenJPEG) GCC6.3.0",
    "Dcm2bidsVersion": "2.1.4",
    "DeviceSerialNumber": "42451",
    "EchoTime": 0.0035,
    "EchoTrainLength": 240,
    "FlipAngle": 8,
    "ImageOrientationPatientDICOM": [
      0,
      1,
      0,
      0.000635934,
      0,
      -1
    ],
    "ImageType": [
      "ORIGINAL",
      "PRIMARY",
      "M",
      "FFE",
      "M",
      "FFE"
    ],
    "ImagingFrequency": 127.759,
    "InPlanePhaseEncodingDirectionDICOM": "ROW",
    "InstitutionAddress": "Calzada_Mexico_Xochimilco_No.101_Tlalpan",
    "InstitutionName": "I.N._Psiquiatria",
    "InstitutionalDepartmentName": "Imagenes_Cerebrales",
    "MRAcquisitionType": "3D",
    "MagneticFieldStrength": 3,
    "Manufacturer": "Philips",
    "ManufacturersModelName": "Ingenia",
    "Modality": "MR",
    "PatientPosition": "HFS",
    "PercentPhaseFOV": 100,
    "PhaseEncodingSteps": 240,
    "PhilipsRescaleIntercept": 0,
    "PhilipsRescaleSlope": 36.3748,
    "PhilipsScaleSlope": 0.00630216,
    "PixelBandwidth": 310,
    "ProcedureStepDescription": "PROTOCOLO_FIBROMIALGIA",
    "ProtocolName": "WIP_T1W",
    "ReconMatrixPE": 240,
    "RepetitionTime": 0.007,
    "SAR": 0.0382114,
    "ScanOptions": "OTHER",
    "ScanningSequence": "GR",
    "SequenceVariant": "MP",
    "SeriesDescription": "T1W",
    "SeriesNumber": 501,
    "SliceThickness": 1,
    "SoftwareVersions": "5.3.1_5.3.1.0",
    "SpacingBetweenSlices": 1,
    "StationName": "PHILIPS-CTMFQSD",
    "UsePhilipsFloatNotDisplayScaling": 1,
    "dataset": "ds004144",
    "modality": "T1w",
    "subject_id": "069"
  },
  "cjv": 0.3330907707139121,
  "cnr": 4.0428100967703156,
  "efc": 0.709153174087286,
  "fber": -1.0,
  "fwhm_avg": 4.467,
  "fwhm_x": 4.35932,
  "fwhm_y": 4.80056,
  "fwhm_z": 4.24112,
  "icvs_csf": 0.23141404501538756,
  "icvs_gm": 0.4316388069030039,
  "icvs_wm": 0.3369471480816086,
  "inu_med": 0.45564109086990356,
  "inu_range": 0.16335336863994593,
  "provenance": {
    "md5sum": "70f3d7e363229c331315897db46d275a",
    "settings": {
      "testing": false
    },
    "software": "mriqc",
    "version": "23.0.0",
    "warnings": {
      "large_rot_frame": true,
      "small_air_mask": false
    },
    "webapi_port": null,
    "webapi_url": "https://mriqc.nimh.nih.gov/api/v1"
  },
  "qi_1": 0.0,
  "qi_2": 7.500976862081089e-05,
  "rpve_csf": 25.33847227821094,
  "rpve_gm": 13.849951331620927,
  "rpve_wm": 19.817142527431315,
  "size_x": 180,
  "size_y": 240,
  "size_z": 240,
  "snr_csf": 3.246707128335501,
  "snr_gm": 15.663150851900001,
  "snr_total": 15.696023433028147,
  "snr_wm": 28.178212318848942,
  "snrd_csf": 34.10622067706809,
  "snrd_gm": 83.56605642210013,
  "snrd_total": 76.04481457265139,
  "snrd_wm": 110.46216661878597,
  "spacing_x": 1.0,
  "spacing_y": 1.0,
  "spacing_z": 1.0,
  "summary_bg_k": 12.86759257175818,
  "summary_bg_mad": 0.0,
  "summary_bg_mean": 2.3302830761036364,
  "summary_bg_median": 0.0,
  "summary_bg_n": 335403.0,
  "summary_bg_p05": 0.0,
  "summary_bg_p95": 16.094225162640214,
  "summary_bg_stdv": 5.931020977296047,
  "summary_csf_k": 2.5283484297969165,
  "summary_csf_mad": 64.4718594507767,
  "summary_csf_mean": 317.16781787449577,
  "summary_csf_median": 308.7673197397962,
  "summary_csf_n": 46930.0,
  "summary_csf_p05": 169.8876767753624,
  "summary_csf_p95": 484.98478507064283,
  "summary_csf_stdv": 95.10067211462807,
  "summary_gm_k": 0.26852642189013665,
  "summary_gm_mad": 47.18299310478368,
  "summary_gm_mean": 756.6056995743916,
  "summary_gm_median": 756.532584099099,
  "summary_gm_n": 36513.0,
  "summary_gm_p05": 677.1430734179914,
  "summary_gm_p95": 835.1420838676394,
  "summary_gm_stdv": 48.299491680252956,
  "summary_wm_k": 0.4713089155086547,
  "summary_wm_mad": 33.92241334330852,
  "summary_wm_mean": 1001.2527471202513,
  "summary_wm_median": 1000.0259906388819,
  "summary_wm_n": 154031.0,
  "summary_wm_p05": 945.2042236672714,
  "summary_wm_p95": 1061.0228440016508,
  "summary_wm_stdv": 35.48921887356564,
  "tpm_overlap_csf": 0.14832153070467555,
  "tpm_overlap_gm": 0.47218123324867756,
  "tpm_overlap_wm": 0.5174824718486912,
  "wm2max": 0.7580362171304347
}