{
  "bids_meta": {
    "AcquisitionMatrixPE": 240,
    "AcquisitionNumber": 6,
    "AcquisitionTime": "12:30:47.940000",
    "BodyPartExamined": "BRAIN",
    "CoilString": "MULTI_COIL",
    "ConversionSoftware": "dcm2niix",
    "ConversionSoftwareVersion": "v1.0.20190410  (JP2:OpenJPEG) GCC6.3.0",
    "Dcm2bidsVersion": "2.1.4",
    "DeviceSerialNumber": "42451",
    "EchoTime": 0.331,
    "EchoTrainLength": 117,
    "FlipAngle": 90,
    "ImageOrientationPatientDICOM": [
      0,
      1,
      0,
      0.000635934,
      0,
      -1
    ],
    "ImageType": [
      "ORIGINAL",
      "PRIMARY",
      "M",
      "SE",
      "M",
      "SE"
    ],
    "ImagingFrequency": 127.759,
    "InPlanePhaseEncodingDirectionDICOM": "ROW",
    "InstitutionAddress": "Calzada_Mexico_Xochimilco_No.101_Tlalpan",
    "InstitutionName": "I.N._Psiquiatria",
    "InstitutionalDepartmentName": "Imagenes_Cerebrales",
    "MRAcquisitionType": "3D",
    "MagneticFieldStrength": 3,
    "Manufacturer": "Philips",
    "ManufacturersModelName": "Ingenia",
    "Modality": "MR",
    "PatientPosition": "HFS",
    "PercentPhaseFOV": 100,
    "PhaseEncodingSteps": 240,
    "PhilipsRescaleIntercept": 0,
    "PhilipsRescaleSlope": 1.35165,
    "PhilipsScaleSlope": 0.00366112,
    "PixelBandwidth": 413,
    "ProcedureStepDescription": "PROTOCOLO_FIBROMIALGIA",
    "ProtocolName": "WIP_T2W",
    "ReconMatrixPE": 240,
    "RepetitionTime": 2.5,
    "SAR": 0.030152,
    "ScanOptions": "FS",
    "ScanningSequence": "SE",
    "SequenceVariant": "SK",
    "SeriesDescription": "T2W",
    "SeriesNumber": 601,
    "SliceThickness": 1,
    "SoftwareVersions": "5.3.1_5.3.1.0",
    "SpacingBetweenSlices": 1,
    "StationName": "PHILIPS-CTMFQSD",
    "UsePhilipsFloatNotDisplayScaling": 1,
    "dataset": "ds004144",
    "modality": "T2w",
    "subject_id": "069"
  },
  "cjv": 0.20776912133470676,
  "cnr": 1.8607590074514637,
  "efc": 0.4785968225676879,
  "fber": -1.0,
  "fwhm_avg": 2.8108066666666667,
  "fwhm_x": 2.83108,
  "fwhm_y": 2.91055,
  "fwhm_z": 2.69079,
  "icvs_csf": 0.13314212843558848,
  "icvs_gm": 0.1780486326349951,
  "icvs_wm": 0.6888092389294164,
  "inu_med": 0.8475467562675476,
  "inu_range": 0.22159994840621944,
  "provenance": {
    "md5sum": "7140904142e3219487a192af3e87a469",
    "settings": {
      "testing": false
    },
    "software": "mriqc",
    "version": "23.0.0",
    "warnings": {
      "large_rot_frame": true,
      "small_air_mask": false
    },
    "webapi_port": null,
    "webapi_url": "https://mriqc.nimh.nih.gov/api/v1"
  },
  "qi_1": 0.0845795154471865,
  "qi_2": 5.82491620859533e-06,
  "rpve_csf": 30.190471579639215,
  "rpve_gm": 39.16839623355587,
  "rpve_wm": 10.389290995329596,
  "size_x": 180,
  "size_y": 240,
  "size_z": 240,
  "snr_csf": 4.705049741985461,
  "snr_gm": 2.6293658976832486,
  "snr_total": 5.390368822123603,
  "snr_wm": 8.8366908267021,
  "snrd_csf": 31.61221937760778,
  "snrd_gm": 56.3875690209557,
  "snrd_total": 34.77233422958935,
  "snrd_wm": 16.317214290204568,
  "spacing_x": 1.0,
  "spacing_y": 1.0,
  "spacing_z": 1.0,
  "summary_bg_k": 69.55921605283508,
  "summary_bg_mad": 0.0,
  "summary_bg_mean": 9.686693529936338,
  "summary_bg_median": 0.0,
  "summary_bg_n": 1151716.0,
  "summary_bg_p05": 0.0,
  "summary_bg_p95": 40.368219055235386,
  "summary_bg_stdv": 40.18636967427917,
  "summary_csf_k": 1.3203849727224535,
  "summary_csf_mad": 372.7481066913441,
  "summary_csf_mean": 1955.8301233648388,
  "summary_csf_median": 1939.1081523373723,
  "summary_csf_n": 258.0,
  "summary_csf_p05": 1315.8681228935718,
  "summary_csf_p95": 2568.7731422532343,
  "summary_csf_stdv": 411.3339174763672,
  "summary_gm_k": 0.011791401200422769,
  "summary_gm_mad": 395.6812885255955,
  "summary_gm_mean": 2824.9584271015833,
  "summary_gm_median": 3458.8395541906357,
  "summary_gm_n": 49771.0,
  "summary_gm_p05": 109.40919183194637,
  "summary_gm_p95": 3885.3844931051135,
  "summary_gm_stdv": 1315.4520675591025,
  "summary_wm_k": -0.007269317145489396,
  "summary_wm_mad": 115.00151671029465,
  "summary_wm_mean": 1005.993021617875,
  "summary_wm_median": 1000.905468724668,
  "summary_wm_n": 357382.0,
  "summary_wm_p05": 829.246219471097,
  "summary_wm_p95": 1199.0492878630757,
  "summary_wm_stdv": 113.26684253445087,
  "tpm_overlap_csf": 0.1272091558328522,
  "tpm_overlap_gm": 0.10654017374816824,
  "tpm_overlap_wm": 0.43558847323381583,
  "wm2max": 0.2557059116382679
}