{
  "bids_meta": {
    "AcquisitionMatrixPE": 240,
    "AcquisitionNumber": 4,
    "AcquisitionTime": "10:12:24.580000",
    "BodyPartExamined": "BRAIN",
    "CoilString": "MULTI_COIL",
    "ConversionSoftware": "dcm2niix",
    "ConversionSoftwareVersion": "v1.0.20190410  (JP2:OpenJPEG) GCC6.3.0",
    "Dcm2bidsVersion": "2.1.4",
    "DeviceSerialNumber": "42451",
    "EchoTime": 0.0035,
    "EchoTrainLength": 240,
    "FlipAngle": 8,
    "ImageOrientationPatientDICOM": [
      0,
      1,
      0,
      -0.0236142,
      0,
      -0.999721
    ],
    "ImageType": [
      "ORIGINAL",
      "PRIMARY",
      "M",
      "FFE",
      "M",
      "FFE"
    ],
    "ImagingFrequency": 127.759,
    "InPlanePhaseEncodingDirectionDICOM": "ROW",
    "InstitutionAddress": "Calzada_Mexico_Xochimilco_No.101_Tlalpan",
    "InstitutionName": "I.N._Psiquiatria",
    "InstitutionalDepartmentName": "Imagenes_Cerebrales",
    "MRAcquisitionType": "3D",
    "MagneticFieldStrength": 3,
    "Manufacturer": "Philips",
    "ManufacturersModelName": "Ingenia",
    "Modality": "MR",
    "PatientPosition": "HFS",
    "PercentPhaseFOV": 100,
    "PhaseEncodingSteps": 240,
    "PhilipsRescaleIntercept": 0,
    "PhilipsRescaleSlope": 6.6232,
    "PhilipsScaleSlope": 0.0059903,
    "PixelBandwidth": 310,
    "ProcedureStepDescription": "PROTOCOLO_FIBROMIALGIA",
    "ProtocolName": "WIP_T1W",
    "ReconMatrixPE": 240,
    "RepetitionTime": 0.007,
    "SAR": 0.0382114,
    "ScanOptions": "OTHER",
    "ScanningSequence": "GR",
    "SequenceVariant": "MP",
    "SeriesDescription": "T1W",
    "SeriesNumber": 401,
    "SliceThickness": 1,
    "SoftwareVersions": "5.3.1_5.3.1.0",
    "SpacingBetweenSlices": 1,
    "StationName": "PHILIPS-CTMFQSD",
    "UsePhilipsFloatNotDisplayScaling": 1,
    "dataset": "ds004144",
    "modality": "T1w",
    "subject_id": "045"
  },
  "cjv": 0.368244848662205,
  "cnr": 3.681255728317779,
  "efc": 0.71609113669314,
  "fber": -1.0,
  "fwhm_avg": 4.57475,
  "fwhm_x": 4.5459,
  "fwhm_y": 4.78923,
  "fwhm_z": 4.38912,
  "icvs_csf": 0.2349878884996729,
  "icvs_gm": 0.4064124843784718,
  "icvs_wm": 0.35859962712185534,
  "inu_med": 0.4551472067832947,
  "inu_range": 0.18892517089843752,
  "provenance": {
    "md5sum": "f71c4935dade6b9270b29c3821411a73",
    "settings": {
      "testing": false
    },
    "software": "mriqc",
    "version": "23.0.0",
    "warnings": {
      "large_rot_frame": true,
      "small_air_mask": false
    },
    "webapi_port": null,
    "webapi_url": "https://mriqc.nimh.nih.gov/api/v1"
  },
  "qi_1": 0.01728420121646211,
  "qi_2": 6.838736647932597e-05,
  "rpve_csf": 22.78277070732759,
  "rpve_gm": 13.042268046493959,
  "rpve_wm": 17.03017435320585,
  "size_x": 180,
  "size_y": 240,
  "size_z": 240,
  "snr_csf": 3.1199998735857486,
  "snr_gm": 15.981635504745682,
  "snr_total": 15.470912736141573,
  "snr_wm": 27.31110283009329,
  "snrd_csf": 38.62472655999719,
  "snrd_gm": 95.49576496966185,
  "snrd_total": 85.75969626759013,
  "snrd_wm": 123.15859727311133,
  "spacing_x": 1.0,
  "spacing_y": 1.0,
  "spacing_z": 1.0,
  "summary_bg_k": 12.672952329886687,
  "summary_bg_mad": 0.0,
  "summary_bg_mean": 2.1984906611846196,
  "summary_bg_median": 0.0,
  "summary_bg_n": 368128.0,
  "summary_bg_p05": 0.0,
  "summary_bg_p95": 13.380886889994144,
  "summary_bg_stdv": 5.31945332958075,
  "summary_csf_k": 2.533174150278369,
  "summary_csf_mad": 64.99628186640756,
  "summary_csf_mean": 322.68140439392965,
  "summary_csf_median": 313.6177905909717,
  "summary_csf_n": 60657.0,
  "summary_csf_p05": 143.48788396939636,
  "summary_csf_p95": 506.59933634102345,
  "summary_csf_stdv": 100.517698113222,
  "summary_gm_k": 0.060811212049494134,
  "summary_gm_mad": 48.36124773076525,
  "summary_gm_mean": 774.6125607227685,
  "summary_gm_median": 775.3885525651276,
  "summary_gm_n": 27697.0,
  "summary_gm_p05": 693.8536542393267,
  "summary_gm_p95": 852.1334057785571,
  "summary_gm_stdv": 48.51659609614289,
  "summary_wm_k": 0.5228498587351735,
  "summary_wm_mad": 34.350766544597825,
  "summary_wm_mean": 1002.4564077470678,
  "summary_wm_median": 1000.0000157691538,
  "summary_wm_n": 187843.0,
  "summary_wm_p05": 946.6586981862783,
  "summary_wm_p95": 1067.1387459039688,
  "summary_wm_stdv": 36.61504847275336,
  "tpm_overlap_csf": 0.1698380646369771,
  "tpm_overlap_gm": 0.46014090546002,
  "tpm_overlap_wm": 0.5123386575922054,
  "wm2max": 0.749244182644483
}