{
  "bids_meta": {
    "AcquisitionMatrixPE": 240,
    "AcquisitionNumber": 5,
    "AcquisitionTime": "10:12:0.690000",
    "BodyPartExamined": "BRAIN",
    "CoilString": "MULTI_COIL",
    "ConversionSoftware": "dcm2niix",
    "ConversionSoftwareVersion": "v1.0.20190410  (JP2:OpenJPEG) GCC6.3.0",
    "Dcm2bidsVersion": "2.1.4",
    "DeviceSerialNumber": "42451",
    "EchoTime": 0.331,
    "EchoTrainLength": 117,
    "FlipAngle": 90,
    "ImageOrientationPatientDICOM": [
      -0.0235986,
      0.999722,
      7.26841e-13,
      -0.0036208,
      -8.54698e-05,
      -0.999993
    ],
    "ImageType": [
      "ORIGINAL",
      "PRIMARY",
      "M",
      "SE",
      "M",
      "SE"
    ],
    "ImagingFrequency": 127.759,
    "InPlanePhaseEncodingDirectionDICOM": "ROW",
    "InstitutionAddress": "Calzada_Mexico_Xochimilco_No.101_Tlalpan",
    "InstitutionName": "I.N._Psiquiatria",
    "InstitutionalDepartmentName": "Imagenes_Cerebrales",
    "MRAcquisitionType": "3D",
    "MagneticFieldStrength": 3,
    "Manufacturer": "Philips",
    "ManufacturersModelName": "Ingenia",
    "Modality": "MR",
    "PatientPosition": "HFS",
    "PercentPhaseFOV": 100,
    "PhaseEncodingSteps": 240,
    "PhilipsRescaleIntercept": 0,
    "PhilipsRescaleSlope": 1.39853,
    "PhilipsScaleSlope": 0.00282661,
    "PixelBandwidth": 438,
    "ProcedureStepDescription": "PROTOCOLO_FIBROMIALGIA",
    "ProtocolName": "WIP_T2W",
    "ReconMatrixPE": 240,
    "RepetitionTime": 2.5,
    "SAR": 0.0301521,
    "ScanOptions": "FS",
    "ScanningSequence": "SE",
    "SequenceVariant": "SK",
    "SeriesDescription": "T2W",
    "SeriesNumber": 501,
    "SliceThickness": 1,
    "SoftwareVersions": "5.3.1_5.3.1.0",
    "SpacingBetweenSlices": 1,
    "StationName": "PHILIPS-CTMFQSD",
    "UsePhilipsFloatNotDisplayScaling": 1,
    "dataset": "ds004144",
    "modality": "T2w",
    "subject_id": "058"
  },
  "cjv": 0.3351093213197223,
  "cnr": 1.6532488656110502,
  "efc": 0.4967534844727916,
  "fber": -1.0,
  "fwhm_avg": 2.7267966666666665,
  "fwhm_x": 2.77931,
  "fwhm_y": 2.76857,
  "fwhm_z": 2.63251,
  "icvs_csf": 0.18678177270800483,
  "icvs_gm": 0.19968695931173133,
  "icvs_wm": 0.6135312679802638,
  "inu_med": 0.8633513450622559,
  "inu_range": 0.20224857330322266,
  "provenance": {
    "md5sum": "ecd169fb07b04797e5a96c5c2074ec66",
    "settings": {
      "testing": false
    },
    "software": "mriqc",
    "version": "23.0.0",
    "warnings": {
      "large_rot_frame": true,
      "small_air_mask": false
    },
    "webapi_port": null,
    "webapi_url": "https://mriqc.nimh.nih.gov/api/v1"
  },
  "qi_1": 0.07245657591212458,
  "qi_2": 1.759502712569484e-05,
  "rpve_csf": 20.091196760442305,
  "rpve_gm": 26.426032385764994,
  "rpve_wm": 9.297395638019772,
  "size_x": 180,
  "size_y": 240,
  "size_z": 240,
  "snr_csf": 8.107849424280982,
  "snr_gm": 2.348329707478321,
  "snr_total": 6.825064238744923,
  "snr_wm": 10.019013584475466,
  "snrd_csf": 92.79715603074985,
  "snrd_gm": 202.27078004700752,
  "snrd_total": 118.19886465002548,
  "snrd_wm": 59.52865787231906,
  "spacing_x": 1.0,
  "spacing_y": 1.0,
  "spacing_z": 1.0,
  "summary_bg_k": 489.2905739268907,
  "summary_bg_mad": 0.0,
  "summary_bg_mean": 2.5414137035505426,
  "summary_bg_median": 0.0,
  "summary_bg_n": 1412969.0,
  "summary_bg_p05": 0.0,
  "summary_bg_p95": 16.035192012786865,
  "summary_bg_stdv": 11.010080062531703,
  "summary_csf_k": 2.116348999950328,
  "summary_csf_mad": 156.10768096656875,
  "summary_csf_mean": 1593.0889442044174,
  "summary_csf_median": 1559.5288515090942,
  "summary_csf_n": 6921.0,
  "summary_csf_p05": 1344.3308985233307,
  "summary_csf_p95": 1957.6415169239044,
  "summary_csf_stdv": 192.33413194993483,
  "summary_gm_k": -0.9203175329677329,
  "summary_gm_mad": 700.0651056822877,
  "summary_gm_mean": 2671.7422541482188,
  "summary_gm_median": 3399.31880235672,
  "summary_gm_n": 62322.0,
  "summary_gm_p05": 110.12132638692857,
  "summary_gm_p95": 4002.9799246788025,
  "summary_gm_stdv": 1447.5358886788658,
  "summary_wm_k": -0.1761000376763482,
  "summary_wm_mad": 103.82633498248204,
  "summary_wm_mean": 1000.9651323594856,
  "summary_wm_median": 1000.4256963729858,
  "summary_wm_n": 370199.0,
  "summary_wm_p05": 838.5837805271149,
  "summary_wm_p95": 1163.9704644680023,
  "summary_wm_stdv": 99.8525789726793,
  "tpm_overlap_csf": 0.1063728451415848,
  "tpm_overlap_gm": 0.1288978296162534,
  "tpm_overlap_wm": 0.4413966226393716,
  "wm2max": 0.2482744026599265
}