{
  "aor": 0.0007995666666666667,
  "aqi": 0.0081783518,
  "bids_meta": {
    "AcquisitionDateTime": "2019-09-20T10:41:26.726562",
    "ConversionSoftware": "dcm2niix",
    "ConversionSoftwareVersion": "v1.0.20170130",
    "EchoTime": 0.030001,
    "FlipAngle": 75,
    "ImageType": [
      "ORIGINAL",
      "PRIMARY",
      "M",
      "FFE",
      "M",
      "FFE"
    ],
    "MagneticFieldStrength": 3,
    "Manufacturer": "Philips",
    "ManufacturersModelName": "Ingenia",
    "ProcedureStepDescription": "FIBROMIALGIA",
    "ProtocolName": "WIP_RESTING_STATE_10m",
    "RepetitionTime": 2,
    "SliceTiming": [
      0.0,
      1.027027,
      0.054054,
      1.081081,
      0.108108,
      1.13513,
      0.162162,
      1.189189,
      0.216216,
      1.243244,
      0.27027,
      1.297298,
      0.324324,
      1.351352,
      0.378378,
      1.405406,
      0.432432,
      1.45946,
      0.486486,
      1.513514,
      0.540541,
      1.567568,
      0.594595,
      1.621622,
      0.648649,
      1.675676,
      0.702703,
      1.72973,
      0.756757,
      1.783784,
      0.810811,
      1.837838,
      0.864865,
      1.891892,
      0.918919,
      1.945947,
      0.972973
    ],
    "TaskName": "rest",
    "dataset": "ds004144",
    "modality": "bold",
    "subject_id": "076",
    "task_id": "rest"
  },
  "dummy_trs": 0,
  "dvars_nstd": 38.21285180826087,
  "dvars_std": 1.5029819980602008,
  "dvars_vstd": 0.9613314714381269,
  "efc": 0.4015775221850628,
  "fber": 88515.546875,
  "fd_mean": 0.05765210863487983,
  "fd_num": 0,
  "fd_perc": 0.0,
  "fwhm_avg": 1.9130066153355039,
  "fwhm_x": 1.8304033333333332,
  "fwhm_y": 1.97093,
  "fwhm_z": 1.9376865126731784,
  "gcor": 0.0970844,
  "gsr_x": -0.010792921297252178,
  "gsr_y": 0.009294193238019943,
  "provenance": {
    "md5sum": "a891bcb3cf17bb5d1be68b76f675a1fb",
    "settings": {
      "fd_thres": 0.2,
      "testing": false
    },
    "software": "mriqc",
    "version": "23.0.0",
    "webapi_port": null,
    "webapi_url": "https://mriqc.nimh.nih.gov/api/v1"
  },
  "size_t": 300,
  "size_x": 80,
  "size_y": 80,
  "size_z": 37,
  "snr": 4.878064019427215,
  "spacing_tr": 2.0000016689300537,
  "spacing_x": 3.0,
  "spacing_y": 3.0,
  "spacing_z": 3.000000238418579,
  "summary_bg_k": 153.8578688857422,
  "summary_bg_mad": 205.48426510463165,
  "summary_bg_mean": 1070.63134765625,
  "summary_bg_median": 178.77279663085938,
  "summary_bg_n": 165061.0,
  "summary_bg_p05": 12.077654838562012,
  "summary_bg_p95": 4733.61865234375,
  "summary_bg_stdv": 3260.973388671875,
  "summary_fg_k": 2.9467911021446023,
  "summary_fg_mad": 9136.541962955687,
  "summary_fg_mean": 56441.31640625,
  "summary_fg_median": 55088.94921875,
  "summary_fg_n": 32467.0,
  "summary_fg_p05": 41192.479296875004,
  "summary_fg_p95": 76619.72421875,
  "summary_fg_stdv": 11293.025390625,
  "tsnr": 56.965919494628906
}