{
  "aor": 0.0007313429256594724,
  "aqi": 0.02128469556354916,
  "bids_meta": {
    "AcquisitionDateTime": "2019-09-20T11:19:5.078125",
    "ConversionSoftware": "dcm2niix",
    "ConversionSoftwareVersion": "v1.0.20170130",
    "EchoTime": 0.030001,
    "FlipAngle": 75,
    "ImageType": [
      "ORIGINAL",
      "PRIMARY",
      "M",
      "FFE",
      "M",
      "FFE"
    ],
    "MagneticFieldStrength": 3,
    "Manufacturer": "Philips",
    "ManufacturersModelName": "Ingenia",
    "ProcedureStepDescription": "FIBROMIALGIA",
    "ProtocolName": "WIP_TASK_FMRI",
    "RepetitionTime": 2,
    "SliceTiming": [
      0.0,
      1.027027,
      0.054054,
      1.081081,
      0.108108,
      1.13513,
      0.162162,
      1.189189,
      0.216216,
      1.243244,
      0.27027,
      1.297298,
      0.324324,
      1.351352,
      0.378378,
      1.405406,
      0.432432,
      1.45946,
      0.486486,
      1.513514,
      0.540541,
      1.567568,
      0.594595,
      1.621622,
      0.648649,
      1.675676,
      0.702703,
      1.72973,
      0.756757,
      1.783784,
      0.810811,
      1.837838,
      0.864865,
      1.891892,
      0.918919,
      1.945947,
      0.972973
    ],
    "TaskName": "epr",
    "dataset": "ds004144",
    "modality": "bold",
    "subject_id": "076",
    "task_id": "epr"
  },
  "dummy_trs": 0,
  "dvars_nstd": 39.293108520084076,
  "dvars_std": 1.475945528019203,
  "dvars_vstd": 0.8994155863145264,
  "efc": 0.4032472438301007,
  "fber": 101677.421875,
  "fd_mean": 0.08178648829117022,
  "fd_num": 11,
  "fd_perc": 1.3189448441247003,
  "fwhm_avg": 1.925228837300234,
  "fwhm_x": 1.8541366666666665,
  "fwhm_y": 1.9741433333333334,
  "fwhm_z": 1.9474065119007022,
  "gcor": 0.132924,
  "gsr_x": -0.012266792356967926,
  "gsr_y": 0.009011315181851387,
  "provenance": {
    "md5sum": "e0e9d4cfdc4186e3ea59d4414e80c10e",
    "settings": {
      "fd_thres": 0.2,
      "testing": false
    },
    "software": "mriqc",
    "version": "23.0.0",
    "webapi_port": null,
    "webapi_url": "https://mriqc.nimh.nih.gov/api/v1"
  },
  "size_t": 834,
  "size_x": 80,
  "size_y": 80,
  "size_z": 37,
  "snr": 4.900374696382148,
  "spacing_tr": 2.0000016689300537,
  "spacing_x": 3.0,
  "spacing_y": 3.0,
  "spacing_z": 3.000000238418579,
  "summary_bg_k": 144.28407827620444,
  "summary_bg_mad": 201.6338338486183,
  "summary_bg_mean": 1122.4404296875,
  "summary_bg_median": 175.1951446533203,
  "summary_bg_n": 165029.0,
  "summary_bg_p05": 14.506247520446776,
  "summary_bg_p95": 5148.9671875,
  "summary_bg_stdv": 3278.990478515625,
  "summary_fg_k": 2.6120394709847004,
  "summary_fg_mad": 9380.485046341562,
  "summary_fg_mean": 58319.14453125,
  "summary_fg_median": 57263.5234375,
  "summary_fg_n": 32564.0,
  "summary_fg_p05": 41594.600390625004,
  "summary_fg_p95": 78969.66523437499,
  "summary_fg_stdv": 11685.3603515625,
  "tsnr": 32.22761535644531
}