{
  "bids_meta": {
    "AcquisitionMatrixPE": 240,
    "AcquisitionNumber": 4,
    "AcquisitionTime": "13:06:24.250000",
    "BodyPartExamined": "BRAIN",
    "CoilString": "MULTI_COIL",
    "ConversionSoftware": "dcm2niix",
    "ConversionSoftwareVersion": "v1.0.20190410  (JP2:OpenJPEG) GCC6.3.0",
    "Dcm2bidsVersion": "2.1.4",
    "DeviceSerialNumber": "42451",
    "EchoTime": 0.0035,
    "EchoTrainLength": 240,
    "FlipAngle": 8,
    "ImageOrientationPatientDICOM": [
      0,
      1,
      0,
      -0.00362181,
      0,
      -0.999993
    ],
    "ImageType": [
      "ORIGINAL",
      "PRIMARY",
      "M",
      "FFE",
      "M",
      "FFE"
    ],
    "ImagingFrequency": 127.759,
    "InPlanePhaseEncodingDirectionDICOM": "ROW",
    "InstitutionAddress": "Calzada_Mexico_Xochimilco_No.101_Tlalpan",
    "InstitutionName": "I.N._Psiquiatria",
    "InstitutionalDepartmentName": "Imagenes_Cerebrales",
    "MRAcquisitionType": "3D",
    "MagneticFieldStrength": 3,
    "Manufacturer": "Philips",
    "ManufacturersModelName": "Ingenia",
    "Modality": "MR",
    "PatientPosition": "HFS",
    "PercentPhaseFOV": 100,
    "PhaseEncodingSteps": 240,
    "PhilipsRescaleIntercept": 0,
    "PhilipsRescaleSlope": 3.57558,
    "PhilipsScaleSlope": 0.00617614,
    "PixelBandwidth": 310,
    "ProcedureStepDescription": "PROTOCOLO_FIBROMIALGIA",
    "ProtocolName": "WIP_T1W",
    "ReconMatrixPE": 240,
    "RepetitionTime": 0.007,
    "SAR": 0.0382114,
    "ScanOptions": "OTHER",
    "ScanningSequence": "GR",
    "SequenceVariant": "MP",
    "SeriesDescription": "T1W",
    "SeriesNumber": 401,
    "SliceThickness": 1,
    "SoftwareVersions": "5.3.1_5.3.1.0",
    "SpacingBetweenSlices": 1,
    "StationName": "PHILIPS-CTMFQSD",
    "UsePhilipsFloatNotDisplayScaling": 1,
    "dataset": "ds004144",
    "modality": "T1w",
    "subject_id": "020"
  },
  "cjv": 0.3795335195938739,
  "cnr": 3.636521780400485,
  "efc": 0.693796380647655,
  "fber": -1.0,
  "fwhm_avg": 4.69426,
  "fwhm_x": 4.52591,
  "fwhm_y": 5.1265,
  "fwhm_z": 4.43037,
  "icvs_csf": 0.22731997789217057,
  "icvs_gm": 0.39222532450893155,
  "icvs_wm": 0.3804546975988979,
  "inu_med": 0.40511828660964966,
  "inu_range": 0.15066679120063775,
  "provenance": {
    "md5sum": "7e12c521d25c7b5ae058612927201dd6",
    "settings": {
      "testing": false
    },
    "software": "mriqc",
    "version": "23.0.0",
    "warnings": {
      "large_rot_frame": true,
      "small_air_mask": false
    },
    "webapi_port": null,
    "webapi_url": "https://mriqc.nimh.nih.gov/api/v1"
  },
  "qi_1": 0.02430610237343686,
  "qi_2": 5.939319079480743e-05,
  "rpve_csf": 25.638806527038454,
  "rpve_gm": 14.583983214894644,
  "rpve_wm": 17.66256950089695,
  "size_x": 180,
  "size_y": 240,
  "size_z": 240,
  "snr_csf": 2.887354979072729,
  "snr_gm": 15.456270021720663,
  "snr_total": 15.148965203485275,
  "snr_wm": 27.10327060966243,
  "snrd_csf": 32.41011952705708,
  "snrd_gm": 85.37104128831366,
  "snrd_total": 76.07535553714615,
  "snrd_wm": 110.44490579606773,
  "spacing_x": 1.0,
  "spacing_y": 1.0,
  "spacing_z": 1.0,
  "summary_bg_k": 12.210718439418624,
  "summary_bg_mad": 0.0,
  "summary_bg_mean": 2.5313983685382198,
  "summary_bg_median": 0.0,
  "summary_bg_n": 494701.0,
  "summary_bg_p05": 0.0,
  "summary_bg_p95": 15.928030479699373,
  "summary_bg_stdv": 5.931944789520258,
  "summary_csf_k": 1.3595211652429517,
  "summary_csf_mad": 78.4015786410821,
  "summary_csf_mean": 308.42680682357496,
  "summary_csf_median": 293.45803355798125,
  "summary_csf_n": 52012.0,
  "summary_csf_p05": 166.8747897297144,
  "summary_csf_p95": 505.92521773278713,
  "summary_csf_stdv": 101.63461528302183,
  "summary_gm_k": 0.10413122118291085,
  "summary_gm_mad": 50.12033449031104,
  "summary_gm_mean": 771.6889884189342,
  "summary_gm_median": 772.9936903920025,
  "summary_gm_n": 27218.0,
  "summary_gm_p05": 688.7497000636533,
  "summary_gm_p95": 851.3035336848347,
  "summary_gm_stdv": 50.010739274712186,
  "summary_wm_k": 0.2982988532990176,
  "summary_wm_mad": 36.04583422823726,
  "summary_wm_mean": 1000.6290945424067,
  "summary_wm_median": 1000.0254656374454,
  "summary_wm_n": 185710.0,
  "summary_wm_p05": 941.0649937713519,
  "summary_wm_p95": 1062.1830117814243,
  "summary_wm_stdv": 36.89675639510907,
  "tpm_overlap_csf": 0.15365620243429975,
  "tpm_overlap_gm": 0.45522207727647906,
  "tpm_overlap_wm": 0.5204490476502951,
  "wm2max": 0.773537296956316
}