{
  "bids_meta": {
    "AcquisitionMatrixPE": 240,
    "AcquisitionNumber": 4,
    "AcquisitionTime": "13:26:51.480000",
    "BodyPartExamined": "BRAIN",
    "CoilString": "MULTI_COIL",
    "ConversionSoftware": "dcm2niix",
    "ConversionSoftwareVersion": "v1.0.20190410  (JP2:OpenJPEG) GCC6.3.0",
    "Dcm2bidsVersion": "2.1.4",
    "DeviceSerialNumber": "42451",
    "EchoTime": 0.0035,
    "EchoTrainLength": 240,
    "FlipAngle": 8,
    "ImageOrientationPatientDICOM": [
      0,
      1,
      0,
      -0.00362181,
      0,
      -0.999993
    ],
    "ImageType": [
      "ORIGINAL",
      "PRIMARY",
      "M",
      "FFE",
      "M",
      "FFE"
    ],
    "ImagingFrequency": 127.76,
    "InPlanePhaseEncodingDirectionDICOM": "ROW",
    "InstitutionAddress": "Calzada_Mexico_Xochimilco_No.101_Tlalpan",
    "InstitutionName": "I.N._Psiquiatria",
    "InstitutionalDepartmentName": "Imagenes_Cerebrales",
    "MRAcquisitionType": "3D",
    "MagneticFieldStrength": 3,
    "Manufacturer": "Philips",
    "ManufacturersModelName": "Ingenia",
    "Modality": "MR",
    "PatientPosition": "HFS",
    "PercentPhaseFOV": 100,
    "PhaseEncodingSteps": 240,
    "PhilipsRescaleIntercept": 0,
    "PhilipsRescaleSlope": 3.75995,
    "PhilipsScaleSlope": 0.00617014,
    "PixelBandwidth": 310,
    "ProcedureStepDescription": "FIBROMIALGIA",
    "ProtocolName": "WIP_T1W",
    "ReconMatrixPE": 240,
    "RepetitionTime": 0.007,
    "SAR": 0.0382114,
    "ScanOptions": "OTHER",
    "ScanningSequence": "GR",
    "SequenceVariant": "MP",
    "SeriesDescription": "T1W",
    "SeriesNumber": 401,
    "SliceThickness": 1,
    "SoftwareVersions": "5.3.1_5.3.1.0",
    "SpacingBetweenSlices": 1,
    "StationName": "PHILIPS-CTMFQSD",
    "UsePhilipsFloatNotDisplayScaling": 1,
    "dataset": "ds004144",
    "modality": "T1w",
    "subject_id": "004"
  },
  "cjv": 0.31874050022235867,
  "cnr": 4.191053505780809,
  "efc": 0.6997791687241894,
  "fber": -1.0,
  "fwhm_avg": 4.5535966666666665,
  "fwhm_x": 4.27045,
  "fwhm_y": 5.02035,
  "fwhm_z": 4.36999,
  "icvs_csf": 0.21182176469998773,
  "icvs_gm": 0.4255486431877798,
  "icvs_wm": 0.36262959211223245,
  "inu_med": 0.4101306200027466,
  "inu_range": 0.15360209345817566,
  "provenance": {
    "md5sum": "151c269406e186fc701d9c3bbe8c0ab7",
    "settings": {
      "testing": false
    },
    "software": "mriqc",
    "version": "23.0.0",
    "warnings": {
      "large_rot_frame": true,
      "small_air_mask": false
    },
    "webapi_port": null,
    "webapi_url": "https://mriqc.nimh.nih.gov/api/v1"
  },
  "qi_1": 0.0,
  "qi_2": 9.658818744857448e-05,
  "rpve_csf": 26.611497475295064,
  "rpve_gm": 13.630462067157255,
  "rpve_wm": 18.174706502040767,
  "size_x": 180,
  "size_y": 240,
  "size_z": 240,
  "snr_csf": 2.9444600604872186,
  "snr_gm": 15.44239799687291,
  "snr_total": 15.619224928646076,
  "snr_wm": 28.470816728578104,
  "snrd_csf": 35.187701039430245,
  "snrd_gm": 89.86858873422668,
  "snrd_total": 81.72495625935214,
  "snrd_wm": 120.11857900439948,
  "spacing_x": 1.0,
  "spacing_y": 1.0,
  "spacing_z": 1.0,
  "summary_bg_k": 11.893462306777433,
  "summary_bg_mad": 0.0,
  "summary_bg_mean": 2.5022903927396767,
  "summary_bg_median": 0.0,
  "summary_bg_n": 544830.0,
  "summary_bg_p05": 0.0,
  "summary_bg_p95": 14.628313690423965,
  "summary_bg_stdv": 5.454080304474593,
  "summary_csf_k": 1.8770217505808846,
  "summary_csf_mad": 73.37068167870726,
  "summary_csf_mean": 308.0473246490945,
  "summary_csf_median": 292.94135877490044,
  "summary_csf_n": 41081.0,
  "summary_csf_p05": 173.594011021778,
  "summary_csf_p95": 501.4417144842446,
  "summary_csf_stdv": 99.48777953299792,
  "summary_gm_k": 0.27062070453481724,
  "summary_gm_mad": 47.39030055372683,
  "summary_gm_mean": 748.383265102115,
  "summary_gm_median": 748.1655725529417,
  "summary_gm_n": 37052.0,
  "summary_gm_p05": 670.1596209425479,
  "summary_gm_p95": 827.7656352706254,
  "summary_gm_stdv": 48.44814105166431,
  "summary_wm_k": 0.8816337556524085,
  "summary_wm_mad": 32.8795191227177,
  "summary_wm_mean": 1000.1659042650019,
  "summary_wm_median": 999.9999632891268,
  "summary_wm_n": 179096.0,
  "summary_wm_p05": 943.0808196347207,
  "summary_wm_p95": 1057.0421816981398,
  "summary_wm_stdv": 35.12358570601716,
  "tpm_overlap_csf": 0.15026148449147397,
  "tpm_overlap_gm": 0.46741713410480534,
  "tpm_overlap_wm": 0.520284670240082,
  "wm2max": 0.7804347030626807
}