{
  "bids_meta": {
    "AcquisitionMatrixPE": 240,
    "AcquisitionNumber": 5,
    "AcquisitionTime": "13:30:31.580000",
    "BodyPartExamined": "BRAIN",
    "CoilString": "MULTI_COIL",
    "ConversionSoftware": "dcm2niix",
    "ConversionSoftwareVersion": "v1.0.20190410  (JP2:OpenJPEG) GCC6.3.0",
    "Dcm2bidsVersion": "2.1.4",
    "DeviceSerialNumber": "42451",
    "EchoTime": 0.331,
    "EchoTrainLength": 117,
    "FlipAngle": 90,
    "ImageOrientationPatientDICOM": [
      0,
      1,
      0,
      -0.00362181,
      0,
      -0.999993
    ],
    "ImageType": [
      "ORIGINAL",
      "PRIMARY",
      "M",
      "SE",
      "M",
      "SE"
    ],
    "ImagingFrequency": 127.759,
    "InPlanePhaseEncodingDirectionDICOM": "ROW",
    "InstitutionAddress": "Calzada_Mexico_Xochimilco_No.101_Tlalpan",
    "InstitutionName": "I.N._Psiquiatria",
    "InstitutionalDepartmentName": "Imagenes_Cerebrales",
    "MRAcquisitionType": "3D",
    "MagneticFieldStrength": 3,
    "Manufacturer": "Philips",
    "ManufacturersModelName": "Ingenia",
    "Modality": "MR",
    "PatientPosition": "HFS",
    "PercentPhaseFOV": 100,
    "PhaseEncodingSteps": 240,
    "PhilipsRescaleIntercept": 0,
    "PhilipsRescaleSlope": 1.46569,
    "PhilipsScaleSlope": 0.00329308,
    "PixelBandwidth": 413,
    "ProcedureStepDescription": "FIBROMIALGIA",
    "ProtocolName": "WIP_T2W",
    "ReconMatrixPE": 240,
    "RepetitionTime": 2.5,
    "SAR": 0.030152,
    "ScanOptions": "FS",
    "ScanningSequence": "SE",
    "SequenceVariant": "SK",
    "SeriesDescription": "T2W",
    "SeriesNumber": 501,
    "SliceThickness": 1,
    "SoftwareVersions": "5.3.1_5.3.1.0",
    "SpacingBetweenSlices": 1,
    "StationName": "PHILIPS-CTMFQSD",
    "UsePhilipsFloatNotDisplayScaling": 1,
    "dataset": "ds004144",
    "modality": "T2w",
    "subject_id": "004"
  },
  "cjv": 0.46117061412756527,
  "cnr": 2.8979179315834998,
  "efc": 0.46845024454871076,
  "fber": -1.0,
  "fwhm_avg": 2.79795,
  "fwhm_x": 2.74671,
  "fwhm_y": 2.99509,
  "fwhm_z": 2.65205,
  "icvs_csf": 0.21214112282378322,
  "icvs_gm": 0.2851691821217696,
  "icvs_wm": 0.5026896950544472,
  "inu_med": 0.9239853620529175,
  "inu_range": 0.2164931178092956,
  "provenance": {
    "md5sum": "36684d37324d50c51212873269817647",
    "settings": {
      "testing": false
    },
    "software": "mriqc",
    "version": "23.0.0",
    "warnings": {
      "large_rot_frame": true,
      "small_air_mask": false
    },
    "webapi_port": null,
    "webapi_url": "https://mriqc.nimh.nih.gov/api/v1"
  },
  "qi_1": 0.05932187208664257,
  "qi_2": 8.932644245669406e-06,
  "rpve_csf": 29.54850268236048,
  "rpve_gm": 17.795581376376262,
  "rpve_wm": 12.998307826271851,
  "size_x": 180,
  "size_y": 240,
  "size_z": 240,
  "snr_csf": 2.230192581483969,
  "snr_gm": 10.938729949803559,
  "snr_total": 8.587971003069445,
  "snr_wm": 12.594990477920806,
  "snrd_csf": 94.56801118635674,
  "snrd_gm": 42.59590087714598,
  "snrd_total": 55.4924388714309,
  "snrd_wm": 29.31340455079,
  "spacing_x": 1.0,
  "spacing_y": 1.0,
  "spacing_z": 1.0,
  "summary_bg_k": 272.66099158582244,
  "summary_bg_mad": 0.0,
  "summary_bg_mean": 4.281378862060401,
  "summary_bg_median": 0.0,
  "summary_bg_n": 1568456.0,
  "summary_bg_p05": 0.0,
  "summary_bg_p95": 29.450012482702732,
  "summary_bg_stdv": 22.354508921281095,
  "summary_csf_k": -0.9246842778207496,
  "summary_csf_mad": 1034.5213723261381,
  "summary_csf_mean": 2612.9706086660603,
  "summary_csf_median": 3226.841692406684,
  "summary_csf_n": 62550.0,
  "summary_csf_p05": 91.10380484908819,
  "summary_csf_p95": 4141.5896775349975,
  "summary_csf_stdv": 1446.8776934313928,
  "summary_gm_k": 0.8502862215251867,
  "summary_gm_mad": 128.26613375365733,
  "summary_gm_mean": 1460.5936805854062,
  "summary_gm_median": 1453.453732945025,
  "summary_gm_n": 11159.0,
  "summary_gm_p05": 1262.9848210439086,
  "summary_gm_p95": 1684.808441396803,
  "summary_gm_stdv": 132.86630289119142,
  "summary_wm_k": -0.025306023241829845,
  "summary_wm_mad": 80.74755723483997,
  "summary_wm_mean": 995.8437579813252,
  "summary_wm_median": 1000.2295148670673,
  "summary_wm_n": 179837.0,
  "summary_wm_p05": 859.4814032614231,
  "summary_wm_p95": 1117.188135869801,
  "summary_wm_stdv": 79.41464788584031,
  "tpm_overlap_csf": 0.1397402563099848,
  "tpm_overlap_gm": 0.3359067792415836,
  "tpm_overlap_wm": 0.4515996894589646,
  "wm2max": 0.24063747952667514
}