{
  "aor": 0.0010531666666666664,
  "aqi": 0.010526194933333333,
  "bids_meta": {
    "AcquisitionMatrixPE": 78,
    "AcquisitionNumber": 3,
    "AcquisitionTime": "10:35:1.810000",
    "BodyPartExamined": "BRAIN",
    "CoilString": "MULTI_COIL",
    "ConversionSoftware": "dcm2niix",
    "ConversionSoftwareVersion": "v1.0.20190410  (JP2:OpenJPEG) GCC6.3.0",
    "Dcm2bidsVersion": "2.1.4",
    "DeviceSerialNumber": "42451",
    "EchoTime": 0.030001,
    "EchoTrainLength": 39,
    "FlipAngle": 75,
    "ImageOrientationPatientDICOM": [
      0.999993,
      0,
      -0.00362181,
      0,
      1,
      0
    ],
    "ImageType": [
      "ORIGINAL",
      "PRIMARY",
      "M",
      "FFE",
      "M",
      "FFE"
    ],
    "ImagingFrequency": 127.759,
    "InPlanePhaseEncodingDirectionDICOM": "COL",
    "InstitutionAddress": "Calzada_Mexico_Xochimilco_No.101_Tlalpan",
    "InstitutionName": "I.N._Psiquiatria",
    "InstitutionalDepartmentName": "Imagenes_Cerebrales",
    "MRAcquisitionType": "2D",
    "MagneticFieldStrength": 3,
    "Manufacturer": "Philips",
    "ManufacturersModelName": "Ingenia",
    "Modality": "MR",
    "PartialFourier": 0.5,
    "PatientPosition": "HFS",
    "PercentPhaseFOV": 100,
    "PhaseEncodingAxis": "j",
    "PhaseEncodingSteps": 78,
    "PhilipsRescaleIntercept": 0,
    "PhilipsRescaleSlope": 0.798779,
    "PhilipsScaleSlope": 0.0249048,
    "PixelBandwidth": 2071,
    "ProcedureStepDescription": "PROTOCOLO_FIBROMIALGIA",
    "ProtocolName": "WIP_RESTING_STATE_10m",
    "ReconMatrixPE": 80,
    "RepetitionTime": 2,
    "SAR": 0.117654,
    "ScanOptions": "FS",
    "ScanningSequence": "GR",
    "SequenceVariant": "SK",
    "SeriesDescription": "RESTING_STATE_10m",
    "SeriesNumber": 301,
    "SliceThickness": 3,
    "SliceTiming": [
      0,
      1.027027,
      0.054054,
      1.081081,
      0.108108,
      1.13513,
      0.162162,
      1.189189,
      0.216216,
      1.243244,
      0.27027,
      1.297298,
      0.324324,
      1.351352,
      0.378378,
      1.405406,
      0.432432,
      1.45946,
      0.486486,
      1.513514,
      0.540541,
      1.567568,
      0.594595,
      1.621622,
      0.648649,
      1.675676,
      0.702703,
      1.72973,
      0.756757,
      1.783784,
      0.810811,
      1.837838,
      0.864865,
      1.891892,
      0.918919,
      1.945947,
      0.972973
    ],
    "SoftwareVersions": "5.3.1_5.3.1.0",
    "SpacingBetweenSlices": 3,
    "StationName": "PHILIPS-CTMFQSD",
    "TaskName": "rest",
    "UsePhilipsFloatNotDisplayScaling": 1,
    "dataset": "ds004144",
    "modality": "bold",
    "subject_id": "011",
    "task_id": "rest"
  },
  "dummy_trs": 0,
  "dvars_nstd": 32.21823097779266,
  "dvars_std": 1.4111116758862876,
  "dvars_vstd": 0.9319773527759196,
  "efc": 0.4041686820612144,
  "fber": 113122.2734375,
  "fd_mean": 0.0718113787650905,
  "fd_num": 3,
  "fd_perc": 1.0,
  "fwhm_avg": 2.014701111111111,
  "fwhm_x": 1.9938133333333334,
  "fwhm_y": 2.1312599999999997,
  "fwhm_z": 1.91903,
  "gcor": 0.0977485,
  "gsr_x": -0.01103729847818613,
  "gsr_y": 0.006240992806851864,
  "provenance": {
    "md5sum": "54c0806daa74784c83d24abca72651c0",
    "settings": {
      "fd_thres": 0.2,
      "testing": false
    },
    "software": "mriqc",
    "version": "23.0.0",
    "webapi_port": null,
    "webapi_url": "https://mriqc.nimh.nih.gov/api/v1"
  },
  "size_t": 300,
  "size_x": 80,
  "size_y": 80,
  "size_z": 37,
  "snr": 5.122563926641196,
  "spacing_tr": 2.0000016689300537,
  "spacing_x": 3.0,
  "spacing_y": 3.0,
  "spacing_z": 3.0,
  "summary_bg_k": 103.40840146575927,
  "summary_bg_mad": 192.8522319491459,
  "summary_bg_mean": 1126.470458984375,
  "summary_bg_median": 161.20816040039062,
  "summary_bg_n": 164894.0,
  "summary_bg_p05": 11.271157121658325,
  "summary_bg_p95": 4702.255859375002,
  "summary_bg_stdv": 3319.38232421875,
  "summary_fg_k": 2.2556373498137576,
  "summary_fg_mad": 9597.634148618388,
  "summary_fg_mean": 57013.29296875,
  "summary_fg_median": 56295.703125,
  "summary_fg_n": 32668.0,
  "summary_fg_p05": 41042.776953125,
  "summary_fg_p95": 75642.18671874999,
  "summary_fg_stdv": 10989.5830078125,
  "tsnr": 46.15399169921875
}