{
  "aor": 0.0008200839328537171,
  "aqi": 0.028018108393285373,
  "bids_meta": {
    "AcquisitionMatrixPE": 78,
    "AcquisitionNumber": 9,
    "AcquisitionTime": "11:16:21.270000",
    "BodyPartExamined": "BRAIN",
    "CoilString": "MULTI_COIL",
    "ConversionSoftware": "dcm2niix",
    "ConversionSoftwareVersion": "v1.0.20190410  (JP2:OpenJPEG) GCC6.3.0",
    "Dcm2bidsVersion": "2.1.4",
    "DeviceSerialNumber": "42451",
    "EchoTime": 0.030001,
    "EchoTrainLength": 39,
    "FlipAngle": 75,
    "ImageOrientationPatientDICOM": [
      0.999993,
      0,
      -0.00362181,
      0,
      1,
      0
    ],
    "ImageType": [
      "ORIGINAL",
      "PRIMARY",
      "M",
      "FFE",
      "M",
      "FFE"
    ],
    "ImagingFrequency": 127.759,
    "InPlanePhaseEncodingDirectionDICOM": "COL",
    "InstitutionAddress": "Calzada_Mexico_Xochimilco_No.101_Tlalpan",
    "InstitutionName": "I.N._Psiquiatria",
    "InstitutionalDepartmentName": "Imagenes_Cerebrales",
    "MRAcquisitionType": "2D",
    "MagneticFieldStrength": 3,
    "Manufacturer": "Philips",
    "ManufacturersModelName": "Ingenia",
    "Modality": "MR",
    "PartialFourier": 0.5,
    "PatientPosition": "HFS",
    "PercentPhaseFOV": 100,
    "PhaseEncodingAxis": "j",
    "PhaseEncodingSteps": 78,
    "PhilipsRescaleIntercept": 0,
    "PhilipsRescaleSlope": 0.782173,
    "PhilipsScaleSlope": 0.0256597,
    "PixelBandwidth": 2071,
    "ProcedureStepDescription": "PROTOCOLO_FIBROMIALGIA",
    "ProtocolName": "WIP_TASK_FMRI",
    "ReconMatrixPE": 80,
    "RepetitionTime": 2,
    "SAR": 0.117749,
    "ScanOptions": "FS",
    "ScanningSequence": "GR",
    "SequenceVariant": "SK",
    "SeriesDescription": "TASK_FMRI",
    "SeriesNumber": 901,
    "SliceThickness": 3,
    "SliceTiming": [
      0,
      1.027027,
      0.054054,
      1.081081,
      0.108108,
      1.13513,
      0.162162,
      1.189189,
      0.216216,
      1.243244,
      0.27027,
      1.297298,
      0.324324,
      1.351352,
      0.378378,
      1.405406,
      0.432432,
      1.45946,
      0.486486,
      1.513514,
      0.540541,
      1.567568,
      0.594595,
      1.621622,
      0.648649,
      1.675676,
      0.702703,
      1.72973,
      0.756757,
      1.783784,
      0.810811,
      1.837838,
      0.864865,
      1.891892,
      0.918919,
      1.945947,
      0.972973
    ],
    "SoftwareVersions": "5.3.1_5.3.1.0",
    "SpacingBetweenSlices": 3,
    "StationName": "PHILIPS-CTMFQSD",
    "TaskName": "epr",
    "UsePhilipsFloatNotDisplayScaling": 1,
    "dataset": "ds004144",
    "modality": "bold",
    "subject_id": "011",
    "task_id": "epr"
  },
  "dummy_trs": 0,
  "dvars_nstd": 34.2270251935174,
  "dvars_std": 1.280246154069629,
  "dvars_vstd": 0.9062952363865543,
  "efc": 0.40664636492183953,
  "fber": 107118.7578125,
  "fd_mean": 0.19406281641508782,
  "fd_num": 260,
  "fd_perc": 31.17505995203837,
  "fwhm_avg": 1.9169,
  "fwhm_x": 1.86026,
  "fwhm_y": 2.0046933333333334,
  "fwhm_z": 1.8857466666666667,
  "gcor": 0.114423,
  "gsr_x": -0.009578348137438297,
  "gsr_y": 0.008848369121551514,
  "provenance": {
    "md5sum": "638734272ac5f77d26ba8de42b72efc1",
    "settings": {
      "fd_thres": 0.2,
      "testing": false
    },
    "software": "mriqc",
    "version": "23.0.0",
    "webapi_port": null,
    "webapi_url": "https://mriqc.nimh.nih.gov/api/v1"
  },
  "size_t": 834,
  "size_x": 80,
  "size_y": 80,
  "size_z": 37,
  "snr": 5.3771227896002545,
  "spacing_tr": 2.0000016689300537,
  "spacing_x": 3.0,
  "spacing_y": 3.0,
  "spacing_z": 3.0,
  "summary_bg_k": 84.78043456464984,
  "summary_bg_mad": 202.2817229417962,
  "summary_bg_mean": 1185.7705078125,
  "summary_bg_median": 172.6984405517578,
  "summary_bg_n": 164622.0,
  "summary_bg_p05": 18.602528190612794,
  "summary_bg_p95": 4975.903442382806,
  "summary_bg_stdv": 3429.67138671875,
  "summary_fg_k": 2.3684401874898686,
  "summary_fg_mad": 8767.773618177,
  "summary_fg_mean": 57655.39453125,
  "summary_fg_median": 57235.5703125,
  "summary_fg_n": 32839.0,
  "summary_fg_p05": 41156.575,
  "summary_fg_p95": 74958.0296875,
  "summary_fg_stdv": 10644.1123046875,
  "tsnr": 28.196531295776367
}