{
  "bids_meta": {
    "AcquisitionMatrixPE": 240,
    "AcquisitionNumber": 5,
    "AcquisitionTime": "11:19:53.090000",
    "BodyPartExamined": "BRAIN",
    "CoilString": "MULTI_COIL",
    "ConversionSoftware": "dcm2niix",
    "ConversionSoftwareVersion": "v1.0.20190410  (JP2:OpenJPEG) GCC6.3.0",
    "Dcm2bidsVersion": "2.1.4",
    "DeviceSerialNumber": "42451",
    "EchoTime": 0.331,
    "EchoTrainLength": 117,
    "FlipAngle": 90,
    "ImageOrientationPatientDICOM": [
      0,
      1,
      0,
      -0.00362181,
      0,
      -0.999993
    ],
    "ImageType": [
      "ORIGINAL",
      "PRIMARY",
      "M",
      "SE",
      "M",
      "SE"
    ],
    "ImagingFrequency": 127.759,
    "InPlanePhaseEncodingDirectionDICOM": "ROW",
    "InstitutionAddress": "Calzada_Mexico_Xochimilco_No.101_Tlalpan",
    "InstitutionName": "I.N._Psiquiatria",
    "InstitutionalDepartmentName": "Imagenes_Cerebrales",
    "MRAcquisitionType": "3D",
    "MagneticFieldStrength": 3,
    "Manufacturer": "Philips",
    "ManufacturersModelName": "Ingenia",
    "Modality": "MR",
    "PatientPosition": "HFS",
    "PercentPhaseFOV": 100,
    "PhaseEncodingSteps": 240,
    "PhilipsRescaleIntercept": 0,
    "PhilipsRescaleSlope": 1.38144,
    "PhilipsScaleSlope": 0.00355102,
    "PixelBandwidth": 413,
    "ProcedureStepDescription": "PROTOCOLO_FIBLOMIALGIA",
    "ProtocolName": "WIP_T2W",
    "ReconMatrixPE": 240,
    "RepetitionTime": 2.5,
    "SAR": 0.030152,
    "ScanOptions": "FS",
    "ScanningSequence": "SE",
    "SequenceVariant": "SK",
    "SeriesDescription": "T2W",
    "SeriesNumber": 501,
    "SliceThickness": 1,
    "SoftwareVersions": "5.3.1_5.3.1.0",
    "SpacingBetweenSlices": 1,
    "StationName": "PHILIPS-CTMFQSD",
    "UsePhilipsFloatNotDisplayScaling": 1,
    "dataset": "ds004144",
    "modality": "T2w",
    "subject_id": "025"
  },
  "cjv": 0.45823338889539866,
  "cnr": 2.8047766991945955,
  "efc": 0.4803172759885959,
  "fber": 4280.067160493827,
  "fwhm_avg": 2.7125000000000004,
  "fwhm_x": 2.71417,
  "fwhm_y": 2.88834,
  "fwhm_z": 2.53499,
  "icvs_csf": 0.2024482456550669,
  "icvs_gm": 0.30375929327341045,
  "icvs_wm": 0.49379246107152264,
  "inu_med": 0.8645762205123901,
  "inu_range": 0.20263059437274933,
  "provenance": {
    "md5sum": "9e13e35917bc88f3cadaa76d18c7bfbe",
    "settings": {
      "testing": false
    },
    "software": "mriqc",
    "version": "23.0.0",
    "warnings": {
      "large_rot_frame": true,
      "small_air_mask": false
    },
    "webapi_port": null,
    "webapi_url": "https://mriqc.nimh.nih.gov/api/v1"
  },
  "qi_1": 0.11333934422114919,
  "qi_2": 5.076258066816071e-06,
  "rpve_csf": 32.66106114141599,
  "rpve_gm": 17.80471291014387,
  "rpve_wm": 13.958213951415805,
  "size_x": 180,
  "size_y": 240,
  "size_z": 240,
  "snr_csf": 2.2831539545382857,
  "snr_gm": 9.8633660451122,
  "snr_total": 7.897227698754059,
  "snr_wm": 11.545163096611693,
  "snrd_csf": 44.98511591066822,
  "snrd_gm": 18.45037255603861,
  "snrd_total": 25.197098781184348,
  "snrd_wm": 12.155807876846204,
  "spacing_x": 1.0,
  "spacing_y": 1.0,
  "spacing_z": 1.0,
  "summary_bg_k": 71.46497389112622,
  "summary_bg_mad": 0.0,
  "summary_bg_mean": 11.203786766920503,
  "summary_bg_median": 0.0,
  "summary_bg_n": 1296366.0,
  "summary_bg_p05": 0.0,
  "summary_bg_p95": 34.91597452759743,
  "summary_bg_stdv": 53.899327496920684,
  "summary_csf_k": -1.1390265135435413,
  "summary_csf_mad": 856.0824676924942,
  "summary_csf_mean": 2845.9253610180117,
  "summary_csf_median": 3701.01172054559,
  "summary_csf_n": 57682.0,
  "summary_csf_p05": 117.39272744208574,
  "summary_csf_p95": 4386.356010750308,
  "summary_csf_stdv": 1620.9943406940488,
  "summary_gm_k": 0.43863369194896107,
  "summary_gm_mad": 149.73581449608756,
  "summary_gm_mean": 1520.7988271880254,
  "summary_gm_median": 1517.947518773377,
  "summary_gm_n": 10357.0,
  "summary_gm_p05": 1277.451507307589,
  "summary_gm_p95": 1773.9599282652139,
  "summary_gm_stdv": 153.89008466544482,
  "summary_wm_k": 0.08257248640886061,
  "summary_wm_mad": 87.56763303325314,
  "summary_wm_mean": 995.7256648636328,
  "summary_wm_median": 1000.0816162005067,
  "summary_wm_n": 160868.0,
  "summary_wm_p05": 848.2623905092478,
  "summary_wm_p95": 1127.8349248692393,
  "summary_wm_stdv": 86.6231597972971,
  "tpm_overlap_csf": 0.16016821758538602,
  "tpm_overlap_gm": 0.3598533674086936,
  "tpm_overlap_wm": 0.4659704311562043,
  "wm2max": 0.2294317990208839
}