{
  "bids_meta": {
    "AcquisitionMatrixPE": 240,
    "AcquisitionNumber": 5,
    "AcquisitionTime": "11:43:14.620000",
    "BodyPartExamined": "BRAIN",
    "CoilString": "MULTI_COIL",
    "ConversionSoftware": "dcm2niix",
    "ConversionSoftwareVersion": "v1.0.20190410  (JP2:OpenJPEG) GCC6.3.0",
    "Dcm2bidsVersion": "2.1.4",
    "DeviceSerialNumber": "42451",
    "EchoTime": 0.331,
    "EchoTrainLength": 117,
    "FlipAngle": 90,
    "ImageOrientationPatientDICOM": [
      0,
      1,
      0,
      -0.00362181,
      0,
      -0.999993
    ],
    "ImageType": [
      "ORIGINAL",
      "PRIMARY",
      "M",
      "SE",
      "M",
      "SE"
    ],
    "ImagingFrequency": 127.759,
    "InPlanePhaseEncodingDirectionDICOM": "ROW",
    "InstitutionAddress": "Calzada_Mexico_Xochimilco_No.101_Tlalpan",
    "InstitutionName": "I.N._Psiquiatria",
    "InstitutionalDepartmentName": "Imagenes_Cerebrales",
    "MRAcquisitionType": "3D",
    "MagneticFieldStrength": 3,
    "Manufacturer": "Philips",
    "ManufacturersModelName": "Ingenia",
    "Modality": "MR",
    "PatientPosition": "HFS",
    "PercentPhaseFOV": 100,
    "PhaseEncodingSteps": 240,
    "PhilipsRescaleIntercept": 0,
    "PhilipsRescaleSlope": 1.33871,
    "PhilipsScaleSlope": 0.00316621,
    "PixelBandwidth": 413,
    "ProcedureStepDescription": "PROTOCOLO_FIBROMIALGIA",
    "ProtocolName": "WIP_T2W",
    "ReconMatrixPE": 240,
    "RepetitionTime": 2.5,
    "SAR": 0.030152,
    "ScanOptions": "FS",
    "ScanningSequence": "SE",
    "SequenceVariant": "SK",
    "SeriesDescription": "T2W",
    "SeriesNumber": 501,
    "SliceThickness": 1,
    "SoftwareVersions": "5.3.1_5.3.1.0",
    "SpacingBetweenSlices": 1,
    "StationName": "PHILIPS-CTMFQSD",
    "UsePhilipsFloatNotDisplayScaling": 1,
    "dataset": "ds004144",
    "modality": "T2w",
    "subject_id": "054"
  },
  "cjv": 0.4778756675883528,
  "cnr": 2.7294406295403175,
  "efc": 0.5135032606667063,
  "fber": -1.0,
  "fwhm_avg": 3.014143333333333,
  "fwhm_x": 3.00423,
  "fwhm_y": 3.1212,
  "fwhm_z": 2.917,
  "icvs_csf": 0.21695365142528147,
  "icvs_gm": 0.2642703667791106,
  "icvs_wm": 0.5187759817956079,
  "inu_med": 0.8937645852565765,
  "inu_range": 0.23291530013084416,
  "provenance": {
    "md5sum": "fa8a55acfacee6923e28083913ad4b62",
    "settings": {
      "testing": false
    },
    "software": "mriqc",
    "version": "23.0.0",
    "warnings": {
      "large_rot_frame": true,
      "small_air_mask": false
    },
    "webapi_port": null,
    "webapi_url": "https://mriqc.nimh.nih.gov/api/v1"
  },
  "qi_1": 0.0004019797502700801,
  "qi_2": 3.71175697377468e-06,
  "rpve_csf": 26.75655338548412,
  "rpve_gm": 17.682260852166294,
  "rpve_wm": 12.010068761704805,
  "size_x": 180,
  "size_y": 240,
  "size_z": 240,
  "snr_csf": 2.3400756781286027,
  "snr_gm": 10.89111345032974,
  "snr_total": 8.922925570841153,
  "snr_wm": 13.537587584065117,
  "snrd_csf": 68.54220274603904,
  "snrd_gm": 30.127033001679308,
  "snrd_total": 39.977339308825385,
  "snrd_wm": 21.2627821787578,
  "spacing_x": 1.0,
  "spacing_y": 1.0,
  "spacing_z": 1.0,
  "summary_bg_k": 125.33537706279284,
  "summary_bg_mad": 0.0,
  "summary_bg_mean": 8.553766618046081,
  "summary_bg_median": 0.0,
  "summary_bg_n": 1314329.0,
  "summary_bg_p05": 0.0,
  "summary_bg_p95": 34.978999853134155,
  "summary_bg_stdv": 30.811415630624573,
  "summary_csf_k": -0.8408140959063375,
  "summary_csf_mad": 794.5392415018123,
  "summary_csf_mean": 2586.0656105676476,
  "summary_csf_median": 3223.5764904022217,
  "summary_csf_n": 76242.0,
  "summary_csf_p05": 113.27205454409123,
  "summary_csf_p95": 3909.5229402780533,
  "summary_csf_stdv": 1377.5432051352825,
  "summary_gm_k": 0.6251498075143234,
  "summary_gm_mad": 122.86110460586292,
  "summary_gm_mean": 1419.9122340403615,
  "summary_gm_median": 1416.8904910981655,
  "summary_gm_n": 9364.0,
  "summary_gm_p05": 1212.0877583950758,
  "summary_gm_p95": 1633.477979362011,
  "summary_gm_stdv": 130.0890711750338,
  "summary_wm_k": -0.1452224340501811,
  "summary_wm_mad": 76.36070315345697,
  "summary_wm_mean": 995.8185937010547,
  "summary_wm_median": 1000.0000292658806,
  "summary_wm_n": 218528.0,
  "summary_wm_p05": 868.0713605284691,
  "summary_wm_p95": 1108.0355622768402,
  "summary_wm_stdv": 73.86823797202702,
  "tpm_overlap_csf": 0.14164354086379802,
  "tpm_overlap_gm": 0.3106845495591432,
  "tpm_overlap_wm": 0.4515858878469812,
  "wm2max": 0.2541963488701801
}