{
  "bids_meta": {
    "AcquisitionMatrixPE": 240,
    "AcquisitionNumber": 7,
    "AcquisitionTime": "12:01:38.060000",
    "BodyPartExamined": "BRAIN",
    "CoilString": "MULTI_COIL",
    "ConversionSoftware": "dcm2niix",
    "ConversionSoftwareVersion": "v1.0.20190410  (JP2:OpenJPEG) GCC6.3.0",
    "Dcm2bidsVersion": "2.1.4",
    "DeviceSerialNumber": "42451",
    "EchoTime": 0.331,
    "EchoTrainLength": 117,
    "FlipAngle": 90,
    "ImageOrientationPatientDICOM": [
      0,
      1,
      0,
      -0.00962975,
      0,
      -0.999954
    ],
    "ImageType": [
      "ORIGINAL",
      "PRIMARY",
      "M",
      "SE",
      "M",
      "SE"
    ],
    "ImagingFrequency": 127.759,
    "InPlanePhaseEncodingDirectionDICOM": "ROW",
    "InstitutionAddress": "Calzada_Mexico_Xochimilco_No.101_Tlalpan",
    "InstitutionName": "I.N._Psiquiatria",
    "InstitutionalDepartmentName": "Imagenes_Cerebrales",
    "MRAcquisitionType": "3D",
    "MagneticFieldStrength": 3,
    "Manufacturer": "Philips",
    "ManufacturersModelName": "Ingenia",
    "Modality": "MR",
    "PatientPosition": "HFS",
    "PercentPhaseFOV": 100,
    "PhaseEncodingSteps": 240,
    "PhilipsRescaleIntercept": 0,
    "PhilipsRescaleSlope": 1.33284,
    "PhilipsScaleSlope": 0.00379267,
    "PixelBandwidth": 413,
    "ProcedureStepDescription": "PROTOCOLO_FIBROMIALGIA",
    "ProtocolName": "WIP_T2W",
    "ReconMatrixPE": 240,
    "RepetitionTime": 2.5,
    "SAR": 0.030152,
    "ScanOptions": "FS",
    "ScanningSequence": "SE",
    "SequenceVariant": "SK",
    "SeriesDescription": "T2W",
    "SeriesNumber": 701,
    "SliceThickness": 1,
    "SoftwareVersions": "5.3.1_5.3.1.0",
    "SpacingBetweenSlices": 1,
    "StationName": "PHILIPS-CTMFQSD",
    "UsePhilipsFloatNotDisplayScaling": 1,
    "dataset": "ds004144",
    "modality": "T2w",
    "subject_id": "032"
  },
  "cjv": 0.3064666221061894,
  "cnr": 1.6847631066903501,
  "efc": 0.48187782113220057,
  "fber": -1.0,
  "fwhm_avg": 2.827726666666667,
  "fwhm_x": 2.73675,
  "fwhm_y": 2.98402,
  "fwhm_z": 2.76241,
  "icvs_csf": 0.14121945576936698,
  "icvs_gm": 0.1794107162562993,
  "icvs_wm": 0.6793698279743338,
  "inu_med": 0.8515638411045074,
  "inu_range": 0.19117023050785065,
  "provenance": {
    "md5sum": "38123f87a44cf67b877039392e01d114",
    "settings": {
      "testing": false
    },
    "software": "mriqc",
    "version": "23.0.0",
    "warnings": {
      "large_rot_frame": true,
      "small_air_mask": false
    },
    "webapi_port": null,
    "webapi_url": "https://mriqc.nimh.nih.gov/api/v1"
  },
  "qi_1": 0.07374133386284565,
  "qi_2": 3.968233511024714e-06,
  "rpve_csf": 26.960520345673185,
  "rpve_gm": 38.73763252536366,
  "rpve_wm": 10.242653391601142,
  "size_x": 180,
  "size_y": 240,
  "size_z": 240,
  "snr_csf": 4.406909703914635,
  "snr_gm": 2.4109744406524873,
  "snr_total": 5.626074670450382,
  "snr_wm": 10.060339866784023,
  "snrd_csf": 31.410726068483893,
  "snrd_gm": 57.67086292653968,
  "snrd_total": 35.44484991696491,
  "snrd_wm": 17.252960755871168,
  "spacing_x": 1.0,
  "spacing_y": 1.0,
  "spacing_z": 1.0,
  "summary_bg_k": 148.10301052040973,
  "summary_bg_mad": 0.0,
  "summary_bg_mean": 6.695099246360357,
  "summary_bg_median": 0.0,
  "summary_bg_n": 1411573.0,
  "summary_bg_p05": 0.0,
  "summary_bg_p95": 29.345688149333,
  "summary_bg_stdv": 37.99639526777701,
  "summary_csf_k": 1.8687870236919863,
  "summary_csf_mad": 311.1132996541446,
  "summary_csf_mean": 1811.7683663302255,
  "summary_csf_median": 1821.7494301125407,
  "summary_csf_n": 323.0,
  "summary_csf_p05": 1153.48211825639,
  "summary_csf_p95": 2510.621908169239,
  "summary_csf_stdv": 412.7443765993676,
  "summary_gm_k": -0.47761893333036376,
  "summary_gm_mad": 617.1263812811721,
  "summary_gm_mean": 2724.829741512805,
  "summary_gm_median": 3344.776604063809,
  "summary_gm_n": 51191.0,
  "summary_gm_p05": 102.00785856693983,
  "summary_gm_p95": 3912.770120743662,
  "summary_gm_stdv": 1387.299623724896,
  "summary_wm_k": -0.08045958972951484,
  "summary_wm_mad": 101.27575796704005,
  "summary_wm_mean": 1003.0185896704529,
  "summary_wm_median": 1000.6318018957973,
  "summary_wm_n": 340470.0,
  "summary_wm_p05": 843.1619968265295,
  "summary_wm_p95": 1169.2642012611032,
  "summary_wm_stdv": 99.462875574658,
  "tpm_overlap_csf": 0.1278416143507756,
  "tpm_overlap_gm": 0.10937688214990628,
  "tpm_overlap_wm": 0.43980088641887133,
  "wm2max": 0.2529100716871318
}