{
  "bids_meta": {
    "AcquisitionMatrixPE": 240,
    "AcquisitionNumber": 6,
    "AcquisitionTime": "11:57:56.070000",
    "BodyPartExamined": "BRAIN",
    "CoilString": "MULTI_COIL",
    "ConversionSoftware": "dcm2niix",
    "ConversionSoftwareVersion": "v1.0.20190410  (JP2:OpenJPEG) GCC6.3.0",
    "Dcm2bidsVersion": "2.1.4",
    "DeviceSerialNumber": "42451",
    "EchoTime": 0.0035,
    "EchoTrainLength": 240,
    "FlipAngle": 8,
    "ImageOrientationPatientDICOM": [
      0,
      1,
      0,
      -0.00962975,
      0,
      -0.999954
    ],
    "ImageType": [
      "ORIGINAL",
      "PRIMARY",
      "M",
      "FFE",
      "M",
      "FFE"
    ],
    "ImagingFrequency": 127.759,
    "InPlanePhaseEncodingDirectionDICOM": "ROW",
    "InstitutionAddress": "Calzada_Mexico_Xochimilco_No.101_Tlalpan",
    "InstitutionName": "I.N._Psiquiatria",
    "InstitutionalDepartmentName": "Imagenes_Cerebrales",
    "MRAcquisitionType": "3D",
    "MagneticFieldStrength": 3,
    "Manufacturer": "Philips",
    "ManufacturersModelName": "Ingenia",
    "Modality": "MR",
    "PatientPosition": "HFS",
    "PercentPhaseFOV": 100,
    "PhaseEncodingSteps": 240,
    "PhilipsRescaleIntercept": 0,
    "PhilipsRescaleSlope": 5.94212,
    "PhilipsScaleSlope": 0.00622838,
    "PixelBandwidth": 310,
    "ProcedureStepDescription": "PROTOCOLO_FIBROMIALGIA",
    "ProtocolName": "WIP_T1W",
    "ReconMatrixPE": 240,
    "RepetitionTime": 0.007,
    "SAR": 0.0382114,
    "ScanOptions": "OTHER",
    "ScanningSequence": "GR",
    "SequenceVariant": "MP",
    "SeriesDescription": "T1W",
    "SeriesNumber": 601,
    "SliceThickness": 1,
    "SoftwareVersions": "5.3.1_5.3.1.0",
    "SpacingBetweenSlices": 1,
    "StationName": "PHILIPS-CTMFQSD",
    "UsePhilipsFloatNotDisplayScaling": 1,
    "dataset": "ds004144",
    "modality": "T1w",
    "subject_id": "032"
  },
  "cjv": 0.36513302231955685,
  "cnr": 3.6893205247621856,
  "efc": 0.7041086698676985,
  "fber": -1.0,
  "fwhm_avg": 4.69175,
  "fwhm_x": 4.44332,
  "fwhm_y": 5.03639,
  "fwhm_z": 4.59554,
  "icvs_csf": 0.22563939623547755,
  "icvs_gm": 0.40926918311535443,
  "icvs_wm": 0.365091420649168,
  "inu_med": 0.4331177920103073,
  "inu_range": 0.17896789759397502,
  "provenance": {
    "md5sum": "1709c2b6c791bd13a3383039f6971837",
    "settings": {
      "testing": false
    },
    "software": "mriqc",
    "version": "23.0.0",
    "warnings": {
      "large_rot_frame": true,
      "small_air_mask": false
    },
    "webapi_port": null,
    "webapi_url": "https://mriqc.nimh.nih.gov/api/v1"
  },
  "qi_1": 0.0,
  "qi_2": 6.525181448483463e-05,
  "rpve_csf": 26.467065161318473,
  "rpve_gm": 14.401333194634608,
  "rpve_wm": 18.44900634968968,
  "size_x": 180,
  "size_y": 240,
  "size_z": 240,
  "snr_csf": 2.777219839356039,
  "snr_gm": 14.690750779648184,
  "snr_total": 15.011223805334367,
  "snr_wm": 27.565700796998883,
  "snrd_csf": 17.867331591015763,
  "snrd_gm": 49.56402141992872,
  "snrd_total": 44.12246056742881,
  "snrd_wm": 64.93602869134192,
  "spacing_x": 1.0,
  "spacing_y": 1.0,
  "spacing_z": 1.0,
  "summary_bg_k": 202.13139304260076,
  "summary_bg_mad": 0.0,
  "summary_bg_mean": 3.168525255033853,
  "summary_bg_median": 0.0,
  "summary_bg_n": 420452.0,
  "summary_bg_p05": 0.0,
  "summary_bg_p95": 16.493263334035873,
  "summary_bg_stdv": 10.089192486601625,
  "summary_csf_k": 1.3580592700970904,
  "summary_csf_mad": 74.49619288456903,
  "summary_csf_mean": 295.7345365327814,
  "summary_csf_median": 275.15941358730197,
  "summary_csf_n": 47330.0,
  "summary_csf_p05": 162.6743987385184,
  "summary_csf_p95": 480.81338669853255,
  "summary_csf_stdv": 99.07624267062694,
  "summary_gm_k": 0.13132425936805214,
  "summary_gm_mad": 51.67817960599397,
  "summary_gm_mean": 763.7874683322531,
  "summary_gm_median": 763.2928845286369,
  "summary_gm_n": 31800.0,
  "summary_gm_p05": 680.5388946607709,
  "summary_gm_p95": 849.067442972213,
  "summary_gm_stdv": 51.95656058853344,
  "summary_wm_k": 0.3606589562637321,
  "summary_wm_mad": 34.760151069231156,
  "summary_wm_mean": 1001.3097482812248,
  "summary_wm_median": 1000.0239534582943,
  "summary_wm_n": 169942.0,
  "summary_wm_p05": 943.9768240806646,
  "summary_wm_p95": 1063.36000248231,
  "summary_wm_stdv": 36.27772856448079,
  "tpm_overlap_csf": 0.14097518310792573,
  "tpm_overlap_gm": 0.46056534103720326,
  "tpm_overlap_wm": 0.5136097260829078,
  "wm2max": 0.7861558177226641
}