{
  "bids_meta": {
    "AcquisitionMatrixPE": 240,
    "AcquisitionNumber": 6,
    "AcquisitionTime": "11:34:39.110000",
    "BodyPartExamined": "BRAIN",
    "CoilString": "MULTI_COIL",
    "ConversionSoftware": "dcm2niix",
    "ConversionSoftwareVersion": "v1.0.20190410  (JP2:OpenJPEG) GCC6.3.0",
    "Dcm2bidsVersion": "2.1.4",
    "DeviceSerialNumber": "42451",
    "EchoTime": 0.331,
    "EchoTrainLength": 117,
    "FlipAngle": 90,
    "ImageOrientationPatientDICOM": [
      0,
      1,
      0,
      0.000495108,
      0,
      -1
    ],
    "ImageType": [
      "ORIGINAL",
      "PRIMARY",
      "M",
      "SE",
      "M",
      "SE"
    ],
    "ImagingFrequency": 127.759,
    "InPlanePhaseEncodingDirectionDICOM": "ROW",
    "InstitutionAddress": "Calzada_Mexico_Xochimilco_No.101_Tlalpan",
    "InstitutionName": "I.N._Psiquiatria",
    "InstitutionalDepartmentName": "Imagenes_Cerebrales",
    "MRAcquisitionType": "3D",
    "MagneticFieldStrength": 3,
    "Manufacturer": "Philips",
    "ManufacturersModelName": "Ingenia",
    "Modality": "MR",
    "PatientPosition": "HFS",
    "PercentPhaseFOV": 100,
    "PhaseEncodingSteps": 240,
    "PhilipsRescaleIntercept": 0,
    "PhilipsRescaleSlope": 1.42393,
    "PhilipsScaleSlope": 0.00295042,
    "PixelBandwidth": 413,
    "ProcedureStepDescription": "PROTOCOLO_FIBROMIALGIA",
    "ProtocolName": "WIP_T2W",
    "ReconMatrixPE": 240,
    "RepetitionTime": 2.5,
    "SAR": 0.030152,
    "ScanOptions": "FS",
    "ScanningSequence": "SE",
    "SequenceVariant": "SK",
    "SeriesDescription": "T2W",
    "SeriesNumber": 601,
    "SliceThickness": 1,
    "SoftwareVersions": "5.3.1_5.3.1.0",
    "SpacingBetweenSlices": 1,
    "StationName": "PHILIPS-CTMFQSD",
    "UsePhilipsFloatNotDisplayScaling": 1,
    "dataset": "ds004144",
    "modality": "T2w",
    "subject_id": "040"
  },
  "cjv": 0.3882912860459837,
  "cnr": 1.59454089121288,
  "efc": 0.5069866621229858,
  "fber": -1.0,
  "fwhm_avg": 2.63404,
  "fwhm_x": 2.59592,
  "fwhm_y": 2.83223,
  "fwhm_z": 2.47397,
  "icvs_csf": 0.35553247102954133,
  "icvs_gm": 0.16655921097502147,
  "icvs_wm": 0.4779083179954372,
  "inu_med": 0.9307388067245483,
  "inu_range": 0.24174624681472778,
  "provenance": {
    "md5sum": "981fea4262ee6297496f14728f29370e",
    "settings": {
      "testing": false
    },
    "software": "mriqc",
    "version": "23.0.0",
    "warnings": {
      "large_rot_frame": true,
      "small_air_mask": false
    },
    "webapi_port": null,
    "webapi_url": "https://mriqc.nimh.nih.gov/api/v1"
  },
  "qi_1": 0.07181851511453295,
  "qi_2": 2.5955494383398173e-06,
  "rpve_csf": 14.007693487933718,
  "rpve_gm": 32.968381351091764,
  "rpve_wm": 12.292502987001146,
  "size_x": 180,
  "size_y": 240,
  "size_z": 240,
  "snr_csf": 12.860303904422992,
  "snr_gm": 2.2901894488820824,
  "snr_total": 9.602944194412911,
  "snr_wm": 13.658339229933661,
  "snrd_csf": 55.616469348161466,
  "snrd_gm": 125.80609920862602,
  "snrd_total": 73.17277814282983,
  "snrd_wm": 38.095765871701985,
  "spacing_x": 1.0,
  "spacing_y": 1.0,
  "spacing_z": 1.0,
  "summary_bg_k": 247.88744316568435,
  "summary_bg_mad": 0.0,
  "summary_bg_mean": 4.343518048411713,
  "summary_bg_median": 0.0,
  "summary_bg_n": 1287254.0,
  "summary_bg_p05": 0.0,
  "summary_bg_p95": 27.58411681652069,
  "summary_bg_stdv": 17.197092509567668,
  "summary_csf_k": 0.6657065260370003,
  "summary_csf_mad": 110.55475940408846,
  "summary_csf_mean": 1457.6672830386376,
  "summary_csf_median": 1459.912116676569,
  "summary_csf_n": 22923.0,
  "summary_csf_p05": 1275.621419736743,
  "summary_csf_p95": 1638.1403703600167,
  "summary_csf_stdv": 113.51833388631317,
  "summary_gm_k": -1.2369096686625916,
  "summary_gm_mad": 819.2736845270458,
  "summary_gm_mean": 2503.4960399052384,
  "summary_gm_median": 3302.3644028306007,
  "summary_gm_n": 42539.0,
  "summary_gm_p05": 116.09578835964203,
  "summary_gm_p95": 3975.068262666464,
  "summary_gm_stdv": 1441.94428477857,
  "summary_wm_k": -0.04184518089977107,
  "summary_wm_mad": 74.71434451597442,
  "summary_wm_mean": 996.143771343539,
  "summary_wm_median": 1000.0000151395798,
  "summary_wm_n": 171776.0,
  "summary_wm_p05": 871.324657022953,
  "summary_wm_p95": 1109.0482132136822,
  "summary_wm_stdv": 73.21513161543034,
  "tpm_overlap_csf": 0.10849949772116987,
  "tpm_overlap_gm": 0.09546962780914606,
  "tpm_overlap_wm": 0.437001107583893,
  "wm2max": 0.25389129144885225
}