{
  "bids_meta": {
    "AcquisitionMatrixPE": 240,
    "AcquisitionNumber": 5,
    "AcquisitionTime": "11:30:57.110000",
    "BodyPartExamined": "BRAIN",
    "CoilString": "MULTI_COIL",
    "ConversionSoftware": "dcm2niix",
    "ConversionSoftwareVersion": "v1.0.20190410  (JP2:OpenJPEG) GCC6.3.0",
    "Dcm2bidsVersion": "2.1.4",
    "DeviceSerialNumber": "42451",
    "EchoTime": 0.0035,
    "EchoTrainLength": 240,
    "FlipAngle": 8,
    "ImageOrientationPatientDICOM": [
      0,
      1,
      0,
      0.000495108,
      0,
      -1
    ],
    "ImageType": [
      "ORIGINAL",
      "PRIMARY",
      "M",
      "FFE",
      "M",
      "FFE"
    ],
    "ImagingFrequency": 127.759,
    "InPlanePhaseEncodingDirectionDICOM": "ROW",
    "InstitutionAddress": "Calzada_Mexico_Xochimilco_No.101_Tlalpan",
    "InstitutionName": "I.N._Psiquiatria",
    "InstitutionalDepartmentName": "Imagenes_Cerebrales",
    "MRAcquisitionType": "3D",
    "MagneticFieldStrength": 3,
    "Manufacturer": "Philips",
    "ManufacturersModelName": "Ingenia",
    "Modality": "MR",
    "PatientPosition": "HFS",
    "PercentPhaseFOV": 100,
    "PhaseEncodingSteps": 240,
    "PhilipsRescaleIntercept": 0,
    "PhilipsRescaleSlope": 21.8857,
    "PhilipsScaleSlope": 0.00583384,
    "PixelBandwidth": 310,
    "ProcedureStepDescription": "PROTOCOLO_FIBROMIALGIA",
    "ProtocolName": "WIP_T1W",
    "ReconMatrixPE": 240,
    "RepetitionTime": 0.007,
    "SAR": 0.0382114,
    "ScanOptions": "OTHER",
    "ScanningSequence": "GR",
    "SequenceVariant": "MP",
    "SeriesDescription": "T1W",
    "SeriesNumber": 501,
    "SliceThickness": 1,
    "SoftwareVersions": "5.3.1_5.3.1.0",
    "SpacingBetweenSlices": 1,
    "StationName": "PHILIPS-CTMFQSD",
    "UsePhilipsFloatNotDisplayScaling": 1,
    "dataset": "ds004144",
    "modality": "T1w",
    "subject_id": "040"
  },
  "cjv": 0.31567954073966004,
  "cnr": 4.264597190401829,
  "efc": 0.6755695101403099,
  "fber": -1.0,
  "fwhm_avg": 4.6174800000000005,
  "fwhm_x": 4.45483,
  "fwhm_y": 5.02184,
  "fwhm_z": 4.37577,
  "icvs_csf": 0.16874809842533792,
  "icvs_gm": 0.4409255985263517,
  "icvs_wm": 0.3903263030483104,
  "inu_med": 0.36148980259895325,
  "inu_range": 0.13526483923196791,
  "provenance": {
    "md5sum": "d271b9a4450c9acd594f9a7ebb0435e9",
    "settings": {
      "testing": false
    },
    "software": "mriqc",
    "version": "23.0.0",
    "warnings": {
      "large_rot_frame": true,
      "small_air_mask": false
    },
    "webapi_port": null,
    "webapi_url": "https://mriqc.nimh.nih.gov/api/v1"
  },
  "qi_1": 0.03967597703027429,
  "qi_2": 3.190121633360452e-05,
  "rpve_csf": 30.08778936620232,
  "rpve_gm": 12.475079951998342,
  "rpve_wm": 15.841138968778997,
  "size_x": 180,
  "size_y": 240,
  "size_z": 240,
  "snr_csf": 2.384652360871825,
  "snr_gm": 15.54038391914188,
  "snr_total": 16.371098046349633,
  "snr_wm": 31.188257859035193,
  "snrd_csf": 39.09383862068968,
  "snrd_gm": 98.45982408991858,
  "snrd_total": 89.51698084365944,
  "snrd_wm": 130.99727982037004,
  "spacing_x": 1.0,
  "spacing_y": 1.0,
  "spacing_z": 1.0,
  "summary_bg_k": 18.1283549148941,
  "summary_bg_mad": 0.0,
  "summary_bg_mean": 1.9055922857841598,
  "summary_bg_median": 0.0,
  "summary_bg_n": 543190.0,
  "summary_bg_p05": 0.0,
  "summary_bg_p95": 12.764369459822774,
  "summary_bg_stdv": 5.0011451525461625,
  "summary_csf_k": 0.3108388122641039,
  "summary_csf_mad": 103.54975110806281,
  "summary_csf_mean": 310.9608593654566,
  "summary_csf_median": 298.4324508793652,
  "summary_csf_n": 26631.0,
  "summary_csf_p05": 88.47972280532122,
  "summary_csf_p95": 529.6466871472076,
  "summary_csf_stdv": 125.14480207717016,
  "summary_gm_k": 0.13483605396310328,
  "summary_gm_mad": 48.15967227345065,
  "summary_gm_mean": 753.8009699473396,
  "summary_gm_median": 751.6173303266987,
  "summary_gm_n": 59046.0,
  "summary_gm_p05": 678.806928510312,
  "summary_gm_p95": 836.128404147923,
  "summary_gm_stdv": 48.365019135585854,
  "summary_wm_k": 0.5595401146856682,
  "summary_wm_mad": 30.24966010281849,
  "summary_wm_mean": 1000.9853924353899,
  "summary_wm_median": 1000.0000167451799,
  "summary_wm_n": 221676.0,
  "summary_wm_p05": 950.2363931201398,
  "summary_wm_p95": 1055.411811651662,
  "summary_wm_stdv": 32.06327733079111,
  "tpm_overlap_csf": 0.13725499934819094,
  "tpm_overlap_gm": 0.4678983453557549,
  "tpm_overlap_wm": 0.5182932524002553,
  "wm2max": 0.7894013199245757
}