{
  "aor": 0.0019987529976019185,
  "aqi": 0.01806712725419664,
  "bids_meta": {
    "AcquisitionMatrixPE": 78,
    "AcquisitionNumber": 7,
    "AcquisitionTime": "10:06:37.490000",
    "BodyPartExamined": "BRAIN",
    "CoilString": "MULTI_COIL",
    "ConversionSoftware": "dcm2niix",
    "ConversionSoftwareVersion": "v1.0.20190410  (JP2:OpenJPEG) GCC6.3.0",
    "Dcm2bidsVersion": "2.1.4",
    "DeviceSerialNumber": "42451",
    "EchoTime": 0.030001,
    "EchoTrainLength": 39,
    "FlipAngle": 75,
    "ImageOrientationPatientDICOM": [
      0.999993,
      8.48247e-07,
      -0.00362181,
      1.69407e-21,
      1,
      0.000234205
    ],
    "ImageType": [
      "ORIGINAL",
      "PRIMARY",
      "M",
      "FFE",
      "M",
      "FFE"
    ],
    "ImagingFrequency": 127.759,
    "InPlanePhaseEncodingDirectionDICOM": "COL",
    "InstitutionAddress": "Calzada_Mexico_Xochimilco_No.101_Tlalpan",
    "InstitutionName": "I.N._Psiquiatria",
    "InstitutionalDepartmentName": "Imagenes_Cerebrales",
    "MRAcquisitionType": "2D",
    "MagneticFieldStrength": 3,
    "Manufacturer": "Philips",
    "ManufacturersModelName": "Ingenia",
    "Modality": "MR",
    "PartialFourier": 0.5,
    "PatientPosition": "HFS",
    "PercentPhaseFOV": 100,
    "PhaseEncodingAxis": "j",
    "PhaseEncodingSteps": 78,
    "PhilipsRescaleIntercept": 0,
    "PhilipsRescaleSlope": 0.740659,
    "PhilipsScaleSlope": 0.0213735,
    "PixelBandwidth": 2071,
    "ProcedureStepDescription": "PROTOCOLO_FIBROMIALGIA",
    "ProtocolName": "WIP_TASK_FMRI",
    "ReconMatrixPE": 80,
    "RepetitionTime": 2,
    "SAR": 0.117749,
    "ScanOptions": "FS",
    "ScanningSequence": "GR",
    "SequenceVariant": "SK",
    "SeriesDescription": "TASK_FMRI",
    "SeriesNumber": 701,
    "SliceThickness": 3,
    "SliceTiming": [
      0,
      1.027027,
      0.054054,
      1.081081,
      0.108108,
      1.13513,
      0.162162,
      1.189189,
      0.216216,
      1.243244,
      0.27027,
      1.297298,
      0.324324,
      1.351352,
      0.378378,
      1.405406,
      0.432432,
      1.45946,
      0.486486,
      1.513514,
      0.540541,
      1.567568,
      0.594595,
      1.621622,
      0.648649,
      1.675676,
      0.702703,
      1.72973,
      0.756757,
      1.783784,
      0.810811,
      1.837838,
      0.864865,
      1.891892,
      0.918919,
      1.945947,
      0.972973
    ],
    "SoftwareVersions": "5.3.1_5.3.1.0",
    "SpacingBetweenSlices": 3,
    "StationName": "PHILIPS-CTMFQSD",
    "TaskName": "epr",
    "UsePhilipsFloatNotDisplayScaling": 1,
    "dataset": "ds004144",
    "modality": "bold",
    "subject_id": "052",
    "task_id": "epr"
  },
  "dummy_trs": 0,
  "dvars_nstd": 33.166835700144,
  "dvars_std": 1.118862721860745,
  "dvars_vstd": 0.8867450082593039,
  "efc": 0.39259443189735455,
  "fber": 112694.890625,
  "fd_mean": 0.241177575638147,
  "fd_num": 285,
  "fd_perc": 34.172661870503596,
  "fwhm_avg": 1.996384444444444,
  "fwhm_x": 1.92072,
  "fwhm_y": 2.0944566666666664,
  "fwhm_z": 1.9739766666666665,
  "gcor": 0.129461,
  "gsr_x": -0.014316359534859657,
  "gsr_y": 0.010383034124970436,
  "provenance": {
    "md5sum": "c87b32b5fbc292c036e059e8b1932161",
    "settings": {
      "fd_thres": 0.2,
      "testing": false
    },
    "software": "mriqc",
    "version": "23.0.0",
    "webapi_port": null,
    "webapi_url": "https://mriqc.nimh.nih.gov/api/v1"
  },
  "size_t": 834,
  "size_x": 80,
  "size_y": 80,
  "size_z": 37,
  "snr": 4.75207674783466,
  "spacing_tr": 2.0000016689300537,
  "spacing_x": 3.0,
  "spacing_y": 3.0,
  "spacing_z": 3.0,
  "summary_bg_k": 138.3939926516968,
  "summary_bg_mad": 212.92210745418004,
  "summary_bg_mean": 1095.1138916015625,
  "summary_bg_median": 193.59747314453125,
  "summary_bg_n": 165874.0,
  "summary_bg_p05": 20.786449432373043,
  "summary_bg_p95": 5347.21677246094,
  "summary_bg_stdv": 3249.5625,
  "summary_fg_k": 2.210436899991076,
  "summary_fg_mad": 12155.149036907675,
  "summary_fg_mean": 68661.203125,
  "summary_fg_median": 67770.4921875,
  "summary_fg_n": 31532.0,
  "summary_fg_p05": 47815.675585937504,
  "summary_fg_p95": 93032.85351562499,
  "summary_fg_stdv": 14261.0107421875,
  "tsnr": 30.171749114990234
}