{
  "aor": 0.002233933333333333,
  "aqi": 0.0094911981,
  "bids_meta": {
    "AcquisitionMatrixPE": 78,
    "AcquisitionNumber": 3,
    "AcquisitionTime": "09:38:51.480000",
    "BodyPartExamined": "BRAIN",
    "CoilString": "MULTI_COIL",
    "ConversionSoftware": "dcm2niix",
    "ConversionSoftwareVersion": "v1.0.20190410  (JP2:OpenJPEG) GCC6.3.0",
    "Dcm2bidsVersion": "2.1.4",
    "DeviceSerialNumber": "42451",
    "EchoTime": 0.030001,
    "EchoTrainLength": 39,
    "FlipAngle": 75,
    "ImageOrientationPatientDICOM": [
      0.999993,
      8.48247e-07,
      -0.00362181,
      1.69407e-21,
      1,
      0.000234205
    ],
    "ImageType": [
      "ORIGINAL",
      "PRIMARY",
      "M",
      "FFE",
      "M",
      "FFE"
    ],
    "ImagingFrequency": 127.759,
    "InPlanePhaseEncodingDirectionDICOM": "COL",
    "InstitutionAddress": "Calzada_Mexico_Xochimilco_No.101_Tlalpan",
    "InstitutionName": "I.N._Psiquiatria",
    "InstitutionalDepartmentName": "Imagenes_Cerebrales",
    "MRAcquisitionType": "2D",
    "MagneticFieldStrength": 3,
    "Manufacturer": "Philips",
    "ManufacturersModelName": "Ingenia",
    "Modality": "MR",
    "PartialFourier": 0.5,
    "PatientPosition": "HFS",
    "PercentPhaseFOV": 100,
    "PhaseEncodingAxis": "j",
    "PhaseEncodingSteps": 78,
    "PhilipsRescaleIntercept": 0,
    "PhilipsRescaleSlope": 0.773382,
    "PhilipsScaleSlope": 0.0205337,
    "PixelBandwidth": 2071,
    "ProcedureStepDescription": "PROTOCOLO_FIBROMIALGIA",
    "ProtocolName": "WIP_RESTING_STATE_10m",
    "ReconMatrixPE": 80,
    "RepetitionTime": 2,
    "SAR": 0.117654,
    "ScanOptions": "FS",
    "ScanningSequence": "GR",
    "SequenceVariant": "SK",
    "SeriesDescription": "RESTING_STATE_10m",
    "SeriesNumber": 301,
    "SliceThickness": 3,
    "SliceTiming": [
      0,
      1.027027,
      0.054054,
      1.081081,
      0.108108,
      1.13513,
      0.162162,
      1.189189,
      0.216216,
      1.243244,
      0.27027,
      1.297298,
      0.324324,
      1.351352,
      0.378378,
      1.405406,
      0.432432,
      1.45946,
      0.486486,
      1.513514,
      0.540541,
      1.567568,
      0.594595,
      1.621622,
      0.648649,
      1.675676,
      0.702703,
      1.72973,
      0.756757,
      1.783784,
      0.810811,
      1.837838,
      0.864865,
      1.891892,
      0.918919,
      1.945947,
      0.972973
    ],
    "SoftwareVersions": "5.3.1_5.3.1.0",
    "SpacingBetweenSlices": 3,
    "StationName": "PHILIPS-CTMFQSD",
    "TaskName": "rest",
    "UsePhilipsFloatNotDisplayScaling": 1,
    "dataset": "ds004144",
    "modality": "bold",
    "subject_id": "052",
    "task_id": "rest"
  },
  "dummy_trs": 0,
  "dvars_nstd": 29.034754603043503,
  "dvars_std": 1.2014764652842806,
  "dvars_vstd": 0.9651232035117053,
  "efc": 0.3925698229125655,
  "fber": 124435.4296875,
  "fd_mean": 0.14898786450985105,
  "fd_num": 56,
  "fd_perc": 18.666666666666668,
  "fwhm_avg": 1.9138666666666666,
  "fwhm_x": 1.8545433333333332,
  "fwhm_y": 1.9785300000000001,
  "fwhm_z": 1.9085266666666667,
  "gcor": 0.0468485,
  "gsr_x": -0.014291990548372269,
  "gsr_y": 0.010192648507654667,
  "provenance": {
    "md5sum": "e36bf848226b96007f6bce61361ebc31",
    "settings": {
      "fd_thres": 0.2,
      "testing": false
    },
    "software": "mriqc",
    "version": "23.0.0",
    "webapi_port": null,
    "webapi_url": "https://mriqc.nimh.nih.gov/api/v1"
  },
  "size_t": 300,
  "size_x": 80,
  "size_y": 80,
  "size_z": 37,
  "snr": 4.856544846618775,
  "spacing_tr": 2.0000016689300537,
  "spacing_x": 3.0,
  "spacing_y": 3.0,
  "spacing_z": 3.0,
  "summary_bg_k": 177.37162827193464,
  "summary_bg_mad": 193.74900342214937,
  "summary_bg_mean": 1037.486083984375,
  "summary_bg_median": 175.52647399902344,
  "summary_bg_n": 165739.0,
  "summary_bg_p05": 13.824332904815673,
  "summary_bg_p95": 5040.521777343754,
  "summary_bg_stdv": 3261.488037109375,
  "summary_fg_k": 2.4818069094227297,
  "summary_fg_mad": 11025.623324465756,
  "summary_fg_mean": 66458.734375,
  "summary_fg_median": 65387.7734375,
  "summary_fg_n": 31676.0,
  "summary_fg_p05": 47273.1015625,
  "summary_fg_p95": 89773.419921875,
  "summary_fg_stdv": 13463.6337890625,
  "tsnr": 51.63056182861328
}