{
  "aor": 0.0013757793764988006,
  "aqi": 0.027356796163069543,
  "bids_meta": {
    "AcquisitionMatrixPE": 78,
    "AcquisitionNumber": 8,
    "AcquisitionTime": "09:46:49.260000",
    "BodyPartExamined": "BRAIN",
    "CoilString": "MULTI_COIL",
    "ConversionSoftware": "dcm2niix",
    "ConversionSoftwareVersion": "v1.0.20190410  (JP2:OpenJPEG) GCC6.3.0",
    "Dcm2bidsVersion": "2.1.4",
    "DeviceSerialNumber": "42451",
    "EchoTime": 0.030001,
    "EchoTrainLength": 39,
    "FlipAngle": 75,
    "ImageOrientationPatientDICOM": [
      1,
      0,
      0.000617897,
      0,
      1,
      0
    ],
    "ImageType": [
      "ORIGINAL",
      "PRIMARY",
      "M",
      "FFE",
      "M",
      "FFE"
    ],
    "ImagingFrequency": 127.759,
    "InPlanePhaseEncodingDirectionDICOM": "COL",
    "InstitutionAddress": "Calzada_Mexico_Xochimilco_No.101_Tlalpan",
    "InstitutionName": "I.N._Psiquiatria",
    "InstitutionalDepartmentName": "Imagenes_Cerebrales",
    "MRAcquisitionType": "2D",
    "MagneticFieldStrength": 3,
    "Manufacturer": "Philips",
    "ManufacturersModelName": "Ingenia",
    "Modality": "MR",
    "PartialFourier": 0.5,
    "PatientPosition": "HFS",
    "PercentPhaseFOV": 100,
    "PhaseEncodingAxis": "j",
    "PhaseEncodingSteps": 78,
    "PhilipsRescaleIntercept": 0,
    "PhilipsRescaleSlope": 0.803175,
    "PhilipsScaleSlope": 0.0242551,
    "PixelBandwidth": 2071,
    "ProcedureStepDescription": "PROTOCOLO_FIBROMIALGIA",
    "ProtocolName": "WIP_TASK_FMRI",
    "ReconMatrixPE": 80,
    "RepetitionTime": 2,
    "SAR": 0.117678,
    "ScanOptions": "FS",
    "ScanningSequence": "GR",
    "SequenceVariant": "SK",
    "SeriesDescription": "TASK_FMRI",
    "SeriesNumber": 801,
    "SliceThickness": 3,
    "SliceTiming": [
      0,
      1.027027,
      0.054054,
      1.081081,
      0.108108,
      1.13513,
      0.162162,
      1.189189,
      0.216216,
      1.243244,
      0.27027,
      1.297298,
      0.324324,
      1.351352,
      0.378378,
      1.405406,
      0.432432,
      1.45946,
      0.486486,
      1.513514,
      0.540541,
      1.567568,
      0.594595,
      1.621622,
      0.648649,
      1.675676,
      0.702703,
      1.72973,
      0.756757,
      1.783784,
      0.810811,
      1.837838,
      0.864865,
      1.891892,
      0.918919,
      1.945947,
      0.972973
    ],
    "SoftwareVersions": "5.3.1_5.3.1.0",
    "SpacingBetweenSlices": 3,
    "StationName": "PHILIPS-CTMFQSD",
    "TaskName": "epr",
    "UsePhilipsFloatNotDisplayScaling": 1,
    "dataset": "ds004144",
    "modality": "bold",
    "subject_id": "047",
    "task_id": "epr"
  },
  "dummy_trs": 0,
  "dvars_nstd": 25.74350395979589,
  "dvars_std": 1.0348299103841538,
  "dvars_vstd": 0.9064681481392549,
  "efc": 0.3932044671430237,
  "fber": 112985.296875,
  "fd_mean": 0.15215550112849469,
  "fd_num": 149,
  "fd_perc": 17.86570743405276,
  "fwhm_avg": 2.0613355555555555,
  "fwhm_x": 1.9385333333333332,
  "fwhm_y": 2.23962,
  "fwhm_z": 2.005853333333333,
  "gcor": 0.105827,
  "gsr_x": -0.022187530994415283,
  "gsr_y": 0.01508286502212286,
  "provenance": {
    "md5sum": "860b08a5be8ffe8b68782a247d22430d",
    "settings": {
      "fd_thres": 0.2,
      "testing": false
    },
    "software": "mriqc",
    "version": "23.0.0",
    "webapi_port": null,
    "webapi_url": "https://mriqc.nimh.nih.gov/api/v1"
  },
  "size_t": 834,
  "size_x": 80,
  "size_y": 80,
  "size_z": 37,
  "snr": 5.610166210538146,
  "spacing_tr": 2.0000016689300537,
  "spacing_x": 3.0,
  "spacing_y": 3.0,
  "spacing_z": 3.0,
  "summary_bg_k": 102.52023530390167,
  "summary_bg_mad": 186.7126492149517,
  "summary_bg_mean": 1040.8780517578125,
  "summary_bg_median": 174.32615661621094,
  "summary_bg_n": 166796.0,
  "summary_bg_p05": 19.398557662963867,
  "summary_bg_p95": 4895.9547119140625,
  "summary_bg_stdv": 2952.796875,
  "summary_fg_k": 1.477837678990416,
  "summary_fg_mad": 9565.981170394785,
  "summary_fg_mean": 59904.5078125,
  "summary_fg_median": 59897.390625,
  "summary_fg_n": 30653.0,
  "summary_fg_p05": 42446.76953125,
  "summary_fg_p95": 77003.73906249998,
  "summary_fg_stdv": 10676.40625,
  "tsnr": 27.601070404052734
}