{
  "bids_meta": {
    "AcquisitionMatrixPE": 240,
    "AcquisitionNumber": 4,
    "AcquisitionTime": "09:21:33.190000",
    "BodyPartExamined": "BRAIN",
    "CoilString": "MULTI_COIL",
    "ConversionSoftware": "dcm2niix",
    "ConversionSoftwareVersion": "v1.0.20190410  (JP2:OpenJPEG) GCC6.3.0",
    "Dcm2bidsVersion": "2.1.4",
    "DeviceSerialNumber": "42451",
    "EchoTime": 0.0035,
    "EchoTrainLength": 240,
    "FlipAngle": 8,
    "ImageOrientationPatientDICOM": [
      0,
      1,
      0,
      -0.0440919,
      0,
      -0.999027
    ],
    "ImageType": [
      "ORIGINAL",
      "PRIMARY",
      "M",
      "FFE",
      "M",
      "FFE"
    ],
    "ImagingFrequency": 127.759,
    "InPlanePhaseEncodingDirectionDICOM": "ROW",
    "InstitutionAddress": "Calzada_Mexico_Xochimilco_No.101_Tlalpan",
    "InstitutionName": "I.N._Psiquiatria",
    "InstitutionalDepartmentName": "Imagenes_Cerebrales",
    "MRAcquisitionType": "3D",
    "MagneticFieldStrength": 3,
    "Manufacturer": "Philips",
    "ManufacturersModelName": "Ingenia",
    "Modality": "MR",
    "PatientPosition": "HFS",
    "PercentPhaseFOV": 100,
    "PhaseEncodingSteps": 240,
    "PhilipsRescaleIntercept": 0,
    "PhilipsRescaleSlope": 3.76972,
    "PhilipsScaleSlope": 0.00584323,
    "PixelBandwidth": 310,
    "ProcedureStepDescription": "PROTOCOLO_FIBROMIALGIA",
    "ProtocolName": "WIP_T1W",
    "ReconMatrixPE": 240,
    "RepetitionTime": 0.007,
    "SAR": 0.0382114,
    "ScanOptions": "OTHER",
    "ScanningSequence": "GR",
    "SequenceVariant": "MP",
    "SeriesDescription": "T1W",
    "SeriesNumber": 401,
    "SliceThickness": 1,
    "SoftwareVersions": "5.3.1_5.3.1.0",
    "SpacingBetweenSlices": 1,
    "StationName": "PHILIPS-CTMFQSD",
    "UsePhilipsFloatNotDisplayScaling": 1,
    "dataset": "ds004144",
    "modality": "T1w",
    "subject_id": "030"
  },
  "cjv": 0.3705664420328757,
  "cnr": 3.559842988182887,
  "efc": 0.7001935149992119,
  "fber": -1.0,
  "fwhm_avg": 4.5022166666666665,
  "fwhm_x": 4.36116,
  "fwhm_y": 4.848,
  "fwhm_z": 4.29749,
  "icvs_csf": 0.23234691875950966,
  "icvs_gm": 0.4173923919333867,
  "icvs_wm": 0.35026068930710363,
  "inu_med": 0.4255581796169281,
  "inu_range": 0.14095789194107056,
  "provenance": {
    "md5sum": "1b7cbacefa93b507f313bcc5bb199e6a",
    "settings": {
      "testing": false
    },
    "software": "mriqc",
    "version": "23.0.0",
    "warnings": {
      "large_rot_frame": true,
      "small_air_mask": false
    },
    "webapi_port": null,
    "webapi_url": "https://mriqc.nimh.nih.gov/api/v1"
  },
  "qi_1": 0.0,
  "qi_2": 1.4062469545519401e-05,
  "rpve_csf": 26.191343604552145,
  "rpve_gm": 14.657222040102324,
  "rpve_wm": 20.26163210320855,
  "size_x": 180,
  "size_y": 240,
  "size_z": 240,
  "snr_csf": 2.3841080754296025,
  "snr_gm": 13.338679481972736,
  "snr_total": 14.795598789507872,
  "snr_wm": 28.664008811121285,
  "snrd_csf": 18.679400682259942,
  "snrd_gm": 49.00781276749142,
  "snrd_total": 44.0699689083705,
  "snrd_wm": 64.52269327536014,
  "spacing_x": 1.0,
  "spacing_y": 1.0,
  "spacing_z": 1.0,
  "summary_bg_k": 33.27827750547826,
  "summary_bg_mad": 0.0,
  "summary_bg_mean": 3.2652561965433384,
  "summary_bg_median": 0.0,
  "summary_bg_n": 379237.0,
  "summary_bg_p05": 0.0,
  "summary_bg_p95": 21.93604627624154,
  "summary_bg_stdv": 10.153580713443038,
  "summary_csf_k": 0.027946559475891863,
  "summary_csf_mad": 116.061391374155,
  "summary_csf_mean": 284.6598279671361,
  "summary_csf_median": 289.5012435670942,
  "summary_csf_n": 33726.0,
  "summary_csf_p05": 78.18945450056344,
  "summary_csf_p95": 485.52873770333827,
  "summary_csf_stdv": 121.42778029210822,
  "summary_gm_k": 0.14844673764117955,
  "summary_gm_mad": 55.87062378571827,
  "summary_gm_mean": 756.1789655268825,
  "summary_gm_median": 759.5437874067575,
  "summary_gm_n": 29494.0,
  "summary_gm_p05": 658.1032151989639,
  "summary_gm_p95": 844.1852770110592,
  "summary_gm_stdv": 56.94198680474396,
  "summary_wm_k": 0.44524301320381143,
  "summary_wm_mad": 33.23436468458307,
  "summary_wm_mean": 1001.0563078352935,
  "summary_wm_median": 999.9999603442848,
  "summary_wm_n": 152773.0,
  "summary_wm_p05": 944.9524889923632,
  "summary_wm_p95": 1059.5001216866076,
  "summary_wm_stdv": 34.88683994268971,
  "tpm_overlap_csf": 0.15363642611588724,
  "tpm_overlap_gm": 0.4751008112314207,
  "tpm_overlap_wm": 0.529150453296589,
  "wm2max": 0.8735318791946308
}