{
  "aor": 0.002712825806451613,
  "aqi": 0.02669197470967742,
  "bids_meta": {
    "AcquisitionMatrixPE": 78,
    "AcquisitionNumber": 9,
    "AcquisitionTime": "11:30:59.250000",
    "BodyPartExamined": "BRAIN",
    "CoilString": "MULTI_COIL",
    "ConversionSoftware": "dcm2niix",
    "ConversionSoftwareVersion": "v1.0.20190410  (JP2:OpenJPEG) GCC6.3.0",
    "Dcm2bidsVersion": "2.1.4",
    "DeviceSerialNumber": "42451",
    "EchoTime": 0.030001,
    "EchoTrainLength": 39,
    "FlipAngle": 75,
    "ImageOrientationPatientDICOM": [
      0.999993,
      0,
      -0.00362181,
      0,
      1,
      0
    ],
    "ImageType": [
      "ORIGINAL",
      "PRIMARY",
      "M",
      "FFE",
      "M",
      "FFE"
    ],
    "ImagingFrequency": 127.759,
    "InPlanePhaseEncodingDirectionDICOM": "COL",
    "InstitutionAddress": "Calzada_Mexico_Xochimilco_No.101_Tlalpan",
    "InstitutionName": "I.N._Psiquiatria",
    "InstitutionalDepartmentName": "Imagenes_Cerebrales",
    "MRAcquisitionType": "2D",
    "MagneticFieldStrength": 3,
    "Manufacturer": "Philips",
    "ManufacturersModelName": "Ingenia",
    "Modality": "MR",
    "PartialFourier": 0.5,
    "PatientPosition": "HFS",
    "PercentPhaseFOV": 100,
    "PhaseEncodingAxis": "j",
    "PhaseEncodingSteps": 78,
    "PhilipsRescaleIntercept": 0,
    "PhilipsRescaleSlope": 0.765568,
    "PhilipsScaleSlope": 0.0279394,
    "PixelBandwidth": 2071,
    "ProcedureStepDescription": "FIBROMIALGIA",
    "ProtocolName": "WIP_TASK_FMRI",
    "ReconMatrixPE": 80,
    "RepetitionTime": 2,
    "SAR": 0.117749,
    "ScanOptions": "FS",
    "ScanningSequence": "GR",
    "SequenceVariant": "SK",
    "SeriesDescription": "TASK_FMRI",
    "SeriesNumber": 901,
    "SliceThickness": 3,
    "SliceTiming": [
      0,
      1.027027,
      0.054054,
      1.081081,
      0.108108,
      1.13513,
      0.162162,
      1.189189,
      0.216216,
      1.243244,
      0.27027,
      1.297298,
      0.324324,
      1.351352,
      0.378378,
      1.405406,
      0.432432,
      1.45946,
      0.486486,
      1.513514,
      0.540541,
      1.567568,
      0.594595,
      1.621622,
      0.648649,
      1.675676,
      0.702703,
      1.72973,
      0.756757,
      1.783784,
      0.810811,
      1.837838,
      0.864865,
      1.891892,
      0.918919,
      1.945947,
      0.972973
    ],
    "SoftwareVersions": "5.3.1_5.3.1.0",
    "SpacingBetweenSlices": 3,
    "StationName": "PHILIPS-CTMFQSD",
    "TaskName": "epr",
    "UsePhilipsFloatNotDisplayScaling": 1,
    "dataset": "ds004144",
    "modality": "bold",
    "subject_id": "006",
    "task_id": "epr"
  },
  "dummy_trs": 0,
  "dvars_nstd": 38.59024127939278,
  "dvars_std": 1.1172182611757089,
  "dvars_vstd": 0.9135669008656337,
  "efc": 0.3907051754044866,
  "fber": 150085.6875,
  "fd_mean": 0.4591970720451346,
  "fd_num": 385,
  "fd_perc": 49.67741935483871,
  "fwhm_avg": 1.8668611111111113,
  "fwhm_x": 1.76732,
  "fwhm_y": 2.0064699999999998,
  "fwhm_z": 1.8267933333333335,
  "gcor": 0.165549,
  "gsr_x": -0.012008927762508392,
  "gsr_y": 0.010728534311056137,
  "provenance": {
    "md5sum": "e390feb986a829617a03447541b581df",
    "settings": {
      "fd_thres": 0.2,
      "testing": false
    },
    "software": "mriqc",
    "version": "23.0.0",
    "webapi_port": null,
    "webapi_url": "https://mriqc.nimh.nih.gov/api/v1"
  },
  "size_t": 775,
  "size_x": 80,
  "size_y": 80,
  "size_z": 37,
  "snr": 5.264679490258688,
  "spacing_tr": 2.0000016689300537,
  "spacing_x": 3.0,
  "spacing_y": 3.0,
  "spacing_z": 3.0,
  "summary_bg_k": 176.75045858674633,
  "summary_bg_mad": 152.6572829295788,
  "summary_bg_mean": 853.365234375,
  "summary_bg_median": 133.93084716796875,
  "summary_bg_n": 166357.0,
  "summary_bg_p05": 13.660158538818367,
  "summary_bg_p95": 4011.4377441406095,
  "summary_bg_stdv": 2402.3134765625,
  "summary_fg_k": 4.290905280764646,
  "summary_fg_mad": 7733.994472834473,
  "summary_fg_mean": 53785.81640625,
  "summary_fg_median": 53157.796875,
  "summary_fg_n": 31368.0,
  "summary_fg_p05": 39282.515234375,
  "summary_fg_p95": 70590.28398437498,
  "summary_fg_stdv": 10096.9013671875,
  "tsnr": 26.8369197845459
}