{
  "aor": 0.002925107913669064,
  "aqi": 0.025527015707434056,
  "bids_meta": {
    "AcquisitionMatrixPE": 78,
    "AcquisitionNumber": 8,
    "AcquisitionTime": "09:49:28.450000",
    "BodyPartExamined": "BRAIN",
    "CoilString": "MULTI_COIL",
    "ConversionSoftware": "dcm2niix",
    "ConversionSoftwareVersion": "v1.0.20190410  (JP2:OpenJPEG) GCC6.3.0",
    "Dcm2bidsVersion": "2.1.4",
    "DeviceSerialNumber": "42451",
    "EchoTime": 0.030001,
    "EchoTrainLength": 39,
    "FlipAngle": 75,
    "ImageOrientationPatientDICOM": [
      0.999993,
      0,
      -0.00362181,
      0,
      1,
      0
    ],
    "ImageType": [
      "ORIGINAL",
      "PRIMARY",
      "M",
      "FFE",
      "M",
      "FFE"
    ],
    "ImagingFrequency": 127.759,
    "InPlanePhaseEncodingDirectionDICOM": "COL",
    "InstitutionAddress": "Calzada_Mexico_Xochimilco_No.101_Tlalpan",
    "InstitutionName": "I.N._Psiquiatria",
    "InstitutionalDepartmentName": "Imagenes_Cerebrales",
    "MRAcquisitionType": "2D",
    "MagneticFieldStrength": 3,
    "Manufacturer": "Philips",
    "ManufacturersModelName": "Ingenia",
    "Modality": "MR",
    "PartialFourier": 0.5,
    "PatientPosition": "HFS",
    "PercentPhaseFOV": 100,
    "PhaseEncodingAxis": "j",
    "PhaseEncodingSteps": 78,
    "PhilipsRescaleIntercept": 0,
    "PhilipsRescaleSlope": 0.792186,
    "PhilipsScaleSlope": 0.0254516,
    "PixelBandwidth": 2071,
    "ProcedureStepDescription": "PROTOCOLO_FIBROMIALGIA",
    "ProtocolName": "WIP_TASK_FMRI",
    "ReconMatrixPE": 80,
    "RepetitionTime": 2,
    "SAR": 0.117749,
    "ScanOptions": "FS",
    "ScanningSequence": "GR",
    "SequenceVariant": "SK",
    "SeriesDescription": "TASK_FMRI",
    "SeriesNumber": 801,
    "SliceThickness": 3,
    "SliceTiming": [
      0,
      1.027027,
      0.054054,
      1.081081,
      0.108108,
      1.13513,
      0.162162,
      1.189189,
      0.216216,
      1.243244,
      0.27027,
      1.297298,
      0.324324,
      1.351352,
      0.378378,
      1.405406,
      0.432432,
      1.45946,
      0.486486,
      1.513514,
      0.540541,
      1.567568,
      0.594595,
      1.621622,
      0.648649,
      1.675676,
      0.702703,
      1.72973,
      0.756757,
      1.783784,
      0.810811,
      1.837838,
      0.864865,
      1.891892,
      0.918919,
      1.945947,
      0.972973
    ],
    "SoftwareVersions": "5.3.1_5.3.1.0",
    "SpacingBetweenSlices": 3,
    "StationName": "PHILIPS-CTMFQSD",
    "TaskName": "epr",
    "UsePhilipsFloatNotDisplayScaling": 1,
    "dataset": "ds004144",
    "modality": "bold",
    "subject_id": "037",
    "task_id": "epr"
  },
  "dummy_trs": 0,
  "dvars_nstd": 32.82070133579835,
  "dvars_std": 1.1869552164105641,
  "dvars_vstd": 0.9728783564705874,
  "efc": 0.4005421204346046,
  "fber": 109162.984375,
  "fd_mean": 0.2370810711712592,
  "fd_num": 363,
  "fd_perc": 43.52517985611511,
  "fwhm_avg": 2.005435555555555,
  "fwhm_x": 1.8994566666666666,
  "fwhm_y": 2.1061166666666664,
  "fwhm_z": 2.010733333333333,
  "gcor": 0.108362,
  "gsr_x": -0.016561001539230347,
  "gsr_y": 0.019453536719083786,
  "provenance": {
    "md5sum": "9f636b3f495e7b6c80d70a8419df4824",
    "settings": {
      "fd_thres": 0.2,
      "testing": false
    },
    "software": "mriqc",
    "version": "23.0.0",
    "webapi_port": null,
    "webapi_url": "https://mriqc.nimh.nih.gov/api/v1"
  },
  "size_t": 834,
  "size_x": 80,
  "size_y": 80,
  "size_z": 37,
  "snr": 4.970276253764938,
  "spacing_tr": 2.0000016689300537,
  "spacing_x": 3.0,
  "spacing_y": 3.0,
  "spacing_z": 3.0,
  "summary_bg_k": 159.83566846929028,
  "summary_bg_mad": 171.31408854309123,
  "summary_bg_mean": 1110.3017578125,
  "summary_bg_median": 163.76834106445312,
  "summary_bg_n": 165174.0,
  "summary_bg_p05": 20.446389389038085,
  "summary_bg_p95": 5101.958740234379,
  "summary_bg_stdv": 3584.142578125,
  "summary_fg_k": 3.105105233233253,
  "summary_fg_mad": 9250.59808831213,
  "summary_fg_mean": 55823.89453125,
  "summary_fg_median": 55395.17578125,
  "summary_fg_n": 31861.0,
  "summary_fg_p05": 39467.41015625,
  "summary_fg_p95": 73831.4921875,
  "summary_fg_stdv": 11145.1162109375,
  "tsnr": 26.417617797851562
}