{
  "aor": 0.0011354333333333335,
  "aqi": 0.008763754633333334,
  "bids_meta": {
    "AcquisitionMatrixPE": 78,
    "AcquisitionNumber": 3,
    "AcquisitionTime": "10:45:6.190000",
    "BodyPartExamined": "BRAIN",
    "CoilString": "MULTI_COIL",
    "ConversionSoftware": "dcm2niix",
    "ConversionSoftwareVersion": "v1.0.20190410  (JP2:OpenJPEG) GCC6.3.0",
    "Dcm2bidsVersion": "2.1.4",
    "DeviceSerialNumber": "42451",
    "EchoTime": 0.030001,
    "EchoTrainLength": 39,
    "FlipAngle": 75,
    "ImageOrientationPatientDICOM": [
      0.999993,
      0,
      -0.00362181,
      0,
      1,
      0
    ],
    "ImageType": [
      "ORIGINAL",
      "PRIMARY",
      "M",
      "FFE",
      "M",
      "FFE"
    ],
    "ImagingFrequency": 127.759,
    "InPlanePhaseEncodingDirectionDICOM": "COL",
    "InstitutionAddress": "Calzada_Mexico_Xochimilco_No.101_Tlalpan",
    "InstitutionName": "I.N._Psiquiatria",
    "InstitutionalDepartmentName": "Imagenes_Cerebrales",
    "MRAcquisitionType": "2D",
    "MagneticFieldStrength": 3,
    "Manufacturer": "Philips",
    "ManufacturersModelName": "Ingenia",
    "Modality": "MR",
    "PartialFourier": 0.5,
    "PatientPosition": "HFS",
    "PercentPhaseFOV": 100,
    "PhaseEncodingAxis": "j",
    "PhaseEncodingSteps": 78,
    "PhilipsRescaleIntercept": 0,
    "PhilipsRescaleSlope": 0.763126,
    "PhilipsScaleSlope": 0.0294358,
    "PixelBandwidth": 2071,
    "ProcedureStepDescription": "PROTOCOLO_FIBROMIALGIA",
    "ProtocolName": "WIP_RESTING_STATE_10m",
    "ReconMatrixPE": 80,
    "RepetitionTime": 2,
    "SAR": 0.117654,
    "ScanOptions": "FS",
    "ScanningSequence": "GR",
    "SequenceVariant": "SK",
    "SeriesDescription": "RESTING_STATE_10m",
    "SeriesNumber": 301,
    "SliceThickness": 3,
    "SliceTiming": [
      0,
      1.027027,
      0.054054,
      1.081081,
      0.108108,
      1.13513,
      0.162162,
      1.189189,
      0.216216,
      1.243244,
      0.27027,
      1.297298,
      0.324324,
      1.351352,
      0.378378,
      1.405406,
      0.432432,
      1.45946,
      0.486486,
      1.513514,
      0.540541,
      1.567568,
      0.594595,
      1.621622,
      0.648649,
      1.675676,
      0.702703,
      1.72973,
      0.756757,
      1.783784,
      0.810811,
      1.837838,
      0.864865,
      1.891892,
      0.918919,
      1.945947,
      0.972973
    ],
    "SoftwareVersions": "5.3.1_5.3.1.0",
    "SpacingBetweenSlices": 3,
    "StationName": "PHILIPS-CTMFQSD",
    "TaskName": "rest",
    "UsePhilipsFloatNotDisplayScaling": 1,
    "dataset": "ds004144",
    "modality": "bold",
    "subject_id": "038",
    "task_id": "rest"
  },
  "dummy_trs": 0,
  "dvars_nstd": 18.121553669933114,
  "dvars_std": 1.0572291149163882,
  "dvars_vstd": 0.9685149162207353,
  "efc": 0.3992727508897184,
  "fber": 116686.390625,
  "fd_mean": 0.06920241968548385,
  "fd_num": 4,
  "fd_perc": 1.3333333333333333,
  "fwhm_avg": 1.7890533333333334,
  "fwhm_x": 1.7062933333333332,
  "fwhm_y": 1.8732499999999999,
  "fwhm_z": 1.7876166666666666,
  "gcor": 0.098874,
  "gsr_x": -0.010151616297662258,
  "gsr_y": 0.011925527825951576,
  "provenance": {
    "md5sum": "04e8bf3ebc035bd9fd3c334b8cbabd20",
    "settings": {
      "fd_thres": 0.2,
      "testing": false
    },
    "software": "mriqc",
    "version": "23.0.0",
    "webapi_port": null,
    "webapi_url": "https://mriqc.nimh.nih.gov/api/v1"
  },
  "size_t": 300,
  "size_x": 80,
  "size_y": 80,
  "size_z": 37,
  "snr": 5.825079284299502,
  "spacing_tr": 2.0000016689300537,
  "spacing_x": 3.0,
  "spacing_y": 3.0,
  "spacing_z": 3.0,
  "summary_bg_k": 186.48247486691895,
  "summary_bg_mad": 159.8510233616627,
  "summary_bg_mean": 959.1683349609375,
  "summary_bg_median": 152.28872680664062,
  "summary_bg_n": 165318.0,
  "summary_bg_p05": 14.189933729171752,
  "summary_bg_p95": 4231.968310546872,
  "summary_bg_stdv": 3140.83935546875,
  "summary_fg_k": 2.197604164242911,
  "summary_fg_mad": 7755.208425671918,
  "summary_fg_mean": 54201.3671875,
  "summary_fg_median": 53681.29296875,
  "summary_fg_n": 32030.0,
  "summary_fg_p05": 40484.216015625,
  "summary_fg_p95": 69589.354296875,
  "summary_fg_stdv": 9215.4033203125,
  "tsnr": 62.85096740722656
}