{
  "aor": 0.00216257793764988,
  "aqi": 0.020375493645083936,
  "bids_meta": {
    "AcquisitionMatrixPE": 78,
    "AcquisitionNumber": 8,
    "AcquisitionTime": "11:12:51.210000",
    "BodyPartExamined": "BRAIN",
    "CoilString": "MULTI_COIL",
    "ConversionSoftware": "dcm2niix",
    "ConversionSoftwareVersion": "v1.0.20190410  (JP2:OpenJPEG) GCC6.3.0",
    "Dcm2bidsVersion": "2.1.4",
    "DeviceSerialNumber": "42451",
    "EchoTime": 0.030001,
    "EchoTrainLength": 39,
    "FlipAngle": 75,
    "ImageOrientationPatientDICOM": [
      0.999993,
      0,
      -0.00362181,
      0,
      1,
      0
    ],
    "ImageType": [
      "ORIGINAL",
      "PRIMARY",
      "M",
      "FFE",
      "M",
      "FFE"
    ],
    "ImagingFrequency": 127.759,
    "InPlanePhaseEncodingDirectionDICOM": "COL",
    "InstitutionAddress": "Calzada_Mexico_Xochimilco_No.101_Tlalpan",
    "InstitutionName": "I.N._Psiquiatria",
    "InstitutionalDepartmentName": "Imagenes_Cerebrales",
    "MRAcquisitionType": "2D",
    "MagneticFieldStrength": 3,
    "Manufacturer": "Philips",
    "ManufacturersModelName": "Ingenia",
    "Modality": "MR",
    "PartialFourier": 0.5,
    "PatientPosition": "HFS",
    "PercentPhaseFOV": 100,
    "PhaseEncodingAxis": "j",
    "PhaseEncodingSteps": 78,
    "PhilipsRescaleIntercept": 0,
    "PhilipsRescaleSlope": 0.769475,
    "PhilipsScaleSlope": 0.027029,
    "PixelBandwidth": 2071,
    "ProcedureStepDescription": "PROTOCOLO_FIBROMIALGIA",
    "ProtocolName": "WIP_TASK_FMRI",
    "ReconMatrixPE": 80,
    "RepetitionTime": 2,
    "SAR": 0.117749,
    "ScanOptions": "FS",
    "ScanningSequence": "GR",
    "SequenceVariant": "SK",
    "SeriesDescription": "TASK_FMRI",
    "SeriesNumber": 801,
    "SliceThickness": 3,
    "SliceTiming": [
      0,
      1.027027,
      0.054054,
      1.081081,
      0.108108,
      1.13513,
      0.162162,
      1.189189,
      0.216216,
      1.243244,
      0.27027,
      1.297298,
      0.324324,
      1.351352,
      0.378378,
      1.405406,
      0.432432,
      1.45946,
      0.486486,
      1.513514,
      0.540541,
      1.567568,
      0.594595,
      1.621622,
      0.648649,
      1.675676,
      0.702703,
      1.72973,
      0.756757,
      1.783784,
      0.810811,
      1.837838,
      0.864865,
      1.891892,
      0.918919,
      1.945947,
      0.972973
    ],
    "SoftwareVersions": "5.3.1_5.3.1.0",
    "SpacingBetweenSlices": 3,
    "StationName": "PHILIPS-CTMFQSD",
    "TaskName": "epr",
    "UsePhilipsFloatNotDisplayScaling": 1,
    "dataset": "ds004144",
    "modality": "bold",
    "subject_id": "038",
    "task_id": "epr"
  },
  "dummy_trs": 0,
  "dvars_nstd": 20.46740251307325,
  "dvars_std": 0.9996529460144049,
  "dvars_vstd": 0.8968609237935166,
  "efc": 0.3986042541019309,
  "fber": 110585.7890625,
  "fd_mean": 0.1024630702641366,
  "fd_num": 49,
  "fd_perc": 5.875299760191846,
  "fwhm_avg": 1.8754466666666667,
  "fwhm_x": 1.7885566666666666,
  "fwhm_y": 1.9723600000000001,
  "fwhm_z": 1.8654233333333332,
  "gcor": 0.13961,
  "gsr_x": -0.010124740190804005,
  "gsr_y": 0.013105376623570919,
  "provenance": {
    "md5sum": "a3863445aeb06d417dfc886fd8ad7293",
    "settings": {
      "fd_thres": 0.2,
      "testing": false
    },
    "software": "mriqc",
    "version": "23.0.0",
    "webapi_port": null,
    "webapi_url": "https://mriqc.nimh.nih.gov/api/v1"
  },
  "size_t": 834,
  "size_x": 80,
  "size_y": 80,
  "size_z": 37,
  "snr": 5.603027025080742,
  "spacing_tr": 2.0000016689300537,
  "spacing_x": 3.0,
  "spacing_y": 3.0,
  "spacing_z": 3.0,
  "summary_bg_k": 158.4674702500595,
  "summary_bg_mad": 169.61984234677263,
  "summary_bg_mean": 980.3162231445312,
  "summary_bg_median": 159.8702392578125,
  "summary_bg_n": 165709.0,
  "summary_bg_p05": 19.40042037963867,
  "summary_bg_p95": 4407.5276367187535,
  "summary_bg_stdv": 3038.443603515625,
  "summary_fg_k": 1.707859994111919,
  "summary_fg_mad": 8370.592591820232,
  "summary_fg_mean": 54381.10546875,
  "summary_fg_median": 54119.44921875,
  "summary_fg_n": 31805.0,
  "summary_fg_p05": 39406.92890625,
  "summary_fg_p95": 70413.39687499999,
  "summary_fg_stdv": 9658.814453125,
  "tsnr": 32.828678131103516
}