{
  "aor": 0.0012489999999999997,
  "aqi": 0.013594396399999997,
  "bids_meta": {
    "AcquisitionMatrixPE": 78,
    "AcquisitionNumber": 3,
    "AcquisitionTime": "09:17:42.950000",
    "BodyPartExamined": "BRAIN",
    "CoilString": "MULTI_COIL",
    "ConversionSoftware": "dcm2niix",
    "ConversionSoftwareVersion": "v1.0.20190410  (JP2:OpenJPEG) GCC6.3.0",
    "Dcm2bidsVersion": "2.1.4",
    "DeviceSerialNumber": "42451",
    "EchoTime": 0.030001,
    "EchoTrainLength": 39,
    "FlipAngle": 75,
    "ImageOrientationPatientDICOM": [
      1,
      0,
      0.000617897,
      0,
      1,
      0
    ],
    "ImageType": [
      "ORIGINAL",
      "PRIMARY",
      "M",
      "FFE",
      "M",
      "FFE"
    ],
    "ImagingFrequency": 127.759,
    "InPlanePhaseEncodingDirectionDICOM": "COL",
    "InstitutionAddress": "Calzada_Mexico_Xochimilco_No.101_Tlalpan",
    "InstitutionName": "I.N._Psiquiatria",
    "InstitutionalDepartmentName": "Imagenes_Cerebrales",
    "MRAcquisitionType": "2D",
    "MagneticFieldStrength": 3,
    "Manufacturer": "Philips",
    "ManufacturersModelName": "Ingenia",
    "Modality": "MR",
    "PartialFourier": 0.5,
    "PatientPosition": "HFS",
    "PercentPhaseFOV": 100,
    "PhaseEncodingAxis": "j",
    "PhaseEncodingSteps": 78,
    "PhilipsRescaleIntercept": 0,
    "PhilipsRescaleSlope": 0.80757,
    "PhilipsScaleSlope": 0.0230313,
    "PixelBandwidth": 2071,
    "ProcedureStepDescription": "PROTOCOLO_FIBROMIALGIA",
    "ProtocolName": "WIP_RESTING_STATE_10m",
    "ReconMatrixPE": 80,
    "RepetitionTime": 2,
    "SAR": 0.117583,
    "ScanOptions": "FS",
    "ScanningSequence": "GR",
    "SequenceVariant": "SK",
    "SeriesDescription": "RESTING_STATE_10m",
    "SeriesNumber": 301,
    "SliceThickness": 3,
    "SliceTiming": [
      0,
      1.027027,
      0.054054,
      1.081081,
      0.108108,
      1.13513,
      0.162162,
      1.189189,
      0.216216,
      1.243244,
      0.27027,
      1.297298,
      0.324324,
      1.351352,
      0.378378,
      1.405406,
      0.432432,
      1.45946,
      0.486486,
      1.513514,
      0.540541,
      1.567568,
      0.594595,
      1.621622,
      0.648649,
      1.675676,
      0.702703,
      1.72973,
      0.756757,
      1.783784,
      0.810811,
      1.837838,
      0.864865,
      1.891892,
      0.918919,
      1.945947,
      0.972973
    ],
    "SoftwareVersions": "5.3.1_5.3.1.0",
    "SpacingBetweenSlices": 3,
    "StationName": "PHILIPS-CTMFQSD",
    "TaskName": "rest",
    "UsePhilipsFloatNotDisplayScaling": 1,
    "dataset": "ds004144",
    "modality": "bold",
    "subject_id": "047",
    "task_id": "rest"
  },
  "dummy_trs": 0,
  "dvars_nstd": 26.16016821083611,
  "dvars_std": 1.1261382843812702,
  "dvars_vstd": 0.9304112153177256,
  "efc": 0.3922827045760313,
  "fber": 110807.8359375,
  "fd_mean": 0.10008362208786266,
  "fd_num": 21,
  "fd_perc": 7.0,
  "fwhm_avg": 2.0330588888888887,
  "fwhm_x": 1.9208433333333332,
  "fwhm_y": 2.192416666666667,
  "fwhm_z": 1.9859166666666666,
  "gcor": 0.0500083,
  "gsr_x": -0.021809253841638565,
  "gsr_y": 0.01569816842675209,
  "provenance": {
    "md5sum": "a9a87ebe41cdbc5a85748de5eb913143",
    "settings": {
      "fd_thres": 0.2,
      "testing": false
    },
    "software": "mriqc",
    "version": "23.0.0",
    "webapi_port": null,
    "webapi_url": "https://mriqc.nimh.nih.gov/api/v1"
  },
  "size_t": 300,
  "size_x": 80,
  "size_y": 80,
  "size_z": 37,
  "snr": 5.6341114881532315,
  "spacing_tr": 2.0000016689300537,
  "spacing_x": 3.0,
  "spacing_y": 3.0,
  "spacing_z": 3.0,
  "summary_bg_k": 128.96238558974267,
  "summary_bg_mad": 187.57564356126346,
  "summary_bg_mean": 1008.2667846679688,
  "summary_bg_median": 172.2371826171875,
  "summary_bg_n": 166678.0,
  "summary_bg_p05": 15.331837606430053,
  "summary_bg_p95": 4568.93759765625,
  "summary_bg_stdv": 3043.66552734375,
  "summary_fg_k": 1.486498810295097,
  "summary_fg_mad": 9459.060068214902,
  "summary_fg_mean": 59379.1796875,
  "summary_fg_median": 59182.734375,
  "summary_fg_n": 30652.0,
  "summary_fg_p05": 42636.7220703125,
  "summary_fg_p95": 76558.218359375,
  "summary_fg_stdv": 10504.1884765625,
  "tsnr": 42.40618133544922
}