{
  "bids_meta": {
    "AcquisitionMatrixPE": 240,
    "AcquisitionNumber": 4,
    "AcquisitionTime": "11:39:34.360000",
    "BodyPartExamined": "BRAIN",
    "CoilString": "MULTI_COIL",
    "ConversionSoftware": "dcm2niix",
    "ConversionSoftwareVersion": "v1.0.20190410  (JP2:OpenJPEG) GCC6.3.0",
    "Dcm2bidsVersion": "2.1.4",
    "DeviceSerialNumber": "42451",
    "EchoTime": 0.0035,
    "EchoTrainLength": 240,
    "FlipAngle": 8,
    "ImageOrientationPatientDICOM": [
      0,
      1,
      0,
      -0.00362181,
      0,
      -0.999993
    ],
    "ImageType": [
      "ORIGINAL",
      "PRIMARY",
      "M",
      "FFE",
      "M",
      "FFE"
    ],
    "ImagingFrequency": 127.759,
    "InPlanePhaseEncodingDirectionDICOM": "ROW",
    "InstitutionAddress": "Calzada_Mexico_Xochimilco_No.101_Tlalpan",
    "InstitutionName": "I.N._Psiquiatria",
    "InstitutionalDepartmentName": "Imagenes_Cerebrales",
    "MRAcquisitionType": "3D",
    "MagneticFieldStrength": 3,
    "Manufacturer": "Philips",
    "ManufacturersModelName": "Ingenia",
    "Modality": "MR",
    "PatientPosition": "HFS",
    "PercentPhaseFOV": 100,
    "PhaseEncodingSteps": 240,
    "PhilipsRescaleIntercept": 0,
    "PhilipsRescaleSlope": 5.11746,
    "PhilipsScaleSlope": 0.00578189,
    "PixelBandwidth": 310,
    "ProcedureStepDescription": "PROTOCOLO_FIBROMIALGIA",
    "ProtocolName": "WIP_T1W",
    "ReconMatrixPE": 240,
    "RepetitionTime": 0.007,
    "SAR": 0.0382114,
    "ScanOptions": "OTHER",
    "ScanningSequence": "GR",
    "SequenceVariant": "MP",
    "SeriesDescription": "T1W",
    "SeriesNumber": 401,
    "SliceThickness": 1,
    "SoftwareVersions": "5.3.1_5.3.1.0",
    "SpacingBetweenSlices": 1,
    "StationName": "PHILIPS-CTMFQSD",
    "UsePhilipsFloatNotDisplayScaling": 1,
    "dataset": "ds004144",
    "modality": "T1w",
    "subject_id": "054"
  },
  "cjv": 0.3649161578600286,
  "cnr": 3.713962743554578,
  "efc": 0.6948776115589498,
  "fber": -1.0,
  "fwhm_avg": 4.650580000000001,
  "fwhm_x": 4.48981,
  "fwhm_y": 4.9719,
  "fwhm_z": 4.49003,
  "icvs_csf": 0.21673233714579143,
  "icvs_gm": 0.391534108355067,
  "icvs_wm": 0.39173355449914155,
  "inu_med": 0.3885980248451233,
  "inu_range": 0.15048537105321885,
  "provenance": {
    "md5sum": "23a56c90970134ec5391c3c658b4689c",
    "settings": {
      "testing": false
    },
    "software": "mriqc",
    "version": "23.0.0",
    "warnings": {
      "large_rot_frame": true,
      "small_air_mask": false
    },
    "webapi_port": null,
    "webapi_url": "https://mriqc.nimh.nih.gov/api/v1"
  },
  "qi_1": 0.0,
  "qi_2": 3.9832664562485954e-05,
  "rpve_csf": 24.729897896744934,
  "rpve_gm": 13.544202759487808,
  "rpve_wm": 15.991553434853653,
  "size_x": 180,
  "size_y": 240,
  "size_z": 240,
  "snr_csf": 2.9339305271081146,
  "snr_gm": 14.360907531420857,
  "snr_total": 15.047776257502314,
  "snr_wm": 27.84849071397797,
  "snrd_csf": 30.730805368655794,
  "snrd_gm": 78.3502927421646,
  "snrd_total": 70.67585546898658,
  "snrd_wm": 102.94646829613937,
  "spacing_x": 1.0,
  "spacing_y": 1.0,
  "spacing_z": 1.0,
  "summary_bg_k": 14.629060184613849,
  "summary_bg_mad": 0.0,
  "summary_bg_mean": 3.53707575368185,
  "summary_bg_median": 0.0,
  "summary_bg_n": 536385.0,
  "summary_bg_p05": 0.0,
  "summary_bg_p95": 16.667786210775375,
  "summary_bg_stdv": 6.363997368032994,
  "summary_csf_k": 1.5031998888792915,
  "summary_csf_mad": 76.29404244758882,
  "summary_csf_mean": 310.6074109227526,
  "summary_csf_median": 298.51915491744876,
  "summary_csf_n": 48675.0,
  "summary_csf_p05": 146.8378198117018,
  "summary_csf_p95": 497.59166603162885,
  "summary_csf_stdv": 101.74613396295912,
  "summary_gm_k": 0.07176492235815779,
  "summary_gm_mad": 53.20986330040805,
  "summary_gm_mean": 762.5912271943561,
  "summary_gm_median": 761.0950281433761,
  "summary_gm_n": 26821.0,
  "summary_gm_p05": 677.0392030589283,
  "summary_gm_p95": 849.7658585496247,
  "summary_gm_stdv": 52.996709151535335,
  "summary_wm_k": 0.5856083059735706,
  "summary_wm_mad": 33.9785831187999,
  "summary_wm_mean": 1001.3462832177771,
  "summary_wm_median": 1000.0223667696118,
  "summary_wm_n": 213787.0,
  "summary_wm_p05": 945.1351675540209,
  "summary_wm_p95": 1062.750594444573,
  "summary_wm_stdv": 35.90930791219436,
  "tpm_overlap_csf": 0.14399308149649018,
  "tpm_overlap_gm": 0.43643776725411365,
  "tpm_overlap_wm": 0.5073082600191243,
  "wm2max": 0.8722959373106912
}