{
  "aor": 0.002553411371237458,
  "aqi": 0.005758185919732441,
  "bids_meta": {
    "AcquisitionMatrixPE": 78,
    "AcquisitionNumber": 3,
    "AcquisitionTime": "13:16:19.880000",
    "BodyPartExamined": "BRAIN",
    "CoilString": "MULTI_COIL",
    "ConversionSoftware": "dcm2niix",
    "ConversionSoftwareVersion": "v1.0.20190410  (JP2:OpenJPEG) GCC6.3.0",
    "Dcm2bidsVersion": "2.1.4",
    "DeviceSerialNumber": "42451",
    "EchoTime": 0.030001,
    "EchoTrainLength": 39,
    "FlipAngle": 75,
    "ImageOrientationPatientDICOM": [
      0.999993,
      0,
      -0.00362181,
      0,
      1,
      0
    ],
    "ImageType": [
      "ORIGINAL",
      "PRIMARY",
      "M",
      "FFE",
      "M",
      "FFE"
    ],
    "ImagingFrequency": 127.759,
    "InPlanePhaseEncodingDirectionDICOM": "COL",
    "InstitutionAddress": "Calzada_Mexico_Xochimilco_No.101_Tlalpan",
    "InstitutionName": "I.N._Psiquiatria",
    "InstitutionalDepartmentName": "Imagenes_Cerebrales",
    "MRAcquisitionType": "2D",
    "MagneticFieldStrength": 3,
    "Manufacturer": "Philips",
    "ManufacturersModelName": "Ingenia",
    "Modality": "MR",
    "PartialFourier": 0.5,
    "PatientPosition": "HFS",
    "PercentPhaseFOV": 100,
    "PhaseEncodingAxis": "j",
    "PhaseEncodingSteps": 78,
    "PhilipsRescaleIntercept": 0,
    "PhilipsRescaleSlope": 0.822466,
    "PhilipsScaleSlope": 0.0249211,
    "PixelBandwidth": 2071,
    "ProcedureStepDescription": "FIBROMIALGIA",
    "ProtocolName": "WIP_RESTING_STATE_10m",
    "ReconMatrixPE": 80,
    "RepetitionTime": 2,
    "SAR": 0.117654,
    "ScanOptions": "FS",
    "ScanningSequence": "GR",
    "SequenceVariant": "SK",
    "SeriesDescription": "RESTING_STATE_10m",
    "SeriesNumber": 301,
    "SliceThickness": 3,
    "SliceTiming": [
      0,
      1.027027,
      0.054054,
      1.081081,
      0.108108,
      1.13513,
      0.162162,
      1.189189,
      0.216216,
      1.243244,
      0.27027,
      1.297298,
      0.324324,
      1.351352,
      0.378378,
      1.405406,
      0.432432,
      1.45946,
      0.486486,
      1.513514,
      0.540541,
      1.567568,
      0.594595,
      1.621622,
      0.648649,
      1.675676,
      0.702703,
      1.72973,
      0.756757,
      1.783784,
      0.810811,
      1.837838,
      0.864865,
      1.891892,
      0.918919,
      1.945947,
      0.972973
    ],
    "SoftwareVersions": "5.3.1_5.3.1.0",
    "SpacingBetweenSlices": 3,
    "StationName": "PHILIPS-CTMFQSD",
    "TaskName": "rest",
    "UsePhilipsFloatNotDisplayScaling": 1,
    "dataset": "ds004144",
    "modality": "bold",
    "subject_id": "004",
    "task_id": "rest"
  },
  "dummy_trs": 1,
  "dvars_nstd": 24.000249555503345,
  "dvars_std": 1.2160724009395962,
  "dvars_vstd": 1.0180918952013418,
  "efc": 0.39909404182060765,
  "fber": 126523.3671875,
  "fd_mean": 0.06875594206539375,
  "fd_num": 13,
  "fd_perc": 4.3478260869565215,
  "fwhm_avg": 1.8570055555555554,
  "fwhm_x": 1.7904033333333331,
  "fwhm_y": 2.0317133333333333,
  "fwhm_z": 1.7489,
  "gcor": 0.0516558,
  "gsr_x": -0.021900169551372528,
  "gsr_y": 0.012333154678344727,
  "provenance": {
    "md5sum": "62e92ceee2db8a9c9f071c345c9fc01d",
    "settings": {
      "fd_thres": 0.2,
      "testing": false
    },
    "software": "mriqc",
    "version": "23.0.0",
    "webapi_port": null,
    "webapi_url": "https://mriqc.nimh.nih.gov/api/v1"
  },
  "size_t": 299,
  "size_x": 80,
  "size_y": 80,
  "size_z": 37,
  "snr": 5.073450142255581,
  "spacing_tr": 2.0000016689300537,
  "spacing_x": 3.0,
  "spacing_y": 3.0,
  "spacing_z": 3.0,
  "summary_bg_k": 109.5150128635903,
  "summary_bg_mad": 160.65241605634805,
  "summary_bg_mean": 1114.623291015625,
  "summary_bg_median": 143.000244140625,
  "summary_bg_n": 165768.0,
  "summary_bg_p05": 7.931582856178284,
  "summary_bg_p95": 5120.556591796865,
  "summary_bg_stdv": 3488.99365234375,
  "summary_fg_k": 3.980688396098884,
  "summary_fg_mad": 8379.696696068242,
  "summary_fg_mean": 55276.2578125,
  "summary_fg_median": 54364.59375,
  "summary_fg_n": 31746.0,
  "summary_fg_p05": 40043.578125,
  "summary_fg_p95": 73265.833984375,
  "summary_fg_stdv": 10715.3388671875,
  "tsnr": 64.46573638916016
}