{
  "aor": 0.0017750719424460435,
  "aqi": 0.021110793944844126,
  "bids_meta": {
    "AcquisitionMatrixPE": 78,
    "AcquisitionNumber": 10,
    "AcquisitionTime": "11:12:18.420000",
    "BodyPartExamined": "BRAIN",
    "CoilString": "MULTI_COIL",
    "ConversionSoftware": "dcm2niix",
    "ConversionSoftwareVersion": "v1.0.20190410  (JP2:OpenJPEG) GCC6.3.0",
    "Dcm2bidsVersion": "2.1.4",
    "DeviceSerialNumber": "42451",
    "EchoTime": 0.030001,
    "EchoTrainLength": 39,
    "FlipAngle": 75,
    "ImageOrientationPatientDICOM": [
      0.999993,
      0,
      -0.00362181,
      0,
      1,
      0
    ],
    "ImageType": [
      "ORIGINAL",
      "PRIMARY",
      "M",
      "FFE",
      "M",
      "FFE"
    ],
    "ImagingFrequency": 127.759,
    "InPlanePhaseEncodingDirectionDICOM": "COL",
    "InstitutionAddress": "Calzada_Mexico_Xochimilco_No.101_Tlalpan",
    "InstitutionName": "I.N._Psiquiatria",
    "InstitutionalDepartmentName": "Imagenes_Cerebrales",
    "MRAcquisitionType": "2D",
    "MagneticFieldStrength": 3,
    "Manufacturer": "Philips",
    "ManufacturersModelName": "Ingenia",
    "Modality": "MR",
    "PartialFourier": 0.5,
    "PatientPosition": "HFS",
    "PercentPhaseFOV": 100,
    "PhaseEncodingAxis": "j",
    "PhaseEncodingSteps": 78,
    "PhilipsRescaleIntercept": 0,
    "PhilipsRescaleSlope": 0.811966,
    "PhilipsScaleSlope": 0.0305495,
    "PixelBandwidth": 2071,
    "ProcedureStepDescription": "PROTOCOLO_FIBROMIALGIA",
    "ProtocolName": "WIP_TASK_FMRI",
    "ReconMatrixPE": 80,
    "RepetitionTime": 2,
    "SAR": 0.117749,
    "ScanOptions": "FS",
    "ScanningSequence": "GR",
    "SequenceVariant": "SK",
    "SeriesDescription": "TASK_FMRI",
    "SeriesNumber": 1001,
    "SliceThickness": 3,
    "SliceTiming": [
      0,
      1.027027,
      0.054054,
      1.081081,
      0.108108,
      1.13513,
      0.162162,
      1.189189,
      0.216216,
      1.243244,
      0.27027,
      1.297298,
      0.324324,
      1.351352,
      0.378378,
      1.405406,
      0.432432,
      1.45946,
      0.486486,
      1.513514,
      0.540541,
      1.567568,
      0.594595,
      1.621622,
      0.648649,
      1.675676,
      0.702703,
      1.72973,
      0.756757,
      1.783784,
      0.810811,
      1.837838,
      0.864865,
      1.891892,
      0.918919,
      1.945947,
      0.972973
    ],
    "SoftwareVersions": "5.3.1_5.3.1.0",
    "SpacingBetweenSlices": 3,
    "StationName": "PHILIPS-CTMFQSD",
    "TaskName": "epr",
    "UsePhilipsFloatNotDisplayScaling": 1,
    "dataset": "ds004144",
    "modality": "bold",
    "subject_id": "043",
    "task_id": "epr"
  },
  "dummy_trs": 0,
  "dvars_nstd": 26.537082422689064,
  "dvars_std": 1.0657158500960389,
  "dvars_vstd": 0.927102250480193,
  "efc": 0.3937496757549569,
  "fber": 92196.1796875,
  "fd_mean": 0.19419079657619026,
  "fd_num": 239,
  "fd_perc": 28.65707434052758,
  "fwhm_avg": 1.8417866666666665,
  "fwhm_x": 1.7483899999999999,
  "fwhm_y": 1.9862399999999998,
  "fwhm_z": 1.79073,
  "gcor": 0.16671,
  "gsr_x": -0.020295020192861557,
  "gsr_y": 0.016724737361073494,
  "provenance": {
    "md5sum": "9c74f12aeec7b57d95c9127fd676e80a",
    "settings": {
      "fd_thres": 0.2,
      "testing": false
    },
    "software": "mriqc",
    "version": "23.0.0",
    "webapi_port": null,
    "webapi_url": "https://mriqc.nimh.nih.gov/api/v1"
  },
  "size_t": 834,
  "size_x": 80,
  "size_y": 80,
  "size_z": 37,
  "snr": 6.0869595278827004,
  "spacing_tr": 2.0000016689300537,
  "spacing_x": 3.0,
  "spacing_y": 3.0,
  "spacing_z": 3.0,
  "summary_bg_k": 104.60384835334234,
  "summary_bg_mad": 176.93426930511956,
  "summary_bg_mean": 1154.7503662109375,
  "summary_bg_median": 161.590087890625,
  "summary_bg_n": 169115.0,
  "summary_bg_p05": 20.506573295593263,
  "summary_bg_p95": 4922.735058593747,
  "summary_bg_stdv": 3614.779541015625,
  "summary_fg_k": 1.5374557626385341,
  "summary_fg_mad": 7205.692917071157,
  "summary_fg_mean": 49694.9296875,
  "summary_fg_median": 49347.65625,
  "summary_fg_n": 29208.0,
  "summary_fg_p05": 36788.6498046875,
  "summary_fg_p95": 62937.893359375,
  "summary_fg_stdv": 8106.97216796875,
  "tsnr": 31.63814926147461
}