{
  "aor": 0.0031325666666666666,
  "aqi": 0.014012451333333334,
  "bids_meta": {
    "AcquisitionMatrixPE": 78,
    "AcquisitionNumber": 3,
    "AcquisitionTime": "10:45:47.570000",
    "BodyPartExamined": "BRAIN",
    "CoilString": "MULTI_COIL",
    "ConversionSoftware": "dcm2niix",
    "ConversionSoftwareVersion": "v1.0.20190410  (JP2:OpenJPEG) GCC6.3.0",
    "Dcm2bidsVersion": "2.1.4",
    "DeviceSerialNumber": "42451",
    "EchoTime": 0.030001,
    "EchoTrainLength": 39,
    "FlipAngle": 75,
    "ImageOrientationPatientDICOM": [
      1,
      0,
      0.000581623,
      0,
      1,
      0
    ],
    "ImageType": [
      "ORIGINAL",
      "PRIMARY",
      "M",
      "FFE",
      "M",
      "FFE"
    ],
    "ImagingFrequency": 127.759,
    "InPlanePhaseEncodingDirectionDICOM": "COL",
    "InstitutionAddress": "Calzada_Mexico_Xochimilco_No.101_Tlalpan",
    "InstitutionName": "I.N._Psiquiatria",
    "InstitutionalDepartmentName": "Imagenes_Cerebrales",
    "MRAcquisitionType": "2D",
    "MagneticFieldStrength": 3,
    "Manufacturer": "Philips",
    "ManufacturersModelName": "Ingenia",
    "Modality": "MR",
    "PartialFourier": 0.5,
    "PatientPosition": "HFS",
    "PercentPhaseFOV": 100,
    "PhaseEncodingAxis": "j",
    "PhaseEncodingSteps": 78,
    "PhilipsRescaleIntercept": 0,
    "PhilipsRescaleSlope": 0.783883,
    "PhilipsScaleSlope": 0.026131,
    "PixelBandwidth": 2071,
    "ProcedureStepDescription": "PROTOCOLO_FIBROMIALGIA",
    "ProtocolName": "WIP_RESTING_STATE_10m",
    "ReconMatrixPE": 80,
    "RepetitionTime": 2,
    "SAR": 0.117583,
    "ScanOptions": "FS",
    "ScanningSequence": "GR",
    "SequenceVariant": "SK",
    "SeriesDescription": "RESTING_STATE_10m",
    "SeriesNumber": 301,
    "SliceThickness": 3,
    "SliceTiming": [
      0,
      1.027027,
      0.054054,
      1.081081,
      0.108108,
      1.13513,
      0.162162,
      1.189189,
      0.216216,
      1.243244,
      0.27027,
      1.297298,
      0.324324,
      1.351352,
      0.378378,
      1.405406,
      0.432432,
      1.45946,
      0.486486,
      1.513514,
      0.540541,
      1.567568,
      0.594595,
      1.621622,
      0.648649,
      1.675676,
      0.702703,
      1.72973,
      0.756757,
      1.783784,
      0.810811,
      1.837838,
      0.864865,
      1.891892,
      0.918919,
      1.945947,
      0.972973
    ],
    "SoftwareVersions": "5.3.1_5.3.1.0",
    "SpacingBetweenSlices": 3,
    "StationName": "PHILIPS-CTMFQSD",
    "TaskName": "rest",
    "UsePhilipsFloatNotDisplayScaling": 1,
    "dataset": "ds004144",
    "modality": "bold",
    "subject_id": "049",
    "task_id": "rest"
  },
  "dummy_trs": 0,
  "dvars_nstd": 34.195578374214044,
  "dvars_std": 1.2165400942474907,
  "dvars_vstd": 0.9965373944816049,
  "efc": 0.4002023380597821,
  "fber": 92608.609375,
  "fd_mean": 0.17113664502934847,
  "fd_num": 77,
  "fd_perc": 25.666666666666668,
  "fwhm_avg": 1.8460366666666665,
  "fwhm_x": 1.7916133333333333,
  "fwhm_y": 1.9480766666666665,
  "fwhm_z": 1.7984200000000001,
  "gcor": 0.0416419,
  "gsr_x": -0.011934519745409489,
  "gsr_y": 0.012290184386074543,
  "provenance": {
    "md5sum": "e61bf0d19cecc0840c6be4451cc8f31e",
    "settings": {
      "fd_thres": 0.2,
      "testing": false
    },
    "software": "mriqc",
    "version": "23.0.0",
    "webapi_port": null,
    "webapi_url": "https://mriqc.nimh.nih.gov/api/v1"
  },
  "size_t": 300,
  "size_x": 80,
  "size_y": 80,
  "size_z": 37,
  "snr": 4.830443341238444,
  "spacing_tr": 2.0000016689300537,
  "spacing_x": 3.0,
  "spacing_y": 3.0,
  "spacing_z": 3.0,
  "summary_bg_k": 113.76779499913941,
  "summary_bg_mad": 192.9354510184118,
  "summary_bg_mean": 1182.2633056640625,
  "summary_bg_median": 172.23483276367188,
  "summary_bg_n": 166232.0,
  "summary_bg_p05": 15.3247920036316,
  "summary_bg_p95": 5178.288940429666,
  "summary_bg_stdv": 3523.21435546875,
  "summary_fg_k": 2.692588101375023,
  "summary_fg_mad": 8675.160206547185,
  "summary_fg_mean": 54284.84765625,
  "summary_fg_median": 53066.64453125,
  "summary_fg_n": 31506.0,
  "summary_fg_p05": 38564.1728515625,
  "summary_fg_p95": 73893.9765625,
  "summary_fg_stdv": 10985.7001953125,
  "tsnr": 44.18070983886719
}