{
  "aor": 0.0012276666666666668,
  "aqi": 0.013635477933333333,
  "bids_meta": {
    "AcquisitionDateTime": "2019-08-21T11:06:49.187500",
    "ConversionSoftware": "dcm2niix",
    "ConversionSoftwareVersion": "v1.0.20170130",
    "EchoTime": 0.030001,
    "FlipAngle": 75,
    "ImageType": [
      "ORIGINAL",
      "PRIMARY",
      "M",
      "FFE",
      "M",
      "FFE"
    ],
    "MagneticFieldStrength": 3,
    "Manufacturer": "Philips",
    "ManufacturersModelName": "Ingenia",
    "ProcedureStepDescription": "FIBROMIALGIA",
    "ProtocolName": "WIP_RESTING_STATE_10m",
    "RepetitionTime": 2,
    "SliceTiming": [
      0.0,
      1.027027,
      0.054054,
      1.081081,
      0.108108,
      1.13513,
      0.162162,
      1.189189,
      0.216216,
      1.243244,
      0.27027,
      1.297298,
      0.324324,
      1.351352,
      0.378378,
      1.405406,
      0.432432,
      1.45946,
      0.486486,
      1.513514,
      0.540541,
      1.567568,
      0.594595,
      1.621622,
      0.648649,
      1.675676,
      0.702703,
      1.72973,
      0.756757,
      1.783784,
      0.810811,
      1.837838,
      0.864865,
      1.891892,
      0.918919,
      1.945947,
      0.972973
    ],
    "TaskName": "rest",
    "dataset": "ds004144",
    "modality": "bold",
    "subject_id": "073",
    "task_id": "rest"
  },
  "dummy_trs": 0,
  "dvars_nstd": 22.507779137290978,
  "dvars_std": 1.1467809677257523,
  "dvars_vstd": 0.9473344197658862,
  "efc": 0.39658242531868365,
  "fber": 160331.125,
  "fd_mean": 0.129197502132415,
  "fd_num": 59,
  "fd_perc": 19.666666666666668,
  "fwhm_avg": 1.960511162052865,
  "fwhm_x": 1.8678866666666665,
  "fwhm_y": 2.09066,
  "fwhm_z": 1.9229868194919284,
  "gcor": 0.0659176,
  "gsr_x": -0.008550005033612251,
  "gsr_y": 0.007138305809348822,
  "provenance": {
    "md5sum": "2307bb7ce33a1af73e687124a0a939aa",
    "settings": {
      "fd_thres": 0.2,
      "testing": false
    },
    "software": "mriqc",
    "version": "23.0.0",
    "webapi_port": null,
    "webapi_url": "https://mriqc.nimh.nih.gov/api/v1"
  },
  "size_t": 300,
  "size_x": 80,
  "size_y": 80,
  "size_z": 37,
  "snr": 5.839879243105168,
  "spacing_tr": 2.0000016689300537,
  "spacing_x": 3.0,
  "spacing_y": 3.0,
  "spacing_z": 2.999999761581421,
  "summary_bg_k": 125.47719823620935,
  "summary_bg_mad": 161.03034264153055,
  "summary_bg_mean": 1025.2918701171875,
  "summary_bg_median": 149.81207275390625,
  "summary_bg_n": 165687.0,
  "summary_bg_p05": 11.675773906707764,
  "summary_bg_p95": 4843.202441406246,
  "summary_bg_stdv": 3164.598876953125,
  "summary_fg_k": 2.353600521068806,
  "summary_fg_mad": 8863.902418660848,
  "summary_fg_mean": 62646.2109375,
  "summary_fg_median": 62543.171875,
  "summary_fg_n": 32116.0,
  "summary_fg_p05": 45743.9375,
  "summary_fg_p95": 79787.349609375,
  "summary_fg_stdv": 10709.501953125,
  "tsnr": 49.780006408691406
}