{
  "bids_meta": {
    "AcquisitionMatrixPE": 240,
    "AcquisitionNumber": 5,
    "AcquisitionTime": "10:16:6.020000",
    "BodyPartExamined": "BRAIN",
    "CoilString": "MULTI_COIL",
    "ConversionSoftware": "dcm2niix",
    "ConversionSoftwareVersion": "v1.0.20190410  (JP2:OpenJPEG) GCC6.3.0",
    "Dcm2bidsVersion": "2.1.4",
    "DeviceSerialNumber": "42451",
    "EchoTime": 0.331,
    "EchoTrainLength": 117,
    "FlipAngle": 90,
    "ImageOrientationPatientDICOM": [
      0,
      1,
      0,
      -0.0236142,
      0,
      -0.999721
    ],
    "ImageType": [
      "ORIGINAL",
      "PRIMARY",
      "M",
      "SE",
      "M",
      "SE"
    ],
    "ImagingFrequency": 127.759,
    "InPlanePhaseEncodingDirectionDICOM": "ROW",
    "InstitutionAddress": "Calzada_Mexico_Xochimilco_No.101_Tlalpan",
    "InstitutionName": "I.N._Psiquiatria",
    "InstitutionalDepartmentName": "Imagenes_Cerebrales",
    "MRAcquisitionType": "3D",
    "MagneticFieldStrength": 3,
    "Manufacturer": "Philips",
    "ManufacturersModelName": "Ingenia",
    "Modality": "MR",
    "PatientPosition": "HFS",
    "PercentPhaseFOV": 100,
    "PhaseEncodingSteps": 240,
    "PhilipsRescaleIntercept": 0,
    "PhilipsRescaleSlope": 1.30501,
    "PhilipsScaleSlope": 0.00360645,
    "PixelBandwidth": 413,
    "ProcedureStepDescription": "PROTOCOLO_FIBROMIALGIA",
    "ProtocolName": "WIP_T2W",
    "ReconMatrixPE": 240,
    "RepetitionTime": 2.5,
    "SAR": 0.030152,
    "ScanOptions": "FS",
    "ScanningSequence": "SE",
    "SequenceVariant": "SK",
    "SeriesDescription": "T2W",
    "SeriesNumber": 501,
    "SliceThickness": 1,
    "SoftwareVersions": "5.3.1_5.3.1.0",
    "SpacingBetweenSlices": 1,
    "StationName": "PHILIPS-CTMFQSD",
    "UsePhilipsFloatNotDisplayScaling": 1,
    "dataset": "ds004144",
    "modality": "T2w",
    "subject_id": "045"
  },
  "cjv": 0.2571966958556297,
  "cnr": 1.8486356738481633,
  "efc": 0.4723244592631414,
  "fber": -1.0,
  "fwhm_avg": 2.865273333333333,
  "fwhm_x": 2.89247,
  "fwhm_y": 2.94361,
  "fwhm_z": 2.75974,
  "icvs_csf": 0.134557317892877,
  "icvs_gm": 0.17155989848904812,
  "icvs_wm": 0.6938827836180749,
  "inu_med": 0.8591217994689941,
  "inu_range": 0.1781862139701842,
  "provenance": {
    "md5sum": "419811728da16bf91fd73496f95d3135",
    "settings": {
      "testing": false
    },
    "software": "mriqc",
    "version": "23.0.0",
    "warnings": {
      "large_rot_frame": true,
      "small_air_mask": false
    },
    "webapi_port": null,
    "webapi_url": "https://mriqc.nimh.nih.gov/api/v1"
  },
  "qi_1": 0.11144947139672991,
  "qi_2": 1.659606227536054e-05,
  "rpve_csf": 26.34442129647425,
  "rpve_gm": 36.39065643420886,
  "rpve_wm": 9.40203353122322,
  "size_x": 180,
  "size_y": 240,
  "size_z": 240,
  "snr_csf": 5.24687485044954,
  "snr_gm": 2.544732100337085,
  "snr_total": 5.848169241369443,
  "snr_wm": 9.752900773321704,
  "snrd_csf": 126.70903413030558,
  "snrd_gm": 228.5769701764219,
  "snrd_total": 139.13072634304376,
  "snrd_wm": 62.10617472240384,
  "spacing_x": 1.0,
  "spacing_y": 1.0,
  "spacing_z": 1.0,
  "summary_bg_k": 408.6962371548517,
  "summary_bg_mad": 0.0,
  "summary_bg_mean": 2.251148208647871,
  "summary_bg_median": 0.0,
  "summary_bg_n": 1181930.0,
  "summary_bg_p05": 0.0,
  "summary_bg_p95": 15.474173426628113,
  "summary_bg_stdv": 10.557202220814379,
  "summary_csf_k": 2.4682745284390704,
  "summary_csf_mad": 321.9533487210918,
  "summary_csf_mean": 2054.361755776108,
  "summary_csf_median": 2041.8540269136429,
  "summary_csf_n": 361.0,
  "summary_csf_p05": 1526.4166787266731,
  "summary_csf_p95": 2695.748383998871,
  "summary_csf_stdv": 388.6168569215201,
  "summary_gm_k": -0.1233056983162375,
  "summary_gm_mad": 587.0432030379324,
  "summary_gm_mean": 3029.14490788983,
  "summary_gm_median": 3683.405924588442,
  "summary_gm_n": 56644.0,
  "summary_gm_p05": 102.27691769599915,
  "summary_gm_p95": 4243.0073006004095,
  "summary_gm_stdv": 1447.4503663120597,
  "summary_wm_k": 0.01394554732191855,
  "summary_wm_mad": 102.91145384976873,
  "summary_wm_mean": 1004.910435496842,
  "summary_wm_median": 1000.8105880022049,
  "summary_wm_n": 398577.0,
  "summary_wm_p05": 841.7950344085693,
  "summary_wm_p95": 1178.3951497077942,
  "summary_wm_stdv": 102.61658103396779,
  "tpm_overlap_csf": 0.11633770242837436,
  "tpm_overlap_gm": 0.11361820206137221,
  "tpm_overlap_wm": 0.43652665975711197,
  "wm2max": 0.23532876864481292
}