{
  "bids_meta": {
    "AcquisitionMatrixPE": 240,
    "AcquisitionNumber": 6,
    "AcquisitionTime": "11:14:45.730000",
    "BodyPartExamined": "BRAIN",
    "CoilString": "MULTI_COIL",
    "ConversionSoftware": "dcm2niix",
    "ConversionSoftwareVersion": "v1.0.20190410  (JP2:OpenJPEG) GCC6.3.0",
    "Dcm2bidsVersion": "2.1.4",
    "DeviceSerialNumber": "42451",
    "EchoTime": 0.0035,
    "EchoTrainLength": 240,
    "FlipAngle": 8,
    "ImageOrientationPatientDICOM": [
      0,
      1,
      0,
      -0.00362181,
      0,
      -0.999993
    ],
    "ImageType": [
      "ORIGINAL",
      "PRIMARY",
      "M",
      "FFE",
      "M",
      "FFE"
    ],
    "ImagingFrequency": 127.759,
    "InPlanePhaseEncodingDirectionDICOM": "ROW",
    "InstitutionAddress": "Calzada_Mexico_Xochimilco_No.101_Tlalpan",
    "InstitutionName": "I.N._Psiquiatria",
    "InstitutionalDepartmentName": "Imagenes_Cerebrales",
    "MRAcquisitionType": "3D",
    "MagneticFieldStrength": 3,
    "Manufacturer": "Philips",
    "ManufacturersModelName": "Ingenia",
    "Modality": "MR",
    "PatientPosition": "HFS",
    "PercentPhaseFOV": 100,
    "PhaseEncodingSteps": 240,
    "PhilipsRescaleIntercept": 0,
    "PhilipsRescaleSlope": 133.133,
    "PhilipsScaleSlope": 0.00622946,
    "PixelBandwidth": 310,
    "ProcedureStepDescription": "FIBROMIALGIA",
    "ProtocolName": "WIP_T1W",
    "ReconMatrixPE": 240,
    "RepetitionTime": 0.007,
    "SAR": 0.0382114,
    "ScanOptions": "OTHER",
    "ScanningSequence": "GR",
    "SequenceVariant": "MP",
    "SeriesDescription": "T1W",
    "SeriesNumber": 601,
    "SliceThickness": 1,
    "SoftwareVersions": "5.3.1_5.3.1.0",
    "SpacingBetweenSlices": 1,
    "StationName": "PHILIPS-CTMFQSD",
    "UsePhilipsFloatNotDisplayScaling": 1,
    "dataset": "ds004144",
    "modality": "T1w",
    "subject_id": "006"
  },
  "cjv": 0.36475324112367696,
  "cnr": 3.641866013398809,
  "efc": 0.710392651766226,
  "fber": -1.0,
  "fwhm_avg": 4.570156666666667,
  "fwhm_x": 4.40082,
  "fwhm_y": 4.96439,
  "fwhm_z": 4.34526,
  "icvs_csf": 0.23718284288941568,
  "icvs_gm": 0.4091839708913057,
  "icvs_wm": 0.3536331862192786,
  "inu_med": 0.43320581316947937,
  "inu_range": 0.17655417323112488,
  "provenance": {
    "md5sum": "0e31dcdfbf11d6e3dac6395f751b4a5a",
    "settings": {
      "testing": false
    },
    "software": "mriqc",
    "version": "23.0.0",
    "warnings": {
      "large_rot_frame": true,
      "small_air_mask": false
    },
    "webapi_port": null,
    "webapi_url": "https://mriqc.nimh.nih.gov/api/v1"
  },
  "qi_1": 0.0,
  "qi_2": 6.825616390232862e-05,
  "rpve_csf": 24.3485319859116,
  "rpve_gm": 13.919838657710457,
  "rpve_wm": 18.330424892268425,
  "size_x": 180,
  "size_y": 240,
  "size_z": 240,
  "snr_csf": 3.3127370872814867,
  "snr_gm": 15.570168339960585,
  "snr_total": 15.481955570218934,
  "snr_wm": 27.56296128341473,
  "snrd_csf": 30.99075259725306,
  "snrd_gm": 76.52834697540746,
  "snrd_total": 68.7769105492924,
  "snrd_wm": 98.81163207521665,
  "spacing_x": 1.0,
  "spacing_y": 1.0,
  "spacing_z": 1.0,
  "summary_bg_k": 26.697886189786686,
  "summary_bg_mad": 0.0,
  "summary_bg_mean": 2.8928138205400136,
  "summary_bg_median": 0.0,
  "summary_bg_n": 395365.0,
  "summary_bg_p05": 0.0,
  "summary_bg_p95": 16.84295043721795,
  "summary_bg_stdv": 6.6303320011094256,
  "summary_csf_k": 1.8172857884686904,
  "summary_csf_mad": 72.77037883863878,
  "summary_csf_mean": 327.65061332455434,
  "summary_csf_median": 313.64305003359914,
  "summary_csf_n": 58543.0,
  "summary_csf_p05": 203.24005376547575,
  "summary_csf_p95": 509.8915388401596,
  "summary_csf_stdv": 94.67710929595697,
  "summary_gm_k": 0.23158293161249466,
  "summary_gm_mad": 48.55328604454731,
  "summary_gm_mean": 773.5474584191362,
  "summary_gm_median": 774.5079466551542,
  "summary_gm_n": 25198.0,
  "summary_gm_p05": 691.815486571379,
  "summary_gm_p95": 854.2053606238215,
  "summary_gm_stdv": 49.74208121270407,
  "summary_wm_k": 0.8037933328178739,
  "summary_wm_mad": 33.70542915112075,
  "summary_wm_mean": 1000.7144756167341,
  "summary_wm_median": 1000.0267520323396,
  "summary_wm_n": 162704.0,
  "summary_wm_p05": 942.4019041135907,
  "summary_wm_p95": 1060.8381040878594,
  "summary_wm_stdv": 36.28143103338994,
  "tpm_overlap_csf": 0.14390408026602017,
  "tpm_overlap_gm": 0.4512847784919462,
  "tpm_overlap_wm": 0.49830944722339177,
  "wm2max": 0.7220106261767802
}