{
  "bids_meta": {
    "AcquisitionMatrixPE": 240,
    "AcquisitionNumber": 7,
    "AcquisitionTime": "11:18:27.360000",
    "BodyPartExamined": "BRAIN",
    "CoilString": "MULTI_COIL",
    "ConversionSoftware": "dcm2niix",
    "ConversionSoftwareVersion": "v1.0.20190410  (JP2:OpenJPEG) GCC6.3.0",
    "Dcm2bidsVersion": "2.1.4",
    "DeviceSerialNumber": "42451",
    "EchoTime": 0.331,
    "EchoTrainLength": 117,
    "FlipAngle": 90,
    "ImageOrientationPatientDICOM": [
      0,
      1,
      0,
      -0.00362181,
      0,
      -0.999993
    ],
    "ImageType": [
      "ORIGINAL",
      "PRIMARY",
      "M",
      "SE",
      "M",
      "SE"
    ],
    "ImagingFrequency": 127.759,
    "InPlanePhaseEncodingDirectionDICOM": "ROW",
    "InstitutionAddress": "Calzada_Mexico_Xochimilco_No.101_Tlalpan",
    "InstitutionName": "I.N._Psiquiatria",
    "InstitutionalDepartmentName": "Imagenes_Cerebrales",
    "MRAcquisitionType": "3D",
    "MagneticFieldStrength": 3,
    "Manufacturer": "Philips",
    "ManufacturersModelName": "Ingenia",
    "Modality": "MR",
    "PatientPosition": "HFS",
    "PercentPhaseFOV": 100,
    "PhaseEncodingSteps": 240,
    "PhilipsRescaleIntercept": 0,
    "PhilipsRescaleSlope": 1.43883,
    "PhilipsScaleSlope": 0.0036847,
    "PixelBandwidth": 413,
    "ProcedureStepDescription": "FIBROMIALGIA",
    "ProtocolName": "WIP_T2W",
    "ReconMatrixPE": 240,
    "RepetitionTime": 2.5,
    "SAR": 0.030152,
    "ScanOptions": "FS",
    "ScanningSequence": "SE",
    "SequenceVariant": "SK",
    "SeriesDescription": "T2W",
    "SeriesNumber": 701,
    "SliceThickness": 1,
    "SoftwareVersions": "5.3.1_5.3.1.0",
    "SpacingBetweenSlices": 1,
    "StationName": "PHILIPS-CTMFQSD",
    "UsePhilipsFloatNotDisplayScaling": 1,
    "dataset": "ds004144",
    "modality": "T2w",
    "subject_id": "006"
  },
  "cjv": 0.3555526087330733,
  "cnr": 1.6679158329741626,
  "efc": 0.48880782770252135,
  "fber": -1.0,
  "fwhm_avg": 2.8674533333333336,
  "fwhm_x": 2.82905,
  "fwhm_y": 3.01468,
  "fwhm_z": 2.75863,
  "icvs_csf": 0.16649886539322858,
  "icvs_gm": 0.18484645235557617,
  "icvs_wm": 0.6486546822511953,
  "inu_med": 0.9109495580196381,
  "inu_range": 0.21498393416404737,
  "provenance": {
    "md5sum": "3a352b6b52f8cc357d3248a0ef0fb99e",
    "settings": {
      "testing": false
    },
    "software": "mriqc",
    "version": "23.0.0",
    "warnings": {
      "large_rot_frame": true,
      "small_air_mask": false
    },
    "webapi_port": null,
    "webapi_url": "https://mriqc.nimh.nih.gov/api/v1"
  },
  "qi_1": 0.05898382060743684,
  "qi_2": 7.692568704451926e-06,
  "rpve_csf": 25.199331539983767,
  "rpve_gm": 35.70100004831151,
  "rpve_wm": 10.530994661392956,
  "size_x": 180,
  "size_y": 240,
  "size_z": 240,
  "snr_csf": 5.713387054826871,
  "snr_gm": 2.438271290189064,
  "snr_total": 5.971330255558648,
  "snr_wm": 9.762332421660009,
  "snrd_csf": 33.057070639543355,
  "snrd_gm": 61.243613251901,
  "snrd_total": 37.83601489032686,
  "snrd_wm": 19.207360779536216,
  "spacing_x": 1.0,
  "spacing_y": 1.0,
  "spacing_z": 1.0,
  "summary_bg_k": 106.51031732645272,
  "summary_bg_mad": 0.0,
  "summary_bg_mean": 7.060455589802375,
  "summary_bg_median": 0.0,
  "summary_bg_n": 1461776.0,
  "summary_bg_p05": 0.0,
  "summary_bg_p95": 30.88267430663109,
  "summary_bg_stdv": 34.12106146388263,
  "summary_csf_k": 3.3692668907948393,
  "summary_csf_mad": 253.18000342574246,
  "summary_csf_mean": 1724.0303617444292,
  "summary_csf_median": 1721.6908404231071,
  "summary_csf_n": 1103.0,
  "summary_csf_p05": 1264.6126589477062,
  "summary_csf_p95": 2195.612125828862,
  "summary_csf_stdv": 301.20665530113854,
  "summary_gm_k": -0.36102885269873397,
  "summary_gm_mad": 674.5152592336528,
  "summary_gm_mean": 2678.9188290540337,
  "summary_gm_median": 3189.713000282645,
  "summary_gm_n": 54034.0,
  "summary_gm_p05": 127.47316628694534,
  "summary_gm_p95": 3989.5596630871296,
  "summary_gm_stdv": 1308.174154855074,
  "summary_wm_k": -0.08661595237466457,
  "summary_wm_mad": 103.91312667324188,
  "summary_wm_mean": 1002.7211494499358,
  "summary_wm_median": 1000.3650197386742,
  "summary_wm_n": 308235.0,
  "summary_wm_p05": 837.3366232216358,
  "summary_wm_p95": 1173.4686149656773,
  "summary_wm_stdv": 102.47176123471823,
  "tpm_overlap_csf": 0.11722390847600475,
  "tpm_overlap_gm": 0.10939916647425753,
  "tpm_overlap_wm": 0.43696982925428274,
  "wm2max": 0.2513206162876009
}