{
  "bids_meta": {
    "AcquisitionMatrixPE": 240,
    "AcquisitionNumber": 4,
    "AcquisitionTime": "12:03:6.540000",
    "BodyPartExamined": "BRAIN",
    "CoilString": "MULTI_COIL",
    "ConversionSoftware": "dcm2niix",
    "ConversionSoftwareVersion": "v1.0.20190410  (JP2:OpenJPEG) GCC6.3.0",
    "Dcm2bidsVersion": "2.1.4",
    "DeviceSerialNumber": "42451",
    "EchoTime": 0.0035,
    "EchoTrainLength": 240,
    "FlipAngle": 8,
    "ImageOrientationPatientDICOM": [
      0,
      1,
      0,
      0.000581622,
      0,
      -1
    ],
    "ImageType": [
      "ORIGINAL",
      "PRIMARY",
      "M",
      "FFE",
      "M",
      "FFE"
    ],
    "ImagingFrequency": 127.759,
    "InPlanePhaseEncodingDirectionDICOM": "ROW",
    "InstitutionAddress": "Calzada_Mexico_Xochimilco_No.101_Tlalpan",
    "InstitutionName": "I.N._Psiquiatria",
    "InstitutionalDepartmentName": "Imagenes_Cerebrales",
    "MRAcquisitionType": "3D",
    "MagneticFieldStrength": 3,
    "Manufacturer": "Philips",
    "ManufacturersModelName": "Ingenia",
    "Modality": "MR",
    "PatientPosition": "HFS",
    "PercentPhaseFOV": 100,
    "PhaseEncodingSteps": 240,
    "PhilipsRescaleIntercept": 0,
    "PhilipsRescaleSlope": 3.39658,
    "PhilipsScaleSlope": 0.00614735,
    "PixelBandwidth": 310,
    "ProcedureStepDescription": "PROTOCOLO_FIBROMIALGIA",
    "ProtocolName": "WIP_T1W",
    "ReconMatrixPE": 240,
    "RepetitionTime": 0.007,
    "SAR": 0.0382114,
    "ScanOptions": "OTHER",
    "ScanningSequence": "GR",
    "SequenceVariant": "MP",
    "SeriesDescription": "T1W",
    "SeriesNumber": 401,
    "SliceThickness": 1,
    "SoftwareVersions": "5.3.1_5.3.1.0",
    "SpacingBetweenSlices": 1,
    "StationName": "PHILIPS-CTMFQSD",
    "UsePhilipsFloatNotDisplayScaling": 1,
    "dataset": "ds004144",
    "modality": "T1w",
    "subject_id": "044"
  },
  "cjv": 0.3641159200019908,
  "cnr": 3.643997251329022,
  "efc": 0.7002496172146678,
  "fber": -1.0,
  "fwhm_avg": 4.414776666666667,
  "fwhm_x": 4.27387,
  "fwhm_y": 4.69733,
  "fwhm_z": 4.27313,
  "icvs_csf": 0.19828279879193786,
  "icvs_gm": 0.40892102582543843,
  "icvs_wm": 0.39279617538262374,
  "inu_med": 0.38281509280204773,
  "inu_range": 0.13119861185550685,
  "provenance": {
    "md5sum": "44e7920f15a9e73f6d784deb7ec7cf56",
    "settings": {
      "testing": false
    },
    "software": "mriqc",
    "version": "23.0.0",
    "warnings": {
      "large_rot_frame": true,
      "small_air_mask": false
    },
    "webapi_port": null,
    "webapi_url": "https://mriqc.nimh.nih.gov/api/v1"
  },
  "qi_1": 0.023550395094702935,
  "qi_2": 5.44369942416529e-05,
  "rpve_csf": 26.160655204897534,
  "rpve_gm": 13.041409559111264,
  "rpve_wm": 16.004492139533003,
  "size_x": 180,
  "size_y": 240,
  "size_z": 240,
  "snr_csf": 2.4264187564316404,
  "snr_gm": 13.021468848852205,
  "snr_total": 15.148754537937213,
  "snr_wm": 29.998376008527792,
  "snrd_csf": 43.06941830987044,
  "snrd_gm": 104.19385191732377,
  "snrd_total": 95.05634401584211,
  "snrd_wm": 137.90576182033212,
  "spacing_x": 1.0,
  "spacing_y": 1.0,
  "spacing_z": 1.0,
  "summary_bg_k": 41.64198967823929,
  "summary_bg_mad": 0.0,
  "summary_bg_mean": 1.3194859538220227,
  "summary_bg_median": 0.0,
  "summary_bg_n": 328225.0,
  "summary_bg_p05": 0.0,
  "summary_bg_p95": 9.922573886811733,
  "summary_bg_stdv": 4.75060935394039,
  "summary_csf_k": 0.16259003446155118,
  "summary_csf_mad": 114.38352865704657,
  "summary_csf_mean": 311.108122028879,
  "summary_csf_median": 312.31050738692284,
  "summary_csf_n": 26923.0,
  "summary_csf_p05": 78.98218471873552,
  "summary_csf_p95": 527.4424331950022,
  "summary_csf_stdv": 128.71014388443663,
  "summary_gm_k": 0.20720533073062342,
  "summary_gm_mad": 57.24748868480311,
  "summary_gm_mean": 756.5115188674204,
  "summary_gm_median": 755.5438646692783,
  "summary_gm_n": 30412.0,
  "summary_gm_p05": 663.6736095498316,
  "summary_gm_p95": 852.6760907893068,
  "summary_gm_stdv": 58.021982890878306,
  "summary_wm_k": 0.5524782779578179,
  "summary_wm_mad": 31.762883079498152,
  "summary_wm_mean": 1001.2944522067528,
  "summary_wm_median": 1000.0000031534582,
  "summary_wm_n": 215194.0,
  "summary_wm_p05": 949.1342834811658,
  "summary_wm_p95": 1058.0570831932127,
  "summary_wm_stdv": 33.335060517330064,
  "tpm_overlap_csf": 0.15055225624059693,
  "tpm_overlap_gm": 0.4672492547040181,
  "tpm_overlap_wm": 0.5275543264448534,
  "wm2max": 0.7758660912166103
}