{
  "aor": 0.001158429256594724,
  "aqi": 0.019187956630695443,
  "bids_meta": {
    "AcquisitionMatrixPE": 78,
    "AcquisitionNumber": 7,
    "AcquisitionTime": "10:25:55.960000",
    "BodyPartExamined": "BRAIN",
    "CoilString": "MULTI_COIL",
    "ConversionSoftware": "dcm2niix",
    "ConversionSoftwareVersion": "v1.0.20190410  (JP2:OpenJPEG) GCC6.3.0",
    "Dcm2bidsVersion": "2.1.4",
    "DeviceSerialNumber": "42451",
    "EchoTime": 0.030001,
    "EchoTrainLength": 39,
    "FlipAngle": 75,
    "ImageOrientationPatientDICOM": [
      0.999993,
      0,
      -0.00362181,
      0,
      1,
      0
    ],
    "ImageType": [
      "ORIGINAL",
      "PRIMARY",
      "M",
      "FFE",
      "M",
      "FFE"
    ],
    "ImagingFrequency": 127.759,
    "InPlanePhaseEncodingDirectionDICOM": "COL",
    "InstitutionAddress": "Calzada_Mexico_Xochimilco_No.101_Tlalpan",
    "InstitutionName": "I.N._Psiquiatria",
    "InstitutionalDepartmentName": "Imagenes_Cerebrales",
    "MRAcquisitionType": "2D",
    "MagneticFieldStrength": 3,
    "Manufacturer": "Philips",
    "ManufacturersModelName": "Ingenia",
    "Modality": "MR",
    "PartialFourier": 0.5,
    "PatientPosition": "HFS",
    "PercentPhaseFOV": 100,
    "PhaseEncodingAxis": "j",
    "PhaseEncodingSteps": 78,
    "PhilipsRescaleIntercept": 0,
    "PhilipsRescaleSlope": 0.765568,
    "PhilipsScaleSlope": 0.0242135,
    "PixelBandwidth": 2071,
    "ProcedureStepDescription": "PROTOCOLO_FIBROMIALGIA",
    "ProtocolName": "WIP_TASK_FMRI",
    "ReconMatrixPE": 80,
    "RepetitionTime": 2,
    "SAR": 0.117749,
    "ScanOptions": "FS",
    "ScanningSequence": "GR",
    "SequenceVariant": "SK",
    "SeriesDescription": "TASK_FMRI",
    "SeriesNumber": 701,
    "SliceThickness": 3,
    "SliceTiming": [
      0,
      1.027027,
      0.054054,
      1.081081,
      0.108108,
      1.13513,
      0.162162,
      1.189189,
      0.216216,
      1.243244,
      0.27027,
      1.297298,
      0.324324,
      1.351352,
      0.378378,
      1.405406,
      0.432432,
      1.45946,
      0.486486,
      1.513514,
      0.540541,
      1.567568,
      0.594595,
      1.621622,
      0.648649,
      1.675676,
      0.702703,
      1.72973,
      0.756757,
      1.783784,
      0.810811,
      1.837838,
      0.864865,
      1.891892,
      0.918919,
      1.945947,
      0.972973
    ],
    "SoftwareVersions": "5.3.1_5.3.1.0",
    "SpacingBetweenSlices": 3,
    "StationName": "PHILIPS-CTMFQSD",
    "TaskName": "epr",
    "UsePhilipsFloatNotDisplayScaling": 1,
    "dataset": "ds004144",
    "modality": "bold",
    "subject_id": "058",
    "task_id": "epr"
  },
  "dummy_trs": 0,
  "dvars_nstd": 27.667215837118846,
  "dvars_std": 1.051225333241297,
  "dvars_vstd": 0.9016900418367341,
  "efc": 0.4297533907990828,
  "fber": 81751.4921875,
  "fd_mean": 0.16007738884497305,
  "fd_num": 156,
  "fd_perc": 18.705035971223023,
  "fwhm_avg": 2.109246666666667,
  "fwhm_x": 2.02536,
  "fwhm_y": 2.2046766666666664,
  "fwhm_z": 2.0977033333333335,
  "gcor": 0.0987591,
  "gsr_x": -0.006792237050831318,
  "gsr_y": 0.017514493316411972,
  "provenance": {
    "md5sum": "c9ca79182e84ed085c838827ddd96447",
    "settings": {
      "fd_thres": 0.2,
      "testing": false
    },
    "software": "mriqc",
    "version": "23.0.0",
    "webapi_port": null,
    "webapi_url": "https://mriqc.nimh.nih.gov/api/v1"
  },
  "size_t": 834,
  "size_x": 80,
  "size_y": 80,
  "size_z": 37,
  "snr": 4.687718327968134,
  "spacing_tr": 2.0000016689300537,
  "spacing_x": 3.0,
  "spacing_y": 3.0,
  "spacing_z": 3.0,
  "summary_bg_k": 105.6183902411745,
  "summary_bg_mad": 245.79814597616715,
  "summary_bg_mean": 1415.2762451171875,
  "summary_bg_median": 211.27670288085938,
  "summary_bg_n": 159293.0,
  "summary_bg_p05": 17.888845825195315,
  "summary_bg_p95": 7529.129492187492,
  "summary_bg_stdv": 3833.25341796875,
  "summary_fg_k": 2.7145412131652353,
  "summary_fg_mad": 10821.154525147595,
  "summary_fg_mean": 62517.8203125,
  "summary_fg_median": 61609.62890625,
  "summary_fg_n": 36981.0,
  "summary_fg_p05": 43217.625,
  "summary_fg_p95": 85916.9296875,
  "summary_fg_stdv": 13142.59765625,
  "tsnr": 31.223804473876953
}