{
  "aor": 0.002366,
  "aqi": 0.009092654300000001,
  "bids_meta": {
    "AcquisitionMatrixPE": 78,
    "AcquisitionNumber": 3,
    "AcquisitionTime": "09:57:45.480000",
    "BodyPartExamined": "BRAIN",
    "CoilString": "MULTI_COIL",
    "ConversionSoftware": "dcm2niix",
    "ConversionSoftwareVersion": "v1.0.20190410  (JP2:OpenJPEG) GCC6.3.0",
    "Dcm2bidsVersion": "2.1.4",
    "DeviceSerialNumber": "42451",
    "EchoTime": 0.030001,
    "EchoTrainLength": 39,
    "FlipAngle": 75,
    "ImageOrientationPatientDICOM": [
      0.999993,
      0,
      -0.00362181,
      0,
      1,
      0
    ],
    "ImageType": [
      "ORIGINAL",
      "PRIMARY",
      "M",
      "FFE",
      "M",
      "FFE"
    ],
    "ImagingFrequency": 127.759,
    "InPlanePhaseEncodingDirectionDICOM": "COL",
    "InstitutionAddress": "Calzada_Mexico_Xochimilco_No.101_Tlalpan",
    "InstitutionName": "I.N._Psiquiatria",
    "InstitutionalDepartmentName": "Imagenes_Cerebrales",
    "MRAcquisitionType": "2D",
    "MagneticFieldStrength": 3,
    "Manufacturer": "Philips",
    "ManufacturersModelName": "Ingenia",
    "Modality": "MR",
    "PartialFourier": 0.5,
    "PatientPosition": "HFS",
    "PercentPhaseFOV": 100,
    "PhaseEncodingAxis": "j",
    "PhaseEncodingSteps": 78,
    "PhilipsRescaleIntercept": 0,
    "PhilipsRescaleSlope": 0.788034,
    "PhilipsScaleSlope": 0.0222571,
    "PixelBandwidth": 2071,
    "ProcedureStepDescription": "PROTOCOLO_FIBROMIALGIA",
    "ProtocolName": "WIP_RESTING_STATE_10m",
    "ReconMatrixPE": 80,
    "RepetitionTime": 2,
    "SAR": 0.117654,
    "ScanOptions": "FS",
    "ScanningSequence": "GR",
    "SequenceVariant": "SK",
    "SeriesDescription": "RESTING_STATE_10m",
    "SeriesNumber": 301,
    "SliceThickness": 3,
    "SliceTiming": [
      0,
      1.027027,
      0.054054,
      1.081081,
      0.108108,
      1.13513,
      0.162162,
      1.189189,
      0.216216,
      1.243244,
      0.27027,
      1.297298,
      0.324324,
      1.351352,
      0.378378,
      1.405406,
      0.432432,
      1.45946,
      0.486486,
      1.513514,
      0.540541,
      1.567568,
      0.594595,
      1.621622,
      0.648649,
      1.675676,
      0.702703,
      1.72973,
      0.756757,
      1.783784,
      0.810811,
      1.837838,
      0.864865,
      1.891892,
      0.918919,
      1.945947,
      0.972973
    ],
    "SoftwareVersions": "5.3.1_5.3.1.0",
    "SpacingBetweenSlices": 3,
    "StationName": "PHILIPS-CTMFQSD",
    "TaskName": "rest",
    "UsePhilipsFloatNotDisplayScaling": 1,
    "dataset": "ds004144",
    "modality": "bold",
    "subject_id": "058",
    "task_id": "rest"
  },
  "dummy_trs": 0,
  "dvars_nstd": 24.1302988122408,
  "dvars_std": 1.1190638537123754,
  "dvars_vstd": 0.9376663710367885,
  "efc": 0.42516870044509214,
  "fber": 98176.5078125,
  "fd_mean": 0.11018255684778641,
  "fd_num": 13,
  "fd_perc": 4.333333333333333,
  "fwhm_avg": 2.1019044444444446,
  "fwhm_x": 1.9885266666666668,
  "fwhm_y": 2.1618,
  "fwhm_z": 2.155386666666667,
  "gcor": 0.083389,
  "gsr_x": -0.006077563390135765,
  "gsr_y": 0.017938951030373573,
  "provenance": {
    "md5sum": "66197dec0fe982695541f2c9bb1ed37a",
    "settings": {
      "fd_thres": 0.2,
      "testing": false
    },
    "software": "mriqc",
    "version": "23.0.0",
    "webapi_port": null,
    "webapi_url": "https://mriqc.nimh.nih.gov/api/v1"
  },
  "size_t": 300,
  "size_x": 80,
  "size_y": 80,
  "size_z": 37,
  "snr": 4.713322856922561,
  "spacing_tr": 2.0000016689300537,
  "spacing_x": 3.0,
  "spacing_y": 3.0,
  "spacing_z": 3.0,
  "summary_bg_k": 141.73051085321836,
  "summary_bg_mad": 223.2750053383368,
  "summary_bg_mean": 1328.848388671875,
  "summary_bg_median": 191.19766235351562,
  "summary_bg_n": 159729.0,
  "summary_bg_p05": 12.744330406188967,
  "summary_bg_p95": 6844.039843750003,
  "summary_bg_stdv": 3893.262939453125,
  "summary_fg_k": 2.8447394482601878,
  "summary_fg_mad": 10759.238508280238,
  "summary_fg_mean": 63074.6171875,
  "summary_fg_median": 61907.640625,
  "summary_fg_n": 36755.0,
  "summary_fg_p05": 44378.29609375,
  "summary_fg_p95": 86855.22109374996,
  "summary_fg_stdv": 13134.427734375,
  "tsnr": 49.686012268066406
}