{
  "aor": 0.0009095000000000002,
  "aqi": 0.010767812600000001,
  "bids_meta": {
    "AcquisitionMatrixPE": 78,
    "AcquisitionNumber": 3,
    "AcquisitionTime": "11:12:33.580000",
    "BodyPartExamined": "BRAIN",
    "CoilString": "MULTI_COIL",
    "ConversionSoftware": "dcm2niix",
    "ConversionSoftwareVersion": "v1.0.20190410  (JP2:OpenJPEG) GCC6.3.0",
    "Dcm2bidsVersion": "2.1.4",
    "DeviceSerialNumber": "42451",
    "EchoTime": 0.030001,
    "EchoTrainLength": 39,
    "FlipAngle": 75,
    "ImageOrientationPatientDICOM": [
      0.999993,
      0,
      -0.00362181,
      0,
      1,
      0
    ],
    "ImageType": [
      "ORIGINAL",
      "PRIMARY",
      "M",
      "FFE",
      "M",
      "FFE"
    ],
    "ImagingFrequency": 127.759,
    "InPlanePhaseEncodingDirectionDICOM": "COL",
    "InstitutionAddress": "Calzada_Mexico_Xochimilco_No.101_Tlalpan",
    "InstitutionName": "I.N._Psiquiatria",
    "InstitutionalDepartmentName": "Imagenes_Cerebrales",
    "MRAcquisitionType": "2D",
    "MagneticFieldStrength": 3,
    "Manufacturer": "Philips",
    "ManufacturersModelName": "Ingenia",
    "Modality": "MR",
    "PartialFourier": 0.5,
    "PatientPosition": "HFS",
    "PercentPhaseFOV": 100,
    "PhaseEncodingAxis": "j",
    "PhaseEncodingSteps": 78,
    "PhilipsRescaleIntercept": 0,
    "PhilipsRescaleSlope": 0.757021,
    "PhilipsScaleSlope": 0.0238659,
    "PixelBandwidth": 2071,
    "ProcedureStepDescription": "PROTOCOLO_FIBROMIALGIA",
    "ProtocolName": "WIP_RESTING_STATE_10m",
    "ReconMatrixPE": 80,
    "RepetitionTime": 2,
    "SAR": 0.117654,
    "ScanOptions": "FS",
    "ScanningSequence": "GR",
    "SequenceVariant": "SK",
    "SeriesDescription": "RESTING_STATE_10m",
    "SeriesNumber": 301,
    "SliceThickness": 3,
    "SliceTiming": [
      0,
      1.027027,
      0.054054,
      1.081081,
      0.108108,
      1.13513,
      0.162162,
      1.189189,
      0.216216,
      1.243244,
      0.27027,
      1.297298,
      0.324324,
      1.351352,
      0.378378,
      1.405406,
      0.432432,
      1.45946,
      0.486486,
      1.513514,
      0.540541,
      1.567568,
      0.594595,
      1.621622,
      0.648649,
      1.675676,
      0.702703,
      1.72973,
      0.756757,
      1.783784,
      0.810811,
      1.837838,
      0.864865,
      1.891892,
      0.918919,
      1.945947,
      0.972973
    ],
    "SoftwareVersions": "5.3.1_5.3.1.0",
    "SpacingBetweenSlices": 3,
    "StationName": "PHILIPS-CTMFQSD",
    "TaskName": "rest",
    "UsePhilipsFloatNotDisplayScaling": 1,
    "dataset": "ds004144",
    "modality": "bold",
    "subject_id": "064",
    "task_id": "rest"
  },
  "dummy_trs": 0,
  "dvars_nstd": 30.577469880100338,
  "dvars_std": 1.431817509832776,
  "dvars_vstd": 0.9416657082943143,
  "efc": 0.40007081986100823,
  "fber": 117438.875,
  "fd_mean": 0.125177449653453,
  "fd_num": 28,
  "fd_perc": 9.333333333333334,
  "fwhm_avg": 1.9328611111111114,
  "fwhm_x": 1.8334233333333334,
  "fwhm_y": 2.048156666666667,
  "fwhm_z": 1.9170033333333334,
  "gcor": 0.0620403,
  "gsr_x": -0.0157037191092968,
  "gsr_y": 0.013633210211992264,
  "provenance": {
    "md5sum": "47ee739a06fa53b860231d7cac77dab0",
    "settings": {
      "fd_thres": 0.2,
      "testing": false
    },
    "software": "mriqc",
    "version": "23.0.0",
    "webapi_port": null,
    "webapi_url": "https://mriqc.nimh.nih.gov/api/v1"
  },
  "size_t": 300,
  "size_x": 80,
  "size_y": 80,
  "size_z": 37,
  "snr": 5.288022072256456,
  "spacing_tr": 2.0000016689300537,
  "spacing_x": 3.0,
  "spacing_y": 3.0,
  "spacing_z": 3.0,
  "summary_bg_k": 149.09112205077966,
  "summary_bg_mad": 189.81710777116473,
  "summary_bg_mean": 1217.5987548828125,
  "summary_bg_median": 172.4400177001953,
  "summary_bg_n": 165531.0,
  "summary_bg_p05": 14.90824842453003,
  "summary_bg_p95": 5621.492919921875,
  "summary_bg_stdv": 3949.12451171875,
  "summary_fg_k": 3.3766215964952373,
  "summary_fg_mad": 8611.06372196394,
  "summary_fg_mean": 60993.203125,
  "summary_fg_median": 60086.34375,
  "summary_fg_n": 31964.0,
  "summary_fg_p05": 44290.1,
  "summary_fg_p95": 80619.123828125,
  "summary_fg_stdv": 11362.5478515625,
  "tsnr": 54.41901397705078
}