{
  "aor": 0.005407500000000001,
  "aqi": 0.0182391694,
  "bids_meta": {
    "AcquisitionMatrixPE": 78,
    "AcquisitionNumber": 4,
    "AcquisitionTime": "12:16:29.110000",
    "BodyPartExamined": "BRAIN",
    "CoilString": "MULTI_COIL",
    "ConversionSoftware": "dcm2niix",
    "ConversionSoftwareVersion": "v1.0.20190410  (JP2:OpenJPEG) GCC6.3.0",
    "Dcm2bidsVersion": "2.1.4",
    "DeviceSerialNumber": "42451",
    "EchoTime": 0.030001,
    "EchoTrainLength": 39,
    "FlipAngle": 75,
    "ImageOrientationPatientDICOM": [
      1,
      0,
      0.000635934,
      0,
      1,
      0
    ],
    "ImageType": [
      "ORIGINAL",
      "PRIMARY",
      "M",
      "FFE",
      "M",
      "FFE"
    ],
    "ImagingFrequency": 127.759,
    "InPlanePhaseEncodingDirectionDICOM": "COL",
    "InstitutionAddress": "Calzada_Mexico_Xochimilco_No.101_Tlalpan",
    "InstitutionName": "I.N._Psiquiatria",
    "InstitutionalDepartmentName": "Imagenes_Cerebrales",
    "MRAcquisitionType": "2D",
    "MagneticFieldStrength": 3,
    "Manufacturer": "Philips",
    "ManufacturersModelName": "Ingenia",
    "Modality": "MR",
    "PartialFourier": 0.5,
    "PatientPosition": "HFS",
    "PercentPhaseFOV": 100,
    "PhaseEncodingAxis": "j",
    "PhaseEncodingSteps": 78,
    "PhilipsRescaleIntercept": 0,
    "PhilipsRescaleSlope": 0.843712,
    "PhilipsScaleSlope": 0.026929,
    "PixelBandwidth": 2071,
    "ProcedureStepDescription": "PROTOCOLO_FIBROMIALGIA",
    "ProtocolName": "WIP_RESTING_STATE_10m",
    "ReconMatrixPE": 80,
    "RepetitionTime": 2,
    "SAR": 0.117583,
    "ScanOptions": "FS",
    "ScanningSequence": "GR",
    "SequenceVariant": "SK",
    "SeriesDescription": "RESTING_STATE_10m",
    "SeriesNumber": 401,
    "SliceThickness": 3,
    "SliceTiming": [
      0,
      1.027027,
      0.054054,
      1.081081,
      0.108108,
      1.13513,
      0.162162,
      1.189189,
      0.216216,
      1.243244,
      0.27027,
      1.297298,
      0.324324,
      1.351352,
      0.378378,
      1.405406,
      0.432432,
      1.45946,
      0.486486,
      1.513514,
      0.540541,
      1.567568,
      0.594595,
      1.621622,
      0.648649,
      1.675676,
      0.702703,
      1.72973,
      0.756757,
      1.783784,
      0.810811,
      1.837838,
      0.864865,
      1.891892,
      0.918919,
      1.945947,
      0.972973
    ],
    "SoftwareVersions": "5.3.1_5.3.1.0",
    "SpacingBetweenSlices": 3,
    "StationName": "PHILIPS-CTMFQSD",
    "TaskName": "rest",
    "UsePhilipsFloatNotDisplayScaling": 1,
    "dataset": "ds004144",
    "modality": "bold",
    "subject_id": "069",
    "task_id": "rest"
  },
  "dummy_trs": 0,
  "dvars_nstd": 27.39025900581941,
  "dvars_std": 1.2648229916053497,
  "dvars_vstd": 0.9717067167892977,
  "efc": 0.39184825666664136,
  "fber": 137846.421875,
  "fd_mean": 0.10018905983181049,
  "fd_num": 21,
  "fd_perc": 7.0,
  "fwhm_avg": 1.845242222222222,
  "fwhm_x": 1.7592833333333333,
  "fwhm_y": 1.9644166666666667,
  "fwhm_z": 1.8120266666666665,
  "gcor": 0.141598,
  "gsr_x": -0.01520453579723835,
  "gsr_y": 0.010624399408698082,
  "provenance": {
    "md5sum": "348800dc5b239e60e9368f37269baa98",
    "settings": {
      "fd_thres": 0.2,
      "testing": false
    },
    "software": "mriqc",
    "version": "23.0.0",
    "webapi_port": null,
    "webapi_url": "https://mriqc.nimh.nih.gov/api/v1"
  },
  "size_t": 300,
  "size_x": 80,
  "size_y": 80,
  "size_z": 37,
  "snr": 5.346470073873689,
  "spacing_tr": 2.0000016689300537,
  "spacing_x": 3.0,
  "spacing_y": 3.0,
  "spacing_z": 3.0,
  "summary_bg_k": 205.4622294183092,
  "summary_bg_mad": 164.6158223208138,
  "summary_bg_mean": 998.2670288085938,
  "summary_bg_median": 137.60069274902344,
  "summary_bg_n": 167301.0,
  "summary_bg_p05": 10.114513397216797,
  "summary_bg_p95": 4502.556640625,
  "summary_bg_stdv": 2956.13623046875,
  "summary_fg_k": 4.0872621139364975,
  "summary_fg_mad": 7402.363576204874,
  "summary_fg_mean": 53006.05859375,
  "summary_fg_median": 51917.546875,
  "summary_fg_n": 30438.0,
  "summary_fg_p05": 39916.48046875,
  "summary_fg_p95": 70088.56757812499,
  "summary_fg_stdv": 9710.4619140625,
  "tsnr": 37.8770751953125
}