{
  "bids_meta": {
    "AcquisitionMatrixPE": 240,
    "AcquisitionNumber": 5,
    "AcquisitionTime": "11:17:20.330000",
    "BodyPartExamined": "BRAIN",
    "CoilString": "MULTI_COIL",
    "ConversionSoftware": "dcm2niix",
    "ConversionSoftwareVersion": "v1.0.20190410  (JP2:OpenJPEG) GCC6.3.0",
    "Dcm2bidsVersion": "2.1.4",
    "DeviceSerialNumber": "42451",
    "EchoTime": 0.331,
    "EchoTrainLength": 117,
    "FlipAngle": 90,
    "ImageOrientationPatientDICOM": [
      0,
      1,
      0,
      0.000521836,
      0,
      -1
    ],
    "ImageType": [
      "ORIGINAL",
      "PRIMARY",
      "M",
      "SE",
      "M",
      "SE"
    ],
    "ImagingFrequency": 127.759,
    "InPlanePhaseEncodingDirectionDICOM": "ROW",
    "InstitutionAddress": "Calzada_Mexico_Xochimilco_No.101_Tlalpan",
    "InstitutionName": "I.N._Psiquiatria",
    "InstitutionalDepartmentName": "Imagenes_Cerebrales",
    "MRAcquisitionType": "3D",
    "MagneticFieldStrength": 3,
    "Manufacturer": "Philips",
    "ManufacturersModelName": "Ingenia",
    "Modality": "MR",
    "PatientPosition": "HFS",
    "PercentPhaseFOV": 100,
    "PhaseEncodingSteps": 240,
    "PhilipsRescaleIntercept": 0,
    "PhilipsRescaleSlope": 1.41123,
    "PhilipsScaleSlope": 0.00298337,
    "PixelBandwidth": 413,
    "ProcedureStepDescription": "PROTOCOLO_FIBROMIALGIA",
    "ProtocolName": "WIP_T2W",
    "ReconMatrixPE": 240,
    "RepetitionTime": 2.5,
    "SAR": 0.030152,
    "ScanOptions": "FS",
    "ScanningSequence": "SE",
    "SequenceVariant": "SK",
    "SeriesDescription": "T2W",
    "SeriesNumber": 501,
    "SliceThickness": 1,
    "SoftwareVersions": "5.3.1_5.3.1.0",
    "SpacingBetweenSlices": 1,
    "StationName": "PHILIPS-CTMFQSD",
    "UsePhilipsFloatNotDisplayScaling": 1,
    "dataset": "ds004144",
    "modality": "T2w",
    "subject_id": "050"
  },
  "cjv": 0.3693123029019225,
  "cnr": 1.5022922142758783,
  "efc": 0.4862862733845343,
  "fber": -1.0,
  "fwhm_avg": 2.5622833333333332,
  "fwhm_x": 2.6164,
  "fwhm_y": 2.64075,
  "fwhm_z": 2.4297,
  "icvs_csf": 0.14926093934024598,
  "icvs_gm": 0.17355644622770788,
  "icvs_wm": 0.6771826144320462,
  "inu_med": 0.831733912229538,
  "inu_range": 0.16607676446437836,
  "provenance": {
    "md5sum": "36254b132ea652c61187a8a2d31f7914",
    "settings": {
      "testing": false
    },
    "software": "mriqc",
    "version": "23.0.0",
    "warnings": {
      "large_rot_frame": true,
      "small_air_mask": false
    },
    "webapi_port": null,
    "webapi_url": "https://mriqc.nimh.nih.gov/api/v1"
  },
  "qi_1": 0.06979271346258041,
  "qi_2": 7.493489985764953e-06,
  "rpve_csf": 26.046250579493897,
  "rpve_gm": 37.08374221804875,
  "rpve_wm": 9.819083108792448,
  "size_x": 180,
  "size_y": 240,
  "size_z": 240,
  "snr_csf": 4.717130596949867,
  "snr_gm": 2.1889966504494325,
  "snr_total": 5.601388407412256,
  "snr_wm": 9.898037974837468,
  "snrd_csf": 78.91717711664013,
  "snrd_gm": 140.4488175364971,
  "snrd_total": 87.73089302227378,
  "snrd_wm": 43.82668441368406,
  "spacing_x": 1.0,
  "spacing_y": 1.0,
  "spacing_z": 1.0,
  "summary_bg_k": 557.2594644300254,
  "summary_bg_mad": 0.0,
  "summary_bg_mean": 2.7400360949578157,
  "summary_bg_median": 0.0,
  "summary_bg_n": 1267202.0,
  "summary_bg_p05": 0.0,
  "summary_bg_p95": 14.183920428156853,
  "summary_bg_stdv": 14.959398542636551,
  "summary_csf_k": 1.209815887088304,
  "summary_csf_mad": 302.38068950743684,
  "summary_csf_mean": 1798.4436701180935,
  "summary_csf_median": 1801.9965069070458,
  "summary_csf_n": 500.0,
  "summary_csf_p05": 1126.5864495143294,
  "summary_csf_p95": 2412.594114627689,
  "summary_csf_stdv": 381.6289524957775,
  "summary_gm_k": -1.3361872177783236,
  "summary_gm_mad": 711.0530749145709,
  "summary_gm_mean": 2389.843787500907,
  "summary_gm_median": 3207.0112977549434,
  "summary_gm_n": 43064.0,
  "summary_gm_p05": 87.60083367750049,
  "summary_gm_p95": 3807.811244800687,
  "summary_gm_stdv": 1465.0429279877792,
  "summary_wm_k": -0.08627270119219688,
  "summary_wm_mad": 103.75026294569602,
  "summary_wm_mean": 1003.6430934807919,
  "summary_wm_median": 1000.7394474595785,
  "summary_wm_n": 350327.0,
  "summary_wm_p05": 842.8340963423252,
  "summary_wm_p95": 1172.6270518898964,
  "summary_wm_stdv": 101.10468576795333,
  "tpm_overlap_csf": 0.11837441063500194,
  "tpm_overlap_gm": 0.11739791051245757,
  "tpm_overlap_wm": 0.4522289271636051,
  "wm2max": 0.2627519502982809
}