{
  "aor": 0.002822074340527578,
  "aqi": 0.02330986847721823,
  "bids_meta": {
    "AcquisitionMatrixPE": 78,
    "AcquisitionNumber": 7,
    "AcquisitionTime": "12:58:37.670000",
    "BodyPartExamined": "BRAIN",
    "CoilString": "MULTI_COIL",
    "ConversionSoftware": "dcm2niix",
    "ConversionSoftwareVersion": "v1.0.20190410  (JP2:OpenJPEG) GCC6.3.0",
    "Dcm2bidsVersion": "2.1.4",
    "DeviceSerialNumber": "42451",
    "EchoTime": 0.030001,
    "EchoTrainLength": 39,
    "FlipAngle": 75,
    "ImageOrientationPatientDICOM": [
      0.999993,
      0,
      -0.00362181,
      0,
      1,
      0
    ],
    "ImageType": [
      "ORIGINAL",
      "PRIMARY",
      "M",
      "FFE",
      "M",
      "FFE"
    ],
    "ImagingFrequency": 127.76,
    "InPlanePhaseEncodingDirectionDICOM": "COL",
    "InstitutionAddress": "Calzada_Mexico_Xochimilco_No.101_Tlalpan",
    "InstitutionName": "I.N._Psiquiatria",
    "InstitutionalDepartmentName": "Imagenes_Cerebrales",
    "MRAcquisitionType": "2D",
    "MagneticFieldStrength": 3,
    "Manufacturer": "Philips",
    "ManufacturersModelName": "Ingenia",
    "Modality": "MR",
    "PartialFourier": 0.5,
    "PatientPosition": "HFS",
    "PercentPhaseFOV": 100,
    "PhaseEncodingAxis": "j",
    "PhaseEncodingSteps": 78,
    "PhilipsRescaleIntercept": 0,
    "PhilipsRescaleSlope": 0.785592,
    "PhilipsScaleSlope": 0.0235115,
    "PixelBandwidth": 2071,
    "ProcedureStepDescription": "PROTOCOLO_FIBROMIALGIA",
    "ProtocolName": "WIP_TASK_FMRI",
    "ReconMatrixPE": 80,
    "RepetitionTime": 2,
    "SAR": 0.117749,
    "ScanOptions": "FS",
    "ScanningSequence": "GR",
    "SequenceVariant": "SK",
    "SeriesDescription": "TASK_FMRI",
    "SeriesNumber": 701,
    "SliceThickness": 3,
    "SliceTiming": [
      0,
      1.027027,
      0.054054,
      1.081081,
      0.108108,
      1.13513,
      0.162162,
      1.189189,
      0.216216,
      1.243244,
      0.27027,
      1.297298,
      0.324324,
      1.351352,
      0.378378,
      1.405406,
      0.432432,
      1.45946,
      0.486486,
      1.513514,
      0.540541,
      1.567568,
      0.594595,
      1.621622,
      0.648649,
      1.675676,
      0.702703,
      1.72973,
      0.756757,
      1.783784,
      0.810811,
      1.837838,
      0.864865,
      1.891892,
      0.918919,
      1.945947,
      0.972973
    ],
    "SoftwareVersions": "5.3.1_5.3.1.0",
    "SpacingBetweenSlices": 3,
    "StationName": "PHILIPS-CTMFQSD",
    "TaskName": "epr",
    "UsePhilipsFloatNotDisplayScaling": 1,
    "dataset": "ds004144",
    "modality": "bold",
    "subject_id": "028",
    "task_id": "epr"
  },
  "dummy_trs": 0,
  "dvars_nstd": 34.1161733627731,
  "dvars_std": 1.1978503502400952,
  "dvars_vstd": 0.9813046076470576,
  "efc": 0.40538234691895036,
  "fber": 87548.6796875,
  "fd_mean": 0.2599628850181986,
  "fd_num": 440,
  "fd_perc": 52.75779376498801,
  "fwhm_avg": 1.8802044444444441,
  "fwhm_x": 1.84821,
  "fwhm_y": 2.05618,
  "fwhm_z": 1.7362233333333332,
  "gcor": 0.0989536,
  "gsr_x": -0.01892765611410141,
  "gsr_y": 0.017963934689760208,
  "provenance": {
    "md5sum": "8493e9eeb5bfa707594bd3364ac7372a",
    "settings": {
      "fd_thres": 0.2,
      "testing": false
    },
    "software": "mriqc",
    "version": "23.0.0",
    "webapi_port": null,
    "webapi_url": "https://mriqc.nimh.nih.gov/api/v1"
  },
  "size_t": 834,
  "size_x": 80,
  "size_y": 80,
  "size_z": 37,
  "snr": 4.713877788926013,
  "spacing_tr": 2.0000016689300537,
  "spacing_x": 3.0,
  "spacing_y": 3.0,
  "spacing_z": 3.0,
  "summary_bg_k": 212.46709175386184,
  "summary_bg_mad": 206.7713109231843,
  "summary_bg_mean": 1011.054931640625,
  "summary_bg_median": 178.6500701904297,
  "summary_bg_n": 163691.0,
  "summary_bg_p05": 14.779033660888672,
  "summary_bg_p95": 4925.303955078125,
  "summary_bg_stdv": 2744.4755859375,
  "summary_fg_k": 2.4203718207740854,
  "summary_fg_mad": 9778.890956953073,
  "summary_fg_mean": 55507.94921875,
  "summary_fg_median": 54700.859375,
  "summary_fg_n": 33210.0,
  "summary_fg_p05": 38187.2017578125,
  "summary_fg_p95": 74818.1359375,
  "summary_fg_stdv": 11604.0419921875,
  "tsnr": 27.712596893310547
}