{
  "aor": 0.0007901333333333332,
  "aqi": 0.008517396266666666,
  "bids_meta": {
    "AcquisitionMatrixPE": 78,
    "AcquisitionNumber": 3,
    "AcquisitionTime": "12:33:17.510000",
    "BodyPartExamined": "BRAIN",
    "CoilString": "MULTI_COIL",
    "ConversionSoftware": "dcm2niix",
    "ConversionSoftwareVersion": "v1.0.20190410  (JP2:OpenJPEG) GCC6.3.0",
    "Dcm2bidsVersion": "2.1.4",
    "DeviceSerialNumber": "42451",
    "EchoTime": 0.030001,
    "EchoTrainLength": 39,
    "FlipAngle": 75,
    "ImageOrientationPatientDICOM": [
      0.999993,
      0,
      -0.00362181,
      0,
      1,
      0
    ],
    "ImageType": [
      "ORIGINAL",
      "PRIMARY",
      "M",
      "FFE",
      "M",
      "FFE"
    ],
    "ImagingFrequency": 127.76,
    "InPlanePhaseEncodingDirectionDICOM": "COL",
    "InstitutionAddress": "Calzada_Mexico_Xochimilco_No.101_Tlalpan",
    "InstitutionName": "I.N._Psiquiatria",
    "InstitutionalDepartmentName": "Imagenes_Cerebrales",
    "MRAcquisitionType": "2D",
    "MagneticFieldStrength": 3,
    "Manufacturer": "Philips",
    "ManufacturersModelName": "Ingenia",
    "Modality": "MR",
    "PartialFourier": 0.5,
    "PatientPosition": "HFS",
    "PercentPhaseFOV": 100,
    "PhaseEncodingAxis": "j",
    "PhaseEncodingSteps": 78,
    "PhilipsRescaleIntercept": 0,
    "PhilipsRescaleSlope": 0.748718,
    "PhilipsScaleSlope": 0.0252844,
    "PixelBandwidth": 2071,
    "ProcedureStepDescription": "PROTOCOLO_FIBROMIALGIA",
    "ProtocolName": "WIP_RESTING_STATE_10m",
    "ReconMatrixPE": 80,
    "RepetitionTime": 2,
    "SAR": 0.117654,
    "ScanOptions": "FS",
    "ScanningSequence": "GR",
    "SequenceVariant": "SK",
    "SeriesDescription": "RESTING_STATE_10m",
    "SeriesNumber": 301,
    "SliceThickness": 3,
    "SliceTiming": [
      0,
      1.027027,
      0.054054,
      1.081081,
      0.108108,
      1.13513,
      0.162162,
      1.189189,
      0.216216,
      1.243244,
      0.27027,
      1.297298,
      0.324324,
      1.351352,
      0.378378,
      1.405406,
      0.432432,
      1.45946,
      0.486486,
      1.513514,
      0.540541,
      1.567568,
      0.594595,
      1.621622,
      0.648649,
      1.675676,
      0.702703,
      1.72973,
      0.756757,
      1.783784,
      0.810811,
      1.837838,
      0.864865,
      1.891892,
      0.918919,
      1.945947,
      0.972973
    ],
    "SoftwareVersions": "5.3.1_5.3.1.0",
    "SpacingBetweenSlices": 3,
    "StationName": "PHILIPS-CTMFQSD",
    "TaskName": "rest",
    "UsePhilipsFloatNotDisplayScaling": 1,
    "dataset": "ds004144",
    "modality": "bold",
    "subject_id": "028",
    "task_id": "rest"
  },
  "dummy_trs": 0,
  "dvars_nstd": 33.057434375484945,
  "dvars_std": 1.2626290238461533,
  "dvars_vstd": 0.9779783116722406,
  "efc": 0.4032805287996424,
  "fber": 101681.796875,
  "fd_mean": 0.14348127383675882,
  "fd_num": 53,
  "fd_perc": 17.666666666666668,
  "fwhm_avg": 1.8200933333333333,
  "fwhm_x": 1.7589433333333335,
  "fwhm_y": 1.9342633333333332,
  "fwhm_z": 1.7670733333333333,
  "gcor": 0.092607,
  "gsr_x": -0.018360069021582603,
  "gsr_y": 0.019367480650544167,
  "provenance": {
    "md5sum": "f2061cb794f85734440b040c9129e081",
    "settings": {
      "fd_thres": 0.2,
      "testing": false
    },
    "software": "mriqc",
    "version": "23.0.0",
    "webapi_port": null,
    "webapi_url": "https://mriqc.nimh.nih.gov/api/v1"
  },
  "size_t": 300,
  "size_x": 80,
  "size_y": 80,
  "size_z": 37,
  "snr": 4.857639309455383,
  "spacing_tr": 2.0000016689300537,
  "spacing_x": 3.0,
  "spacing_y": 3.0,
  "spacing_z": 3.0,
  "summary_bg_k": 253.6112544569362,
  "summary_bg_mad": 180.9385293641615,
  "summary_bg_mean": 965.277099609375,
  "summary_bg_median": 159.01707458496094,
  "summary_bg_n": 163978.0,
  "summary_bg_p05": 9.342215251922607,
  "summary_bg_p95": 4562.35625,
  "summary_bg_stdv": 2877.68017578125,
  "summary_fg_k": 2.6602481611889415,
  "summary_fg_mad": 9192.909804333482,
  "summary_fg_mean": 54359.47265625,
  "summary_fg_median": 53524.7734375,
  "summary_fg_n": 33110.0,
  "summary_fg_p05": 38544.846484375,
  "summary_fg_p95": 72587.24921874999,
  "summary_fg_stdv": 11018.513671875,
  "tsnr": 53.47077560424805
}