{
  "bids_meta": {
    "AcquisitionMatrixPE": 240,
    "AcquisitionNumber": 4,
    "AcquisitionTime": "13:30:3.970000",
    "BodyPartExamined": "BRAIN",
    "CoilString": "MULTI_COIL",
    "ConversionSoftware": "dcm2niix",
    "ConversionSoftwareVersion": "v1.0.20190410  (JP2:OpenJPEG) GCC6.3.0",
    "Dcm2bidsVersion": "2.1.4",
    "DeviceSerialNumber": "42451",
    "EchoTime": 0.0035,
    "EchoTrainLength": 240,
    "FlipAngle": 8,
    "ImageOrientationPatientDICOM": [
      0,
      1,
      0,
      0.00225417,
      0,
      -0.999997
    ],
    "ImageType": [
      "ORIGINAL",
      "PRIMARY",
      "M",
      "FFE",
      "M",
      "FFE"
    ],
    "ImagingFrequency": 127.759,
    "InPlanePhaseEncodingDirectionDICOM": "ROW",
    "InstitutionAddress": "Calzada_Mexico_Xochimilco_No.101_Tlalpan",
    "InstitutionName": "I.N._Psiquiatria",
    "InstitutionalDepartmentName": "Imagenes_Cerebrales",
    "MRAcquisitionType": "3D",
    "MagneticFieldStrength": 3,
    "Manufacturer": "Philips",
    "ManufacturersModelName": "Ingenia",
    "Modality": "MR",
    "PatientPosition": "HFS",
    "PercentPhaseFOV": 100,
    "PhaseEncodingSteps": 240,
    "PhilipsRescaleIntercept": 0,
    "PhilipsRescaleSlope": 11.684,
    "PhilipsScaleSlope": 0.0046519,
    "PixelBandwidth": 310,
    "ProcedureStepDescription": "FIBROMIALGIA",
    "ProtocolName": "WIP_T1W",
    "ReconMatrixPE": 240,
    "RepetitionTime": 0.007,
    "SAR": 0.0382114,
    "ScanOptions": "OTHER",
    "ScanningSequence": "GR",
    "SequenceVariant": "MP",
    "SeriesDescription": "T1W",
    "SeriesNumber": 401,
    "SliceThickness": 1,
    "SoftwareVersions": "5.3.1_5.3.1.0",
    "SpacingBetweenSlices": 1,
    "StationName": "PHILIPS-CTMFQSD",
    "UsePhilipsFloatNotDisplayScaling": 1,
    "dataset": "ds004144",
    "modality": "T1w",
    "subject_id": "010"
  },
  "cjv": 0.3583207813748316,
  "cnr": 3.7857899956781718,
  "efc": 0.7268232565848206,
  "fber": -1.0,
  "fwhm_avg": 4.54877,
  "fwhm_x": 4.31732,
  "fwhm_y": 4.9999,
  "fwhm_z": 4.32909,
  "icvs_csf": 0.20828232311286343,
  "icvs_gm": 0.40990796920034517,
  "icvs_wm": 0.3818097076867914,
  "inu_med": 0.4207579344511032,
  "inu_range": 0.14005220830440512,
  "provenance": {
    "md5sum": "47f161a92f5f5cc26d3c2b553142274a",
    "settings": {
      "testing": false
    },
    "software": "mriqc",
    "version": "23.0.0",
    "warnings": {
      "large_rot_frame": true,
      "small_air_mask": true
    },
    "webapi_port": null,
    "webapi_url": "https://mriqc.nimh.nih.gov/api/v1"
  },
  "qi_1": 0.0,
  "qi_2": 6.47723962860108e-05,
  "rpve_csf": 29.158777917913277,
  "rpve_gm": 14.838174189726812,
  "rpve_wm": 18.647168493036624,
  "size_x": 180,
  "size_y": 240,
  "size_z": 240,
  "snr_csf": 2.118825138342468,
  "snr_gm": 12.503323222285642,
  "snr_total": 14.099678736238332,
  "snr_wm": 27.67688784808688,
  "snrd_csf": 36.67395965850645,
  "snrd_gm": 98.18668542004401,
  "snrd_total": 89.33290557622637,
  "snrd_wm": 133.13807165012864,
  "spacing_x": 1.0,
  "spacing_y": 1.0,
  "spacing_z": 1.0,
  "summary_bg_k": 12.467152775100798,
  "summary_bg_mad": 0.0,
  "summary_bg_mean": 2.212038241741555,
  "summary_bg_median": 0.0,
  "summary_bg_n": 271493.0,
  "summary_bg_p05": 0.0,
  "summary_bg_p95": 13.303008377552032,
  "summary_bg_stdv": 4.920729291050257,
  "summary_csf_k": -0.2622837727916263,
  "summary_csf_mad": 118.62472102530515,
  "summary_csf_mean": 270.6885861182348,
  "summary_csf_median": 275.4580992758274,
  "summary_csf_n": 30987.0,
  "summary_csf_p05": 38.649530629813675,
  "summary_csf_p95": 479.5605781316756,
  "summary_csf_stdv": 130.0030141793393,
  "summary_gm_k": 0.043019633567379145,
  "summary_gm_mad": 59.36007761684618,
  "summary_gm_mean": 737.5567002924507,
  "summary_gm_median": 737.4801628142595,
  "summary_gm_n": 29841.0,
  "summary_gm_p05": 641.6770460307598,
  "summary_gm_p95": 833.2832795977592,
  "summary_gm_stdv": 58.98174371506755,
  "summary_wm_k": 0.35281265647791393,
  "summary_wm_mad": 34.706240450149615,
  "summary_wm_mean": 1000.0899400587037,
  "summary_wm_median": 1000.0000136196613,
  "summary_wm_n": 177849.0,
  "summary_wm_p05": 940.9732780605555,
  "summary_wm_p95": 1059.4129655510187,
  "summary_wm_stdv": 36.131128894649216,
  "tpm_overlap_csf": 0.14001765680314865,
  "tpm_overlap_gm": 0.4635841370176816,
  "tpm_overlap_wm": 0.5297001039627519,
  "wm2max": 0.9012259649105873
}