{
  "bids_meta": {
    "AcquisitionMatrixPE": 240,
    "AcquisitionNumber": 5,
    "AcquisitionTime": "13:33:44.650000",
    "BodyPartExamined": "BRAIN",
    "CoilString": "MULTI_COIL",
    "ConversionSoftware": "dcm2niix",
    "ConversionSoftwareVersion": "v1.0.20190410  (JP2:OpenJPEG) GCC6.3.0",
    "Dcm2bidsVersion": "2.1.4",
    "DeviceSerialNumber": "42451",
    "EchoTime": 0.331,
    "EchoTrainLength": 117,
    "FlipAngle": 90,
    "ImageOrientationPatientDICOM": [
      0,
      1,
      0,
      0.00225417,
      0,
      -0.999997
    ],
    "ImageType": [
      "ORIGINAL",
      "PRIMARY",
      "M",
      "SE",
      "M",
      "SE"
    ],
    "ImagingFrequency": 127.759,
    "InPlanePhaseEncodingDirectionDICOM": "ROW",
    "InstitutionAddress": "Calzada_Mexico_Xochimilco_No.101_Tlalpan",
    "InstitutionName": "I.N._Psiquiatria",
    "InstitutionalDepartmentName": "Imagenes_Cerebrales",
    "MRAcquisitionType": "3D",
    "MagneticFieldStrength": 3,
    "Manufacturer": "Philips",
    "ManufacturersModelName": "Ingenia",
    "Modality": "MR",
    "PatientPosition": "HFS",
    "PercentPhaseFOV": 100,
    "PhaseEncodingSteps": 240,
    "PhilipsRescaleIntercept": 0,
    "PhilipsRescaleSlope": 1.48327,
    "PhilipsScaleSlope": 0.0035084,
    "PixelBandwidth": 413,
    "ProcedureStepDescription": "FIBROMIALGIA",
    "ProtocolName": "WIP_T2W",
    "ReconMatrixPE": 240,
    "RepetitionTime": 2.5,
    "SAR": 0.030152,
    "ScanOptions": "FS",
    "ScanningSequence": "SE",
    "SequenceVariant": "SK",
    "SeriesDescription": "T2W",
    "SeriesNumber": 501,
    "SliceThickness": 1,
    "SoftwareVersions": "5.3.1_5.3.1.0",
    "SpacingBetweenSlices": 1,
    "StationName": "PHILIPS-CTMFQSD",
    "UsePhilipsFloatNotDisplayScaling": 1,
    "dataset": "ds004144",
    "modality": "T2w",
    "subject_id": "010"
  },
  "cjv": 0.9159210335013983,
  "cnr": 1.119029113080725,
  "efc": 0.5155094211672504,
  "fber": -1.0,
  "fwhm_avg": 2.500643333333333,
  "fwhm_x": 2.4737,
  "fwhm_y": 2.6843,
  "fwhm_z": 2.34393,
  "icvs_csf": 0.2538759931403332,
  "icvs_gm": 0.20632205918909496,
  "icvs_wm": 0.5398019476705718,
  "inu_med": 0.8771618008613586,
  "inu_range": 0.20894699692726137,
  "provenance": {
    "md5sum": "1d89ef3fb9bba0eda30599bb7ca87a35",
    "settings": {
      "testing": false
    },
    "software": "mriqc",
    "version": "23.0.0",
    "warnings": {
      "large_rot_frame": true,
      "small_air_mask": false
    },
    "webapi_port": null,
    "webapi_url": "https://mriqc.nimh.nih.gov/api/v1"
  },
  "qi_1": 0.04038917221703673,
  "qi_2": 4.099287654191307e-06,
  "rpve_csf": 20.68840711102515,
  "rpve_gm": 32.5616219637779,
  "rpve_wm": 13.093238053384795,
  "size_x": 180,
  "size_y": 240,
  "size_z": 240,
  "snr_csf": 9.21858088613386,
  "snr_gm": 1.8053685598172222,
  "snr_total": 7.765701726215223,
  "snr_wm": 12.273155732694587,
  "snrd_csf": 26.297449204349327,
  "snrd_gm": 46.752731544734765,
  "snrd_total": 30.25666487409079,
  "snrd_wm": 17.719813873188286,
  "spacing_x": 1.0,
  "spacing_y": 1.0,
  "spacing_z": 1.0,
  "summary_bg_k": 118.54611757631079,
  "summary_bg_mad": 0.0,
  "summary_bg_mean": 8.271908915338274,
  "summary_bg_median": 0.0,
  "summary_bg_n": 1165184.0,
  "summary_bg_p05": 0.0,
  "summary_bg_p95": 34.43614769726992,
  "summary_bg_stdv": 36.97434759368098,
  "summary_csf_k": 1.144784030501249,
  "summary_csf_mad": 141.52285347028322,
  "summary_csf_mean": 1496.2200379648496,
  "summary_csf_median": 1484.1657824367285,
  "summary_csf_n": 11167.0,
  "summary_csf_p05": 1258.4255701206625,
  "summary_csf_p95": 1780.5676824949676,
  "summary_csf_stdv": 160.9899990117402,
  "summary_gm_k": -1.6867783873642008,
  "summary_gm_mad": 1416.4214110807004,
  "summary_gm_mean": 2039.9293388967512,
  "summary_gm_median": 2638.6134965009987,
  "summary_gm_n": 51178.0,
  "summary_gm_p05": 72.99175979197025,
  "summary_gm_p95": 3649.008689917624,
  "summary_gm_stdv": 1461.5230243377314,
  "summary_wm_k": -0.14060766640680322,
  "summary_wm_mad": 84.3602174428391,
  "summary_wm_mean": 996.4555431624856,
  "summary_wm_median": 1000.0643491074443,
  "summary_wm_n": 208688.0,
  "summary_wm_p05": 856.8485946655273,
  "summary_wm_p95": 1122.0391152501106,
  "summary_wm_stdv": 81.48368478411295,
  "tpm_overlap_csf": 0.1150147607457797,
  "tpm_overlap_gm": 0.11094527687132492,
  "tpm_overlap_wm": 0.4686801534460573,
  "wm2max": 0.27362544468317423
}