{
  "bids_meta": {
    "AcquisitionMatrixPE": 240,
    "AcquisitionNumber": 6,
    "AcquisitionTime": "11:44:28.890000",
    "BodyPartExamined": "BRAIN",
    "CoilString": "MULTI_COIL",
    "ConversionSoftware": "dcm2niix",
    "ConversionSoftwareVersion": "v1.0.20190410  (JP2:OpenJPEG) GCC6.3.0",
    "Dcm2bidsVersion": "2.1.4",
    "DeviceSerialNumber": "42451",
    "EchoTime": 0.331,
    "EchoTrainLength": 117,
    "FlipAngle": 90,
    "ImageOrientationPatientDICOM": [
      0,
      1,
      0,
      -0.00362181,
      0,
      -0.999993
    ],
    "ImageType": [
      "ORIGINAL",
      "PRIMARY",
      "M",
      "SE",
      "M",
      "SE"
    ],
    "ImagingFrequency": 127.759,
    "InPlanePhaseEncodingDirectionDICOM": "ROW",
    "InstitutionAddress": "Calzada_Mexico_Xochimilco_No.101_Tlalpan",
    "InstitutionName": "I.N._Psiquiatria",
    "InstitutionalDepartmentName": "Imagenes_Cerebrales",
    "MRAcquisitionType": "3D",
    "MagneticFieldStrength": 3,
    "Manufacturer": "Philips",
    "ManufacturersModelName": "Ingenia",
    "Modality": "MR",
    "PatientPosition": "HFS",
    "PercentPhaseFOV": 100,
    "PhaseEncodingSteps": 240,
    "PhilipsRescaleIntercept": 0,
    "PhilipsRescaleSlope": 1.33284,
    "PhilipsScaleSlope": 0.004307,
    "PixelBandwidth": 413,
    "ProcedureStepDescription": "PROTOCOLO_FIBROMIALGIA",
    "ProtocolName": "WIP_T2W",
    "ReconMatrixPE": 240,
    "RepetitionTime": 2.5,
    "SAR": 0.030152,
    "ScanOptions": "FS",
    "ScanningSequence": "SE",
    "SequenceVariant": "SK",
    "SeriesDescription": "T2W",
    "SeriesNumber": 601,
    "SliceThickness": 1,
    "SoftwareVersions": "5.3.1_5.3.1.0",
    "SpacingBetweenSlices": 1,
    "StationName": "PHILIPS-CTMFQSD",
    "UsePhilipsFloatNotDisplayScaling": 1,
    "dataset": "ds004144",
    "modality": "T2w",
    "subject_id": "059"
  },
  "cjv": 0.470149823830877,
  "cnr": 2.830677117755527,
  "efc": 0.46068844137101633,
  "fber": -1.0,
  "fwhm_avg": 3.2699533333333335,
  "fwhm_x": 3.26561,
  "fwhm_y": 3.4397,
  "fwhm_z": 3.10455,
  "icvs_csf": 0.20123107726193426,
  "icvs_gm": 0.2813456130427483,
  "icvs_wm": 0.5174233096953175,
  "inu_med": 0.8847314715385437,
  "inu_range": 0.19985381960868853,
  "provenance": {
    "md5sum": "0582653562c3e9dce91e96a0e8defec2",
    "settings": {
      "testing": false
    },
    "software": "mriqc",
    "version": "23.0.0",
    "warnings": {
      "large_rot_frame": true,
      "small_air_mask": false
    },
    "webapi_port": null,
    "webapi_url": "https://mriqc.nimh.nih.gov/api/v1"
  },
  "qi_1": 0.11981828185797952,
  "qi_2": 2.4416917892497356e-05,
  "rpve_csf": 32.48178543589228,
  "rpve_gm": 18.445732236091672,
  "rpve_wm": 13.003572491436024,
  "size_x": 180,
  "size_y": 240,
  "size_z": 240,
  "snr_csf": 2.7374052138472154,
  "snr_gm": 9.546296747691086,
  "snr_total": 7.152850062130082,
  "snr_wm": 9.174848224851944,
  "snrd_csf": 162.54158042030005,
  "snrd_gm": 64.7864265913993,
  "snrd_total": 89.6453402261398,
  "snrd_wm": 41.60801366672,
  "spacing_x": 1.0,
  "spacing_y": 1.0,
  "spacing_z": 1.0,
  "summary_bg_k": 217.92916809115204,
  "summary_bg_mad": 0.0,
  "summary_bg_mean": 4.306887927482905,
  "summary_bg_median": 0.0,
  "summary_bg_n": 1306933.0,
  "summary_bg_p05": 0.0,
  "summary_bg_p95": 31.306823015213013,
  "summary_bg_stdv": 15.749172575163872,
  "summary_csf_k": 0.3591241870894448,
  "summary_csf_mad": 771.0141117643554,
  "summary_csf_mean": 3327.270476854354,
  "summary_csf_median": 3907.4235543608665,
  "summary_csf_n": 71087.0,
  "summary_csf_p05": 163.7283597588539,
  "summary_csf_p95": 4554.589345276356,
  "summary_csf_stdv": 1427.4087194355159,
  "summary_gm_k": 0.8148247243828339,
  "summary_gm_mad": 151.67106424795927,
  "summary_gm_mean": 1566.4147526532427,
  "summary_gm_median": 1557.4353873729706,
  "summary_gm_n": 10195.0,
  "summary_gm_p05": 1319.052903944254,
  "summary_gm_p95": 1850.976381957531,
  "summary_gm_stdv": 163.13750183413,
  "summary_wm_k": -0.0018670649155780872,
  "summary_wm_mad": 110.29557299639077,
  "summary_wm_mean": 999.1451597091244,
  "summary_wm_median": 1000.2371838092804,
  "summary_wm_n": 172862.0,
  "summary_wm_p05": 819.1952022314072,
  "summary_wm_p95": 1174.5592665076256,
  "summary_wm_stdv": 109.01916479980575,
  "tpm_overlap_csf": 0.14719707929038986,
  "tpm_overlap_gm": 0.3294785697486308,
  "tpm_overlap_wm": 0.4333185925967116,
  "wm2max": 0.22036053296176958
}